{
  "AcquisitionMatrixPE": 32,
  "AcquisitionNumber": 1,
  "AcquisitionTime": "09:43:10.290000",
  "BaseResolution": 32,
  "BodyPartExamined": "BRAIN",
  "CoilCombinationMethod": "Sum of Squares",
  "ConsistencyInfo": "N4_VE11C_LATEST_20160120",
  "ConversionSoftware": "dcm2niix",
  "ConversionSoftwareVersion": "v1.0.20220505",
  "DeviceSerialNumber": "167006",
  "DwellTime": 3.18e-05,
  "EchoTime": 0.00184,
  "FlipAngle": 80,
  "HeudiconvVersion": "0.5.3.post811+g6206e14",
  "ImageComments": "flip angle map",
  "ImageOrientationPatientDICOM": [1, 0, 0, 0, 0.940288, -0.34038],
  "ImageOrientationText": "Tra>Cor(-19.9)",
  "ImageType": [
    "ORIGINAL",
    "PRIMARY",
    "FLIP ANGLE MAP",
    "DIS2D"
],
  "ImagingFrequency": 123.259,
  "InPlanePhaseEncodingDirectionDICOM": "COL",
  "InstitutionAddress": "Chemin Queen-Mary 4565,Montreal,District,CA,H3W 1W5",
  "InstitutionName": "IUGM",
  "InstitutionalDepartmentName": "Department",
  "MRAcquisitionType": "2D",
  "MagneticFieldStrength": 3,
  "Manufacturer": "Siemens",
  "ManufacturersModelName": "Prisma_fit",
  "MatrixCoilMode": "SENSE",
  "Modality": "MR",
  "PartialFourier": 1,
  "PatientPosition": "HFS",
  "PercentPhaseFOV": 100,
  "PercentSampling": 100,
  "PhaseEncodingDirection": "j-",
  "PhaseEncodingSteps": 32,
  "PhaseResolution": 1,
  "PixelBandwidth": 490,
  "ProcedureStepDescription": "anat^generic",
  "ProtocolName": "tfl_b1map_6mm",
  "PulseSequenceDetails": "%SiemensSeq%\\tfl_b1map",
  "ReceiveCoilActiveElements": "HC1-7;NC1",
  "ReceiveCoilName": "HeadNeck_64",
  "ReconMatrixPE": 32,
  "RepetitionTime": 10,
  "SAR": 0.00453646,
  "ScanningSequence": "GR",
  "SequenceName": "tfl2d1_512",
  "SequenceVariant": "SK\\SP",
  "SeriesDescription": "tfl_b1map_6mm",
  "SeriesNumber": 24,
  "ShimSetting": [603, -7296, -8903, 426, 32, -331, -161, 60],
  "SliceThickness": 6,
  "SliceTiming": [5.03906, 0, 5.54688, 0.5, 6.04688, 1.00781, 6.55469, 1.50781, 7.05469, 2.01562, 7.5625, 2.52344, 8.0625, 3.02344, 8.57031, 3.53125, 9.07812, 4.03125, 9.57812, 4.53906],
  "SoftwareVersions": "syngo MR E11",
  "SpacingBetweenSlices": 7.2,
  "SpoilingState": true,
  "StationName": "MRC35049",
  "TxRefAmp": 221.449,
  "dcmmeta_affine": [
    [-6.0, 0.0, 0.0, 95.49686431884766],
    [0.0, 5.64172887802124, -2.450733184814453, -49.286502838134766],
    [0.0, 2.0422773361206055, 6.770076751708984, -77.9041976928711],
    [0.0, 0.0, 0.0, 1.0]
],
  "dcmmeta_reorient_transform": [
    [0.0, -1.0, 0.0, 31.0],
    [1.0, 0.0, 0.0, 0.0],
    [0.0, 0.0, -1.0, 19.0],
    [0.0, 0.0, 0.0, 1.0]
],
  "dcmmeta_shape": [32, 32, 20],
  "dcmmeta_slice_dim": 2,
  "dcmmeta_version": 0.6,
  "global": {
    "const": {
      "AcquisitionMatrix": [32, 0, 0, 32],
      "AcquisitionNumber": 1,
      "AngioFlag": "N",
      "BitsAllocated": 16,
      "BitsStored": 12,
      "BodyPartExamined": "BRAIN",
      "Columns": 32,
      "EchoNumbers": 1,
      "EchoTime": 1.84,
      "EchoTrainLength": 1,
      "FlipAngle": 80.0,
      "HighBit": 11,
      "ImageOrientationPatient": [1.0, 0.0, 0.0, 0.0, 0.94028812945737, -0.3403795434534],
      "ImageType": [
        "ORIGINAL",
        "PRIMARY",
        "FLIP ANGLE MAP",
        "DIS2D"
],
      "ImagedNucleus": "1H",
      "ImagingFrequency": 123.259093,
      "InPlanePhaseEncodingDirection": "COL",
      "MRAcquisitionType": "2D",
      "MagneticFieldStrength": 3.0,
      "Manufacturer": "SIEMENS",
      "ManufacturerModelName": "Prisma_fit",
      "Modality": "MR",
      "NumberOfAverages": 1.0,
      "NumberOfPhaseEncodingSteps": 32,
      "PercentPhaseFieldOfView": 100.0,
      "PercentSampling": 100.0,
      "PerformedProcedureStepStartTime": "090310.736000",
      "PhotometricInterpretation": "MONOCHROME2",
      "PixelBandwidth": 490.0,
      "PixelRepresentation": 0,
      "PixelSpacing": [6.0, 6.0],
      "ProtocolName": "tfl_b1map_6mm",
      "RepetitionTime": 10000.0,
      "Rows": 32,
      "SAR": 0.00453645598995,
      "SamplesPerPixel": 1,
      "ScanningSequence": "GR",
      "SequenceName": "tfl2d1_512",
      "SequenceVariant": [
        "SK",
        "SP"
],
      "SeriesDescription": "tfl_b1map_6mm",
      "SeriesNumber": 24,
      "SeriesTime": "094316.374000",
      "SliceThickness": 6.0,
      "SmallestImagePixelValue": 0,
      "SoftwareVersions": "syngo MR E11",
      "SpacingBetweenSlices": 7.2,
      "SpecificCharacterSet": "ISO_IR 100",
      "StudyID": "1",
      "StudyTime": "090310.580000",
      "TransmitCoilName": "Body",
      "VariableFlipAngleFlag": "N",
      "WindowCenterWidthExplanation": "Algo1",
      "dBdt": 0.0},
    "slices": {
      "AcquisitionTime": ["094310.290000", "094305.247500", "094310.795000", "094305.752500", "094311.300000", "094306.257500", "094311.802500", "094306.760000", "094312.307500", "094307.265000", "094312.812500", "094307.770000", "094313.315000", "094308.275000", "094313.820000", "094308.777500", "094314.325000", "094309.282500", "094314.827500", "094309.787500"],
      "ContentTime": ["094316.398000", "094316.378000", "094316.400000", "094316.380000", "094316.402000", "094316.383000", "094316.404000", "094316.385000", "094316.405000", "094316.387000", "094316.407000", "094316.389000", "094316.409000", "094316.390000", "094316.411000", "094316.392000", "094316.413000", "094316.394000", "094316.415000", "094316.396000"],
      "CsaImage.ICE_Dims": [
        "X_1_1_2_1_1_1_11_1_1_1_1_37",
        "X_1_1_2_1_1_1_1_1_1_2_1_37",
        "X_1_1_2_1_1_1_12_1_1_3_1_37",
        "X_1_1_2_1_1_1_2_1_1_4_1_37",
        "X_1_1_2_1_1_1_13_1_1_5_1_37",
        "X_1_1_2_1_1_1_3_1_1_6_1_37",
        "X_1_1_2_1_1_1_14_1_1_7_1_37",
        "X_1_1_2_1_1_1_4_1_1_8_1_37",
        "X_1_1_2_1_1_1_15_1_1_9_1_37",
        "X_1_1_2_1_1_1_5_1_1_10_1_37",
        "X_1_1_2_1_1_1_16_1_1_11_1_37",
        "X_1_1_2_1_1_1_6_1_1_12_1_37",
        "X_1_1_2_1_1_1_17_1_1_13_1_37",
        "X_1_1_2_1_1_1_7_1_1_14_1_37",
        "X_1_1_2_1_1_1_18_1_1_15_1_37",
        "X_1_1_2_1_1_1_8_1_1_16_1_37",
        "X_1_1_2_1_1_1_19_1_1_17_1_37",
        "X_1_1_2_1_1_1_9_1_1_18_1_37",
        "X_1_1_2_1_1_1_20_1_1_19_1_37",
        "X_1_1_2_1_1_1_10_1_1_20_1_37"
],
      "CsaImage.ProtocolSliceNumber": [0, 1, 2, 3, 4, 5, 6, 7, 8, 9, 10, 11, 12, 13, 14, 15, 16, 17, 18, 19],
      "CsaImage.SliceMeasurementDuration": [130.0, 130.0, 127.5, 127.5, 127.5, 127.5, 130.0, 130.0, 127.5, 127.5, 127.5, 127.5, 130.0, 127.5, 127.5, 130.0, 127.5, 127.5, 130.0, 127.5],
      "CsaImage.SlicePosition_PCS": [
        [-95.49686384, -125.60708456, -31.59356047],
        [-95.49686384, -123.15635138, -24.82348753],
        [-95.49686384, -120.70561628, -18.0534146],
        [-95.49686384, -118.25488501, -11.28333785],
        [-95.49686384, -115.80415182, -4.51326491],
        [-95.49686384, -113.35341864, 2.25680994],
        [-95.49686384, -110.90268545, 9.02688478],
        [-95.49686384, -108.45195417, 15.79695962],
        [-95.49686384, -106.00122099, 22.56703351],
        [-95.49686384, -103.55048781, 29.33710812],
        [-95.49686384, -101.09975462, 36.10718273],
        [-95.49686384, -98.64902239, 42.87725709],
        [-95.49686384, -96.19828968, 49.64733194],
        [-95.49686384, -93.74755673, 56.41740678],
        [-95.49686384, -91.29682403, 63.18748163],
        [-95.49686384, -88.84609132, 69.95755647],
        [-95.49686384, -86.39535861, 76.72762941],
        [-95.49686384, -83.94462566, 83.49770616],
        [-95.49686384, -81.49389296, 90.2677791],
        [-95.49686384, -79.04315977, 97.03785585]
],
      "CsaImage.TimeAfterStart": [15.125, 10.0825, 15.63, 10.5875, 16.135, 11.0925, 16.6375, 11.595, 17.1425, 12.1, 17.6475, 12.605, 18.15, 13.11, 18.655, 13.6125, 19.16, 14.1175, 19.6625, 14.6225],
      "ImagePositionPatient": [
        [-95.49686384201, -125.60708456121, -14.593560471538],
        [-95.49686384201, -123.15635137639, -7.8234875345264],
        [-95.49686384201, -120.70561628423, -1.0534145975147],
        [-95.49686384201, -118.25488500676, 5.7166621541943],
        [-95.49686384201, -115.80415182195, 12.486735091206],
        [-95.49686384201, -113.35341863714, 19.256809935566],
        [-95.49686384201, -110.90268545232, 26.026884779927],
        [-95.49686384201, -108.45195417486, 32.796959624287],
        [-95.49686384201, -106.00122099004, 39.567033514973],
        [-95.49686384201, -103.55048780523, 46.337108120915],
        [-95.49686384201, -101.09975462041, 53.107182726857],
        [-95.49686384201, -98.649022389272, 59.87725709438],
        [-95.49686384201, -96.198289681295, 66.64733193874],
        [-95.49686384201, -93.747556734899, 73.417406783101],
        [-95.49686384201, -91.296824026922, 80.187481627461],
        [-95.49686384201, -88.846091318945, 86.957556471821],
        [-95.49686384201, -86.395358610967, 93.727629408833],
        [-95.49686384201, -83.944625664571, 100.49770616054],
        [-95.49686384201, -81.493892956594, 107.26777909755],
        [-95.49686384201, -79.04315977178, 114.03785584926]
],
      "InstanceCreationTime": ["094316.398000", "094316.378000", "094316.400000", "094316.380000", "094316.402000", "094316.383000", "094316.404000", "094316.385000", "094316.405000", "094316.387000", "094316.407000", "094316.389000", "094316.409000", "094316.390000", "094316.411000", "094316.392000", "094316.413000", "094316.394000", "094316.415000", "094316.396000"],
      "InstanceNumber": [11, 1, 12, 2, 13, 3, 14, 4, 15, 5, 16, 6, 17, 7, 18, 8, 19, 9, 20, 10],
      "LargestImagePixelValue": [1921, 1127, 1148, 1294, 2008, 1964, 1971, 2056, 1239, 1324, 1274, 1041, 2050, 2232, 1984, 2066, 2123, 2035, 2234, 2047],
      "SliceLocation": [-56.476233775365, -49.276235114559, -42.07623580453, -34.876234206032, -27.676235545226, -20.476235090963, -13.2762346367, -6.0762348316588, 1.1237647258758, 8.3237649559569, 15.523765186038, 22.723764867326, 29.923765159283, 37.123765532394, 44.323765824352, 51.523766116309, 58.72376461481, 65.923766781377, 73.123765279878, 80.323767527598],
      "WindowCenter": [1035.0, 980.0, 1005.0, 1046.0, 1059.0, 1070.0, 1047.0, 1093.0, 1106.0, 1059.0, 1063.0, 1046.0, 1104.0, 1091.0, 1076.0, 1091.0, 1078.0, 1080.0, 1123.0, 1140.0],
      "WindowWidth": [1773.0, 1535.0, 1568.0, 1722.0, 1859.0, 1807.0, 1622.0, 1830.0, 1737.0, 1630.0, 1633.0, 1611.0, 1837.0, 1852.0, 1775.0, 1903.0, 1949.0, 1966.0, 2077.0, 2149.0]
    }
  }
}