{
  "AcquisitionMatrixPE": 32,
  "AcquisitionNumber": 1,
  "AcquisitionTime": "18:15:10.235000",
  "BaseResolution": 32,
  "BodyPartExamined": "BRAIN",
  "CoilCombinationMethod": "Sum of Squares",
  "ConsistencyInfo": "N4_VE11C_LATEST_20160120",
  "ConversionSoftware": "dcm2niix",
  "ConversionSoftwareVersion": "v1.0.20211006",
  "DeviceSerialNumber": "167006",
  "DwellTime": 3.18e-05,
  "EchoTime": 0.00184,
  "FlipAngle": 8,
  "HeudiconvVersion": "0.5.3.post569+g418601f",
  "ImageComments": "anatomical image",
  "ImageOrientationPatientDICOM": [0.999263, 0.00447877, 0.0381256, -3.15307e-08, 0.993171, -0.116671],
  "ImageOrientationText": "Tra>Cor(-6.7)>Sag(2.2)",
  "ImageType": [
    "ORIGINAL",
    "PRIMARY",
    "M",
    "DIS2D"
],
  "ImagingFrequency": 123.259,
  "InPlanePhaseEncodingDirectionDICOM": "COL",
  "InstitutionAddress": "Chemin Queen-Mary 4565,Montreal,District,CA,H3W 1W5",
  "InstitutionName": "IUGM",
  "InstitutionalDepartmentName": "Department",
  "MRAcquisitionType": "2D",
  "MagneticFieldStrength": 3,
  "Manufacturer": "Siemens",
  "ManufacturersModelName": "Prisma_fit",
  "MatrixCoilMode": "SENSE",
  "Modality": "MR",
  "PartialFourier": 1,
  "PatientPosition": "HFS",
  "PercentPhaseFOV": 100,
  "PercentSampling": 100,
  "PhaseEncodingDirection": "j-",
  "PhaseEncodingSteps": 32,
  "PhaseResolution": 1,
  "PixelBandwidth": 490,
  "ProcedureStepDescription": "anat^generic",
  "ProtocolName": "tfl_b1map_6mm",
  "PulseSequenceDetails": "%SiemensSeq%\\tfl_b1map",
  "ReceiveCoilActiveElements": "HC1-7;NC1",
  "ReceiveCoilName": "HeadNeck_64",
  "ReconMatrixPE": 32,
  "RepetitionTime": 10,
  "SAR": 0.00441977,
  "ScanningSequence": "GR",
  "SequenceName": "tfl2d1_512",
  "SequenceVariant": "SK\\SP",
  "SeriesDescription": "tfl_b1map_6mm",
  "SeriesNumber": 23,
  "ShimSetting": [634, -7241, -8877, 647, 56, -135, 38, -7],
  "SliceThickness": 6,
  "SliceTiming": [5.04688, 0, 5.54688, 0.51562, 6.0625, 1.01562, 6.5625, 1.51562, 7.0625, 2.01562, 7.5625, 2.53125, 8.07812, 3.03125, 8.57812, 3.53125, 9.07812, 4.04688, 9.57812, 4.54688],
  "SoftwareVersions": "syngo MR E11",
  "SpacingBetweenSlices": 7.2,
  "SpoilingState": true,
  "StationName": "MRC35049",
  "TxRefAmp": 209.99,
  "dcmmeta_affine": [
    [-5.995577335357666, -1.8918404975920566e-07, 0.27639222145080566, 93.41107177734375],
    [-0.02687259577214718, 5.959023952484131, -0.8394101858139038, -72.01556396484375],
    [0.22875386476516724, 0.700024425983429, 7.145561218261719, -58.7116584777832],
    [0.0, 0.0, 0.0, 1.0]
],
  "dcmmeta_reorient_transform": [
    [0.0, -1.0, 0.0, 31.0],
    [1.0, 0.0, 0.0, 0.0],
    [0.0, 0.0, -1.0, 19.0],
    [0.0, 0.0, 0.0, 1.0]
],
  "dcmmeta_shape": [32, 32, 20],
  "dcmmeta_slice_dim": 2,
  "dcmmeta_version": 0.6,
  "global": {
    "const": {
      "AcquisitionMatrix": [32, 0, 0, 32],
      "AcquisitionNumber": 1,
      "AngioFlag": "N",
      "BitsAllocated": 16,
      "BitsStored": 12,
      "BodyPartExamined": "BRAIN",
      "Columns": 32,
      "EchoNumbers": 1,
      "EchoTime": 1.84,
      "EchoTrainLength": 1,
      "FlipAngle": 8.0,
      "HighBit": 11,
      "ImageOrientationPatient": [0.99926291627956, 0.0044787658106, 0.03812564498194, -3.1530676e-08, 0.99317064911487, -0.1166707407055],
      "ImageType": [
        "ORIGINAL",
        "PRIMARY",
        "M",
        "DIS2D"
],
      "ImagedNucleus": "1H",
      "ImagingFrequency": 123.258858,
      "InPlanePhaseEncodingDirection": "COL",
      "MRAcquisitionType": "2D",
      "MagneticFieldStrength": 3.0,
      "Manufacturer": "SIEMENS",
      "ManufacturerModelName": "Prisma_fit",
      "Modality": "MR",
      "NumberOfAverages": 1.0,
      "NumberOfPhaseEncodingSteps": 32,
      "PercentPhaseFieldOfView": 100.0,
      "PercentSampling": 100.0,
      "PerformedProcedureStepStartTime": "174008.912000",
      "PhotometricInterpretation": "MONOCHROME2",
      "PixelBandwidth": 490.0,
      "PixelRepresentation": 0,
      "PixelSpacing": [6.0, 6.0],
      "ProtocolName": "tfl_b1map_6mm",
      "RepetitionTime": 10000.0,
      "Rows": 32,
      "SAR": 0.00441976916213,
      "SamplesPerPixel": 1,
      "ScanningSequence": "GR",
      "SequenceName": "tfl2d1_512",
      "SequenceVariant": [
        "SK",
        "SP"
],
      "SeriesDescription": "tfl_b1map_6mm",
      "SeriesNumber": 23,
      "SeriesTime": "181525.731000",
      "SliceThickness": 6.0,
      "SmallestImagePixelValue": 0,
      "SoftwareVersions": "syngo MR E11",
      "SpacingBetweenSlices": 7.2,
      "SpecificCharacterSet": "ISO_IR 100",
      "StudyID": "1",
      "StudyTime": "174008.845000",
      "TransmitCoilName": "Body",
      "VariableFlipAngleFlag": "N",
      "WindowCenterWidthExplanation": "Algo1",
      "dBdt": 0.0},
    "slices": {
      "AcquisitionTime": ["181510.235000", "181505.192500", "181510.740000", "181505.697500", "181511.245000", "181506.202500", "181511.747500", "181506.705000", "181512.252500", "181507.210000", "181512.757500", "181507.715000", "181513.260000", "181508.217500", "181513.765000", "181508.722500", "181514.270000", "181509.227500", "181514.772500", "181509.732500"],
      "ContentTime": ["181525.762000", "181525.734000", "181525.765000", "181525.736000", "181525.767000", "181525.738000", "181525.781000", "181525.740000", "181525.783000", "181525.742000", "181525.786000", "181525.744000", "181525.788000", "181525.747000", "181525.790000", "181525.755000", "181525.792000", "181525.757000", "181525.794000", "181525.759000"],
      "CsaImage.ICE_Dims": [
        "X_1_1_1_1_1_1_11_1_1_1_1_174",
        "X_1_1_1_1_1_1_1_1_1_2_1_174",
        "X_1_1_1_1_1_1_12_1_1_3_1_174",
        "X_1_1_1_1_1_1_2_1_1_4_1_174",
        "X_1_1_1_1_1_1_13_1_1_5_1_174",
        "X_1_1_1_1_1_1_3_1_1_6_1_174",
        "X_1_1_1_1_1_1_14_1_1_7_1_174",
        "X_1_1_1_1_1_1_4_1_1_8_1_174",
        "X_1_1_1_1_1_1_15_1_1_9_1_174",
        "X_1_1_1_1_1_1_5_1_1_10_1_174",
        "X_1_1_1_1_1_1_16_1_1_11_1_174",
        "X_1_1_1_1_1_1_6_1_1_12_1_174",
        "X_1_1_1_1_1_1_17_1_1_13_1_174",
        "X_1_1_1_1_1_1_7_1_1_14_1_174",
        "X_1_1_1_1_1_1_18_1_1_15_1_174",
        "X_1_1_1_1_1_1_8_1_1_16_1_174",
        "X_1_1_1_1_1_1_19_1_1_17_1_174",
        "X_1_1_1_1_1_1_9_1_1_18_1_174",
        "X_1_1_1_1_1_1_20_1_1_19_1_174",
        "X_1_1_1_1_1_1_10_1_1_20_1_174"
],
      "CsaImage.ProtocolSliceNumber": [0, 1, 2, 3, 4, 5, 6, 7, 8, 9, 10, 11, 12, 13, 14, 15, 16, 17, 18, 19],
      "CsaImage.SliceMeasurementDuration": [130.0, 130.0, 127.5, 127.5, 127.5, 127.5, 130.0, 130.0, 127.5, 127.5, 127.5, 127.5, 130.0, 130.0, 127.5, 127.5, 127.5, 127.5, 130.0, 127.5],
      "CsaImage.SlicePosition_PCS": [
        [-93.41106396, -112.71417652, -60.01084116],
        [-93.68745618, -111.87476574, -52.86528376],
        [-93.96384852, -111.03535496, -45.71972635],
        [-94.24024074, -110.19594513, -38.57416895],
        [-94.51663296, -109.3565353, -31.42860773],
        [-94.79302518, -108.51712547, -24.28305223],
        [-95.06941734, -107.67771469, -17.13749292],
        [-95.34580957, -106.83830486, -9.99193552],
        [-95.62220182, -105.99889503, -2.84637812],
        [-95.89859404, -105.15948425, 4.29918024],
        [-96.17498626, -104.32007442, 11.44473812],
        [-96.45137851, -103.48066412, 18.590296],
        [-96.72777073, -102.64125429, 25.73585341],
        [-97.00416295, -101.80184399, 32.88141272],
        [-97.28055518, -100.96243368, 40.02697012],
        [-97.5569474, -100.12302385, 47.17252752],
        [-97.83333962, -99.28361355, 54.31808493],
        [-98.10973196, -98.44420348, 61.46364233],
        [-98.38612418, -97.60479329, 68.60919973],
        [-98.6625164, -96.76538311, 75.75476095]
],
      "CsaImage.TimeAfterStart": [5.0425, 0.0, 5.5475, 0.505, 6.0525, 1.01, 6.555, 1.5125, 7.06, 2.0175, 7.565, 2.5225, 8.0675, 3.025, 8.5725, 3.53, 9.0775, 4.035, 9.58, 4.54],
      "ImagePositionPatient": [
        [-93.411063956538, -112.71417652022, -37.010841159664],
        [-93.687456177989, -111.87476573836, -29.8652837561],
        [-93.963848518649, -111.0353549565, -22.719726352535],
        [-94.2402407401, -110.19594512832, -15.574168948971],
        [-94.516632961551, -109.35653530013, -8.4286077307092],
        [-94.793025183001, -108.51712547194, -1.2830522344933],
        [-95.069417344847, -107.67771469008, 5.8625070764198],
        [-95.345809566298, -106.8383048619, 13.008064479984],
        [-95.622201817551, -105.99889503371, 20.153621883549],
        [-95.898594042728, -105.15948425185, 27.299180240787],
        [-96.174986260453, -104.32007442367, 34.444738121189],
        [-96.451378511706, -103.48066411864, 41.590296001591],
        [-96.727770733157, -102.64125429046, 48.735853405155],
        [-97.004162954608, -101.80184398543, 55.881412716068],
        [-97.280555176059, -100.96243368041, 63.026970119633],
        [-97.556947397509, -100.12302385222, 70.172527523197],
        [-97.83333961896, -99.283613547201, 77.318084926762],
        [-98.10973195962, -98.444203480596, 84.463642330326],
        [-98.386124181071, -97.604793294782, 91.60919973389],
        [-98.662516402522, -96.765383108969, 98.754760952152]
],
      "InstanceCreationTime": ["181525.762000", "181525.734000", "181525.765000", "181525.736000", "181525.767000", "181525.738000", "181525.781000", "181525.740000", "181525.783000", "181525.742000", "181525.786000", "181525.744000", "181525.788000", "181525.747000", "181525.790000", "181525.755000", "181525.792000", "181525.757000", "181525.794000", "181525.759000"],
      "InstanceNumber": [11, 1, 12, 2, 13, 3, 14, 4, 15, 5, 16, 6, 17, 7, 18, 8, 19, 9, 20, 10],
      "LargestImagePixelValue": [4095, 4002, 4095, 4077, 4085, 4095, 3799, 4083, 4087, 4095, 4094, 4092, 4065, 4095, 4095, 4095, 4095, 4095, 4062, 4037],
      "SliceLocation": [-46.285894299459, -39.085894734985, -31.885895165936, -24.685895712646, -17.485892473504, -10.285894913141, -3.0858934580293, 4.1141059952601, 11.314105449694, 18.514105960773, 25.714105887151, 32.914105870408, 40.114105323698, 47.314106725506, 54.514106234387, 61.714105687676, 68.914105196558, 76.114104682219, 83.314104177203, 90.514107458039],
      "WindowCenter": [1392.0, 1531.0, 1534.0, 1702.0, 1756.0, 1760.0, 1736.0, 1782.0, 1639.0, 1676.0, 1729.0, 1695.0, 1823.0, 1760.0, 1786.0, 1675.0, 1716.0, 1452.0, 927.0, 686.0],
      "WindowWidth": [2967.0, 3199.0, 3296.0, 3440.0, 3305.0, 3186.0, 2590.0, 2592.0, 2802.0, 2880.0, 2893.0, 2598.0, 3135.0, 3171.0, 3304.0, 3208.0, 3380.0, 3409.0, 3669.0, 3370.0]
    }
  }
}