{
  "AcquisitionMatrixPE": 110,
  "AcquisitionNumber": 1,
  "AcquisitionTime": "18:00:37.460000",
  "BandwidthPerPixelPhaseEncode": 12.987,
  "BaseResolution": 110,
  "BodyPartExamined": "BRAIN",
  "CoilCombinationMethod": "Sum of Squares",
  "ConsistencyInfo": "N4_VE11C_LATEST_20160120",
  "ConversionSoftware": "dcm2niix",
  "ConversionSoftwareVersion": "v1.0.20211006",
  "DerivedVendorReportedEchoSpacing": 0.000700001,
  "DeviceSerialNumber": "167006",
  "DiffusionScheme": "Monopolar",
  "DwellTime": 2.7e-06,
  "EchoTime": 0.0768,
  "EchoTrainLength": 83,
  "EffectiveEchoSpacing": 0.000700001,
  "FlipAngle": 78,
  "HeudiconvVersion": "0.5.3.post569+g418601f",
  "ImageComments": "Unaliased MB3/PE3/LB SENSE1+",
  "ImageOrientationPatientDICOM": [0.999273, 0.00445138, 0.0378649, 6.95088e-09, 0.993161, -0.116756],
  "ImageOrientationText": "Tra>Cor(-6.7)>Sag(2.2)",
  "ImageType": [
    "ORIGINAL",
    "PRIMARY",
    "DIFFUSION",
    "NONE",
    "MB",
    "ND",
    "MOSAIC"
],
  "ImagingFrequency": 123.259,
  "InPlanePhaseEncodingDirectionDICOM": "COL",
  "InstitutionAddress": "Chemin Queen-Mary 4565,Montreal,District,CA,H3W 1W5",
  "InstitutionName": "IUGM",
  "InstitutionalDepartmentName": "Department",
  "MRAcquisitionType": "2D",
  "MagneticFieldStrength": 3,
  "Manufacturer": "Siemens",
  "ManufacturersModelName": "Prisma_fit",
  "MatrixCoilMode": "SENSE",
  "Modality": "MR",
  "MultibandAccelerationFactor": 3,
  "PartialFourier": 0.75,
  "PatientPosition": "HFS",
  "PercentPhaseFOV": 100,
  "PercentSampling": 100,
  "PhaseEncodingDirection": "j",
  "PhaseEncodingSteps": 83,
  "PhaseResolution": 1,
  "PixelBandwidth": 1685,
  "ProcedureStepDescription": "anat^generic",
  "ProtocolName": "dMRI_dir106_PA_test_cmrr",
  "PulseSequenceDetails": "%CustomerSeq%\\cmrr_mbep2d_diff",
  "ReceiveCoilActiveElements": "HC1-6",
  "ReceiveCoilName": "HeadNeck_64",
  "ReconMatrixPE": 110,
  "RepetitionTime": 2.243,
  "SAR": 0.11821,
  "ScanOptions": "PFP\\EXT",
  "ScanningSequence": "EP",
  "SequenceName": "ep_b0",
  "SequenceVariant": "SK\\SS",
  "SeriesDescription": "dMRI_dir106_PA_test_cmrr",
  "SeriesNumber": 14,
  "ShimSetting": [636, -7224, -8775, 669, 48, 19, 65, 12],
  "SliceThickness": 2,
  "SliceTiming": [0, 1.17, 0.115, 1.285, 0.2325, 1.4025, 0.35, 1.52, 0.4675, 1.6375, 0.585, 1.755, 0.7, 1.87, 0.8175, 1.9875, 0.935, 2.105, 1.0525, 0, 1.17, 0.115, 1.285, 0.2325, 1.4025, 0.35, 1.52, 0.4675, 1.6375, 0.585, 1.755, 0.7, 1.87, 0.8175, 1.9875, 0.935, 2.105, 1.0525, 0, 1.17, 0.115, 1.285, 0.2325, 1.4025, 0.35, 1.52, 0.4675, 1.6375, 0.585, 1.755, 0.7, 1.87, 0.8175, 1.9875, 0.935, 2.105, 1.0525],
  "SoftwareVersions": "syngo MR E11",
  "SpacingBetweenSlices": 2,
  "StationName": "MRC35049",
  "TotalReadoutTime": 0.0763001,
  "TxRefAmp": 207.954,
  "WipMemBlock": "214c9ea4-dc66-4b6f-86eb-391a37a1151c||Sequence: R017 ve11c/master r/75a17815+; Jun 28 2022 16:41:33 by eja",
  "dcmmeta_affine": [
    [-1.9985458850860596, 1.3901756190648484e-08, 0.07625129073858261, 107.90038299560547],
    [-0.00890275277197361, 1.9863213300704956, -0.23334147036075592, -90.19544219970703],
    [0.07572977989912033, 0.23351123929023743, 1.9848772287368774, -32.92301559448242],
    [0.0, 0.0, 0.0, 1.0]
],
  "dcmmeta_reorient_transform": [
    [0.0, -1.0, 0.0, 109.0],
    [1.0, 0.0, 0.0, 0.0],
    [0.0, 0.0, 1.0, 0.0],
    [0.0, 0.0, 0.0, 1.0]
],
  "dcmmeta_shape": [110, 110, 57, 107],
  "dcmmeta_slice_dim": 2,
  "dcmmeta_version": 0.6,
  "global": {
    "const": {
      "AcquisitionMatrix": [110, 0, 0, 110],
      "AngioFlag": "N",
      "BitsAllocated": 16,
      "BitsStored": 16,
      "BodyPartExamined": "BRAIN",
      "CardiacNumberOfImages": 1,
      "Columns": 880,
      "EchoNumbers": 1,
      "EchoTime": 76.8,
      "EchoTrainLength": 83,
      "FlipAngle": 78.0,
      "HighBit": 15,
      "ImageOrientationPatient": [0.99927295333014, 0.00445137644111, 0.03786489126679, 6.950878e-09, 0.99316067405043, -0.1167556230753],
      "ImagePositionPatient": [-877.3405660321, -894.47486404559, 53.275574338157],
      "ImageType": [
        "ORIGINAL",
        "PRIMARY",
        "DIFFUSION",
        "NONE",
        "MB",
        "ND",
        "MOSAIC"
],
      "ImagedNucleus": "1H",
      "ImagingFrequency": 123.258805,
      "InPlanePhaseEncodingDirection": "COL",
      "LargestImagePixelValue": 4095,
      "MRAcquisitionType": "2D",
      "MagneticFieldStrength": 3.0,
      "Manufacturer": "SIEMENS",
      "ManufacturerModelName": "Prisma_fit",
      "Modality": "MR",
      "NominalInterval": 0,
      "NumberOfAverages": 1.0,
      "NumberOfPhaseEncodingSteps": 83,
      "PercentPhaseFieldOfView": 100.0,
      "PercentSampling": 100.0,
      "PerformedProcedureStepStartTime": "174008.912000",
      "PhotometricInterpretation": "MONOCHROME2",
      "PixelBandwidth": 1685.0,
      "PixelRepresentation": 0,
      "PixelSpacing": [2.0, 2.0],
      "ProtocolName": "dMRI_dir106_PA_test_cmrr",
      "RepetitionTime": 2243.0,
      "RescaleIntercept": -4096.0,
      "RescaleSlope": 2.0,
      "RescaleType": "US",
      "Rows": 880,
      "SAR": 0.11820984736833,
      "SamplesPerPixel": 1,
      "ScanOptions": [
        "PFP",
        "EXT"
],
      "ScanningSequence": "EP",
      "SequenceVariant": [
        "SK",
        "SS"
],
      "SeriesDescription": "dMRI_dir106_PA_test_cmrr",
      "SeriesNumber": 14,
      "SeriesTime": "180139.995000",
      "SliceLocation": -18.037130581637,
      "SliceThickness": 2.0,
      "SmallestImagePixelValue": 0,
      "SoftwareVersions": "syngo MR E11",
      "SpacingBetweenSlices": 1.9999999770829,
      "SpecificCharacterSet": "ISO_IR 100",
      "StudyID": "1",
      "StudyTime": "174008.845000",
      "TransmitCoilName": "Body",
      "VariableFlipAngleFlag": "N",
      "WindowCenterWidthExplanation": "Algo1",
      "dBdt": 0.0},
