{
  "AcquisitionMatrixPE": 110,
  "AcquisitionNumber": 1,
  "AcquisitionTime": "18:00:26.245000",
  "BandwidthPerPixelPhaseEncode": 12.987,
  "BaseResolution": 110,
  "BodyPartExamined": "BRAIN",
  "CoilCombinationMethod": "Sum of Squares",
  "ConsistencyInfo": "N4_VE11C_LATEST_20160120",
  "ConversionSoftware": "dcm2niix",
  "ConversionSoftwareVersion": "v1.0.20211006",
  "DerivedVendorReportedEchoSpacing": 0.000700001,
  "DeviceSerialNumber": "167006",
  "DwellTime": 2.7e-06,
  "EchoTime": 0.0768,
  "EchoTrainLength": 83,
  "EffectiveEchoSpacing": 0.000700001,
  "FlipAngle": 78,
  "HeudiconvVersion": "0.5.3.post569+g418601f",
  "ImageComments": "Single-band reference SENSE1+",
  "ImageOrientationPatientDICOM": [0.999273, 0.00445138, 0.0378649, 6.95088e-09, 0.993161, -0.116756],
  "ImageOrientationText": "Tra>Cor(-6.7)>Sag(2.2)",
  "ImageType": [
    "ORIGINAL",
    "PRIMARY",
    "M",
    "ND",
    "MOSAIC"
],
  "ImagingFrequency": 123.259,
  "InPlanePhaseEncodingDirectionDICOM": "COL",
  "InstitutionAddress": "Chemin Queen-Mary 4565,Montreal,District,CA,H3W 1W5",
  "InstitutionName": "IUGM",
  "InstitutionalDepartmentName": "Department",
  "IntendedFor": [
    "ses-011/dwi/sub-03_ses-011_dir-AP_part-mag_dwi.nii.gz"
],
  "MRAcquisitionType": "2D",
  "MagneticFieldStrength": 3,
  "Manufacturer": "Siemens",
  "ManufacturersModelName": "Prisma_fit",
  "MatrixCoilMode": "SENSE",
  "Modality": "MR",
  "PartialFourier": 0.75,
  "PatientPosition": "HFS",
  "PercentPhaseFOV": 100,
  "PercentSampling": 100,
  "PhaseEncodingDirection": "j",
  "PhaseEncodingSteps": 83,
  "PhaseResolution": 1,
  "PixelBandwidth": 1685,
  "ProcedureStepDescription": "anat^generic",
  "ProtocolName": "dMRI_dir106_PA_test_cmrr",
  "PulseSequenceDetails": "%CustomerSeq%\\cmrr_mbep2d_diff",
  "ReceiveCoilActiveElements": "HC1-6",
  "ReceiveCoilName": "HeadNeck_64",
  "ReconMatrixPE": 110,
  "RepetitionTime": 2.243,
  "SAR": 0.11821,
  "ScanOptions": "PFP\\EXT",
  "ScanningSequence": "EP",
  "SequenceName": "epse2d1_110",
  "SequenceVariant": "SK\\SS",
  "SeriesDescription": "dMRI_dir106_PA_test_cmrr_SBRef",
  "SeriesNumber": 12,
  "ShimSetting": [636, -7224, -8775, 669, 48, 19, 65, 12],
  "SliceThickness": 2,
  "SliceTiming": [0, 0.115, 0.2325, 0.35, 0.4675, 0.585, 0.7, 0.8175, 0.935, 1.0525, 1.17, 1.285, 1.4025, 1.52, 1.6375, 1.755, 1.87, 1.9875, 2.105, 2.2225, 2.3375, 2.455, 2.5725, 2.69, 2.8075, 2.9225, 3.04, 3.1575, 3.275, 3.3925, 3.5075, 3.625, 3.7425, 3.86, 3.9775, 4.0925, 4.21, 4.3275, 4.445, 4.5625, 4.6775, 4.795, 4.9125, 5.03, 5.1475, 5.2625, 5.38, 5.4975, 5.615, 5.7325, 5.8475, 5.965, 6.0825, 6.2, 6.3175, 6.4325, 6.55],
  "SoftwareVersions": "syngo MR E11",
  "SpacingBetweenSlices": 2,
  "StationName": "MRC35049",
  "TotalReadoutTime": 0.0763001,
  "TxRefAmp": 207.954,
  "WipMemBlock": "214c9ea4-dc66-4b6f-86eb-391a37a1151c||Sequence: R017 ve11c/master r/75a17815+; Jun 28 2022 16:41:33 by eja"
}