{
  "AcquisitionMatrixPE": 192,
  "AcquisitionNumber": 1,
  "AcquisitionTime": "19:09:31.290000",
  "BaseResolution": 192,
  "BodyPartExamined": "BRAIN",
  "CoilCombinationMethod": "Adaptive Combine",
  "ConsistencyInfo": "N4_VE11C_LATEST_20160120",
  "ConversionSoftware": "dcm2niix",
  "ConversionSoftwareVersion": "v1.0.20220505",
  "DeviceSerialNumber": "167006",
  "DwellTime": 3.5e-06,
  "EchoTime": 0.00151,
  "HeudiconvVersion": "0.5.3.post801+g0eb836c",
  "ImageOrientationPatientDICOM": [0, 1, 0, 0, 0, -1],
  "ImageOrientationText": "Sag",
  "ImageType": [
    "DERIVED",
    "PRIMARY",
    "M",
    "UNI",
    "DIS3D",
    "DIS2D"
],
  "ImagingFrequency": 123.25,
  "InPlanePhaseEncodingDirectionDICOM": "ROW",
  "InstitutionAddress": "Chemin Queen-Mary 4565,Montreal,District,CA,H3W 1W5",
  "InstitutionName": "IUGM",
  "InstitutionalDepartmentName": "Department",
  "MRAcquisitionType": "3D",
  "MagneticFieldStrength": 3,
  "Manufacturer": "Siemens",
  "ManufacturersModelName": "Prisma_fit",
  "MatrixCoilMode": "GRAPPA",
  "Modality": "MR",
  "ParallelReductionFactorInPlane": 2,
  "PartialFourier": 1,
  "PatientPosition": "HFS",
  "PercentPhaseFOV": 100,
  "PercentSampling": 100,
  "PhaseEncodingSteps": 191,
  "PhaseResolution": 1,
  "PixelBandwidth": 745,
  "ProcedureStepDescription": "anat^generic",
  "ProtocolName": "t1_mp2rage",
  "PulseSequenceDetails": "%SiemensSeq%\\tfl",
  "RawImage": false,
  "ReceiveCoilActiveElements": "HC1-7;NC1",
  "ReceiveCoilName": "HeadNeck_64",
  "ReconMatrixPE": 192,
  "RefLinesPE": 32,
  "RepetitionTime": 4,
  "SAR": 0.0231674,
  "ScanOptions": "IR",
  "ScanningSequence": "GR\\IR",
  "SequenceName": "*tfl3d1_16",
  "SequenceVariant": "SK\\SP\\MP",
  "SeriesDescription": "t1_mp2rage_UNI_Images",
  "SeriesNumber": 30,
  "ShimSetting": [585, -7328, -8985, -180, 16, -394, 117, 90],
  "SliceThickness": 1.2,
  "SoftwareVersions": "syngo MR E11",
  "SpoilingState": true,
  "StationName": "MRC35049",
  "TxRefAmp": 243.997}