{
  "AcquisitionMatrixPE": 32,
  "AcquisitionNumber": 1,
  "AcquisitionTime": "16:24:20.312500",
  "BaseResolution": 32,
  "BodyPartExamined": "BRAIN",
  "CoilCombinationMethod": "Sum of Squares",
  "ConsistencyInfo": "N4_VE11C_LATEST_20160120",
  "ConversionSoftware": "dcm2niix",
  "ConversionSoftwareVersion": "v1.0.20211006",
  "DeviceSerialNumber": "167006",
  "DwellTime": 3.18e-05,
  "EchoTime": 0.00184,
  "FlipAngle": 79.99,
  "HeudiconvVersion": "0.11.3.post9+gc939bf8",
  "ImageComments": "flip angle map",
  "ImageOrientationPatientDICOM": [0.999848, -0.0163999, 0.00596906, 0.0174524, 0.93955, -0.341968],
  "ImageOrientationText": "Tra>Cor(-20.0)",
  "ImageType": [
    "ORIGINAL",
    "PRIMARY",
    "FLIP ANGLE MAP",
    "DIS2D"
],
  "ImagingFrequency": 123.259,
  "InPlanePhaseEncodingDirectionDICOM": "COL",
  "InstitutionAddress": "Chemin Queen-Mary 4565,Montreal,District,CA,H3W 1W5",
  "InstitutionName": "IUGM",
  "InstitutionalDepartmentName": "Department",
  "MRAcquisitionType": "2D",
  "MagneticFieldStrength": 3,
  "Manufacturer": "Siemens",
  "ManufacturersModelName": "Prisma_fit",
  "MatrixCoilMode": "SENSE",
  "Modality": "MR",
  "PartialFourier": 1,
  "PatientPosition": "HFS",
  "PercentPhaseFOV": 100,
  "PercentSampling": 100,
  "PhaseEncodingDirection": "j-",
  "PhaseEncodingSteps": 32,
  "PhaseResolution": 1,
  "PixelBandwidth": 490,
  "ProcedureStepDescription": "anat^generic",
  "ProtocolName": "tfl_b1map_6mm",
  "PulseSequenceDetails": "%SiemensSeq%\\tfl_b1map",
  "ReceiveCoilActiveElements": "HC1-7;NC1",
  "ReceiveCoilName": "HeadNeck_64",
  "ReconMatrixPE": 32,
  "RepetitionTime": 10,
  "SAR": 0.00500839,
  "ScanningSequence": "GR",
  "SequenceName": "tfl2d1_512",
  "SequenceVariant": "SK\\SP",
  "SeriesDescription": "tfl_b1map_6mm",
  "SeriesNumber": 24,
  "ShimSetting": [622, -7238, -8933, 521, 7, -285, -135, -8],
  "SliceThickness": 6,
  "SliceTiming": [5.04688, 0, 5.54688, 0.51562, 6.0625, 1.01562, 6.5625, 1.51562, 7.0625, 2.01562, 7.5625, 2.53125, 8.07812, 3.03125, 8.57812, 3.53125, 9.07812, 4.04688, 9.57812, 4.54688],
  "SoftwareVersions": "syngo MR E11",
  "SpacingBetweenSlices": 7.2,
  "SpoilingState": true,
  "StationName": "MRC35049",
  "TxRefAmp": 231.84,
  "dcmmeta_affine": [
    [-5.999086380004883, 0.10471434891223907, 0.0, 94.5658950805664],
    [0.098399318754673, 5.6372971534729, -2.4625444412231445, -55.417667388916016],
    [0.035814378410577774, 2.0518083572387695, 6.765789031982422, -75.02740478515625],
    [0.0, 0.0, 0.0, 1.0]
],
  "dcmmeta_reorient_transform": [
    [0.0, -1.0, 0.0, 31.0],
    [1.0, 0.0, 0.0, 0.0],
    [0.0, 0.0, -1.0, 19.0],
    [0.0, 0.0, 0.0, 1.0]
],
  "dcmmeta_shape": [32, 32, 20],
  "dcmmeta_slice_dim": 2,
  "dcmmeta_version": 0.6,
  "global": {
    "const": {
      "AcquisitionMatrix": [32, 0, 0, 32],
      "AcquisitionNumber": 1,
      "AngioFlag": "N",
      "BitsAllocated": 16,
      "BitsStored": 12,
      "BodyPartExamined": "BRAIN",
      "Columns": 32,
      "EchoNumbers": 1,
      "EchoTime": 1.84,
      "EchoTrainLength": 1,
      "FlipAngle": 79.99,
      "HighBit": 11,
      "ImageOrientationPatient": [0.99984769541472, -0.016399885862, 0.00596906337616, 0.01745239163769, 0.93954950247002, -0.3419680488503],
      "ImageType": [
        "ORIGINAL",
        "PRIMARY",
        "FLIP ANGLE MAP",
        "DIS2D"
],
      "ImagedNucleus": "1H",
      "ImagingFrequency": 123.258829,
      "InPlanePhaseEncodingDirection": "COL",
      "MRAcquisitionType": "2D",
      "MagneticFieldStrength": 3.0,
      "Manufacturer": "SIEMENS",
      "ManufacturerModelName": "Prisma_fit",
      "Modality": "MR",
      "NumberOfAverages": 1.0,
      "NumberOfPhaseEncodingSteps": 32,
      "PercentPhaseFieldOfView": 100.0,
      "PercentSampling": 100.0,
      "PerformedProcedureStepStartTime": "151323.770000",
      "PhotometricInterpretation": "MONOCHROME2",
      "PixelBandwidth": 490.0,
      "PixelRepresentation": 0,
      "PixelSpacing": [6.0, 6.0],
      "ProtocolName": "tfl_b1map_6mm",
      "RepetitionTime": 10000.0,
      "Rows": 32,
      "SAR": 0.00500839404183,
      "SamplesPerPixel": 1,
      "ScanningSequence": "GR",
      "SequenceName": "tfl2d1_512",
      "SequenceVariant": [
        "SK",
        "SP"
],
      "SeriesDescription": "tfl_b1map_6mm",
      "SeriesNumber": 24,
      "SeriesTime": "162425.910000",
      "SliceThickness": 6.0,
      "SmallestImagePixelValue": 0,
      "SoftwareVersions": "syngo MR E11",
      "SpacingBetweenSlices": 7.2,
      "SpecificCharacterSet": "ISO_IR 100",
      "StudyID": "1",
      "StudyTime": "151323.694000",
      "TransmitCoilName": "Body",
      "VariableFlipAngleFlag": "N",
      "WindowCenterWidthExplanation": "Algo1",
      "dBdt": 0.0},
    "slices": {
      "AcquisitionTime": ["162420.312500", "162415.270000", "162420.817500", "162415.775000", "162421.322500", "162416.280000", "162421.825000", "162416.782500", "162422.330000", "162417.287500", "162422.835000", "162417.792500", "162423.337500", "162418.295000", "162423.842500", "162418.800000", "162424.347500", "162419.305000", "162424.850000", "162419.807500"],
      "ContentTime": ["162425.941000", "162425.918000", "162425.943000", "162425.924000", "162425.945000", "162425.926000", "162425.946000", "162425.928000", "162425.948000", "162425.929000", "162425.950000", "162425.931000", "162425.952000", "162425.933000", "162425.954000", "162425.935000", "162425.956000", "162425.937000", "162425.958000", "162425.939000"],
      "CsaImage.ICE_Dims": [
        "X_1_1_2_1_1_1_11_1_1_1_1_152",
        "X_1_1_2_1_1_1_1_1_1_2_1_152",
        "X_1_1_2_1_1_1_12_1_1_3_1_152",
        "X_1_1_2_1_1_1_2_1_1_4_1_152",
        "X_1_1_2_1_1_1_13_1_1_5_1_152",
        "X_1_1_2_1_1_1_3_1_1_6_1_152",
        "X_1_1_2_1_1_1_14_1_1_7_1_152",
        "X_1_1_2_1_1_1_4_1_1_8_1_152",
        "X_1_1_2_1_1_1_15_1_1_9_1_152",
        "X_1_1_2_1_1_1_5_1_1_10_1_152",
        "X_1_1_2_1_1_1_16_1_1_11_1_152",
        "X_1_1_2_1_1_1_6_1_1_12_1_152",
        "X_1_1_2_1_1_1_17_1_1_13_1_152",
        "X_1_1_2_1_1_1_7_1_1_14_1_152",
        "X_1_1_2_1_1_1_18_1_1_15_1_152",
        "X_1_1_2_1_1_1_8_1_1_16_1_152",
        "X_1_1_2_1_1_1_19_1_1_17_1_152",
        "X_1_1_2_1_1_1_9_1_1_18_1_152",
        "X_1_1_2_1_1_1_20_1_1_19_1_152",
        "X_1_1_2_1_1_1_10_1_1_20_1_152"
],
      "CsaImage.ProtocolSliceNumber": [0, 1, 2, 3, 4, 5, 6, 7, 8, 9, 10, 11, 12, 13, 14, 15, 16, 17, 18, 19],
      "CsaImage.SliceMeasurementDuration": [127.5, 130.0, 127.5, 127.5, 127.5, 127.5, 130.0, 130.0, 127.5, 127.5, 127.5, 127.5, 130.0, 130.0, 127.5, 127.5, 127.5, 127.5, 130.0, 130.0],
      "CsaImage.SlicePosition_PCS": [
        [-97.81203878, -119.33855163, -32.42130534],
        [-97.81203878, -116.87600623, -25.65552012],
        [-97.81203878, -114.41346274, -18.88973109],
        [-97.81203878, -111.95091735, -12.12394587],
        [-97.81203878, -109.48837195, -5.35816066],
        [-97.81203878, -107.02582656, 1.40762837],
        [-97.81203878, -104.56328212, 8.1734155],
        [-97.81203878, -102.10073672, 14.93920072],
        [-97.81203878, -99.63819133, 21.70498879],
        [-97.81203878, -97.17564689, 28.4707752],
        [-97.81203878, -94.71310149, 35.23656209],
        [-97.81203878, -92.25055657, 42.00234922],
        [-97.81203878, -89.78801154, 48.76813634],
        [-97.81203878, -87.3254665, 55.53392346],
        [-97.81203878, -84.86292158, 62.29970868],
        [-97.81203878, -82.40037642, 69.06549581],
        [-97.81203878, -79.93783103, 75.83128484],
        [-97.81203878, -77.47528659, 82.59707006],
        [-97.81203878, -75.01274119, 89.36285527],
        [-97.81203878, -72.55019675, 96.1286443]
],
      "CsaImage.TimeAfterStart": [15.125, 10.0825, 15.63, 10.5875, 16.135, 11.0925, 16.6375, 11.595, 17.1425, 12.1, 17.6475, 12.605, 18.15, 13.1075, 18.655, 13.6125, 19.16, 14.1175, 19.6625, 14.62],
      "ImagePositionPatient": [
        [-97.812038781673, -119.33855162516, -11.421305341261],
        [-97.812038781673, -116.87600623026, -4.6555201239758],
        [-97.812038781673, -114.41346274271, 2.1102689080066],
        [-97.812038781673, -111.95091734781, 8.8760541252918],
        [-97.812038781673, -109.48837195292, 15.641839342577],
        [-97.812038781673, -107.02582655802, 22.407628374559],
        [-97.812038781673, -104.56328211679, 29.173415499193],
        [-97.812038781673, -102.1007367219, 35.939200716478],
        [-97.812038781673, -99.638191327, 42.704988794786],
        [-97.812038781673, -97.175646885776, 49.470775204164],
        [-97.812038781673, -94.713101490879, 56.23656209038],
        [-97.812038781673, -92.250556572819, 63.002349215013],
        [-97.812038781673, -89.788011535549, 69.768136339647],
        [-97.812038781673, -87.325466498279, 76.533923464281],
        [-97.812038781673, -84.862921580219, 83.299708681566],
        [-97.812038781673, -82.40037642374, 90.0654958062],
        [-97.812038781673, -79.937831028843, 96.831284838182],
        [-97.812038781673, -77.47528658762, 103.59707005547],
        [-97.812038781673, -75.012741192722, 110.36285527275],
        [-97.812038781673, -72.550196751499, 117.12864430474]
],
      "InstanceCreationTime": ["162425.941000", "162425.918000", "162425.943000", "162425.924000", "162425.945000", "162425.926000", "162425.946000", "162425.928000", "162425.948000", "162425.929000", "162425.950000", "162425.931000", "162425.952000", "162425.933000", "162425.954000", "162425.935000", "162425.956000", "162425.937000", "162425.958000", "162425.939000"],
      "InstanceNumber": [11, 1, 12, 2, 13, 3, 14, 4, 15, 5, 16, 6, 17, 7, 18, 8, 19, 9, 20, 10],
      "LargestImagePixelValue": [1997, 1180, 1027, 1967, 1446, 1582, 1208, 2135, 1118, 1093, 1458, 1990, 1958, 2132, 2036, 2036, 2033, 2068, 2083, 2123],
      "SliceLocation": [-51.548705125032, -44.348706553618, -37.148705049913, -29.948706478498, -22.748707907084, -15.548705751028, -8.3487057134679, -1.1487071420539, 6.0512941178423, 13.251293483281, 20.451293622977, 27.651293823624, 34.851294065044, 42.051294306463, 49.25129271479, 56.451292996981, 63.651295153038, 70.851293398276, 78.05129196969, 85.251293799571],
      "WindowCenter": [1074.0, 1011.0, 1034.0, 1100.0, 1065.0, 1106.0, 1073.0, 1133.0, 1086.0, 1070.0, 1074.0, 1109.0, 1109.0, 1109.0, 1113.0, 1089.0, 1129.0, 1142.0, 1181.0, 1216.0],
      "WindowWidth": [1813.0, 1574.0, 1600.0, 1823.0, 1642.0, 1769.0, 1654.0, 1866.0, 1663.0, 1644.0, 1645.0, 1834.0, 1833.0, 1914.0, 1917.0, 1947.0, 2039.0, 2114.0, 2201.0, 2334.0]
    }
  }
}