{
  "AcquisitionMatrixPE": 36,
  "AcquisitionNumber": 1,
  "AcquisitionTime": "15:35:37.085000",
  "BandwidthPerPixelPhaseEncode": 29.551,
  "BaseResolution": 96,
  "BodyPartExamined": "CSPINE",
  "CoilString": "HC7;NC1_2",
  "ConsistencyInfo": "N4_VE11C_LATEST_20160120",
  "ConversionSoftware": "dcm2niix",
  "ConversionSoftwareVersion": "v1.0.20190902",
  "DerivedVendorReportedEchoSpacing": 0.000939994,
  "DeviceSerialNumber": "167006",
  "DiffusionScheme": "Monopolar",
  "DwellTime": 4.1e-06,
  "EchoTime": 0.06,
  "EchoTrainLength": 31,
  "EffectiveEchoSpacing": 0.000939995,
  "FlipAngle": 90,
  "ImageOrientationPatientDICOM": [1, 0, 0, 0, 0.960779, 0.277315],
  "ImageType": [
    "ORIGINAL",
    "PRIMARY",
    "DIFFUSION",
    "NONE",
    "ND",
    "MOSAIC"
],
  "ImagingFrequency": 123.259,
  "InPlanePhaseEncodingDirectionDICOM": "COL",
  "InstitutionAddress": "Chemin_Queen-Mary_4565_Montreal_District_CA_H3W_1W5",
  "InstitutionName": "IUGM",
  "InstitutionalDepartmentName": "Department",
  "MRAcquisitionType": "2D",
  "MagneticFieldStrength": 3,
  "Manufacturer": "Siemens",
  "ManufacturersModelName": "Prisma_fit",
  "Modality": "MR",
  "PartialFourier": 0.875,
  "PatientPosition": "HFS",
  "PercentPhaseFOV": 37.5,
  "PhaseEncodingDirection": "j-",
  "PhaseEncodingSteps": 31,
  "PhaseResolution": 1,
  "PixelBandwidth": 1270,
  "ProcedureStepDescription": "neuromod_generic",
  "ProtocolName": "DWI",
  "PulseSequenceDetails": "%SiemensSeq%_ep2d_diff",
  "ReceiveCoilActiveElements": "HC7;NC1,2",
  "ReceiveCoilName": "HeadNeck_64",
  "ReconMatrixPE": 36,
  "RepetitionTime": 0.61,
  "SAR": 0.392356,
  "ScanOptions": "PFP_SFS_CT",
  "ScanningSequence": "EP",
  "SequenceName": "_ez_b0",
  "SequenceVariant": "SK_SP",
  "SeriesDescription": "DWI",
  "SeriesNumber": 30,
  "ShimSetting": [591, -7314, -9183, -2347, -100, 2455, 897, -203],
  "SliceThickness": 5,
  "SliceTiming": [0, 0.765, 1.515, 2.26, 3.04, 0.195, 0.96, 1.71, 2.455, 3.235, 0.3925, 1.1575, 1.9075, 2.6525, 3.4325],
  "SoftwareVersions": "syngo_MR_E11",
  "SpacingBetweenSlices": 5,
  "StationName": "MRC35049",
  "TotalReadoutTime": 0.0328998,
  "TxRefAmp": 246.778,
  "dcmmeta_affine": [
    [-0.8958333134651184, 0.0, 0.0, 43.0],
    [0.0, 0.8606979846954346, 1.386573314666748, -40.22248458862305],
    [0.0, -0.24842771887779236, 4.803895473480225, -135.60118103027344],
    [0.0, 0.0, 0.0, 1.0]
],
  "dcmmeta_reorient_transform": [
    [0.0, -1.0, 0.0, 35.0],
    [1.0, 0.0, 0.0, 0.0],
    [0.0, 0.0, -1.0, 14.0],
    [0.0, 0.0, 0.0, 1.0]
],
  "dcmmeta_shape": [96, 36, 15, 35],
  "dcmmeta_slice_dim": 2,
  "dcmmeta_version": 0.6,
  "global": {
    "const": {
      "AcquisitionMatrix": [96, 0, 0, 36],
      "AngioFlag": "N",
      "BitsAllocated": 16,
      "BitsStored": 12,
      "BodyPartExamined": "CSPINE",
      "CardiacNumberOfImages": 1,
      "Columns": 384,
      "EchoNumbers": 1,
      "EchoTime": 60.0,
      "EchoTrainLength": 31,
      "FlipAngle": 90.0,
      "HighBit": 11,
      "ImageOrientationPatient": [1.0, 0.0, 0.0, 0.0, 0.9607791500038, 0.27731466769353],
      "ImagePositionPatient": [-171.9999961853, -55.791661118955, -90.456707626318],
      "ImageType": [
        "ORIGINAL",
        "PRIMARY",
        "DIFFUSION",
        "NONE",
        "ND",
        "MOSAIC"
],
      "ImagedNucleus": "1H",
      "ImagingFrequency": 123.258904,
      "InPlanePhaseEncodingDirection": "COL",
      "MRAcquisitionType": "2D",
      "MagneticFieldStrength": 3.0,
      "Manufacturer": "SIEMENS",
      "ManufacturerModelName": "Prisma_fit",
      "Modality": "MR",
      "NominalInterval": 0,
      "NumberOfAverages": 1.0,
      "NumberOfPhaseEncodingSteps": 31,
      "PercentPhaseFieldOfView": 37.5,
      "PercentSampling": 100.0,
      "PerformedProcedureStepStartTime": "142411.891000",
      "PhotometricInterpretation": "MONOCHROME2",
      "PixelBandwidth": 1270.0,
      "PixelRepresentation": 0,
      "PixelSpacing": [0.89583331346512, 0.89583331346512],
      "ProtocolName": "DWI",
      "RepetitionTime": 610.0,
      "Rows": 144,
      "SAR": 0.39235606814908,
      "SamplesPerPixel": 1,
      "ScanOptions": [
        "PFP",
        "SFS",
        "CT"
],
      "ScanningSequence": "EP",
      "SequenceVariant": [
        "SK",
        "SP"
],
      "SeriesDescription": "DWI",
      "SeriesNumber": 30,
      "SeriesTime": "153537.337000",
      "SliceLocation": -71.437072702083,
      "SliceThickness": 5.0,
      "SmallestImagePixelValue": 0,
      "SoftwareVersions": "syngo MR E11",
      "SpacingBetweenSlices": 4.9999999051601,
      "SpecificCharacterSet": "ISO_IR 100",
      "StudyID": "1",
      "StudyTime": "142411.830000",
      "TransmitCoilName": "Body",
      "VariableFlipAngleFlag": "N",
      "WindowCenterWidthExplanation": "Algo1",
      "dBdt": 0.0},
    "slices": {}
  },
  "time": {
    "samples": {
      "AcquisitionNumber": [1, 2, 3, 4, 5, 6, 7, 8, 9, 10, 11, 12, 13, 14, 15, 16, 17, 18, 19, 20, 21, 22, 23, 24, 25, 26, 27, 28, 29, 30, 31, 32, 33, 34, 35],
      "AcquisitionTime": ["153537.085000", "153541.135000", "153545.205000", "153549.470000", "153553.320000", "153557.470000", "153601.520000", "153605.545000", "153609.875000", "153613.760000", "153618.080000", "153622.145000", "153626.130000", "153630.140000", "153633.790000", "153637.802500", "153641.682500", "153645.717500", "153649.562500", "153653.627500", "153657.657500", "153701.617500", "153705.692500", "153709.767500", "153713.662500", "153717.917500", "153721.762500", "153725.812500", "153729.632500", "153733.327500", "153737.112500", "153741.007500", "153744.847500", "153748.842500", "153752.817500"],
      "ContentTime": ["153537.341000", "153546.396000", "153546.399000", "153551.397000", "153556.397000", "153601.397000", "153606.397000", "153606.400000", "153611.397000", "153616.397000", "153621.396000", "153626.397000", "153626.400000", "153631.397000", "153636.397000", "153641.397000", "153646.398000", "153646.400000", "153651.398000", "153656.397000", "153701.397000", "153706.397000", "153706.403000", "153711.397000", "153716.397000", "153721.398000", "153726.399000", "153726.402000", "153731.397000", "153736.397000", "153741.397000", "153741.400000", "153746.397000", "153751.397000", "153753.089000"],
      "InstanceCreationTime": ["153537.341000", "153546.396000", "153546.399000", "153551.397000", "153556.397000", "153601.397000", "153606.397000", "153606.400000", "153611.397000", "153616.397000", "153621.396000", "153626.397000", "153626.400000", "153631.397000", "153636.397000", "153641.397000", "153646.398000", "153646.400000", "153651.398000", "153656.397000", "153701.397000", "153706.397000", "153706.403000", "153711.397000", "153716.397000", "153721.398000", "153726.399000", "153726.402000", "153731.397000", "153736.397000", "153741.397000", "153741.400000", "153746.397000", "153751.397000", "153753.089000"],
      "InstanceNumber": [1, 2, 3, 4, 5, 6, 7, 8, 9, 10, 11, 12, 13, 14, 15, 16, 17, 18, 19, 20, 21, 22, 23, 24, 25, 26, 27, 28, 29, 30, 31, 32, 33, 34, 35],
      "LargestImagePixelValue": [4095, 3966, 4027, 4095, 4095, 4095, 3846, 3870, 4095, 3897, 3850, 4095, 4001, 4095, 4027, 4074, 4091, 4095, 4095, 4095, 4095, 4095, 4095, 4095, 3985, 4095, 3933, 3730, 4095, 4095, 4095, 4095, 4095, 4095, 4095],
      "SequenceName": [
        "*ez_b0",
        "*ez_b800#1",
        "*ez_b800#2",
        "*ez_b800#3",
        "*ez_b800#4",
        "*ez_b800#5",
        "*ez_b800#6",
        "*ez_b800#7",
        "*ez_b800#8",
        "*ez_b800#9",
        "*ez_b800#10",
        "*ez_b800#11",
        "*ez_b800#12",
        "*ez_b800#13",
        "*ez_b800#14",
        "*ez_b800#15",
        "*ez_b800#16",
        "*ez_b800#17",
        "*ez_b800#18",
        "*ez_b800#19",
        "*ez_b800#20",
        "*ez_b800#21",
        "*ez_b800#22",
        "*ez_b800#23",
        "*ez_b800#24",
        "*ez_b800#25",
        "*ez_b800#26",
        "*ez_b800#27",
        "*ez_b800#28",
        "*ez_b800#29",
        "*ez_b800#30",
        "*ez_b0",
        "*ez_b0",
        "*ez_b0",
        "*ez_b0"
],
      "TriggerTime": [572.5, 572.5, 572.5, 572.5, 572.5, 572.5, 572.5, 572.5, 572.5, 572.5, 572.5, 572.5, 570.0, 570.0, 570.0, 570.0, 570.0, 570.0, 570.0, 570.0, 570.0, 572.5, 572.5, 572.5, 572.5, 572.5, 572.5, 572.5, 572.5, 572.5, 572.5, 572.5, 572.5, 572.5, 572.5],
      "WindowCenter": [1244.0, 717.0, 720.0, 707.0, 743.0, 755.0, 752.0, 745.0, 707.0, 727.0, 737.0, 749.0, 701.0, 713.0, 736.0, 727.0, 709.0, 730.0, 722.0, 705.0, 701.0, 701.0, 744.0, 748.0, 753.0, 742.0, 721.0, 733.0, 752.0, 730.0, 752.0, 1261.0, 1251.0, 1236.0, 1278.0],
      "WindowWidth": [2498.0, 1525.0, 1527.0, 1509.0, 1584.0, 1622.0, 1620.0, 1592.0, 1508.0, 1544.0, 1575.0, 1606.0, 1496.0, 1519.0, 1570.0, 1546.0, 1509.0, 1553.0, 1532.0, 1503.0, 1502.0, 1499.0, 1587.0, 1602.0, 1618.0, 1583.0, 1535.0, 1565.0, 1617.0, 1547.0, 1605.0, 2519.0, 2507.0, 2490.0, 2542.0]
    },
    "slices": {}
  }
}