{
  "AcquisitionMatrixPE": 256,
  "AcquisitionNumber": 1,
  "AcquisitionTime": "14:51:50.037500",
  "BaseResolution": 256,
  "BodyPartExamined": "CSPINE",
  "CoilCombinationMethod": "Adaptive Combine",
  "ConsistencyInfo": "N4_VE11C_LATEST_20160120",
  "ConversionSoftware": "dcm2niix",
  "ConversionSoftwareVersion": "v1.0.20211006",
  "DeviceSerialNumber": "167006",
  "DwellTime": 7.5e-06,
  "EchoTime": 0.00313,
  "FlipAngle": 9,
  "HeudiconvVersion": "0.5.3.post569+g418601f",
  "ImageOrientationPatientDICOM": [1, 0, 0, 0, 0.993961, -0.109734],
  "ImageOrientationText": "Tra>Cor(-6.3)",
  "ImageType": [
    "ORIGINAL",
    "PRIMARY",
    "M",
    "DIS2D"
],
  "ImagingFrequency": 123.259,
  "InPlanePhaseEncodingDirectionDICOM": "COL",
  "InstitutionAddress": "Chemin Queen-Mary 4565,Montreal,District,CA,H3W 1W5",
  "InstitutionName": "IUGM",
  "InstitutionalDepartmentName": "Department",
  "MRAcquisitionType": "3D",
  "MagneticFieldStrength": 3,
  "Manufacturer": "Siemens",
  "ManufacturersModelName": "Prisma_fit",
  "MatrixCoilMode": "GRAPPA",
  "Modality": "MR",
  "ParallelReductionFactorInPlane": 2,
  "PartialFourier": 1,
  "PatientPosition": "HFS",
  "PercentPhaseFOV": 100,
  "PercentSampling": 100,
  "PhaseEncodingSteps": 255,
  "PhaseResolution": 1,
  "PixelBandwidth": 260,
  "ProcedureStepDescription": "anat^generic",
  "ProtocolName": "GRE-MT0",
  "PulseSequenceDetails": "%SiemensSeq%\\gre",
  "ReceiveCoilActiveElements": "HC7;NC1,2",
  "ReceiveCoilName": "HeadNeck_64",
  "ReconMatrixPE": 256,
  "RefLinesPE": 32,
  "RepetitionTime": 0.035,
  "SAR": 0.00540383,
  "ScanningSequence": "GR",
  "SequenceName": "*fl3d1",
  "SequenceVariant": "SP",
  "SeriesDescription": "GRE-MT0",
  "SeriesNumber": 35,
  "ShimSetting": [656, -7351, -9270, -1112, 258, 1688, -442, -163],
  "SliceThickness": 5,
  "SoftwareVersions": "syngo MR E11",
  "StationName": "MRC35049",
  "TxRefAmp": 291.716,
  "dcmmeta_affine": [
    [0.8984375, 0.0, 0.0, -114.59504699707031],
    [0.0, 0.8930118083953857, -0.548671543598175, -88.19174194335938],
    [0.0, 0.09858942031860352, 4.969804763793945, -200.3103485107422],
    [0.0, 0.0, 0.0, 1.0]
],
  "dcmmeta_reorient_transform": [
    [0.0, -1.0, 0.0, 255.0],
    [-1.0, 0.0, 0.0, 255.0],
    [0.0, 0.0, -1.0, 21.0],
    [0.0, 0.0, 0.0, 1.0]
],
  "dcmmeta_shape": [256, 256, 22],
  "dcmmeta_slice_dim": 2,
  "dcmmeta_version": 0.6,
  "global": {
    "const": {
      "AcquisitionMatrix": [256, 0, 0, 256],
      "AcquisitionNumber": 1,
      "AcquisitionTime": "145150.037500",
      "AngioFlag": "N",
      "BitsAllocated": 16,
      "BitsStored": 12,
      "BodyPartExamined": "CSPINE",
      "Columns": 256,
      "EchoNumbers": 1,
      "EchoTime": 3.13,
      "EchoTrainLength": 1,
      "FlipAngle": 9.0,
      "HighBit": 11,
      "ImageOrientationPatient": [1.0, 0.0, 0.0, 0.0, 0.99396095521985, -0.1097343132226],
      "ImageType": [
        "ORIGINAL",
        "PRIMARY",
        "M",
        "DIS2D"
],
      "ImagedNucleus": "1H",
      "ImagingFrequency": 123.258823,
      "InPlanePhaseEncodingDirection": "COL",
      "LargestImagePixelValue": 4095,
      "MRAcquisitionType": "3D",
      "MagneticFieldStrength": 3.0,
      "Manufacturer": "SIEMENS",
      "ManufacturerModelName": "Prisma_fit",
      "Modality": "MR",
      "NumberOfAverages": 1.0,
      "NumberOfPhaseEncodingSteps": 255,
      "PercentPhaseFieldOfView": 100.0,
      "PercentSampling": 100.0,
      "PerformedProcedureStepStartTime": "133733.263000",
      "PhotometricInterpretation": "MONOCHROME2",
      "PixelBandwidth": 260.0,
      "PixelRepresentation": 0,
      "PixelSpacing": [0.8984375, 0.8984375],
      "ProtocolName": "GRE-MT0",
      "RepetitionTime": 35.0,
      "Rows": 256,
      "SAR": 0.00540383106881,
      "SamplesPerPixel": 1,
      "ScanningSequence": "GR",
      "SequenceName": "*fl3d1",
      "SequenceVariant": "SP",
      "SeriesDescription": "GRE-MT0",
      "SeriesNumber": 35,
      "SeriesTime": "145402.895000",
      "SliceThickness": 5.0,
      "SmallestImagePixelValue": 0,
      "SoftwareVersions": "syngo MR E11",
      "SpecificCharacterSet": "ISO_IR 100",
      "StudyID": "1",
      "StudyTime": "133733.196000",
      "TransmitCoilName": "Body",
      "VariableFlipAngleFlag": "N",
      "WindowCenterWidthExplanation": "Algo1",
      "dBdt": 0.0},
    "slices": {
      "ContentTime": ["145402.898000", "145402.901000", "145402.903000", "145402.905000", "145402.907000", "145402.910000", "145402.912000", "145402.914000", "145402.916000", "145402.918000", "145402.920000", "145402.922000", "145402.924000", "145402.926000", "145402.928000", "145402.930000", "145402.932000", "145402.934000", "145402.936000", "145402.938000", "145402.940000", "145402.949000"],
      "CsaImage.Actual3DImaPartNumber": [0, 1, 2, 3, 4, 5, 6, 7, 8, 9, 10, 11, 12, 13, 14, 15, 16, 17, 18, 19, 20, 21],
      "CsaImage.ICE_Dims": [
        "X_1_1_1_1_1_1_1_1_1_1_1_161",
        "X_1_1_1_1_1_2_1_1_1_1_1_161",
        "X_1_1_1_1_1_3_1_1_1_1_1_161",
        "X_1_1_1_1_1_4_1_1_1_1_1_161",
        "X_1_1_1_1_1_5_1_1_1_1_1_161",
        "X_1_1_1_1_1_6_1_1_1_1_1_161",
        "X_1_1_1_1_1_7_1_1_1_1_1_161",
        "X_1_1_1_1_1_8_1_1_1_1_1_161",
        "X_1_1_1_1_1_9_1_1_1_1_1_161",
        "X_1_1_1_1_1_10_1_1_1_1_1_161",
        "X_1_1_1_1_1_11_1_1_1_1_1_161",
        "X_1_1_1_1_1_12_1_1_1_1_1_161",
        "X_1_1_1_1_1_13_1_1_1_1_1_161",
        "X_1_1_1_1_1_14_1_1_1_1_1_161",
        "X_1_1_1_1_1_15_1_1_1_1_1_161",
        "X_1_1_1_1_1_16_1_1_1_1_1_161",
        "X_1_1_1_1_1_17_1_1_1_1_1_161",
        "X_1_1_1_1_1_18_1_1_1_1_1_161",
        "X_1_1_1_1_1_19_1_1_1_1_1_161",
        "X_1_1_1_1_1_20_1_1_1_1_1_161",
        "X_1_1_1_1_1_21_1_1_1_1_1_161",
        "X_1_1_1_1_1_22_1_1_1_1_1_161"
],
      "CsaImage.SlicePosition_PCS": [
        [-114.50651398, -139.52626855, -39.17004984],
        [-114.50651398, -138.97759699, -34.20024507],
        [-114.50651398, -138.42892542, -29.23044029],
        [-114.50651398, -137.88025386, -24.26063552],
        [-114.50651398, -137.33158229, -19.29083074],
        [-114.50651398, -136.78291072, -14.32102596],
        [-114.50651398, -136.23423916, -9.35122119],
        [-114.50651398, -135.68556759, -4.38141641],
        [-114.50651398, -135.13689603, 0.58838836],
        [-114.50651398, -134.58822446, 5.55819314],
        [-114.50651398, -134.03955289, 10.52799792],
        [-114.50651398, -133.49088133, 15.49780269],
        [-114.50651398, -132.94220976, 20.46760747],
        [-114.50651398, -132.3935382, 25.43741224],
        [-114.50651398, -131.84486663, 30.40721702],
        [-114.50651398, -131.29619506, 35.3770218],
        [-114.50651398, -130.7475235, 40.34682657],
        [-114.50651398, -130.19885193, 45.31663135],
        [-114.50651398, -129.65018036, 50.28643612],
        [-114.50651398, -129.1015088, 55.2562409],
        [-114.50651398, -128.55283723, 60.22604568],
        [-114.50651398, -128.00416567, 65.19585045]
],
      "ImagePositionPatient": [
        [-114.50651398301, -139.5262685546, -175.17004984497],
        [-114.50651398301, -138.97759698849, -170.20024506887],
        [-114.50651398301, -138.42892542238, -165.23044029277],
        [-114.50651398301, -137.88025385626, -160.26063551667],
        [-114.50651398301, -137.33158229015, -155.29083074057],
        [-114.50651398301, -136.78291072404, -150.32102596447],
        [-114.50651398301, -136.23423915792, -145.35122118837],
        [-114.50651398301, -135.68556759181, -140.38141641227],
        [-114.50651398301, -135.1368960257, -135.41161163617],
        [-114.50651398301, -134.58822445958, -130.44180686007],
        [-114.50651398301, -134.03955289347, -125.47200208397],
        [-114.50651398301, -133.49088132736, -120.50219730787],
        [-114.50651398301, -132.94220976124, -115.53239253177],
        [-114.50651398301, -132.39353819513, -110.56258775567],
        [-114.50651398301, -131.84486662902, -105.59278297958],
        [-114.50651398301, -131.29619506291, -100.62297820348],
        [-114.50651398301, -130.74752349679, -95.653173427377],
        [-114.50651398301, -130.19885193068, -90.683368651278],
        [-114.50651398301, -129.65018036457, -85.713563875178],
        [-114.50651398301, -129.10150879845, -80.743759099079],
        [-114.50651398301, -128.55283723234, -75.77395432298],
        [-114.50651398301, -128.00416566623, -70.804149546881]
],
      "InstanceCreationTime": ["145402.898000", "145402.901000", "145402.903000", "145402.905000", "145402.907000", "145402.910000", "145402.912000", "145402.914000", "145402.916000", "145402.918000", "145402.920000", "145402.922000", "145402.924000", "145402.926000", "145402.928000", "145402.930000", "145402.932000", "145402.934000", "145402.936000", "145402.938000", "145402.940000", "145402.949000"],
      "InstanceNumber": [22, 21, 20, 19, 18, 17, 16, 15, 14, 13, 12, 11, 10, 9, 8, 7, 6, 5, 4, 3, 2, 1],
      "SliceLocation": [-189.42300932616, -184.42300932616, -179.42300932616, -174.42300932616, -169.42300932616, -164.42300932616, -159.42300932616, -154.42300932616, -149.42300932616, -144.42300932616, -139.42300932616, -134.42300932616, -129.42300932616, -124.42300932616, -119.42300932616, -114.42300932616, -109.42300932616, -104.42300932616, -99.423009326165, -94.423009326165, -89.423009326165, -84.423009326165],
      "WindowCenter": [824.0, 1521.0, 2078.0, 1952.0, 1775.0, 1881.0, 1708.0, 1919.0, 2120.0, 2155.0, 2268.0, 2198.0, 2052.0, 2121.0, 2512.0, 2795.0, 2979.0, 3098.0, 2576.0, 1322.0, 1591.0, 1053.0],
      "WindowWidth": [1821.0, 2979.0, 3673.0, 3985.0, 4049.0, 4043.0, 4036.0, 4001.0, 3985.0, 4040.0, 4025.0, 4025.0, 4095.0, 4095.0, 4095.0, 4095.0, 4095.0, 4095.0, 4095.0, 4095.0, 3454.0, 2325.0]
    }
  }
}