{
  "AcquisitionMatrixPE": 110,
  "AcquisitionNumber": 1,
  "AcquisitionTime": "16:08:28.182500",
  "BandwidthPerPixelPhaseEncode": 12.987,
  "BaseResolution": 110,
  "BodyPartExamined": "BRAIN",
  "ConsistencyInfo": "N4_VE11C_LATEST_20160120",
  "ConversionSoftware": "dcm2niix",
  "ConversionSoftwareVersion": "v1.0.20200427",
  "DerivedVendorReportedEchoSpacing": 0.000700001,
  "DeviceSerialNumber": "167006",
  "DwellTime": 2.7e-06,
  "EchoTime": 0.0816,
  "EchoTrainLength": 83,
  "EffectiveEchoSpacing": 0.000700001,
  "FlipAngle": 78,
  "ImageComments": "Single-band_reference_SENSE1",
  "ImageOrientationPatientDICOM": [1, 0, 0, 0, 0.978148, -0.207912],
  "ImageType": [
    "ORIGINAL",
    "PRIMARY",
    "M",
    "ND",
    "MOSAIC"
],
  "ImagingFrequency": 123.259,
  "InPlanePhaseEncodingDirectionDICOM": "COL",
  "InstitutionAddress": "Chemin_Queen-Mary_4565_Montreal_District_CA_H3W_1W5",
  "InstitutionName": "IUGM",
  "InstitutionalDepartmentName": "Department",
  "MRAcquisitionType": "2D",
  "MagneticFieldStrength": 3,
  "Manufacturer": "Siemens",
  "ManufacturersModelName": "Prisma_fit",
  "Modality": "MR",
  "PartialFourier": 0.75,
  "PatientPosition": "HFS",
  "PercentPhaseFOV": 100,
  "PercentSampling": 100,
  "PhaseEncodingDirection": "j",
  "PhaseEncodingSteps": 83,
  "PhaseResolution": 1,
  "PixelBandwidth": 1685,
  "ProcedureStepDescription": "anat_generic",
  "ProtocolName": "dMRI_dir98_PA_test_cmrr",
  "PulseSequenceDetails": "%CustomerSeq%_cmrr_mbep2d_diff",
  "ReceiveCoilActiveElements": "HC1-6",
  "ReceiveCoilName": "HeadNeck_64",
  "ReconMatrixPE": 110,
  "RepetitionTime": 2.334,
  "SAR": 0.141064,
  "ScanOptions": "PFP_EXT",
  "ScanningSequence": "EP",
  "SequenceName": "epse2d1_110",
  "SequenceVariant": "SK_SS",
  "SeriesDescription": "dMRI_dir98_PA_test_cmrr_SBRef",
  "SeriesNumber": 10,
  "ShimSetting": [637, -7201, -8841, 642, 75, 28, 28, -19],
  "SliceThickness": 2,
  "SliceTiming": [0, 0.1225, 0.245, 0.365, 0.4875, 0.61, 0.73, 0.8525, 0.975, 1.0975, 1.2175, 1.34, 1.4625, 1.5825, 1.705, 1.8275, 1.95, 2.07, 2.1925, 2.315, 2.435, 2.5575, 2.68, 2.8025, 2.9225, 3.045, 3.1675, 3.2875, 3.41, 3.5325, 3.6525, 3.775, 3.8975, 4.02, 4.14, 4.2625, 4.385, 4.505, 4.6275, 4.75, 4.8725, 4.9925, 5.115, 5.2375, 5.3575, 5.48, 5.6025, 5.725, 5.845, 5.9675, 6.09, 6.21, 6.3325, 6.455, 6.5775, 6.6975, 6.82],
  "SoftwareVersions": "syngo_MR_E11",
  "SpacingBetweenSlices": 2,
  "StationName": "MRC35049",
  "TotalReadoutTime": 0.0763001,
  "TxRefAmp": 245.4,
  "WipMemBlock": "958fb197-be4c-41b6-ae72-129bb8de6cf8||Sequence: R016 ve11c/master r/e634e98; Dec 19 2017 11:11:25 by eja"
}