{
  "AcquisitionMatrixPE": 110,
  "AcquisitionNumber": 1,
  "AcquisitionTime": "16:04:30.852500",
  "BandwidthPerPixelPhaseEncode": 12.987,
  "BaseResolution": 110,
  "BodyPartExamined": "BRAIN",
  "ConsistencyInfo": "N4_VE11C_LATEST_20160120",
  "ConversionSoftware": "dcm2niix",
  "ConversionSoftwareVersion": "v1.0.20200427",
  "DerivedVendorReportedEchoSpacing": 0.000700001,
  "DeviceSerialNumber": "167006",
  "DiffusionScheme": "Monopolar",
  "DwellTime": 2.7e-06,
  "EchoTime": 0.0816,
  "EchoTrainLength": 83,
  "EffectiveEchoSpacing": 0.000700001,
  "FlipAngle": 78,
  "ImageComments": "Unaliased_MB3_PE3_LB_SENSE1",
  "ImageOrientationPatientDICOM": [1, 0, 0, 0, 0.978148, -0.207912],
  "ImageType": [
    "ORIGINAL",
    "PRIMARY",
    "DIFFUSION",
    "NONE",
    "MB",
    "ND",
    "MOSAIC"
],
  "ImagingFrequency": 123.259,
  "InPlanePhaseEncodingDirectionDICOM": "COL",
  "InstitutionAddress": "Chemin_Queen-Mary_4565_Montreal_District_CA_H3W_1W5",
  "InstitutionName": "IUGM",
  "InstitutionalDepartmentName": "Department",
  "MRAcquisitionType": "2D",
  "MagneticFieldStrength": 3,
  "Manufacturer": "Siemens",
  "ManufacturersModelName": "Prisma_fit",
  "Modality": "MR",
  "MultibandAccelerationFactor": 3,
  "PartialFourier": 0.75,
  "PatientPosition": "HFS",
  "PercentPhaseFOV": 100,
  "PercentSampling": 100,
  "PhaseEncodingDirection": "j-",
  "PhaseEncodingSteps": 83,
  "PhaseResolution": 1,
  "PixelBandwidth": 1685,
  "ProcedureStepDescription": "anat_generic",
  "ProtocolName": "dMRI_dir98_AP_test_cmrr",
  "PulseSequenceDetails": "%CustomerSeq%_cmrr_mbep2d_diff",
  "ReceiveCoilActiveElements": "HC1-6",
  "ReceiveCoilName": "HeadNeck_64",
  "ReconMatrixPE": 110,
  "RepetitionTime": 2.334,
  "SAR": 0.141064,
  "ScanOptions": "PFP_EXT",
  "ScanningSequence": "EP",
  "SequenceName": "ep_b5#1",
  "SequenceVariant": "SK_SS",
  "SeriesDescription": "dMRI_dir98_AP_test_cmrr",
  "SeriesNumber": 7,
  "ShimSetting": [637, -7201, -8841, 642, 75, 28, 28, -19],
  "SliceThickness": 2,
  "SliceTiming": [0, 1.2175, 0.1225, 1.34, 0.2425, 1.4625, 0.365, 1.5825, 0.4875, 1.705, 0.61, 1.8275, 0.73, 1.9475, 0.8525, 2.07, 0.975, 2.1925, 1.095, 0, 1.2175, 0.1225, 1.34, 0.2425, 1.4625, 0.365, 1.5825, 0.4875, 1.705, 0.61, 1.8275, 0.73, 1.9475, 0.8525, 2.07, 0.975, 2.1925, 1.095, 0, 1.2175, 0.1225, 1.34, 0.2425, 1.4625, 0.365, 1.5825, 0.4875, 1.705, 0.61, 1.8275, 0.73, 1.9475, 0.8525, 2.07, 0.975, 2.1925, 1.095],
  "SoftwareVersions": "syngo_MR_E11",
  "SpacingBetweenSlices": 2,
  "StationName": "MRC35049",
  "TotalReadoutTime": 0.0763001,
  "TxRefAmp": 245.4,
  "WipMemBlock": "5c58665a-6d00-4270-8b96-996f65b1012d||Sequence: R016 ve11c/master r/e634e98; Dec 19 2017 11:11:25 by eja"
}