{
  "AcquisitionMatrixPE": 256,
  "AcquisitionNumber": 1,
  "AcquisitionTime": "10:32:37.960000",
  "BaseResolution": 256,
  "BodyPartExamined": "CSPINE",
  "CoilCombinationMethod": "Adaptive Combine",
  "ConsistencyInfo": "N4_VE11C_LATEST_20160120",
  "ConversionSoftware": "dcm2niix",
  "ConversionSoftwareVersion": "v1.0.20211006",
  "DeviceSerialNumber": "167006",
  "DwellTime": 7.5e-06,
  "EchoTime": 0.00313,
  "FlipAngle": 9,
  "HeudiconvVersion": "0.5.3.post569+g418601f",
  "ImageOrientationPatientDICOM": [0.999126, -0.00262645, 0.0417104, -4.78713e-08, 0.998023, 0.0628454],
  "ImageOrientationText": "Tra>Cor(3.6)>Sag(2.4)",
  "ImageType": [
    "ORIGINAL",
    "PRIMARY",
    "M",
    "DIS2D"
],
  "ImagingFrequency": 123.259,
  "InPlanePhaseEncodingDirectionDICOM": "COL",
  "InstitutionAddress": "Chemin Queen-Mary 4565,Montreal,District,CA,H3W 1W5",
  "InstitutionName": "IUGM",
  "InstitutionalDepartmentName": "Department",
  "MRAcquisitionType": "3D",
  "MagneticFieldStrength": 3,
  "Manufacturer": "Siemens",
  "ManufacturersModelName": "Prisma_fit",
  "MatrixCoilMode": "GRAPPA",
  "Modality": "MR",
  "ParallelReductionFactorInPlane": 2,
  "PartialFourier": 1,
  "PatientPosition": "HFS",
  "PercentPhaseFOV": 100,
  "PercentSampling": 100,
  "PhaseEncodingSteps": 255,
  "PhaseResolution": 1,
  "PixelBandwidth": 260,
  "ProcedureStepDescription": "anat^generic",
  "ProtocolName": "GRE-MT0",
  "PulseSequenceDetails": "%SiemensSeq%\\gre",
  "ReceiveCoilActiveElements": "HC5-7;NC1,2",
  "ReceiveCoilName": "HeadNeck_64",
  "ReconMatrixPE": 256,
  "RefLinesPE": 32,
  "RepetitionTime": 0.035,
  "SAR": 0.00650751,
  "ScanningSequence": "GR",
  "SequenceName": "*fl3d1",
  "SequenceVariant": "SP",
  "SeriesDescription": "GRE-MT0",
  "SeriesNumber": 34,
  "ShimSetting": [574, -7300, -9070, -1021, -116, 2099, 41, -154],
  "SliceThickness": 5,
  "SoftwareVersions": "syngo MR E11",
  "StationName": "MRC35049",
  "TxRefAmp": 317.973,
  "dcmmeta_affine": [
    [0.8976525068283081, -4.300934008938384e-08, 0.20896509289741516, -123.95191192626953],
    [-0.0023597031831741333, 0.8966615200042725, 0.31395259499549866, -114.89421081542969],
    [-0.037474196404218674, -0.05646268650889397, 4.9857563972473145, -145.8142547607422],
    [0.0, 0.0, 0.0, 1.0]
],
  "dcmmeta_reorient_transform": [
    [0.0, -1.0, 0.0, 255.0],
    [-1.0, 0.0, 0.0, 255.0],
    [0.0, 0.0, -1.0, 21.0],
    [0.0, 0.0, 0.0, 1.0]
],
  "dcmmeta_shape": [256, 256, 22],
  "dcmmeta_slice_dim": 2,
  "dcmmeta_version": 0.6,
  "global": {
    "const": {
      "AcquisitionMatrix": [256, 0, 0, 256],
      "AcquisitionNumber": 1,
      "AcquisitionTime": "103237.960000",
      "AngioFlag": "N",
      "BitsAllocated": 16,
      "BitsStored": 12,
      "BodyPartExamined": "CSPINE",
      "Columns": 256,
      "EchoNumbers": 1,
      "EchoTime": 3.13,
      "EchoTrainLength": 1,
      "FlipAngle": 9.0,
      "HighBit": 11,
      "ImageOrientationPatient": [0.99912629011405, -0.0026264522794, 0.04171040818993, -4.7871266e-08, 0.99802327255417, 0.06284542497477],
      "ImageType": [
        "ORIGINAL",
        "PRIMARY",
        "M",
        "DIS2D"
],
      "ImagedNucleus": "1H",
      "ImagingFrequency": 123.258707,
      "InPlanePhaseEncodingDirection": "COL",
      "LargestImagePixelValue": 4095,
      "MRAcquisitionType": "3D",
      "MagneticFieldStrength": 3.0,
      "Manufacturer": "SIEMENS",
      "ManufacturerModelName": "Prisma_fit",
      "Modality": "MR",
      "NumberOfAverages": 1.0,
      "NumberOfPhaseEncodingSteps": 255,
      "PercentPhaseFieldOfView": 100.0,
      "PercentSampling": 100.0,
      "PerformedProcedureStepStartTime": "092639.133000",
      "PhotometricInterpretation": "MONOCHROME2",
      "PixelBandwidth": 260.0,
      "PixelRepresentation": 0,
      "PixelSpacing": [0.8984375, 0.8984375],
      "ProtocolName": "GRE-MT0",
      "RepetitionTime": 35.0,
      "Rows": 256,
      "SAR": 0.00650751418581,
      "SamplesPerPixel": 1,
      "ScanningSequence": "GR",
      "SequenceName": "*fl3d1",
      "SequenceVariant": "SP",
      "SeriesDescription": "GRE-MT0",
      "SeriesNumber": 34,
      "SeriesTime": "103452.619000",
      "SliceThickness": 5.0,
      "SmallestImagePixelValue": 0,
      "SoftwareVersions": "syngo MR E11",
      "SpecificCharacterSet": "ISO_IR 100",
      "StudyID": "2",
      "StudyTime": "092639.093000",
      "TransmitCoilName": "Body",
      "VariableFlipAngleFlag": "N",
      "WindowCenterWidthExplanation": "Algo1",
      "dBdt": 0.0},
    "slices": {
      "ContentTime": ["103452.622000", "103452.625000", "103452.633000", "103452.635000", "103452.637000", "103452.639000", "103452.641000", "103452.643000", "103452.645000", "103452.647000", "103452.649000", "103452.651000", "103452.653000", "103452.655000", "103452.657000", "103452.659000", "103452.661000", "103452.663000", "103452.665000", "103452.667000", "103452.669000", "103452.673000"],
      "CsaImage.Actual3DImaPartNumber": [0, 1, 2, 3, 4, 5, 6, 7, 8, 9, 10, 11, 12, 13, 14, 15, 16, 17, 18, 19, 20, 21],
      "CsaImage.ICE_Dims": [
        "X_1_1_1_1_1_1_1_1_1_1_1_96",
        "X_1_1_1_1_1_2_1_1_1_1_1_96",
        "X_1_1_1_1_1_3_1_1_1_1_1_96",
        "X_1_1_1_1_1_4_1_1_1_1_1_96",
        "X_1_1_1_1_1_5_1_1_1_1_1_96",
        "X_1_1_1_1_1_6_1_1_1_1_1_96",
        "X_1_1_1_1_1_7_1_1_1_1_1_96",
        "X_1_1_1_1_1_8_1_1_1_1_1_96",
        "X_1_1_1_1_1_9_1_1_1_1_1_96",
        "X_1_1_1_1_1_10_1_1_1_1_1_96",
        "X_1_1_1_1_1_11_1_1_1_1_1_96",
        "X_1_1_1_1_1_12_1_1_1_1_1_96",
        "X_1_1_1_1_1_13_1_1_1_1_1_96",
        "X_1_1_1_1_1_14_1_1_1_1_1_96",
        "X_1_1_1_1_1_15_1_1_1_1_1_96",
        "X_1_1_1_1_1_16_1_1_1_1_1_96",
        "X_1_1_1_1_1_17_1_1_1_1_1_96",
        "X_1_1_1_1_1_18_1_1_1_1_1_96",
        "X_1_1_1_1_1_19_1_1_1_1_1_96",
        "X_1_1_1_1_1_20_1_1_1_1_1_96",
        "X_1_1_1_1_1_21_1_1_1_1_1_96",
        "X_1_1_1_1_1_22_1_1_1_1_1_96"
],
      "CsaImage.SlicePosition_PCS": [
        [-104.94947303, -113.15275337, -64.76815949],
        [-105.15843812, -113.46670596, -59.78240304],
        [-105.36740322, -113.78065855, -54.79664659],
        [-105.57636831, -114.09461114, -49.81089014],
        [-105.7853334, -114.40856373, -44.82513369],
        [-105.9942985, -114.72251632, -39.83937725],
        [-106.20326359, -115.03646891, -34.8536208],
        [-106.41222868, -115.35042151, -29.86786435],
        [-106.62119378, -115.6643741, -24.8821079],
        [-106.83015887, -115.97832669, -19.89635145],
        [-107.03912396, -116.29227928, -14.91059501],
        [-107.24808905, -116.60623187, -9.92483856],
        [-107.45705415, -116.92018446, -4.93908211],
        [-107.66601924, -117.23413705, 0.04667434],
        [-107.87498433, -117.54808965, 5.03243079],
        [-108.08394943, -117.86204224, 10.01818724],
        [-108.29291452, -118.17599483, 15.00394368],
        [-108.50187961, -118.48994742, 19.98970013],
        [-108.7108447, -118.80390001, 24.97545658],
        [-108.9198098, -119.1178526, 29.96121303],
        [-109.12877489, -119.4318052, 34.94696948],
        [-109.33773998, -119.74575779, 39.93272592]
],
      "ImagePositionPatient": [
        [-104.94947303164, -113.15275336515, -169.76815948655],
        [-105.1584381246, -113.46670595666, -164.78240303841],
        [-105.36740321755, -113.78065854817, -159.79664659027],
        [-105.57636831051, -114.09461113968, -154.81089014212],
        [-105.78533340346, -114.4085637312, -149.82513369398],
        [-105.99429849642, -114.72251632271, -144.83937724583],
        [-106.20326358937, -115.03646891422, -139.85362079769],
        [-106.41222868233, -115.35042150573, -134.86786434955],
        [-106.62119377528, -115.66437409725, -129.8821079014],
        [-106.83015886824, -115.97832668876, -124.89635145326],
        [-107.03912396119, -116.29227928027, -119.91059500511],
        [-107.24808905415, -116.60623187178, -114.92483855697],
        [-107.4570541471, -116.92018446329, -109.93908210883],
        [-107.66601924006, -117.23413705481, -104.95332566068],
        [-107.87498433301, -117.54808964632, -99.967569212539],
        [-108.08394942597, -117.86204223783, -94.981812764395],
        [-108.29291451892, -118.17599482934, -89.996056316251],
        [-108.50187961188, -118.48994742085, -85.010299868107],
        [-108.71084470483, -118.80390001237, -80.024543419963],
        [-108.91980979779, -119.11785260388, -75.038786971819],
        [-109.12877489074, -119.43180519539, -70.053030523675],
        [-109.3377399837, -119.7457577869, -65.067274075531]
],
      "InstanceCreationTime": ["103452.622000", "103452.625000", "103452.633000", "103452.635000", "103452.637000", "103452.639000", "103452.641000", "103452.643000", "103452.645000", "103452.647000", "103452.649000", "103452.651000", "103452.653000", "103452.655000", "103452.657000", "103452.659000", "103452.661000", "103452.663000", "103452.665000", "103452.667000", "103452.669000", "103452.673000"],
      "InstanceNumber": [22, 21, 20, 19, 18, 17, 16, 15, 14, 13, 12, 11, 10, 9, 8, 7, 6, 5, 4, 3, 2, 1],
      "SliceLocation": [-157.79346386126, -152.79346386126, -147.79346386126, -142.79346386126, -137.79346386126, -132.79346386126, -127.79346386126, -122.79346386126, -117.79346386126, -112.79346386126, -107.79346386126, -102.79346386126, -97.793463861259, -92.793463861259, -87.793463861259, -82.793463861259, -77.793463861259, -72.793463861259, -67.793463861259, -62.793463861259, -57.793463861259, -52.793463861259],
      "WindowCenter": [940.0, 1148.0, 1150.0, 1044.0, 895.0, 681.0, 434.0, 292.0, 257.0, 247.0, 727.0, 1159.0, 1526.0, 1643.0, 1810.0, 2090.0, 2299.0, 2447.0, 2130.0, 1616.0, 1303.0, 805.0],
      "WindowWidth": [2328.0, 2742.0, 2889.0, 3163.0, 3416.0, 3611.0, 3765.0, 3877.0, 3978.0, 4084.0, 4095.0, 4095.0, 4095.0, 4095.0, 4095.0, 4095.0, 4095.0, 4095.0, 4095.0, 3832.0, 2873.0, 1831.0]
    }
  }
}