{
  "AcquisitionMatrixPE": 448,
  "AcquisitionNumber": 1,
  "AcquisitionTime": "10:35:57.127500",
  "BaseResolution": 448,
  "BodyPartExamined": "CSPINE",
  "CoilCombinationMethod": "Adaptive Combine",
  "ConsistencyInfo": "N4_VE11C_LATEST_20160120",
  "ConversionSoftware": "dcm2niix",
  "ConversionSoftwareVersion": "v1.0.20211006",
  "DeviceSerialNumber": "167006",
  "DwellTime": 4.3e-06,
  "EchoTime": 0.014,
  "EchoTrainLength": 3,
  "FlipAngle": 30,
  "HeudiconvVersion": "0.5.3.post569+g418601f",
  "ImageOrientationPatientDICOM": [0.999126, -0.00262645, 0.0417104, -4.78713e-08, 0.998023, 0.0628454],
  "ImageOrientationText": "Tra>Cor(3.6)>Sag(2.4)",
  "ImageType": [
    "ORIGINAL",
    "PRIMARY",
    "M",
    "NORM",
    "DIS2D"
],
  "ImagingFrequency": 123.259,
  "InPlanePhaseEncodingDirectionDICOM": "COL",
  "InstitutionAddress": "Chemin Queen-Mary 4565,Montreal,District,CA,H3W 1W5",
  "InstitutionName": "IUGM",
  "InstitutionalDepartmentName": "Department",
  "MRAcquisitionType": "2D",
  "MagneticFieldStrength": 3,
  "Manufacturer": "Siemens",
  "ManufacturersModelName": "Prisma_fit",
  "MatrixCoilMode": "GRAPPA",
  "Modality": "MR",
  "NumberOfAverages": 2,
  "ParallelReductionFactorInPlane": 2,
  "PartialFourier": 1,
  "PatientPosition": "HFS",
  "PercentPhaseFOV": 100,
  "PercentSampling": 100,
  "PhaseEncodingDirection": "j-",
  "PhaseEncodingSteps": 447,
  "PhaseResolution": 1,
  "PixelBandwidth": 260,
  "ProcedureStepDescription": "anat^generic",
  "ProtocolName": "GRE-ME",
  "PulseSequenceDetails": "%SiemensSeq%\\medic",
  "ReceiveCoilActiveElements": "HC7;NC1,2",
  "ReceiveCoilName": "HeadNeck_64",
  "ReconMatrixPE": 448,
  "RefLinesPE": 24,
  "RepetitionTime": 0.6,
  "SAR": 0.275338,
  "ScanOptions": "SAT1",
  "ScanningSequence": "GR",
  "SequenceName": "*me2d1r3",
  "SequenceVariant": "SP",
  "SeriesDescription": "GRE-ME",
  "SeriesNumber": 36,
  "ShimSetting": [546, -7392, -9042, -2206, -351, 1783, 0, 220],
  "SliceThickness": 5,
  "SliceTiming": [0, 0.32031, 0.04688, 0.36719, 0.08594, 0.40625, 0.125, 0.44531, 0.16406, 0.48438, 0.20312, 0.52344, 0.24219, 0.5625, 0.28125],
  "SoftwareVersions": "syngo MR E11",
  "SpacingBetweenSlices": 5,
  "StationName": "MRC35049",
  "TxRefAmp": 317.973,
  "dcmmeta_affine": [
    [-0.49956315755844116, -2.3935632142979557e-08, 0.20896482467651367, 102.68348693847656],
    [0.0013132261810824275, 0.4990116357803345, 0.3139526844024658, -111.79280853271484],
    [0.02085520327091217, -0.03142271190881729, 4.985757827758789, -137.95840454101562],
    [0.0, 0.0, 0.0, 1.0]
],
  "dcmmeta_reorient_transform": [
    [0.0, -1.0, 0.0, 447.0],
    [1.0, 0.0, 0.0, 0.0],
    [0.0, 0.0, -1.0, 14.0],
    [0.0, 0.0, 0.0, 1.0]
],
  "dcmmeta_shape": [448, 448, 15],
  "dcmmeta_slice_dim": 2,
  "dcmmeta_version": 0.6,
  "global": {
    "const": {
      "AcquisitionMatrix": [448, 0, 0, 448],
      "AcquisitionNumber": 1,
      "AngioFlag": "N",
      "BitsAllocated": 16,
      "BitsStored": 12,
      "BodyPartExamined": "CSPINE",
      "Columns": 448,
      "EchoNumbers": 1,
      "EchoTime": 14.0,
      "EchoTrainLength": 3,
      "FlipAngle": 30.0,
      "HighBit": 11,
      "ImageOrientationPatient": [0.99912629011405, -0.0026264522794, 0.04171040818993, -4.7871266e-08, 0.99802327255417, 0.06284542497477],
      "ImageType": [
        "ORIGINAL",
        "PRIMARY",
        "M",
        "NORM",
        "DIS2D"
],
      "ImagedNucleus": "1H",
      "ImagingFrequency": 123.258691,
      "InPlanePhaseEncodingDirection": "COL",
      "MRAcquisitionType": "2D",
      "MagneticFieldStrength": 3.0,
      "Manufacturer": "SIEMENS",
      "ManufacturerModelName": "Prisma_fit",
      "Modality": "MR",
      "NumberOfAverages": 2.0,
      "NumberOfPhaseEncodingSteps": 447,
      "PercentPhaseFieldOfView": 100.0,
      "PercentSampling": 100.0,
      "PerformedProcedureStepStartTime": "092639.133000",
      "PhotometricInterpretation": "MONOCHROME2",
      "PixelBandwidth": 260.0,
      "PixelRepresentation": 0,
      "PixelSpacing": [0.5, 0.5],
      "ProtocolName": "GRE-ME",
      "RepetitionTime": 600.0,
      "Rows": 448,
      "SAR": 0.27533822629856,
      "SamplesPerPixel": 1,
      "ScanOptions": "SAT1",
      "ScanningSequence": "GR",
      "SequenceName": "*me2d1r3",
      "SequenceVariant": "SP",
      "SeriesDescription": "GRE-ME",
      "SeriesNumber": 36,
      "SeriesTime": "104044.167000",
      "SliceThickness": 5.0,
      "SmallestImagePixelValue": 0,
      "SoftwareVersions": "syngo MR E11",
      "SpacingBetweenSlices": 5.0,
      "SpecificCharacterSet": "ISO_IR 100",
      "StudyID": "2",
      "StudyTime": "092639.093000",
      "TransmitCoilName": "Body",
      "VariableFlipAngleFlag": "N",
      "WindowCenterWidthExplanation": "Algo1",
      "dBdt": 0.0},
    "slices": {
      "AcquisitionTime": ["103556.847500", "103557.167500", "103556.887500", "103557.207500", "103556.927500", "103557.247500", "103556.967500", "103557.287500", "103557.007500", "103557.327500", "103557.047500", "103557.367500", "103557.087500", "103557.407500", "103557.127500"],
      "ContentTime": ["104044.170000", "104044.193000", "104044.179000", "104044.195000", "104044.181000", "104044.197000", "104044.183000", "104044.199000", "104044.185000", "104044.201000", "104044.187000", "104044.203000", "104044.189000", "104044.205000", "104044.191000"],
      "CsaImage.ICE_Dims": [
        "X_1_1_1_1_1_1_1_1_1_15_1_99",
        "X_1_1_1_1_1_1_9_1_1_14_1_99",
        "X_1_1_1_1_1_1_2_1_1_13_1_99",
        "X_1_1_1_1_1_1_10_1_1_12_1_99",
        "X_1_1_1_1_1_1_3_1_1_11_1_99",
        "X_1_1_1_1_1_1_11_1_1_10_1_99",
        "X_1_1_1_1_1_1_4_1_1_9_1_99",
        "X_1_1_1_1_1_1_12_1_1_8_1_99",
        "X_1_1_1_1_1_1_5_1_1_7_1_99",
        "X_1_1_1_1_1_1_13_1_1_6_1_99",
        "X_1_1_1_1_1_1_6_1_1_5_1_99",
        "X_1_1_1_1_1_1_14_1_1_4_1_99",
        "X_1_1_1_1_1_1_7_1_1_3_1_99",
        "X_1_1_1_1_1_1_15_1_1_2_1_99",
        "X_1_1_1_1_1_1_8_1_1_1_1_99"
],
      "CsaImage.ProtocolSliceNumber": [0, 1, 2, 3, 4, 5, 6, 7, 8, 9, 10, 11, 12, 13, 14],
      "CsaImage.SlicePosition_PCS": [
        [-102.6834721, -111.26539691, -47.00434359],
        [-102.8924374, -111.5793495, -42.01858767],
        [-103.1014027, -111.89330211, -37.03283174],
        [-103.31036705, -112.20725468, -32.04707582],
        [-103.51933235, -112.5212073, -27.06131895],
        [-103.72829765, -112.83515987, -22.07556208],
        [-103.93726296, -113.14911243, -17.08980568],
        [-104.14622778, -113.46306512, -12.10404928],
        [-104.35519308, -113.7770178, -7.11829288],
        [-104.56415791, -114.09097025, -2.13253649],
        [-104.77312321, -114.40492293, 2.85322039],
        [-104.98208851, -114.71887538, 7.83897726],
        [-105.19105333, -115.03282806, 12.82473318],
        [-105.40001864, -115.34678074, 17.8104891],
        [-105.60898346, -115.66073343, 22.79624693]
],
      "ImagePositionPatient": [
        [-102.68347210086, -111.26539690553, -152.00434358544],
        [-102.89243740237, -111.57934950052, -147.01858766503],
        [-103.10140270388, -111.89330211042, -142.03283174462],
        [-103.31036705172, -112.20725467561, -137.04707582421],
        [-103.51933235324, -112.52120730041, -132.06131895013],
        [-103.72829765475, -112.83515986561, -127.07556207604],
        [-103.93726295627, -113.1491124308, -122.0898056788],
        [-104.14622778094, -113.4630651152, -117.10404928155],
        [-104.35519308246, -113.7770177996, -112.1182928843],
        [-104.56415790713, -114.09097024559, -107.13253648705],
        [-104.77312320865, -114.40492292999, -102.14677961297],
        [-104.98208851016, -114.71887537597, -97.161022738885],
        [-105.19105333484, -115.03282806038, -92.175266818475],
        [-105.40001863635, -115.34678074478, -87.189510898065],
        [-105.60898346103, -115.66073342918, -82.203753070306]
],
      "InstanceCreationTime": ["104044.170000", "104044.193000", "104044.179000", "104044.195000", "104044.181000", "104044.197000", "104044.183000", "104044.199000", "104044.185000", "104044.201000", "104044.187000", "104044.203000", "104044.189000", "104044.205000", "104044.191000"],
      "InstanceNumber": [15, 14, 13, 12, 11, 10, 9, 8, 7, 6, 5, 4, 3, 2, 1],
      "LargestImagePixelValue": [1152, 1187, 1264, 1244, 1311, 1269, 1253, 1197, 1191, 1193, 1390, 1117, 1270, 1172, 1220],
      "SliceLocation": [-140.29346303609, -135.29346355338, -130.29346406974, -125.29346462876, -120.29346419323, -115.29346376144, -110.29346380513, -105.29346386126, -100.29346389746, -95.293463968563, -90.293463529287, -85.293463104981, -80.293463636591, -75.293464148273, -70.293462777968],
      "WindowCenter": [408.0, 417.0, 440.0, 451.0, 465.0, 468.0, 476.0, 471.0, 494.0, 478.0, 466.0, 460.0, 463.0, 463.0, 473.0],
      "WindowWidth": [867.0, 883.0, 929.0, 951.0, 980.0, 991.0, 1006.0, 993.0, 1035.0, 1006.0, 983.0, 972.0, 976.0, 975.0, 1006.0]
    }
  }
}