{
  "AcquisitionMatrixPE": 36,
  "AcquisitionNumber": 1,
  "AcquisitionTime": "18:06:16.215000",
  "BandwidthPerPixelPhaseEncode": 29.551,
  "BaseResolution": 96,
  "BodyPartExamined": "CSPINE",
  "CoilCombinationMethod": "Adaptive Combine",
  "ConsistencyInfo": "N4_VE11C_LATEST_20160120",
  "ConversionSoftware": "dcm2niix",
  "ConversionSoftwareVersion": "v1.0.20211006",
  "DerivedVendorReportedEchoSpacing": 0.000939994,
  "DeviceSerialNumber": "167006",
  "DiffusionScheme": "Monopolar",
  "DwellTime": 4.1e-06,
  "EchoTime": 0.06,
  "EchoTrainLength": 31,
  "EffectiveEchoSpacing": 0.000939995,
  "FlipAngle": 90,
  "HeudiconvVersion": "0.5.3.post569+g418601f",
  "ImageOrientationPatientDICOM": [1, 0, 0, 0, 0.947768, 0.318959],
  "ImageOrientationText": "Tra>Cor(18.6)",
  "ImageType": [
    "ORIGINAL",
    "PRIMARY",
    "DIFFUSION",
    "NONE",
    "ND",
    "MOSAIC"
],
  "ImagingFrequency": 123.259,
  "InPlanePhaseEncodingDirectionDICOM": "COL",
  "InstitutionAddress": "Chemin Queen-Mary 4565,Montreal,District,CA,H3W 1W5",
  "InstitutionName": "IUGM",
  "InstitutionalDepartmentName": "Department",
  "MRAcquisitionType": "2D",
  "MagneticFieldStrength": 3,
  "Manufacturer": "Siemens",
  "ManufacturersModelName": "Prisma_fit",
  "MatrixCoilMode": "SENSE",
  "Modality": "MR",
  "PartialFourier": 0.875,
  "PatientPosition": "HFS",
  "PercentPhaseFOV": 37.5,
  "PercentSampling": 100,
  "PhaseEncodingDirection": "j-",
  "PhaseEncodingSteps": 31,
  "PhaseResolution": 1,
  "PixelBandwidth": 1270,
  "ProcedureStepDescription": "anat^generic",
  "ProtocolName": "DWI",
  "PulseSequenceDetails": "%SiemensSeq%\\ep2d_diff",
  "ReceiveCoilActiveElements": "HC7;NC1,2",
  "ReceiveCoilName": "HeadNeck_64",
  "ReconMatrixPE": 36,
  "RepetitionTime": 0.61,
  "SAR": 0.426452,
  "ScanOptions": "PFP\\SFS\\CT",
  "ScanningSequence": "EP",
  "SequenceName": "*ez_b0",
  "SequenceVariant": "SK\\SP",
  "SeriesDescription": "DWI",
  "SeriesNumber": 32,
  "ShimSetting": [589, -7447, -8806, -459, -442, 5784, 396, 243],
  "SliceThickness": 5,
  "SliceTiming": [0, 0.905, 1.815, 2.695, 3.58, 0.195, 1.1, 2.01, 2.89, 3.775, 0.3925, 1.2975, 2.2075, 3.0875, 3.9725],
  "SoftwareVersions": "syngo MR E11",
  "SpacingBetweenSlices": 5,
  "SpoilingState": true,
  "StationName": "MRC35049",
  "TotalReadoutTime": 0.0328998,
  "TxRefAmp": 251.343,
  "dcmmeta_affine": [
    [-0.8958333134651184, 0.0, 0.0, 42.50651168823242],
    [0.0, 0.849042534828186, 1.5947965383529663, -41.424224853515625],
    [0.0, -0.2857343554496765, 4.738842010498047, -142.7684783935547],
    [0.0, 0.0, 0.0, 1.0]
],
  "dcmmeta_reorient_transform": [
    [0.0, -1.0, 0.0, 35.0],
    [1.0, 0.0, 0.0, 0.0],
    [0.0, 0.0, -1.0, 14.0],
    [0.0, 0.0, 0.0, 1.0]
],
  "dcmmeta_shape": [96, 36, 15, 35],
  "dcmmeta_slice_dim": 2,
  "dcmmeta_version": 0.6,
  "global": {
    "const": {
      "AcquisitionMatrix": [96, 0, 0, 36],
      "AngioFlag": "N",
      "BitsAllocated": 16,
      "BitsStored": 12,
      "BodyPartExamined": "CSPINE",
      "CardiacNumberOfImages": 1,
      "Columns": 384,
      "EchoNumbers": 1,
      "EchoTime": 60.0,
      "EchoTrainLength": 31,
      "FlipAngle": 90.0,
      "HighBit": 11,
      "ImageOrientationPatient": [1.0, 0.0, 0.0, 0.0, 0.9477684125007, 0.31895930189589],
      "ImagePositionPatient": [-171.50651016831, -56.46771209889, -101.85504385805],
      "ImageType": [
        "ORIGINAL",
        "PRIMARY",
        "DIFFUSION",
        "NONE",
        "ND",
        "MOSAIC"
],
      "ImagedNucleus": "1H",
      "ImagingFrequency": 123.258753,
      "InPlanePhaseEncodingDirection": "COL",
      "MRAcquisitionType": "2D",
      "MagneticFieldStrength": 3.0,
      "Manufacturer": "SIEMENS",
      "ManufacturerModelName": "Prisma_fit",
      "Modality": "MR",
      "NominalInterval": 0,
      "NumberOfAverages": 1.0,
      "NumberOfPhaseEncodingSteps": 31,
      "PercentPhaseFieldOfView": 37.5,
      "PercentSampling": 100.0,
      "PerformedProcedureStepStartTime": "171144.933000",
      "PhotometricInterpretation": "MONOCHROME2",
      "PixelBandwidth": 1270.0,
      "PixelRepresentation": 0,
      "PixelSpacing": [0.89583331346512, 0.89583331346512],
      "ProtocolName": "DWI",
      "RepetitionTime": 610.0,
      "Rows": 144,
      "SAR": 0.426452440743,
      "SamplesPerPixel": 1,
      "ScanOptions": [
        "PFP",
        "SFS",
        "CT"
],
      "ScanningSequence": "EP",
      "SequenceVariant": [
        "SK",
        "SP"
],
      "SeriesDescription": "DWI",
      "SeriesNumber": 32,
      "SeriesTime": "180617.179000",
      "SliceLocation": -78.524091191814,
      "SliceThickness": 5.0,
      "SmallestImagePixelValue": 0,
      "SoftwareVersions": "syngo MR E11",
      "SpacingBetweenSlices": 4.9999999762159,
      "SpecificCharacterSet": "ISO_IR 100",
      "StudyID": "1",
      "StudyTime": "171144.827000",
      "TransmitCoilName": "Body",
      "VariableFlipAngleFlag": "N",
      "WindowCenterWidthExplanation": "Algo1",
      "dBdt": 0.0},
    "slices": {}
  },
  "time": {
    "samples": {
      "AcquisitionNumber": [1, 2, 3, 4, 5, 6, 7, 8, 9, 10, 11, 12, 13, 14, 15, 16, 17, 18, 19, 20, 21, 22, 23, 24, 25, 26, 27, 28, 29, 30, 31, 32, 33, 34, 35],
      "AcquisitionTime": ["180616.215000", "180620.735000", "180625.105000", "180629.490000", "180633.635000", "180637.905000", "180642.235000", "180646.750000", "180651.215000", "180655.585000", "180700.127500", "180704.617500", "180709.027500", "180713.657500", "180718.102500", "180722.657500", "180727.117500", "180731.562500", "180736.067500", "180740.432500", "180744.787500", "180749.227500", "180753.707500", "180758.257500", "180802.892500", "180807.222500", "180811.857500", "180816.152500", "180820.487500", "180824.757500", "180828.967500", "180833.272500", "180837.487500", "180841.827500", "180845.967500"],
      "ContentTime": ["180617.183000", "180623.109000", "180628.108000", "180633.108000", "180638.109000", "180643.108000", "180648.108000", "180648.111000", "180653.110000", "180658.109000", "180703.108000", "180708.108000", "180713.109000", "180718.108000", "180723.108000", "180728.110000", "180728.112000", "180733.108000", "180738.108000", "180743.108000", "180748.109000", "180753.108000", "180758.108000", "180803.109000", "180808.108000", "180813.109000", "180813.111000", "180818.108000", "180823.109000", "180828.108000", "180833.109000", "180838.109000", "180843.108000", "180843.111000", "180846.939000"],
      "InstanceCreationTime": ["180617.183000", "180623.109000", "180628.108000", "180633.108000", "180638.109000", "180643.108000", "180648.108000", "180648.111000", "180653.110000", "180658.109000", "180703.108000", "180708.108000", "180713.109000", "180718.108000", "180723.108000", "180728.110000", "180728.112000", "180733.108000", "180738.108000", "180743.108000", "180748.109000", "180753.108000", "180758.108000", "180803.109000", "180808.108000", "180813.109000", "180813.111000", "180818.108000", "180823.109000", "180828.108000", "180833.109000", "180838.109000", "180843.108000", "180843.111000", "180846.939000"],
      "InstanceNumber": [1, 2, 3, 4, 5, 6, 7, 8, 9, 10, 11, 12, 13, 14, 15, 16, 17, 18, 19, 20, 21, 22, 23, 24, 25, 26, 27, 28, 29, 30, 31, 32, 33, 34, 35],
      "LargestImagePixelValue": [4095, 3456, 3763, 3590, 3225, 3712, 3205, 3278, 3473, 3511, 3456, 3544, 3573, 3455, 3761, 3571, 3574, 3743, 3850, 3452, 3653, 3561, 3852, 3442, 3800, 3682, 3691, 3303, 3504, 3546, 3422, 4095, 4095, 4095, 4095],
      "SequenceName": [
        "*ez_b0",
        "*ez_b800#1",
        "*ez_b800#2",
        "*ez_b800#3",
        "*ez_b800#4",
        "*ez_b800#5",
        "*ez_b800#6",
        "*ez_b800#7",
        "*ez_b800#8",
        "*ez_b800#9",
        "*ez_b800#10",
        "*ez_b800#11",
        "*ez_b800#12",
        "*ez_b800#13",
        "*ez_b800#14",
        "*ez_b800#15",
        "*ez_b800#16",
        "*ez_b800#17",
        "*ez_b800#18",
        "*ez_b800#19",
        "*ez_b800#20",
        "*ez_b800#21",
        "*ez_b800#22",
        "*ez_b800#23",
        "*ez_b800#24",
        "*ez_b800#25",
        "*ez_b800#26",
        "*ez_b800#27",
        "*ez_b800#28",
        "*ez_b800#29",
        "*ez_b800#30",
        "*ez_b0",
        "*ez_b0",
        "*ez_b0",
        "*ez_b0"
],
      "TriggerTime": [572.5, 572.5, 572.5, 572.5, 572.5, 572.5, 572.5, 572.5, 570.0, 570.0, 570.0, 570.0, 570.0, 570.0, 570.0, 570.0, 570.0, 572.5, 572.5, 572.5, 572.5, 572.5, 572.5, 572.5, 572.5, 572.5, 572.5, 572.5, 572.5, 572.5, 572.5, 572.5, 570.0, 570.0, 570.0],
      "WindowCenter": [1269.0, 718.0, 712.0, 695.0, 730.0, 748.0, 745.0, 739.0, 708.0, 727.0, 729.0, 742.0, 702.0, 711.0, 748.0, 718.0, 708.0, 729.0, 727.0, 702.0, 695.0, 693.0, 747.0, 743.0, 759.0, 736.0, 720.0, 734.0, 747.0, 730.0, 749.0, 1248.0, 1207.0, 1222.0, 1210.0],
      "WindowWidth": [2539.0, 1497.0, 1490.0, 1448.0, 1542.0, 1593.0, 1584.0, 1566.0, 1477.0, 1525.0, 1528.0, 1567.0, 1472.0, 1479.0, 1591.0, 1501.0, 1477.0, 1530.0, 1521.0, 1465.0, 1454.0, 1451.0, 1577.0, 1573.0, 1622.0, 1549.0, 1504.0, 1546.0, 1583.0, 1532.0, 1594.0, 2505.0, 2442.0, 2468.0, 2448.0]
    },
    "slices": {}
  }
}