{
  "AcquisitionMatrixPE": 32,
  "AcquisitionNumber": 1,
  "AcquisitionTime": "15:35:32.222500",
  "BaseResolution": 32,
  "BodyPartExamined": "BRAIN",
  "CoilCombinationMethod": "Sum of Squares",
  "ConsistencyInfo": "N4_VE11C_LATEST_20160120",
  "ConversionSoftware": "dcm2niix",
  "ConversionSoftwareVersion": "v1.0.20211006",
  "DeviceSerialNumber": "167006",
  "DwellTime": 3.18e-05,
  "EchoTime": 0.00184,
  "FlipAngle": 8,
  "HeudiconvVersion": "0.5.3.post569+g418601f",
  "ImageComments": "anatomical image",
  "ImageOrientationPatientDICOM": [1, 0, 0, 0, 0.838671, -0.544639],
  "ImageOrientationText": "Tra>Cor(-33.0)",
  "ImageType": [
    "ORIGINAL",
    "PRIMARY",
    "M",
    "DIS2D"
],
  "ImagingFrequency": 123.259,
  "InPlanePhaseEncodingDirectionDICOM": "COL",
  "InstitutionAddress": "Chemin Queen-Mary 4565,Montreal,District,CA,H3W 1W5",
  "InstitutionName": "IUGM",
  "InstitutionalDepartmentName": "Department",
  "MRAcquisitionType": "2D",
  "MagneticFieldStrength": 3,
  "Manufacturer": "Siemens",
  "ManufacturersModelName": "Prisma_fit",
  "MatrixCoilMode": "SENSE",
  "Modality": "MR",
  "PartialFourier": 1,
  "PatientPosition": "HFS",
  "PercentPhaseFOV": 100,
  "PercentSampling": 100,
  "PhaseEncodingDirection": "j-",
  "PhaseEncodingSteps": 32,
  "PhaseResolution": 1,
  "PixelBandwidth": 490,
  "ProcedureStepDescription": "anat^generic",
  "ProtocolName": "tfl_b1map_6mm",
  "PulseSequenceDetails": "%SiemensSeq%\\tfl_b1map",
  "ReceiveCoilActiveElements": "HC1-7;NC1",
  "ReceiveCoilName": "HeadNeck_64",
  "ReconMatrixPE": 32,
  "RepetitionTime": 10,
  "SAR": 0.00613938,
  "ScanningSequence": "GR",
  "SequenceName": "tfl2d1_512",
  "SequenceVariant": "SK\\SP",
  "SeriesDescription": "tfl_b1map_6mm",
  "SeriesNumber": 20,
  "ShimSetting": [627, -7190, -8879, 256, 13, -251, -80, 17],
  "SliceThickness": 6,
  "SliceTiming": [5.03125, 0, 5.53125, 0.5, 6.04688, 1, 6.54688, 1.5, 7.04688, 2.01562, 7.5625, 2.51562, 8.0625, 3.01562, 8.5625, 3.51562, 9.0625, 4.03125, 9.57812, 4.53125],
  "SoftwareVersions": "syngo MR E11",
  "SpacingBetweenSlices": 7.2,
  "SpoilingState": true,
  "StationName": "MRC35049",
  "TxRefAmp": 251.811,
  "dcmmeta_affine": [
    [-6.0, 0.0, 0.0, 96.94831848144531],
    [0.0, 5.0320234298706055, -3.9214019775390625, -38.8343391418457],
    [0.0, 3.267834186553955, 6.038425445556641, -103.27304077148438],
    [0.0, 0.0, 0.0, 1.0]
],
  "dcmmeta_reorient_transform": [
    [0.0, -1.0, 0.0, 31.0],
    [1.0, 0.0, 0.0, 0.0],
    [0.0, 0.0, -1.0, 19.0],
    [0.0, 0.0, 0.0, 1.0]
],
  "dcmmeta_shape": [32, 32, 20],
  "dcmmeta_slice_dim": 2,
  "dcmmeta_version": 0.6,
  "global": {
    "const": {
      "AcquisitionMatrix": [32, 0, 0, 32],
      "AcquisitionNumber": 1,
      "AngioFlag": "N",
      "BitsAllocated": 16,
      "BitsStored": 12,
      "BodyPartExamined": "BRAIN",
      "Columns": 32,
      "EchoNumbers": 1,
      "EchoTime": 1.84,
      "EchoTrainLength": 1,
      "FlipAngle": 8.0,
      "HighBit": 11,
      "ImageOrientationPatient": [1.0, 0.0, 0.0, 0.0, 0.83867056370374, -0.5446390415466],
      "ImageType": [
        "ORIGINAL",
        "PRIMARY",
        "M",
        "DIS2D"
],
      "ImagedNucleus": "1H",
      "ImagingFrequency": 123.25889,
      "InPlanePhaseEncodingDirection": "COL",
      "MRAcquisitionType": "2D",
      "MagneticFieldStrength": 3.0,
      "Manufacturer": "SIEMENS",
      "ManufacturerModelName": "Prisma_fit",
      "Modality": "MR",
      "NumberOfAverages": 1.0,
      "NumberOfPhaseEncodingSteps": 32,
      "PercentPhaseFieldOfView": 100.0,
      "PercentSampling": 100.0,
      "PerformedProcedureStepStartTime": "145804.548000",
      "PhotometricInterpretation": "MONOCHROME2",
      "PixelBandwidth": 490.0,
      "PixelRepresentation": 0,
      "PixelSpacing": [6.0, 6.0],
      "ProtocolName": "tfl_b1map_6mm",
      "RepetitionTime": 10000.0,
      "Rows": 32,
      "SAR": 0.00613938439479,
      "SamplesPerPixel": 1,
      "ScanningSequence": "GR",
      "SequenceName": "tfl2d1_512",
      "SequenceVariant": [
        "SK",
        "SP"
],
      "SeriesDescription": "tfl_b1map_6mm",
      "SeriesNumber": 20,
      "SeriesTime": "153546.065000",
      "SliceThickness": 6.0,
      "SmallestImagePixelValue": 0,
      "SoftwareVersions": "syngo MR E11",
      "SpacingBetweenSlices": 7.2,
      "SpecificCharacterSet": "ISO_IR 100",
      "StudyID": "1",
      "StudyTime": "145804.468000",
      "TransmitCoilName": "Body",
      "VariableFlipAngleFlag": "N",
      "WindowCenterWidthExplanation": "Algo1",
      "dBdt": 0.0},
    "slices": {
      "AcquisitionTime": ["153532.222500", "153527.180000", "153532.725000", "153527.685000", "153533.230000", "153528.187500", "153533.735000", "153528.692500", "153534.237500", "153529.197500", "153534.742500", "153529.700000", "153535.247500", "153530.205000", "153535.750000", "153530.710000", "153536.255000", "153531.212500", "153536.760000", "153531.717500"],
      "ContentTime": ["153546.086000", "153546.067000", "153546.097000", "153546.070000", "153546.098000", "153546.072000", "153546.100000", "153546.074000", "153546.102000", "153546.076000", "153546.104000", "153546.077000", "153546.109000", "153546.079000", "153546.111000", "153546.081000", "153546.113000", "153546.083000", "153546.115000", "153546.085000"],
      "CsaImage.ICE_Dims": [
        "X_1_1_1_1_1_1_11_1_1_1_1_95",
        "X_1_1_1_1_1_1_1_1_1_2_1_95",
        "X_1_1_1_1_1_1_12_1_1_3_1_95",
        "X_1_1_1_1_1_1_2_1_1_4_1_95",
        "X_1_1_1_1_1_1_13_1_1_5_1_95",
        "X_1_1_1_1_1_1_3_1_1_6_1_95",
        "X_1_1_1_1_1_1_14_1_1_7_1_95",
        "X_1_1_1_1_1_1_4_1_1_8_1_95",
        "X_1_1_1_1_1_1_15_1_1_9_1_95",
        "X_1_1_1_1_1_1_5_1_1_10_1_95",
        "X_1_1_1_1_1_1_16_1_1_11_1_95",
        "X_1_1_1_1_1_1_6_1_1_12_1_95",
        "X_1_1_1_1_1_1_17_1_1_13_1_95",
        "X_1_1_1_1_1_1_7_1_1_14_1_95",
        "X_1_1_1_1_1_1_18_1_1_15_1_95",
        "X_1_1_1_1_1_1_8_1_1_16_1_95",
        "X_1_1_1_1_1_1_19_1_1_17_1_95",
        "X_1_1_1_1_1_1_9_1_1_18_1_95",
        "X_1_1_1_1_1_1_20_1_1_19_1_95",
        "X_1_1_1_1_1_1_10_1_1_20_1_95"
],
      "CsaImage.ProtocolSliceNumber": [0, 1, 2, 3, 4, 5, 6, 7, 8, 9, 10, 11, 12, 13, 14, 15, 16, 17, 18, 19],
      "CsaImage.SliceMeasurementDuration": [127.5, 127.5, 130.0, 127.5, 127.5, 130.0, 127.5, 127.5, 130.0, 127.5, 127.5, 130.0, 127.5, 127.5, 130.0, 127.5, 127.5, 130.0, 127.5, 127.5],
      "CsaImage.SlicePosition_PCS": [
        [-96.94831675, -117.15837021, -4.97022528],
        [-96.94831675, -113.23696823, 1.06820398],
        [-96.94831675, -109.31556625, 7.10662942],
        [-96.94831675, -105.39416618, 13.14505868],
        [-96.94831675, -101.47276421, 19.18348794],
        [-96.94831675, -97.55136223, 25.22191529],
        [-96.94831675, -93.62996216, 31.26034265],
        [-96.94831675, -89.70856113, 37.29877191],
        [-96.94831675, -85.78716011, 43.33719926],
        [-96.94831675, -81.86575897, 49.37562781],
        [-96.94831675, -77.94435782, 55.41405587],
        [-96.94831675, -74.02295704, 61.45248418],
        [-96.94831675, -70.10155602, 67.49091249],
        [-96.94831675, -66.18015499, 73.52933984],
        [-96.94831675, -62.25875397, 79.5677691],
        [-96.94831675, -58.33735199, 85.60619455],
        [-96.94831675, -54.41595192, 91.64462381],
        [-96.94831675, -50.49454994, 97.68305307],
        [-96.94831675, -46.57314987, 103.72148233],
        [-96.94831675, -42.65174789, 109.75990777]
],
      "CsaImage.TimeAfterStart": [5.0425, 0.0, 5.545, 0.505, 6.05, 1.0075, 6.555, 1.5125, 7.0575, 2.0175, 7.5625, 2.52, 8.0675, 3.025, 8.57, 3.53, 9.075, 4.0325, 9.58, 4.5375],
      "ImagePositionPatient": [
        [-96.948316752911, -117.15837020931, -1.9702252842267],
        [-96.948316752911, -113.23696823177, 4.0682039760272],
        [-96.948316752911, -109.31556625423, 10.106629421584],
        [-96.948316752911, -105.39416618404, 16.145058681838],
        [-96.948316752911, -101.4727642065, 22.183487942092],
        [-96.948316752911, -97.551362228962, 28.221915294997],
        [-96.948316752911, -93.629962158772, 34.260342647902],
        [-96.948316752911, -89.708561134907, 40.298771908156],
        [-96.948316752911, -85.787160111042, 46.337199261061],
        [-96.948316752911, -81.865758967968, 52.37562780606],
        [-96.948316752911, -77.944357824894, 58.414055874221],
        [-96.948316752911, -74.022957039448, 64.4524841808],
        [-96.948316752911, -70.101556015583, 70.49091248738],
        [-96.948316752911, -66.180154991719, 76.529339840285],
        [-96.948316752911, -62.258753967854, 82.567769100539],
        [-96.948316752911, -58.337351990315, 88.606194546096],
        [-96.948316752911, -54.415951920124, 94.64462380635],
        [-96.948316752911, -50.494549942585, 100.6830530666],
        [-96.948316752911, -46.573149872395, 106.72148232686],
        [-96.948316752911, -42.651747894856, 112.75990777241]
],
      "InstanceCreationTime": ["153546.086000", "153546.067000", "153546.097000", "153546.070000", "153546.098000", "153546.072000", "153546.100000", "153546.074000", "153546.102000", "153546.076000", "153546.104000", "153546.077000", "153546.109000", "153546.079000", "153546.111000", "153546.081000", "153546.113000", "153546.083000", "153546.115000", "153546.085000"],
      "InstanceNumber": [11, 1, 12, 2, 13, 3, 14, 4, 15, 5, 16, 6, 17, 7, 18, 8, 19, 9, 20, 10],
      "LargestImagePixelValue": [4095, 4095, 4095, 4095, 4095, 4095, 4084, 4095, 4095, 4095, 4095, 3576, 4095, 3875, 4095, 4095, 4095, 4095, 4095, 4095],
      "SliceLocation": [-65.461392409711, -58.261390923563, -51.061392636689, -43.861392189357, -36.661390703209, -29.461390816698, -22.261391969003, -15.061391002263, -7.8613916351603, -0.6613912033581, 6.5386088285347, 13.738608865604, 20.938609032526, 28.138608399628, 35.338609366369, 42.538607653243, 49.738608100574, 56.938609586723, 64.138610034054, 71.338608320928],
      "WindowCenter": [1210.0, 1287.0, 1534.0, 1523.0, 1599.0, 1605.0, 1521.0, 1607.0, 1571.0, 1527.0, 1570.0, 1542.0, 1589.0, 1516.0, 1470.0, 1559.0, 1625.0, 1452.0, 845.0, 564.0],
      "WindowWidth": [2490.0, 2570.0, 2852.0, 2822.0, 2873.0, 2868.0, 2745.0, 2870.0, 2808.0, 2790.0, 2845.0, 2756.0, 2857.0, 2776.0, 2883.0, 3219.0, 3419.0, 3252.0, 3147.0, 3072.0]
    }
  }
}