{
  "AcquisitionMatrixPE": 256,
  "AcquisitionNumber": 1,
  "AcquisitionTime": "16:11:47.967500",
  "BaseResolution": 256,
  "BodyPartExamined": "CSPINE",
  "CoilCombinationMethod": "Adaptive Combine",
  "ConsistencyInfo": "N4_VE11C_LATEST_20160120",
  "ConversionSoftware": "dcm2niix",
  "ConversionSoftwareVersion": "v1.0.20211006",
  "DeviceSerialNumber": "167006",
  "DwellTime": 7.5e-06,
  "EchoTime": 0.00313,
  "FlipAngle": 9,
  "HeudiconvVersion": "0.5.3.post569+g418601f",
  "ImageOrientationPatientDICOM": [1, 0, 3e-15, 0, 1, -4e-15],
  "ImageOrientationText": "Tra",
  "ImageType": [
    "ORIGINAL",
    "PRIMARY",
    "M",
    "DIS2D"
],
  "ImagingFrequency": 123.259,
  "InPlanePhaseEncodingDirectionDICOM": "COL",
  "InstitutionAddress": "Chemin Queen-Mary 4565,Montreal,District,CA,H3W 1W5",
  "InstitutionName": "IUGM",
  "InstitutionalDepartmentName": "Department",
  "MRAcquisitionType": "3D",
  "MTState": true,
  "MagneticFieldStrength": 3,
  "Manufacturer": "Siemens",
  "ManufacturersModelName": "Prisma_fit",
  "MatrixCoilMode": "GRAPPA",
  "Modality": "MR",
  "ParallelReductionFactorInPlane": 2,
  "PartialFourier": 1,
  "PatientPosition": "HFS",
  "PercentPhaseFOV": 100,
  "PercentSampling": 100,
  "PhaseEncodingSteps": 255,
  "PhaseResolution": 1,
  "PixelBandwidth": 260,
  "ProcedureStepDescription": "anat^generic",
  "ProtocolName": "GRE-MT1",
  "PulseSequenceDetails": "%SiemensSeq%\\gre",
  "ReceiveCoilActiveElements": "HC7;NC1,2",
  "ReceiveCoilName": "HeadNeck_64",
  "ReconMatrixPE": 256,
  "RefLinesPE": 32,
  "RepetitionTime": 0.035,
  "SAR": 0.559522,
  "ScanOptions": "MT",
  "ScanningSequence": "GR",
  "SequenceName": "*fl3d1",
  "SequenceVariant": "MTC\\SP",
  "SeriesDescription": "GRE-MT1",
  "SeriesNumber": 34,
  "ShimSetting": [650, -7389, -9240, -892, -53, 1824, -684, -261],
  "SliceThickness": 5,
  "SoftwareVersions": "syngo MR E11",
  "SpoilingState": true,
  "StationName": "MRC35049",
  "TxRefAmp": 300.327,
  "dcmmeta_affine": [
    [0.8984375, 0.0, 0.0, -115.5015640258789],
    [0.0, 0.8984375, 0.0, -93.0015640258789],
    [-2.6953124129970975e-15, 3.59374988399613e-15, 5.0, -176.89999389648438],
    [0.0, 0.0, 0.0, 1.0]
],
  "dcmmeta_reorient_transform": [
    [0.0, -1.0, 0.0, 255.0],
    [-1.0, 0.0, 0.0, 255.0],
    [0.0, 0.0, -1.0, 21.0],
    [0.0, 0.0, 0.0, 1.0]
],
  "dcmmeta_shape": [256, 256, 22],
  "dcmmeta_slice_dim": 2,
  "dcmmeta_version": 0.6,
  "global": {
    "const": {
      "AcquisitionMatrix": [256, 0, 0, 256],
      "AcquisitionNumber": 1,
      "AcquisitionTime": "161147.967500",
      "AngioFlag": "N",
      "BitsAllocated": 16,
      "BitsStored": 12,
      "BodyPartExamined": "CSPINE",
      "Columns": 256,
      "EchoNumbers": 1,
      "EchoTime": 3.13,
      "EchoTrainLength": 1,
      "FlipAngle": 9.0,
      "HighBit": 11,
      "ImageOrientationPatient": [1.0, 0.0, 3e-15, 0.0, 1.0, -4e-15],
      "ImageType": [
        "ORIGINAL",
        "PRIMARY",
        "M",
        "DIS2D"
],
      "ImagedNucleus": "1H",
      "ImagingFrequency": 123.258778,
      "InPlanePhaseEncodingDirection": "COL",
      "MRAcquisitionType": "3D",
      "MagneticFieldStrength": 3.0,
      "Manufacturer": "SIEMENS",
      "ManufacturerModelName": "Prisma_fit",
      "Modality": "MR",
      "NumberOfAverages": 1.0,
      "NumberOfPhaseEncodingSteps": 255,
      "PercentPhaseFieldOfView": 100.0,
      "PercentSampling": 100.0,
      "PerformedProcedureStepStartTime": "150046.002000",
      "PhotometricInterpretation": "MONOCHROME2",
      "PixelBandwidth": 260.0,
      "PixelRepresentation": 0,
      "PixelSpacing": [0.8984375, 0.8984375],
      "ProtocolName": "GRE-MT1",
      "RepetitionTime": 35.0,
      "Rows": 256,
      "SAR": 0.55952244685877,
      "SamplesPerPixel": 1,
      "ScanOptions": "MT",
      "ScanningSequence": "GR",
      "SequenceName": "*fl3d1",
      "SequenceVariant": [
        "MTC",
        "SP"
],
      "SeriesDescription": "GRE-MT1",
      "SeriesNumber": 34,
      "SeriesTime": "161400.628000",
      "SliceThickness": 5.0,
      "SmallestImagePixelValue": 0,
      "SoftwareVersions": "syngo MR E11",
      "SpecificCharacterSet": "ISO_IR 100",
      "StudyID": "1",
      "StudyTime": "150045.884000",
      "TransmitCoilName": "Body",
      "VariableFlipAngleFlag": "N",
      "WindowCenter": 793.0,
      "WindowCenterWidthExplanation": "WINDOW1",
      "WindowWidth": 1774.0,
      "dBdt": 0.0},
    "slices": {
      "ContentTime": ["161400.631000", "161400.634000", "161400.636000", "161400.639000", "161400.641000", "161400.642000", "161400.645000", "161400.673000", "161400.676000", "161400.678000", "161400.680000", "161400.683000", "161400.685000", "161400.687000", "161400.692000", "161400.695000", "161400.696000", "161400.698000", "161400.700000", "161400.703000", "161400.705000", "161400.707000"],
      "CsaImage.Actual3DImaPartNumber": [0, 1, 2, 3, 4, 5, 6, 7, 8, 9, 10, 11, 12, 13, 14, 15, 16, 17, 18, 19, 20, 21],
      "CsaImage.ICE_Dims": [
        "X_1_1_1_1_1_1_1_1_1_1_1_117",
        "X_1_1_1_1_1_2_1_1_1_1_1_117",
        "X_1_1_1_1_1_3_1_1_1_1_1_117",
        "X_1_1_1_1_1_4_1_1_1_1_1_117",
        "X_1_1_1_1_1_5_1_1_1_1_1_117",
        "X_1_1_1_1_1_6_1_1_1_1_1_117",
        "X_1_1_1_1_1_7_1_1_1_1_1_117",
        "X_1_1_1_1_1_8_1_1_1_1_1_117",
        "X_1_1_1_1_1_9_1_1_1_1_1_117",
        "X_1_1_1_1_1_10_1_1_1_1_1_117",
        "X_1_1_1_1_1_11_1_1_1_1_1_117",
        "X_1_1_1_1_1_12_1_1_1_1_1_117",
        "X_1_1_1_1_1_13_1_1_1_1_1_117",
        "X_1_1_1_1_1_14_1_1_1_1_1_117",
        "X_1_1_1_1_1_15_1_1_1_1_1_117",
        "X_1_1_1_1_1_16_1_1_1_1_1_117",
        "X_1_1_1_1_1_17_1_1_1_1_1_117",
        "X_1_1_1_1_1_18_1_1_1_1_1_117",
        "X_1_1_1_1_1_19_1_1_1_1_1_117",
        "X_1_1_1_1_1_20_1_1_1_1_1_117",
        "X_1_1_1_1_1_21_1_1_1_1_1_117",
        "X_1_1_1_1_1_22_1_1_1_1_1_117"
],
      "CsaImage.SlicePosition_PCS": [
        [-113.60000002, -136.10000038, -52.90000001],
        [-113.60000002, -136.10000038, -47.90000001],
        [-113.60000002, -136.10000038, -42.90000001],
        [-113.60000002, -136.10000038, -37.90000001],
        [-113.60000002, -136.10000038, -32.90000001],
        [-113.60000002, -136.10000038, -27.90000001],
        [-113.60000002, -136.10000038, -22.90000001],
        [-113.60000002, -136.10000038, -17.90000001],
        [-113.60000002, -136.10000038, -12.90000001],
        [-113.60000002, -136.10000038, -7.90000001],
        [-113.60000002, -136.10000038, -2.90000001],
        [-113.60000002, -136.10000038, 2.09999999],
        [-113.60000002, -136.10000038, 7.09999999],
        [-113.60000002, -136.10000038, 12.09999999],
        [-113.60000002, -136.10000038, 17.09999999],
        [-113.60000002, -136.10000038, 22.09999999],
        [-113.60000002, -136.10000038, 27.09999999],
        [-113.60000002, -136.10000038, 32.09999999],
        [-113.60000002, -136.10000038, 37.09999999],
        [-113.60000002, -136.10000038, 42.09999999],
        [-113.60000002, -136.10000038, 47.09999999],
        [-113.60000002, -136.10000038, 52.09999999]
],
      "ImagePositionPatient": [
        [-113.60000002384, -136.10000038147, -176.90000000596],
        [-113.60000002384, -136.10000038147, -171.90000000596],
        [-113.60000002384, -136.10000038147, -166.90000000596],
        [-113.60000002384, -136.10000038147, -161.90000000596],
        [-113.60000002384, -136.10000038147, -156.90000000596],
        [-113.60000002384, -136.10000038147, -151.90000000596],
        [-113.60000002384, -136.10000038147, -146.90000000596],
        [-113.60000002384, -136.10000038147, -141.90000000596],
        [-113.60000002384, -136.10000038147, -136.90000000596],
        [-113.60000002384, -136.10000038147, -131.90000000596],
        [-113.60000002384, -136.10000038147, -126.90000000596],
        [-113.60000002384, -136.10000038147, -121.90000000596],
        [-113.60000002384, -136.10000038147, -116.90000000596],
        [-113.60000002384, -136.10000038147, -111.90000000596],
        [-113.60000002384, -136.10000038147, -106.90000000596],
        [-113.60000002384, -136.10000038147, -101.90000000596],
        [-113.60000002384, -136.10000038147, -96.90000000596],
        [-113.60000002384, -136.10000038147, -91.90000000596],
        [-113.60000002384, -136.10000038147, -86.90000000596],
        [-113.60000002384, -136.10000038147, -81.90000000596],
        [-113.60000002384, -136.10000038147, -76.90000000596],
        [-113.60000002384, -136.10000038147, -71.90000000596]
],
      "InstanceCreationTime": ["161400.631000", "161400.634000", "161400.636000", "161400.639000", "161400.641000", "161400.642000", "161400.645000", "161400.673000", "161400.676000", "161400.678000", "161400.680000", "161400.683000", "161400.685000", "161400.687000", "161400.692000", "161400.695000", "161400.696000", "161400.698000", "161400.700000", "161400.703000", "161400.705000", "161400.707000"],
      "InstanceNumber": [22, 21, 20, 19, 18, 17, 16, 15, 14, 13, 12, 11, 10, 9, 8, 7, 6, 5, 4, 3, 2, 1],
      "LargestImagePixelValue": [2685, 4095, 4095, 4095, 4095, 4095, 4095, 4095, 4095, 4095, 4095, 4095, 4095, 4095, 4095, 4095, 4095, 4095, 4095, 4095, 4095, 4095],
      "SliceLocation": [-176.90000000596, -171.90000000596, -166.90000000596, -161.90000000596, -156.90000000596, -151.90000000596, -146.90000000596, -141.90000000596, -136.90000000596, -131.90000000596, -126.90000000596, -121.90000000596, -116.90000000596, -111.90000000596, -106.90000000596, -101.90000000596, -96.900000005961, -91.900000005961, -86.900000005961, -81.900000005961, -76.900000005961, -71.900000005961]
    }
  }
}