{
  "AcquisitionMatrixPE": 110,
  "AcquisitionNumber": 1,
  "AcquisitionTime": "11:06:48.690000",
  "BandwidthPerPixelPhaseEncode": 12.987,
  "BaseResolution": 110,
  "BodyPartExamined": "BRAIN",
  "CoilCombinationMethod": "Sum of Squares",
  "ConsistencyInfo": "N4_VE11C_LATEST_20160120",
  "ConversionSoftware": "dcm2niix",
  "ConversionSoftwareVersion": "v1.0.20211006",
  "DerivedVendorReportedEchoSpacing": 0.000700001,
  "DeviceSerialNumber": "167006",
  "DwellTime": 2.7e-06,
  "EchoTime": 0.0816,
  "EchoTrainLength": 83,
  "EffectiveEchoSpacing": 0.000700001,
  "FlipAngle": 78,
  "HeudiconvVersion": "0.5.3.post569+g418601f",
  "ImageComments": "Single-band reference SENSE1",
  "ImageOrientationPatientDICOM": [0.99612, 0.0855517, -0.020619, -0.0871492, 0.926487, -0.366097],
  "ImageOrientationText": "Tra>Cor(-21.5)>Sag(0.7)",
  "ImageType": [
    "ORIGINAL",
    "PRIMARY",
    "M",
    "ND",
    "MOSAIC"
],
  "ImagingFrequency": 123.259,
  "InPlanePhaseEncodingDirectionDICOM": "COL",
  "InstitutionAddress": "Chemin Queen-Mary 4565,Montreal,District,CA,H3W 1W5",
  "InstitutionName": "IUGM",
  "InstitutionalDepartmentName": "Department",
  "MRAcquisitionType": "2D",
  "MagneticFieldStrength": 3,
  "Manufacturer": "Siemens",
  "ManufacturersModelName": "Prisma_fit",
  "MatrixCoilMode": "SENSE",
  "Modality": "MR",
  "PartialFourier": 0.75,
  "PatientPosition": "HFS",
  "PercentPhaseFOV": 100,
  "PercentSampling": 100,
  "PhaseEncodingDirection": "j",
  "PhaseEncodingSteps": 83,
  "PhaseResolution": 1,
  "PixelBandwidth": 1685,
  "ProcedureStepDescription": "anat^generic",
  "ProtocolName": "dMRI_dir98_PA_test_cmrr",
  "PulseSequenceDetails": "%CustomerSeq%\\cmrr_mbep2d_diff",
  "ReceiveCoilActiveElements": "HC1-6",
  "ReceiveCoilName": "HeadNeck_64",
  "ReconMatrixPE": 110,
  "RepetitionTime": 2.334,
  "SAR": 0.131082,
  "ScanOptions": "PFP\\EXT",
  "ScanningSequence": "EP",
  "SequenceName": "epse2d1_110",
  "SequenceVariant": "SK\\SS",
  "SeriesDescription": "dMRI_dir98_PA_test_cmrr_SBRef",
  "SeriesNumber": 10,
  "ShimSetting": [628, -7193, -8867, 589, 53, 21, 17, 2],
  "SliceThickness": 2,
  "SliceTiming": [0, 0.12, 0.2425, 0.365, 0.4875, 0.6075, 0.73, 0.8525, 0.9725, 1.095, 1.2175, 1.34, 1.46, 1.5825, 1.705, 1.825, 1.9475, 2.07, 2.1925, 2.3125, 2.435, 2.5575, 2.6775, 2.8, 2.9225, 3.045, 3.165, 3.2875, 3.41, 3.53, 3.6525, 3.775, 3.8975, 4.0175, 4.14, 4.2625, 4.3825, 4.505, 4.6275, 4.75, 4.87, 4.9925, 5.115, 5.235, 5.3575, 5.48, 5.6025, 5.7225, 5.845, 5.9675, 6.0875, 6.21, 6.3325, 6.4525, 6.575, 6.6975, 6.82],
  "SoftwareVersions": "syngo MR E11",
  "SpacingBetweenSlices": 2,
  "StationName": "MRC35049",
  "TotalReadoutTime": 0.0763001,
  "TxRefAmp": 244.826,
  "WipMemBlock": "e797c696-4649-4592-bcbc-92746de5d3ba||Sequence: R016 ve11c/master r/e634e98; Dec 19 2017 11:11:25 by eja",
  "dcmmeta_affine": [
    [-1.9922406673431396, -0.1742984801530838, 0.024433989077806473, 120.29232025146484],
    [-0.17110347747802734, 1.8529735803604126, -0.7329477071762085, -62.70759201049805],
    [-0.041238073259592056, 0.7321945428848267, 1.8606961965560913, -69.60879516601562],
    [0.0, 0.0, 0.0, 1.0]
],
  "dcmmeta_reorient_transform": [
    [0.0, -1.0, 0.0, 109.0],
    [1.0, 0.0, 0.0, 0.0],
    [0.0, 0.0, 1.0, 0.0],
    [0.0, 0.0, 0.0, 1.0]
],
  "dcmmeta_shape": [110, 110, 57],
  "dcmmeta_slice_dim": 2,
  "dcmmeta_version": 0.6,
  "global": {
    "const": {
      "AcquisitionMatrix": [110, 0, 0, 110],
      "AcquisitionNumber": 1,
      "AcquisitionTime": "110648.690000",
      "AngioFlag": "N",
      "BitsAllocated": 16,
      "BitsStored": 16,
      "BodyPartExamined": "BRAIN",
      "CardiacNumberOfImages": 1,
      "Columns": 880,
      "ContentTime": "110758.280000",
      "EchoNumbers": 1,
      "EchoTime": 81.6,
      "EchoTrainLength": 83,
      "FlipAngle": 78.0,
      "HighBit": 15,
      "ImageOrientationPatient": [0.99612035153978, 0.08555174226735, -0.0206190359448, -0.0871492413853, 0.92648680123644, -0.3660972778657],
      "ImagePositionPatient": [-801.20154157183, -918.53620763575, 307.9719734323],
      "ImageType": [
        "ORIGINAL",
        "PRIMARY",
        "M",
        "ND",
        "MOSAIC"
],
      "ImagedNucleus": "1H",
      "ImagingFrequency": 123.258931,
      "InPlanePhaseEncodingDirection": "COL",
      "InstanceCreationTime": "110758.280000",
      "InstanceNumber": 1,
      "LargestImagePixelValue": 65535,
      "MRAcquisitionType": "2D",
      "MagneticFieldStrength": 3.0,
      "Manufacturer": "SIEMENS",
      "ManufacturerModelName": "Prisma_fit",
      "Modality": "MR",
      "NominalInterval": 0,
      "NumberOfAverages": 1.0,
      "NumberOfPhaseEncodingSteps": 83,
      "PercentPhaseFieldOfView": 100.0,
      "PercentSampling": 100.0,
      "PerformedProcedureStepStartTime": "102232.693000",
      "PhotometricInterpretation": "MONOCHROME2",
      "PixelBandwidth": 1685.0,
      "PixelRepresentation": 0,
      "PixelSpacing": [2.0, 2.0],
      "ProtocolName": "dMRI_dir98_PA_test_cmrr",
      "RepetitionTime": 2334.0,
      "Rows": 880,
      "SAR": 0.13108228585637,
      "SamplesPerPixel": 1,
      "ScanOptions": [
        "PFP",
        "EXT"
],
      "ScanningSequence": "EP",
      "SequenceName": "epse2d1_110",
      "SequenceVariant": [
        "SK",
        "SS"
],
      "SeriesDescription": "dMRI_dir98_PA_test_cmrr_SBRef",
      "SeriesNumber": 10,
      "SeriesTime": "110758.276000",
      "SliceLocation": -40.310105896626,
      "SliceThickness": 2.0,
      "SmallestImagePixelValue": 0,
      "SoftwareVersions": "syngo MR E11",
      "SpacingBetweenSlices": 1.9999999211157,
      "SpecificCharacterSet": "ISO_IR 100",
      "StudyID": "1",
      "StudyTime": "102232.618000",
      "TransmitCoilName": "Body",
      "TriggerTime": 1627.5,
      "VariableFlipAngleFlag": "N",
      "WindowCenter": 9834.0,
      "WindowCenterWidthExplanation": "Algo1",
      "WindowWidth": 22015.0,
      "dBdt": 0.0},
    "slices": {}
  }
}