{
  "AcquisitionMatrixPE": 32,
  "AcquisitionNumber": 1,
  "AcquisitionTime": "11:21:32.305000",
  "BaseResolution": 32,
  "BodyPartExamined": "BRAIN",
  "CoilCombinationMethod": "Sum of Squares",
  "ConsistencyInfo": "N4_VE11C_LATEST_20160120",
  "ConversionSoftware": "dcm2niix",
  "ConversionSoftwareVersion": "v1.0.20211006",
  "DeviceSerialNumber": "167006",
  "DwellTime": 3.18e-05,
  "EchoTime": 0.00184,
  "FlipAngle": 79.99,
  "HeudiconvVersion": "0.5.3.post569+g418601f",
  "ImageComments": "flip angle map",
  "ImageOrientationPatientDICOM": [0.996195, 0.0810913, -0.0319427, -0.0871558, 0.926877, -0.365107],
  "ImageOrientationText": "Tra>Cor(-21.5)",
  "ImageType": [
    "ORIGINAL",
    "PRIMARY",
    "FLIP ANGLE MAP",
    "DIS2D"
],
  "ImagingFrequency": 123.259,
  "InPlanePhaseEncodingDirectionDICOM": "COL",
  "InstitutionAddress": "Chemin Queen-Mary 4565,Montreal,District,CA,H3W 1W5",
  "InstitutionName": "IUGM",
  "InstitutionalDepartmentName": "Department",
  "MRAcquisitionType": "2D",
  "MagneticFieldStrength": 3,
  "Manufacturer": "Siemens",
  "ManufacturersModelName": "Prisma_fit",
  "MatrixCoilMode": "SENSE",
  "Modality": "MR",
  "PartialFourier": 1,
  "PatientPosition": "HFS",
  "PercentPhaseFOV": 100,
  "PercentSampling": 100,
  "PhaseEncodingDirection": "j-",
  "PhaseEncodingSteps": 32,
  "PhaseResolution": 1,
  "PixelBandwidth": 490,
  "ProcedureStepDescription": "anat^generic",
  "ProtocolName": "tfl_b1map_6mm",
  "PulseSequenceDetails": "%SiemensSeq%\\tfl_b1map",
  "ReceiveCoilActiveElements": "HC1-7;NC1",
  "ReceiveCoilName": "HeadNeck_64",
  "ReconMatrixPE": 32,
  "RepetitionTime": 10,
  "SAR": 0.00506275,
  "ScanningSequence": "GR",
  "SequenceName": "tfl2d1_512",
  "SequenceVariant": "SK\\SP",
  "SeriesDescription": "tfl_b1map_6mm",
  "SeriesNumber": 21,
  "ShimSetting": [627, -7191, -8921, 591, 58, -55, -110, 5],
  "SliceThickness": 6,
  "SliceTiming": [5.03906, 0, 5.54688, 0.5, 6.04688, 1.00781, 6.55469, 1.51562, 7.05469, 2.01562, 7.5625, 2.51562, 8.07031, 3.02344, 8.57031, 3.52344, 9.07812, 4.03125, 9.57812, 4.53906],
  "SoftwareVersions": "syngo MR E11",
  "SpacingBetweenSlices": 7.2,
  "SpoilingState": true,
  "StationName": "MRC35049",
  "TxRefAmp": 244.591,
  "dcmmeta_affine": [
    [-5.977168083190918, -0.5229346752166748, 0.0, 106.59003448486328],
    [-0.48654764890670776, 5.561262130737305, -2.638808250427246, -43.32731246948242],
    [-0.19165611267089844, 2.1906394958496094, 6.699008941650391, -76.99040222167969],
    [0.0, 0.0, 0.0, 1.0]
],
  "dcmmeta_reorient_transform": [
    [0.0, -1.0, 0.0, 31.0],
    [1.0, 0.0, 0.0, 0.0],
    [0.0, 0.0, -1.0, 19.0],
    [0.0, 0.0, 0.0, 1.0]
],
  "dcmmeta_shape": [32, 32, 20],
  "dcmmeta_slice_dim": 2,
  "dcmmeta_version": 0.6,
  "global": {
    "const": {
      "AcquisitionMatrix": [32, 0, 0, 32],
      "AcquisitionNumber": 1,
      "AngioFlag": "N",
      "BitsAllocated": 16,
      "BitsStored": 12,
      "BodyPartExamined": "BRAIN",
      "Columns": 32,
      "EchoNumbers": 1,
      "EchoTime": 1.84,
      "EchoTrainLength": 1,
      "FlipAngle": 79.99,
      "HighBit": 11,
      "ImageOrientationPatient": [0.99619469475066, 0.08109127584967, -0.031942685105, -0.0871557809364, 0.92687704238741, -0.365106584636],
      "ImageType": [
        "ORIGINAL",
        "PRIMARY",
        "FLIP ANGLE MAP",
        "DIS2D"
],
      "ImagedNucleus": "1H",
      "ImagingFrequency": 123.258958,
      "InPlanePhaseEncodingDirection": "COL",
      "MRAcquisitionType": "2D",
      "MagneticFieldStrength": 3.0,
      "Manufacturer": "SIEMENS",
      "ManufacturerModelName": "Prisma_fit",
      "Modality": "MR",
      "NumberOfAverages": 1.0,
      "NumberOfPhaseEncodingSteps": 32,
      "PercentPhaseFieldOfView": 100.0,
      "PercentSampling": 100.0,
      "PerformedProcedureStepStartTime": "102232.693000",
      "PhotometricInterpretation": "MONOCHROME2",
      "PixelBandwidth": 490.0,
      "PixelRepresentation": 0,
      "PixelSpacing": [6.0, 6.0],
      "ProtocolName": "tfl_b1map_6mm",
      "RepetitionTime": 10000.0,
      "Rows": 32,
      "SAR": 0.0050627467898,
      "SamplesPerPixel": 1,
      "ScanningSequence": "GR",
      "SequenceName": "tfl2d1_512",
      "SequenceVariant": [
        "SK",
        "SP"
],
      "SeriesDescription": "tfl_b1map_6mm",
      "SeriesNumber": 21,
      "SeriesTime": "112137.500000",
      "SliceThickness": 6.0,
      "SmallestImagePixelValue": 0,
      "SoftwareVersions": "syngo MR E11",
      "SpacingBetweenSlices": 7.2,
      "SpecificCharacterSet": "ISO_IR 100",
      "StudyID": "1",
      "StudyTime": "102232.618000",
      "TransmitCoilName": "Body",
      "VariableFlipAngleFlag": "N",
      "WindowCenterWidthExplanation": "Algo1",
      "dBdt": 0.0},
    "slices": {
      "AcquisitionTime": ["112132.305000", "112127.265000", "112132.810000", "112127.767500", "112133.315000", "112128.272500", "112133.820000", "112128.777500", "112134.322500", "112129.280000", "112134.827500", "112129.785000", "112135.332500", "112130.290000", "112135.835000", "112130.792500", "112136.340000", "112131.297500", "112136.845000", "112131.802500"],
      "ContentTime": ["112137.523000", "112137.503000", "112137.525000", "112137.506000", "112137.526000", "112137.508000", "112137.528000", "112137.510000", "112137.530000", "112137.511000", "112137.532000", "112137.513000", "112137.534000", "112137.515000", "112137.536000", "112137.517000", "112137.538000", "112137.519000", "112137.540000", "112137.521000"],
      "CsaImage.ICE_Dims": [
        "X_1_1_2_1_1_1_11_1_1_1_1_71",
        "X_1_1_2_1_1_1_1_1_1_2_1_71",
        "X_1_1_2_1_1_1_12_1_1_3_1_71",
        "X_1_1_2_1_1_1_2_1_1_4_1_71",
        "X_1_1_2_1_1_1_13_1_1_5_1_71",
        "X_1_1_2_1_1_1_3_1_1_6_1_71",
        "X_1_1_2_1_1_1_14_1_1_7_1_71",
        "X_1_1_2_1_1_1_4_1_1_8_1_71",
        "X_1_1_2_1_1_1_15_1_1_9_1_71",
        "X_1_1_2_1_1_1_5_1_1_10_1_71",
        "X_1_1_2_1_1_1_16_1_1_11_1_71",
        "X_1_1_2_1_1_1_6_1_1_12_1_71",
        "X_1_1_2_1_1_1_17_1_1_13_1_71",
        "X_1_1_2_1_1_1_7_1_1_14_1_71",
        "X_1_1_2_1_1_1_18_1_1_15_1_71",
        "X_1_1_2_1_1_1_8_1_1_16_1_71",
        "X_1_1_2_1_1_1_19_1_1_17_1_71",
        "X_1_1_2_1_1_1_9_1_1_18_1_71",
        "X_1_1_2_1_1_1_20_1_1_19_1_71",
        "X_1_1_2_1_1_1_10_1_1_20_1_71"
],
      "CsaImage.ProtocolSliceNumber": [0, 1, 2, 3, 4, 5, 6, 7, 8, 9, 10, 11, 12, 13, 14, 15, 16, 17, 18, 19],
      "CsaImage.SliceMeasurementDuration": [130.0, 127.5, 127.5, 130.0, 127.5, 127.5, 127.5, 127.5, 130.0, 130.0, 127.5, 127.5, 127.5, 127.5, 130.0, 130.0, 127.5, 127.5, 127.5, 127.5],
      "CsaImage.SlicePosition_PCS": [
        [-90.37905741, -129.07182806, -25.08053192],
        [-90.37905741, -126.43301695, -18.38152679],
        [-90.37905741, -123.79420965, -11.68251785],
        [-90.37905741, -121.15540045, -4.98351272],
        [-90.37905741, -118.51659124, 1.71549241],
        [-90.37905741, -115.87778204, 8.41449944],
        [-90.37905741, -113.23897283, 15.11350648],
        [-90.37905741, -110.60016458, 21.81251351],
        [-90.37905741, -107.96135538, 28.51151959],
        [-90.37905741, -105.32254713, 35.21052639],
        [-90.37905741, -102.68373792, 41.90953271],
        [-90.37905741, -100.0449292, 48.60853879],
        [-90.37905741, -97.40612041, 55.30754487],
        [-90.37905741, -94.76731162, 62.0065519],
        [-90.37905741, -92.12850254, 68.70555894],
        [-90.37905741, -89.48969381, 75.40456406],
        [-90.37905741, -86.85088461, 82.103573],
        [-90.37905741, -84.21207636, 88.80257813],
        [-90.37905741, -81.57326715, 95.50158326],
        [-90.37905741, -78.9344589, 102.2005922]
],
      "CsaImage.TimeAfterStart": [15.125, 10.085, 15.63, 10.5875, 16.135, 11.0925, 16.64, 11.5975, 17.1425, 12.1, 17.6475, 12.605, 18.1525, 13.11, 18.655, 13.6125, 19.16, 14.1175, 19.665, 14.6225],
      "ImagePositionPatient": [
        [-90.379057413863, -129.0718280576, -9.0805319151742],
        [-90.379057413863, -126.43301694614, -2.3815267882211],
        [-90.379057413863, -123.79420964939, 4.3174821534293],
        [-90.379057413863, -121.15540044529, 11.016487280382],
        [-90.379057413863, -118.51659124119, 17.715492407336],
        [-90.379057413863, -115.87778203709, 24.414499441637],
        [-90.379057413863, -113.23897283299, 31.113506475939],
        [-90.379057413863, -110.60016458256, 37.812513510241],
        [-90.379057413863, -107.96135537846, 44.511519590868],
        [-90.379057413863, -105.32254712803, 51.210526386751],
        [-90.379057413863, -102.68373792393, 57.909532705797],
        [-90.379057413863, -100.04492919666, 64.608538786425],
        [-90.379057413863, -97.406120409795, 71.307544867052],
        [-90.379057413863, -94.767311622926, 78.006551901354],
        [-90.379057413863, -92.128502538033, 84.705558935656],
        [-90.379057413863, -89.489693810769, 91.404564062609],
        [-90.379057413863, -86.850884606667, 98.103573004259],
        [-90.379057413863, -84.21207635624, 104.80257813121],
        [-90.379057413863, -81.573267152139, 111.50158325817],
        [-90.379057413863, -78.934458901711, 118.20059219982]
],
      "InstanceCreationTime": ["112137.523000", "112137.503000", "112137.525000", "112137.506000", "112137.526000", "112137.508000", "112137.528000", "112137.510000", "112137.530000", "112137.511000", "112137.532000", "112137.513000", "112137.534000", "112137.515000", "112137.536000", "112137.517000", "112137.538000", "112137.519000", "112137.540000", "112137.521000"],
      "InstanceNumber": [11, 1, 12, 2, 13, 3, 14, 4, 15, 5, 16, 6, 17, 7, 18, 8, 19, 9, 20, 10],
      "LargestImagePixelValue": [970, 1211, 1060, 1209, 1972, 1987, 1991, 1000, 1002, 1125, 1101, 1189, 1191, 2211, 1951, 1988, 2062, 2032, 2075, 2095],
      "SliceLocation": [-55.753668877538, -48.553669309979, -41.35366759125, -34.153668722737, -26.953669854223, -19.753669211079, -12.553668567935, -5.3536682743136, 1.8463314815151, 9.0463315533076, 16.246331530965, 23.446331112033, 30.646330714945, 37.846331205173, 45.046331804627, 52.246330498379, 59.446332916154, 66.646331435144, 73.846330303658, 81.04633237191],
      "WindowCenter": [1031.0, 1017.0, 1052.0, 1057.0, 1084.0, 1100.0, 1121.0, 1082.0, 1089.0, 1075.0, 1076.0, 1060.0, 1055.0, 1097.0, 1104.0, 1070.0, 1099.0, 1102.0, 1162.0, 1183.0],
      "WindowWidth": [1679.0, 1577.0, 1716.0, 1743.0, 1845.0, 1824.0, 1864.0, 1658.0, 1664.0, 1648.0, 1647.0, 1626.0, 1619.0, 1844.0, 1885.0, 1869.0, 1974.0, 2009.0, 2154.0, 2246.0]
    }
  }
}