{
  "AcquisitionMatrixPE": 36,
  "AcquisitionNumber": 1,
  "AcquisitionTime": "11:32:46.842500",
  "BandwidthPerPixelPhaseEncode": 29.551,
  "BaseResolution": 96,
  "BodyPartExamined": "CSPINE",
  "CoilCombinationMethod": "Adaptive Combine",
  "ConsistencyInfo": "N4_VE11C_LATEST_20160120",
  "ConversionSoftware": "dcm2niix",
  "ConversionSoftwareVersion": "v1.0.20220505",
  "DerivedVendorReportedEchoSpacing": 0.000939994,
  "DeviceSerialNumber": "167006",
  "DiffusionScheme": "Monopolar",
  "DwellTime": 4.1e-06,
  "EchoTime": 0.06,
  "EchoTrainLength": 31,
  "EffectiveEchoSpacing": 0.000939995,
  "FlipAngle": 90,
  "HeudiconvVersion": "0.5.3.post811+g6206e14",
  "ImageOrientationPatientDICOM": [1, 0, 0, 0, 0.995562, -0.0941083],
  "ImageOrientationText": "Tra>Cor(-5.4)",
  "ImageType": [
    "ORIGINAL",
    "PRIMARY",
    "DIFFUSION",
    "NONE",
    "ND",
    "MOSAIC"
],
  "ImagingFrequency": 123.26,
  "InPlanePhaseEncodingDirectionDICOM": "COL",
  "InstitutionAddress": "Chemin Queen-Mary 4565,Montreal,District,CA,H3W 1W5",
  "InstitutionName": "IUGM",
  "InstitutionalDepartmentName": "Department",
  "MRAcquisitionType": "2D",
  "MagneticFieldStrength": 3,
  "Manufacturer": "Siemens",
  "ManufacturersModelName": "Prisma_fit",
  "MatrixCoilMode": "SENSE",
  "Modality": "MR",
  "PartialFourier": 0.875,
  "PatientPosition": "HFS",
  "PercentPhaseFOV": 37.5,
  "PercentSampling": 100,
  "PhaseEncodingDirection": "j-",
  "PhaseEncodingSteps": 31,
  "PhaseResolution": 1,
  "PixelBandwidth": 1270,
  "ProcedureStepDescription": "anat^generic",
  "ProtocolName": "DWI",
  "PulseSequenceDetails": "%SiemensSeq%\\ep2d_diff",
  "ReceiveCoilActiveElements": "HC7;NC1,2",
  "ReceiveCoilName": "HeadNeck_64",
  "ReconMatrixPE": 36,
  "RepetitionTime": 0.61,
  "SAR": 0.462605,
  "ScanOptions": "PFP\\SFS\\CT",
  "ScanningSequence": "EP",
  "SequenceName": "*ez_b0",
  "SequenceVariant": "SK\\SP",
  "SeriesDescription": "DWI",
  "SeriesNumber": 35,
  "ShimSetting": [639, -7272, -9331, -865, 191, 1860, -538, -64],
  "SliceThickness": 5,
  "SliceTiming": [0, 1.485, 2.99, 4.46, 5.885, 0.195, 1.6825, 3.1875, 4.6575, 6.0825, 0.3925, 1.8775, 3.3825, 4.8525, 6.2775],
  "SoftwareVersions": "syngo MR E11",
  "SpacingBetweenSlices": 5,
  "SpoilingState": true,
  "StationName": "MRC35049",
  "TotalReadoutTime": 0.0328998,
  "TxRefAmp": 304.666,
  "dcmmeta_affine": [
    [-0.8958333134651184, 0.0, 0.0, 40.604557037353516],
    [0.0, 0.8918575644493103, -0.4705416262149811, 7.366626262664795],
    [0.0, 0.08430536836385727, 4.977809906005859, -164.8285675048828],
    [0.0, 0.0, 0.0, 1.0]
],
  "dcmmeta_reorient_transform": [
    [0.0, -1.0, 0.0, 35.0],
    [1.0, 0.0, 0.0, 0.0],
    [0.0, 0.0, -1.0, 14.0],
    [0.0, 0.0, 0.0, 1.0]
],
  "dcmmeta_shape": [96, 36, 15, 35],
  "dcmmeta_slice_dim": 2,
  "dcmmeta_version": 0.6,
  "global": {
    "const": {
      "AcquisitionMatrix": [96, 0, 0, 36],
      "AngioFlag": "N",
      "BitsAllocated": 16,
      "BitsStored": 12,
      "BodyPartExamined": "CSPINE",
      "CardiacNumberOfImages": 1,
      "Columns": 384,
      "EchoNumbers": 1,
      "EchoTime": 60.0,
      "EchoTrainLength": 31,
      "FlipAngle": 90.0,
      "HighBit": 11,
      "ImageOrientationPatient": [1.0, 0.0, 0.0, 0.0, 0.99556196389853, -0.0941083207719],
      "ImagePositionPatient": [-169.60455489159, -80.154367577004, -87.63604905885],
      "ImageType": [
        "ORIGINAL",
        "PRIMARY",
        "DIFFUSION",
        "NONE",
        "ND",
        "MOSAIC"
],
      "ImagedNucleus": "1H",
      "ImagingFrequency": 123.260178,
      "InPlanePhaseEncodingDirection": "COL",
      "MRAcquisitionType": "2D",
      "MagneticFieldStrength": 3.0,
      "Manufacturer": "SIEMENS",
      "ManufacturerModelName": "Prisma_fit",
      "Modality": "MR",
      "NominalInterval": 0,
      "NumberOfAverages": 1.0,
      "NumberOfPhaseEncodingSteps": 31,
      "PercentPhaseFieldOfView": 37.5,
      "PercentSampling": 100.0,
      "PerformedProcedureStepStartTime": "101534.930000",
      "PhotometricInterpretation": "MONOCHROME2",
      "PixelBandwidth": 1270.0,
      "PixelRepresentation": 0,
      "PixelSpacing": [0.89583331346512, 0.89583331346512],
      "ProtocolName": "DWI",
      "RepetitionTime": 610.0,
      "Rows": 144,
      "SAR": 0.46260460379403,
      "SamplesPerPixel": 1,
      "ScanOptions": [
        "PFP",
        "SFS",
        "CT"
],
      "ScanningSequence": "EP",
      "SequenceVariant": [
        "SK",
        "SP"
],
      "SeriesDescription": "DWI",
      "SeriesNumber": 35,
      "SeriesTime": "113247.648000",
      "SliceLocation": -94.790310044541,
      "SliceThickness": 5.0,
      "SmallestImagePixelValue": 0,
      "SoftwareVersions": "syngo MR E11",
      "SpacingBetweenSlices": 5.0000000806205,
      "SpecificCharacterSet": "ISO_IR 100",
      "StudyID": "1",
      "StudyTime": "101534.864000",
      "TransmitCoilName": "Body",
      "VariableFlipAngleFlag": "N",
      "WindowCenter": 1902.0,
      "WindowCenterWidthExplanation": "WINDOW1",
      "WindowWidth": 4030.0,
      "dBdt": 0.0},
    "slices": {}
  },
  "time": {
    "samples": {
      "AcquisitionNumber": [1, 2, 3, 4, 5, 6, 7, 8, 9, 10, 11, 12, 13, 14, 15, 16, 17, 18, 19, 20, 21, 22, 23, 24, 25, 26, 27, 28, 29, 30, 31, 32, 33, 34, 35],
      "AcquisitionTime": ["113246.842500", "113254.195000", "113301.415000", "113308.565000", "113315.920000", "113321.045000", "113324.585000", "113328.777500", "113333.272500", "113336.812500", "113342.207500", "113345.822500", "113349.322500", "113355.242500", "113402.325000", "113409.305000", "113416.050000", "113423.180000", "113430.345000", "113437.477500", "113441.677500", "113445.332500", "113450.437500", "113457.747500", "113502.072500", "113508.557500", "113515.075000", "113522.465000", "113529.615000", "113536.625000", "113543.680000", "113547.842500", "113551.202500", "113556.192500", "113602.367500"],
      "ContentTime": ["113247.651000", "113258.232000", "113303.232000", "113313.232000", "113318.233000", "113323.232000", "113328.232000", "113333.232000", "113338.232000", "113338.235000", "113343.232000", "113348.233000", "113353.232000", "113358.232000", "113403.232000", "113413.232000", "113418.232000", "113428.232000", "113433.232000", "113443.232000", "113443.235000", "113448.232000", "113453.232000", "113503.232000", "113503.235000", "113513.232000", "113518.232000", "113528.232000", "113533.232000", "113538.232000", "113548.232000", "113553.232000", "113553.235000", "113558.232000", "113603.181000"],
      "InstanceCreationTime": ["113247.651000", "113258.232000", "113303.232000", "113313.232000", "113318.233000", "113323.232000", "113328.232000", "113333.232000", "113338.232000", "113338.235000", "113343.232000", "113348.233000", "113353.232000", "113358.232000", "113403.232000", "113413.232000", "113418.232000", "113428.232000", "113433.232000", "113443.232000", "113443.235000", "113448.232000", "113453.232000", "113503.232000", "113503.235000", "113513.232000", "113518.232000", "113528.232000", "113533.232000", "113538.232000", "113548.232000", "113553.232000", "113553.235000", "113558.232000", "113603.181000"],
      "InstanceNumber": [1, 2, 3, 4, 5, 6, 7, 8, 9, 10, 11, 12, 13, 14, 15, 16, 17, 18, 19, 20, 21, 22, 23, 24, 25, 26, 27, 28, 29, 30, 31, 32, 33, 34, 35],
      "LargestImagePixelValue": [4095, 2204, 2080, 2520, 2202, 2115, 1976, 1959, 2297, 1768, 2350, 2130, 1706, 2112, 2438, 2491, 2132, 2883, 2486, 2861, 1800, 1685, 2318, 2678, 2623, 1978, 2494, 2693, 2364, 2613, 2625, 4095, 4095, 4095, 4095],
      "SequenceName": [
        "*ez_b0",
        "*ez_b800#1",
        "*ez_b800#2",
        "*ez_b800#3",
        "*ez_b800#4",
        "*ez_b800#5",
        "*ez_b800#6",
        "*ez_b800#7",
        "*ez_b800#8",
        "*ez_b800#9",
        "*ez_b800#10",
        "*ez_b800#11",
        "*ez_b800#12",
        "*ez_b800#13",
        "*ez_b800#14",
        "*ez_b800#15",
        "*ez_b800#16",
        "*ez_b800#17",
        "*ez_b800#18",
        "*ez_b800#19",
        "*ez_b800#20",
        "*ez_b800#21",
        "*ez_b800#22",
        "*ez_b800#23",
        "*ez_b800#24",
        "*ez_b800#25",
        "*ez_b800#26",
        "*ez_b800#27",
        "*ez_b800#28",
        "*ez_b800#29",
        "*ez_b800#30",
        "*ez_b0",
        "*ez_b0",
        "*ez_b0",
        "*ez_b0"
],
      "TriggerTime": [570.0, 570.0, 572.5, 572.5, 572.5, 570.0, 570.0, 570.0, 572.5, 572.5, 572.5, 572.5, 572.5, 570.0, 570.0, 572.5, 572.5, 572.5, 570.0, 570.0, 572.5, 572.5, 572.5, 572.5, 572.5, 570.0, 570.0, 572.5, 572.5, 572.5, 570.0, 570.0, 572.5, 572.5, 572.5]
    },
    "slices": {}
  }
}