{
  "AcquisitionMatrixPE": 256,
  "AcquisitionNumber": 1,
  "AcquisitionTime": "10:57:28.975000",
  "BaseResolution": 256,
  "BodyPartExamined": "CSPINE",
  "CoilString": "HC5-7;NC1_2",
  "ConsistencyInfo": "N4_VE11C_LATEST_20160120",
  "ConversionSoftware": "dcm2niix",
  "ConversionSoftwareVersion": "v1.0.20190902",
  "DeviceSerialNumber": "167006",
  "DwellTime": 7.5e-06,
  "EchoTime": 0.00313,
  "FlipAngle": 9,
  "ImageOrientationPatientDICOM": [0.999743, 0.00374441, -0.0223762, 7.87563e-08, 0.986286, 0.165048],
  "ImageType": [
    "ORIGINAL",
    "PRIMARY",
    "M",
    "DIS2D"
],
  "ImagingFrequency": 123.258,
  "InPlanePhaseEncodingDirectionDICOM": "COL",
  "InstitutionAddress": "Chemin_Queen-Mary_4565_Montreal_District_CA_H3W_1W5",
  "InstitutionName": "IUGM",
  "InstitutionalDepartmentName": "Department",
  "MRAcquisitionType": "3D",
  "MagneticFieldStrength": 3,
  "Manufacturer": "Siemens",
  "ManufacturersModelName": "Prisma_fit",
  "Modality": "MR",
  "ParallelReductionFactorInPlane": 2,
  "PartialFourier": 1,
  "PatientPosition": "HFS",
  "PercentPhaseFOV": 100,
  "PhaseEncodingSteps": 255,
  "PhaseResolution": 1,
  "PixelBandwidth": 260,
  "ProcedureStepDescription": "anat_generic",
  "ProtocolName": "GRE-MT1",
  "PulseSequenceDetails": "%SiemensSeq%_gre",
  "ReceiveCoilActiveElements": "HC5-7;NC1,2",
  "ReceiveCoilName": "HeadNeck_64",
  "ReconMatrixPE": 256,
  "RefLinesPE": 32,
  "RepetitionTime": 0.035,
  "SAR": 0.464109,
  "ScanOptions": "MT",
  "ScanningSequence": "GR",
  "SequenceName": "_fl3d1",
  "SequenceVariant": "MTC_SP",
  "SeriesDescription": "GRE-MT1",
  "SeriesNumber": 33,
  "ShimSetting": [614, -7240, -9048, -852, 247, 2783, -585, -165],
  "SliceThickness": 5,
  "SoftwareVersions": "syngo_MR_E11",
  "StationName": "MRC35049",
  "TxRefAmp": 256.923,
  "dcmmeta_affine": [
    [0.8982062339782715, 7.075765040553961e-08, -0.11343654990196228, -108.30609893798828],
    [0.003364117117598653, 0.8861159682273865, 0.8250256776809692, -134.62342834472656],
    [0.02010359987616539, -0.14828495681285858, 4.930158615112305, -129.99688720703125],
    [0.0, 0.0, 0.0, 1.0]
],
  "dcmmeta_reorient_transform": [
    [0.0, -1.0, 0.0, 255.0],
    [-1.0, 0.0, 0.0, 255.0],
    [0.0, 0.0, -1.0, 21.0],
    [0.0, 0.0, 0.0, 1.0]
],
  "dcmmeta_shape": [256, 256, 22],
  "dcmmeta_slice_dim": 2,
  "dcmmeta_version": 0.6,
  "global": {
    "const": {
      "AcquisitionMatrix": [256, 0, 0, 256],
      "AcquisitionNumber": 1,
      "AcquisitionTime": "105728.975000",
      "AngioFlag": "N",
      "BitsAllocated": 16,
      "BitsStored": 12,
      "BodyPartExamined": "CSPINE",
      "Columns": 256,
      "EchoNumbers": 1,
      "EchoTime": 3.13,
      "EchoTrainLength": 1,
      "FlipAngle": 9.0,
      "HighBit": 11,
      "ImageOrientationPatient": [0.99974260986364, 0.00374440859358, -0.0223761799089, 7.8756343e-08, 0.98628560083943, 0.16504761003054],
      "ImageType": [
        "ORIGINAL",
        "PRIMARY",
        "M",
        "DIS2D"
],
      "ImagedNucleus": "1H",
      "ImagingFrequency": 123.258205,
      "InPlanePhaseEncodingDirection": "COL",
      "MRAcquisitionType": "3D",
      "MagneticFieldStrength": 3.0,
      "Manufacturer": "SIEMENS",
      "ManufacturerModelName": "Prisma_fit",
      "Modality": "MR",
      "NumberOfAverages": 1.0,
      "NumberOfPhaseEncodingSteps": 255,
      "PercentPhaseFieldOfView": 100.0,
      "PercentSampling": 100.0,
      "PerformedProcedureStepStartTime": "093201.858000",
      "PhotometricInterpretation": "MONOCHROME2",
      "PixelBandwidth": 260.0,
      "PixelRepresentation": 0,
      "PixelSpacing": [0.8984375, 0.8984375],
      "ProtocolName": "GRE-MT1",
      "RepetitionTime": 35.0,
      "Rows": 256,
      "SAR": 0.46410903688078,
      "SamplesPerPixel": 1,
      "ScanOptions": "MT",
      "ScanningSequence": "GR",
      "SequenceName": "*fl3d1",
      "SequenceVariant": [
        "MTC",
        "SP"
],
      "SeriesDescription": "GRE-MT1",
      "SeriesNumber": 33,
      "SeriesTime": "105943.713000",
      "SliceThickness": 5.0,
      "SmallestImagePixelValue": 0,
      "SoftwareVersions": "syngo MR E11",
      "SpecificCharacterSet": "ISO_IR 100",
      "StudyID": "1",
      "StudyTime": "093201.804000",
      "TransmitCoilName": "Body",
      "VariableFlipAngleFlag": "N",
      "WindowCenterWidthExplanation": "Algo1",
      "dBdt": 0.0},
    "slices": {
      "ContentTime": ["105943.716000", "105943.718000", "105943.720000", "105943.723000", "105943.726000", "105943.728000", "105943.730000", "105943.732000", "105943.734000", "105943.736000", "105943.738000", "105943.741000", "105943.742000", "105943.745000", "105943.747000", "105943.749000", "105943.754000", "105943.756000", "105943.758000", "105943.760000", "105943.762000", "105943.764000"],
      "CsaImage.Actual3DImaPartNumber": [0, 1, 2, 3, 4, 5, 6, 7, 8, 9, 10, 11, 12, 13, 14, 15, 16, 17, 18, 19, 20, 21],
      "CsaImage.ICE_Dims": [
        "X_1_1_1_1_1_1_1_1_1_1_1_271",
        "X_1_1_1_1_1_2_1_1_1_1_1_271",
        "X_1_1_1_1_1_3_1_1_1_1_1_271",
        "X_1_1_1_1_1_4_1_1_1_1_1_271",
        "X_1_1_1_1_1_5_1_1_1_1_1_271",
        "X_1_1_1_1_1_6_1_1_1_1_1_271",
        "X_1_1_1_1_1_7_1_1_1_1_1_271",
        "X_1_1_1_1_1_8_1_1_1_1_1_271",
        "X_1_1_1_1_1_9_1_1_1_1_1_271",
        "X_1_1_1_1_1_10_1_1_1_1_1_271",
        "X_1_1_1_1_1_11_1_1_1_1_1_271",
        "X_1_1_1_1_1_12_1_1_1_1_1_271",
        "X_1_1_1_1_1_13_1_1_1_1_1_271",
        "X_1_1_1_1_1_14_1_1_1_1_1_271",
        "X_1_1_1_1_1_15_1_1_1_1_1_271",
        "X_1_1_1_1_1_16_1_1_1_1_1_271",
        "X_1_1_1_1_1_17_1_1_1_1_1_271",
        "X_1_1_1_1_1_18_1_1_1_1_1_271",
        "X_1_1_1_1_1_19_1_1_1_1_1_271",
        "X_1_1_1_1_1_20_1_1_1_1_1_271",
        "X_1_1_1_1_1_21_1_1_1_1_1_271",
        "X_1_1_1_1_1_22_1_1_1_1_1_271"
],
      "CsaImage.SlicePosition_PCS": [
        [-120.73651327, -92.19399195, -67.68312814],
        [-120.62307672, -93.01901761, -62.75296943],
        [-120.50964017, -93.84404326, -57.82281073],
        [-120.39620362, -94.66906891, -52.89265203],
        [-120.28276707, -95.49409456, -47.96249333],
        [-120.16933052, -96.31912021, -43.03233463],
        [-120.05589397, -97.14414586, -38.10217593],
        [-119.94245742, -97.96917151, -33.17201722],
        [-119.82902088, -98.79419716, -28.24185852],
        [-119.71558433, -99.61922281, -23.31169982],
        [-119.60214778, -100.44424846, -18.38154112],
        [-119.48871123, -101.26927411, -13.45138242],
        [-119.37527468, -102.09429976, -8.52122371],
        [-119.26183813, -102.91932542, -3.59106501],
        [-119.14840158, -103.74435107, 1.33909369],
        [-119.03496504, -104.56937672, 6.26925239],
        [-118.92152849, -105.39440237, 11.19941109],
        [-118.80809194, -106.21942802, 16.12956979],
        [-118.69465539, -107.04445367, 21.0597285],
        [-118.58121884, -107.86947932, 25.9898872],
        [-118.46778229, -108.69450497, 30.9200459],
        [-118.35434574, -109.51953062, 35.8502046]
],
      "ImagePositionPatient": [
        [-120.73651326567, -92.193991954636, -162.68312813585],
        [-120.62307671699, -93.019017605466, -157.75296943406],
        [-120.50964016831, -93.844043256296, -152.82281073226],
        [-120.39620361964, -94.669068907125, -147.89265203047],
        [-120.28276707096, -95.494094557955, -142.96249332867],
        [-120.16933052228, -96.319120208785, -138.03233462687],
        [-120.05589397361, -97.144145859615, -133.10217592508],
        [-119.94245742493, -97.969171510445, -128.17201722328],
        [-119.82902087625, -98.794197161274, -123.24185852148],
        [-119.71558432758, -99.619222812104, -118.31169981969],
        [-119.6021477789, -100.44424846293, -113.38154111789],
        [-119.48871123022, -101.26927411376, -108.4513824161],
        [-119.37527468155, -102.09429976459, -103.5212237143],
        [-119.26183813287, -102.91932541542, -98.591065012503],
        [-119.14840158419, -103.74435106625, -93.660906310707],
        [-119.03496503552, -104.56937671708, -88.730747608911],
        [-118.92152848684, -105.39440236791, -83.800588907115],
        [-118.80809193816, -106.21942801874, -78.870430205318],
        [-118.69465538949, -107.04445366957, -73.940271503522],
        [-118.58121884081, -107.8694793204, -69.010112801726],
        [-118.46778229213, -108.69450497123, -64.07995409993],
        [-118.35434574346, -109.51953062206, -59.149795398134]
],
      "InstanceCreationTime": ["105943.716000", "105943.718000", "105943.720000", "105943.723000", "105943.726000", "105943.728000", "105943.730000", "105943.732000", "105943.734000", "105943.736000", "105943.738000", "105943.741000", "105943.742000", "105943.745000", "105943.747000", "105943.749000", "105943.754000", "105943.756000", "105943.758000", "105943.760000", "105943.762000", "105943.764000"],
      "InstanceNumber": [22, 21, 20, 19, 18, 17, 16, 15, 14, 13, 12, 11, 10, 9, 8, 7, 6, 5, 4, 3, 2, 1],
      "LargestImagePixelValue": [1959, 3830, 4095, 4095, 4095, 4095, 4095, 4095, 4095, 4095, 4095, 4095, 4095, 4095, 4095, 4095, 4095, 4095, 4095, 4095, 4095, 2936],
      "SliceLocation": [-147.93743299271, -142.93743299271, -137.93743299271, -132.93743299271, -127.93743299271, -122.93743299271, -117.93743299271, -112.93743299271, -107.93743299271, -102.93743299271, -97.93743299271, -92.93743299271, -87.93743299271, -82.93743299271, -77.93743299271, -72.93743299271, -67.93743299271, -62.93743299271, -57.93743299271, -52.93743299271, -47.93743299271, -42.93743299271],
      "WindowCenter": [569.0, 859.0, 1077.0, 969.0, 858.0, 818.0, 785.0, 781.0, 773.0, 797.0, 781.0, 849.0, 851.0, 934.0, 1004.0, 1041.0, 1148.0, 1234.0, 1290.0, 1246.0, 1024.0, 731.0],
      "WindowWidth": [1256.0, 1997.0, 2697.0, 3218.0, 3282.0, 3216.0, 3225.0, 3249.0, 3254.0, 3300.0, 3377.0, 3395.0, 3476.0, 3518.0, 3533.0, 3586.0, 3553.0, 3483.0, 3314.0, 2957.0, 2383.0, 1684.0]
    }
  }
}