{
  "AcquisitionMatrixPE": 256,
  "AcquisitionNumber": 1,
  "AcquisitionTime": "10:57:28.975000",
  "BaseResolution": 256,
  "BodyPartExamined": "BRAIN",
  "CoilString": "HC5-7;NC1_2",
  "ConsistencyInfo": "N4_VE11C_LATEST_20160120",
  "ConversionSoftware": "dcm2niix",
  "ConversionSoftwareVersion": "v1.0.20200427",
  "DeviceSerialNumber": "167006",
  "DwellTime": 7.5e-06,
  "EchoTime": 0.00313,
  "FlipAngle": 9,
  "ImageOrientationPatientDICOM": [0.999743, 0.00374441, -0.0223762, 7.87563e-08, 0.986286, 0.165048],
  "ImageType": [
    "ORIGINAL",
    "PRIMARY",
    "M",
    "DIS2D"
],
  "ImagingFrequency": 123.258,
  "InPlanePhaseEncodingDirectionDICOM": "COL",
  "InstitutionAddress": "Chemin_Queen-Mary_4565_Montreal_District_CA_H3W_1W5",
  "InstitutionName": "IUGM",
  "InstitutionalDepartmentName": "Department",
  "MRAcquisitionType": "3D",
  "MagneticFieldStrength": 3,
  "Manufacturer": "Siemens",
  "ManufacturersModelName": "Prisma_fit",
  "Modality": "MR",
  "ParallelReductionFactorInPlane": 2,
  "PartialFourier": 1,
  "PatientPosition": "HFS",
  "PercentPhaseFOV": 100,
  "PercentSampling": 100,
  "PhaseEncodingSteps": 255,
  "PhaseResolution": 1,
  "PixelBandwidth": 260,
  "ProcedureStepDescription": "anat_generic",
  "ProtocolName": "GRE-MT1",
  "PulseSequenceDetails": "%SiemensSeq%_gre",
  "ReceiveCoilActiveElements": "HC5-7;NC1,2",
  "ReceiveCoilName": "HeadNeck_64",
  "ReconMatrixPE": 256,
  "RefLinesPE": 32,
  "RepetitionTime": 0.035,
  "SAR": 0.464109,
  "ScanOptions": "MT",
  "ScanningSequence": "GR",
  "SequenceName": "_fl3d1",
  "SequenceVariant": "MTC_SP",
  "SeriesDescription": "GRE-MT1",
  "SeriesNumber": 33,
  "ShimSetting": [614, -7240, -9048, -852, 247, 2783, -585, -165],
  "SliceThickness": 5,
  "SoftwareVersions": "syngo_MR_E11",
  "StationName": "MRC35049",
  "TxRefAmp": 256.923}