{
  "AcquisitionMatrixPE": 110,
  "AcquisitionNumber": 1,
  "AcquisitionTime": "16:04:51.947500",
  "BandwidthPerPixelPhaseEncode": 12.987,
  "BaseResolution": 110,
  "BodyPartExamined": "BRAIN",
  "CoilCombinationMethod": "Sum of Squares",
  "ConsistencyInfo": "N4_VE11C_LATEST_20160120",
  "ConversionSoftware": "dcm2niix",
  "ConversionSoftwareVersion": "v1.0.20220505",
  "DerivedVendorReportedEchoSpacing": 0.000700001,
  "DeviceSerialNumber": "167006",
  "DiffusionScheme": "Monopolar",
  "DwellTime": 2.7e-06,
  "EchoTime": 0.0768,
  "EchoTrainLength": 83,
  "EffectiveEchoSpacing": 0.000700001,
  "FlipAngle": 78,
  "HeudiconvVersion": "0.5.3.post811+g6206e14",
  "ImageComments": "Unaliased MB3/PE3/LB SENSE1+",
  "ImageOrientationPatientDICOM": [1, 0, 0, 0, 0.984808, -0.173648],
  "ImageOrientationText": "Tra>Cor(-10.0)",
  "ImageType": [
    "ORIGINAL",
    "PRIMARY",
    "DIFFUSION",
    "NONE",
    "MB",
    "ND",
    "MOSAIC"
],
  "ImagingFrequency": 123.259,
  "InPlanePhaseEncodingDirectionDICOM": "COL",
  "InstitutionAddress": "Chemin Queen-Mary 4565,Montreal,District,CA,H3W 1W5",
  "InstitutionName": "IUGM",
  "InstitutionalDepartmentName": "Department",
  "MRAcquisitionType": "2D",
  "MagneticFieldStrength": 3,
  "Manufacturer": "Siemens",
  "ManufacturersModelName": "Prisma_fit",
  "MatrixCoilMode": "SENSE",
  "Modality": "MR",
  "MultibandAccelerationFactor": 3,
  "PartialFourier": 0.75,
  "PatientPosition": "HFS",
  "PercentPhaseFOV": 100,
  "PercentSampling": 100,
  "PhaseEncodingDirection": "j",
  "PhaseEncodingSteps": 83,
  "PhaseResolution": 1,
  "PixelBandwidth": 1685,
  "ProcedureStepDescription": "anat^generic",
  "ProtocolName": "dMRI_dir106_PA_test_cmrr",
  "PulseSequenceDetails": "%CustomerSeq%\\cmrr_mbep2d_diff",
  "ReceiveCoilActiveElements": "HC1-6",
  "ReceiveCoilName": "HeadNeck_64",
  "ReconMatrixPE": 110,
  "RepetitionTime": 2.243,
  "SAR": 0.144267,
  "ScanOptions": "PFP\\EXT",
  "ScanningSequence": "EP",
  "SequenceName": "ep_b0",
  "SequenceVariant": "SK\\SS",
  "SeriesDescription": "dMRI_dir106_PA_test_cmrr",
  "SeriesNumber": 20,
  "ShimSetting": [603, -7328, -8771, 593, 30, -277, -82, 72],
  "SliceThickness": 2,
  "SliceTiming": [0, 1.17, 0.1175, 1.2875, 0.235, 1.405, 0.35, 1.52, 0.4675, 1.6375, 0.585, 1.755, 0.7025, 1.8725, 0.82, 1.9875, 0.935, 2.105, 1.0525, 0, 1.17, 0.1175, 1.2875, 0.235, 1.405, 0.35, 1.52, 0.4675, 1.6375, 0.585, 1.755, 0.7025, 1.8725, 0.82, 1.9875, 0.935, 2.105, 1.0525, 0, 1.17, 0.1175, 1.2875, 0.235, 1.405, 0.35, 1.52, 0.4675, 1.6375, 0.585, 1.755, 0.7025, 1.8725, 0.82, 1.9875, 0.935, 2.105, 1.0525],
  "SoftwareVersions": "syngo MR E11",
  "SpacingBetweenSlices": 2,
  "StationName": "MRC35049",
  "TotalReadoutTime": 0.0763001,
  "TxRefAmp": 230.598,
  "WipMemBlock": "e26aff1b-be0d-4d51-9e90-b017981230c8||Sequence: R017 ve11c/master r/75a17815+; Jun 28 2022 16:41:33 by eja",
  "dcmmeta_affine": [
    [-2.0, 0.0, 0.0, 109.49686431884766],
    [0.0, 1.9696154594421387, -0.3472963571548462, -79.91156005859375],
    [0.0, 0.3472963571548462, 1.9696154594421387, -40.56692123413086],
    [0.0, 0.0, 0.0, 1.0]
],
  "dcmmeta_reorient_transform": [
    [0.0, -1.0, 0.0, 109.0],
    [1.0, 0.0, 0.0, 0.0],
    [0.0, 0.0, -1.0, 56.0],
    [0.0, 0.0, 0.0, 1.0]
],
  "dcmmeta_shape": [110, 110, 57, 107],
  "dcmmeta_slice_dim": 2,
  "dcmmeta_version": 0.6,
  "global": {
    "const": {
      "AcquisitionMatrix": [110, 0, 0, 110],
      "AngioFlag": "N",
      "BitsAllocated": 16,
      "BitsStored": 16,
      "BodyPartExamined": "BRAIN",
      "CardiacNumberOfImages": 1,
      "Columns": 880,
      "EchoNumbers": 1,
      "EchoTime": 76.8,
      "EchoTrainLength": 83,
      "FlipAngle": 78.0,
      "HighBit": 15,
      "ImageOrientationPatient": [1.0, 0.0, 0.0, 0.0, 0.98480775371103, -0.1736481737037],
      "ImagePositionPatient": [-879.49686384201, -873.62990392367, 241.29594278602],
      "ImageType": [
        "ORIGINAL",
        "PRIMARY",
        "DIFFUSION",
        "NONE",
        "MB",
        "ND",
        "MOSAIC"
],
      "ImagedNucleus": "1H",
      "ImagingFrequency": 123.258827,
      "InPlanePhaseEncodingDirection": "COL",
      "MRAcquisitionType": "2D",
      "MagneticFieldStrength": 3.0,
      "Manufacturer": "SIEMENS",
      "ManufacturerModelName": "Prisma_fit",
      "Modality": "MR",
      "NominalInterval": 0,
      "NumberOfAverages": 1.0,
      "NumberOfPhaseEncodingSteps": 83,
      "PercentPhaseFieldOfView": 100.0,
      "PercentSampling": 100.0,
      "PerformedProcedureStepStartTime": "151012.737000",
      "PhotometricInterpretation": "MONOCHROME2",
      "PixelBandwidth": 1685.0,
      "PixelRepresentation": 0,
      "PixelSpacing": [2.0, 2.0],
      "ProtocolName": "dMRI_dir106_PA_test_cmrr",
      "RepetitionTime": 2243.0,
      "Rows": 880,
      "SAR": 0.14426682803035,
      "SamplesPerPixel": 1,
      "ScanOptions": [
        "PFP",
        "EXT"
],
      "ScanningSequence": "EP",
      "SequenceVariant": [
        "SK",
        "SS"
],
      "SeriesDescription": "dMRI_dir106_PA_test_cmrr",
      "SeriesNumber": 20,
      "SeriesTime": "160552.144000",
      "SliceLocation": 85.925878085396,
      "SliceThickness": 2.0,
      "SmallestImagePixelValue": 0,
      "SoftwareVersions": "syngo MR E11",
      "SpacingBetweenSlices": 2.0000000017979,
      "SpecificCharacterSet": "ISO_IR 100",
      "StudyID": "1",
      "StudyTime": "151012.660000",
      "TransmitCoilName": "Body",
      "VariableFlipAngleFlag": "N",
      "WindowCenterWidthExplanation": "Algo1",
      "dBdt": 0.0},
