{
  "AcquisitionMatrixPE": 256,
  "AcquisitionNumber": 1,
  "AcquisitionTime": "16:04:9.037500",
  "BaseResolution": 256,
  "BodyPartExamined": "CSPINE",
  "CoilString": "HC5-7;NC1_2",
  "ConsistencyInfo": "N4_VE11C_LATEST_20160120",
  "ConversionSoftware": "dcm2niix",
  "ConversionSoftwareVersion": "v1.0.20190902",
  "DeviceSerialNumber": "167006",
  "DwellTime": 7.5e-06,
  "EchoTime": 0.00313,
  "FlipAngle": 15,
  "ImageOrientationPatientDICOM": [0.998525, -0.0180693, 0.0511974, 6.67646e-08, 0.942993, 0.332813],
  "ImageType": [
    "ORIGINAL",
    "PRIMARY",
    "M",
    "DIS2D"
],
  "ImagingFrequency": 123.259,
  "InPlanePhaseEncodingDirectionDICOM": "COL",
  "InstitutionAddress": "Chemin_Queen-Mary_4565_Montreal_District_CA_H3W_1W5",
  "InstitutionName": "IUGM",
  "InstitutionalDepartmentName": "Department",
  "MRAcquisitionType": "3D",
  "MagneticFieldStrength": 3,
  "Manufacturer": "Siemens",
  "ManufacturersModelName": "Prisma_fit",
  "Modality": "MR",
  "ParallelReductionFactorInPlane": 2,
  "PartialFourier": 1,
  "PatientPosition": "HFS",
  "PercentPhaseFOV": 100,
  "PhaseEncodingSteps": 255,
  "PhaseResolution": 1,
  "PixelBandwidth": 260,
  "ProcedureStepDescription": "hcptrt_generic",
  "ProtocolName": "GRE-T1w",
  "PulseSequenceDetails": "%SiemensSeq%_gre",
  "ReceiveCoilActiveElements": "HC5-7;NC1,2",
  "ReceiveCoilName": "HeadNeck_64",
  "ReconMatrixPE": 256,
  "RefLinesPE": 32,
  "RepetitionTime": 0.015,
  "SAR": 0.030292,
  "ScanningSequence": "GR",
  "SequenceName": "_fl3d1",
  "SequenceVariant": "SP",
  "SeriesDescription": "GRE-T1w",
  "SeriesNumber": 36,
  "ShimSetting": [589, -7141, -8870, -532, 88, 2428, -583, -102],
  "SliceThickness": 5,
  "SoftwareVersions": "syngo_MR_E11",
  "StationName": "MRC35049",
  "TxRefAmp": 258.2,
  "dcmmeta_affine": [
    [0.8971123695373535, 5.998386143346579e-08, 0.27146244049072266, -118.20490264892578],
    [-0.016234122216701508, 0.8472203016281128, 1.6616084575653076, -146.35906982421875],
    [-0.04599767550826073, -0.2990112900733948, 4.708010673522949, -67.40745544433594],
    [0.0, 0.0, 0.0, 1.0]
],
  "dcmmeta_reorient_transform": [
    [0.0, -1.0, 0.0, 255.0],
    [-1.0, 0.0, 0.0, 255.0],
    [0.0, 0.0, -1.0, 21.0],
    [0.0, 0.0, 0.0, 1.0]
],
  "dcmmeta_shape": [256, 256, 22],
  "dcmmeta_slice_dim": 2,
  "dcmmeta_version": 0.6,
  "global": {
    "const": {
      "AcquisitionMatrix": [256, 0, 0, 256],
      "AcquisitionNumber": 1,
      "AcquisitionTime": "160409.037500",
      "AngioFlag": "N",
      "BitsAllocated": 16,
      "BitsStored": 12,
      "BodyPartExamined": "CSPINE",
      "Columns": 256,
      "EchoNumbers": 1,
      "EchoTime": 3.13,
      "EchoTrainLength": 1,
      "FlipAngle": 15.0,
      "HighBit": 11,
      "ImageOrientationPatient": [0.99852507522799, -0.0180692845145, 0.05119741300182, 6.6764646e-08, 0.9429930005109, 0.33281256134264],
      "ImageType": [
        "ORIGINAL",
        "PRIMARY",
        "M",
        "DIS2D"
],
      "ImagedNucleus": "1H",
      "ImagingFrequency": 123.259199,
      "InPlanePhaseEncodingDirection": "COL",
      "LargestImagePixelValue": 4095,
      "MRAcquisitionType": "3D",
      "MagneticFieldStrength": 3.0,
      "Manufacturer": "SIEMENS",
      "ManufacturerModelName": "Prisma_fit",
      "Modality": "MR",
      "NumberOfAverages": 1.0,
      "NumberOfPhaseEncodingSteps": 255,
      "PercentPhaseFieldOfView": 100.0,
      "PercentSampling": 100.0,
      "PerformedProcedureStepStartTime": "143549.661000",
      "PhotometricInterpretation": "MONOCHROME2",
      "PixelBandwidth": 260.0,
      "PixelRepresentation": 0,
      "PixelSpacing": [0.8984375, 0.8984375],
      "ProtocolName": "GRE-T1w",
      "RepetitionTime": 15.0,
      "Rows": 256,
      "SAR": 0.03029204564376,
      "SamplesPerPixel": 1,
      "ScanningSequence": "GR",
      "SequenceName": "*fl3d1",
      "SequenceVariant": "SP",
      "SeriesDescription": "GRE-T1w",
      "SeriesNumber": 36,
      "SeriesTime": "160509.146000",
      "SliceThickness": 5.0,
      "SmallestImagePixelValue": 0,
      "SoftwareVersions": "syngo MR E11",
      "SpecificCharacterSet": "ISO_IR 100",
      "StudyID": "1",
      "StudyTime": "143549.553000",
      "TransmitCoilName": "Body",
      "VariableFlipAngleFlag": "N",
      "WindowCenterWidthExplanation": "Algo1",
      "dBdt": 0.0},
    "slices": {
      "ContentTime": ["160509.149000", "160509.151000", "160509.153000", "160509.155000", "160509.157000", "160509.159000", "160509.161000", "160509.163000", "160509.165000", "160509.167000", "160509.176000", "160509.184000", "160509.186000", "160509.188000", "160509.190000", "160509.192000", "160509.194000", "160509.196000", "160509.198000", "160509.200000", "160509.202000", "160509.213000"],
      "CsaImage.Actual3DImaPartNumber": [0, 1, 2, 3, 4, 5, 6, 7, 8, 9, 10, 11, 12, 13, 14, 15, 16, 17, 18, 19, 20, 21],
      "CsaImage.ICE_Dims": [
        "X_1_1_1_1_1_1_1_1_1_1_1_299",
        "X_1_1_1_1_1_2_1_1_1_1_1_299",
        "X_1_1_1_1_1_3_1_1_1_1_1_299",
        "X_1_1_1_1_1_4_1_1_1_1_1_299",
        "X_1_1_1_1_1_5_1_1_1_1_1_299",
        "X_1_1_1_1_1_6_1_1_1_1_1_299",
        "X_1_1_1_1_1_7_1_1_1_1_1_299",
        "X_1_1_1_1_1_8_1_1_1_1_1_299",
        "X_1_1_1_1_1_9_1_1_1_1_1_299",
        "X_1_1_1_1_1_10_1_1_1_1_1_299",
        "X_1_1_1_1_1_11_1_1_1_1_1_299",
        "X_1_1_1_1_1_12_1_1_1_1_1_299",
        "X_1_1_1_1_1_13_1_1_1_1_1_299",
        "X_1_1_1_1_1_14_1_1_1_1_1_299",
        "X_1_1_1_1_1_15_1_1_1_1_1_299",
        "X_1_1_1_1_1_16_1_1_1_1_1_299",
        "X_1_1_1_1_1_17_1_1_1_1_1_299",
        "X_1_1_1_1_1_18_1_1_1_1_1_299",
        "X_1_1_1_1_1_19_1_1_1_1_1_299",
        "X_1_1_1_1_1_20_1_1_1_1_1_299",
        "X_1_1_1_1_1_21_1_1_1_1_1_299",
        "X_1_1_1_1_1_22_1_1_1_1_1_299"
],
      "CsaImage.SlicePosition_PCS": [
        [-110.55876837, -65.54239341, -93.38474005],
        [-110.83023081, -67.20400183, -88.67672926],
        [-111.10169324, -68.86561026, -83.96871847],
        [-111.37315568, -70.52721868, -79.26070768],
        [-111.64461811, -72.1888271, -74.55269689],
        [-111.91608055, -73.85043552, -69.8446861],
        [-112.18754298, -75.51204394, -65.13667531],
        [-112.45900542, -77.17365237, -60.42866452],
        [-112.73046785, -78.83526079, -55.72065373],
        [-113.00193029, -80.49686921, -51.01264294],
        [-113.27339272, -82.15847763, -46.30463215],
        [-113.54485516, -83.82008606, -41.59662136],
        [-113.81631759, -85.48169448, -36.88861057],
        [-114.08778003, -87.1433029, -32.18059978],
        [-114.35924246, -88.80491132, -27.47258899],
        [-114.6307049, -90.46651974, -22.7645782],
        [-114.90216733, -92.12812817, -18.05656741],
        [-115.17362977, -93.78973659, -13.34855662],
        [-115.4450922, -95.45134501, -8.64054583],
        [-115.71655463, -97.11295343, -3.93253504],
        [-115.98801707, -98.77456185, 0.77547575],
        [-116.2594795, -100.43617028, 5.48348654]
],
      "ImagePositionPatient": [
        [-110.55876837319, -65.542393411231, -155.38474004633],
        [-110.83023080802, -67.204001833398, -150.67672925642],
        [-111.10169324285, -68.865610255564, -145.96871846652],
        [-111.37315567768, -70.527218677731, -141.26070767661],
        [-111.64461811251, -72.188827099897, -136.55269688671],
        [-111.91608054734, -73.850435522063, -131.8446860968],
        [-112.18754298217, -75.51204394423, -127.1366753069],
        [-112.459005417, -77.173652366396, -122.42866451699],
        [-112.73046785183, -78.835260788563, -117.72065372709],
        [-113.00193028666, -80.496869210729, -113.01264293718],
        [-113.27339272149, -82.158477632896, -108.30463214728],
        [-113.54485515632, -83.820086055062, -103.59662135737],
        [-113.81631759115, -85.481694477229, -98.888610567466],
        [-114.08778002598, -87.143302899395, -94.180599777561],
        [-114.3592424608, -88.804911321562, -89.472588987656],
        [-114.63070489563, -90.466519743728, -84.764578197751],
        [-114.90216733046, -92.128128165895, -80.056567407846],
        [-115.17362976529, -93.789736588061, -75.348556617941],
        [-115.44509220012, -95.451345010228, -70.640545828036],
        [-115.71655463495, -97.112953432394, -65.932535038131],
        [-115.98801706978, -98.774561854561, -61.224524248226],
        [-116.25947950461, -100.43617027673, -56.516513458321]
],
      "InstanceCreationTime": ["160509.149000", "160509.151000", "160509.153000", "160509.155000", "160509.157000", "160509.159000", "160509.161000", "160509.163000", "160509.165000", "160509.167000", "160509.176000", "160509.184000", "160509.186000", "160509.188000", "160509.190000", "160509.192000", "160509.194000", "160509.196000", "160509.198000", "160509.200000", "160509.202000", "160509.213000"],
      "InstanceNumber": [22, 21, 20, 19, 18, 17, 16, 15, 14, 13, 12, 11, 10, 9, 8, 7, 6, 5, 4, 3, 2, 1],
      "SliceLocation": [-118.52693747386, -113.52693747386, -108.52693747386, -103.52693747386, -98.526937473861, -93.526937473861, -88.526937473861, -83.526937473861, -78.526937473861, -73.526937473861, -68.526937473861, -63.526937473861, -58.526937473861, -53.526937473861, -48.526937473861, -43.526937473861, -38.526937473861, -33.526937473861, -28.526937473861, -23.526937473861, -18.526937473861, -13.526937473861],
      "WindowCenter": [1077.0, 1062.0, 633.0, 343.0, 609.0, 891.0, 938.0, 788.0, 752.0, 729.0, 784.0, 734.0, 874.0, 1042.0, 1076.0, 1155.0, 1020.0, 1147.0, 1179.0, 1264.0, 1281.0, 928.0],
      "WindowWidth": [2606.0, 3365.0, 3799.0, 3852.0, 3648.0, 3331.0, 3186.0, 3248.0, 3278.0, 3325.0, 3384.0, 3488.0, 3542.0, 3590.0, 3668.0, 3695.0, 3769.0, 3773.0, 3829.0, 3718.0, 3196.0, 2152.0]
    }
  }
}