{
  "AcquisitionMatrixPE": 256,
  "AcquisitionNumber": 1,
  "AcquisitionTime": "15:30:9.955000",
  "BaseResolution": 256,
  "BodyPartExamined": "CSPINE",
  "CoilString": "HC5-7;NC1_2",
  "ConsistencyInfo": "N4_VE11C_LATEST_20160120",
  "ConversionSoftware": "dcm2niix",
  "ConversionSoftwareVersion": "v1.0.20190902",
  "DeviceSerialNumber": "167006",
  "DwellTime": 7.5e-06,
  "EchoTime": 0.00313,
  "FlipAngle": 15,
  "ImageOrientationPatientDICOM": [1, 0, 0, 0, 0.992115, -0.125333],
  "ImageType": [
    "ORIGINAL",
    "PRIMARY",
    "M",
    "DIS2D"
],
  "ImagingFrequency": 123.259,
  "InPlanePhaseEncodingDirectionDICOM": "COL",
  "InstitutionAddress": "Chemin_Queen-Mary_4565_Montreal_District_CA_H3W_1W5",
  "InstitutionName": "IUGM",
  "InstitutionalDepartmentName": "Department",
  "MRAcquisitionType": "3D",
  "MagneticFieldStrength": 3,
  "Manufacturer": "Siemens",
  "ManufacturersModelName": "Prisma_fit",
  "Modality": "MR",
  "ParallelReductionFactorInPlane": 2,
  "PartialFourier": 1,
  "PatientPosition": "HFS",
  "PercentPhaseFOV": 100,
  "PhaseEncodingSteps": 255,
  "PhaseResolution": 1,
  "PixelBandwidth": 260,
  "ProcedureStepDescription": "hcptrt_generic",
  "ProtocolName": "GRE-T1w",
  "PulseSequenceDetails": "%SiemensSeq%_gre",
  "ReceiveCoilActiveElements": "HC5-7;NC1,2",
  "ReceiveCoilName": "HeadNeck_64",
  "ReconMatrixPE": 256,
  "RefLinesPE": 32,
  "RepetitionTime": 0.015,
  "SAR": 0.0356642,
  "ScanningSequence": "GR",
  "SequenceName": "_fl3d1",
  "SequenceVariant": "SP",
  "SeriesDescription": "GRE-T1w",
  "SeriesNumber": 35,
  "ShimSetting": [638, -7407, -9304, -787, -120, 1483, -161, -150],
  "SliceThickness": 5,
  "SoftwareVersions": "syngo_MR_E11",
  "StationName": "MRC35049",
  "TxRefAmp": 289.165,
  "dcmmeta_affine": [
    [0.8984375, 0.0, 0.0, -115.4657211303711],
    [0.0, 0.8913530707359314, -0.6266661286354065, -84.45905303955078],
    [0.0, 0.1126040667295456, 4.960573673248291, -206.8977813720703],
    [0.0, 0.0, 0.0, 1.0]
],
  "dcmmeta_reorient_transform": [
    [0.0, -1.0, 0.0, 255.0],
    [-1.0, 0.0, 0.0, 255.0],
    [0.0, 0.0, -1.0, 21.0],
    [0.0, 0.0, 0.0, 1.0]
],
  "dcmmeta_shape": [256, 256, 22],
  "dcmmeta_slice_dim": 2,
  "dcmmeta_version": 0.6,
  "global": {
    "const": {
      "AcquisitionMatrix": [256, 0, 0, 256],
      "AcquisitionNumber": 1,
      "AcquisitionTime": "153009.955000",
      "AngioFlag": "N",
      "BitsAllocated": 16,
      "BitsStored": 12,
      "BodyPartExamined": "CSPINE",
      "Columns": 256,
      "EchoNumbers": 1,
      "EchoTime": 3.13,
      "EchoTrainLength": 1,
      "FlipAngle": 15.0,
      "HighBit": 11,
      "ImageOrientationPatient": [1.0, 0.0, 0.0, 0.0, 0.99211470227472, -0.1253332259632],
      "ImageType": [
        "ORIGINAL",
        "PRIMARY",
        "M",
        "DIS2D"
],
      "ImagedNucleus": "1H",
      "ImagingFrequency": 123.259025,
      "InPlanePhaseEncodingDirection": "COL",
      "LargestImagePixelValue": 4095,
      "MRAcquisitionType": "3D",
      "MagneticFieldStrength": 3.0,
      "Manufacturer": "SIEMENS",
      "ManufacturerModelName": "Prisma_fit",
      "Modality": "MR",
      "NumberOfAverages": 1.0,
      "NumberOfPhaseEncodingSteps": 255,
      "PercentPhaseFieldOfView": 100.0,
      "PercentSampling": 100.0,
      "PerformedProcedureStepStartTime": "141423.032000",
      "PhotometricInterpretation": "MONOCHROME2",
      "PixelBandwidth": 260.0,
      "PixelRepresentation": 0,
      "PixelSpacing": [0.8984375, 0.8984375],
      "ProtocolName": "GRE-T1w",
      "RepetitionTime": 15.0,
      "Rows": 256,
      "SAR": 0.03566418670625,
      "SamplesPerPixel": 1,
      "ScanningSequence": "GR",
      "SequenceName": "*fl3d1",
      "SequenceVariant": "SP",
      "SeriesDescription": "GRE-T1w",
      "SeriesNumber": 35,
      "SeriesTime": "153110.100000",
      "SliceThickness": 5.0,
      "SmallestImagePixelValue": 0,
      "SoftwareVersions": "syngo MR E11",
      "SpecificCharacterSet": "ISO_IR 100",
      "StudyID": "1",
      "StudyTime": "141422.980000",
      "TransmitCoilName": "Body",
      "VariableFlipAngleFlag": "N",
      "WindowCenterWidthExplanation": "Algo1",
      "dBdt": 0.0},
    "slices": {
      "ContentTime": ["153110.103000", "153110.106000", "153110.108000", "153110.110000", "153110.112000", "153110.114000", "153110.116000", "153110.118000", "153110.120000", "153110.122000", "153110.124000", "153110.126000", "153110.133000", "153110.135000", "153110.143000", "153110.145000", "153110.147000", "153110.157000", "153110.160000", "153110.162000", "153110.163000", "153110.165000"],
      "CsaImage.Actual3DImaPartNumber": [0, 1, 2, 3, 4, 5, 6, 7, 8, 9, 10, 11, 12, 13, 14, 15, 16, 17, 18, 19, 20, 21],
      "CsaImage.ICE_Dims": [
        "X_1_1_1_1_1_1_1_1_1_1_1_395",
        "X_1_1_1_1_1_2_1_1_1_1_1_395",
        "X_1_1_1_1_1_3_1_1_1_1_1_395",
        "X_1_1_1_1_1_4_1_1_1_1_1_395",
        "X_1_1_1_1_1_5_1_1_1_1_1_395",
        "X_1_1_1_1_1_6_1_1_1_1_1_395",
        "X_1_1_1_1_1_7_1_1_1_1_1_395",
        "X_1_1_1_1_1_8_1_1_1_1_1_395",
        "X_1_1_1_1_1_9_1_1_1_1_1_395",
        "X_1_1_1_1_1_10_1_1_1_1_1_395",
        "X_1_1_1_1_1_11_1_1_1_1_1_395",
        "X_1_1_1_1_1_12_1_1_1_1_1_395",
        "X_1_1_1_1_1_13_1_1_1_1_1_395",
        "X_1_1_1_1_1_14_1_1_1_1_1_395",
        "X_1_1_1_1_1_15_1_1_1_1_1_395",
        "X_1_1_1_1_1_16_1_1_1_1_1_395",
        "X_1_1_1_1_1_17_1_1_1_1_1_395",
        "X_1_1_1_1_1_18_1_1_1_1_1_395",
        "X_1_1_1_1_1_19_1_1_1_1_1_395",
        "X_1_1_1_1_1_20_1_1_1_1_1_395",
        "X_1_1_1_1_1_21_1_1_1_1_1_395",
        "X_1_1_1_1_1_22_1_1_1_1_1_395"
],
      "CsaImage.SlicePosition_PCS": [
        [-113.63583803, -142.83597542, -37.18374115],
        [-113.63583803, -142.20930929, -32.22316764],
        [-113.63583803, -141.58264316, -27.26259413],
        [-113.63583803, -140.95597703, -22.30202062],
        [-113.63583803, -140.3293109, -17.34144711],
        [-113.63583803, -139.70264477, -12.3808736],
        [-113.63583803, -139.07597864, -7.42030009],
        [-113.63583803, -138.44931251, -2.45972657],
        [-113.63583803, -137.82264638, 2.50084694],
        [-113.63583803, -137.19598025, 7.46142045],
        [-113.63583803, -136.56931412, 12.42199396],
        [-113.63583803, -135.942648, 17.38256747],
        [-113.63583803, -135.31598187, 22.34314098],
        [-113.63583803, -134.68931574, 27.30371449],
        [-113.63583803, -134.06264961, 32.26428801],
        [-113.63583803, -133.43598348, 37.22486152],
        [-113.63583803, -132.80931735, 42.18543503],
        [-113.63583803, -132.18265122, 47.14600854],
        [-113.63583803, -131.55598509, 52.10658205],
        [-113.63583803, -130.92931896, 57.06715556],
        [-113.63583803, -130.30265283, 62.02772907],
        [-113.63583803, -129.6759867, 66.98830258]
],
      "ImagePositionPatient": [
        [-113.63583803177, -142.83597542312, -178.18374115398],
        [-113.63583803177, -142.20930929331, -173.22316764261],
        [-113.63583803177, -141.58264316349, -168.26259413123],
        [-113.63583803177, -140.95597703368, -163.30202061986],
        [-113.63583803177, -140.32931090386, -158.34144710849],
        [-113.63583803177, -139.70264477404, -153.38087359711],
        [-113.63583803177, -139.07597864423, -148.42030008574],
        [-113.63583803177, -138.44931251441, -143.45972657437],
        [-113.63583803177, -137.82264638459, -138.49915306299],
        [-113.63583803177, -137.19598025478, -133.53857955162],
        [-113.63583803177, -136.56931412496, -128.57800604025],
        [-113.63583803177, -135.94264799515, -123.61743252887],
        [-113.63583803177, -135.31598186533, -118.6568590175],
        [-113.63583803177, -134.68931573551, -113.69628550612],
        [-113.63583803177, -134.0626496057, -108.73571199475],
        [-113.63583803177, -133.43598347588, -103.77513848338],
        [-113.63583803177, -132.80931734607, -98.814564972003],
        [-113.63583803177, -132.18265121625, -93.85399146063],
        [-113.63583803177, -131.55598508643, -88.893417949256],
        [-113.63583803177, -130.92931895662, -83.932844437883],
        [-113.63583803177, -130.3026528268, -78.972270926509],
        [-113.63583803177, -129.67598669699, -74.011697415136]
],
      "InstanceCreationTime": ["153110.103000", "153110.106000", "153110.108000", "153110.110000", "153110.112000", "153110.114000", "153110.116000", "153110.118000", "153110.120000", "153110.122000", "153110.124000", "153110.126000", "153110.133000", "153110.135000", "153110.143000", "153110.145000", "153110.147000", "153110.157000", "153110.160000", "153110.162000", "153110.163000", "153110.165000"],
      "InstanceNumber": [22, 21, 20, 19, 18, 17, 16, 15, 14, 13, 12, 11, 10, 9, 8, 7, 6, 5, 4, 3, 2, 1],
      "SliceLocation": [-194.68080288856, -189.68080288856, -184.68080288856, -179.68080288856, -174.68080288856, -169.68080288856, -164.68080288856, -159.68080288856, -154.68080288856, -149.68080288856, -144.68080288856, -139.68080288856, -134.68080288856, -129.68080288856, -124.68080288856, -119.68080288856, -114.68080288856, -109.68080288856, -104.68080288856, -99.68080288856, -94.68080288856, -89.68080288856],
      "WindowCenter": [1159.0, 2012.0, 1958.0, 2118.0, 1966.0, 1733.0, 1656.0, 1755.0, 1641.0, 1919.0, 1939.0, 1805.0, 1422.0, 1538.0, 1712.0, 1655.0, 1722.0, 1853.0, 1947.0, 1823.0, 1544.0, 1343.0],
      "WindowWidth": [2545.0, 3508.0, 3904.0, 3877.0, 4023.0, 4095.0, 4095.0, 4095.0, 4095.0, 4044.0, 3911.0, 3945.0, 4095.0, 4095.0, 4095.0, 4095.0, 4095.0, 4095.0, 4095.0, 4095.0, 3956.0, 3026.0]
    }
  }
}