{
  "AcquisitionMatrixPE": 448,
  "AcquisitionNumber": 1,
  "AcquisitionTime": "15:31:31.912500",
  "BaseResolution": 448,
  "BodyPartExamined": "CSPINE",
  "CoilString": "HC7;NC1_2",
  "ConsistencyInfo": "N4_VE11C_LATEST_20160120",
  "ConversionSoftware": "dcm2niix",
  "ConversionSoftwareVersion": "v1.0.20190902",
  "DeviceSerialNumber": "167006",
  "DwellTime": 4.3e-06,
  "EchoTime": 0.014,
  "EchoTrainLength": 3,
  "FlipAngle": 30,
  "ImageOrientationPatientDICOM": [1, 0, 0, 0, 0.992115, -0.125333],
  "ImageType": [
    "ORIGINAL",
    "PRIMARY",
    "M",
    "NORM",
    "DIS2D"
],
  "ImagingFrequency": 123.259,
  "InPlanePhaseEncodingDirectionDICOM": "COL",
  "InstitutionAddress": "Chemin_Queen-Mary_4565_Montreal_District_CA_H3W_1W5",
  "InstitutionName": "IUGM",
  "InstitutionalDepartmentName": "Department",
  "MRAcquisitionType": "2D",
  "MagneticFieldStrength": 3,
  "Manufacturer": "Siemens",
  "ManufacturersModelName": "Prisma_fit",
  "Modality": "MR",
  "NumberOfAverages": 2,
  "ParallelReductionFactorInPlane": 2,
  "PartialFourier": 1,
  "PatientPosition": "HFS",
  "PercentPhaseFOV": 100,
  "PhaseEncodingDirection": "j-",
  "PhaseEncodingSteps": 447,
  "PhaseResolution": 1,
  "PixelBandwidth": 260,
  "ProcedureStepDescription": "hcptrt_generic",
  "ProtocolName": "GRE-ME",
  "PulseSequenceDetails": "%SiemensSeq%_medic",
  "ReceiveCoilActiveElements": "HC7;NC1,2",
  "ReceiveCoilName": "HeadNeck_64",
  "ReconMatrixPE": 448,
  "RefLinesPE": 24,
  "RepetitionTime": 0.6,
  "SAR": 0.236375,
  "ScanOptions": "SAT1",
  "ScanningSequence": "GR",
  "SequenceName": "_me2d1r3",
  "SequenceVariant": "SP",
  "SeriesDescription": "GRE-ME",
  "SeriesNumber": 36,
  "ShimSetting": [616, -7303, -9190, 628, -68, 817, -9, 21],
  "SliceThickness": 5,
  "SliceTiming": [0, 0.32812, 0.04688, 0.375, 0.09375, 0.40625, 0.125, 0.45312, 0.17188, 0.48438, 0.20312, 0.53125, 0.25, 0.5625, 0.28125],
  "SoftwareVersions": "syngo_MR_E11",
  "SpacingBetweenSlices": 5,
  "StationName": "MRC35049",
  "TxRefAmp": 289.165,
  "dcmmeta_affine": [
    [-0.5, 0.0, 0.0, 110.6358413696289],
    [0.0, 0.4960573613643646, -0.6266670227050781, -84.07132720947266],
    [0.0, 0.06266660988330841, 4.960573196411133, -189.20970153808594],
    [0.0, 0.0, 0.0, 1.0]
],
  "dcmmeta_reorient_transform": [
    [0.0, -1.0, 0.0, 447.0],
    [1.0, 0.0, 0.0, 0.0],
    [0.0, 0.0, -1.0, 14.0],
    [0.0, 0.0, 0.0, 1.0]
],
  "dcmmeta_shape": [448, 448, 15],
  "dcmmeta_slice_dim": 2,
  "dcmmeta_version": 0.6,
  "global": {
    "const": {
      "AcquisitionMatrix": [448, 0, 0, 448],
      "AcquisitionNumber": 1,
      "AngioFlag": "N",
      "BitsAllocated": 16,
      "BitsStored": 12,
      "BodyPartExamined": "CSPINE",
      "Columns": 448,
      "EchoNumbers": 1,
      "EchoTime": 14.0,
      "EchoTrainLength": 3,
      "FlipAngle": 30.0,
      "HighBit": 11,
      "ImageOrientationPatient": [1.0, 0.0, 0.0, 0.0, 0.99211470227472, -0.1253332259632],
      "ImageType": [
        "ORIGINAL",
        "PRIMARY",
        "M",
        "NORM",
        "DIS2D"
],
      "ImagedNucleus": "1H",
      "ImagingFrequency": 123.259008,
      "InPlanePhaseEncodingDirection": "COL",
      "MRAcquisitionType": "2D",
      "MagneticFieldStrength": 3.0,
      "Manufacturer": "SIEMENS",
      "ManufacturerModelName": "Prisma_fit",
      "Modality": "MR",
      "NumberOfAverages": 2.0,
      "NumberOfPhaseEncodingSteps": 447,
      "PercentPhaseFieldOfView": 100.0,
      "PercentSampling": 100.0,
      "PerformedProcedureStepStartTime": "141423.032000",
      "PhotometricInterpretation": "MONOCHROME2",
      "PixelBandwidth": 260.0,
      "PixelRepresentation": 0,
      "PixelSpacing": [0.5, 0.5],
      "ProtocolName": "GRE-ME",
      "RepetitionTime": 600.0,
      "Rows": 448,
      "SAR": 0.23637478440002,
      "SamplesPerPixel": 1,
      "ScanOptions": "SAT1",
      "ScanningSequence": "GR",
      "SequenceName": "*me2d1r3",
      "SequenceVariant": "SP",
      "SeriesDescription": "GRE-ME",
      "SeriesNumber": 36,
      "SeriesTime": "153617.661000",
      "SliceThickness": 5.0,
      "SmallestImagePixelValue": 0,
      "SoftwareVersions": "syngo MR E11",
      "SpacingBetweenSlices": 5.0,
      "SpecificCharacterSet": "ISO_IR 100",
      "StudyID": "1",
      "StudyTime": "141422.980000",
      "TransmitCoilName": "Body",
      "VariableFlipAngleFlag": "N",
      "WindowCenterWidthExplanation": "Algo1",
      "dBdt": 0.0},
    "slices": {
      "AcquisitionTime": ["153131.632500", "153131.952500", "153131.672500", "153131.992500", "153131.712500", "153132.032500", "153131.752500", "153132.072500", "153131.792500", "153132.112500", "153131.832500", "153132.152500", "153131.872500", "153132.192500", "153131.912500"],
      "ContentTime": ["153617.664000", "153617.695000", "153617.667000", "153617.697000", "153617.669000", "153617.699000", "153617.671000", "153617.701000", "153617.673000", "153617.703000", "153617.683000", "153617.705000", "153617.691000", "153617.707000", "153617.693000"],
      "CsaImage.ICE_Dims": [
        "X_1_1_1_1_1_1_1_1_1_15_1_397",
        "X_1_1_1_1_1_1_9_1_1_14_1_397",
        "X_1_1_1_1_1_1_2_1_1_13_1_397",
        "X_1_1_1_1_1_1_10_1_1_12_1_397",
        "X_1_1_1_1_1_1_3_1_1_11_1_397",
        "X_1_1_1_1_1_1_11_1_1_10_1_397",
        "X_1_1_1_1_1_1_4_1_1_9_1_397",
        "X_1_1_1_1_1_1_12_1_1_8_1_397",
        "X_1_1_1_1_1_1_5_1_1_7_1_397",
        "X_1_1_1_1_1_1_13_1_1_6_1_397",
        "X_1_1_1_1_1_1_6_1_1_5_1_397",
        "X_1_1_1_1_1_1_14_1_1_4_1_397",
        "X_1_1_1_1_1_1_7_1_1_3_1_397",
        "X_1_1_1_1_1_1_15_1_1_2_1_397",
        "X_1_1_1_1_1_1_8_1_1_1_1_397"
],
      "CsaImage.ProtocolSliceNumber": [0, 1, 2, 3, 4, 5, 6, 7, 8, 9, 10, 11, 12, 13, 14],
      "CsaImage.SlicePosition_PCS": [
        [-110.63583803, -137.66630039, -20.19773271],
        [-110.63583803, -137.03963337, -15.23715951],
        [-110.63583803, -136.41296825, -10.27658632],
        [-110.63583803, -135.78630123, -5.31601312],
        [-110.63583803, -135.15963611, -0.35543992],
        [-110.63583803, -134.53296909, 4.60513423],
        [-110.63583803, -133.90630398, 9.56570742],
        [-110.63583803, -133.27963695, 14.52628104],
        [-110.63583803, -132.65297184, 19.48685477],
        [-110.63583803, -132.02630482, 24.44742797],
        [-110.63583803, -131.3996397, 29.40800116],
        [-110.63583803, -130.77297268, 34.36857436],
        [-110.63583803, -130.14630565, 39.32914946],
        [-110.63583803, -129.51964054, 44.28972266],
        [-110.63583803, -128.89297352, 49.25029586]
],
      "ImagePositionPatient": [
        [-110.63583803177, -137.66630039012, -161.19773270823],
        [-110.63583803177, -137.03963336742, -156.23715951182],
        [-110.63583803177, -136.41296825206, -151.27658631541],
        [-110.63583803177, -135.78630122935, -146.316013119],
        [-110.63583803177, -135.159636114, -141.35543992259],
        [-110.63583803177, -134.53296909129, -136.3948657725],
        [-110.63583803177, -133.90630397594, -131.43429257609],
        [-110.63583803177, -133.27963695323, -126.47371896245],
        [-110.63583803177, -132.65297183787, -121.51314522959],
        [-110.63583803177, -132.02630481517, -116.55257203318],
        [-110.63583803177, -131.39963969981, -111.59199883677],
        [-110.63583803177, -130.77297267711, -106.63142564036],
        [-110.63583803177, -130.1463056544, -101.6708505366],
        [-110.63583803177, -129.51964053905, -96.710277340191],
        [-110.63583803177, -128.89297351634, -91.74970414378]
],
      "InstanceCreationTime": ["153617.664000", "153617.695000", "153617.667000", "153617.697000", "153617.669000", "153617.699000", "153617.671000", "153617.701000", "153617.673000", "153617.703000", "153617.683000", "153617.705000", "153617.691000", "153617.707000", "153617.693000"],
      "InstanceNumber": [15, 14, 13, 12, 11, 10, 9, 8, 7, 6, 5, 4, 3, 2, 1],
      "LargestImagePixelValue": [1007, 1008, 1162, 1190, 1151, 1122, 1173, 1227, 1316, 1519, 1493, 1284, 1241, 1659, 1484],
      "SliceLocation": [-177.1808021275, -172.18080232807, -167.1808027677, -162.18080296827, -157.18080340789, -152.18080266231, -147.18080310193, -142.18080288856, -137.18080279597, -132.18080299654, -127.18080343617, -122.18080363674, -117.180801945, -112.18080238462, -107.18080258519],
      "WindowCenter": [533.0, 535.0, 538.0, 519.0, 487.0, 460.0, 457.0, 477.0, 511.0, 520.0, 523.0, 523.0, 522.0, 514.0, 513.0],
      "WindowWidth": [1050.0, 1070.0, 1093.0, 1076.0, 1028.0, 972.0, 963.0, 1002.0, 1075.0, 1097.0, 1101.0, 1098.0, 1093.0, 1073.0, 1076.0]
    }
  }
}