{
  "AcquisitionMatrixPE": 448,
  "AcquisitionNumber": 1,
  "AcquisitionTime": "11:41:43.700000",
  "BaseResolution": 448,
  "BodyPartExamined": "CSPINE",
  "CoilCombinationMethod": "Adaptive Combine",
  "ConsistencyInfo": "N4_VE11C_LATEST_20160120",
  "ConversionSoftware": "dcm2niix",
  "ConversionSoftwareVersion": "v1.0.20220505",
  "DeviceSerialNumber": "167006",
  "DwellTime": 4.3e-06,
  "EchoTime": 0.014,
  "EchoTrainLength": 3,
  "FlipAngle": 30,
  "HeudiconvVersion": "0.5.3.post811+g6206e14",
  "ImageOrientationPatientDICOM": [1, 0, 0, 0, 0.995562, -0.0941083],
  "ImageOrientationText": "Tra>Cor(-5.4)",
  "ImageType": [
    "ORIGINAL",
    "PRIMARY",
    "M",
    "NORM",
    "DIS2D"
],
  "ImagingFrequency": 123.26,
  "InPlanePhaseEncodingDirectionDICOM": "COL",
  "InstitutionAddress": "Chemin Queen-Mary 4565,Montreal,District,CA,H3W 1W5",
  "InstitutionName": "IUGM",
  "InstitutionalDepartmentName": "Department",
  "MRAcquisitionType": "2D",
  "MagneticFieldStrength": 3,
  "Manufacturer": "Siemens",
  "ManufacturersModelName": "Prisma_fit",
  "MatrixCoilMode": "GRAPPA",
  "Modality": "MR",
  "NumberOfAverages": 2,
  "ParallelReductionFactorInPlane": 2,
  "PartialFourier": 1,
  "PatientPosition": "HFS",
  "PercentPhaseFOV": 100,
  "PercentSampling": 100,
  "PhaseEncodingDirection": "j-",
  "PhaseEncodingSteps": 447,
  "PhaseResolution": 1,
  "PixelBandwidth": 260,
  "ProcedureStepDescription": "anat^generic",
  "ProtocolName": "GRE-ME",
  "PulseSequenceDetails": "%SiemensSeq%\\medic",
  "ReceiveCoilActiveElements": "HC7;NC1,2",
  "ReceiveCoilName": "HeadNeck_64",
  "ReconMatrixPE": 448,
  "RefLinesPE": 24,
  "RepetitionTime": 0.6,
  "SAR": 0.252423,
  "ScanOptions": "SAT1",
  "ScanningSequence": "GR",
  "SequenceName": "*me2d1r3",
  "SequenceVariant": "SP",
  "SeriesDescription": "GRE-ME",
  "SeriesNumber": 39,
  "ShimSetting": [604, -7226, -9275, -971, 178, 1363, 463, 105],
  "SliceThickness": 5,
  "SliceTiming": [0, 0.32031, 0.03906, 0.35938, 0.07812, 0.39844, 0.11719, 0.4375, 0.15625, 0.47656, 0.19531, 0.51562, 0.23438, 0.55469, 0.28125],
  "SoftwareVersions": "syngo MR E11",
  "SpacingBetweenSlices": 5,
  "StationName": "MRC35049",
  "TxRefAmp": 304.666,
  "dcmmeta_affine": [
    [-0.5, 0.0, 0.0, 109.60456085205078],
    [0.0, 0.497780978679657, -0.47054100036621094, -88.47695922851562],
    [0.0, 0.04705416038632393, 4.977811813354492, -173.8884735107422],
    [0.0, 0.0, 0.0, 1.0]
],
  "dcmmeta_reorient_transform": [
    [0.0, -1.0, 0.0, 447.0],
    [1.0, 0.0, 0.0, 0.0],
    [0.0, 0.0, -1.0, 14.0],
    [0.0, 0.0, 0.0, 1.0]
],
  "dcmmeta_shape": [448, 448, 15],
  "dcmmeta_slice_dim": 2,
  "dcmmeta_version": 0.6,
  "global": {
    "const": {
      "AcquisitionMatrix": [448, 0, 0, 448],
      "AcquisitionNumber": 1,
      "AngioFlag": "N",
      "BitsAllocated": 16,
      "BitsStored": 12,
      "BodyPartExamined": "CSPINE",
      "Columns": 448,
      "EchoNumbers": 1,
      "EchoTime": 14.0,
      "EchoTrainLength": 3,
      "FlipAngle": 30.0,
      "HighBit": 11,
      "ImageOrientationPatient": [1.0, 0.0, 0.0, 0.0, 0.99556196389853, -0.0941083207719],
      "ImageType": [
        "ORIGINAL",
        "PRIMARY",
        "M",
        "NORM",
        "DIS2D"
],
      "ImagedNucleus": "1H",
      "ImagingFrequency": 123.26019,
      "InPlanePhaseEncodingDirection": "COL",
      "MRAcquisitionType": "2D",
      "MagneticFieldStrength": 3.0,
      "Manufacturer": "SIEMENS",
      "ManufacturerModelName": "Prisma_fit",
      "Modality": "MR",
      "NumberOfAverages": 2.0,
      "NumberOfPhaseEncodingSteps": 447,
      "PercentPhaseFieldOfView": 100.0,
      "PercentSampling": 100.0,
      "PerformedProcedureStepStartTime": "101534.930000",
      "PhotometricInterpretation": "MONOCHROME2",
      "PixelBandwidth": 260.0,
      "PixelRepresentation": 0,
      "PixelSpacing": [0.5, 0.5],
      "ProtocolName": "GRE-ME",
      "RepetitionTime": 600.0,
      "Rows": 448,
      "SAR": 0.25242306419994,
      "SamplesPerPixel": 1,
      "ScanOptions": "SAT1",
      "ScanningSequence": "GR",
      "SequenceName": "*me2d1r3",
      "SequenceVariant": "SP",
      "SeriesDescription": "GRE-ME",
      "SeriesNumber": 39,
      "SeriesTime": "114629.940000",
      "SliceThickness": 5.0,
      "SmallestImagePixelValue": 0,
      "SoftwareVersions": "syngo MR E11",
      "SpacingBetweenSlices": 5.0,
      "SpecificCharacterSet": "ISO_IR 100",
      "StudyID": "1",
      "StudyTime": "101534.864000",
      "TransmitCoilName": "Body",
      "VariableFlipAngleFlag": "N",
      "WindowCenterWidthExplanation": "Algo1",
      "dBdt": 0.0},
    "slices": {
      "AcquisitionTime": ["114143.420000", "114143.740000", "114143.460000", "114143.780000", "114143.500000", "114143.820000", "114143.540000", "114143.860000", "114143.580000", "114143.900000", "114143.620000", "114143.940000", "114143.660000", "114143.980000", "114143.700000"],
      "ContentTime": ["114629.943000", "114629.974000", "114629.946000", "114629.976000", "114629.962000", "114629.978000", "114629.964000", "114629.980000", "114629.966000", "114629.983000", "114629.968000", "114629.989000", "114629.970000", "114629.991000", "114629.972000"],
      "CsaImage.ICE_Dims": [
        "X_1_1_1_1_1_1_1_1_1_15_1_86",
        "X_1_1_1_1_1_1_9_1_1_14_1_86",
        "X_1_1_1_1_1_1_2_1_1_13_1_86",
        "X_1_1_1_1_1_1_10_1_1_12_1_86",
        "X_1_1_1_1_1_1_3_1_1_11_1_86",
        "X_1_1_1_1_1_1_11_1_1_10_1_86",
        "X_1_1_1_1_1_1_4_1_1_9_1_86",
        "X_1_1_1_1_1_1_12_1_1_8_1_86",
        "X_1_1_1_1_1_1_5_1_1_7_1_86",
        "X_1_1_1_1_1_1_13_1_1_6_1_86",
        "X_1_1_1_1_1_1_6_1_1_5_1_86",
        "X_1_1_1_1_1_1_14_1_1_4_1_86",
        "X_1_1_1_1_1_1_7_1_1_3_1_86",
        "X_1_1_1_1_1_1_15_1_1_2_1_86",
        "X_1_1_1_1_1_1_8_1_1_1_1_86"
],
      "CsaImage.ProtocolSliceNumber": [0, 1, 2, 3, 4, 5, 6, 7, 8, 9, 10, 11, 12, 13, 14],
      "CsaImage.SlicePosition_PCS": [
        [-109.60455871, -134.03114392, -23.85524237],
        [-109.60455871, -133.56060292, -18.87743247],
        [-109.60455871, -133.09006192, -13.89962256],
        [-109.60455871, -132.61951901, -8.92181265],
        [-109.60455871, -132.14897801, -3.94400275],
        [-109.60455871, -131.67843701, 1.03380716],
        [-109.60455871, -131.20789601, 6.01161659],
        [-109.60455871, -130.7373531, 10.98942652],
        [-109.60455871, -130.2668121, 15.9672364],
        [-109.60455871, -129.7962711, 20.94504583],
        [-109.60455871, -129.3257282, 25.92285573],
        [-109.60455871, -128.85518719, 30.90066659],
        [-109.60455871, -128.38464619, 35.8784765],
        [-109.60455871, -127.91410329, 40.8562845],
        [-109.60455871, -127.44356229, 45.83409631]
],
      "ImagePositionPatient": [
        [-109.60455870628, -134.03114392087, -152.85524237165],
        [-109.60455870628, -133.5606029205, -147.87743246564],
        [-109.60455870628, -133.09006192014, -142.89962255963],
        [-109.60455870628, -132.61951901242, -137.92181265363],
        [-109.60455870628, -132.14897801206, -132.94400274762],
        [-109.60455870628, -131.67843701169, -127.96619284162],
        [-109.60455870628, -131.20789601132, -122.98838341245],
        [-109.60455870628, -130.73735310361, -118.01057347664],
        [-109.60455870628, -130.26681210324, -113.03276360044],
        [-109.60455870628, -129.79627110288, -108.05495417127],
        [-109.60455870628, -129.32572819516, -103.07714426526],
        [-109.60455870628, -128.85518719479, -98.099333405581],
        [-109.60455870628, -128.38464619443, -93.121523499575],
        [-109.60455870628, -127.91410328671, -88.143715500918],
        [-109.60455870628, -127.44356228635, -83.165903687563]
],
      "InstanceCreationTime": ["114629.943000", "114629.974000", "114629.946000", "114629.976000", "114629.962000", "114629.978000", "114629.964000", "114629.980000", "114629.966000", "114629.983000", "114629.968000", "114629.989000", "114629.970000", "114629.991000", "114629.972000"],
      "InstanceNumber": [15, 14, 13, 12, 11, 10, 9, 8, 7, 6, 5, 4, 3, 2, 1],
      "LargestImagePixelValue": [1050, 1284, 1242, 1342, 1424, 1224, 1088, 1129, 1417, 1687, 1410, 1356, 1328, 1292, 1444],
      "SliceLocation": [-164.79031117323, -159.79031114389, -154.79031111456, -149.79031090572, -144.79031087639, -139.79031084705, -134.79031129244, -129.79031105394, -124.79031105427, -119.79031149966, -114.79031129082, -109.79031031204, -104.79031028271, -99.79031197276, -94.790310044541],
      "WindowCenter": [546.0, 579.0, 609.0, 622.0, 618.0, 588.0, 540.0, 509.0, 537.0, 567.0, 556.0, 564.0, 566.0, 566.0, 573.0],
      "WindowWidth": [1069.0, 1145.0, 1214.0, 1259.0, 1278.0, 1224.0, 1121.0, 1066.0, 1127.0, 1192.0, 1162.0, 1178.0, 1182.0, 1177.0, 1195.0]
    }
  }
}