{
  "AcquisitionMatrixPE": 448,
  "AcquisitionNumber": 1,
  "AcquisitionTime": "18:14:28.910000",
  "BaseResolution": 448,
  "BodyPartExamined": "CSPINE",
  "CoilCombinationMethod": "Adaptive Combine",
  "ConsistencyInfo": "N4_VE11C_LATEST_20160120",
  "ConversionSoftware": "dcm2niix",
  "ConversionSoftwareVersion": "v1.0.20211006",
  "DeviceSerialNumber": "167006",
  "DwellTime": 4.3e-06,
  "EchoTime": 0.014,
  "EchoTrainLength": 3,
  "FlipAngle": 30,
  "HeudiconvVersion": "0.5.3.post569+g418601f",
  "ImageOrientationPatientDICOM": [1, 0, 0, 0, 0.947768, 0.318959],
  "ImageOrientationText": "Tra>Cor(18.6)",
  "ImageType": [
    "ORIGINAL",
    "PRIMARY",
    "M",
    "NORM",
    "DIS2D"
],
  "ImagingFrequency": 123.259,
  "InPlanePhaseEncodingDirectionDICOM": "COL",
  "InstitutionAddress": "Chemin Queen-Mary 4565,Montreal,District,CA,H3W 1W5",
  "InstitutionName": "IUGM",
  "InstitutionalDepartmentName": "Department",
  "MRAcquisitionType": "2D",
  "MagneticFieldStrength": 3,
  "Manufacturer": "Siemens",
  "ManufacturersModelName": "Prisma_fit",
  "MatrixCoilMode": "GRAPPA",
  "Modality": "MR",
  "NumberOfAverages": 2,
  "ParallelReductionFactorInPlane": 2,
  "PartialFourier": 1,
  "PatientPosition": "HFS",
  "PercentPhaseFOV": 100,
  "PercentSampling": 100,
  "PhaseEncodingDirection": "j-",
  "PhaseEncodingSteps": 447,
  "PhaseResolution": 1,
  "PixelBandwidth": 260,
  "ProcedureStepDescription": "anat^generic",
  "ProtocolName": "GRE-ME",
  "PulseSequenceDetails": "%SiemensSeq%\\medic",
  "ReceiveCoilActiveElements": "HC7;NC1,2",
  "ReceiveCoilName": "HeadNeck_64",
  "ReconMatrixPE": 448,
  "RefLinesPE": 24,
  "RepetitionTime": 0.6,
  "SAR": 0.232696,
  "ScanOptions": "SAT1",
  "ScanningSequence": "GR",
  "SequenceName": "*me2d1r3",
  "SequenceVariant": "SP",
  "SeriesDescription": "GRE-ME",
  "SeriesNumber": 36,
  "ShimSetting": [575, -7324, -9065, -1138, -365, 2181, 159, 23],
  "SliceThickness": 5,
  "SliceTiming": [0, 0.32812, 0.04688, 0.35938, 0.07812, 0.40625, 0.125, 0.4375, 0.17188, 0.48438, 0.20312, 0.53125, 0.25, 0.5625, 0.28125],
  "SoftwareVersions": "syngo MR E11",
  "SpacingBetweenSlices": 5,
  "StationName": "MRC35049",
  "TxRefAmp": 251.343,
  "dcmmeta_affine": [
    [-0.5, 0.0, 0.0, 111.50651550292969],
    [0.0, 0.4738841950893402, 1.5947966575622559, -132.66668701171875],
    [0.0, -0.15947964787483215, 4.738842010498047, -112.06199645996094],
    [0.0, 0.0, 0.0, 1.0]
],
  "dcmmeta_reorient_transform": [
    [0.0, -1.0, 0.0, 447.0],
    [1.0, 0.0, 0.0, 0.0],
    [0.0, 0.0, -1.0, 14.0],
    [0.0, 0.0, 0.0, 1.0]
],
  "dcmmeta_shape": [448, 448, 15],
  "dcmmeta_slice_dim": 2,
  "dcmmeta_version": 0.6,
  "global": {
    "const": {
      "AcquisitionMatrix": [448, 0, 0, 448],
      "AcquisitionNumber": 1,
      "AngioFlag": "N",
      "BitsAllocated": 16,
      "BitsStored": 12,
      "BodyPartExamined": "CSPINE",
      "Columns": 448,
      "EchoNumbers": 1,
      "EchoTime": 14.0,
      "EchoTrainLength": 3,
      "FlipAngle": 30.0,
      "HighBit": 11,
      "ImageOrientationPatient": [1.0, 0.0, 0.0, 0.0, 0.9477684125007, 0.31895930189589],
      "ImageType": [
        "ORIGINAL",
        "PRIMARY",
        "M",
        "NORM",
        "DIS2D"
],
      "ImagedNucleus": "1H",
      "ImagingFrequency": 123.258741,
      "InPlanePhaseEncodingDirection": "COL",
      "MRAcquisitionType": "2D",
      "MagneticFieldStrength": 3.0,
      "Manufacturer": "SIEMENS",
      "ManufacturerModelName": "Prisma_fit",
      "Modality": "MR",
      "NumberOfAverages": 2.0,
      "NumberOfPhaseEncodingSteps": 447,
      "PercentPhaseFieldOfView": 100.0,
      "PercentSampling": 100.0,
      "PerformedProcedureStepStartTime": "171144.933000",
      "PhotometricInterpretation": "MONOCHROME2",
      "PixelBandwidth": 260.0,
      "PixelRepresentation": 0,
      "PixelSpacing": [0.5, 0.5],
      "ProtocolName": "GRE-ME",
      "RepetitionTime": 600.0,
      "Rows": 448,
      "SAR": 0.23269640557955,
      "SamplesPerPixel": 1,
      "ScanOptions": "SAT1",
      "ScanningSequence": "GR",
      "SequenceName": "*me2d1r3",
      "SequenceVariant": "SP",
      "SeriesDescription": "GRE-ME",
      "SeriesNumber": 36,
      "SeriesTime": "181914.874000",
      "SliceThickness": 5.0,
      "SmallestImagePixelValue": 0,
      "SoftwareVersions": "syngo MR E11",
      "SpacingBetweenSlices": 5.0,
      "SpecificCharacterSet": "ISO_IR 100",
      "StudyID": "1",
      "StudyTime": "171144.827000",
      "TransmitCoilName": "Body",
      "VariableFlipAngleFlag": "N",
      "WindowCenterWidthExplanation": "Algo1",
      "dBdt": 0.0},
    "slices": {
      "AcquisitionTime": ["181428.630000", "181428.950000", "181428.670000", "181428.990000", "181428.710000", "181429.030000", "181428.750000", "181429.070000", "181428.790000", "181429.110000", "181428.830000", "181429.150000", "181428.870000", "181429.190000", "181428.910000"],
      "ContentTime": ["181914.877000", "181914.912000", "181914.882000", "181914.914000", "181914.884000", "181914.916000", "181914.886000", "181914.918000", "181914.888000", "181914.920000", "181914.900000", "181914.922000", "181914.902000", "181914.924000", "181914.910000"],
      "CsaImage.ICE_Dims": [
        "X_1_1_1_1_1_1_1_1_1_15_1_175",
        "X_1_1_1_1_1_1_9_1_1_14_1_175",
        "X_1_1_1_1_1_1_2_1_1_13_1_175",
        "X_1_1_1_1_1_1_10_1_1_12_1_175",
        "X_1_1_1_1_1_1_3_1_1_11_1_175",
        "X_1_1_1_1_1_1_11_1_1_10_1_175",
        "X_1_1_1_1_1_1_4_1_1_9_1_175",
        "X_1_1_1_1_1_1_12_1_1_8_1_175",
        "X_1_1_1_1_1_1_5_1_1_7_1_175",
        "X_1_1_1_1_1_1_13_1_1_6_1_175",
        "X_1_1_1_1_1_1_6_1_1_5_1_175",
        "X_1_1_1_1_1_1_14_1_1_4_1_175",
        "X_1_1_1_1_1_1_7_1_1_3_1_175",
        "X_1_1_1_1_1_1_15_1_1_2_1_175",
        "X_1_1_1_1_1_1_8_1_1_1_1_175"
],
      "CsaImage.ProtocolSliceNumber": [0, 1, 2, 3, 4, 5, 6, 7, 8, 9, 10, 11, 12, 13, 14],
      "CsaImage.SlicePosition_PCS": [
        [-111.50651398, -79.1595608, -69.3493993],
        [-111.50651398, -80.75435793, -64.6105592],
        [-111.50651398, -82.34915507, -59.87171719],
        [-111.50651398, -83.94395029, -55.13287518],
        [-111.50651398, -85.53874743, -50.39403221],
        [-111.50651398, -87.13354456, -45.6551902],
        [-111.50651398, -88.72833979, -40.91634819],
        [-111.50651398, -90.32313692, -36.17750609],
        [-111.50651398, -91.91793406, -31.43866417],
        [-111.50651398, -93.51273024, -26.69982216],
        [-111.50651398, -95.10752642, -21.96098015],
        [-111.50651398, -96.70232355, -17.22213719],
        [-111.50651398, -98.29711973, -12.48329518],
        [-111.50651398, -99.89191639, -7.74445316],
        [-111.50651398, -101.48671305, -3.00561115]
],
      "ImagePositionPatient": [
        [-111.50651398301, -79.15956079627, -183.34939930135],
        [-111.50651398301, -80.754357930669, -178.6105591982],
        [-111.50651398301, -82.349155065069, -173.87171718771],
        [-111.50651398301, -83.943950292119, -169.13287517721],
        [-111.50651398301, -85.538747426519, -164.39403221304],
        [-111.50651398301, -87.133544560918, -159.65519020254],
        [-111.50651398301, -88.728339787969, -154.91634819204],
        [-111.50651398301, -90.323136922368, -150.17750609213],
        [-111.50651398301, -91.917934056768, -145.43866417104],
        [-111.50651398301, -93.512730237493, -140.69982216055],
        [-111.50651398301, -95.107526418218, -135.96098015005],
        [-111.50651398301, -96.702323552617, -131.22213718587],
        [-111.50651398301, -98.297119733343, -126.48329517538],
        [-111.50651398301, -99.891916390905, -121.74445316488],
        [-111.50651398301, -101.48671304847, -117.00561115438]
],
      "InstanceCreationTime": ["181914.877000", "181914.912000", "181914.882000", "181914.914000", "181914.884000", "181914.916000", "181914.886000", "181914.918000", "181914.888000", "181914.920000", "181914.900000", "181914.922000", "181914.902000", "181914.924000", "181914.910000"],
      "InstanceNumber": [15, 14, 13, 12, 11, 10, 9, 8, 7, 6, 5, 4, 3, 2, 1],
      "LargestImagePixelValue": [1260, 1281, 1298, 1325, 1298, 1133, 1072, 1250, 1284, 1308, 1595, 1282, 1328, 1539, 1660],
      "SliceLocation": [-148.52409085884, -143.52409251653, -138.52409236649, -133.52409282482, -128.52409177093, -123.52409162089, -118.52409207922, -113.52409184445, -108.52409177915, -103.5240919333, -98.524092087449, -93.524091033552, -88.5240911877, -83.524091189757, -78.524091191814],
      "WindowCenter": [417.0, 409.0, 417.0, 434.0, 440.0, 464.0, 468.0, 457.0, 442.0, 436.0, 439.0, 449.0, 467.0, 466.0, 478.0],
      "WindowWidth": [892.0, 865.0, 880.0, 911.0, 918.0, 968.0, 973.0, 950.0, 925.0, 923.0, 929.0, 946.0, 985.0, 987.0, 1013.0]
    }
  }
}