{
  "AcquisitionMatrixPE": 256,
  "AcquisitionNumber": 1,
  "AcquisitionTime": "18:13:21.142500",
  "BaseResolution": 256,
  "BodyPartExamined": "CSPINE",
  "CoilCombinationMethod": "Adaptive Combine",
  "ConsistencyInfo": "N4_VE11C_LATEST_20160120",
  "ConversionSoftware": "dcm2niix",
  "ConversionSoftwareVersion": "v1.0.20211006",
  "DeviceSerialNumber": "167006",
  "DwellTime": 7.5e-06,
  "EchoTime": 0.00313,
  "FlipAngle": 15,
  "HeudiconvVersion": "0.5.3.post569+g418601f",
  "ImageOrientationPatientDICOM": [1, 0, 0, 0, 0.947768, 0.318959],
  "ImageOrientationText": "Tra>Cor(18.6)",
  "ImageType": [
    "ORIGINAL",
    "PRIMARY",
    "M",
    "DIS2D"
],
  "ImagingFrequency": 123.259,
  "InPlanePhaseEncodingDirectionDICOM": "COL",
  "InstitutionAddress": "Chemin Queen-Mary 4565,Montreal,District,CA,H3W 1W5",
  "InstitutionName": "IUGM",
  "InstitutionalDepartmentName": "Department",
  "MRAcquisitionType": "3D",
  "MagneticFieldStrength": 3,
  "Manufacturer": "Siemens",
  "ManufacturersModelName": "Prisma_fit",
  "MatrixCoilMode": "GRAPPA",
  "Modality": "MR",
  "ParallelReductionFactorInPlane": 2,
  "PartialFourier": 1,
  "PatientPosition": "HFS",
  "PercentPhaseFOV": 100,
  "PercentSampling": 100,
  "PhaseEncodingSteps": 255,
  "PhaseResolution": 1,
  "PixelBandwidth": 260,
  "ProcedureStepDescription": "anat^generic",
  "ProtocolName": "GRE-T1w",
  "PulseSequenceDetails": "%SiemensSeq%\\gre",
  "ReceiveCoilActiveElements": "HC5-7;NC1,2",
  "ReceiveCoilName": "HeadNeck_64",
  "ReconMatrixPE": 256,
  "RefLinesPE": 32,
  "RepetitionTime": 0.015,
  "SAR": 0.0351092,
  "ScanningSequence": "GR",
  "SequenceName": "*fl3d1",
  "SequenceVariant": "SP",
  "SeriesDescription": "GRE-T1w",
  "SeriesNumber": 35,
  "ShimSetting": [599, -7404, -9087, -290, -189, 2575, 68, 14],
  "SliceThickness": 5,
  "SoftwareVersions": "syngo MR E11",
  "StationName": "MRC35049",
  "TxRefAmp": 251.343,
  "dcmmeta_affine": [
    [0.8984375, 0.0, 0.0, -114.59504699707031],
    [0.0, 0.8515107035636902, 1.5947965383529663, -140.71414184570312],
    [0.0, -0.28656500577926636, 4.738842010498047, -127.81815338134766],
    [0.0, 0.0, 0.0, 1.0]
],
  "dcmmeta_reorient_transform": [
    [0.0, -1.0, 0.0, 255.0],
    [-1.0, 0.0, 0.0, 255.0],
    [0.0, 0.0, -1.0, 21.0],
    [0.0, 0.0, 0.0, 1.0]
],
  "dcmmeta_shape": [256, 256, 22],
  "dcmmeta_slice_dim": 2,
  "dcmmeta_version": 0.6,
  "global": {
    "const": {
      "AcquisitionMatrix": [256, 0, 0, 256],
      "AcquisitionNumber": 1,
      "AcquisitionTime": "181321.142500",
      "AngioFlag": "N",
      "BitsAllocated": 16,
      "BitsStored": 12,
      "BodyPartExamined": "CSPINE",
      "Columns": 256,
      "EchoNumbers": 1,
      "EchoTime": 3.13,
      "EchoTrainLength": 1,
      "FlipAngle": 15.0,
      "HighBit": 11,
      "ImageOrientationPatient": [1.0, 0.0, 0.0, 0.0, 0.9477684125007, 0.31895930189589],
      "ImageType": [
        "ORIGINAL",
        "PRIMARY",
        "M",
        "DIS2D"
],
      "ImagedNucleus": "1H",
      "ImagingFrequency": 123.25877,
      "InPlanePhaseEncodingDirection": "COL",
      "LargestImagePixelValue": 4095,
      "MRAcquisitionType": "3D",
      "MagneticFieldStrength": 3.0,
      "Manufacturer": "SIEMENS",
      "ManufacturerModelName": "Prisma_fit",
      "Modality": "MR",
      "NumberOfAverages": 1.0,
      "NumberOfPhaseEncodingSteps": 255,
      "PercentPhaseFieldOfView": 100.0,
      "PercentSampling": 100.0,
      "PerformedProcedureStepStartTime": "171144.933000",
      "PhotometricInterpretation": "MONOCHROME2",
      "PixelBandwidth": 260.0,
      "PixelRepresentation": 0,
      "PixelSpacing": [0.8984375, 0.8984375],
      "ProtocolName": "GRE-T1w",
      "RepetitionTime": 15.0,
      "Rows": 256,
      "SAR": 0.03510919439376,
      "SamplesPerPixel": 1,
      "ScanningSequence": "GR",
      "SequenceName": "*fl3d1",
      "SequenceVariant": "SP",
      "SeriesDescription": "GRE-T1w",
      "SeriesNumber": 35,
      "SeriesTime": "181421.712000",
      "SliceThickness": 5.0,
      "SmallestImagePixelValue": 0,
      "SoftwareVersions": "syngo MR E11",
      "SpecificCharacterSet": "ISO_IR 100",
      "StudyID": "1",
      "StudyTime": "171144.827000",
      "TransmitCoilName": "Body",
      "VariableFlipAngleFlag": "N",
      "WindowCenterWidthExplanation": "Algo1",
      "dBdt": 0.0},
    "slices": {
      "ContentTime": ["181421.714000", "181421.717000", "181421.719000", "181421.721000", "181421.723000", "181421.725000", "181421.736000", "181421.738000", "181421.740000", "181421.742000", "181421.744000", "181421.746000", "181421.748000", "181421.750000", "181421.752000", "181421.754000", "181421.756000", "181421.758000", "181421.760000", "181421.762000", "181421.764000", "181421.766000"],
      "CsaImage.Actual3DImaPartNumber": [0, 1, 2, 3, 4, 5, 6, 7, 8, 9, 10, 11, 12, 13, 14, 15, 16, 17, 18, 19, 20, 21],
      "CsaImage.ICE_Dims": [
        "X_1_1_1_1_1_1_1_1_1_1_1_173",
        "X_1_1_1_1_1_2_1_1_1_1_1_173",
        "X_1_1_1_1_1_3_1_1_1_1_1_173",
        "X_1_1_1_1_1_4_1_1_1_1_1_173",
        "X_1_1_1_1_1_5_1_1_1_1_1_173",
        "X_1_1_1_1_1_6_1_1_1_1_1_173",
        "X_1_1_1_1_1_7_1_1_1_1_1_173",
        "X_1_1_1_1_1_8_1_1_1_1_1_173",
        "X_1_1_1_1_1_9_1_1_1_1_1_173",
        "X_1_1_1_1_1_10_1_1_1_1_1_173",
        "X_1_1_1_1_1_11_1_1_1_1_1_173",
        "X_1_1_1_1_1_12_1_1_1_1_1_173",
        "X_1_1_1_1_1_13_1_1_1_1_1_173",
        "X_1_1_1_1_1_14_1_1_1_1_1_173",
        "X_1_1_1_1_1_15_1_1_1_1_1_173",
        "X_1_1_1_1_1_16_1_1_1_1_1_173",
        "X_1_1_1_1_1_17_1_1_1_1_1_173",
        "X_1_1_1_1_1_18_1_1_1_1_1_173",
        "X_1_1_1_1_1_19_1_1_1_1_1_173",
        "X_1_1_1_1_1_20_1_1_1_1_1_173",
        "X_1_1_1_1_1_21_1_1_1_1_1_173",
        "X_1_1_1_1_1_22_1_1_1_1_1_173"
],
      "CsaImage.SlicePosition_PCS": [
        [-114.50651398, -76.42107881, -86.89222565],
        [-114.50651398, -78.01587532, -82.15338359],
        [-114.50651398, -79.61067183, -77.41454153],
        [-114.50651398, -81.20546834, -72.67569947],
        [-114.50651398, -82.80026485, -67.9368574],
        [-114.50651398, -84.39506136, -63.19801534],
        [-114.50651398, -85.98985787, -58.45917328],
        [-114.50651398, -87.58465438, -53.72033122],
        [-114.50651398, -89.17945089, -48.98148915],
        [-114.50651398, -90.7742474, -44.24264709],
        [-114.50651398, -92.36904391, -39.50380503],
        [-114.50651398, -93.96384041, -34.76496297],
        [-114.50651398, -95.55863692, -30.0261209],
        [-114.50651398, -97.15343343, -25.28727884],
        [-114.50651398, -98.74822994, -20.54843678],
        [-114.50651398, -100.34302645, -15.80959472],
        [-114.50651398, -101.93782296, -11.07075265],
        [-114.50651398, -103.53261947, -6.33191059],
        [-114.50651398, -105.12741598, -1.59306853],
        [-114.50651398, -106.72221249, 3.14577353],
        [-114.50651398, -108.317009, 7.8846156],
        [-114.50651398, -109.91180551, 12.62345766]
],
      "ImagePositionPatient": [
        [-114.50651398301, -76.421078810337, -200.89222565411],
        [-114.50651398301, -78.015875319816, -196.15338359161],
        [-114.50651398301, -79.610671829295, -191.4145415291],
        [-114.50651398301, -81.205468338775, -186.6756994666],
        [-114.50651398301, -82.800264848254, -181.93685740409],
        [-114.50651398301, -84.395061357734, -177.19801534159],
        [-114.50651398301, -85.989857867213, -172.45917327909],
        [-114.50651398301, -87.584654376693, -167.72033121658],
        [-114.50651398301, -89.179450886172, -162.98148915408],
        [-114.50651398301, -90.774247395651, -158.24264709158],
        [-114.50651398301, -92.369043905131, -153.50380502907],
        [-114.50651398301, -93.96384041461, -148.76496296657],
        [-114.50651398301, -95.55863692409, -144.02612090407],
        [-114.50651398301, -97.153433433569, -139.28727884156],
        [-114.50651398301, -98.748229943049, -134.54843677906],
        [-114.50651398301, -100.34302645253, -129.80959471656],
        [-114.50651398301, -101.93782296201, -125.07075265405],
        [-114.50651398301, -103.53261947149, -120.33191059155],
        [-114.50651398301, -105.12741598097, -115.59306852905],
        [-114.50651398301, -106.72221249045, -110.85422646654],
        [-114.50651398301, -108.31700899993, -106.11538440404],
        [-114.50651398301, -109.9118055094, -101.37654234154]
],
      "InstanceCreationTime": ["181421.714000", "181421.717000", "181421.719000", "181421.721000", "181421.723000", "181421.725000", "181421.736000", "181421.738000", "181421.740000", "181421.742000", "181421.744000", "181421.746000", "181421.748000", "181421.750000", "181421.752000", "181421.754000", "181421.756000", "181421.758000", "181421.760000", "181421.762000", "181421.764000", "181421.766000"],
      "InstanceNumber": [22, 21, 20, 19, 18, 17, 16, 15, 14, 13, 12, 11, 10, 9, 8, 7, 6, 5, 4, 3, 2, 1],
      "SliceLocation": [-166.02409184445, -161.02409184445, -156.02409184445, -151.02409184445, -146.02409184445, -141.02409184445, -136.02409184445, -131.02409184445, -126.02409184445, -121.02409184445, -116.02409184445, -111.02409184445, -106.02409184445, -101.02409184445, -96.02409184445, -91.02409184445, -86.02409184445, -81.02409184445, -76.02409184445, -71.02409184445, -66.02409184445, -61.02409184445],
      "WindowCenter": [1052.0, 708.0, 804.0, 851.0, 755.0, 649.0, 601.0, 532.0, 530.0, 558.0, 675.0, 751.0, 813.0, 771.0, 714.0, 782.0, 886.0, 919.0, 914.0, 1040.0, 1127.0, 866.0],
      "WindowWidth": [3065.0, 3570.0, 3205.0, 2765.0, 2650.0, 2657.0, 2657.0, 2731.0, 2765.0, 2788.0, 2799.0, 2853.0, 2948.0, 3113.0, 3233.0, 3325.0, 3395.0, 3438.0, 3613.0, 3583.0, 3023.0, 2034.0]
    }
  }
}