{
  "AcquisitionMatrixPE": 36,
  "AcquisitionNumber": 1,
  "AcquisitionTime": "11:46:52.720000",
  "BandwidthPerPixelPhaseEncode": 29.551,
  "BaseResolution": 96,
  "BodyPartExamined": "CSPINE",
  "CoilCombinationMethod": "Adaptive Combine",
  "ConsistencyInfo": "N4_VE11C_LATEST_20160120",
  "ConversionSoftware": "dcm2niix",
  "ConversionSoftwareVersion": "v1.0.20220505",
  "DerivedVendorReportedEchoSpacing": 0.000939994,
  "DeviceSerialNumber": "167006",
  "DiffusionScheme": "Monopolar",
  "DwellTime": 4.1e-06,
  "EchoTime": 0.06,
  "EchoTrainLength": 31,
  "EffectiveEchoSpacing": 0.000939995,
  "FlipAngle": 90,
  "HeudiconvVersion": "0.5.3.post811+g6206e14",
  "ImageOrientationPatientDICOM": [1, 0, 0, 0, 0.999781, -0.0209424],
  "ImageOrientationText": "Tra>Cor(-1.2)",
  "ImageType": [
    "ORIGINAL",
    "PRIMARY",
    "DIFFUSION",
    "NONE",
    "ND",
    "MOSAIC"
],
  "ImagingFrequency": 123.259,
  "InPlanePhaseEncodingDirectionDICOM": "COL",
  "InstitutionAddress": "Chemin Queen-Mary 4565,Montreal,District,CA,H3W 1W5",
  "InstitutionName": "IUGM",
  "InstitutionalDepartmentName": "Department",
  "MRAcquisitionType": "2D",
  "MagneticFieldStrength": 3,
  "Manufacturer": "Siemens",
  "ManufacturersModelName": "Prisma_fit",
  "MatrixCoilMode": "SENSE",
  "Modality": "MR",
  "PartialFourier": 0.875,
  "PatientPosition": "HFS",
  "PercentPhaseFOV": 37.5,
  "PercentSampling": 100,
  "PhaseEncodingDirection": "j-",
  "PhaseEncodingSteps": 31,
  "PhaseResolution": 1,
  "PixelBandwidth": 1270,
  "ProcedureStepDescription": "anat^generic",
  "ProtocolName": "DWI",
  "PulseSequenceDetails": "%SiemensSeq%\\ep2d_diff",
  "ReceiveCoilActiveElements": "HC7;NC1,2",
  "ReceiveCoilName": "HeadNeck_64",
  "ReconMatrixPE": 36,
  "RepetitionTime": 0.61,
  "SAR": 0.465715,
  "ScanOptions": "PFP\\SFS\\CT",
  "ScanningSequence": "EP",
  "SequenceName": "*ez_b0",
  "SequenceVariant": "SK\\SP",
  "SeriesDescription": "DWI",
  "SeriesNumber": 37,
  "ShimSetting": [633, -7338, -9325, -952, 211, 2992, -542, 111],
  "SliceThickness": 5,
  "SliceTiming": [0, 1.47, 3.13, 4.8375, 6.5225, 0.1975, 1.6675, 3.3275, 5.0325, 6.7175, 0.395, 1.865, 3.525, 5.23, 6.915],
  "SoftwareVersions": "syngo MR E11",
  "SpacingBetweenSlices": 5,
  "SpoilingState": true,
  "StationName": "MRC35049",
  "TotalReadoutTime": 0.0328998,
  "TxRefAmp": 305.832,
  "dcmmeta_affine": [
    [-0.8958333134651184, 0.0, 0.0, 42.50651168823242],
    [0.0, 0.8956368565559387, -0.1047120988368988, 5.992424011230469],
    [0.0, 0.018760917708277702, 4.998903274536133, -168.419677734375],
    [0.0, 0.0, 0.0, 1.0]
],
  "dcmmeta_reorient_transform": [
    [0.0, -1.0, 0.0, 35.0],
    [1.0, 0.0, 0.0, 0.0],
    [0.0, 0.0, -1.0, 14.0],
    [0.0, 0.0, 0.0, 1.0]
],
  "dcmmeta_shape": [96, 36, 15, 35],
  "dcmmeta_slice_dim": 2,
  "dcmmeta_version": 0.6,
  "global": {
    "const": {
      "AcquisitionMatrix": [96, 0, 0, 36],
      "AngioFlag": "N",
      "BitsAllocated": 16,
      "BitsStored": 12,
      "BodyPartExamined": "CSPINE",
      "CardiacNumberOfImages": 1,
      "Columns": 384,
      "EchoNumbers": 1,
      "EchoTime": 60.0,
      "EchoTrainLength": 31,
      "FlipAngle": 90.0,
      "HighBit": 11,
      "ImageOrientationPatient": [1.0, 0.0, 0.0, 0.0, 0.9997806834792, -0.0209424196753],
      "ImagePositionPatient": [-171.50651016831, -84.238133843176, -96.76531427218],
      "ImageType": [
        "ORIGINAL",
        "PRIMARY",
        "DIFFUSION",
        "NONE",
        "ND",
        "MOSAIC"
],
      "ImagedNucleus": "1H",
      "ImagingFrequency": 123.258732,
      "InPlanePhaseEncodingDirection": "COL",
      "MRAcquisitionType": "2D",
      "MagneticFieldStrength": 3.0,
      "Manufacturer": "SIEMENS",
      "ManufacturerModelName": "Prisma_fit",
      "Modality": "MR",
      "NominalInterval": 0,
      "NumberOfAverages": 1.0,
      "NumberOfPhaseEncodingSteps": 31,
      "PercentPhaseFieldOfView": 37.5,
      "PercentSampling": 100.0,
      "PerformedProcedureStepStartTime": "103736.373000",
      "PhotometricInterpretation": "MONOCHROME2",
      "PixelBandwidth": 1270.0,
      "PixelRepresentation": 0,
      "PixelSpacing": [0.89583331346512, 0.89583331346512],
      "ProtocolName": "DWI",
      "RepetitionTime": 610.0,
      "Rows": 144,
      "SAR": 0.46571455125108,
      "SamplesPerPixel": 1,
      "ScanOptions": [
        "PFP",
        "SFS",
        "CT"
],
      "ScanningSequence": "EP",
      "SequenceVariant": [
        "SK",
        "SP"
],
      "SeriesDescription": "DWI",
      "SeriesNumber": 37,
      "SeriesTime": "114653.585000",
      "SliceLocation": -98.508242391729,
      "SliceThickness": 5.0,
      "SmallestImagePixelValue": 0,
      "SoftwareVersions": "syngo MR E11",
      "SpacingBetweenSlices": 4.9999998567353,
      "SpecificCharacterSet": "ISO_IR 100",
      "StudyID": "1",
      "StudyTime": "103736.307000",
      "TransmitCoilName": "Body",
      "VariableFlipAngleFlag": "N",
      "WindowCenterWidthExplanation": "Algo1",
      "dBdt": 0.0},
    "slices": {}
  },
  "time": {
    "samples": {
      "AcquisitionNumber": [1, 2, 3, 4, 5, 6, 7, 8, 9, 10, 11, 12, 13, 14, 15, 16, 17, 18, 19, 20, 21, 22, 23, 24, 25, 26, 27, 28, 29, 30, 31, 32, 33, 34, 35],
      "AcquisitionTime": ["114652.720000", "114700.720000", "114707.195000", "114716.305000", "114723.467500", "114729.057500", "114737.142500", "114740.867500", "114750.152500", "114754.747500", "114759.522500", "114808.040000", "114811.895000", "114816.335000", "114823.900000", "114829.700000", "114834.990000", "114840.915000", "114849.495000", "114854.612500", "114858.487500", "114902.042500", "114906.132500", "114911.462500", "114916.837500", "114920.577500", "114925.127500", "114928.927500", "114933.062500", "114939.055000", "114943.165000", "114950.105000", "114957.380000", "115001.675000", "115009.310000"],
      "ContentTime": ["114653.588000", "114704.280000", "114709.280000", "114719.280000", "114729.281000", "114734.280000", "114739.280000", "114744.280000", "114754.280000", "114759.280000", "114804.281000", "114809.280000", "114814.280000", "114819.281000", "114829.281000", "114834.280000", "114839.281000", "114844.280000", "114854.280000", "114859.280000", "114904.281000", "114904.284000", "114909.280000", "114914.281000", "114919.280000", "114924.280000", "114929.280000", "114934.280000", "114934.283000", "114944.280000", "114944.283000", "114954.280000", "114959.280000", "115004.280000", "115010.193000"],
      "InstanceCreationTime": ["114653.588000", "114704.280000", "114709.280000", "114719.280000", "114729.281000", "114734.280000", "114739.280000", "114744.280000", "114754.280000", "114759.280000", "114804.281000", "114809.280000", "114814.280000", "114819.281000", "114829.281000", "114834.280000", "114839.281000", "114844.280000", "114854.280000", "114859.280000", "114904.281000", "114904.284000", "114909.280000", "114914.281000", "114919.280000", "114924.280000", "114929.280000", "114934.280000", "114934.283000", "114944.280000", "114944.283000", "114954.280000", "114959.280000", "115004.280000", "115010.193000"],
      "InstanceNumber": [1, 2, 3, 4, 5, 6, 7, 8, 9, 10, 11, 12, 13, 14, 15, 16, 17, 18, 19, 20, 21, 22, 23, 24, 25, 26, 27, 28, 29, 30, 31, 32, 33, 34, 35],
      "LargestImagePixelValue": [4095, 2989, 2649, 3035, 2383, 2314, 2917, 2639, 2712, 3304, 2398, 3081, 2320, 2908, 2746, 2711, 3027, 2609, 3467, 3231, 2202, 2963, 2269, 2562, 2595, 2821, 2321, 2393, 2401, 2938, 2941, 4095, 4095, 4095, 4095],
      "SequenceName": [
        "*ez_b0",
        "*ez_b800#1",
        "*ez_b800#2",
        "*ez_b800#3",
        "*ez_b800#4",
        "*ez_b800#5",
        "*ez_b800#6",
        "*ez_b800#7",
        "*ez_b800#8",
        "*ez_b800#9",
        "*ez_b800#10",
        "*ez_b800#11",
        "*ez_b800#12",
        "*ez_b800#13",
        "*ez_b800#14",
        "*ez_b800#15",
        "*ez_b800#16",
        "*ez_b800#17",
        "*ez_b800#18",
        "*ez_b800#19",
        "*ez_b800#20",
        "*ez_b800#21",
        "*ez_b800#22",
        "*ez_b800#23",
        "*ez_b800#24",
        "*ez_b800#25",
        "*ez_b800#26",
        "*ez_b800#27",
        "*ez_b800#28",
        "*ez_b800#29",
        "*ez_b800#30",
        "*ez_b0",
        "*ez_b0",
        "*ez_b0",
        "*ez_b0"
],
      "TriggerTime": [572.5, 572.5, 572.5, 570.0, 570.0, 572.5, 572.5, 572.5, 572.5, 572.5, 570.0, 570.0, 572.5, 572.5, 572.5, 572.5, 572.5, 572.5, 570.0, 570.0, 572.5, 572.5, 572.5, 572.5, 572.5, 572.5, 572.5, 570.0, 570.0, 570.0, 572.5, 572.5, 572.5, 572.5, 572.5],
      "WindowCenter": [1285.0, 727.0, 711.0, 724.0, 730.0, 728.0, 771.0, 707.0, 724.0, 716.0, 731.0, 778.0, 706.0, 724.0, 766.0, 734.0, 726.0, 744.0, 763.0, 721.0, 692.0, 691.0, 729.0, 743.0, 733.0, 699.0, 708.0, 711.0, 722.0, 739.0, 730.0, 1228.0, 1259.0, 1067.0, 1276.0],
      "WindowWidth": [2551.0, 1430.0, 1394.0, 1421.0, 1447.0, 1456.0, 1579.0, 1396.0, 1424.0, 1413.0, 1474.0, 1593.0, 1391.0, 1441.0, 1568.0, 1465.0, 1448.0, 1505.0, 1533.0, 1424.0, 1356.0, 1353.0, 1463.0, 1504.0, 1466.0, 1374.0, 1392.0, 1404.0, 1445.0, 1475.0, 1467.0, 2478.0, 2523.0, 2218.0, 2542.0]
    },
    "slices": {}
  }
}