{
  "AcquisitionMatrixPE": 256,
  "AcquisitionNumber": 1,
  "AcquisitionTime": "10:22:30.000000",
  "BaseResolution": 256,
  "BodyPartExamined": "CSPINE",
  "CoilString": "HC5-7;NC1_2",
  "ConsistencyInfo": "N4_VE11C_LATEST_20160120",
  "ConversionSoftware": "dcm2niix",
  "ConversionSoftwareVersion": "v1.0.20190902",
  "DeviceSerialNumber": "167006",
  "DwellTime": 7.5e-06,
  "EchoTime": 0.00313,
  "FlipAngle": 15,
  "ImageOrientationPatientDICOM": [0.999015, -0.00900614, 0.0434432, 6.11038e-08, 0.979181, 0.202991],
  "ImageType": [
    "ORIGINAL",
    "PRIMARY",
    "M",
    "DIS2D"
],
  "ImagingFrequency": 123.259,
  "InPlanePhaseEncodingDirectionDICOM": "COL",
  "InstitutionAddress": "Chemin_Queen-Mary_4565_Montreal_District_CA_H3W_1W5",
  "InstitutionName": "IUGM",
  "InstitutionalDepartmentName": "Department",
  "MRAcquisitionType": "3D",
  "MagneticFieldStrength": 3,
  "Manufacturer": "Siemens",
  "ManufacturersModelName": "Prisma_fit",
  "Modality": "MR",
  "ParallelReductionFactorInPlane": 2,
  "PartialFourier": 1,
  "PatientPosition": "HFS",
  "PercentPhaseFOV": 100,
  "PhaseEncodingSteps": 255,
  "PhaseResolution": 1,
  "PixelBandwidth": 260,
  "ProcedureStepDescription": "hcptrt_generic",
  "ProtocolName": "GRE-T1w",
  "PulseSequenceDetails": "%SiemensSeq%_gre",
  "ReceiveCoilActiveElements": "HC5-7;NC1,2",
  "ReceiveCoilName": "HeadNeck_64",
  "ReconMatrixPE": 256,
  "RefLinesPE": 32,
  "RepetitionTime": 0.015,
  "SAR": 0.0340097,
  "ScanningSequence": "GR",
  "SequenceName": "_fl3d1",
  "SequenceVariant": "SP",
  "SeriesDescription": "GRE-T1w",
  "SeriesNumber": 37,
  "ShimSetting": [610, -7268, -9034, -727, -4, 2426, -485, 66],
  "SliceThickness": 5,
  "SoftwareVersions": "syngo_MR_E11",
  "StationName": "MRC35049",
  "TxRefAmp": 255.496,
  "dcmmeta_affine": [
    [0.8975527882575989, 5.489792798130111e-08, 0.2218344509601593, -114.8197250366211],
    [-0.008091450668871403, 0.879732608795166, 1.0139552354812622, -139.0287628173828],
    [-0.03903098776936531, -0.18237467110157013, 4.891082286834717, -117.63994598388672],
    [0.0, 0.0, 0.0, 1.0]
],
  "dcmmeta_reorient_transform": [
    [0.0, -1.0, 0.0, 255.0],
    [-1.0, 0.0, 0.0, 255.0],
    [0.0, 0.0, -1.0, 21.0],
    [0.0, 0.0, 0.0, 1.0]
],
  "dcmmeta_shape": [256, 256, 22],
  "dcmmeta_slice_dim": 2,
  "dcmmeta_version": 0.6,
  "global": {
    "const": {
      "AcquisitionMatrix": [256, 0, 0, 256],
      "AcquisitionNumber": 1,
      "AcquisitionTime": "102230.000000",
      "AngioFlag": "N",
      "BitsAllocated": 16,
      "BitsStored": 12,
      "BodyPartExamined": "CSPINE",
      "Columns": 256,
      "EchoNumbers": 1,
      "EchoTime": 3.13,
      "EchoTrainLength": 1,
      "FlipAngle": 15.0,
      "HighBit": 11,
      "ImageOrientationPatient": [0.99901530468188, -0.009006136233, 0.04344318728562, 6.1103781e-08, 0.97918061779505, 0.20299093017795],
      "ImageType": [
        "ORIGINAL",
        "PRIMARY",
        "M",
        "DIS2D"
],
      "ImagedNucleus": "1H",
      "ImagingFrequency": 123.258944,
      "InPlanePhaseEncodingDirection": "COL",
      "LargestImagePixelValue": 4095,
      "MRAcquisitionType": "3D",
      "MagneticFieldStrength": 3.0,
      "Manufacturer": "SIEMENS",
      "ManufacturerModelName": "Prisma_fit",
      "Modality": "MR",
      "NumberOfAverages": 1.0,
      "NumberOfPhaseEncodingSteps": 255,
      "PercentPhaseFieldOfView": 100.0,
      "PercentSampling": 100.0,
      "PerformedProcedureStepStartTime": "091224.547000",
      "PhotometricInterpretation": "MONOCHROME2",
      "PixelBandwidth": 260.0,
      "PixelRepresentation": 0,
      "PixelSpacing": [0.8984375, 0.8984375],
      "ProtocolName": "GRE-T1w",
      "RepetitionTime": 15.0,
      "Rows": 256,
      "SAR": 0.03400966167277,
      "SamplesPerPixel": 1,
      "ScanningSequence": "GR",
      "SequenceName": "*fl3d1",
      "SequenceVariant": "SP",
      "SeriesDescription": "GRE-T1w",
      "SeriesNumber": 37,
      "SeriesTime": "102330.713000",
      "SliceThickness": 5.0,
      "SmallestImagePixelValue": 0,
      "SoftwareVersions": "syngo MR E11",
      "SpecificCharacterSet": "ISO_IR 100",
      "StudyID": "1",
      "StudyTime": "091224.445000",
      "TransmitCoilName": "Body",
      "VariableFlipAngleFlag": "N",
      "WindowCenterWidthExplanation": "Algo1",
      "dBdt": 0.0},
    "slices": {
      "ContentTime": ["102330.716000", "102330.719000", "102330.721000", "102330.723000", "102330.725000", "102330.727000", "102330.729000", "102330.731000", "102330.733000", "102330.735000", "102330.737000", "102330.739000", "102330.741000", "102330.743000", "102330.745000", "102330.747000", "102330.749000", "102330.751000", "102330.753000", "102330.755000", "102330.757000", "102330.759000"],
      "CsaImage.Actual3DImaPartNumber": [0, 1, 2, 3, 4, 5, 6, 7, 8, 9, 10, 11, 12, 13, 14, 15, 16, 17, 18, 19, 20, 21],
      "CsaImage.ICE_Dims": [
        "X_1_1_1_1_1_1_1_1_1_1_1_74",
        "X_1_1_1_1_1_2_1_1_1_1_1_74",
        "X_1_1_1_1_1_3_1_1_1_1_1_74",
        "X_1_1_1_1_1_4_1_1_1_1_1_74",
        "X_1_1_1_1_1_5_1_1_1_1_1_74",
        "X_1_1_1_1_1_6_1_1_1_1_1_74",
        "X_1_1_1_1_1_7_1_1_1_1_1_74",
        "X_1_1_1_1_1_8_1_1_1_1_1_74",
        "X_1_1_1_1_1_9_1_1_1_1_1_74",
        "X_1_1_1_1_1_10_1_1_1_1_1_74",
        "X_1_1_1_1_1_11_1_1_1_1_1_74",
        "X_1_1_1_1_1_12_1_1_1_1_1_74",
        "X_1_1_1_1_1_13_1_1_1_1_1_74",
        "X_1_1_1_1_1_14_1_1_1_1_1_74",
        "X_1_1_1_1_1_15_1_1_1_1_1_74",
        "X_1_1_1_1_1_16_1_1_1_1_1_74",
        "X_1_1_1_1_1_17_1_1_1_1_1_74",
        "X_1_1_1_1_1_18_1_1_1_1_1_74",
        "X_1_1_1_1_1_19_1_1_1_1_1_74",
        "X_1_1_1_1_1_20_1_1_1_1_1_74",
        "X_1_1_1_1_1_21_1_1_1_1_1_74",
        "X_1_1_1_1_1_22_1_1_1_1_1_74"
],
      "CsaImage.SlicePosition_PCS": [
        [-114.05625347, -83.23972251, -80.0983859],
        [-114.27808793, -84.25367773, -75.20730378],
        [-114.49992238, -85.26763294, -70.31622166],
        [-114.72175684, -86.28158816, -65.42513955],
        [-114.94359129, -87.29554338, -60.53405743],
        [-115.16542575, -88.30949859, -55.64297531],
        [-115.3872602, -89.32345381, -50.75189319],
        [-115.60909466, -90.33740903, -45.86081107],
        [-115.83092911, -91.35136424, -40.96972895],
        [-116.05276357, -92.36531946, -36.07864683],
        [-116.27459802, -93.37927468, -31.18756471],
        [-116.49643248, -94.39322989, -26.29648259],
        [-116.71826693, -95.40718511, -21.40540048],
        [-116.94010139, -96.42114033, -16.51431836],
        [-117.16193584, -97.43509554, -11.62323624],
        [-117.38377029, -98.44905076, -6.73215412],
        [-117.60560475, -99.46300598, -1.841072],
        [-117.8274392, -100.47696119, 3.05001012],
        [-118.04927366, -101.49091641, 7.94109224],
        [-118.27110811, -102.50487162, 12.83217436],
        [-118.49294257, -103.51882684, 17.72325648],
        [-118.71477702, -104.53278206, 22.61433859]
],
      "ImagePositionPatient": [
        [-114.05625347443, -83.239722511034, -174.09838590234],
        [-114.27808792911, -84.253677727558, -169.20730378346],
        [-114.4999223838, -85.267632944082, -164.31622166458],
        [-114.72175683848, -86.281588160607, -159.42513954571],
        [-114.94359129316, -87.295543377131, -154.53405742683],
        [-115.16542574785, -88.309498593655, -149.64297530795],
        [-115.38726020253, -89.323453810179, -144.75189318907],
        [-115.60909465721, -90.337409026704, -139.8608110702],
        [-115.83092911189, -91.351364243228, -134.96972895132],
        [-116.05276356658, -92.365319459752, -130.07864683244],
        [-116.27459802126, -93.379274676276, -125.18756471357],
        [-116.49643247594, -94.3932298928, -120.29648259469],
        [-116.71826693063, -95.407185109325, -115.40540047581],
        [-116.94010138531, -96.421140325849, -110.51431835693],
        [-117.16193583999, -97.435095542373, -105.62323623806],
        [-117.38377029467, -98.449050758897, -100.73215411918],
        [-117.60560474936, -99.463005975421, -95.841072000303],
        [-117.82743920404, -100.47696119195, -90.949989881426],
        [-118.04927365872, -101.49091640847, -86.058907762549],
        [-118.27110811341, -102.50487162499, -81.167825643672],
        [-118.49294256809, -103.51882684152, -76.276743524795],
        [-118.71477702277, -104.53278205804, -71.385661405918]
],
      "InstanceCreationTime": ["102330.716000", "102330.719000", "102330.721000", "102330.723000", "102330.725000", "102330.727000", "102330.729000", "102330.731000", "102330.733000", "102330.735000", "102330.737000", "102330.739000", "102330.741000", "102330.743000", "102330.745000", "102330.747000", "102330.749000", "102330.751000", "102330.753000", "102330.755000", "102330.757000", "102330.759000"],
      "InstanceNumber": [22, 21, 20, 19, 18, 17, 16, 15, 14, 13, 12, 11, 10, 9, 8, 7, 6, 5, 4, 3, 2, 1],
      "SliceLocation": [-148.3653089115, -143.3653089115, -138.3653089115, -133.3653089115, -128.3653089115, -123.3653089115, -118.3653089115, -113.3653089115, -108.3653089115, -103.3653089115, -98.365308911503, -93.365308911503, -88.365308911503, -83.365308911503, -78.365308911503, -73.365308911503, -68.365308911503, -63.365308911503, -58.365308911503, -53.365308911503, -48.365308911503, -43.365308911503],
      "WindowCenter": [922.0, 1065.0, 850.0, 624.0, 607.0, 618.0, 758.0, 774.0, 802.0, 812.0, 744.0, 733.0, 795.0, 869.0, 879.0, 903.0, 1058.0, 1111.0, 1234.0, 1307.0, 1272.0, 954.0],
      "WindowWidth": [2836.0, 3393.0, 3568.0, 3549.0, 3409.0, 3285.0, 3172.0, 3210.0, 3267.0, 3365.0, 3521.0, 3577.0, 3615.0, 3647.0, 3721.0, 3788.0, 3769.0, 3795.0, 3884.0, 3808.0, 3262.0, 2202.0]
    }
  }
}