{
  "AcquisitionMatrixPE": 128,
  "AcquisitionNumber": 1,
  "AcquisitionTime": "09:46:58.022500",
  "BaseResolution": 128,
  "BodyPartExamined": "BRAIN",
  "ConsistencyInfo": "N4_VE11C_LATEST_20160120",
  "ConversionSoftware": "dcm2niix",
  "ConversionSoftwareVersion": "v1.0.20190902",
  "DeviceSerialNumber": "167006",
  "DwellTime": 1.86e-05,
  "EchoTime": 0.0033,
  "FlipAngle": 20,
  "ImageOrientationPatientDICOM": [1, 4.849e-12, -6.81e-13, -4.897e-12, 0.990268, -0.139173],
  "ImageType": [
    "ORIGINAL",
    "PRIMARY",
    "M",
    "ND"
],
  "ImagingFrequency": 123.259,
  "InPlanePhaseEncodingDirectionDICOM": "ROW",
  "InstitutionAddress": "Chemin_Queen-Mary_4565_Montreal_District_CA_H3W_1W5",
  "InstitutionName": "IUGM",
  "InstitutionalDepartmentName": "Department",
  "MRAcquisitionType": "3D",
  "MagneticFieldStrength": 3,
  "Manufacturer": "Siemens",
  "ManufacturersModelName": "Prisma_fit",
  "Modality": "MR",
  "ParallelReductionFactorInPlane": 2,
  "PartialFourier": 1,
  "PatientPosition": "HFS",
  "PercentPhaseFOV": 100,
  "PhaseEncodingSteps": 127,
  "PhaseResolution": 1,
  "PixelBandwidth": 210,
  "ProcedureStepDescription": "hcptrt_generic",
  "ProtocolName": "gre_3d_T1w",
  "PulseSequenceDetails": "%SiemensSeq%_gre",
  "ReceiveCoilActiveElements": "HC1-7;NC1",
  "ReceiveCoilName": "HeadNeck_64",
  "ReconMatrixPE": 128,
  "RefLinesPE": 32,
  "RepetitionTime": 0.018,
  "SAR": 0.0297507,
  "ScanningSequence": "GR",
  "SequenceName": "_fl3d1",
  "SequenceVariant": "SP",
  "SeriesDescription": "gre_3d_T1w_ND",
  "SeriesNumber": 20,
  "ShimSetting": [615, -7230, -8924, 572, 0, -381, 1, 16],
  "SliceThickness": 1.5,
  "SoftwareVersions": "syngo_MR_E11",
  "StationName": "MRC35049",
  "TxRefAmp": 219.923,
  "dcmmeta_affine": [
    [1.5, -7.345500076250122e-12, 0.0, -95.60554504394531],
    [7.273499944698836e-12, 1.4854021072387695, -0.2087596356868744, -72.20919799804688],
    [1.0215000503452365e-12, 0.2087596356868744, 1.4854021072387695, -55.21696472167969],
    [0.0, 0.0, 0.0, 1.0]
],
  "dcmmeta_reorient_transform": [
    [0.0, -1.0, 0.0, 127.0],
    [-1.0, 0.0, 0.0, 127.0],
    [0.0, 0.0, -1.0, 95.0],
    [0.0, 0.0, 0.0, 1.0]
],
  "dcmmeta_shape": [128, 128, 96],
  "dcmmeta_slice_dim": 2,
  "dcmmeta_version": 0.6,
  "global": {
    "const": {
      "AcquisitionMatrix": [0, 128, 128, 0],
      "AcquisitionNumber": 1,
      "AcquisitionTime": "094658.022500",
      "AngioFlag": "N",
      "BitsAllocated": 16,
      "BitsStored": 12,
      "BodyPartExamined": "BRAIN",
      "Columns": 128,
      "EchoNumbers": 1,
      "EchoTime": 3.3,
      "EchoTrainLength": 1,
      "FlipAngle": 20.0,
      "HighBit": 11,
      "ImageOrientationPatient": [1.0, 4.849e-12, -6.81e-13, -4.897e-12, 0.99026807013539, -0.1391730910425],
      "ImageType": [
        "ORIGINAL",
        "PRIMARY",
        "M",
        "ND"
],
      "ImagedNucleus": "1H",
      "ImagingFrequency": 123.259166,
      "InPlanePhaseEncodingDirection": "ROW",
      "MRAcquisitionType": "3D",
      "MagneticFieldStrength": 3.0,
      "Manufacturer": "SIEMENS",
      "ManufacturerModelName": "Prisma_fit",
      "Modality": "MR",
      "NumberOfAverages": 1.0,
      "NumberOfPhaseEncodingSteps": 127,
      "PercentPhaseFieldOfView": 100.0,
      "PercentSampling": 100.0,
      "PerformedProcedureStepStartTime": "091224.547000",
      "PhotometricInterpretation": "MONOCHROME2",
      "PixelBandwidth": 210.0,
      "PixelRepresentation": 0,
      "PixelSpacing": [1.5, 1.5],
      "ProtocolName": "gre_3d_T1w",
      "RepetitionTime": 18.0,
      "Rows": 128,
      "SAR": 0.0297506764984,
      "SamplesPerPixel": 1,
      "ScanningSequence": "GR",
      "SequenceName": "*fl3d1",
      "SequenceVariant": "SP",
      "SeriesDescription": "gre_3d_T1w_ND",
      "SeriesNumber": 20,
      "SeriesTime": "094921.036000",
      "SliceThickness": 1.5,
      "SmallestImagePixelValue": 0,
      "SoftwareVersions": "syngo MR E11",
      "SpecificCharacterSet": "ISO_IR 100",
      "StudyID": "1",
      "StudyTime": "091224.445000",
      "TransmitCoilName": "Body",
      "VariableFlipAngleFlag": "N",
      "WindowCenterWidthExplanation": "Algo1",
      "dBdt": 0.0},
