{
  "AcquisitionMatrixPE": 36,
  "AcquisitionNumber": 1,
  "AcquisitionTime": "11:53:17.670000",
  "BandwidthPerPixelPhaseEncode": 29.551,
  "BaseResolution": 96,
  "BodyPartExamined": "CSPINE",
  "CoilString": "HC7;NC1_2",
  "ConsistencyInfo": "N4_VE11C_LATEST_20160120",
  "ConversionSoftware": "dcm2niix",
  "ConversionSoftwareVersion": "v1.0.20190902",
  "DerivedVendorReportedEchoSpacing": 0.000939994,
  "DeviceSerialNumber": "167006",
  "DiffusionScheme": "Monopolar",
  "DwellTime": 4.1e-06,
  "EchoTime": 0.06,
  "EchoTrainLength": 31,
  "EffectiveEchoSpacing": 0.000939995,
  "FlipAngle": 90,
  "ImageOrientationPatientDICOM": [1, 0, 0, 0, 0.967709, 0.252069],
  "ImageType": [
    "ORIGINAL",
    "PRIMARY",
    "DIFFUSION",
    "NONE",
    "ND",
    "MOSAIC"
],
  "ImagingFrequency": 123.259,
  "InPlanePhaseEncodingDirectionDICOM": "COL",
  "InstitutionAddress": "Chemin_Queen-Mary_4565_Montreal_District_CA_H3W_1W5",
  "InstitutionName": "IUGM",
  "InstitutionalDepartmentName": "Department",
  "MRAcquisitionType": "2D",
  "MagneticFieldStrength": 3,
  "Manufacturer": "Siemens",
  "ManufacturersModelName": "Prisma_fit",
  "Modality": "MR",
  "PartialFourier": 0.875,
  "PatientPosition": "HFS",
  "PercentPhaseFOV": 37.5,
  "PhaseEncodingDirection": "j-",
  "PhaseEncodingSteps": 31,
  "PhaseResolution": 1,
  "PixelBandwidth": 1270,
  "ProcedureStepDescription": "anat_generic",
  "ProtocolName": "DWI",
  "PulseSequenceDetails": "%SiemensSeq%_ep2d_diff",
  "ReceiveCoilActiveElements": "HC7;NC1,2",
  "ReceiveCoilName": "HeadNeck_64",
  "ReconMatrixPE": 36,
  "RepetitionTime": 0.61,
  "SAR": 0.383336,
  "ScanOptions": "PFP_SFS_CT",
  "ScanningSequence": "EP",
  "SequenceName": "_ez_b0",
  "SequenceVariant": "SK_SP",
  "SeriesDescription": "DWI",
  "SeriesNumber": 32,
  "ShimSetting": [606, -7410, -9094, -579, 148, 513, 987, -118],
  "SliceThickness": 5,
  "SliceTiming": [0, 1.0825, 2.1825, 3.2675, 4.2625, 0.1975, 1.2775, 2.3775, 3.4625, 4.4575, 0.395, 1.475, 2.575, 3.66, 4.655],
  "SoftwareVersions": "syngo_MR_E11",
  "SpacingBetweenSlices": 5,
  "StationName": "MRC35049",
  "TotalReadoutTime": 0.0328998,
  "TxRefAmp": 260.031,
  "dcmmeta_affine": [
    [-0.8958333134651184, 0.0, 0.0, 42.50651168823242],
    [0.0, 0.8669061064720154, 1.2603466510772705, -43.313899993896484],
    [0.0, -0.22581210732460022, 4.838545799255371, -129.3655548095703],
    [0.0, 0.0, 0.0, 1.0]
],
  "dcmmeta_reorient_transform": [
    [0.0, -1.0, 0.0, 35.0],
    [1.0, 0.0, 0.0, 0.0],
    [0.0, 0.0, -1.0, 14.0],
    [0.0, 0.0, 0.0, 1.0]
],
  "dcmmeta_shape": [96, 36, 15, 35],
  "dcmmeta_slice_dim": 2,
  "dcmmeta_version": 0.6,
  "global": {
    "const": {
      "AcquisitionMatrix": [96, 0, 0, 36],
      "AngioFlag": "N",
      "BitsAllocated": 16,
      "BitsStored": 12,
      "BodyPartExamined": "CSPINE",
      "CardiacNumberOfImages": 1,
      "Columns": 384,
      "EchoNumbers": 1,
      "EchoTime": 60.0,
      "EchoTrainLength": 31,
      "FlipAngle": 90.0,
      "HighBit": 11,
      "ImageOrientationPatient": [1.0, 0.0, 0.0, 0.0, 0.96770917482011, 0.25206934158873],
      "ImagePositionPatient": [-171.50651016831, -51.485596905555, -81.723193851573],
      "ImageType": [
        "ORIGINAL",
        "PRIMARY",
        "DIFFUSION",
        "NONE",
        "ND",
        "MOSAIC"
],
      "ImagedNucleus": "1H",
      "ImagingFrequency": 123.258865,
      "InPlanePhaseEncodingDirection": "COL",
      "LargestImagePixelValue": 4095,
      "MRAcquisitionType": "2D",
      "MagneticFieldStrength": 3.0,
      "Manufacturer": "SIEMENS",
      "ManufacturerModelName": "Prisma_fit",
      "Modality": "MR",
      "NominalInterval": 0,
      "NumberOfAverages": 1.0,
      "NumberOfPhaseEncodingSteps": 31,
      "PercentPhaseFieldOfView": 37.5,
      "PercentSampling": 100.0,
      "PerformedProcedureStepStartTime": "105714.527000",
      "PhotometricInterpretation": "MONOCHROME2",
      "PixelBandwidth": 1270.0,
      "PixelRepresentation": 0,
      "PixelSpacing": [0.89583331346512, 0.89583331346512],
      "ProtocolName": "DWI",
      "RepetitionTime": 610.0,
      "Rows": 144,
      "SAR": 0.3833363650546,
      "SamplesPerPixel": 1,
      "ScanOptions": [
        "PFP",
        "SFS",
        "CT"
],
      "ScanningSequence": "EP",
      "SequenceVariant": [
        "SK",
        "SP"
],
      "SeriesDescription": "DWI",
      "SeriesNumber": 32,
      "SeriesTime": "115317.916000",
      "SliceLocation": -66.106343972483,
      "SliceThickness": 5.0,
      "SmallestImagePixelValue": 0,
      "SoftwareVersions": "syngo MR E11",
      "SpacingBetweenSlices": 4.9999998071537,
      "SpecificCharacterSet": "ISO_IR 100",
      "StudyID": "1",
      "StudyTime": "105714.441000",
      "TransmitCoilName": "Body",
      "VariableFlipAngleFlag": "N",
      "WindowCenterWidthExplanation": "Algo1",
      "dBdt": 0.0},
    "slices": {}
  },
  "time": {
    "samples": {
      "AcquisitionNumber": [1, 2, 3, 4, 5, 6, 7, 8, 9, 10, 11, 12, 13, 14, 15, 16, 17, 18, 19, 20, 21, 22, 23, 24, 25, 26, 27, 28, 29, 30, 31, 32, 33, 34, 35],
      "AcquisitionTime": ["115317.670000", "115322.935000", "115327.920000", "115333.315000", "115338.350000", "115343.815000", "115349.060000", "115354.380000", "115359.550000", "115404.470000", "115409.367500", "115414.312500", "115419.422500", "115424.407500", "115429.202500", "115434.352500", "115439.642500", "115445.057500", "115450.352500", "115455.582500", "115500.797500", "115506.197500", "115511.682500", "115516.812500", "115521.877500", "115526.535000", "115531.735000", "115536.855000", "115541.455000", "115546.385000", "115551.405000", "115556.290000", "115601.335000", "115606.195000", "115611.045000"],
      "ContentTime": ["115317.919000", "115323.791000", "115328.792000", "115333.792000", "115338.791000", "115348.792000", "115353.791000", "115358.791000", "115403.792000", "115408.792000", "115413.791000", "115418.791000", "115423.792000", "115428.791000", "115433.791000", "115438.792000", "115443.792000", "115448.791000", "115453.791000", "115458.792000", "115503.791000", "115508.791000", "115513.792000", "115518.792000", "115523.791000", "115528.791000", "115533.792000", "115538.791000", "115543.791000", "115548.792000", "115553.792000", "115558.791000", "115603.791000", "115608.792000", "115611.299000"],
      "InstanceCreationTime": ["115317.919000", "115323.791000", "115328.792000", "115333.792000", "115338.791000", "115348.792000", "115353.791000", "115358.791000", "115403.792000", "115408.792000", "115413.791000", "115418.791000", "115423.792000", "115428.791000", "115433.791000", "115438.792000", "115443.792000", "115448.791000", "115453.791000", "115458.792000", "115503.791000", "115508.791000", "115513.792000", "115518.792000", "115523.791000", "115528.791000", "115533.792000", "115538.791000", "115543.791000", "115548.792000", "115553.792000", "115558.791000", "115603.791000", "115608.792000", "115611.299000"],
      "InstanceNumber": [1, 2, 3, 4, 5, 6, 7, 8, 9, 10, 11, 12, 13, 14, 15, 16, 17, 18, 19, 20, 21, 22, 23, 24, 25, 26, 27, 28, 29, 30, 31, 32, 33, 34, 35],
      "SequenceName": [
        "*ez_b0",
        "*ez_b800#1",
        "*ez_b800#2",
        "*ez_b800#3",
        "*ez_b800#4",
        "*ez_b800#5",
        "*ez_b800#6",
        "*ez_b800#7",
        "*ez_b800#8",
        "*ez_b800#9",
        "*ez_b800#10",
        "*ez_b800#11",
        "*ez_b800#12",
        "*ez_b800#13",
        "*ez_b800#14",
        "*ez_b800#15",
        "*ez_b800#16",
        "*ez_b800#17",
        "*ez_b800#18",
        "*ez_b800#19",
        "*ez_b800#20",
        "*ez_b800#21",
        "*ez_b800#22",
        "*ez_b800#23",
        "*ez_b800#24",
        "*ez_b800#25",
        "*ez_b800#26",
        "*ez_b800#27",
        "*ez_b800#28",
        "*ez_b800#29",
        "*ez_b800#30",
        "*ez_b0",
        "*ez_b0",
        "*ez_b0",
        "*ez_b0"
],
      "TriggerTime": [572.5, 572.5, 572.5, 572.5, 572.5, 572.5, 570.0, 570.0, 570.0, 570.0, 570.0, 572.5, 572.5, 572.5, 572.5, 572.5, 572.5, 572.5, 572.5, 572.5, 572.5, 570.0, 570.0, 570.0, 570.0, 570.0, 572.5, 572.5, 572.5, 572.5, 572.5, 572.5, 572.5, 572.5, 572.5],
      "WindowCenter": [1566.0, 824.0, 823.0, 824.0, 850.0, 877.0, 846.0, 838.0, 800.0, 805.0, 827.0, 848.0, 798.0, 802.0, 828.0, 812.0, 823.0, 847.0, 840.0, 825.0, 813.0, 806.0, 868.0, 865.0, 876.0, 846.0, 840.0, 863.0, 854.0, 840.0, 869.0, 1524.0, 1533.0, 1521.0, 1456.0],
      "WindowWidth": [2921.0, 1748.0, 1738.0, 1747.0, 1809.0, 1869.0, 1814.0, 1795.0, 1710.0, 1718.0, 1753.0, 1799.0, 1704.0, 1713.0, 1767.0, 1735.0, 1753.0, 1796.0, 1780.0, 1757.0, 1733.0, 1724.0, 1839.0, 1830.0, 1864.0, 1787.0, 1771.0, 1826.0, 1810.0, 1779.0, 1847.0, 2871.0, 2881.0, 2870.0, 2799.0]
    },
    "slices": {}
  }
}