{
  "AcquisitionMatrixPE": 448,
  "AcquisitionNumber": 1,
  "AcquisitionTime": "16:07:32.590000",
  "BaseResolution": 448,
  "BodyPartExamined": "CSPINE",
  "CoilCombinationMethod": "Adaptive Combine",
  "ConsistencyInfo": "N4_VE11C_LATEST_20160120",
  "ConversionSoftware": "dcm2niix",
  "ConversionSoftwareVersion": "v1.0.20211006",
  "DeviceSerialNumber": "167006",
  "DwellTime": 4.3e-06,
  "EchoTime": 0.014,
  "EchoTrainLength": 3,
  "FlipAngle": 30,
  "HeudiconvVersion": "0.5.3.post569+g418601f",
  "ImageOrientationPatientDICOM": [0.999703, -0.00195371, -0.024275, 1.08195e-08, 0.996777, -0.0802227],
  "ImageOrientationText": "Tra>Cor(-4.6)>Sag(-1.4)",
  "ImageType": [
    "ORIGINAL",
    "PRIMARY",
    "M",
    "NORM",
    "DIS2D"
],
  "ImagingFrequency": 123.259,
  "InPlanePhaseEncodingDirectionDICOM": "COL",
  "InstitutionAddress": "Chemin Queen-Mary 4565,Montreal,District,CA,H3W 1W5",
  "InstitutionName": "IUGM",
  "InstitutionalDepartmentName": "Department",
  "MRAcquisitionType": "2D",
  "MagneticFieldStrength": 3,
  "Manufacturer": "Siemens",
  "ManufacturersModelName": "Prisma_fit",
  "MatrixCoilMode": "GRAPPA",
  "Modality": "MR",
  "NumberOfAverages": 2,
  "ParallelReductionFactorInPlane": 2,
  "PartialFourier": 1,
  "PatientPosition": "HFS",
  "PercentPhaseFOV": 100,
  "PercentSampling": 100,
  "PhaseEncodingDirection": "j-",
  "PhaseEncodingSteps": 447,
  "PhaseResolution": 1,
  "PixelBandwidth": 260,
  "ProcedureStepDescription": "anat^generic",
  "ProtocolName": "GRE-ME",
  "PulseSequenceDetails": "%SiemensSeq%\\medic",
  "ReceiveCoilActiveElements": "HC7;NC1,2",
  "ReceiveCoilName": "HeadNeck_64",
  "ReconMatrixPE": 448,
  "RefLinesPE": 24,
  "RepetitionTime": 0.6,
  "SAR": 0.259619,
  "ScanOptions": "SAT1",
  "ScanningSequence": "GR",
  "SequenceName": "*me2d1r3",
  "SequenceVariant": "SP",
  "SeriesDescription": "GRE-ME",
  "SeriesNumber": 36,
  "ShimSetting": [637, -7257, -9129, 729, 75, 870, 28, -4],
  "SliceThickness": 5,
  "SliceTiming": [0, 0.3125, 0.03125, 0.35938, 0.07812, 0.39062, 0.125, 0.4375, 0.15625, 0.48438, 0.20312, 0.51562, 0.23438, 0.5625, 0.28125],
  "SoftwareVersions": "syngo MR E11",
  "SpacingBetweenSlices": 5,
  "StationName": "MRC35049",
  "TxRefAmp": 295.154,
  "dcmmeta_affine": [
    [-0.49985170364379883, 5.4097446522405335e-09, -0.12176704406738281, 108.40776062011719],
    [0.0009768565651029348, 0.49838846921920776, -0.40099525451660156, -91.65838623046875],
    [-0.012137494049966335, 0.04011135920882225, 4.9824066162109375, -180.65890502929688],
    [0.0, 0.0, 0.0, 1.0]
],
  "dcmmeta_reorient_transform": [
    [0.0, -1.0, 0.0, 447.0],
    [1.0, 0.0, 0.0, 0.0],
    [0.0, 0.0, -1.0, 14.0],
    [0.0, 0.0, 0.0, 1.0]
],
  "dcmmeta_shape": [448, 448, 15],
  "dcmmeta_slice_dim": 2,
  "dcmmeta_version": 0.6,
  "global": {
    "const": {
      "AcquisitionMatrix": [448, 0, 0, 448],
      "AcquisitionNumber": 1,
      "AngioFlag": "N",
      "BitsAllocated": 16,
      "BitsStored": 12,
      "BodyPartExamined": "CSPINE",
      "Columns": 448,
      "EchoNumbers": 1,
      "EchoTime": 14.0,
      "EchoTrainLength": 3,
      "FlipAngle": 30.0,
      "HighBit": 11,
      "ImageOrientationPatient": [0.9997034100152, -0.0019537132219, -0.0242749873045, 1.0819489e-08, 0.99677696359208, -0.0802227202989],
      "ImageType": [
        "ORIGINAL",
        "PRIMARY",
        "M",
        "NORM",
        "DIS2D"
],
      "ImagedNucleus": "1H",
      "ImagingFrequency": 123.258704,
      "InPlanePhaseEncodingDirection": "COL",
      "MRAcquisitionType": "2D",
      "MagneticFieldStrength": 3.0,
      "Manufacturer": "SIEMENS",
      "ManufacturerModelName": "Prisma_fit",
      "Modality": "MR",
      "NumberOfAverages": 2.0,
      "NumberOfPhaseEncodingSteps": 447,
      "PercentPhaseFieldOfView": 100.0,
      "PercentSampling": 100.0,
      "PerformedProcedureStepStartTime": "145804.548000",
      "PhotometricInterpretation": "MONOCHROME2",
      "PixelBandwidth": 260.0,
      "PixelRepresentation": 0,
      "PixelSpacing": [0.5, 0.5],
      "ProtocolName": "GRE-ME",
      "RepetitionTime": 600.0,
      "Rows": 448,
      "SAR": 0.25961907525726,
      "SamplesPerPixel": 1,
      "ScanOptions": "SAT1",
      "ScanningSequence": "GR",
      "SequenceName": "*me2d1r3",
      "SequenceVariant": "SP",
      "SeriesDescription": "GRE-ME",
      "SeriesNumber": 36,
      "SeriesTime": "161219.487000",
      "SliceThickness": 5.0,
      "SmallestImagePixelValue": 0,
      "SoftwareVersions": "syngo MR E11",
      "SpacingBetweenSlices": 5.0,
      "SpecificCharacterSet": "ISO_IR 100",
      "StudyID": "1",
      "StudyTime": "145804.468000",
      "TransmitCoilName": "Body",
      "VariableFlipAngleFlag": "N",
      "WindowCenterWidthExplanation": "Algo1",
      "dBdt": 0.0},
    "slices": {
      "AcquisitionTime": ["160732.310000", "160732.630000", "160732.350000", "160732.670000", "160732.390000", "160732.710000", "160732.430000", "160732.750000", "160732.470000", "160732.790000", "160732.510000", "160732.830000", "160732.550000", "160732.870000", "160732.590000"],
      "ContentTime": ["161219.489000", "161219.506000", "161219.492000", "161219.508000", "161219.494000", "161219.510000", "161219.496000", "161219.512000", "161219.498000", "161219.514000", "161219.500000", "161219.516000", "161219.502000", "161219.518000", "161219.504000"],
      "CsaImage.ICE_Dims": [
        "X_1_1_1_1_1_1_1_1_1_15_1_129",
        "X_1_1_1_1_1_1_9_1_1_14_1_129",
        "X_1_1_1_1_1_1_2_1_1_13_1_129",
        "X_1_1_1_1_1_1_10_1_1_12_1_129",
        "X_1_1_1_1_1_1_3_1_1_11_1_129",
        "X_1_1_1_1_1_1_11_1_1_10_1_129",
        "X_1_1_1_1_1_1_4_1_1_9_1_129",
        "X_1_1_1_1_1_1_12_1_1_8_1_129",
        "X_1_1_1_1_1_1_5_1_1_7_1_129",
        "X_1_1_1_1_1_1_13_1_1_6_1_129",
        "X_1_1_1_1_1_1_6_1_1_5_1_129",
        "X_1_1_1_1_1_1_14_1_1_4_1_129",
        "X_1_1_1_1_1_1_7_1_1_3_1_129",
        "X_1_1_1_1_1_1_15_1_1_2_1_129",
        "X_1_1_1_1_1_1_8_1_1_1_1_129"
],
      "CsaImage.ProtocolSliceNumber": [0, 1, 2, 3, 4, 5, 6, 7, 8, 9, 10, 11, 12, 13, 14],
      "CsaImage.SlicePosition_PCS": [
        [-108.40776881, -131.12125385, -22.72913334],
        [-108.28600153, -130.72025859, -17.74672672],
        [-108.16423401, -130.31926334, -12.7643201],
        [-108.04246673, -129.91826999, -7.78191349],
        [-107.92069921, -129.51727474, -2.79950592],
        [-107.79893169, -129.11627948, 2.1829007],
        [-107.67716464, -128.71528613, 7.16530684],
        [-107.55539712, -128.31429088, 12.14771363],
        [-107.4336296, -127.91329562, 17.13012007],
        [-107.31186208, -127.51230228, 22.11252716],
        [-107.19009503, -127.11130702, 27.09493378],
        [-107.06832751, -126.71031177, 32.07733944],
        [-106.94655999, -126.30931747, 37.05974606],
        [-106.82479247, -125.90832317, 42.04215268],
        [-106.70302543, -125.50732791, 47.02455929]
],
      "ImagePositionPatient": [
        [-108.40776881311, -131.12125384615, -162.72913333534],
        [-108.28600153063, -130.72025859163, -157.74672671913],
        [-108.16423400972, -130.31926333711, -152.76432010292],
        [-108.04246672724, -129.91826998995, -147.78191348671],
        [-107.92069920633, -129.51727473543, -142.79950591682],
        [-107.79893168543, -129.11627948091, -137.81709930061],
        [-107.67716464136, -128.71528613374, -132.83469316124],
        [-107.55539712045, -128.31429087923, -127.85228636621],
        [-107.43362959955, -127.91329562471, -122.86987992881],
        [-107.31186207865, -127.51230227754, -117.88747283577],
        [-107.19009503458, -127.11130702303, -112.90506621956],
        [-107.06832751367, -126.71031176851, -107.92266055702],
        [-106.94655999277, -126.30931746767, -102.94025394081],
        [-106.82479247186, -125.90832316683, -97.957847324597],
        [-106.7030254278, -125.50732791231, -92.975440708386]
],
      "InstanceCreationTime": ["161219.489000", "161219.506000", "161219.492000", "161219.508000", "161219.494000", "161219.510000", "161219.496000", "161219.512000", "161219.498000", "161219.514000", "161219.500000", "161219.516000", "161219.502000", "161219.518000", "161219.504000"],
      "InstanceNumber": [15, 14, 13, 12, 11, 10, 9, 8, 7, 6, 5, 4, 3, 2, 1],
      "LargestImagePixelValue": [1094, 1144, 1243, 1258, 1481, 1706, 1226, 1215, 1173, 1373, 1434, 1351, 1294, 1370, 1419],
      "SliceLocation": [-175.3124334439, -170.31243342845, -165.31243340719, -160.31243354471, -155.31243257314, -150.31243255188, -145.31243317037, -140.31243297093, -135.31243312786, -130.31243278441, -125.31243277477, -120.31243370383, -115.31243375906, -110.31243381429, -105.31243380464],
      "WindowCenter": [579.0, 599.0, 616.0, 606.0, 598.0, 570.0, 525.0, 489.0, 505.0, 553.0, 557.0, 575.0, 577.0, 566.0, 568.0],
      "WindowWidth": [1144.0, 1185.0, 1234.0, 1241.0, 1255.0, 1222.0, 1105.0, 1025.0, 1062.0, 1163.0, 1171.0, 1201.0, 1204.0, 1181.0, 1187.0]
    }
  }
}