{
  "AcquisitionMatrixPE": 128,
  "AcquisitionNumber": 1,
  "AcquisitionTime": "11:11:40.857500",
  "BaseResolution": 128,
  "BodyPartExamined": "BRAIN",
  "CoilCombinationMethod": "Adaptive Combine",
  "ConsistencyInfo": "N4_VE11C_LATEST_20160120",
  "ConversionSoftware": "dcm2niix",
  "ConversionSoftwareVersion": "v1.0.20211006",
  "DeviceSerialNumber": "167006",
  "DwellTime": 1.86e-05,
  "EchoTime": 0.0033,
  "FlipAngle": 6,
  "HeudiconvVersion": "0.5.3.post569+g418601f",
  "ImageOrientationPatientDICOM": [0.996195, 0.0810912, -0.0319427, -0.0871557, 0.926877, -0.365107],
  "ImageOrientationText": "Tra>Cor(-21.5)",
  "ImageType": [
    "ORIGINAL",
    "PRIMARY",
    "M",
    "DIS3D",
    "DIS2D"
],
  "ImagingFrequency": 123.259,
  "InPlanePhaseEncodingDirectionDICOM": "ROW",
  "InstitutionAddress": "Chemin Queen-Mary 4565,Montreal,District,CA,H3W 1W5",
  "InstitutionName": "IUGM",
  "InstitutionalDepartmentName": "Department",
  "MRAcquisitionType": "3D",
  "MTState": true,
  "MagneticFieldStrength": 3,
  "Manufacturer": "Siemens",
  "ManufacturersModelName": "Prisma_fit",
  "MatrixCoilMode": "GRAPPA",
  "Modality": "MR",
  "ParallelReductionFactorInPlane": 2,
  "PartialFourier": 1,
  "PatientPosition": "HFS",
  "PercentPhaseFOV": 100,
  "PercentSampling": 100,
  "PhaseEncodingSteps": 127,
  "PhaseResolution": 1,
  "PixelBandwidth": 210,
  "ProcedureStepDescription": "anat^generic",
  "ProtocolName": "gre_3d_MTw",
  "PulseSequenceDetails": "%SiemensSeq%\\gre",
  "ReceiveCoilActiveElements": "HC1-7;NC1",
  "ReceiveCoilName": "HeadNeck_64",
  "ReconMatrixPE": 128,
  "RefLinesPE": 32,
  "RepetitionTime": 0.028,
  "SAR": 0.412639,
  "ScanOptions": "MT",
  "ScanningSequence": "GR",
  "SequenceName": "*fl3d1",
  "SequenceVariant": "MTC\\SP",
  "SeriesDescription": "gre_3d_MTw",
  "SeriesNumber": 15,
  "ShimSetting": [627, -7191, -8922, 588, 58, -61, -110, 6],
  "SliceThickness": 1.5,
  "SoftwareVersions": "syngo MR E11",
  "SpoilingState": true,
  "StationName": "MRC35049",
  "TxRefAmp": 244.591,
  "dcmmeta_affine": [
    [1.4942920207977295, -0.13073360919952393, -2.660129894138663e-10, -82.79286193847656],
    [0.12163684517145157, 1.3903155326843262, -0.5497518181800842, -61.901607513427734],
    [0.04791402816772461, 0.5476598143577576, 1.3956263065338135, -87.37010955810547],
    [0.0, 0.0, 0.0, 1.0]
],
  "dcmmeta_reorient_transform": [
    [0.0, -1.0, 0.0, 127.0],
    [-1.0, 0.0, 0.0, 127.0],
    [0.0, 0.0, -1.0, 95.0],
    [0.0, 0.0, 0.0, 1.0]
],
  "dcmmeta_shape": [128, 128, 96],
  "dcmmeta_slice_dim": 2,
  "dcmmeta_version": 0.6,
  "global": {
    "const": {
      "AcquisitionMatrix": [0, 128, 128, 0],
      "AcquisitionNumber": 1,
      "AcquisitionTime": "111140.857500",
      "AngioFlag": "N",
      "BitsAllocated": 16,
      "BitsStored": 12,
      "BodyPartExamined": "BRAIN",
      "Columns": 128,
      "EchoNumbers": 1,
      "EchoTime": 3.3,
      "EchoTrainLength": 1,
      "FlipAngle": 6.0,
      "HighBit": 11,
      "ImageOrientationPatient": [0.99619469829657, 0.08109123259744, -0.0319426843212, -0.0871557404066, 0.92687705571812, -0.365106560469],
      "ImageType": [
        "ORIGINAL",
        "PRIMARY",
        "M",
        "DIS3D",
        "DIS2D"
],
      "ImagedNucleus": "1H",
      "ImagingFrequency": 123.258963,
      "InPlanePhaseEncodingDirection": "ROW",
      "MRAcquisitionType": "3D",
      "MagneticFieldStrength": 3.0,
      "Manufacturer": "SIEMENS",
      "ManufacturerModelName": "Prisma_fit",
      "Modality": "MR",
      "NumberOfAverages": 1.0,
      "NumberOfPhaseEncodingSteps": 127,
      "PercentPhaseFieldOfView": 100.0,
      "PercentSampling": 100.0,
      "PerformedProcedureStepStartTime": "102232.693000",
      "PhotometricInterpretation": "MONOCHROME2",
      "PixelBandwidth": 210.0,
      "PixelRepresentation": 0,
      "PixelSpacing": [1.5, 1.5],
      "ProtocolName": "gre_3d_MTw",
      "RepetitionTime": 28.0,
      "Rows": 128,
      "SAR": 0.41263905637195,
      "SamplesPerPixel": 1,
      "ScanOptions": "MT",
      "ScanningSequence": "GR",
      "SequenceName": "*fl3d1",
      "SequenceVariant": [
        "MTC",
        "SP"
],
      "SeriesDescription": "gre_3d_MTw",
      "SeriesNumber": 15,
      "SeriesTime": "111520.083000",
      "SliceThickness": 1.5,
      "SmallestImagePixelValue": 0,
      "SoftwareVersions": "syngo MR E11",
      "SpecificCharacterSet": "ISO_IR 100",
      "StudyID": "1",
      "StudyTime": "102232.618000",
      "TransmitCoilName": "Body",
      "VariableFlipAngleFlag": "N",
      "WindowCenterWidthExplanation": "Algo1",
      "dBdt": 0.0},
