{
  "AcquisitionMatrixPE": 256,
  "AcquisitionNumber": 1,
  "AcquisitionTime": "17:51:13.972500",
  "BaseResolution": 256,
  "BodyPartExamined": "CSPINE",
  "CoilString": "HC3-7;NC1_2",
  "ConsistencyInfo": "N4_VE11C_LATEST_20160120",
  "ConversionSoftware": "dcm2niix",
  "ConversionSoftwareVersion": "v1.0.20190902",
  "DeviceSerialNumber": "167006",
  "DwellTime": 7.5e-06,
  "EchoTime": 0.00313,
  "FlipAngle": 9,
  "ImageOrientationPatientDICOM": [0, 0.962692, 0.2706, 0, 0.2706, -0.962692],
  "ImageType": [
    "ORIGINAL",
    "PRIMARY",
    "M",
    "DIS2D"
],
  "ImagingFrequency": 123.259,
  "InPlanePhaseEncodingDirectionDICOM": "ROW",
  "InstitutionAddress": "Chemin_Queen-Mary_4565_Montreal_District_CA_H3W_1W5",
  "InstitutionName": "IUGM",
  "InstitutionalDepartmentName": "Department",
  "MRAcquisitionType": "3D",
  "MagneticFieldStrength": 3,
  "Manufacturer": "Siemens",
  "ManufacturersModelName": "Prisma_fit",
  "Modality": "MR",
  "ParallelReductionFactorInPlane": 2,
  "PartialFourier": 1,
  "PatientPosition": "HFS",
  "PercentPhaseFOV": 100,
  "PhaseEncodingSteps": 255,
  "PhaseResolution": 1,
  "PixelBandwidth": 260,
  "ProcedureStepDescription": "anat_generic",
  "ProtocolName": "GRE-MT1",
  "PulseSequenceDetails": "%SiemensSeq%_gre",
  "ReceiveCoilActiveElements": "HC3-7;NC1,2",
  "ReceiveCoilName": "HeadNeck_64",
  "ReconMatrixPE": 256,
  "RefLinesPE": 32,
  "RepetitionTime": 0.035,
  "SAR": 0.564783,
  "ScanOptions": "MT",
  "ScanningSequence": "GR",
  "SequenceName": "_fl3d1",
  "SequenceVariant": "MTC_SP",
  "SeriesDescription": "GRE-MT1",
  "SeriesNumber": 33,
  "ShimSetting": [624, -7299, -9140, -472, -12, 350, -109, 33],
  "SliceThickness": 5,
  "SoftwareVersions": "syngo_MR_E11",
  "StationName": "MRC35049",
  "TxRefAmp": 280.86,
  "dcmmeta_affine": [
    [5.0, 0.0, 0.0, -53.97437286376953],
    [0.0, 0.8649183511734009, 0.24311763048171997, -143.75013732910156],
    [0.0, -0.24311763048171997, 0.8649183511734009, -182.25619506835938],
    [0.0, 0.0, 0.0, 1.0]
],
  "dcmmeta_reorient_transform": [
    [0.0, 0.0, -1.0, 255.0],
    [0.0, -1.0, 0.0, 255.0],
    [-1.0, 0.0, 0.0, 21.0],
    [0.0, 0.0, 0.0, 1.0]
],
  "dcmmeta_shape": [22, 256, 256],
  "dcmmeta_slice_dim": 0,
  "dcmmeta_version": 0.6,
  "global": {
    "const": {
      "AcquisitionMatrix": [0, 256, 256, 0],
      "AcquisitionNumber": 1,
      "AcquisitionTime": "175113.972500",
      "AngioFlag": "N",
      "BitsAllocated": 16,
      "BitsStored": 12,
      "BodyPartExamined": "CSPINE",
      "Columns": 256,
      "EchoNumbers": 1,
      "EchoTime": 3.13,
      "EchoTrainLength": 1,
      "FlipAngle": 9.0,
      "HighBit": 11,
      "ImageOrientationPatient": [0.0, 0.96269173266836, 0.27060049492192, 0.0, 0.27060049492192, -0.9626917326684],
      "ImageType": [
        "ORIGINAL",
        "PRIMARY",
        "M",
        "DIS2D"
],
      "ImagedNucleus": "1H",
      "ImagingFrequency": 123.259219,
      "InPlanePhaseEncodingDirection": "ROW",
      "MRAcquisitionType": "3D",
      "MagneticFieldStrength": 3.0,
      "Manufacturer": "SIEMENS",
      "ManufacturerModelName": "Prisma_fit",
      "Modality": "MR",
      "NumberOfAverages": 1.0,
      "NumberOfPhaseEncodingSteps": 255,
      "PercentPhaseFieldOfView": 100.0,
      "PercentSampling": 100.0,
      "PerformedProcedureStepStartTime": "161243.609000",
      "PhotometricInterpretation": "MONOCHROME2",
      "PixelBandwidth": 260.0,
      "PixelRepresentation": 0,
      "PixelSpacing": [0.8984375, 0.8984375],
      "ProtocolName": "GRE-MT1",
      "RepetitionTime": 35.0,
      "Rows": 256,
      "SAR": 0.56478334444601,
      "SamplesPerPixel": 1,
      "ScanOptions": "MT",
      "ScanningSequence": "GR",
      "SequenceName": "*fl3d1",
      "SequenceVariant": [
        "MTC",
        "SP"
],
      "SeriesDescription": "GRE-MT1",
      "SeriesNumber": 33,
      "SeriesTime": "175330.582000",
      "SliceThickness": 5.0,
      "SmallestImagePixelValue": 0,
      "SoftwareVersions": "syngo MR E11",
      "SpecificCharacterSet": "ISO_IR 100",
      "StudyID": "1",
      "StudyTime": "161243.475000",
      "TransmitCoilName": "Body",
      "VariableFlipAngleFlag": "N",
      "WindowCenterWidthExplanation": "Algo1",
      "dBdt": 0.0},
    "slices": {
      "ContentTime": ["175330.631000", "175330.629000", "175330.627000", "175330.625000", "175330.623000", "175330.621000", "175330.619000", "175330.616000", "175330.614000", "175330.612000", "175330.610000", "175330.608000", "175330.606000", "175330.604000", "175330.602000", "175330.599000", "175330.597000", "175330.595000", "175330.593000", "175330.591000", "175330.588000", "175330.585000"],
      "CsaImage.Actual3DImaPartNumber": [21, 20, 19, 18, 17, 16, 15, 14, 13, 12, 11, 10, 9, 8, 7, 6, 5, 4, 3, 2, 1, 0],
      "CsaImage.ICE_Dims": [
        "X_1_1_1_1_1_22_1_1_1_1_1_215",
        "X_1_1_1_1_1_21_1_1_1_1_1_215",
        "X_1_1_1_1_1_20_1_1_1_1_1_215",
        "X_1_1_1_1_1_19_1_1_1_1_1_215",
        "X_1_1_1_1_1_18_1_1_1_1_1_215",
        "X_1_1_1_1_1_17_1_1_1_1_1_215",
        "X_1_1_1_1_1_16_1_1_1_1_1_215",
        "X_1_1_1_1_1_15_1_1_1_1_1_215",
        "X_1_1_1_1_1_14_1_1_1_1_1_215",
        "X_1_1_1_1_1_13_1_1_1_1_1_215",
        "X_1_1_1_1_1_12_1_1_1_1_1_215",
        "X_1_1_1_1_1_11_1_1_1_1_1_215",
        "X_1_1_1_1_1_10_1_1_1_1_1_215",
        "X_1_1_1_1_1_9_1_1_1_1_1_215",
        "X_1_1_1_1_1_8_1_1_1_1_1_215",
        "X_1_1_1_1_1_7_1_1_1_1_1_215",
        "X_1_1_1_1_1_6_1_1_1_1_1_215",
        "X_1_1_1_1_1_5_1_1_1_1_1_215",
        "X_1_1_1_1_1_4_1_1_1_1_1_215",
        "X_1_1_1_1_1_3_1_1_1_1_1_215",
        "X_1_1_1_1_1_2_1_1_1_1_1_215",
        "X_1_1_1_1_1_1_1_1_1_1_1_215"
],
      "CsaImage.SlicePosition_PCS": [
        [53.97437119, -138.79903488, 79.30298728],
        [48.97437119, -138.79903488, 79.30298728],
        [43.97437119, -138.79903488, 79.30298728],
        [38.97437119, -138.79903488, 79.30298728],
        [33.97437119, -138.79903488, 79.30298728],
        [28.97437119, -138.79903488, 79.30298728],
        [23.97437119, -138.79903488, 79.30298728],
        [18.97437119, -138.79903488, 79.30298728],
        [13.97437119, -138.79903488, 79.30298728],
        [8.97437119, -138.79903488, 79.30298728],
        [3.97437119, -138.79903488, 79.30298728],
        [-1.02562881, -138.79903488, 79.30298728],
        [-6.02562881, -138.79903488, 79.30298728],
        [-11.02562881, -138.79903488, 79.30298728],
        [-16.02562881, -138.79903488, 79.30298728],
        [-21.02562881, -138.79903488, 79.30298728],
        [-26.02562881, -138.79903488, 79.30298728],
        [-31.02562881, -138.79903488, 79.30298728],
        [-36.02562881, -138.79903488, 79.30298728],
        [-41.02562881, -138.79903488, 79.30298728],
        [-46.02562881, -138.79903488, 79.30298728],
        [-51.02562881, -138.79903488, 79.30298728]
],
      "ImagePositionPatient": [
        [53.974371194839, -138.7990348781, -23.697012719594],
        [48.974371194839, -138.7990348781, -23.697012719594],
        [43.974371194839, -138.7990348781, -23.697012719594],
        [38.974371194839, -138.7990348781, -23.697012719594],
        [33.974371194839, -138.7990348781, -23.697012719594],
        [28.974371194839, -138.7990348781, -23.697012719594],
        [23.974371194839, -138.7990348781, -23.697012719594],
        [18.974371194839, -138.7990348781, -23.697012719594],
        [13.974371194839, -138.7990348781, -23.697012719594],
        [8.9743711948395, -138.7990348781, -23.697012719594],
        [3.9743711948395, -138.7990348781, -23.697012719594],
        [-1.0256288051605, -138.7990348781, -23.697012719594],
        [-6.0256288051605, -138.7990348781, -23.697012719594],
        [-11.025628805161, -138.7990348781, -23.697012719594],
        [-16.025628805161, -138.7990348781, -23.697012719594],
        [-21.025628805161, -138.7990348781, -23.697012719594],
        [-26.025628805161, -138.7990348781, -23.697012719594],
        [-31.025628805161, -138.7990348781, -23.697012719594],
        [-36.025628805161, -138.7990348781, -23.697012719594],
        [-41.025628805161, -138.7990348781, -23.697012719594],
        [-46.025628805161, -138.7990348781, -23.697012719594],
        [-51.025628805161, -138.7990348781, -23.697012719594]
],
      "InstanceCreationTime": ["175330.631000", "175330.629000", "175330.627000", "175330.625000", "175330.623000", "175330.621000", "175330.619000", "175330.616000", "175330.614000", "175330.612000", "175330.610000", "175330.608000", "175330.606000", "175330.604000", "175330.602000", "175330.599000", "175330.597000", "175330.595000", "175330.593000", "175330.591000", "175330.588000", "175330.585000"],
      "InstanceNumber": [22, 21, 20, 19, 18, 17, 16, 15, 14, 13, 12, 11, 10, 9, 8, 7, 6, 5, 4, 3, 2, 1],
      "LargestImagePixelValue": [4095, 4095, 4095, 4095, 4095, 4095, 4095, 4095, 4095, 4095, 4095, 4095, 4095, 4095, 4095, 4095, 4095, 4095, 4095, 4095, 4095, 3298],
      "SliceLocation": [53.974371194839, 48.974371194839, 43.974371194839, 38.974371194839, 33.974371194839, 28.974371194839, 23.974371194839, 18.974371194839, 13.974371194839, 8.9743711948395, 3.9743711948395, -1.0256288051605, -6.0256288051605, -11.025628805161, -16.025628805161, -21.025628805161, -26.025628805161, -31.025628805161, -36.025628805161, -41.025628805161, -46.025628805161, -51.025628805161],
      "WindowCenter": [1059.0, 1561.0, 1947.0, 2102.0, 2128.0, 2119.0, 2104.0, 2108.0, 2114.0, 2141.0, 2097.0, 2150.0, 2158.0, 2176.0, 2149.0, 2160.0, 2147.0, 2076.0, 1868.0, 1418.0, 986.0, 587.0],
      "WindowWidth": [2518.0, 3136.0, 3447.0, 3630.0, 3663.0, 3654.0, 3630.0, 3582.0, 3592.0, 3618.0, 3622.0, 3662.0, 3659.0, 3603.0, 3577.0, 3549.0, 3597.0, 3631.0, 3486.0, 2943.0, 2148.0, 1309.0]
    }
  }
}