{
  "AcquisitionMatrixPE": 32,
  "AcquisitionNumber": 1,
  "AcquisitionTime": "13:42:12.300000",
  "BaseResolution": 32,
  "BodyPartExamined": "BRAIN",
  "CoilCombinationMethod": "Sum of Squares",
  "ConsistencyInfo": "N4_VE11C_LATEST_20160120",
  "ConversionSoftware": "dcm2niix",
  "ConversionSoftwareVersion": "v1.0.20211006",
  "DeviceSerialNumber": "167006",
  "DwellTime": 3.18e-05,
  "EchoTime": 0.00184,
  "FlipAngle": 79.99,
  "HeudiconvVersion": "0.5.3.post569+g418601f",
  "ImageComments": "flip angle map",
  "ImageOrientationPatientDICOM": [0.999263, 0.032048, -0.0211317, -0.0383878, 0.834233, -0.550075],
  "ImageOrientationText": "Tra>Cor(-33.4)",
  "ImageType": [
    "ORIGINAL",
    "PRIMARY",
    "FLIP ANGLE MAP",
    "DIS2D"
],
  "ImagingFrequency": 123.259,
  "InPlanePhaseEncodingDirectionDICOM": "COL",
  "InstitutionAddress": "Chemin Queen-Mary 4565,Montreal,District,CA,H3W 1W5",
  "InstitutionName": "IUGM",
  "InstitutionalDepartmentName": "Department",
  "MRAcquisitionType": "2D",
  "MagneticFieldStrength": 3,
  "Manufacturer": "Siemens",
  "ManufacturersModelName": "Prisma_fit",
  "MatrixCoilMode": "SENSE",
  "Modality": "MR",
  "PartialFourier": 1,
  "PatientPosition": "HFS",
  "PercentPhaseFOV": 100,
  "PercentSampling": 100,
  "PhaseEncodingDirection": "j-",
  "PhaseEncodingSteps": 32,
  "PhaseResolution": 1,
  "PixelBandwidth": 490,
  "ProcedureStepDescription": "anat^generic",
  "ProtocolName": "tfl_b1map_6mm",
  "PulseSequenceDetails": "%SiemensSeq%\\tfl_b1map",
  "ReceiveCoilActiveElements": "HC1-7;NC1",
  "ReceiveCoilName": "HeadNeck_64",
  "ReconMatrixPE": 32,
  "RepetitionTime": 10,
  "SAR": 0.00621983,
  "ScanningSequence": "GR",
  "SequenceName": "tfl2d1_512",
  "SequenceVariant": "SK\\SP",
  "SeriesDescription": "tfl_b1map_6mm",
  "SeriesNumber": 22,
  "ShimSetting": [624, -7215, -8881, 232, 22, -298, -1, 7],
  "SliceThickness": 6,
  "SliceTiming": [5.04688, 0, 5.5625, 0.51562, 6.0625, 1.01562, 6.5625, 1.51562, 7.0625, 2.03125, 7.57812, 2.53125, 8.07812, 3.03125, 8.57812, 3.53125, 9.07812, 4.04688, 9.59375, 4.54688],
  "SoftwareVersions": "syngo MR E11",
  "SpacingBetweenSlices": 7.2,
  "SpoilingState": true,
  "StationName": "MRC35049",
  "TxRefAmp": 251.802,
  "dcmmeta_affine": [
    [-5.995577335357666, -0.230326846241951, 0.0, 99.90595245361328],
    [-0.19228792190551758, 5.00539493560791, -3.9634628295898438, -35.6574592590332],
    [-0.12679041922092438, 3.300450086593628, 6.010906219482422, -93.43827819824219],
    [0.0, 0.0, 0.0, 1.0]
],
  "dcmmeta_reorient_transform": [
    [0.0, -1.0, 0.0, 31.0],
    [1.0, 0.0, 0.0, 0.0],
    [0.0, 0.0, -1.0, 19.0],
    [0.0, 0.0, 0.0, 1.0]
],
  "dcmmeta_shape": [32, 32, 20],
  "dcmmeta_slice_dim": 2,
  "dcmmeta_version": 0.6,
  "global": {
    "const": {
      "AcquisitionMatrix": [32, 0, 0, 32],
      "AcquisitionNumber": 1,
      "AngioFlag": "N",
      "BitsAllocated": 16,
      "BitsStored": 12,
      "BodyPartExamined": "BRAIN",
      "Columns": 32,
      "EchoNumbers": 1,
      "EchoTime": 1.84,
      "EchoTrainLength": 1,
      "FlipAngle": 79.99,
      "HighBit": 11,
      "ImageOrientationPatient": [0.99926291646816, 0.03204798655067, -0.0211317374961, -0.0383878075899, 0.83423249662751, -0.5500750110658],
      "ImageType": [
        "ORIGINAL",
        "PRIMARY",
        "FLIP ANGLE MAP",
        "DIS2D"
],
      "ImagedNucleus": "1H",
      "ImagingFrequency": 123.258928,
      "InPlanePhaseEncodingDirection": "COL",
      "MRAcquisitionType": "2D",
      "MagneticFieldStrength": 3.0,
      "Manufacturer": "SIEMENS",
      "ManufacturerModelName": "Prisma_fit",
      "Modality": "MR",
      "NumberOfAverages": 1.0,
      "NumberOfPhaseEncodingSteps": 32,
      "PercentPhaseFieldOfView": 100.0,
      "PercentSampling": 100.0,
      "PerformedProcedureStepStartTime": "130132.080000",
      "PhotometricInterpretation": "MONOCHROME2",
      "PixelBandwidth": 490.0,
      "PixelRepresentation": 0,
      "PixelSpacing": [6.0, 6.0],
      "ProtocolName": "tfl_b1map_6mm",
      "RepetitionTime": 10000.0,
      "Rows": 32,
      "SAR": 0.006219825017,
      "SamplesPerPixel": 1,
      "ScanningSequence": "GR",
      "SequenceName": "tfl2d1_512",
      "SequenceVariant": [
        "SK",
        "SP"
],
      "SeriesDescription": "tfl_b1map_6mm",
      "SeriesNumber": 22,
      "SeriesTime": "134218.152000",
      "SliceThickness": 6.0,
      "SmallestImagePixelValue": 0,
      "SoftwareVersions": "syngo MR E11",
      "SpacingBetweenSlices": 7.2,
      "SpecificCharacterSet": "ISO_IR 100",
      "StudyID": "1",
      "StudyTime": "130131.951000",
      "TransmitCoilName": "Body",
      "VariableFlipAngleFlag": "N",
      "WindowCenterWidthExplanation": "Algo1",
      "dBdt": 0.0},
    "slices": {
      "AcquisitionTime": ["134212.300000", "134207.257500", "134212.805000", "134207.762500", "134213.310000", "134208.267500", "134213.812500", "134208.770000", "134214.317500", "134209.275000", "134214.822500", "134209.780000", "134215.325000", "134210.282500", "134215.830000", "134210.787500", "134216.335000", "134211.292500", "134216.837500", "134211.795000"],
      "ContentTime": ["134218.187000", "134218.155000", "134218.188000", "134218.158000", "134218.190000", "134218.160000", "134218.192000", "134218.170000", "134218.197000", "134218.175000", "134218.198000", "134218.177000", "134218.200000", "134218.179000", "134218.202000", "134218.181000", "134218.204000", "134218.183000", "134218.206000", "134218.185000"],
      "CsaImage.ICE_Dims": [
        "X_1_1_2_1_1_1_11_1_1_1_1_92",
        "X_1_1_2_1_1_1_1_1_1_2_1_92",
        "X_1_1_2_1_1_1_12_1_1_3_1_92",
        "X_1_1_2_1_1_1_2_1_1_4_1_92",
        "X_1_1_2_1_1_1_13_1_1_5_1_92",
        "X_1_1_2_1_1_1_3_1_1_6_1_92",
        "X_1_1_2_1_1_1_14_1_1_7_1_92",
        "X_1_1_2_1_1_1_4_1_1_8_1_92",
        "X_1_1_2_1_1_1_15_1_1_9_1_92",
        "X_1_1_2_1_1_1_5_1_1_10_1_92",
        "X_1_1_2_1_1_1_16_1_1_11_1_92",
        "X_1_1_2_1_1_1_6_1_1_12_1_92",
        "X_1_1_2_1_1_1_17_1_1_13_1_92",
        "X_1_1_2_1_1_1_7_1_1_14_1_92",
        "X_1_1_2_1_1_1_18_1_1_15_1_92",
        "X_1_1_2_1_1_1_8_1_1_16_1_92",
        "X_1_1_2_1_1_1_19_1_1_17_1_92",
        "X_1_1_2_1_1_1_9_1_1_18_1_92",
        "X_1_1_2_1_1_1_20_1_1_19_1_92",
        "X_1_1_2_1_1_1_10_1_1_20_1_92"
],
      "CsaImage.ProtocolSliceNumber": [0, 1, 2, 3, 4, 5, 6, 7, 8, 9, 10, 11, 12, 13, 14, 15, 16, 17, 18, 19],
      "CsaImage.SliceMeasurementDuration": [130.0, 130.0, 127.5, 127.5, 127.5, 127.5, 130.0, 130.0, 127.5, 127.5, 127.5, 127.5, 130.0, 130.0, 127.5, 127.5, 127.5, 127.5, 130.0, 130.0],
      "CsaImage.SlicePosition_PCS": [
        [-92.76581878, -119.50975866, -2.12429618],
        [-92.76581878, -115.54629583, 3.88660622],
        [-92.76581878, -111.58283491, 9.89751244],
        [-92.76581878, -107.61937399, 15.90841485],
        [-92.76581878, -103.65591306, 21.91932107],
        [-92.76581878, -99.69245214, 27.93022538],
        [-92.76581878, -95.72899027, 33.94112969],
        [-92.76581878, -91.76552934, 39.95203496],
        [-92.76581878, -87.80206794, 45.96293927],
        [-92.76581878, -83.83860643, 51.97384406],
        [-92.76581878, -79.87514515, 57.98474861],
        [-92.76581878, -75.91168375, 63.99565316],
        [-92.76581878, -71.94822283, 70.00655747],
        [-92.76581878, -67.98476095, 76.01746178],
        [-92.76581878, -64.02130003, 82.028368],
        [-92.76581878, -60.0578391, 88.03927041],
        [-92.76581878, -56.09437628, 94.05017663],
        [-92.76581878, -52.13091535, 100.06108285],
        [-92.76581878, -48.16745443, 106.07198525],
        [-92.76581878, -44.2039916, 112.08289147]
],
      "CsaImage.TimeAfterStart": [15.125, 10.0825, 15.63, 10.5875, 16.135, 11.0925, 16.6375, 11.595, 17.1425, 12.1, 17.6475, 12.605, 18.15, 13.1075, 18.655, 13.6125, 19.16, 14.1175, 19.6625, 14.62],
      "ImagePositionPatient": [
        [-92.765818778559, -119.5097586605, 8.875703818981],
        [-92.765818778559, -115.54629583091, 14.886606223766],
        [-92.765818778559, -111.58283490866, 20.897512443249],
        [-92.765818778559, -107.61937398642, 26.908414848034],
        [-92.765818778559, -103.65591306418, 32.919321067516],
        [-92.765818778559, -99.692452141941, 38.93022537965],
        [-92.765818778559, -95.728990266025, 44.941129691784],
        [-92.765818778559, -91.765529343784, 50.952034957592],
        [-92.765818778559, -87.802067944706, 56.962939269726],
        [-92.765818778559, -83.838606426418, 62.973844058697],
        [-92.765818778559, -79.875145146549, 68.984748609249],
        [-92.765818778559, -75.911683747471, 74.995653159801],
        [-92.765818778559, -71.948222825229, 81.006557471935],
        [-92.765818778559, -67.984760949314, 87.017461784069],
        [-92.765818778559, -64.021300027073, 93.028368003551],
        [-92.765818778559, -60.057839104831, 99.039270408337],
        [-92.765818778559, -56.094376275242, 105.05017662782],
        [-92.765818778559, -52.130915353, 111.0610828473],
        [-92.765818778559, -48.167454430759, 117.07198525209],
        [-92.765818778559, -44.203991601169, 123.08289147157]
],
      "InstanceCreationTime": ["134218.187000", "134218.155000", "134218.188000", "134218.158000", "134218.190000", "134218.160000", "134218.192000", "134218.170000", "134218.197000", "134218.175000", "134218.198000", "134218.177000", "134218.200000", "134218.179000", "134218.202000", "134218.181000", "134218.204000", "134218.183000", "134218.206000", "134218.185000"],
      "InstanceNumber": [11, 1, 12, 2, 13, 3, 14, 4, 15, 5, 16, 6, 17, 7, 18, 8, 19, 9, 20, 10],
      "LargestImagePixelValue": [1017, 1955, 1970, 1754, 1966, 1120, 1009, 1198, 995, 1081, 1032, 1023, 1171, 1942, 1988, 2021, 1991, 2047, 2053, 2274],
      "SliceLocation": [-58.377959298525, -51.177960317873, -43.977959202488, -36.777961271795, -29.57796015641, -22.377960633371, -15.177960585353, -7.9779602661409, -0.7779604806122, 6.4220397686253, 13.622039687575, 20.822039672147, 28.022039195186, 35.222039243204, 42.422040358589, 49.622038289282, 56.822040454626, 64.022041570011, 71.222039500704, 78.422041666047],
      "WindowCenter": [1044.0, 1056.0, 1085.0, 1038.0, 1124.0, 1057.0, 1100.0, 1095.0, 1073.0, 1057.0, 1056.0, 1056.0, 1019.0, 1058.0, 1077.0, 1087.0, 1077.0, 1112.0, 1178.0, 1228.0],
      "WindowWidth": [1719.0, 1771.0, 1819.0, 1606.0, 1888.0, 1630.0, 1748.0, 1776.0, 1646.0, 1627.0, 1625.0, 1726.0, 1583.0, 1794.0, 1866.0, 1943.0, 1928.0, 2025.0, 2138.0, 2275.0]
    }
  }
}