{
  "AcquisitionMatrixPE": 32,
  "AcquisitionNumber": 1,
  "AcquisitionTime": "11:31:2.205000",
  "BaseResolution": 32,
  "BodyPartExamined": "BRAIN",
  "ConsistencyInfo": "N4_VE11C_LATEST_20160120",
  "ConversionSoftware": "dcm2niix",
  "ConversionSoftwareVersion": "v1.0.20190902",
  "DeviceSerialNumber": "167006",
  "DwellTime": 3.18e-05,
  "EchoTime": 0.00184,
  "FlipAngle": 8,
  "ImageComments": "anatomical_image",
  "ImageOrientationPatientDICOM": [1, 0, 0, 0, 0.907777, -0.419452],
  "ImageType": [
    "ORIGINAL",
    "PRIMARY",
    "M",
    "DIS2D"
],
  "ImagingFrequency": 123.259,
  "InPlanePhaseEncodingDirectionDICOM": "COL",
  "InstitutionAddress": "Chemin_Queen-Mary_4565_Montreal_District_CA_H3W_1W5",
  "InstitutionName": "IUGM",
  "InstitutionalDepartmentName": "Department",
  "MRAcquisitionType": "2D",
  "MagneticFieldStrength": 3,
  "Manufacturer": "Siemens",
  "ManufacturersModelName": "Prisma_fit",
  "Modality": "MR",
  "PartialFourier": 1,
  "PatientPosition": "HFS",
  "PercentPhaseFOV": 100,
  "PhaseEncodingDirection": "j-",
  "PhaseEncodingSteps": 32,
  "PhaseResolution": 1,
  "PixelBandwidth": 490,
  "ProcedureStepDescription": "anat_generic",
  "ProtocolName": "tfl_b1map_6mm",
  "PulseSequenceDetails": "%SiemensSeq%_tfl_b1map",
  "ReceiveCoilActiveElements": "HC1-7;NC1",
  "ReceiveCoilName": "HeadNeck_64",
  "ReconMatrixPE": 32,
  "RepetitionTime": 10,
  "SAR": 0.00484641,
  "ScanningSequence": "GR",
  "SequenceName": "tfl2d1_512",
  "SequenceVariant": "SK_SP",
  "SeriesDescription": "tfl_b1map_6mm",
  "SeriesNumber": 20,
  "ShimSetting": [633, -7259, -8929, 417, 45, -351, -55, -30],
  "SliceThickness": 6,
  "SliceTiming": [5.03906, 0, 5.54688, 0.5, 6.05469, 1.00781, 6.55469, 1.51562, 7.05469, 2.01562, 7.5625, 2.52344, 8.07031, 3.02344, 8.57031, 3.53125, 9.07812, 4.03125, 9.57812, 4.53906],
  "SoftwareVersions": "syngo_MR_E11",
  "SpacingBetweenSlices": 7.2,
  "StationName": "MRC35049",
  "TxRefAmp": 228.459,
  "dcmmeta_affine": [
    [-6.0, 0.0, 0.0, 95.49686431884766],
    [0.0, 5.446664810180664, -3.0200557708740234, -43.36161422729492],
    [0.0, 2.5167124271392822, 6.5359954833984375, -73.15836334228516],
    [0.0, 0.0, 0.0, 1.0]
],
  "dcmmeta_reorient_transform": [
    [0.0, -1.0, 0.0, 31.0],
    [1.0, 0.0, 0.0, 0.0],
    [0.0, 0.0, -1.0, 19.0],
    [0.0, 0.0, 0.0, 1.0]
],
  "dcmmeta_shape": [32, 32, 20],
  "dcmmeta_slice_dim": 2,
  "dcmmeta_version": 0.6,
  "global": {
    "const": {
      "AcquisitionMatrix": [32, 0, 0, 32],
      "AcquisitionNumber": 1,
      "AngioFlag": "N",
      "BitsAllocated": 16,
      "BitsStored": 12,
      "BodyPartExamined": "BRAIN",
      "Columns": 32,
      "EchoNumbers": 1,
      "EchoTime": 1.84,
      "EchoTrainLength": 1,
      "FlipAngle": 8.0,
      "HighBit": 11,
      "ImageOrientationPatient": [1.0, 0.0, 0.0, 0.0, 0.9077774810387, -0.4194520770231],
      "ImageType": [
        "ORIGINAL",
        "PRIMARY",
        "M",
        "DIS2D"
],
      "ImagedNucleus": "1H",
      "ImagingFrequency": 123.259079,
      "InPlanePhaseEncodingDirection": "COL",
      "MRAcquisitionType": "2D",
      "MagneticFieldStrength": 3.0,
      "Manufacturer": "SIEMENS",
      "ManufacturerModelName": "Prisma_fit",
      "Modality": "MR",
      "NumberOfAverages": 1.0,
      "NumberOfPhaseEncodingSteps": 32,
      "PercentPhaseFieldOfView": 100.0,
      "PercentSampling": 100.0,
      "PerformedProcedureStepStartTime": "105714.527000",
      "PhotometricInterpretation": "MONOCHROME2",
      "PixelBandwidth": 490.0,
      "PixelRepresentation": 0,
      "PixelSpacing": [6.0, 6.0],
      "ProtocolName": "tfl_b1map_6mm",
      "RepetitionTime": 10000.0,
      "Rows": 32,
      "SAR": 0.00484640679409,
      "SamplesPerPixel": 1,
      "ScanningSequence": "GR",
      "SequenceName": "tfl2d1_512",
      "SequenceVariant": [
        "SK",
        "SP"
],
      "SeriesDescription": "tfl_b1map_6mm",
      "SeriesNumber": 20,
      "SeriesTime": "113118.218000",
      "SliceThickness": 6.0,
      "SmallestImagePixelValue": 0,
      "SoftwareVersions": "syngo MR E11",
      "SpacingBetweenSlices": 7.2,
      "SpecificCharacterSet": "ISO_IR 100",
      "StudyID": "1",
      "StudyTime": "105714.441000",
      "TransmitCoilName": "Body",
      "VariableFlipAngleFlag": "N",
      "WindowCenterWidthExplanation": "Algo1",
      "dBdt": 0.0},
    "slices": {
      "AcquisitionTime": ["113102.205000", "113057.165000", "113102.710000", "113057.667500", "113103.215000", "113058.172500", "113103.717500", "113058.677500", "113104.222500", "113059.180000", "113104.727500", "113059.685000", "113105.232500", "113100.190000", "113105.735000", "113100.692500", "113106.240000", "113101.197500", "113106.745000", "113101.702500"],
      "ContentTime": ["113118.253000", "113118.221000", "113118.255000", "113118.223000", "113118.257000", "113118.225000", "113118.259000", "113118.227000", "113118.261000", "113118.229000", "113118.263000", "113118.231000", "113118.265000", "113118.233000", "113118.268000", "113118.243000", "113118.273000", "113118.246000", "113118.275000", "113118.250000"],
      "CsaImage.ICE_Dims": [
        "X_1_1_1_1_1_1_11_1_1_1_1_83",
        "X_1_1_1_1_1_1_1_1_1_2_1_83",
        "X_1_1_1_1_1_1_12_1_1_3_1_83",
        "X_1_1_1_1_1_1_2_1_1_4_1_83",
        "X_1_1_1_1_1_1_13_1_1_5_1_83",
        "X_1_1_1_1_1_1_3_1_1_6_1_83",
        "X_1_1_1_1_1_1_14_1_1_7_1_83",
        "X_1_1_1_1_1_1_4_1_1_8_1_83",
        "X_1_1_1_1_1_1_15_1_1_9_1_83",
        "X_1_1_1_1_1_1_5_1_1_10_1_83",
        "X_1_1_1_1_1_1_16_1_1_11_1_83",
        "X_1_1_1_1_1_1_6_1_1_12_1_83",
        "X_1_1_1_1_1_1_17_1_1_13_1_83",
        "X_1_1_1_1_1_1_7_1_1_14_1_83",
        "X_1_1_1_1_1_1_18_1_1_15_1_83",
        "X_1_1_1_1_1_1_8_1_1_16_1_83",
        "X_1_1_1_1_1_1_19_1_1_17_1_83",
        "X_1_1_1_1_1_1_9_1_1_18_1_83",
        "X_1_1_1_1_1_1_20_1_1_19_1_83",
        "X_1_1_1_1_1_1_10_1_1_20_1_83"
],
      "CsaImage.ProtocolSliceNumber": [0, 1, 2, 3, 4, 5, 6, 7, 8, 9, 10, 11, 12, 13, 14, 15, 16, 17, 18, 19],
      "CsaImage.SliceMeasurementDuration": [130.0, 127.5, 127.5, 130.0, 127.5, 127.5, 130.0, 127.5, 127.5, 130.0, 127.5, 127.5, 127.5, 127.5, 130.0, 130.0, 127.5, 127.5, 127.5, 127.5],
      "CsaImage.SlicePosition_PCS": [
        [-95.49686384, -125.48498275, -22.14031545],
        [-95.49686384, -122.46492889, -15.60431997],
        [-95.49686384, -119.44487503, -9.06832067],
        [-95.49686384, -116.42481735, -2.53232137],
        [-95.49686384, -113.40476348, 4.00367411],
        [-95.49686384, -110.38470771, 10.53967341],
        [-95.49686384, -107.36465385, 17.0756708],
        [-95.49686384, -104.34459808, 23.61166819],
        [-95.49686384, -101.32454326, 30.14766654],
        [-95.49686384, -98.30448845, 36.68366393],
        [-95.49686384, -95.28443363, 43.2196618],
        [-95.49686384, -92.26437833, 49.75565966],
        [-95.49686384, -89.24432328, 56.29165705],
        [-95.49686384, -86.22426822, 62.82765444],
        [-95.49686384, -83.20421317, 69.36365374],
        [-95.49686384, -80.18415811, 75.89965113],
        [-95.49686384, -77.16410282, 82.43565043],
        [-95.49686384, -74.144048, 88.97164592],
        [-95.49686384, -71.12399414, 95.50764521],
        [-95.49686384, -68.10393837, 102.0436407]
],
      "CsaImage.TimeAfterStart": [5.04, 0.0, 5.545, 0.5025, 6.05, 1.0075, 6.5525, 1.5125, 7.0575, 2.015, 7.5625, 2.52, 8.0675, 3.025, 8.57, 3.5275, 9.075, 4.0325, 9.58, 4.5375],
      "ImagePositionPatient": [
        [-95.49686384201, -125.48498275369, 4.8596845504714],
        [-95.49686384201, -122.46492889016, 11.39568003387],
        [-95.49686384201, -119.44487502664, 17.931679331966],
        [-95.49686384201, -116.42481734842, 24.467678630061],
        [-95.49686384201, -113.40476348489, 31.00367411346],
        [-95.49686384201, -110.38470771402, 37.539673411555],
        [-95.49686384201, -107.36465385049, 44.075670802302],
        [-95.49686384201, -104.34459807962, 50.61166819305],
        [-95.49686384201, -101.32454326242, 57.147666537471],
        [-95.49686384201, -98.304488445218, 63.683663928218],
        [-95.49686384201, -95.284433628018, 70.219661795802],
        [-95.49686384201, -92.264378333982, 76.755659663386],
        [-95.49686384201, -89.244323278363, 83.291657054134],
        [-95.49686384201, -86.224268222745, 89.827654444881],
        [-95.49686384201, -83.204213167127, 96.363653742976],
        [-95.49686384201, -80.184158111508, 102.89965113372],
        [-95.49686384201, -77.164102817472, 109.43565043182],
        [-95.49686384201, -74.144048000272, 115.97164591522],
        [-95.49686384201, -71.123994136746, 122.50764521331],
        [-95.49686384201, -68.103938365872, 129.04364069671]
],
      "InstanceCreationTime": ["113118.253000", "113118.221000", "113118.255000", "113118.223000", "113118.257000", "113118.225000", "113118.259000", "113118.227000", "113118.261000", "113118.229000", "113118.263000", "113118.231000", "113118.265000", "113118.233000", "113118.268000", "113118.243000", "113118.273000", "113118.246000", "113118.275000", "113118.250000"],
      "InstanceNumber": [11, 1, 12, 2, 13, 3, 14, 4, 15, 5, 16, 6, 17, 7, 18, 8, 19, 9, 20, 10],
      "LargestImagePixelValue": [4095, 4084, 4086, 4092, 3566, 3735, 4095, 4091, 4091, 4095, 4095, 4095, 4093, 4095, 4095, 4095, 4095, 4095, 4095, 3963],
      "SliceLocation": [-48.223424451379, -41.023427069601, -33.823426224928, -26.623423780172, -19.423426398394, -12.223424753679, -5.0234256404541, 2.1765742728127, 9.3765746517828, 16.576574165029, 23.776574111137, 30.976574257255, 38.176573870507, 45.376573483758, 52.576574828457, 59.776574441709, 66.976575886413, 74.176573668211, 81.376574512885, 88.576572694703],
      "WindowCenter": [1307.0, 1500.0, 1419.0, 1450.0, 1634.0, 1759.0, 1864.0, 1833.0, 1847.0, 1939.0, 1758.0, 1825.0, 1782.0, 1990.0, 2121.0, 1970.0, 1908.0, 1504.0, 1009.0, 668.0],
      "WindowWidth": [2623.0, 2939.0, 2790.0, 2827.0, 2553.0, 2627.0, 2661.0, 2678.0, 2669.0, 2694.0, 2632.0, 2684.0, 2679.0, 3322.0, 3555.0, 3536.0, 3652.0, 3696.0, 3547.0, 3268.0]
    }
  }
}