{
  "AcquisitionMatrixPE": 448,
  "AcquisitionNumber": 1,
  "AcquisitionTime": "14:14:11.975000",
  "BaseResolution": 448,
  "BodyPartExamined": "CSPINE",
  "CoilCombinationMethod": "Adaptive Combine",
  "ConsistencyInfo": "N4_VE11C_LATEST_20160120",
  "ConversionSoftware": "dcm2niix",
  "ConversionSoftwareVersion": "v1.0.20220505",
  "DeviceSerialNumber": "167006",
  "DwellTime": 4.3e-06,
  "EchoTime": 0.014,
  "EchoTrainLength": 3,
  "FlipAngle": 30,
  "HeudiconvVersion": "0.5.3.post811+g6206e14",
  "ImageOrientationPatientDICOM": [1, 0, 0, 0, 0.950516, 0.310676],
  "ImageOrientationText": "Tra>Cor(18.1)",
  "ImageType": [
    "ORIGINAL",
    "PRIMARY",
    "M",
    "NORM",
    "DIS2D"
],
  "ImagingFrequency": 123.259,
  "InPlanePhaseEncodingDirectionDICOM": "COL",
  "InstitutionAddress": "Chemin Queen-Mary 4565,Montreal,District,CA,H3W 1W5",
  "InstitutionName": "IUGM",
  "InstitutionalDepartmentName": "Department",
  "MRAcquisitionType": "2D",
  "MagneticFieldStrength": 3,
  "Manufacturer": "Siemens",
  "ManufacturersModelName": "Prisma_fit",
  "MatrixCoilMode": "GRAPPA",
  "Modality": "MR",
  "NumberOfAverages": 2,
  "ParallelReductionFactorInPlane": 2,
  "PartialFourier": 1,
  "PatientPosition": "HFS",
  "PercentPhaseFOV": 100,
  "PercentSampling": 100,
  "PhaseEncodingDirection": "j-",
  "PhaseEncodingSteps": 447,
  "PhaseResolution": 1,
  "PixelBandwidth": 260,
  "ProcedureStepDescription": "anat^generic",
  "ProtocolName": "GRE-ME",
  "PulseSequenceDetails": "%SiemensSeq%\\medic",
  "ReceiveCoilActiveElements": "HC7;NC1,2",
  "ReceiveCoilName": "HeadNeck_64",
  "ReconMatrixPE": 448,
  "RefLinesPE": 24,
  "RepetitionTime": 0.6,
  "SAR": 0.213738,
  "ScanOptions": "SAT1",
  "ScanningSequence": "GR",
  "SequenceName": "*me2d1r3",
  "SequenceVariant": "SP",
  "SeriesDescription": "GRE-ME",
  "SeriesNumber": 39,
  "ShimSetting": [567, -7279, -9057, -1322, -506, 2287, 140, 10],
  "SliceThickness": 5,
  "SliceTiming": [0, 0.32812, 0.04688, 0.375, 0.09375, 0.40625, 0.125, 0.45312, 0.17188, 0.48438, 0.20312, 0.53125, 0.25, 0.5625, 0.28125],
  "SoftwareVersions": "syngo MR E11",
  "SpacingBetweenSlices": 5,
  "StationName": "MRC35049",
  "TxRefAmp": 247.288,
  "dcmmeta_affine": [
    [-0.5, 0.0, 0.0, 111.50651550292969],
    [0.0, 0.47525787353515625, 1.553382158279419, -128.28472900390625],
    [0.0, -0.15533821284770966, 4.75257682800293, -105.57359313964844],
    [0.0, 0.0, 0.0, 1.0]
],
  "dcmmeta_reorient_transform": [
    [0.0, -1.0, 0.0, 447.0],
    [1.0, 0.0, 0.0, 0.0],
    [0.0, 0.0, -1.0, 14.0],
    [0.0, 0.0, 0.0, 1.0]
],
  "dcmmeta_shape": [448, 448, 15],
  "dcmmeta_slice_dim": 2,
  "dcmmeta_version": 0.6,
  "global": {
    "const": {
      "AcquisitionMatrix": [448, 0, 0, 448],
      "AcquisitionNumber": 1,
      "AngioFlag": "N",
      "BitsAllocated": 16,
      "BitsStored": 12,
      "BodyPartExamined": "CSPINE",
      "Columns": 448,
      "EchoNumbers": 1,
      "EchoTime": 14.0,
      "EchoTrainLength": 3,
      "FlipAngle": 30.0,
      "HighBit": 11,
      "ImageOrientationPatient": [1.0, 0.0, 0.0, 0.0, 0.95051573489763, 0.31067641962663],
      "ImageType": [
        "ORIGINAL",
        "PRIMARY",
        "M",
        "NORM",
        "DIS2D"
],
      "ImagedNucleus": "1H",
      "ImagingFrequency": 123.258583,
      "InPlanePhaseEncodingDirection": "COL",
      "MRAcquisitionType": "2D",
      "MagneticFieldStrength": 3.0,
      "Manufacturer": "SIEMENS",
      "ManufacturerModelName": "Prisma_fit",
      "Modality": "MR",
      "NumberOfAverages": 2.0,
      "NumberOfPhaseEncodingSteps": 447,
      "PercentPhaseFieldOfView": 100.0,
      "PercentSampling": 100.0,
      "PerformedProcedureStepStartTime": "130331.404000",
      "PhotometricInterpretation": "MONOCHROME2",
      "PixelBandwidth": 260.0,
      "PixelRepresentation": 0,
      "PixelSpacing": [0.5, 0.5],
      "ProtocolName": "GRE-ME",
      "RepetitionTime": 600.0,
      "Rows": 448,
      "SAR": 0.21373779710871,
      "SamplesPerPixel": 1,
      "ScanOptions": "SAT1",
      "ScanningSequence": "GR",
      "SequenceName": "*me2d1r3",
      "SequenceVariant": "SP",
      "SeriesDescription": "GRE-ME",
      "SeriesNumber": 39,
      "SeriesTime": "141858.563000",
      "SliceThickness": 5.0,
      "SmallestImagePixelValue": 0,
      "SoftwareVersions": "syngo MR E11",
      "SpacingBetweenSlices": 5.0,
      "SpecificCharacterSet": "ISO_IR 100",
      "StudyID": "1",
      "StudyTime": "130331.314000",
      "TransmitCoilName": "Body",
      "VariableFlipAngleFlag": "N",
      "WindowCenterWidthExplanation": "Algo1",
      "dBdt": 0.0},
    "slices": {
      "AcquisitionTime": ["141411.695000", "141412.015000", "141411.735000", "141412.055000", "141411.775000", "141412.095000", "141411.815000", "141412.135000", "141411.855000", "141412.175000", "141411.895000", "141412.215000", "141411.935000", "141412.255000", "141411.975000"],
      "ContentTime": ["141858.565000", "141858.583000", "141858.568000", "141858.585000", "141858.570000", "141858.587000", "141858.572000", "141858.589000", "141858.575000", "141858.591000", "141858.577000", "141858.593000", "141858.579000", "141858.595000", "141858.581000"],
      "CsaImage.ICE_Dims": [
        "X_1_1_1_1_1_1_1_1_1_15_1_143",
        "X_1_1_1_1_1_1_9_1_1_14_1_143",
        "X_1_1_1_1_1_1_2_1_1_13_1_143",
        "X_1_1_1_1_1_1_10_1_1_12_1_143",
        "X_1_1_1_1_1_1_3_1_1_11_1_143",
        "X_1_1_1_1_1_1_11_1_1_10_1_143",
        "X_1_1_1_1_1_1_4_1_1_9_1_143",
        "X_1_1_1_1_1_1_12_1_1_8_1_143",
        "X_1_1_1_1_1_1_5_1_1_7_1_143",
        "X_1_1_1_1_1_1_13_1_1_6_1_143",
        "X_1_1_1_1_1_1_6_1_1_5_1_143",
        "X_1_1_1_1_1_1_14_1_1_4_1_143",
        "X_1_1_1_1_1_1_7_1_1_3_1_143",
        "X_1_1_1_1_1_1_15_1_1_2_1_143",
        "X_1_1_1_1_1_1_8_1_1_1_1_143"
],
      "CsaImage.ProtocolSliceNumber": [0, 1, 2, 3, 4, 5, 6, 7, 8, 9, 10, 11, 12, 13, 14],
      "CsaImage.SlicePosition_PCS": [
        [-111.50651398, -84.15553338, -68.00979403],
        [-111.50651398, -85.70891625, -63.2572172],
        [-111.50651398, -87.26229722, -58.50463847],
        [-111.50651398, -88.81568009, -53.75205973],
        [-111.50651398, -90.36906106, -48.999481],
        [-111.50651398, -91.92244393, -44.24690226],
        [-111.50651398, -93.47582585, -39.494324],
        [-111.50651398, -95.02920873, -34.74174512],
        [-111.50651398, -96.58259065, -29.98916653],
        [-111.50651398, -98.13597257, -25.23658828],
        [-111.50651398, -99.68935496, -20.48400954],
        [-111.50651398, -101.24273688, -15.73142985],
        [-111.50651398, -102.79611904, -10.97885112],
        [-111.50651398, -104.3495012, -6.22627238],
        [-111.50651398, -105.90288342, -1.47369555]
],
      "ImagePositionPatient": [
        [-111.50651398301, -84.155533380922, -175.00979403236],
        [-111.50651398301, -85.708916254457, -170.25721720436],
        [-111.50651398301, -87.262297220644, -165.50463846901],
        [-111.50651398301, -88.815680094179, -160.75205973366],
        [-111.50651398301, -90.369061060366, -155.9994809983],
        [-111.50651398301, -91.922443933901, -151.24690226295],
        [-111.50651398301, -93.475825853762, -146.49432400444],
        [-111.50651398301, -95.029208727297, -141.74174511635],
        [-111.50651398301, -96.582590647158, -136.98916653374],
        [-111.50651398301, -98.135972567018, -132.23658827522],
        [-111.50651398301, -99.689354963716, -127.48400953987],
        [-111.50651398301, -101.24273688358, -122.73142985084],
        [-111.50651398301, -102.79611904186, -117.97885111549],
        [-111.50651398301, -104.34950120014, -113.22627238014],
        [-111.50651398301, -105.90288341802, -108.47369555214]
],
      "InstanceCreationTime": ["141858.565000", "141858.583000", "141858.568000", "141858.585000", "141858.570000", "141858.587000", "141858.572000", "141858.589000", "141858.575000", "141858.591000", "141858.577000", "141858.593000", "141858.579000", "141858.595000", "141858.581000"],
      "InstanceNumber": [15, 14, 13, 12, 11, 10, 9, 8, 7, 6, 5, 4, 3, 2, 1],
      "LargestImagePixelValue": [1132, 1212, 1158, 1131, 1104, 1071, 1002, 1273, 1064, 1346, 1419, 1244, 1478, 1423, 1463],
      "SliceLocation": [-140.2044231864, -135.20442470061, -130.20442499443, -125.20442469568, -120.2044249895, -115.20442469075, -110.20442514152, -105.20442469759, -100.2044248403, -95.204425291079, -90.20442514047, -85.204424231521, -80.204424154983, -75.204424078445, -70.204425796355],
      "WindowCenter": [377.0, 368.0, 376.0, 388.0, 409.0, 431.0, 441.0, 445.0, 435.0, 426.0, 429.0, 442.0, 452.0, 444.0, 454.0],
      "WindowWidth": [807.0, 781.0, 798.0, 822.0, 858.0, 902.0, 921.0, 925.0, 911.0, 902.0, 907.0, 931.0, 953.0, 941.0, 965.0]
    }
  }
}