{
  "AcquisitionMatrixPE": 256,
  "AcquisitionNumber": 1,
  "AcquisitionTime": "14:08:41.952500",
  "BaseResolution": 256,
  "BodyPartExamined": "CSPINE",
  "CoilCombinationMethod": "Adaptive Combine",
  "ConsistencyInfo": "N4_VE11C_LATEST_20160120",
  "ConversionSoftware": "dcm2niix",
  "ConversionSoftwareVersion": "v1.0.20220505",
  "DeviceSerialNumber": "167006",
  "DwellTime": 7.5e-06,
  "EchoTime": 0.00313,
  "FlipAngle": 9,
  "HeudiconvVersion": "0.5.3.post811+g6206e14",
  "ImageOrientationPatientDICOM": [1, 0, 0, 0, 0.950516, 0.310676],
  "ImageOrientationText": "Tra>Cor(18.1)",
  "ImageType": [
    "ORIGINAL",
    "PRIMARY",
    "M",
    "DIS2D"
],
  "ImagingFrequency": 123.259,
  "InPlanePhaseEncodingDirectionDICOM": "COL",
  "InstitutionAddress": "Chemin Queen-Mary 4565,Montreal,District,CA,H3W 1W5",
  "InstitutionName": "IUGM",
  "InstitutionalDepartmentName": "Department",
  "MRAcquisitionType": "3D",
  "MTState": true,
  "MagneticFieldStrength": 3,
  "Manufacturer": "Siemens",
  "ManufacturersModelName": "Prisma_fit",
  "MatrixCoilMode": "GRAPPA",
  "Modality": "MR",
  "ParallelReductionFactorInPlane": 2,
  "PartialFourier": 1,
  "PatientPosition": "HFS",
  "PercentPhaseFOV": 100,
  "PercentSampling": 100,
  "PhaseEncodingSteps": 255,
  "PhaseResolution": 1,
  "PixelBandwidth": 260,
  "ProcedureStepDescription": "anat^generic",
  "ProtocolName": "GRE-MT1",
  "PulseSequenceDetails": "%SiemensSeq%\\gre",
  "ReceiveCoilActiveElements": "HC5-7;NC1,2",
  "ReceiveCoilName": "HeadNeck_64",
  "ReconMatrixPE": 256,
  "RefLinesPE": 32,
  "RepetitionTime": 0.035,
  "SAR": 0.497382,
  "ScanOptions": "MT",
  "ScanningSequence": "GR",
  "SequenceName": "*fl3d1",
  "SequenceVariant": "MTC\\SP",
  "SeriesDescription": "GRE-MT1",
  "SeriesNumber": 36,
  "ShimSetting": [607, -7368, -9137, -560, -336, 2808, -69, 140],
  "SliceThickness": 5,
  "SoftwareVersions": "syngo MR E11",
  "SpoilingState": true,
  "StationName": "MRC35049",
  "TxRefAmp": 247.288,
  "dcmmeta_affine": [
    [0.8984375, 0.0, 0.0, -114.59504699707031],
    [0.0, 0.8539789915084839, 1.5533820390701294, -136.19439697265625],
    [0.0, -0.27912333607673645, 4.7525787353515625, -121.39939880371094],
    [0.0, 0.0, 0.0, 1.0]
],
  "dcmmeta_reorient_transform": [
    [0.0, -1.0, 0.0, 255.0],
    [-1.0, 0.0, 0.0, 255.0],
    [0.0, 0.0, -1.0, 21.0],
    [0.0, 0.0, 0.0, 1.0]
],
  "dcmmeta_shape": [256, 256, 22],
  "dcmmeta_slice_dim": 2,
  "dcmmeta_version": 0.6,
  "global": {
    "const": {
      "AcquisitionMatrix": [256, 0, 0, 256],
      "AcquisitionNumber": 1,
      "AcquisitionTime": "140841.952500",
      "AngioFlag": "N",
      "BitsAllocated": 16,
      "BitsStored": 12,
      "BodyPartExamined": "CSPINE",
      "Columns": 256,
      "EchoNumbers": 1,
      "EchoTime": 3.13,
      "EchoTrainLength": 1,
      "FlipAngle": 9.0,
      "HighBit": 11,
      "ImageOrientationPatient": [1.0, 0.0, 0.0, 0.0, 0.95051573489763, 0.31067641962663],
      "ImageType": [
        "ORIGINAL",
        "PRIMARY",
        "M",
        "DIS2D"
],
      "ImagedNucleus": "1H",
      "ImagingFrequency": 123.258617,
      "InPlanePhaseEncodingDirection": "COL",
      "MRAcquisitionType": "3D",
      "MagneticFieldStrength": 3.0,
      "Manufacturer": "SIEMENS",
      "ManufacturerModelName": "Prisma_fit",
      "Modality": "MR",
      "NumberOfAverages": 1.0,
      "NumberOfPhaseEncodingSteps": 255,
      "PercentPhaseFieldOfView": 100.0,
      "PercentSampling": 100.0,
      "PerformedProcedureStepStartTime": "130331.404000",
      "PhotometricInterpretation": "MONOCHROME2",
      "PixelBandwidth": 260.0,
      "PixelRepresentation": 0,
      "PixelSpacing": [0.8984375, 0.8984375],
      "ProtocolName": "GRE-MT1",
      "RepetitionTime": 35.0,
      "Rows": 256,
      "SAR": 0.49738205912204,
      "SamplesPerPixel": 1,
      "ScanOptions": "MT",
      "ScanningSequence": "GR",
      "SequenceName": "*fl3d1",
      "SequenceVariant": [
        "MTC",
        "SP"
],
      "SeriesDescription": "GRE-MT1",
      "SeriesNumber": 36,
      "SeriesTime": "141056.304000",
      "SliceThickness": 5.0,
      "SmallestImagePixelValue": 0,
      "SoftwareVersions": "syngo MR E11",
      "SpecificCharacterSet": "ISO_IR 100",
      "StudyID": "1",
      "StudyTime": "130331.314000",
      "TransmitCoilName": "Body",
      "VariableFlipAngleFlag": "N",
      "WindowCenter": 565.0,
      "WindowCenterWidthExplanation": "WINDOW1",
      "WindowWidth": 2624.0,
      "dBdt": 0.0},
    "slices": {
      "ContentTime": ["141056.307000", "141056.310000", "141056.312000", "141056.314000", "141056.316000", "141056.318000", "141056.326000", "141056.328000", "141056.331000", "141056.333000", "141056.335000", "141056.340000", "141056.342000", "141056.344000", "141056.346000", "141056.348000", "141056.350000", "141056.352000", "141056.354000", "141056.356000", "141056.358000", "141056.360000"],
      "CsaImage.Actual3DImaPartNumber": [0, 1, 2, 3, 4, 5, 6, 7, 8, 9, 10, 11, 12, 13, 14, 15, 16, 17, 18, 19, 20, 21],
      "CsaImage.ICE_Dims": [
        "X_1_1_1_1_1_1_1_1_1_1_1_139",
        "X_1_1_1_1_1_2_1_1_1_1_1_139",
        "X_1_1_1_1_1_3_1_1_1_1_1_139",
        "X_1_1_1_1_1_4_1_1_1_1_1_139",
        "X_1_1_1_1_1_5_1_1_1_1_1_139",
        "X_1_1_1_1_1_6_1_1_1_1_1_139",
        "X_1_1_1_1_1_7_1_1_1_1_1_139",
        "X_1_1_1_1_1_8_1_1_1_1_1_139",
        "X_1_1_1_1_1_9_1_1_1_1_1_139",
        "X_1_1_1_1_1_10_1_1_1_1_1_139",
        "X_1_1_1_1_1_11_1_1_1_1_1_139",
        "X_1_1_1_1_1_12_1_1_1_1_1_139",
        "X_1_1_1_1_1_13_1_1_1_1_1_139",
        "X_1_1_1_1_1_14_1_1_1_1_1_139",
        "X_1_1_1_1_1_15_1_1_1_1_1_139",
        "X_1_1_1_1_1_16_1_1_1_1_1_139",
        "X_1_1_1_1_1_17_1_1_1_1_1_139",
        "X_1_1_1_1_1_18_1_1_1_1_1_139",
        "X_1_1_1_1_1_19_1_1_1_1_1_139",
        "X_1_1_1_1_1_20_1_1_1_1_1_139",
        "X_1_1_1_1_1_21_1_1_1_1_1_139",
        "X_1_1_1_1_1_22_1_1_1_1_1_139"
],
      "CsaImage.SlicePosition_PCS": [
        [-114.50651398, -81.5702439, -85.57585046],
        [-114.50651398, -83.123626, -80.82327178],
        [-114.50651398, -84.6770081, -76.07069311],
        [-114.50651398, -86.2303902, -71.31811443],
        [-114.50651398, -87.78377229, -66.56553576],
        [-114.50651398, -89.33715439, -61.81295708],
        [-114.50651398, -90.89053649, -57.06037841],
        [-114.50651398, -92.44391859, -52.30779974],
        [-114.50651398, -93.99730069, -47.55522106],
        [-114.50651398, -95.55068278, -42.80264239],
        [-114.50651398, -97.10406488, -38.05006371],
        [-114.50651398, -98.65744698, -33.29748504],
        [-114.50651398, -100.21082908, -28.54490636],
        [-114.50651398, -101.76421118, -23.79232769],
        [-114.50651398, -103.31759328, -19.03974901],
        [-114.50651398, -104.87097537, -14.28717034],
        [-114.50651398, -106.42435747, -9.53459167],
        [-114.50651398, -107.97773957, -4.78201299],
        [-114.50651398, -109.53112167, -0.02943432],
        [-114.50651398, -111.08450377, 4.72314436],
        [-114.50651398, -112.63788586, 9.47572303],
        [-114.50651398, -114.19126796, 14.22830171]
],
      "ImagePositionPatient": [
        [-114.50651398301, -81.570243901592, -192.57585045736],
        [-114.50651398301, -83.123625999725, -187.82327178287],
        [-114.50651398301, -84.677008097858, -183.07069310838],
        [-114.50651398301, -86.230390195991, -178.31811443389],
        [-114.50651398301, -87.783772294124, -173.5655357594],
        [-114.50651398301, -89.337154392257, -168.81295708491],
        [-114.50651398301, -90.890536490391, -164.06037841043],
        [-114.50651398301, -92.443918588524, -159.30779973594],
        [-114.50651398301, -93.997300686657, -154.55522106145],
        [-114.50651398301, -95.55068278479, -149.80264238696],
        [-114.50651398301, -97.104064882923, -145.05006371247],
        [-114.50651398301, -98.657446981056, -140.29748503799],
        [-114.50651398301, -100.21082907919, -135.5449063635],
        [-114.50651398301, -101.76421117732, -130.79232768901],
        [-114.50651398301, -103.31759327546, -126.03974901452],
        [-114.50651398301, -104.87097537359, -121.28717034003],
        [-114.50651398301, -106.42435747172, -116.53459166555],
        [-114.50651398301, -107.97773956986, -111.78201299106],
        [-114.50651398301, -109.53112166799, -107.02943431657],
        [-114.50651398301, -111.08450376612, -102.27685564208],
        [-114.50651398301, -112.63788586425, -97.524276967593],
        [-114.50651398301, -114.19126796239, -92.771698293105]
],
      "InstanceCreationTime": ["141056.307000", "141056.310000", "141056.312000", "141056.314000", "141056.316000", "141056.318000", "141056.326000", "141056.328000", "141056.331000", "141056.333000", "141056.335000", "141056.340000", "141056.342000", "141056.344000", "141056.346000", "141056.348000", "141056.350000", "141056.352000", "141056.354000", "141056.356000", "141056.358000", "141056.360000"],
      "InstanceNumber": [22, 21, 20, 19, 18, 17, 16, 15, 14, 13, 12, 11, 10, 9, 8, 7, 6, 5, 4, 3, 2, 1],
      "LargestImagePixelValue": [2775, 4095, 4095, 4095, 4095, 4095, 4095, 4095, 4095, 4095, 4095, 4095, 4095, 4095, 4095, 4095, 4095, 4095, 4095, 4095, 4095, 2658],
      "SliceLocation": [-157.70442469759, -152.70442469759, -147.70442469759, -142.70442469759, -137.70442469759, -132.70442469759, -127.70442469759, -122.70442469759, -117.70442469759, -112.70442469759, -107.70442469759, -102.70442469759, -97.704424697592, -92.704424697592, -87.704424697592, -82.704424697592, -77.704424697592, -72.704424697592, -67.704424697592, -62.704424697592, -57.704424697592, -52.704424697592]
    }
  }
}