{
  "AcquisitionMatrixPE": 256,
  "AcquisitionNumber": 1,
  "AcquisitionTime": "15:44:35.912500",
  "BaseResolution": 256,
  "BodyPartExamined": "CSPINE",
  "CoilCombinationMethod": "Adaptive Combine",
  "ConsistencyInfo": "N4_VE11C_LATEST_20160120",
  "ConversionSoftware": "dcm2niix",
  "ConversionSoftwareVersion": "v1.0.20211006",
  "DeviceSerialNumber": "167006",
  "DwellTime": 7.5e-06,
  "EchoTime": 0.00313,
  "FlipAngle": 15,
  "HeudiconvVersion": "0.11.3.post9+gc939bf8",
  "ImageOrientationPatientDICOM": [0.999704, -0.000297861, -0.0243295, 5.46181e-09, 0.999925, -0.0122416],
  "ImageOrientationText": "Tra>Sag(-1.4)>Cor(-0.7)",
  "ImageType": [
    "ORIGINAL",
    "PRIMARY",
    "M",
    "DIS2D"
],
  "ImagingFrequency": 123.259,
  "InPlanePhaseEncodingDirectionDICOM": "COL",
  "InstitutionAddress": "Chemin Queen-Mary 4565,Montreal,District,CA,H3W 1W5",
  "InstitutionName": "IUGM",
  "InstitutionalDepartmentName": "Department",
  "MRAcquisitionType": "3D",
  "MagneticFieldStrength": 3,
  "Manufacturer": "Siemens",
  "ManufacturersModelName": "Prisma_fit",
  "MatrixCoilMode": "GRAPPA",
  "Modality": "MR",
  "ParallelReductionFactorInPlane": 2,
  "PartialFourier": 1,
  "PatientPosition": "HFS",
  "PercentPhaseFOV": 100,
  "PercentSampling": 100,
  "PhaseEncodingSteps": 255,
  "PhaseResolution": 1,
  "PixelBandwidth": 260,
  "ProcedureStepDescription": "anat^generic",
  "ProtocolName": "GRE-T1w",
  "PulseSequenceDetails": "%SiemensSeq%\\gre",
  "ReceiveCoilActiveElements": "HC7;NC1,2",
  "ReceiveCoilName": "HeadNeck_64",
  "ReconMatrixPE": 256,
  "RefLinesPE": 32,
  "RepetitionTime": 0.015,
  "SAR": 0.0361575,
  "ScanningSequence": "GR",
  "SequenceName": "*fl3d1",
  "SequenceVariant": "SP",
  "SeriesDescription": "GRE-T1w",
  "SeriesNumber": 39,
  "ShimSetting": [604, -7305, -9335, -918, 188, 1553, 503, 7],
  "SliceThickness": 5,
  "SoftwareVersions": "syngo MR E11",
  "StationName": "MRC35049",
  "TxRefAmp": 295.695,
  "dcmmeta_affine": [
    [0.8981715440750122, 4.907091177841494e-09, -0.12165682762861252, -115.42176055908203],
    [-0.00026760934269987047, 0.8983702063560486, -0.06118999049067497, -92.02099609375],
    [0.021858572959899902, 0.010998332872986794, 4.99814510345459, -188.0200653076172],
    [0.0, 0.0, 0.0, 1.0]
],
  "dcmmeta_reorient_transform": [
    [0.0, -1.0, 0.0, 255.0],
    [-1.0, 0.0, 0.0, 255.0],
    [0.0, 0.0, -1.0, 21.0],
    [0.0, 0.0, 0.0, 1.0]
],
  "dcmmeta_shape": [256, 256, 22],
  "dcmmeta_slice_dim": 2,
  "dcmmeta_version": 0.6,
  "global": {
    "const": {
      "AcquisitionMatrix": [256, 0, 0, 256],
      "AcquisitionNumber": 1,
      "AcquisitionTime": "154435.912500",
      "AngioFlag": "N",
      "BitsAllocated": 16,
      "BitsStored": 12,
      "BodyPartExamined": "CSPINE",
      "Columns": 256,
      "EchoNumbers": 1,
      "EchoTime": 3.13,
      "EchoTrainLength": 1,
      "FlipAngle": 15.0,
      "HighBit": 11,
      "ImageOrientationPatient": [0.99970394850216, -0.0002978608451, -0.0243295422914, 5.461806e-09, 0.99992506853524, -0.0122416222286],
      "ImageType": [
        "ORIGINAL",
        "PRIMARY",
        "M",
        "DIS2D"
],
      "ImagedNucleus": "1H",
      "ImagingFrequency": 123.259036,
      "InPlanePhaseEncodingDirection": "COL",
      "MRAcquisitionType": "3D",
      "MagneticFieldStrength": 3.0,
      "Manufacturer": "SIEMENS",
      "ManufacturerModelName": "Prisma_fit",
      "Modality": "MR",
      "NumberOfAverages": 1.0,
      "NumberOfPhaseEncodingSteps": 255,
      "PercentPhaseFieldOfView": 100.0,
      "PercentSampling": 100.0,
      "PerformedProcedureStepStartTime": "143352.274000",
      "PhotometricInterpretation": "MONOCHROME2",
      "PixelBandwidth": 260.0,
      "PixelRepresentation": 0,
      "PixelSpacing": [0.8984375, 0.8984375],
      "ProtocolName": "GRE-T1w",
      "RepetitionTime": 15.0,
      "Rows": 256,
      "SAR": 0.03615750837669,
      "SamplesPerPixel": 1,
      "ScanningSequence": "GR",
      "SequenceName": "*fl3d1",
      "SequenceVariant": "SP",
      "SeriesDescription": "GRE-T1w",
      "SeriesNumber": 39,
      "SeriesTime": "154534.313000",
      "SliceThickness": 5.0,
      "SmallestImagePixelValue": 0,
      "SoftwareVersions": "syngo MR E11",
      "SpecificCharacterSet": "ISO_IR 100",
      "StudyID": "1",
      "StudyTime": "143352.199000",
      "TransmitCoilName": "Body",
      "VariableFlipAngleFlag": "N",
      "WindowCenterWidthExplanation": "Algo1",
      "dBdt": 0.0},
    "slices": {
      "ContentTime": ["154534.316000", "154534.337000", "154534.339000", "154534.341000", "154534.343000", "154534.345000", "154534.347000", "154534.349000", "154534.351000", "154534.354000", "154534.356000", "154534.358000", "154534.360000", "154534.362000", "154534.364000", "154534.371000", "154534.373000", "154534.375000", "154534.377000", "154534.379000", "154534.381000", "154534.383000"],
      "CsaImage.Actual3DImaPartNumber": [0, 1, 2, 3, 4, 5, 6, 7, 8, 9, 10, 11, 12, 13, 14, 15, 16, 17, 18, 19, 20, 21],
      "CsaImage.ICE_Dims": [
        "X_1_1_1_1_1_1_1_1_1_1_1_148",
        "X_1_1_1_1_1_2_1_1_1_1_1_148",
        "X_1_1_1_1_1_3_1_1_1_1_1_148",
        "X_1_1_1_1_1_4_1_1_1_1_1_148",
        "X_1_1_1_1_1_5_1_1_1_1_1_148",
        "X_1_1_1_1_1_6_1_1_1_1_1_148",
        "X_1_1_1_1_1_7_1_1_1_1_1_148",
        "X_1_1_1_1_1_8_1_1_1_1_1_148",
        "X_1_1_1_1_1_9_1_1_1_1_1_148",
        "X_1_1_1_1_1_10_1_1_1_1_1_148",
        "X_1_1_1_1_1_11_1_1_1_1_1_148",
        "X_1_1_1_1_1_12_1_1_1_1_1_148",
        "X_1_1_1_1_1_13_1_1_1_1_1_148",
        "X_1_1_1_1_1_14_1_1_1_1_1_148",
        "X_1_1_1_1_1_15_1_1_1_1_1_148",
        "X_1_1_1_1_1_16_1_1_1_1_1_148",
        "X_1_1_1_1_1_17_1_1_1_1_1_148",
        "X_1_1_1_1_1_18_1_1_1_1_1_148",
        "X_1_1_1_1_1_19_1_1_1_1_1_148",
        "X_1_1_1_1_1_20_1_1_1_1_1_148",
        "X_1_1_1_1_1_21_1_1_1_1_1_148",
        "X_1_1_1_1_1_22_1_1_1_1_1_148"
],
      "CsaImage.SlicePosition_PCS": [
        [-113.61197823, -136.99515638, -48.64156132],
        [-113.4903214, -136.93396639, -43.64341612],
        [-113.36866457, -136.87277641, -38.64527092],
        [-113.24700775, -136.81158642, -33.64712573],
        [-113.12535092, -136.75039643, -28.64898053],
        [-113.00369409, -136.68920644, -23.65083534],
        [-112.88203726, -136.62801645, -18.65269014],
        [-112.76038044, -136.56682646, -13.65454494],
        [-112.63872361, -136.50563647, -8.65639975],
        [-112.51706678, -136.44444648, -3.65825455],
        [-112.39540995, -136.38325649, 1.33989065],
        [-112.27375312, -136.3220665, 6.33803584],
        [-112.1520963, -136.26087651, 11.33618104],
        [-112.03043947, -136.19968652, 16.33432623],
        [-111.90878264, -136.13849653, 21.33247143],
        [-111.78712581, -136.07730654, 26.33061663],
        [-111.66546899, -136.01611655, 31.32876182],
        [-111.54381216, -135.95492656, 36.32690702],
        [-111.42215533, -135.89373657, 41.32505221],
        [-111.3004985, -135.83254658, 46.32319741],
        [-111.17884168, -135.77135659, 51.32134261],
        [-111.05718485, -135.7101666, 56.3194878]
],
      "ImagePositionPatient": [
        [-113.61197822983, -136.99515638452, -179.64156131581],
        [-113.49032140211, -136.9339663948, -174.64341611969],
        [-113.3686645744, -136.87277640507, -169.64527092358],
        [-113.24700774668, -136.81158641535, -164.64712572747],
        [-113.12535091897, -136.75039642562, -159.64898053135],
        [-113.00369409125, -136.68920643589, -154.65083533524],
        [-112.88203726354, -136.62801644617, -149.65269013913],
        [-112.76038043582, -136.56682645644, -144.65454494302],
        [-112.63872360811, -136.50563646672, -139.6563997469],
        [-112.51706678039, -136.44444647699, -134.65825455079],
        [-112.39540995268, -136.38325648727, -129.66010935468],
        [-112.27375312496, -136.32206649754, -124.66196415856],
        [-112.15209629725, -136.26087650781, -119.66381896245],
        [-112.03043946953, -136.19968651809, -114.66567376634],
        [-111.90878264181, -136.13849652836, -109.66752857022],
        [-111.7871258141, -136.07730653864, -104.66938337411],
        [-111.66546898638, -136.01611654891, -99.671238177999],
        [-111.54381215867, -135.95492655918, -94.673092981886],
        [-111.42215533095, -135.89373656946, -89.674947785773],
        [-111.30049850324, -135.83254657973, -84.67680258966],
        [-111.17884167552, -135.77135659001, -79.678657393547],
        [-111.05718484781, -135.71016660028, -74.680512197434]
],
      "InstanceCreationTime": ["154534.316000", "154534.337000", "154534.339000", "154534.341000", "154534.343000", "154534.345000", "154534.347000", "154534.349000", "154534.351000", "154534.354000", "154534.356000", "154534.358000", "154534.360000", "154534.362000", "154534.364000", "154534.371000", "154534.373000", "154534.375000", "154534.377000", "154534.379000", "154534.381000", "154534.383000"],
      "InstanceNumber": [22, 21, 20, 19, 18, 17, 16, 15, 14, 13, 12, 11, 10, 9, 8, 7, 6, 5, 4, 3, 2, 1],
      "LargestImagePixelValue": [3675, 4095, 4095, 4095, 4095, 4095, 4095, 4095, 4095, 4095, 4095, 4095, 4095, 4095, 4095, 4095, 4095, 4095, 4095, 4095, 4095, 4095],
      "SliceLocation": [-184.01580235728, -179.01580235728, -174.01580235728, -169.01580235728, -164.01580235728, -159.01580235728, -154.01580235728, -149.01580235728, -144.01580235728, -139.01580235728, -134.01580235728, -129.01580235728, -124.01580235728, -119.01580235728, -114.01580235728, -109.01580235728, -104.01580235728, -99.015802357281, -94.015802357281, -89.015802357281, -84.015802357281, -79.015802357281],
      "WindowCenter": [1046.0, 1759.0, 2072.0, 2107.0, 1970.0, 1508.0, 1701.0, 1716.0, 2064.0, 1961.0, 1873.0, 1876.0, 1414.0, 1462.0, 1653.0, 1939.0, 2083.0, 2269.0, 2375.0, 2188.0, 1554.0, 1467.0],
      "WindowWidth": [2242.0, 3108.0, 3582.0, 3854.0, 3977.0, 4095.0, 4095.0, 4082.0, 3879.0, 3645.0, 3629.0, 3905.0, 4095.0, 4095.0, 4095.0, 4095.0, 4095.0, 4095.0, 4095.0, 4095.0, 4022.0, 2913.0]
    }
  }
}