{
  "AcquisitionMatrixPE": 256,
  "AcquisitionNumber": 1,
  "AcquisitionTime": "11:52:30.905000",
  "BaseResolution": 256,
  "BodyPartExamined": "CSPINE",
  "CoilCombinationMethod": "Adaptive Combine",
  "ConsistencyInfo": "N4_VE11C_LATEST_20160120",
  "ConversionSoftware": "dcm2niix",
  "ConversionSoftwareVersion": "v1.0.20220505",
  "DeviceSerialNumber": "167006",
  "DwellTime": 7.5e-06,
  "EchoTime": 0.00313,
  "FlipAngle": 9,
  "HeudiconvVersion": "0.5.3.post811+g6206e14",
  "ImageOrientationPatientDICOM": [1, 0, 0, 0, 0.999781, -0.0209424],
  "ImageOrientationText": "Tra>Cor(-1.2)",
  "ImageType": [
    "ORIGINAL",
    "PRIMARY",
    "M",
    "DIS2D"
],
  "ImagingFrequency": 123.259,
  "InPlanePhaseEncodingDirectionDICOM": "COL",
  "InstitutionAddress": "Chemin Queen-Mary 4565,Montreal,District,CA,H3W 1W5",
  "InstitutionName": "IUGM",
  "InstitutionalDepartmentName": "Department",
  "MRAcquisitionType": "3D",
  "MagneticFieldStrength": 3,
  "Manufacturer": "Siemens",
  "ManufacturersModelName": "Prisma_fit",
  "MatrixCoilMode": "GRAPPA",
  "Modality": "MR",
  "ParallelReductionFactorInPlane": 2,
  "PartialFourier": 1,
  "PatientPosition": "HFS",
  "PercentPhaseFOV": 100,
  "PercentSampling": 100,
  "PhaseEncodingSteps": 255,
  "PhaseResolution": 1,
  "PixelBandwidth": 260,
  "ProcedureStepDescription": "anat^generic",
  "ProtocolName": "GRE-MT0",
  "PulseSequenceDetails": "%SiemensSeq%\\gre",
  "ReceiveCoilActiveElements": "HC7;NC1,2",
  "ReceiveCoilName": "HeadNeck_64",
  "ReconMatrixPE": 256,
  "RefLinesPE": 32,
  "RepetitionTime": 0.035,
  "SAR": 0.00600603,
  "ScanningSequence": "GR",
  "SequenceName": "*fl3d1",
  "SequenceVariant": "SP",
  "SeriesDescription": "GRE-MT0",
  "SeriesNumber": 39,
  "ShimSetting": [632, -7354, -9300, -907, 216, 2084, -534, 9],
  "SliceThickness": 5,
  "SoftwareVersions": "syngo MR E11",
  "StationName": "MRC35049",
  "TxRefAmp": 305.832,
  "dcmmeta_affine": [
    [0.8984375, 0.0, 0.0, -114.59504699707031],
    [0.0, 0.8982404470443726, -0.1047120988368988, -92.4917984008789],
    [0.0, 0.018815455958247185, 4.998903274536133, -187.98646545410156],
    [0.0, 0.0, 0.0, 1.0]
],
  "dcmmeta_reorient_transform": [
    [0.0, -1.0, 0.0, 255.0],
    [-1.0, 0.0, 0.0, 255.0],
    [0.0, 0.0, -1.0, 21.0],
    [0.0, 0.0, 0.0, 1.0]
],
  "dcmmeta_shape": [256, 256, 22],
  "dcmmeta_slice_dim": 2,
  "dcmmeta_version": 0.6,
  "global": {
    "const": {
      "AcquisitionMatrix": [256, 0, 0, 256],
      "AcquisitionNumber": 1,
      "AcquisitionTime": "115230.905000",
      "AngioFlag": "N",
      "BitsAllocated": 16,
      "BitsStored": 12,
      "BodyPartExamined": "CSPINE",
      "Columns": 256,
      "EchoNumbers": 1,
      "EchoTime": 3.13,
      "EchoTrainLength": 1,
      "FlipAngle": 9.0,
      "HighBit": 11,
      "ImageOrientationPatient": [1.0, 0.0, 0.0, 0.0, 0.9997806834792, -0.0209424196753],
      "ImageType": [
        "ORIGINAL",
        "PRIMARY",
        "M",
        "DIS2D"
],
      "ImagedNucleus": "1H",
      "ImagingFrequency": 123.258746,
      "InPlanePhaseEncodingDirection": "COL",
      "LargestImagePixelValue": 4095,
      "MRAcquisitionType": "3D",
      "MagneticFieldStrength": 3.0,
      "Manufacturer": "SIEMENS",
      "ManufacturerModelName": "Prisma_fit",
      "Modality": "MR",
      "NumberOfAverages": 1.0,
      "NumberOfPhaseEncodingSteps": 255,
      "PercentPhaseFieldOfView": 100.0,
      "PercentSampling": 100.0,
      "PerformedProcedureStepStartTime": "103736.373000",
      "PhotometricInterpretation": "MONOCHROME2",
      "PixelBandwidth": 260.0,
      "PixelRepresentation": 0,
      "PixelSpacing": [0.8984375, 0.8984375],
      "ProtocolName": "GRE-MT0",
      "RepetitionTime": 35.0,
      "Rows": 256,
      "SAR": 0.00600602936401,
      "SamplesPerPixel": 1,
      "ScanningSequence": "GR",
      "SequenceName": "*fl3d1",
      "SequenceVariant": "SP",
      "SeriesDescription": "GRE-MT0",
      "SeriesNumber": 39,
      "SeriesTime": "115443.368000",
      "SliceThickness": 5.0,
      "SmallestImagePixelValue": 0,
      "SoftwareVersions": "syngo MR E11",
      "SpecificCharacterSet": "ISO_IR 100",
      "StudyID": "1",
      "StudyTime": "103736.307000",
      "TransmitCoilName": "Body",
      "VariableFlipAngleFlag": "N",
      "WindowCenterWidthExplanation": "Algo1",
      "dBdt": 0.0},
    "slices": {
      "ContentTime": ["115443.371000", "115443.399000", "115443.401000", "115443.403000", "115443.405000", "115443.407000", "115443.409000", "115443.411000", "115443.413000", "115443.415000", "115443.417000", "115443.418000", "115443.421000", "115443.423000", "115443.427000", "115443.429000", "115443.432000", "115443.434000", "115443.436000", "115443.437000", "115443.440000", "115443.442000"],
      "CsaImage.Actual3DImaPartNumber": [0, 1, 2, 3, 4, 5, 6, 7, 8, 9, 10, 11, 12, 13, 14, 15, 16, 17, 18, 19, 20, 21],
      "CsaImage.ICE_Dims": [
        "X_1_1_1_1_1_1_1_1_1_1_1_99",
        "X_1_1_1_1_1_2_1_1_1_1_1_99",
        "X_1_1_1_1_1_3_1_1_1_1_1_99",
        "X_1_1_1_1_1_4_1_1_1_1_1_99",
        "X_1_1_1_1_1_5_1_1_1_1_1_99",
        "X_1_1_1_1_1_6_1_1_1_1_1_99",
        "X_1_1_1_1_1_7_1_1_1_1_1_99",
        "X_1_1_1_1_1_8_1_1_1_1_1_99",
        "X_1_1_1_1_1_9_1_1_1_1_1_99",
        "X_1_1_1_1_1_10_1_1_1_1_1_99",
        "X_1_1_1_1_1_11_1_1_1_1_1_99",
        "X_1_1_1_1_1_12_1_1_1_1_1_99",
        "X_1_1_1_1_1_13_1_1_1_1_1_99",
        "X_1_1_1_1_1_14_1_1_1_1_1_99",
        "X_1_1_1_1_1_15_1_1_1_1_1_99",
        "X_1_1_1_1_1_16_1_1_1_1_1_99",
        "X_1_1_1_1_1_17_1_1_1_1_1_99",
        "X_1_1_1_1_1_18_1_1_1_1_1_99",
        "X_1_1_1_1_1_19_1_1_1_1_1_99",
        "X_1_1_1_1_1_20_1_1_1_1_1_99",
        "X_1_1_1_1_1_21_1_1_1_1_1_99",
        "X_1_1_1_1_1_22_1_1_1_1_1_99"
],
      "CsaImage.SlicePosition_PCS": [
        [-114.50651398, -136.55952136, -50.18853161],
        [-114.50651398, -136.45480927, -45.1896282],
        [-114.50651398, -136.35009717, -40.19072478],
        [-114.50651398, -136.24538507, -35.19182136],
        [-114.50651398, -136.14067297, -30.19291794],
        [-114.50651398, -136.03596087, -25.19401453],
        [-114.50651398, -135.93124877, -20.19511111],
        [-114.50651398, -135.82653668, -15.19620769],
        [-114.50651398, -135.72182458, -10.19730427],
        [-114.50651398, -135.61711248, -5.19840086],
        [-114.50651398, -135.51240038, -0.19949744],
        [-114.50651398, -135.40768828, 4.79940598],
        [-114.50651398, -135.30297618, 9.7983094],
        [-114.50651398, -135.19826409, 14.79721281],
        [-114.50651398, -135.09355199, 19.79611623],
        [-114.50651398, -134.98883989, 24.79501965],
        [-114.50651398, -134.88412779, 29.79392307],
        [-114.50651398, -134.77941569, 34.79282648],
        [-114.50651398, -134.67470359, 39.7917299],
        [-114.50651398, -134.5699915, 44.79063332],
        [-114.50651398, -134.4652794, 49.78953673],
        [-114.50651398, -134.3605673, 54.78844015]
],
      "ImagePositionPatient": [
        [-114.50651398301, -136.55952136487, -183.18853161299],
        [-114.50651398301, -136.4548092665, -178.18962819559],
        [-114.50651398301, -136.35009716812, -173.1907247782],
        [-114.50651398301, -136.24538506974, -168.1918213608],
        [-114.50651398301, -136.14067297137, -163.19291794341],
        [-114.50651398301, -136.03596087299, -158.19401452601],
        [-114.50651398301, -135.93124877461, -153.19511110861],
        [-114.50651398301, -135.82653667624, -148.19620769122],
        [-114.50651398301, -135.72182457786, -143.19730427382],
        [-114.50651398301, -135.61711247948, -138.19840085642],
        [-114.50651398301, -135.51240038111, -133.19949743903],
        [-114.50651398301, -135.40768828273, -128.20059402163],
        [-114.50651398301, -135.30297618435, -123.20169060424],
        [-114.50651398301, -135.19826408598, -118.20278718684],
        [-114.50651398301, -135.0935519876, -113.20388376944],
        [-114.50651398301, -134.98883988923, -108.20498035205],
        [-114.50651398301, -134.88412779085, -103.20607693465],
        [-114.50651398301, -134.77941569247, -98.207173517257],
        [-114.50651398301, -134.6747035941, -93.208270099861],
        [-114.50651398301, -134.56999149572, -88.209366682465],
        [-114.50651398301, -134.46527939734, -83.210463265069],
        [-114.50651398301, -134.36056729897, -78.211559847673]
],
      "InstanceCreationTime": ["115443.371000", "115443.399000", "115443.401000", "115443.403000", "115443.405000", "115443.407000", "115443.409000", "115443.411000", "115443.413000", "115443.415000", "115443.417000", "115443.418000", "115443.421000", "115443.423000", "115443.427000", "115443.429000", "115443.432000", "115443.434000", "115443.436000", "115443.437000", "115443.440000", "115443.442000"],
      "InstanceNumber": [22, 21, 20, 19, 18, 17, 16, 15, 14, 13, 12, 11, 10, 9, 8, 7, 6, 5, 4, 3, 2, 1],
      "SliceLocation": [-186.00824214867, -181.00824214867, -176.00824214867, -171.00824214867, -166.00824214867, -161.00824214867, -156.00824214867, -151.00824214867, -146.00824214867, -141.00824214867, -136.00824214867, -131.00824214867, -126.00824214867, -121.00824214867, -116.00824214867, -111.00824214867, -106.00824214867, -101.00824214867, -96.008242148668, -91.008242148668, -86.008242148668, -81.008242148668],
      "WindowCenter": [855.0, 1633.0, 2217.0, 1795.0, 1661.0, 1777.0, 1858.0, 1928.0, 2265.0, 2203.0, 2124.0, 1948.0, 2266.0, 2586.0, 2920.0, 3199.0, 3383.0, 3302.0, 2874.0, 1877.0, 1821.0, 981.0],
      "WindowWidth": [1891.0, 3018.0, 3657.0, 4044.0, 4095.0, 4088.0, 4026.0, 4021.0, 3904.0, 3929.0, 4029.0, 4095.0, 4095.0, 4095.0, 4095.0, 4095.0, 4094.0, 4095.0, 4095.0, 4095.0, 3383.0, 2217.0]
    }
  }
}