{
  "AcquisitionMatrixPE": 256,
  "AcquisitionNumber": 1,
  "AcquisitionTime": "11:41:22.952500",
  "BaseResolution": 256,
  "BodyPartExamined": "CSPINE",
  "CoilCombinationMethod": "Adaptive Combine",
  "ConsistencyInfo": "N4_VE11C_LATEST_20160120",
  "ConversionSoftware": "dcm2niix",
  "ConversionSoftwareVersion": "v1.0.20220505",
  "DeviceSerialNumber": "167006",
  "DwellTime": 7.5e-06,
  "EchoTime": 0.00313,
  "FlipAngle": 9,
  "HeudiconvVersion": "0.5.3.post811+g6206e14",
  "ImageOrientationPatientDICOM": [1, 0, 0, 0, 0.989016, 0.147809],
  "ImageOrientationText": "Tra>Cor(8.5)",
  "ImageType": [
    "ORIGINAL",
    "PRIMARY",
    "M",
    "DIS2D"
],
  "ImagingFrequency": 123.259,
  "InPlanePhaseEncodingDirectionDICOM": "COL",
  "InstitutionAddress": "Chemin Queen-Mary 4565,Montreal,District,CA,H3W 1W5",
  "InstitutionName": "IUGM",
  "InstitutionalDepartmentName": "Department",
  "MRAcquisitionType": "3D",
  "MTState": true,
  "MagneticFieldStrength": 3,
  "Manufacturer": "Siemens",
  "ManufacturersModelName": "Prisma_fit",
  "MatrixCoilMode": "GRAPPA",
  "Modality": "MR",
  "ParallelReductionFactorInPlane": 2,
  "PartialFourier": 1,
  "PatientPosition": "HFS",
  "PercentPhaseFOV": 100,
  "PercentSampling": 100,
  "PhaseEncodingSteps": 255,
  "PhaseResolution": 1,
  "PixelBandwidth": 260,
  "ProcedureStepDescription": "anat^generic",
  "ProtocolName": "GRE-MT1",
  "PulseSequenceDetails": "%SiemensSeq%\\gre",
  "ReceiveCoilActiveElements": "HC5-7;NC1,2",
  "ReceiveCoilName": "HeadNeck_64",
  "ReconMatrixPE": 256,
  "RefLinesPE": 32,
  "RepetitionTime": 0.035,
  "SAR": 0.693447,
  "ScanOptions": "MT",
  "ScanningSequence": "GR",
  "SequenceName": "*fl3d1",
  "SequenceVariant": "MTC\\SP",
  "SeriesDescription": "GRE-MT1",
  "SeriesNumber": 36,
  "ShimSetting": [596, -7383, -9006, -1353, 124, 2429, 7, -259],
  "SliceThickness": 5,
  "SoftwareVersions": "syngo MR E11",
  "SpoilingState": true,
  "StationName": "MRC35049",
  "TxRefAmp": 319.12,
  "dcmmeta_affine": [
    [0.8984375, 0.0, 0.0, -110.44571685791016],
    [0.0, 0.8885689377784729, 0.7390470504760742, -128.40206909179688],
    [0.0, -0.13279752433300018, 4.945079326629639, -140.99110412597656],
    [0.0, 0.0, 0.0, 1.0]
],
  "dcmmeta_reorient_transform": [
    [0.0, -1.0, 0.0, 255.0],
    [-1.0, 0.0, 0.0, 255.0],
    [0.0, 0.0, -1.0, 21.0],
    [0.0, 0.0, 0.0, 1.0]
],
  "dcmmeta_shape": [256, 256, 22],
  "dcmmeta_slice_dim": 2,
  "dcmmeta_version": 0.6,
  "global": {
    "const": {
      "AcquisitionMatrix": [256, 0, 0, 256],
      "AcquisitionNumber": 1,
      "AcquisitionTime": "114122.952500",
      "AngioFlag": "N",
      "BitsAllocated": 16,
      "BitsStored": 12,
      "BodyPartExamined": "CSPINE",
      "Columns": 256,
      "EchoNumbers": 1,
      "EchoTime": 3.13,
      "EchoTrainLength": 1,
      "FlipAngle": 9.0,
      "HighBit": 11,
      "ImageOrientationPatient": [1.0, 0.0, 0.0, 0.0, 0.98901586285082, 0.14780941454941],
      "ImageType": [
        "ORIGINAL",
        "PRIMARY",
        "M",
        "DIS2D"
],
      "ImagedNucleus": "1H",
      "ImagingFrequency": 123.258752,
      "InPlanePhaseEncodingDirection": "COL",
      "MRAcquisitionType": "3D",
      "MagneticFieldStrength": 3.0,
      "Manufacturer": "SIEMENS",
      "ManufacturerModelName": "Prisma_fit",
      "Modality": "MR",
      "NumberOfAverages": 1.0,
      "NumberOfPhaseEncodingSteps": 255,
      "PercentPhaseFieldOfView": 100.0,
      "PercentSampling": 100.0,
      "PerformedProcedureStepStartTime": "103537.977000",
      "PhotometricInterpretation": "MONOCHROME2",
      "PixelBandwidth": 260.0,
      "PixelRepresentation": 0,
      "PixelSpacing": [0.8984375, 0.8984375],
      "ProtocolName": "GRE-MT1",
      "RepetitionTime": 35.0,
      "Rows": 256,
      "SAR": 0.69344721796142,
      "SamplesPerPixel": 1,
      "ScanOptions": "MT",
      "ScanningSequence": "GR",
      "SequenceName": "*fl3d1",
      "SequenceVariant": [
        "MTC",
        "SP"
],
      "SeriesDescription": "GRE-MT1",
      "SeriesNumber": 36,
      "SeriesTime": "114338.101000",
      "SliceThickness": 5.0,
      "SmallestImagePixelValue": 0,
      "SoftwareVersions": "syngo MR E11",
      "SpecificCharacterSet": "ISO_IR 100",
      "StudyID": "1",
      "StudyTime": "103537.901000",
      "TransmitCoilName": "Body",
      "VariableFlipAngleFlag": "N",
      "WindowCenterWidthExplanation": "Algo1",
      "dBdt": 0.0},
    "slices": {
      "ContentTime": ["114338.104000", "114338.107000", "114338.109000", "114338.120000", "114338.122000", "114338.129000", "114338.131000", "114338.133000", "114338.135000", "114338.140000", "114338.142000", "114338.144000", "114338.146000", "114338.157000", "114338.159000", "114338.161000", "114338.163000", "114338.165000", "114338.167000", "114338.169000", "114338.171000", "114338.173000"],
      "CsaImage.Actual3DImaPartNumber": [0, 1, 2, 3, 4, 5, 6, 7, 8, 9, 10, 11, 12, 13, 14, 15, 16, 17, 18, 19, 20, 21],
      "CsaImage.ICE_Dims": [
        "X_1_1_1_1_1_1_1_1_1_1_1_101",
        "X_1_1_1_1_1_2_1_1_1_1_1_101",
        "X_1_1_1_1_1_3_1_1_1_1_1_101",
        "X_1_1_1_1_1_4_1_1_1_1_1_101",
        "X_1_1_1_1_1_5_1_1_1_1_1_101",
        "X_1_1_1_1_1_6_1_1_1_1_1_101",
        "X_1_1_1_1_1_7_1_1_1_1_1_101",
        "X_1_1_1_1_1_8_1_1_1_1_1_101",
        "X_1_1_1_1_1_9_1_1_1_1_1_101",
        "X_1_1_1_1_1_10_1_1_1_1_1_101",
        "X_1_1_1_1_1_11_1_1_1_1_1_101",
        "X_1_1_1_1_1_12_1_1_1_1_1_101",
        "X_1_1_1_1_1_13_1_1_1_1_1_101",
        "X_1_1_1_1_1_14_1_1_1_1_1_101",
        "X_1_1_1_1_1_15_1_1_1_1_1_101",
        "X_1_1_1_1_1_16_1_1_1_1_1_101",
        "X_1_1_1_1_1_17_1_1_1_1_1_101",
        "X_1_1_1_1_1_18_1_1_1_1_1_101",
        "X_1_1_1_1_1_19_1_1_1_1_1_101",
        "X_1_1_1_1_1_20_1_1_1_1_1_101",
        "X_1_1_1_1_1_21_1_1_1_1_1_101",
        "X_1_1_1_1_1_22_1_1_1_1_1_101"
],
      "CsaImage.SlicePosition_PCS": [
        [-118.65584683, -98.18301006, -68.85447625],
        [-118.65584683, -98.92205713, -63.90939693],
        [-118.65584683, -99.66110421, -58.96431762],
        [-118.65584683, -100.40015128, -54.0192383],
        [-118.65584683, -101.13919835, -49.07415899],
        [-118.65584683, -101.87824542, -44.12907967],
        [-118.65584683, -102.6172925, -39.18400036],
        [-118.65584683, -103.35633957, -34.23892105],
        [-118.65584683, -104.09538664, -29.29384173],
        [-118.65584683, -104.83443371, -24.34876242],
        [-118.65584683, -105.57348079, -19.4036831],
        [-118.65584683, -106.31252786, -14.45860379],
        [-118.65584683, -107.05157493, -9.51352447],
        [-118.65584683, -107.79062201, -4.56844516],
        [-118.65584683, -108.52966908, 0.37663415],
        [-118.65584683, -109.26871615, 5.32171347],
        [-118.65584683, -110.00776322, 10.26679278],
        [-118.65584683, -110.7468103, 15.2118721],
        [-118.65584683, -111.48585737, 20.15695141],
        [-118.65584683, -112.22490444, 25.10203073],
        [-118.65584683, -112.96395151, 30.04711004],
        [-118.65584683, -113.70299859, 34.99218935]
],
      "ImagePositionPatient": [
        [-118.65584683418, -98.183010059673, -174.85447624557],
        [-118.65584683418, -98.92205713242, -169.90939693131],
        [-118.65584683418, -99.661104205167, -164.96431761706],
        [-118.65584683418, -100.40015127791, -160.01923830281],
        [-118.65584683418, -101.13919835066, -155.07415898855],
        [-118.65584683418, -101.87824542341, -150.1290796743],
        [-118.65584683418, -102.61729249616, -145.18400036004],
        [-118.65584683418, -103.3563395689, -140.23892104579],
        [-118.65584683418, -104.09538664165, -135.29384173153],
        [-118.65584683418, -104.8344337144, -130.34876241728],
        [-118.65584683418, -105.57348078714, -125.40368310303],
        [-118.65584683418, -106.31252785989, -120.45860378877],
        [-118.65584683418, -107.05157493264, -115.51352447452],
        [-118.65584683418, -107.79062200538, -110.56844516026],
        [-118.65584683418, -108.52966907813, -105.62336584601],
        [-118.65584683418, -109.26871615088, -100.67828653176],
        [-118.65584683418, -110.00776322363, -95.733207217501],
        [-118.65584683418, -110.74681029637, -90.788127903247],
        [-118.65584683418, -111.48585736912, -85.843048588993],
        [-118.65584683418, -112.22490444187, -80.897969274739],
        [-118.65584683418, -112.96395151461, -75.952889960485],
        [-118.65584683418, -113.70299858736, -71.007810646231]
],
      "InstanceCreationTime": ["114338.104000", "114338.107000", "114338.109000", "114338.120000", "114338.122000", "114338.129000", "114338.131000", "114338.133000", "114338.135000", "114338.140000", "114338.142000", "114338.144000", "114338.146000", "114338.157000", "114338.159000", "114338.161000", "114338.163000", "114338.165000", "114338.167000", "114338.169000", "114338.171000", "114338.173000"],
      "InstanceNumber": [22, 21, 20, 19, 18, 17, 16, 15, 14, 13, 12, 11, 10, 9, 8, 7, 6, 5, 4, 3, 2, 1],
      "LargestImagePixelValue": [1267, 2074, 3077, 4095, 4095, 4095, 4095, 4095, 4095, 4095, 4095, 4095, 4095, 4095, 4095, 4095, 4095, 4095, 4095, 4095, 4095, 3389],
      "SliceLocation": [-158.42147746172, -153.42147746172, -148.42147746172, -143.42147746172, -138.42147746172, -133.42147746172, -128.42147746172, -123.42147746172, -118.42147746172, -113.42147746172, -108.42147746172, -103.42147746172, -98.42147746172, -93.42147746172, -88.42147746172, -83.42147746172, -78.42147746172, -73.42147746172, -68.42147746172, -63.42147746172, -58.42147746172, -53.42147746172],
      "WindowCenter": [458.0, 674.0, 820.0, 841.0, 822.0, 734.0, 730.0, 678.0, 641.0, 732.0, 784.0, 883.0, 866.0, 952.0, 1076.0, 1123.0, 1181.0, 1268.0, 1361.0, 1305.0, 1035.0, 705.0],
      "WindowWidth": [1018.0, 1480.0, 1969.0, 2402.0, 2692.0, 2878.0, 2927.0, 2947.0, 3060.0, 3122.0, 3252.0, 3336.0, 3495.0, 3558.0, 3539.0, 3563.0, 3586.0, 3578.0, 3385.0, 2980.0, 2361.0, 1605.0]
    }
  }
}