{
  "AcquisitionMatrixPE": 448,
  "AcquisitionNumber": 1,
  "AcquisitionTime": "11:46:53.972500",
  "BaseResolution": 448,
  "BodyPartExamined": "CSPINE",
  "CoilCombinationMethod": "Adaptive Combine",
  "ConsistencyInfo": "N4_VE11C_LATEST_20160120",
  "ConversionSoftware": "dcm2niix",
  "ConversionSoftwareVersion": "v1.0.20220505",
  "DeviceSerialNumber": "167006",
  "DwellTime": 4.3e-06,
  "EchoTime": 0.014,
  "EchoTrainLength": 3,
  "FlipAngle": 30,
  "HeudiconvVersion": "0.5.3.post811+g6206e14",
  "ImageOrientationPatientDICOM": [1, 0, 0, 0, 0.989016, 0.147809],
  "ImageOrientationText": "Tra>Cor(8.5)",
  "ImageType": [
    "ORIGINAL",
    "PRIMARY",
    "M",
    "NORM",
    "DIS2D"
],
  "ImagingFrequency": 123.259,
  "InPlanePhaseEncodingDirectionDICOM": "COL",
  "InstitutionAddress": "Chemin Queen-Mary 4565,Montreal,District,CA,H3W 1W5",
  "InstitutionName": "IUGM",
  "InstitutionalDepartmentName": "Department",
  "MRAcquisitionType": "2D",
  "MagneticFieldStrength": 3,
  "Manufacturer": "Siemens",
  "ManufacturersModelName": "Prisma_fit",
  "MatrixCoilMode": "GRAPPA",
  "Modality": "MR",
  "NumberOfAverages": 2,
  "ParallelReductionFactorInPlane": 2,
  "PartialFourier": 1,
  "PatientPosition": "HFS",
  "PercentPhaseFOV": 100,
  "PercentSampling": 100,
  "PhaseEncodingDirection": "j-",
  "PhaseEncodingSteps": 447,
  "PhaseResolution": 1,
  "PixelBandwidth": 260,
  "ProcedureStepDescription": "anat^generic",
  "ProtocolName": "GRE-ME",
  "PulseSequenceDetails": "%SiemensSeq%\\medic",
  "ReceiveCoilActiveElements": "HC7;NC1,2",
  "ReceiveCoilName": "HeadNeck_64",
  "ReconMatrixPE": 448,
  "RefLinesPE": 24,
  "RepetitionTime": 0.6,
  "SAR": 0.297992,
  "ScanOptions": "SAT1",
  "ScanningSequence": "GR",
  "SequenceName": "*me2d1r3",
  "SequenceVariant": "SP",
  "SeriesDescription": "GRE-ME",
  "SeriesNumber": 39,
  "ShimSetting": [606, -7409, -9123, -1823, 109, 1001, 298, -292],
  "SliceThickness": 5,
  "SliceTiming": [0, 0.32031, 0.03906, 0.35938, 0.07812, 0.39844, 0.11719, 0.4375, 0.15625, 0.47656, 0.19531, 0.51562, 0.23438, 0.55469, 0.27344],
  "SoftwareVersions": "syngo MR E11",
  "SpacingBetweenSlices": 5,
  "StationName": "MRC35049",
  "TxRefAmp": 319.12,
  "dcmmeta_affine": [
    [-0.5, 0.0, 0.0, 115.65584564208984],
    [0.0, 0.49450793862342834, 0.7390470504760742, -123.24241638183594],
    [0.0, -0.07390470802783966, 4.945079803466797, -124.06787109375],
    [0.0, 0.0, 0.0, 1.0]
],
  "dcmmeta_reorient_transform": [
    [0.0, -1.0, 0.0, 447.0],
    [1.0, 0.0, 0.0, 0.0],
    [0.0, 0.0, -1.0, 14.0],
    [0.0, 0.0, 0.0, 1.0]
],
  "dcmmeta_shape": [448, 448, 15],
  "dcmmeta_slice_dim": 2,
  "dcmmeta_version": 0.6,
  "global": {
    "const": {
      "AcquisitionMatrix": [448, 0, 0, 448],
      "AcquisitionNumber": 1,
      "AngioFlag": "N",
      "BitsAllocated": 16,
      "BitsStored": 12,
      "BodyPartExamined": "CSPINE",
      "Columns": 448,
      "EchoNumbers": 1,
      "EchoTime": 14.0,
      "EchoTrainLength": 3,
      "FlipAngle": 30.0,
      "HighBit": 11,
      "ImageOrientationPatient": [1.0, 0.0, 0.0, 0.0, 0.98901586285082, 0.14780941454941],
      "ImageType": [
        "ORIGINAL",
        "PRIMARY",
        "M",
        "NORM",
        "DIS2D"
],
      "ImagedNucleus": "1H",
      "ImagingFrequency": 123.258747,
      "InPlanePhaseEncodingDirection": "COL",
      "MRAcquisitionType": "2D",
      "MagneticFieldStrength": 3.0,
      "Manufacturer": "SIEMENS",
      "ManufacturerModelName": "Prisma_fit",
      "Modality": "MR",
      "NumberOfAverages": 2.0,
      "NumberOfPhaseEncodingSteps": 447,
      "PercentPhaseFieldOfView": 100.0,
      "PercentSampling": 100.0,
      "PerformedProcedureStepStartTime": "103537.977000",
      "PhotometricInterpretation": "MONOCHROME2",
      "PixelBandwidth": 260.0,
      "PixelRepresentation": 0,
      "PixelSpacing": [0.5, 0.5],
      "ProtocolName": "GRE-ME",
      "RepetitionTime": 600.0,
      "Rows": 448,
      "SAR": 0.29799200173837,
      "SamplesPerPixel": 1,
      "ScanOptions": "SAT1",
      "ScanningSequence": "GR",
      "SequenceName": "*me2d1r3",
      "SequenceVariant": "SP",
      "SeriesDescription": "GRE-ME",
      "SeriesNumber": 39,
      "SeriesTime": "115139.841000",
      "SliceThickness": 5.0,
      "SmallestImagePixelValue": 0,
      "SoftwareVersions": "syngo MR E11",
      "SpacingBetweenSlices": 5.0,
      "SpecificCharacterSet": "ISO_IR 100",
      "StudyID": "1",
      "StudyTime": "103537.901000",
      "TransmitCoilName": "Body",
      "VariableFlipAngleFlag": "N",
      "WindowCenterWidthExplanation": "Algo1",
      "dBdt": 0.0},
    "slices": {
      "AcquisitionTime": ["114653.692500", "114654.012500", "114653.732500", "114654.052500", "114653.772500", "114654.092500", "114653.812500", "114654.132500", "114653.852500", "114654.172500", "114653.892500", "114654.212500", "114653.932500", "114654.252500", "114653.972500"],
      "ContentTime": ["115139.844000", "115139.881000", "115139.847000", "115139.883000", "115139.862000", "115139.885000", "115139.864000", "115139.887000", "115139.866000", "115139.889000", "115139.868000", "115139.891000", "115139.870000", "115139.893000", "115139.879000"],
      "CsaImage.ICE_Dims": [
        "X_1_1_1_1_1_1_1_1_1_15_1_105",
        "X_1_1_1_1_1_1_9_1_1_14_1_105",
        "X_1_1_1_1_1_1_2_1_1_13_1_105",
        "X_1_1_1_1_1_1_10_1_1_12_1_105",
        "X_1_1_1_1_1_1_3_1_1_11_1_105",
        "X_1_1_1_1_1_1_11_1_1_10_1_105",
        "X_1_1_1_1_1_1_4_1_1_9_1_105",
        "X_1_1_1_1_1_1_12_1_1_8_1_105",
        "X_1_1_1_1_1_1_5_1_1_7_1_105",
        "X_1_1_1_1_1_1_13_1_1_6_1_105",
        "X_1_1_1_1_1_1_6_1_1_5_1_105",
        "X_1_1_1_1_1_1_14_1_1_4_1_105",
        "X_1_1_1_1_1_1_7_1_1_3_1_105",
        "X_1_1_1_1_1_1_15_1_1_2_1_105",
        "X_1_1_1_1_1_1_8_1_1_1_1_105"
],
      "CsaImage.ProtocolSliceNumber": [0, 1, 2, 3, 4, 5, 6, 7, 8, 9, 10, 11, 12, 13, 14],
      "CsaImage.SlicePosition_PCS": [
        [-115.65584683, -97.80262786, -51.10326893],
        [-115.65584683, -98.54167491, -46.15819104],
        [-115.65584683, -99.28072196, -41.21311123],
        [-115.65584683, -100.01976901, -36.26803334],
        [-115.65584683, -100.75881606, -31.32295353],
        [-115.65584683, -101.49786311, -26.37787373],
        [-115.65584683, -102.23691016, -21.4327944],
        [-115.65584683, -102.97595673, -16.4877152],
        [-115.65584683, -103.71500379, -11.54263575],
        [-115.65584683, -104.45405084, -6.59755642],
        [-115.65584683, -105.19309789, -1.65247757],
        [-115.65584683, -105.93214494, 3.29260128],
        [-115.65584683, -106.67119199, 8.23768108],
        [-115.65584683, -107.41023928, 13.18276088],
        [-115.65584683, -108.14928633, 18.12784069]
],
      "ImagePositionPatient": [
        [-115.65584683418, -97.802627858469, -157.10326893149],
        [-115.65584683418, -98.541674908945, -152.15819103537],
        [-115.65584683418, -99.280721959421, -147.2131112319],
        [-115.65584683418, -100.0197690099, -142.26803333578],
        [-115.65584683418, -100.75881606037, -137.32295353232],
        [-115.65584683418, -101.49786311085, -132.37787372885],
        [-115.65584683418, -102.23691016133, -127.43279440222],
        [-115.65584683418, -102.97595673496, -122.48771520225],
        [-115.65584683418, -103.71500378544, -117.54263574896],
        [-115.65584683418, -104.45405083592, -112.59755642233],
        [-115.65584683418, -105.19309788639, -107.65247757254],
        [-115.65584683418, -105.93214493687, -102.70739872275],
        [-115.65584683418, -106.67119198734, -97.76231891928],
        [-115.65584683418, -107.41023927624, -92.817239115813],
        [-115.65584683418, -108.14928632672, -87.872159312346]
],
      "InstanceCreationTime": ["115139.844000", "115139.881000", "115139.847000", "115139.883000", "115139.862000", "115139.885000", "115139.864000", "115139.887000", "115139.866000", "115139.889000", "115139.868000", "115139.891000", "115139.870000", "115139.893000", "115139.879000"],
      "InstanceNumber": [15, 14, 13, 12, 11, 10, 9, 8, 7, 6, 5, 4, 3, 2, 1],
      "LargestImagePixelValue": [1245, 1319, 1359, 1465, 1439, 1560, 1463, 1445, 1589, 1673, 1674, 1661, 1397, 1384, 1503],
      "SliceLocation": [-140.92147591381, -135.92147731966, -130.92147683911, -125.92147824496, -120.92147776441, -115.92147728387, -110.92147727492, -105.92147746172, -100.9214773275, -95.921477318556, -90.921477781207, -85.921478243859, -80.921477763312, -75.921477247524, -70.921476766977],
      "WindowCenter": [472.0, 469.0, 481.0, 476.0, 494.0, 502.0, 500.0, 513.0, 525.0, 530.0, 525.0, 516.0, 512.0, 508.0, 523.0],
      "WindowWidth": [994.0, 989.0, 1012.0, 1000.0, 1035.0, 1051.0, 1047.0, 1080.0, 1106.0, 1113.0, 1104.0, 1088.0, 1079.0, 1070.0, 1105.0]
    }
  }
}