{
  "AcquisitionMatrixPE": 32,
  "AcquisitionNumber": 1,
  "AcquisitionTime": "13:44:20.280000",
  "BaseResolution": 32,
  "BodyPartExamined": "BRAIN",
  "CoilCombinationMethod": "Sum of Squares",
  "ConsistencyInfo": "N4_VE11C_LATEST_20160120",
  "ConversionSoftware": "dcm2niix",
  "ConversionSoftwareVersion": "v1.0.20211006",
  "DeviceSerialNumber": "167006",
  "DwellTime": 3.18e-05,
  "EchoTime": 0.00184,
  "FlipAngle": 79.99,
  "HeudiconvVersion": "0.5.3.post569+g418601f",
  "ImageComments": "flip angle map",
  "ImageOrientationPatientDICOM": [1, 0, 0, 0, 0.956305, -0.292372],
  "ImageOrientationText": "Tra>Cor(-17.0)",
  "ImageType": [
    "ORIGINAL",
    "PRIMARY",
    "FLIP ANGLE MAP",
    "DIS2D"
],
  "ImagingFrequency": 123.259,
  "InPlanePhaseEncodingDirectionDICOM": "COL",
  "InstitutionAddress": "Chemin Queen-Mary 4565,Montreal,District,CA,H3W 1W5",
  "InstitutionName": "IUGM",
  "InstitutionalDepartmentName": "Department",
  "MRAcquisitionType": "2D",
  "MagneticFieldStrength": 3,
  "Manufacturer": "Siemens",
  "ManufacturersModelName": "Prisma_fit",
  "MatrixCoilMode": "SENSE",
  "Modality": "MR",
  "PartialFourier": 1,
  "PatientPosition": "HFS",
  "PercentPhaseFOV": 100,
  "PercentSampling": 100,
  "PhaseEncodingDirection": "j-",
  "PhaseEncodingSteps": 32,
  "PhaseResolution": 1,
  "PixelBandwidth": 490,
  "ProcedureStepDescription": "anat^generic",
  "ProtocolName": "tfl_b1map_6mm",
  "PulseSequenceDetails": "%SiemensSeq%\\tfl_b1map",
  "ReceiveCoilActiveElements": "HC1-7;NC1",
  "ReceiveCoilName": "HeadNeck_64",
  "ReconMatrixPE": 32,
  "RepetitionTime": 10,
  "SAR": 0.00446366,
  "ScanningSequence": "GR",
  "SequenceName": "tfl2d1_512",
  "SequenceVariant": "SK\\SP",
  "SeriesDescription": "tfl_b1map_6mm",
  "SeriesNumber": 21,
  "ShimSetting": [639, -7241, -8902, 704, 44, -130, 70, -7],
  "SliceThickness": 6,
  "SliceTiming": [5.04688, 0, 5.54688, 0.51562, 6.04688, 1.01562, 6.5625, 1.51562, 7.0625, 2.01562, 7.5625, 2.53125, 8.07812, 3.03125, 8.57812, 3.53125, 9.07812, 4.03125, 9.57812, 4.54688],
  "SoftwareVersions": "syngo MR E11",
  "SpacingBetweenSlices": 7.2,
  "SpoilingState": true,
  "StationName": "MRC35049",
  "TxRefAmp": 209.644,
  "dcmmeta_affine": [
    [-6.0, 0.0, 0.0, 98.0],
    [0.0, 5.737828731536865, -2.1050758361816406, -58.22861862182617],
    [0.0, 1.754230260848999, 6.8853912353515625, -69.25724792480469],
    [0.0, 0.0, 0.0, 1.0]
],
  "dcmmeta_reorient_transform": [
    [0.0, -1.0, 0.0, 31.0],
    [1.0, 0.0, 0.0, 0.0],
    [0.0, 0.0, -1.0, 19.0],
    [0.0, 0.0, 0.0, 1.0]
],
  "dcmmeta_shape": [32, 32, 20],
  "dcmmeta_slice_dim": 2,
  "dcmmeta_version": 0.6,
  "global": {
    "const": {
      "AcquisitionMatrix": [32, 0, 0, 32],
      "AcquisitionNumber": 1,
      "AngioFlag": "N",
      "BitsAllocated": 16,
      "BitsStored": 12,
      "BodyPartExamined": "BRAIN",
      "Columns": 32,
      "EchoNumbers": 1,
      "EchoTime": 1.84,
      "EchoTrainLength": 1,
      "FlipAngle": 79.99,
      "HighBit": 11,
      "ImageOrientationPatient": [1.0, 0.0, 0.0, 0.0, 0.95630475535632, -0.2923717067072],
      "ImageType": [
        "ORIGINAL",
        "PRIMARY",
        "FLIP ANGLE MAP",
        "DIS2D"
],
      "ImagedNucleus": "1H",
      "ImagingFrequency": 123.258916,
      "InPlanePhaseEncodingDirection": "COL",
      "MRAcquisitionType": "2D",
      "MagneticFieldStrength": 3.0,
      "Manufacturer": "SIEMENS",
      "ManufacturerModelName": "Prisma_fit",
      "Modality": "MR",
      "NumberOfAverages": 1.0,
      "NumberOfPhaseEncodingSteps": 32,
      "PercentPhaseFieldOfView": 100.0,
      "PercentSampling": 100.0,
      "PerformedProcedureStepStartTime": "130056.307000",
      "PhotometricInterpretation": "MONOCHROME2",
      "PixelBandwidth": 490.0,
      "PixelRepresentation": 0,
      "PixelSpacing": [6.0, 6.0],
      "ProtocolName": "tfl_b1map_6mm",
      "RepetitionTime": 10000.0,
      "Rows": 32,
      "SAR": 0.00446365535495,
      "SamplesPerPixel": 1,
      "ScanningSequence": "GR",
      "SequenceName": "tfl2d1_512",
      "SequenceVariant": [
        "SK",
        "SP"
],
      "SeriesDescription": "tfl_b1map_6mm",
      "SeriesNumber": 21,
      "SeriesTime": "134425.561000",
      "SliceThickness": 6.0,
      "SmallestImagePixelValue": 0,
      "SoftwareVersions": "syngo MR E11",
      "SpacingBetweenSlices": 7.2,
      "SpecificCharacterSet": "ISO_IR 100",
      "StudyID": "1",
      "StudyTime": "130056.150000",
      "TransmitCoilName": "Body",
      "VariableFlipAngleFlag": "N",
      "WindowCenterWidthExplanation": "Algo1",
      "dBdt": 0.0},
    "slices": {
      "AcquisitionTime": ["134420.280000", "134415.237500", "134420.785000", "134415.742500", "134421.287500", "134416.247500", "134421.792500", "134416.750000", "134422.297500", "134417.255000", "134422.800000", "134417.760000", "134423.305000", "134418.262500", "134423.810000", "134418.767500", "134424.315000", "134419.272500", "134424.817500", "134419.775000"],
      "ContentTime": ["134425.584000", "134425.564000", "134425.586000", "134425.566000", "134425.588000", "134425.568000", "134425.590000", "134425.570000", "134425.591000", "134425.572000", "134425.593000", "134425.574000", "134425.595000", "134425.576000", "134425.597000", "134425.578000", "134425.599000", "134425.580000", "134425.601000", "134425.582000"],
      "CsaImage.ICE_Dims": [
        "X_1_1_2_1_1_1_11_1_1_1_1_108",
        "X_1_1_2_1_1_1_1_1_1_2_1_108",
        "X_1_1_2_1_1_1_12_1_1_3_1_108",
        "X_1_1_2_1_1_1_2_1_1_4_1_108",
        "X_1_1_2_1_1_1_13_1_1_5_1_108",
        "X_1_1_2_1_1_1_3_1_1_6_1_108",
        "X_1_1_2_1_1_1_14_1_1_7_1_108",
        "X_1_1_2_1_1_1_4_1_1_8_1_108",
        "X_1_1_2_1_1_1_15_1_1_9_1_108",
        "X_1_1_2_1_1_1_5_1_1_10_1_108",
        "X_1_1_2_1_1_1_16_1_1_11_1_108",
        "X_1_1_2_1_1_1_6_1_1_12_1_108",
        "X_1_1_2_1_1_1_17_1_1_13_1_108",
        "X_1_1_2_1_1_1_7_1_1_14_1_108",
        "X_1_1_2_1_1_1_18_1_1_15_1_108",
        "X_1_1_2_1_1_1_8_1_1_16_1_108",
        "X_1_1_2_1_1_1_19_1_1_17_1_108",
        "X_1_1_2_1_1_1_9_1_1_18_1_108",
        "X_1_1_2_1_1_1_20_1_1_19_1_108",
        "X_1_1_2_1_1_1_10_1_1_20_1_108"
],
      "CsaImage.ProtocolSliceNumber": [0, 1, 2, 3, 4, 5, 6, 7, 8, 9, 10, 11, 12, 13, 14, 15, 16, 17, 18, 19],
      "CsaImage.SliceMeasurementDuration": [127.5, 130.0, 127.5, 127.5, 130.0, 127.5, 127.5, 130.0, 127.5, 127.5, 130.0, 127.5, 127.5, 130.0, 127.5, 127.5, 127.5, 127.5, 130.0, 130.0],
      "CsaImage.SlicePosition_PCS": [
        [-98.0, -119.64407411, -36.87616381],
        [-98.0, -117.53899827, -29.99077258],
        [-98.0, -115.43392244, -23.10537753],
        [-98.0, -113.3288466, -16.21998248],
        [-98.0, -111.22376886, -9.33458743],
        [-98.0, -109.11869302, -2.44919428],
        [-98.0, -107.01361719, 4.43620077],
        [-98.0, -104.9085404, 11.32159391],
        [-98.0, -102.80346456, 18.20698896],
        [-98.0, -100.69838777, 25.09238282],
        [-98.0, -98.59331193, 31.97777691],
        [-98.0, -96.48823562, 38.86317125],
        [-98.0, -94.38315931, 45.74856534],
        [-98.0, -92.27808314, 52.63396039],
        [-98.0, -90.17300692, 59.51935354],
        [-98.0, -88.06793061, 66.40474668],
        [-98.0, -85.96285453, 73.29014173],
        [-98.0, -83.85777822, 80.17553678],
        [-98.0, -81.75270143, 87.06093183],
        [-98.0, -79.64762559, 93.94632307]
],
      "CsaImage.TimeAfterStart": [15.125, 10.0825, 15.63, 10.5875, 16.1325, 11.0925, 16.6375, 11.595, 17.1425, 12.1, 17.645, 12.605, 18.15, 13.1075, 18.655, 13.6125, 19.16, 14.1175, 19.6625, 14.62],
      "ImagePositionPatient": [
        [-98.0, -119.64407411064, -14.876163812358],
        [-98.0, -117.53899827446, -7.9907725770063],
        [-98.0, -115.43392243828, -1.1053775269574],
        [-98.0, -113.3288466021, 5.7800175230914],
        [-98.0, -111.22376885857, 12.66541257314],
        [-98.0, -109.11869302239, 19.55080571584],
        [-98.0, -107.0136171862, 26.436200765889],
        [-98.0, -104.90854039635, 33.321593908589],
        [-98.0, -102.80346456017, 40.206988958638],
        [-98.0, -100.69838777031, 47.092382816594],
        [-98.0, -98.593311934129, 53.977776912969],
        [-98.0, -96.48823562111, 60.863171247762],
        [-98.0, -94.383159308091, 67.748565344136],
        [-98.0, -92.278083144084, 74.633960394185],
        [-98.0, -90.173006920472, 81.519353536885],
        [-98.0, -88.067930607453, 88.404746679586],
        [-98.0, -85.962854532853, 95.290141729634],
        [-98.0, -83.857778219834, 102.17553677968],
        [-98.0, -81.752701429978, 109.06093182973],
        [-98.0, -79.647625593797, 115.94632306508]
],
      "InstanceCreationTime": ["134425.584000", "134425.564000", "134425.586000", "134425.566000", "134425.588000", "134425.568000", "134425.590000", "134425.570000", "134425.591000", "134425.572000", "134425.593000", "134425.574000", "134425.595000", "134425.576000", "134425.597000", "134425.578000", "134425.599000", "134425.580000", "134425.601000", "134425.582000"],
      "InstanceNumber": [11, 1, 12, 2, 13, 3, 14, 4, 15, 5, 16, 6, 17, 7, 18, 8, 19, 9, 20, 10],
      "LargestImagePixelValue": [2001, 1954, 1995, 1947, 1043, 1045, 1081, 1066, 1652, 2023, 1362, 2108, 2048, 2030, 1948, 2159, 2033, 2309, 2359, 2077],
      "SliceLocation": [-49.20668834035, -42.006691344522, -34.806690700681, -27.60669005684, -20.406688855344, -13.206690035509, -6.0066893916681, 1.1933097069938, 8.3933103508349, 15.593310133499, 22.793309865337, 29.993309964589, 37.193309835841, 44.393310575529, 51.593309508637, 58.793308467885, 65.993309181433, 73.193309964688, 80.393310887357, 87.593307883185],
      "WindowCenter": [1041.0, 1027.0, 1072.0, 1018.0, 1041.0, 1041.0, 1086.0, 1069.0, 1125.0, 1118.0, 1063.0, 1110.0, 1094.0, 1106.0, 1105.0, 1089.0, 1109.0, 1171.0, 1219.0, 1291.0],
      "WindowWidth": [1799.0, 1678.0, 1801.0, 1584.0, 1613.0, 1613.0, 1739.0, 1644.0, 1827.0, 1852.0, 1631.0, 1896.0, 1821.0, 1942.0, 1909.0, 1931.0, 2020.0, 2174.0, 2311.0, 2560.0]
    }
  }
}