{
  "AcquisitionMatrixPE": 256,
  "AcquisitionNumber": 1,
  "AcquisitionTime": "11:39:5.967500",
  "BaseResolution": 256,
  "BodyPartExamined": "CSPINE",
  "CoilString": "HC5-7;NC1_2",
  "ConsistencyInfo": "N4_VE11C_LATEST_20160120",
  "ConversionSoftware": "dcm2niix",
  "ConversionSoftwareVersion": "v1.0.20190902",
  "DeviceSerialNumber": "167006",
  "DwellTime": 7.5e-06,
  "EchoTime": 0.00313,
  "FlipAngle": 9,
  "ImageOrientationPatientDICOM": [0.999827, -0.00465483, 0.0179935, 6.02878e-08, 0.96813, 0.250447],
  "ImageType": [
    "ORIGINAL",
    "PRIMARY",
    "M",
    "DIS2D"
],
  "ImagingFrequency": 123.259,
  "InPlanePhaseEncodingDirectionDICOM": "COL",
  "InstitutionAddress": "Chemin_Queen-Mary_4565_Montreal_District_CA_H3W_1W5",
  "InstitutionName": "IUGM",
  "InstitutionalDepartmentName": "Department",
  "MRAcquisitionType": "3D",
  "MagneticFieldStrength": 3,
  "Manufacturer": "Siemens",
  "ManufacturersModelName": "Prisma_fit",
  "Modality": "MR",
  "ParallelReductionFactorInPlane": 2,
  "PartialFourier": 1,
  "PatientPosition": "HFS",
  "PercentPhaseFOV": 100,
  "PhaseEncodingSteps": 255,
  "PhaseResolution": 1,
  "PixelBandwidth": 260,
  "ProcedureStepDescription": "anat_generic",
  "ProtocolName": "GRE-MT1",
  "PulseSequenceDetails": "%SiemensSeq%_gre",
  "ReceiveCoilActiveElements": "HC5-7;NC1,2",
  "ReceiveCoilName": "HeadNeck_64",
  "ReconMatrixPE": 256,
  "RefLinesPE": 32,
  "RepetitionTime": 0.035,
  "SAR": 0.512616,
  "ScanOptions": "MT",
  "ScanningSequence": "GR",
  "SequenceName": "_fl3d1",
  "SequenceVariant": "MTC_SP",
  "SeriesDescription": "GRE-MT1",
  "SeriesNumber": 34,
  "ShimSetting": [590, -7352, -9046, -791, -124, 2755, -33, 30],
  "SliceThickness": 5,
  "SoftwareVersions": "syngo_MR_E11",
  "StationName": "MRC35049",
  "TxRefAmp": 254.594,
  "dcmmeta_affine": [
    [0.8982822895050049, 5.416482196096695e-08, 0.09292919188737869, -115.08233642578125],
    [-0.004182074218988419, 0.8698045015335083, 1.252020001411438, -139.18115234375],
    [-0.01616603136062622, -0.2250111997127533, 4.839815139770508, -127.78014373779297],
    [0.0, 0.0, 0.0, 1.0]
],
  "dcmmeta_reorient_transform": [
    [0.0, -1.0, 0.0, 255.0],
    [-1.0, 0.0, 0.0, 255.0],
    [0.0, 0.0, -1.0, 21.0],
    [0.0, 0.0, 0.0, 1.0]
],
  "dcmmeta_shape": [256, 256, 22],
  "dcmmeta_slice_dim": 2,
  "dcmmeta_version": 0.6,
  "global": {
    "const": {
      "AcquisitionMatrix": [256, 0, 0, 256],
      "AcquisitionNumber": 1,
      "AcquisitionTime": "113905.967500",
      "AngioFlag": "N",
      "BitsAllocated": 16,
      "BitsStored": 12,
      "BodyPartExamined": "CSPINE",
      "Columns": 256,
      "EchoNumbers": 1,
      "EchoTime": 3.13,
      "EchoTrainLength": 1,
      "FlipAngle": 9.0,
      "HighBit": 11,
      "ImageOrientationPatient": [0.99982726840043, -0.0046548303948, 0.0179934965174, 6.0287803e-08, 0.96813024553675, 0.25044725527933],
      "ImageType": [
        "ORIGINAL",
        "PRIMARY",
        "M",
        "DIS2D"
],
      "ImagedNucleus": "1H",
      "ImagingFrequency": 123.259185,
      "InPlanePhaseEncodingDirection": "COL",
      "MRAcquisitionType": "3D",
      "MagneticFieldStrength": 3.0,
      "Manufacturer": "SIEMENS",
      "ManufacturerModelName": "Prisma_fit",
      "Modality": "MR",
      "NumberOfAverages": 1.0,
      "NumberOfPhaseEncodingSteps": 255,
      "PercentPhaseFieldOfView": 100.0,
      "PercentSampling": 100.0,
      "PerformedProcedureStepStartTime": "101209.109000",
      "PhotometricInterpretation": "MONOCHROME2",
      "PixelBandwidth": 260.0,
      "PixelRepresentation": 0,
      "PixelSpacing": [0.8984375, 0.8984375],
      "ProtocolName": "GRE-MT1",
      "RepetitionTime": 35.0,
      "Rows": 256,
      "SAR": 0.51261598588793,
      "SamplesPerPixel": 1,
      "ScanOptions": "MT",
      "ScanningSequence": "GR",
      "SequenceName": "*fl3d1",
      "SequenceVariant": [
        "MTC",
        "SP"
],
      "SeriesDescription": "GRE-MT1",
      "SeriesNumber": 34,
      "SeriesTime": "114120.439000",
      "SliceThickness": 5.0,
      "SmallestImagePixelValue": 0,
      "SoftwareVersions": "syngo MR E11",
      "SpecificCharacterSet": "ISO_IR 100",
      "StudyID": "1",
      "StudyTime": "101209.015000",
      "TransmitCoilName": "Body",
      "VariableFlipAngleFlag": "N",
      "WindowCenterWidthExplanation": "Algo1",
      "dBdt": 0.0},
    "slices": {
      "ContentTime": ["114120.442000", "114120.445000", "114120.447000", "114120.449000", "114120.454000", "114120.460000", "114120.462000", "114120.464000", "114120.466000", "114120.468000", "114120.470000", "114120.472000", "114120.474000", "114120.476000", "114120.478000", "114120.480000", "114120.482000", "114120.484000", "114120.486000", "114120.488000", "114120.490000", "114120.492000"],
      "CsaImage.Actual3DImaPartNumber": [0, 1, 2, 3, 4, 5, 6, 7, 8, 9, 10, 11, 12, 13, 14, 15, 16, 17, 18, 19, 20, 21],
      "CsaImage.ICE_Dims": [
        "X_1_1_1_1_1_1_1_1_1_1_1_138",
        "X_1_1_1_1_1_2_1_1_1_1_1_138",
        "X_1_1_1_1_1_3_1_1_1_1_1_138",
        "X_1_1_1_1_1_4_1_1_1_1_1_138",
        "X_1_1_1_1_1_5_1_1_1_1_1_138",
        "X_1_1_1_1_1_6_1_1_1_1_1_138",
        "X_1_1_1_1_1_7_1_1_1_1_1_138",
        "X_1_1_1_1_1_8_1_1_1_1_1_138",
        "X_1_1_1_1_1_9_1_1_1_1_1_138",
        "X_1_1_1_1_1_10_1_1_1_1_1_138",
        "X_1_1_1_1_1_11_1_1_1_1_1_138",
        "X_1_1_1_1_1_12_1_1_1_1_1_138",
        "X_1_1_1_1_1_13_1_1_1_1_1_138",
        "X_1_1_1_1_1_14_1_1_1_1_1_138",
        "X_1_1_1_1_1_15_1_1_1_1_1_138",
        "X_1_1_1_1_1_16_1_1_1_1_1_138",
        "X_1_1_1_1_1_17_1_1_1_1_1_138",
        "X_1_1_1_1_1_18_1_1_1_1_1_138",
        "X_1_1_1_1_1_19_1_1_1_1_1_138",
        "X_1_1_1_1_1_20_1_1_1_1_1_138",
        "X_1_1_1_1_1_21_1_1_1_1_1_138",
        "X_1_1_1_1_1_22_1_1_1_1_1_138"
],
      "CsaImage.SlicePosition_PCS": [
        [-113.97966744, -81.55257766, -81.28033912],
        [-114.07259663, -82.80459763, -76.44052402],
        [-114.16552582, -84.0566176, -71.60070893],
        [-114.25845501, -85.30863757, -66.76089383],
        [-114.3513842, -86.56065754, -61.92107874],
        [-114.44431339, -87.81267751, -57.08126364],
        [-114.53724257, -89.06469748, -52.24144855],
        [-114.63017176, -90.31671745, -47.40163345],
        [-114.72310095, -91.56873742, -42.56181836],
        [-114.81603014, -92.82075739, -37.72200326],
        [-114.90895933, -94.07277736, -32.88218816],
        [-115.00188852, -95.32479734, -28.04237307],
        [-115.0948177, -96.57681731, -23.20255797],
        [-115.18774689, -97.82883728, -18.36274288],
        [-115.28067608, -99.08085725, -13.52292778],
        [-115.37360527, -100.33287722, -8.68311269],
        [-115.46653446, -101.58489719, -3.84329759],
        [-115.55946365, -102.83691716, 0.99651751],
        [-115.65239284, -104.08893713, 5.8363326],
        [-115.74532202, -105.3409571, 10.6761477],
        [-115.83825121, -106.59297707, 15.51596279],
        [-115.9311804, -107.84499704, 20.35577789]
],
      "ImagePositionPatient": [
        [-113.97966744309, -81.552577663014, -189.28033912063],
        [-114.07259663158, -82.804597633211, -184.44052402497],
        [-114.16552582007, -84.056617603409, -179.60070892931],
        [-114.25845500856, -85.308637573607, -174.76089383366],
        [-114.35138419705, -86.560657543804, -169.921078738],
        [-114.44431338553, -87.812677514002, -165.08126364234],
        [-114.53724257402, -89.0646974842, -160.24144854669],
        [-114.63017176251, -90.316717454397, -155.40163345103],
        [-114.723100951, -91.568737424595, -150.56181835537],
        [-114.81603013949, -92.820757394792, -145.72200325971],
        [-114.90895932797, -94.07277736499, -140.88218816406],
        [-115.00188851646, -95.324797335188, -136.0423730684],
        [-115.09481770495, -96.576817305385, -131.20255797274],
        [-115.18774689344, -97.828837275583, -126.36274287708],
        [-115.28067608193, -99.080857245781, -121.52292778143],
        [-115.37360527042, -100.33287721598, -116.68311268577],
        [-115.4665344589, -101.58489718618, -111.84329759011],
        [-115.55946364739, -102.83691715637, -107.00348249445],
        [-115.65239283588, -104.08893712657, -102.1636673988],
        [-115.74532202437, -105.34095709677, -97.323852303139],
        [-115.83825121286, -106.59297706697, -92.484037207482],
        [-115.93118040134, -107.84499703716, -87.644222111824]
],
      "InstanceCreationTime": ["114120.442000", "114120.445000", "114120.447000", "114120.449000", "114120.454000", "114120.460000", "114120.462000", "114120.464000", "114120.466000", "114120.468000", "114120.470000", "114120.472000", "114120.474000", "114120.476000", "114120.478000", "114120.480000", "114120.482000", "114120.484000", "114120.486000", "114120.488000", "114120.490000", "114120.492000"],
      "InstanceNumber": [22, 21, 20, 19, 18, 17, 16, 15, 14, 13, 12, 11, 10, 9, 8, 7, 6, 5, 4, 3, 2, 1],
      "LargestImagePixelValue": [2206, 2651, 3172, 3733, 4095, 4095, 4095, 4095, 4095, 4095, 4095, 4095, 4095, 4095, 4095, 4095, 4095, 4095, 4095, 4095, 4095, 2949],
      "SliceLocation": [-160.67686974647, -155.67686974647, -150.67686974647, -145.67686974647, -140.67686974647, -135.67686974647, -130.67686974647, -125.67686974647, -120.67686974647, -115.67686974647, -110.67686974647, -105.67686974647, -100.67686974647, -95.676869746471, -90.676869746471, -85.676869746471, -80.676869746471, -75.676869746471, -70.676869746471, -65.676869746471, -60.676869746471, -55.676869746471],
      "WindowCenter": [685.0, 799.0, 791.0, 735.0, 697.0, 630.0, 581.0, 553.0, 520.0, 518.0, 594.0, 670.0, 764.0, 821.0, 826.0, 874.0, 958.0, 1026.0, 1100.0, 1109.0, 905.0, 651.0],
      "WindowWidth": [1527.0, 1871.0, 1972.0, 2214.0, 2356.0, 2449.0, 2515.0, 2578.0, 2636.0, 2686.0, 2706.0, 2751.0, 2811.0, 2918.0, 3037.0, 3147.0, 3256.0, 3211.0, 3054.0, 2700.0, 2132.0, 1499.0]
    }
  }
}