{
  "AcquisitionMatrixPE": 256,
  "AcquisitionNumber": 1,
  "AcquisitionTime": "16:41:27.000000",
  "BaseResolution": 256,
  "BodyPartExamined": "CSPINE",
  "CoilString": "HC5-7;NC1_2",
  "ConsistencyInfo": "N4_VE11C_LATEST_20160120",
  "ConversionSoftware": "dcm2niix",
  "ConversionSoftwareVersion": "v1.0.20190902",
  "DeviceSerialNumber": "167006",
  "DwellTime": 7.5e-06,
  "EchoTime": 0.00313,
  "FlipAngle": 9,
  "ImageOrientationPatientDICOM": [0.996426, -0.0698611, 0.0474873, 0.060944, 0.983808, 0.168544],
  "ImageType": [
    "ORIGINAL",
    "PRIMARY",
    "M",
    "DIS2D"
],
  "ImagingFrequency": 123.259,
  "InPlanePhaseEncodingDirectionDICOM": "COL",
  "InstitutionAddress": "Chemin_Queen-Mary_4565_Montreal_District_CA_H3W_1W5",
  "InstitutionName": "IUGM",
  "InstitutionalDepartmentName": "Department",
  "MRAcquisitionType": "3D",
  "MagneticFieldStrength": 3,
  "Manufacturer": "Siemens",
  "ManufacturersModelName": "Prisma_fit",
  "Modality": "MR",
  "ParallelReductionFactorInPlane": 2,
  "PartialFourier": 1,
  "PatientPosition": "HFS",
  "PercentPhaseFOV": 100,
  "PhaseEncodingSteps": 255,
  "PhaseResolution": 1,
  "PixelBandwidth": 260,
  "ProcedureStepDescription": "hcptrt_generic",
  "ProtocolName": "GRE-MT0",
  "PulseSequenceDetails": "%SiemensSeq%_gre",
  "ReceiveCoilActiveElements": "HC5-7;NC1,2",
  "ReceiveCoilName": "HeadNeck_64",
  "ReconMatrixPE": 256,
  "RefLinesPE": 32,
  "RepetitionTime": 0.035,
  "SAR": 0.00720599,
  "ScanningSequence": "GR",
  "SequenceName": "_fl3d1",
  "SequenceVariant": "SP",
  "SeriesDescription": "GRE-MT0",
  "SeriesNumber": 37,
  "ShimSetting": [579, -7368, -9119, -736, -53, 1215, 451, 52],
  "SliceThickness": 5,
  "SoftwareVersions": "syngo_MR_E11",
  "StationName": "MRC35049",
  "TxRefAmp": 325.962,
  "dcmmeta_affine": [
    [0.8952262997627258, 0.054754383862018585, 0.29246512055397034, -131.13992309570312],
    [-0.06276579201221466, 0.8838902711868286, 0.8252379894256592, -124.7028579711914],
    [-0.04266433045268059, -0.1514263153076172, 4.92274808883667, -130.43804931640625],
    [0.0, 0.0, 0.0, 1.0]
],
  "dcmmeta_reorient_transform": [
    [0.0, -1.0, 0.0, 255.0],
    [-1.0, 0.0, 0.0, 255.0],
    [0.0, 0.0, -1.0, 21.0],
    [0.0, 0.0, 0.0, 1.0]
],
  "dcmmeta_shape": [256, 256, 22],
  "dcmmeta_slice_dim": 2,
  "dcmmeta_version": 0.6,
  "global": {
    "const": {
      "AcquisitionMatrix": [256, 0, 0, 256],
      "AcquisitionNumber": 1,
      "AcquisitionTime": "164127.000000",
      "AngioFlag": "N",
      "BitsAllocated": 16,
      "BitsStored": 12,
      "BodyPartExamined": "CSPINE",
      "Columns": 256,
      "EchoNumbers": 1,
      "EchoTime": 3.13,
      "EchoTrainLength": 1,
      "FlipAngle": 9.0,
      "HighBit": 11,
      "ImageOrientationPatient": [0.99642580949687, -0.0698610521947, 0.04748725676179, 0.06094401131194, 0.98380827605137, 0.16854406978014],
      "ImageType": [
        "ORIGINAL",
        "PRIMARY",
        "M",
        "DIS2D"
],
      "ImagedNucleus": "1H",
      "ImagingFrequency": 123.259334,
      "InPlanePhaseEncodingDirection": "COL",
      "MRAcquisitionType": "3D",
      "MagneticFieldStrength": 3.0,
      "Manufacturer": "SIEMENS",
      "ManufacturerModelName": "Prisma_fit",
      "Modality": "MR",
      "NumberOfAverages": 1.0,
      "NumberOfPhaseEncodingSteps": 255,
      "PercentPhaseFieldOfView": 100.0,
      "PercentSampling": 100.0,
      "PerformedProcedureStepStartTime": "151607.263000",
      "PhotometricInterpretation": "MONOCHROME2",
      "PixelBandwidth": 260.0,
      "PixelRepresentation": 0,
      "PixelSpacing": [0.8984375, 0.8984375],
      "ProtocolName": "GRE-MT0",
      "RepetitionTime": 35.0,
      "Rows": 256,
      "SAR": 0.00720598614224,
      "SamplesPerPixel": 1,
      "ScanningSequence": "GR",
      "SequenceName": "*fl3d1",
      "SequenceVariant": "SP",
      "SeriesDescription": "GRE-MT0",
      "SeriesNumber": 37,
      "SeriesTime": "164341.522000",
      "SliceThickness": 5.0,
      "SmallestImagePixelValue": 0,
      "SoftwareVersions": "syngo MR E11",
      "SpecificCharacterSet": "ISO_IR 100",
      "StudyID": "1",
      "StudyTime": "151607.177000",
      "TransmitCoilName": "Body",
      "VariableFlipAngleFlag": "N",
      "WindowCenterWidthExplanation": "Algo1",
      "dBdt": 0.0},
    "slices": {
      "ContentTime": ["164341.525000", "164341.528000", "164341.530000", "164341.532000", "164341.534000", "164341.536000", "164341.538000", "164341.540000", "164341.542000", "164341.544000", "164341.546000", "164341.557000", "164341.559000", "164341.561000", "164341.563000", "164341.565000", "164341.567000", "164341.569000", "164341.571000", "164341.573000", "164341.575000", "164341.577000"],
      "CsaImage.Actual3DImaPartNumber": [0, 1, 2, 3, 4, 5, 6, 7, 8, 9, 10, 11, 12, 13, 14, 15, 16, 17, 18, 19, 20, 21],
      "CsaImage.ICE_Dims": [
        "X_1_1_1_1_1_1_1_1_1_1_1_1035",
        "X_1_1_1_1_1_2_1_1_1_1_1_1035",
        "X_1_1_1_1_1_3_1_1_1_1_1_1035",
        "X_1_1_1_1_1_4_1_1_1_1_1_1035",
        "X_1_1_1_1_1_5_1_1_1_1_1_1035",
        "X_1_1_1_1_1_6_1_1_1_1_1_1035",
        "X_1_1_1_1_1_7_1_1_1_1_1_1035",
        "X_1_1_1_1_1_8_1_1_1_1_1_1035",
        "X_1_1_1_1_1_9_1_1_1_1_1_1035",
        "X_1_1_1_1_1_10_1_1_1_1_1_1035",
        "X_1_1_1_1_1_11_1_1_1_1_1_1035",
        "X_1_1_1_1_1_12_1_1_1_1_1_1035",
        "X_1_1_1_1_1_13_1_1_1_1_1_1035",
        "X_1_1_1_1_1_14_1_1_1_1_1_1035",
        "X_1_1_1_1_1_15_1_1_1_1_1_1035",
        "X_1_1_1_1_1_16_1_1_1_1_1_1035",
        "X_1_1_1_1_1_17_1_1_1_1_1_1035",
        "X_1_1_1_1_1_18_1_1_1_1_1_1035",
        "X_1_1_1_1_1_19_1_1_1_1_1_1035",
        "X_1_1_1_1_1_20_1_1_1_1_1_1035",
        "X_1_1_1_1_1_21_1_1_1_1_1_1035",
        "X_1_1_1_1_1_22_1_1_1_1_1_1035"
],
      "CsaImage.SlicePosition_PCS": [
        [-111.10515076, -84.68387932, -76.93116833],
        [-111.39761587, -85.50911731, -72.00842048],
        [-111.69008099, -86.33435529, -67.08567262],
        [-111.9825461, -87.15959328, -62.16292477],
        [-112.27501121, -87.98483127, -57.24017692],
        [-112.56747632, -88.81006925, -52.31742906],
        [-112.85994143, -89.63530724, -47.39468121],
        [-113.15240654, -90.46054523, -42.47193336],
        [-113.44487165, -91.28578321, -37.54918551],
        [-113.73733677, -92.1110212, -32.62643765],
        [-114.02980188, -92.93625918, -27.7036898],
        [-114.32226699, -93.76149717, -22.78094195],
        [-114.6147321, -94.58673516, -17.85819409],
        [-114.90719721, -95.41197314, -12.93544624],
        [-115.19966232, -96.23721113, -8.01269839],
        [-115.49212743, -97.06244912, -3.08995053],
        [-115.78459254, -97.8876871, 1.83279732],
        [-116.07705766, -98.71292509, 6.75554517],
        [-116.36952277, -99.53816307, 11.67829303],
        [-116.66198788, -100.36340106, 16.60104088],
        [-116.95445299, -101.18863905, 21.52378873],
        [-117.2469181, -102.01387703, 26.44653658]
],
      "ImagePositionPatient": [
        [-111.1051507633, -84.683879321189, -179.93116832981],
        [-111.39761587463, -85.509117307455, -175.00842047676],
        [-111.69008098596, -86.334355293722, -170.08567262372],
        [-111.98254609728, -87.159593279988, -165.16292477067],
        [-112.27501120861, -87.984831266255, -160.24017691762],
        [-112.56747631993, -88.810069252521, -155.31742906457],
        [-112.85994143126, -89.635307238788, -150.39468121153],
        [-113.15240654259, -90.460545225054, -145.47193335848],
        [-113.44487165391, -91.285783211321, -140.54918550543],
        [-113.73733676524, -92.111021197587, -135.62643765239],
        [-114.02980187657, -92.936259183854, -130.70368979934],
        [-114.32226698789, -93.76149717012, -125.78094194629],
        [-114.61473209922, -94.586735156387, -120.85819409324],
        [-114.90719721054, -95.411973142653, -115.9354462402],
        [-115.19966232187, -96.23721112892, -111.01269838715],
        [-115.4921274332, -97.062449115186, -106.0899505341],
        [-115.78459254452, -97.887687101453, -101.16720268106],
        [-116.07705765585, -98.71292508772, -96.244454828009],
        [-116.36952276718, -99.538163073986, -91.321706974962],
        [-116.6619878785, -100.36340106025, -86.398959121915],
        [-116.95445298983, -101.18863904652, -81.476211268868],
        [-117.24691810115, -102.01387703279, -76.553463415821]
],
      "InstanceCreationTime": ["164341.525000", "164341.528000", "164341.530000", "164341.532000", "164341.534000", "164341.536000", "164341.538000", "164341.540000", "164341.542000", "164341.544000", "164341.546000", "164341.557000", "164341.559000", "164341.561000", "164341.563000", "164341.565000", "164341.567000", "164341.569000", "164341.571000", "164341.573000", "164341.575000", "164341.577000"],
      "InstanceNumber": [22, 21, 20, 19, 18, 17, 16, 15, 14, 13, 12, 11, 10, 9, 8, 7, 6, 5, 4, 3, 2, 1],
      "LargestImagePixelValue": [4095, 4095, 4095, 4095, 4095, 4095, 4095, 4095, 4095, 4095, 4095, 4095, 4095, 4095, 4095, 4095, 4095, 4095, 4095, 4095, 4095, 3461],
      "SliceLocation": [-156.67540765293, -151.67540765293, -146.67540765293, -141.67540765293, -136.67540765293, -131.67540765293, -126.67540765293, -121.67540765293, -116.67540765293, -111.67540765293, -106.67540765293, -101.67540765293, -96.675407652933, -91.675407652933, -86.675407652933, -81.675407652933, -76.675407652933, -71.675407652933, -66.675407652933, -61.675407652933, -56.675407652933, -51.675407652933],
      "WindowCenter": [762.0, 943.0, 796.0, 465.0, 65.0, 1.0, 1.0, 1.0, 1.0, 26.0, 408.0, 748.0, 1018.0, 1260.0, 1543.0, 1891.0, 2191.0, 2296.0, 1763.0, 1433.0, 1296.0, 821.0],
      "WindowWidth": [2620.0, 2923.0, 3290.0, 3618.0, 3818.0, 3915.0, 3954.0, 3958.0, 3995.0, 4049.0, 4095.0, 4095.0, 4095.0, 4095.0, 4095.0, 4095.0, 4095.0, 4095.0, 4095.0, 3877.0, 2916.0, 1852.0]
    }
  }
}