{
  "AcquisitionMatrixPE": 256,
  "AcquisitionNumber": 1,
  "AcquisitionTime": "17:24:20.980000",
  "BaseResolution": 256,
  "BodyPartExamined": "CSPINE",
  "CoilCombinationMethod": "Adaptive Combine",
  "ConsistencyInfo": "N4_VE11C_LATEST_20160120",
  "ConversionSoftware": "dcm2niix",
  "ConversionSoftwareVersion": "v1.0.20211006",
  "DeviceSerialNumber": "167006",
  "DwellTime": 7.5e-06,
  "EchoTime": 0.00313,
  "FlipAngle": 9,
  "HeudiconvVersion": "0.5.3.post569+g418601f",
  "ImageOrientationPatientDICOM": [1, 0, 0, 0, 0.964095, 0.265556],
  "ImageOrientationText": "Tra>Cor(15.4)",
  "ImageType": [
    "ORIGINAL",
    "PRIMARY",
    "M",
    "DIS2D"
],
  "ImagingFrequency": 123.259,
  "InPlanePhaseEncodingDirectionDICOM": "COL",
  "InstitutionAddress": "Chemin Queen-Mary 4565,Montreal,District,CA,H3W 1W5",
  "InstitutionName": "IUGM",
  "InstitutionalDepartmentName": "Department",
  "MRAcquisitionType": "3D",
  "MagneticFieldStrength": 3,
  "Manufacturer": "Siemens",
  "ManufacturersModelName": "Prisma_fit",
  "MatrixCoilMode": "GRAPPA",
  "Modality": "MR",
  "ParallelReductionFactorInPlane": 2,
  "PartialFourier": 1,
  "PatientPosition": "HFS",
  "PercentPhaseFOV": 100,
  "PercentSampling": 100,
  "PhaseEncodingSteps": 255,
  "PhaseResolution": 1,
  "PixelBandwidth": 260,
  "ProcedureStepDescription": "anat^generic",
  "ProtocolName": "GRE-MT0",
  "PulseSequenceDetails": "%SiemensSeq%\\gre",
  "ReceiveCoilActiveElements": "HC5-7;NC1,2",
  "ReceiveCoilName": "HeadNeck_64",
  "ReconMatrixPE": 256,
  "RefLinesPE": 32,
  "RepetitionTime": 0.035,
  "SAR": 0.00542977,
  "ScanningSequence": "GR",
  "SequenceName": "*fl3d1",
  "SequenceVariant": "SP",
  "SeriesDescription": "GRE-MT0",
  "SeriesNumber": 37,
  "ShimSetting": [625, -7168, -9028, -652, -11, 3027, -612, -33],
  "SliceThickness": 5,
  "SoftwareVersions": "syngo MR E11",
  "StationName": "MRC35049",
  "TxRefAmp": 281.063,
  "dcmmeta_affine": [
    [0.8984375, 0.0, 0.0, -114.1015625],
    [0.0, 0.8661794662475586, 1.3277807235717773, -135.97984313964844],
    [0.0, -0.23858559131622314, 4.82047700881958, -122.00666046142578],
    [0.0, 0.0, 0.0, 1.0]
],
  "dcmmeta_reorient_transform": [
    [0.0, -1.0, 0.0, 255.0],
    [-1.0, 0.0, 0.0, 255.0],
    [0.0, 0.0, -1.0, 21.0],
    [0.0, 0.0, 0.0, 1.0]
],
  "dcmmeta_shape": [256, 256, 22],
  "dcmmeta_slice_dim": 2,
  "dcmmeta_version": 0.6,
  "global": {
    "const": {
      "AcquisitionMatrix": [256, 0, 0, 256],
      "AcquisitionNumber": 1,
      "AcquisitionTime": "172420.980000",
      "AngioFlag": "N",
      "BitsAllocated": 16,
      "BitsStored": 12,
      "BodyPartExamined": "CSPINE",
      "Columns": 256,
      "EchoNumbers": 1,
      "EchoTime": 3.13,
      "EchoTrainLength": 1,
      "FlipAngle": 9.0,
      "HighBit": 11,
      "ImageOrientationPatient": [1.0, 0.0, 0.0, 0.0, 0.96409539939404, 0.26555613505859],
      "ImageType": [
        "ORIGINAL",
        "PRIMARY",
        "M",
        "DIS2D"
],
      "ImagedNucleus": "1H",
      "ImagingFrequency": 123.258612,
      "InPlanePhaseEncodingDirection": "COL",
      "MRAcquisitionType": "3D",
      "MagneticFieldStrength": 3.0,
      "Manufacturer": "SIEMENS",
      "ManufacturerModelName": "Prisma_fit",
      "Modality": "MR",
      "NumberOfAverages": 1.0,
      "NumberOfPhaseEncodingSteps": 255,
      "PercentPhaseFieldOfView": 100.0,
      "PercentSampling": 100.0,
      "PerformedProcedureStepStartTime": "160533.876000",
      "PhotometricInterpretation": "MONOCHROME2",
      "PixelBandwidth": 260.0,
      "PixelRepresentation": 0,
      "PixelSpacing": [0.8984375, 0.8984375],
      "ProtocolName": "GRE-MT0",
      "RepetitionTime": 35.0,
      "Rows": 256,
      "SAR": 0.00542976615205,
      "SamplesPerPixel": 1,
      "ScanningSequence": "GR",
      "SequenceName": "*fl3d1",
      "SequenceVariant": "SP",
      "SeriesDescription": "GRE-MT0",
      "SeriesNumber": 37,
      "SeriesTime": "172635.786000",
      "SliceThickness": 5.0,
      "SmallestImagePixelValue": 0,
      "SoftwareVersions": "syngo MR E11",
      "SpecificCharacterSet": "ISO_IR 100",
      "StudyID": "1",
      "StudyTime": "160533.742000",
      "TransmitCoilName": "Body",
      "VariableFlipAngleFlag": "N",
      "WindowCenterWidthExplanation": "Algo1",
      "dBdt": 0.0},
    "slices": {
      "ContentTime": ["172635.789000", "172635.792000", "172635.794000", "172635.796000", "172635.798000", "172635.800000", "172635.802000", "172635.804000", "172635.805000", "172635.807000", "172635.817000", "172635.819000", "172635.821000", "172635.823000", "172635.825000", "172635.827000", "172635.829000", "172635.831000", "172635.833000", "172635.835000", "172635.837000", "172635.840000"],
      "CsaImage.Actual3DImaPartNumber": [0, 1, 2, 3, 4, 5, 6, 7, 8, 9, 10, 11, 12, 13, 14, 15, 16, 17, 18, 19, 20, 21],
      "CsaImage.ICE_Dims": [
        "X_1_1_1_1_1_1_1_1_1_1_1_118",
        "X_1_1_1_1_1_2_1_1_1_1_1_118",
        "X_1_1_1_1_1_3_1_1_1_1_1_118",
        "X_1_1_1_1_1_4_1_1_1_1_1_118",
        "X_1_1_1_1_1_5_1_1_1_1_1_118",
        "X_1_1_1_1_1_6_1_1_1_1_1_118",
        "X_1_1_1_1_1_7_1_1_1_1_1_118",
        "X_1_1_1_1_1_8_1_1_1_1_1_118",
        "X_1_1_1_1_1_9_1_1_1_1_1_118",
        "X_1_1_1_1_1_10_1_1_1_1_1_118",
        "X_1_1_1_1_1_11_1_1_1_1_1_118",
        "X_1_1_1_1_1_12_1_1_1_1_1_118",
        "X_1_1_1_1_1_13_1_1_1_1_1_118",
        "X_1_1_1_1_1_14_1_1_1_1_1_118",
        "X_1_1_1_1_1_15_1_1_1_1_1_118",
        "X_1_1_1_1_1_16_1_1_1_1_1_118",
        "X_1_1_1_1_1_17_1_1_1_1_1_118",
        "X_1_1_1_1_1_18_1_1_1_1_1_118",
        "X_1_1_1_1_1_19_1_1_1_1_1_118",
        "X_1_1_1_1_1_20_1_1_1_1_1_118",
        "X_1_1_1_1_1_21_1_1_1_1_1_118",
        "X_1_1_1_1_1_22_1_1_1_1_1_118"
],
      "CsaImage.SlicePosition_PCS": [
        [-115.0, -84.89591717, -80.84598543],
        [-115.0, -86.22369785, -76.02550843],
        [-115.0, -87.55147852, -71.20503144],
        [-115.0, -88.8792592, -66.38455444],
        [-115.0, -90.20703987, -61.56407744],
        [-115.0, -91.53482055, -56.74360044],
        [-115.0, -92.86260122, -51.92312345],
        [-115.0, -94.1903819, -47.10264645],
        [-115.0, -95.51816258, -42.28216945],
        [-115.0, -96.84594325, -37.46169246],
        [-115.0, -98.17372393, -32.64121546],
        [-115.0, -99.5015046, -27.82073846],
        [-115.0, -100.82928528, -23.00026147],
        [-115.0, -102.15706595, -18.17978447],
        [-115.0, -103.48484663, -13.35930747],
        [-115.0, -104.8126273, -8.53883047],
        [-115.0, -106.14040798, -3.71835348],
        [-115.0, -107.46818865, 1.10212352],
        [-115.0, -108.79596933, 5.92260052],
        [-115.0, -110.12375, 10.74307751],
        [-115.0, -111.45153068, 15.56355451],
        [-115.0, -112.77931135, 20.38403151]
],
      "ImagePositionPatient": [
        [-115.0, -84.895917173174, -182.84598542946],
        [-115.0, -86.223697848467, -178.02550843249],
        [-115.0, -87.55147852376, -173.20503143552],
        [-115.0, -88.879259199053, -168.38455443855],
        [-115.0, -90.207039874346, -163.56407744158],
        [-115.0, -91.534820549639, -158.74360044461],
        [-115.0, -92.862601224931, -153.92312344764],
        [-115.0, -94.190381900224, -149.10264645067],
        [-115.0, -95.518162575517, -144.2821694537],
        [-115.0, -96.84594325081, -139.46169245673],
        [-115.0, -98.173723926103, -134.64121545976],
        [-115.0, -99.501504601396, -129.82073846279],
        [-115.0, -100.82928527669, -125.00026146582],
        [-115.0, -102.15706595198, -120.17978446885],
        [-115.0, -103.48484662727, -115.35930747188],
        [-115.0, -104.81262730257, -110.53883047491],
        [-115.0, -106.14040797786, -105.71835347794],
        [-115.0, -107.46818865315, -100.89787648097],
        [-115.0, -108.79596932845, -96.077399484],
        [-115.0, -110.12375000374, -91.25692248703],
        [-115.0, -111.45153067903, -86.43644549006],
        [-115.0, -112.77931135433, -81.61596849309]
],
      "InstanceCreationTime": ["172635.789000", "172635.792000", "172635.794000", "172635.796000", "172635.798000", "172635.800000", "172635.802000", "172635.804000", "172635.805000", "172635.807000", "172635.817000", "172635.819000", "172635.821000", "172635.823000", "172635.825000", "172635.827000", "172635.829000", "172635.831000", "172635.833000", "172635.835000", "172635.837000", "172635.840000"],
      "InstanceNumber": [22, 21, 20, 19, 18, 17, 16, 15, 14, 13, 12, 11, 10, 9, 8, 7, 6, 5, 4, 3, 2, 1],
      "LargestImagePixelValue": [4095, 4095, 4095, 4095, 4095, 4095, 4095, 4095, 4095, 4095, 4095, 4095, 4095, 4095, 4095, 4095, 4095, 4095, 4095, 4095, 4095, 3136],
      "SliceLocation": [-153.73634170345, -148.73634170345, -143.73634170345, -138.73634170345, -133.73634170345, -128.73634170345, -123.73634170345, -118.73634170345, -113.73634170345, -108.73634170345, -103.73634170345, -98.736341703452, -93.736341703452, -88.736341703452, -83.736341703452, -78.736341703452, -73.736341703452, -68.736341703452, -63.736341703452, -58.736341703452, -53.736341703452, -48.736341703452],
      "WindowCenter": [852.0, 1447.0, 1956.0, 2072.0, 1809.0, 1734.0, 1553.0, 1367.0, 1070.0, 733.0, 588.0, 742.0, 844.0, 1078.0, 1231.0, 1393.0, 1586.0, 1716.0, 1514.0, 1513.0, 1191.0, 784.0],
      "WindowWidth": [1985.0, 3063.0, 3561.0, 3859.0, 4024.0, 3988.0, 3908.0, 3932.0, 4009.0, 4095.0, 4095.0, 4095.0, 4095.0, 4095.0, 4095.0, 4095.0, 4095.0, 4095.0, 4095.0, 3748.0, 2848.0, 1756.0]
    }
  }
}