{
  "AcquisitionMatrixPE": 256,
  "AcquisitionNumber": 1,
  "AcquisitionTime": "16:06:37.935000",
  "BaseResolution": 256,
  "BodyPartExamined": "CSPINE",
  "CoilCombinationMethod": "Adaptive Combine",
  "ConsistencyInfo": "N4_VE11C_LATEST_20160120",
  "ConversionSoftware": "dcm2niix",
  "ConversionSoftwareVersion": "v1.0.20211006",
  "DeviceSerialNumber": "167006",
  "DwellTime": 7.5e-06,
  "EchoTime": 0.00313,
  "FlipAngle": 9,
  "HeudiconvVersion": "0.11.3.post9+gc939bf8",
  "ImageOrientationPatientDICOM": [1, 0, 0, 0, 0.97437, 0.224951],
  "ImageOrientationText": "Tra>Cor(13.0)",
  "ImageType": [
    "ORIGINAL",
    "PRIMARY",
    "M",
    "DIS2D"
],
  "ImagingFrequency": 123.259,
  "InPlanePhaseEncodingDirectionDICOM": "COL",
  "InstitutionAddress": "Chemin Queen-Mary 4565,Montreal,District,CA,H3W 1W5",
  "InstitutionName": "IUGM",
  "InstitutionalDepartmentName": "Department",
  "MRAcquisitionType": "3D",
  "MTState": true,
  "MagneticFieldStrength": 3,
  "Manufacturer": "Siemens",
  "ManufacturersModelName": "Prisma_fit",
  "MatrixCoilMode": "GRAPPA",
  "Modality": "MR",
  "ParallelReductionFactorInPlane": 2,
  "PartialFourier": 1,
  "PatientPosition": "HFS",
  "PercentPhaseFOV": 100,
  "PercentSampling": 100,
  "PhaseEncodingSteps": 255,
  "PhaseResolution": 1,
  "PixelBandwidth": 260,
  "ProcedureStepDescription": "anat^generic",
  "ProtocolName": "GRE-MT1",
  "PulseSequenceDetails": "%SiemensSeq%\\gre",
  "ReceiveCoilActiveElements": "HC5-7;NC1,2",
  "ReceiveCoilName": "HeadNeck_64",
  "ReconMatrixPE": 256,
  "RefLinesPE": 32,
  "RepetitionTime": 0.035,
  "SAR": 0.469024,
  "ScanOptions": "MT",
  "ScanningSequence": "GR",
  "SequenceName": "*fl3d1",
  "SequenceVariant": "MTC\\SP",
  "SeriesDescription": "GRE-MT1",
  "SeriesNumber": 4,
  "ShimSetting": [606, -7113, -8904, -604, 84, 2181, -650, 35],
  "SliceThickness": 5,
  "SoftwareVersions": "syngo MR E11",
  "SpoilingState": true,
  "StationName": "MRC35049",
  "TxRefAmp": 254.888,
  "dcmmeta_affine": [
    [0.8984375, 0.0, 0.0, -114.59504699707031],
    [0.0, 0.8754106163978577, 1.1247552633285522, -146.02578735351562],
    [0.0, -0.20210446417331696, 4.871850490570068, -55.931922912597656],
    [0.0, 0.0, 0.0, 1.0]
],
  "dcmmeta_reorient_transform": [
    [0.0, -1.0, 0.0, 255.0],
    [-1.0, 0.0, 0.0, 255.0],
    [0.0, 0.0, -1.0, 21.0],
    [0.0, 0.0, 0.0, 1.0]
],
  "dcmmeta_shape": [256, 256, 22],
  "dcmmeta_slice_dim": 2,
  "dcmmeta_version": 0.6,
  "global": {
    "const": {
      "AcquisitionMatrix": [256, 0, 0, 256],
      "AcquisitionNumber": 1,
      "AcquisitionTime": "160637.935000",
      "AngioFlag": "N",
      "BitsAllocated": 16,
      "BitsStored": 12,
      "BodyPartExamined": "CSPINE",
      "Columns": 256,
      "EchoNumbers": 1,
      "EchoTime": 3.13,
      "EchoTrainLength": 1,
      "FlipAngle": 9.0,
      "HighBit": 11,
      "ImageOrientationPatient": [1.0, 0.0, 0.0, 0.0, 0.97437006476663, 0.22495105442448],
      "ImageType": [
        "ORIGINAL",
        "PRIMARY",
        "M",
        "DIS2D"
],
      "ImagedNucleus": "1H",
      "ImagingFrequency": 123.259154,
      "InPlanePhaseEncodingDirection": "COL",
      "MRAcquisitionType": "3D",
      "MagneticFieldStrength": 3.0,
      "Manufacturer": "SIEMENS",
      "ManufacturerModelName": "Prisma_fit",
      "Modality": "MR",
      "NumberOfAverages": 1.0,
      "NumberOfPhaseEncodingSteps": 255,
      "PercentPhaseFieldOfView": 100.0,
      "PercentSampling": 100.0,
      "PerformedProcedureStepStartTime": "155622.525000",
      "PhotometricInterpretation": "MONOCHROME2",
      "PixelBandwidth": 260.0,
      "PixelRepresentation": 0,
      "PixelSpacing": [0.8984375, 0.8984375],
      "ProtocolName": "GRE-MT1",
      "RepetitionTime": 35.0,
      "Rows": 256,
      "SAR": 0.46902412167046,
      "SamplesPerPixel": 1,
      "ScanOptions": "MT",
      "ScanningSequence": "GR",
      "SequenceName": "*fl3d1",
      "SequenceVariant": [
        "MTC",
        "SP"
],
      "SeriesDescription": "GRE-MT1",
      "SeriesNumber": 4,
      "SeriesTime": "160853.098000",
      "SliceThickness": 5.0,
      "SmallestImagePixelValue": 0,
      "SoftwareVersions": "syngo MR E11",
      "SpecificCharacterSet": "ISO_IR 100",
      "StudyID": "1",
      "StudyTime": "155622.470000",
      "TransmitCoilName": "Body",
      "VariableFlipAngleFlag": "N",
      "WindowCenterWidthExplanation": "Algo1",
      "dBdt": 0.0},
    "slices": {
      "ContentTime": ["160853.101000", "160853.105000", "160853.107000", "160853.109000", "160853.114000", "160853.116000", "160853.118000", "160853.126000", "160853.135000", "160853.137000", "160853.139000", "160853.141000", "160853.143000", "160853.145000", "160853.150000", "160853.152000", "160853.154000", "160853.156000", "160853.158000", "160853.160000", "160853.162000", "160853.164000"],
      "CsaImage.Actual3DImaPartNumber": [0, 1, 2, 3, 4, 5, 6, 7, 8, 9, 10, 11, 12, 13, 14, 15, 16, 17, 18, 19, 20, 21],
      "CsaImage.ICE_Dims": [
        "X_1_1_1_1_1_1_1_1_1_1_1_137",
        "X_1_1_1_1_1_2_1_1_1_1_1_137",
        "X_1_1_1_1_1_3_1_1_1_1_1_137",
        "X_1_1_1_1_1_4_1_1_1_1_1_137",
        "X_1_1_1_1_1_5_1_1_1_1_1_137",
        "X_1_1_1_1_1_6_1_1_1_1_1_137",
        "X_1_1_1_1_1_7_1_1_1_1_1_137",
        "X_1_1_1_1_1_8_1_1_1_1_1_137",
        "X_1_1_1_1_1_9_1_1_1_1_1_137",
        "X_1_1_1_1_1_10_1_1_1_1_1_137",
        "X_1_1_1_1_1_11_1_1_1_1_1_137",
        "X_1_1_1_1_1_12_1_1_1_1_1_137",
        "X_1_1_1_1_1_13_1_1_1_1_1_137",
        "X_1_1_1_1_1_14_1_1_1_1_1_137",
        "X_1_1_1_1_1_15_1_1_1_1_1_137",
        "X_1_1_1_1_1_16_1_1_1_1_1_137",
        "X_1_1_1_1_1_17_1_1_1_1_1_137",
        "X_1_1_1_1_1_18_1_1_1_1_1_137",
        "X_1_1_1_1_1_19_1_1_1_1_1_137",
        "X_1_1_1_1_1_20_1_1_1_1_1_137",
        "X_1_1_1_1_1_21_1_1_1_1_1_137",
        "X_1_1_1_1_1_22_1_1_1_1_1_137"
],
      "CsaImage.SlicePosition_PCS": [
        [-114.50651398, -77.20391364, -77.46856266],
        [-114.50651398, -78.32866891, -72.59671234],
        [-114.50651398, -79.45342418, -67.72486202],
        [-114.50651398, -80.57817945, -62.85301169],
        [-114.50651398, -81.70293472, -57.98116137],
        [-114.50651398, -82.82769, -53.10931104],
        [-114.50651398, -83.95244527, -48.23746072],
        [-114.50651398, -85.07720054, -43.3656104],
        [-114.50651398, -86.20195581, -38.49376007],
        [-114.50651398, -87.32671108, -33.62190975],
        [-114.50651398, -88.45146636, -28.75005943],
        [-114.50651398, -89.57622163, -23.8782091],
        [-114.50651398, -90.7009769, -19.00635878],
        [-114.50651398, -91.82573217, -14.13450845],
        [-114.50651398, -92.95048745, -9.26265813],
        [-114.50651398, -94.07524272, -4.39080781],
        [-114.50651398, -95.19999799, 0.48104252],
        [-114.50651398, -96.32475326, 5.35289284],
        [-114.50651398, -97.44950853, 10.22474317],
        [-114.50651398, -98.57426381, 15.09659349],
        [-114.50651398, -99.69901908, 19.96844381],
        [-114.50651398, -100.82377435, 24.84029414]
],
      "ImagePositionPatient": [
        [-114.50651398301, -77.203913635677, -107.46856266384],
        [-114.50651398301, -78.3286689078, -102.59671234001],
        [-114.50651398301, -79.453424179922, -97.724862016177],
        [-114.50651398301, -80.578179452044, -92.853011692343],
        [-114.50651398301, -81.702934724167, -87.98116136851],
        [-114.50651398301, -82.827689996289, -83.109311044677],
        [-114.50651398301, -83.952445268412, -78.237460720844],
        [-114.50651398301, -85.077200540534, -73.365610397011],
        [-114.50651398301, -86.201955812656, -68.493760073178],
        [-114.50651398301, -87.326711084779, -63.621909749345],
        [-114.50651398301, -88.451466356901, -58.750059425512],
        [-114.50651398301, -89.576221629023, -53.878209101678],
        [-114.50651398301, -90.700976901146, -49.006358777845],
        [-114.50651398301, -91.825732173268, -44.134508454012],
        [-114.50651398301, -92.950487445391, -39.262658130179],
        [-114.50651398301, -94.075242717513, -34.390807806346],
        [-114.50651398301, -95.199997989635, -29.518957482513],
        [-114.50651398301, -96.324753261758, -24.64710715868],
        [-114.50651398301, -97.44950853388, -19.775256834847],
        [-114.50651398301, -98.574263806002, -14.903406511013],
        [-114.50651398301, -99.699019078125, -10.03155618718],
        [-114.50651398301, -100.82377435025, -5.1597058633472]
],
      "InstanceCreationTime": ["160853.101000", "160853.105000", "160853.107000", "160853.109000", "160853.114000", "160853.116000", "160853.118000", "160853.126000", "160853.135000", "160853.137000", "160853.139000", "160853.141000", "160853.143000", "160853.145000", "160853.150000", "160853.152000", "160853.154000", "160853.156000", "160853.158000", "160853.160000", "160853.162000", "160853.164000"],
      "InstanceNumber": [22, 21, 20, 19, 18, 17, 16, 15, 14, 13, 12, 11, 10, 9, 8, 7, 6, 5, 4, 3, 2, 1],
      "LargestImagePixelValue": [2067, 3373, 4095, 4095, 4095, 4095, 4095, 4095, 4095, 4095, 4095, 4095, 4095, 4095, 4095, 4095, 4095, 4095, 4095, 4095, 4095, 3935],
      "SliceLocation": [-87.347048585102, -82.347048585102, -77.347048585102, -72.347048585102, -67.347048585102, -62.347048585102, -57.347048585102, -52.347048585102, -47.347048585102, -42.347048585102, -37.347048585102, -32.347048585102, -27.347048585102, -22.347048585102, -17.347048585102, -12.347048585102, -7.3470485851025, -2.3470485851025, 2.6529514148975, 7.6529514148975, 12.652951414898, 17.652951414898],
      "WindowCenter": [556.0, 900.0, 1160.0, 1165.0, 1168.0, 1098.0, 1055.0, 1223.0, 1238.0, 1221.0, 1231.0, 1271.0, 1341.0, 1316.0, 1308.0, 1240.0, 1245.0, 1322.0, 1405.0, 1394.0, 1190.0, 813.0],
      "WindowWidth": [1254.0, 2085.0, 3130.0, 3726.0, 3805.0, 3760.0, 3563.0, 3073.0, 3080.0, 3203.0, 3277.0, 3364.0, 3449.0, 3573.0, 3688.0, 3772.0, 3800.0, 3765.0, 3592.0, 3244.0, 2734.0, 1940.0]
    }
  }
}