{
  "AcquisitionMatrixPE": 128,
  "AcquisitionNumber": 1,
  "AcquisitionTime": "18:47:9.275000",
  "BaseResolution": 128,
  "BodyPartExamined": "BRAIN",
  "CoilCombinationMethod": "Adaptive Combine",
  "ConsistencyInfo": "N4_VE11C_LATEST_20160120",
  "ConversionSoftware": "dcm2niix",
  "ConversionSoftwareVersion": "v1.0.20211006",
  "DeviceSerialNumber": "167006",
  "DwellTime": 1.86e-05,
  "EchoTime": 0.0033,
  "FlipAngle": 20,
  "HeudiconvVersion": "0.5.3.post569+g418601f",
  "ImageOrientationPatientDICOM": [1, 4.662e-12, -1.497e-12, -4.897e-12, 0.952129, -0.305695],
  "ImageOrientationText": "Tra>Cor(-17.8)",
  "ImageType": [
    "ORIGINAL",
    "PRIMARY",
    "M",
    "DIS3D",
    "DIS2D"
],
  "ImagingFrequency": 123.259,
  "InPlanePhaseEncodingDirectionDICOM": "ROW",
  "InstitutionAddress": "Chemin Queen-Mary 4565,Montreal,District,CA,H3W 1W5",
  "InstitutionName": "IUGM",
  "InstitutionalDepartmentName": "Department",
  "MRAcquisitionType": "3D",
  "MagneticFieldStrength": 3,
  "Manufacturer": "Siemens",
  "ManufacturersModelName": "Prisma_fit",
  "MatrixCoilMode": "GRAPPA",
  "Modality": "MR",
  "ParallelReductionFactorInPlane": 2,
  "PartialFourier": 1,
  "PatientPosition": "HFS",
  "PercentPhaseFOV": 100,
  "PercentSampling": 100,
  "PhaseEncodingSteps": 127,
  "PhaseResolution": 1,
  "PixelBandwidth": 210,
  "ProcedureStepDescription": "anat^generic",
  "ProtocolName": "gre_3d_T1w",
  "PulseSequenceDetails": "%SiemensSeq%\\gre",
  "ReceiveCoilActiveElements": "HC1-7;NC1",
  "ReceiveCoilName": "HeadNeck_64",
  "ReconMatrixPE": 128,
  "RefLinesPE": 32,
  "RepetitionTime": 0.018,
  "SAR": 0.0329209,
  "ScanningSequence": "GR",
  "SequenceName": "*fl3d1",
  "SequenceVariant": "SP",
  "SeriesDescription": "gre_3d_T1w",
  "SeriesNumber": 19,
  "ShimSetting": [610, -7235, -8906, 341, 8, -356, -44, 1],
  "SliceThickness": 1.5,
  "SoftwareVersions": "syngo MR E11",
  "StationName": "MRC35049",
  "TxRefAmp": 237.034,
  "dcmmeta_affine": [
    [1.5, -7.345500076250122e-12, 0.0, -95.00313568115234],
    [6.992999929122945e-12, 1.4281940460205078, -0.45854294300079346, -55.53556823730469],
    [2.2455000098925426e-12, 0.45854294300079346, 1.4281940460205078, -77.27207946777344],
    [0.0, 0.0, 0.0, 1.0]
],
  "dcmmeta_reorient_transform": [
    [0.0, -1.0, 0.0, 127.0],
    [-1.0, 0.0, 0.0, 127.0],
    [0.0, 0.0, -1.0, 95.0],
    [0.0, 0.0, 0.0, 1.0]
],
  "dcmmeta_shape": [128, 128, 96],
  "dcmmeta_slice_dim": 2,
  "dcmmeta_version": 0.6,
  "global": {
    "const": {
      "AcquisitionMatrix": [0, 128, 128, 0],
      "AcquisitionNumber": 1,
      "AcquisitionTime": "184709.275000",
      "AngioFlag": "N",
      "BitsAllocated": 16,
      "BitsStored": 12,
      "BodyPartExamined": "BRAIN",
      "Columns": 128,
      "EchoNumbers": 1,
      "EchoTime": 3.3,
      "EchoTrainLength": 1,
      "FlipAngle": 20.0,
      "HighBit": 11,
      "ImageOrientationPatient": [1.0, 4.662e-12, -1.497e-12, -4.897e-12, 0.95212939482469, -0.3056952984767],
      "ImageType": [
        "ORIGINAL",
        "PRIMARY",
        "M",
        "DIS3D",
        "DIS2D"
],
      "ImagedNucleus": "1H",
      "ImagingFrequency": 123.258955,
      "InPlanePhaseEncodingDirection": "ROW",
      "MRAcquisitionType": "3D",
      "MagneticFieldStrength": 3.0,
      "Manufacturer": "SIEMENS",
      "ManufacturerModelName": "Prisma_fit",
      "Modality": "MR",
      "NumberOfAverages": 1.0,
      "NumberOfPhaseEncodingSteps": 127,
      "PercentPhaseFieldOfView": 100.0,
      "PercentSampling": 100.0,
      "PerformedProcedureStepStartTime": "180719.600000",
      "PhotometricInterpretation": "MONOCHROME2",
      "PixelBandwidth": 210.0,
      "PixelRepresentation": 0,
      "PixelSpacing": [1.5, 1.5],
      "ProtocolName": "gre_3d_T1w",
      "RepetitionTime": 18.0,
      "Rows": 128,
      "SAR": 0.03292093816236,
      "SamplesPerPixel": 1,
      "ScanningSequence": "GR",
      "SequenceName": "*fl3d1",
      "SequenceVariant": "SP",
      "SeriesDescription": "gre_3d_T1w",
      "SeriesNumber": 19,
      "SeriesTime": "184933.094000",
      "SliceThickness": 1.5,
      "SmallestImagePixelValue": 0,
      "SoftwareVersions": "syngo MR E11",
      "SpecificCharacterSet": "ISO_IR 100",
      "StudyID": "1",
      "StudyTime": "180719.528000",
      "TransmitCoilName": "Body",
      "VariableFlipAngleFlag": "N",
      "WindowCenterWidthExplanation": "Algo1",
      "dBdt": 0.0},
