{
  "AcquisitionMatrixPE": 448,
  "AcquisitionNumber": 1,
  "AcquisitionTime": "19:19:59.790000",
  "BaseResolution": 448,
  "BodyPartExamined": "CSPINE",
  "CoilCombinationMethod": "Adaptive Combine",
  "ConsistencyInfo": "N4_VE11C_LATEST_20160120",
  "ConversionSoftware": "dcm2niix",
  "ConversionSoftwareVersion": "v1.0.20211006",
  "DeviceSerialNumber": "167006",
  "DwellTime": 4.3e-06,
  "EchoTime": 0.014,
  "EchoTrainLength": 3,
  "FlipAngle": 30,
  "HeudiconvVersion": "0.5.3.post569+g418601f",
  "ImageOrientationPatientDICOM": [1, 0, 0, 0, 0.961262, 0.275637],
  "ImageOrientationText": "Tra>Cor(16.0)",
  "ImageType": [
    "ORIGINAL",
    "PRIMARY",
    "M",
    "NORM",
    "DIS2D"
],
  "ImagingFrequency": 123.259,
  "InPlanePhaseEncodingDirectionDICOM": "COL",
  "InstitutionAddress": "Chemin Queen-Mary 4565,Montreal,District,CA,H3W 1W5",
  "InstitutionName": "IUGM",
  "InstitutionalDepartmentName": "Department",
  "MRAcquisitionType": "2D",
  "MagneticFieldStrength": 3,
  "Manufacturer": "Siemens",
  "ManufacturersModelName": "Prisma_fit",
  "MatrixCoilMode": "GRAPPA",
  "Modality": "MR",
  "NumberOfAverages": 2,
  "ParallelReductionFactorInPlane": 2,
  "PartialFourier": 1,
  "PatientPosition": "HFS",
  "PercentPhaseFOV": 100,
  "PercentSampling": 100,
  "PhaseEncodingDirection": "j-",
  "PhaseEncodingSteps": 447,
  "PhaseResolution": 1,
  "PixelBandwidth": 260,
  "ProcedureStepDescription": "anat^generic",
  "ProtocolName": "GRE-ME",
  "PulseSequenceDetails": "%SiemensSeq%\\medic",
  "ReceiveCoilActiveElements": "HC7;NC1,2",
  "ReceiveCoilName": "HeadNeck_64",
  "ReconMatrixPE": 448,
  "RefLinesPE": 24,
  "RepetitionTime": 0.6,
  "SAR": 0.230914,
  "ScanOptions": "SAT1",
  "ScanningSequence": "GR",
  "SequenceName": "*me2d1r3",
  "SequenceVariant": "SP",
  "SeriesDescription": "GRE-ME",
  "SeriesNumber": 36,
  "ShimSetting": [614, -7221, -9044, -684, 295, 1621, 71, -160],
  "SliceThickness": 5,
  "SliceTiming": [0, 0.3125, 0.03125, 0.35938, 0.07812, 0.39062, 0.10938, 0.4375, 0.15625, 0.46875, 0.1875, 0.51562, 0.23438, 0.54688, 0.28125],
  "SoftwareVersions": "syngo MR E11",
  "SpacingBetweenSlices": 5,
  "StationName": "MRC35049",
  "TxRefAmp": 278.461,
  "dcmmeta_affine": [
    [-0.5, 0.0, 0.0, 111.50651550292969],
    [0.0, 0.4806308448314667, 1.3781871795654297, -120.02217864990234],
    [0.0, -0.13781866431236267, 4.806308746337891, -113.56642150878906],
    [0.0, 0.0, 0.0, 1.0]
],
  "dcmmeta_reorient_transform": [
    [0.0, -1.0, 0.0, 447.0],
    [1.0, 0.0, 0.0, 0.0],
    [0.0, 0.0, -1.0, 14.0],
    [0.0, 0.0, 0.0, 1.0]
],
  "dcmmeta_shape": [448, 448, 15],
  "dcmmeta_slice_dim": 2,
  "dcmmeta_version": 0.6,
  "global": {
    "const": {
      "AcquisitionMatrix": [448, 0, 0, 448],
      "AcquisitionNumber": 1,
      "AngioFlag": "N",
      "BitsAllocated": 16,
      "BitsStored": 12,
      "BodyPartExamined": "CSPINE",
      "Columns": 448,
      "EchoNumbers": 1,
      "EchoTime": 14.0,
      "EchoTrainLength": 3,
      "FlipAngle": 30.0,
      "HighBit": 11,
      "ImageOrientationPatient": [1.0, 0.0, 0.0, 0.0, 0.96126170052539, 0.27563733981998],
      "ImageType": [
        "ORIGINAL",
        "PRIMARY",
        "M",
        "NORM",
        "DIS2D"
],
      "ImagedNucleus": "1H",
      "ImagingFrequency": 123.258731,
      "InPlanePhaseEncodingDirection": "COL",
      "MRAcquisitionType": "2D",
      "MagneticFieldStrength": 3.0,
      "Manufacturer": "SIEMENS",
      "ManufacturerModelName": "Prisma_fit",
      "Modality": "MR",
      "NumberOfAverages": 2.0,
      "NumberOfPhaseEncodingSteps": 447,
      "PercentPhaseFieldOfView": 100.0,
      "PercentSampling": 100.0,
      "PerformedProcedureStepStartTime": "180719.600000",
      "PhotometricInterpretation": "MONOCHROME2",
      "PixelBandwidth": 260.0,
      "PixelRepresentation": 0,
      "PixelSpacing": [0.5, 0.5],
      "ProtocolName": "GRE-ME",
      "RepetitionTime": 600.0,
      "Rows": 448,
      "SAR": 0.2309142998396,
      "SamplesPerPixel": 1,
      "ScanOptions": "SAT1",
      "ScanningSequence": "GR",
      "SequenceName": "*me2d1r3",
      "SequenceVariant": "SP",
      "SeriesDescription": "GRE-ME",
      "SeriesNumber": 36,
      "SeriesTime": "192446.646000",
      "SliceThickness": 5.0,
      "SmallestImagePixelValue": 0,
      "SoftwareVersions": "syngo MR E11",
      "SpacingBetweenSlices": 5.0,
      "SpecificCharacterSet": "ISO_IR 100",
      "StudyID": "1",
      "StudyTime": "180719.528000",
      "TransmitCoilName": "Body",
      "VariableFlipAngleFlag": "N",
      "WindowCenterWidthExplanation": "Algo1",
      "dBdt": 0.0},
    "slices": {
      "AcquisitionTime": ["191959.510000", "191959.830000", "191959.550000", "191959.870000", "191959.590000", "191959.910000", "191959.630000", "191959.950000", "191959.670000", "191959.990000", "191959.710000", "192000.030000", "191959.750000", "192000.070000", "191959.790000"],
      "ContentTime": ["192446.649000", "192446.666000", "192446.652000", "192446.668000", "192446.654000", "192446.670000", "192446.656000", "192446.672000", "192446.658000", "192446.674000", "192446.660000", "192446.676000", "192446.662000", "192446.678000", "192446.664000"],
      "CsaImage.ICE_Dims": [
        "X_1_1_1_1_1_1_1_1_1_15_1_369",
        "X_1_1_1_1_1_1_9_1_1_14_1_369",
        "X_1_1_1_1_1_1_2_1_1_13_1_369",
        "X_1_1_1_1_1_1_10_1_1_12_1_369",
        "X_1_1_1_1_1_1_3_1_1_11_1_369",
        "X_1_1_1_1_1_1_11_1_1_10_1_369",
        "X_1_1_1_1_1_1_4_1_1_9_1_369",
        "X_1_1_1_1_1_1_12_1_1_8_1_369",
        "X_1_1_1_1_1_1_5_1_1_7_1_369",
        "X_1_1_1_1_1_1_13_1_1_6_1_369",
        "X_1_1_1_1_1_1_6_1_1_5_1_369",
        "X_1_1_1_1_1_1_14_1_1_4_1_369",
        "X_1_1_1_1_1_1_7_1_1_3_1_369",
        "X_1_1_1_1_1_1_15_1_1_2_1_369",
        "X_1_1_1_1_1_1_8_1_1_1_1_369"
],
      "CsaImage.ProtocolSliceNumber": [0, 1, 2, 3, 4, 5, 6, 7, 8, 9, 10, 11, 12, 13, 14],
      "CsaImage.SlicePosition_PCS": [
        [-111.50651398, -94.81981399, -64.17136604],
        [-111.50651398, -96.19800022, -59.36505729],
        [-111.50651398, -97.5761874, -54.55874855],
        [-111.50651398, -98.95437362, -49.7524398],
        [-111.50651398, -100.3325608, -44.94613201],
        [-111.50651398, -101.7107475, -40.13982326],
        [-111.50651398, -103.08893421, -35.33351451],
        [-111.50651398, -104.46712115, -30.52720615],
        [-111.50651398, -105.84530797, -25.7208975],
        [-111.50651398, -107.2234947, -20.91458923],
        [-111.50651398, -108.6016815, -16.10828048],
        [-111.50651398, -109.9798682, -11.30197174],
        [-111.50651398, -111.35805514, -6.49566299],
        [-111.50651398, -112.7362416, -1.68935615],
        [-111.50651398, -114.11442878, 3.1169526]
],
      "ImagePositionPatient": [
        [-111.50651398301, -94.819813991253, -175.17136603811],
        [-111.50651398301, -96.198000217144, -170.36505729177],
        [-111.50651398301, -97.57618739671, -165.55874854543],
        [-111.50651398301, -98.954373622601, -160.7524397991],
        [-111.50651398301, -100.33256080217, -155.94613200643],
        [-111.50651398301, -101.71074750489, -151.13982326009],
        [-111.50651398301, -103.08893420762, -146.33351451376],
        [-111.50651398301, -104.46712114877, -141.52720615485],
        [-111.50651398301, -105.84530797071, -136.72089749792],
        [-111.50651398301, -107.22349470324, -131.91458922842],
        [-111.50651398301, -108.60168149537, -127.10828048208],
        [-111.50651398301, -109.9798681981, -122.30197173574],
        [-111.50651398301, -111.35805513925, -117.4956629894],
        [-111.50651398301, -112.73624160356, -112.68935615041],
        [-111.50651398301, -114.11442878312, -107.88304740408]
],
      "InstanceCreationTime": ["192446.649000", "192446.666000", "192446.652000", "192446.668000", "192446.654000", "192446.670000", "192446.656000", "192446.672000", "192446.658000", "192446.674000", "192446.660000", "192446.676000", "192446.662000", "192446.678000", "192446.664000"],
      "InstanceNumber": [15, 14, 13, 12, 11, 10, 9, 8, 7, 6, 5, 4, 3, 2, 1],
      "LargestImagePixelValue": [1139, 1160, 1121, 1265, 1418, 1476, 1319, 1376, 1389, 1604, 1507, 1731, 1593, 1674, 1747],
      "SliceLocation": [-142.24964391037, -137.24964380654, -132.24964343983, -127.249643336, -122.24964388602, -117.24964365075, -112.24964341548, -107.24964348692, -102.24964330473, -97.249643519614, -92.2496432597, -87.24964302443, -82.249642723443, -77.249644387351, -72.249644020647],
      "WindowCenter": [513.0, 476.0, 477.0, 485.0, 495.0, 501.0, 500.0, 511.0, 531.0, 552.0, 570.0, 570.0, 560.0, 569.0, 569.0],
      "WindowWidth": [1065.0, 996.0, 1001.0, 1019.0, 1040.0, 1052.0, 1052.0, 1075.0, 1114.0, 1157.0, 1195.0, 1194.0, 1171.0, 1186.0, 1189.0]
    }
  }
}