{
  "AcquisitionMatrixPE": 32,
  "AcquisitionNumber": 1,
  "AcquisitionTime": "09:49:40.285000",
  "BaseResolution": 32,
  "BodyPartExamined": "BRAIN",
  "ConsistencyInfo": "N4_VE11C_LATEST_20160120",
  "ConversionSoftware": "dcm2niix",
  "ConversionSoftwareVersion": "v1.0.20190902",
  "DeviceSerialNumber": "167006",
  "DwellTime": 3.18e-05,
  "EchoTime": 0.00184,
  "FlipAngle": 80,
  "ImageComments": "flip_angle_map",
  "ImageOrientationPatientDICOM": [1, 0, 0, 0, 0.990268, -0.139173],
  "ImageType": [
    "ORIGINAL",
    "PRIMARY",
    "FLIP",
    "ANGLE",
    "MAP",
    "DIS2D"
],
  "ImagingFrequency": 123.259,
  "InPlanePhaseEncodingDirectionDICOM": "COL",
  "InstitutionAddress": "Chemin_Queen-Mary_4565_Montreal_District_CA_H3W_1W5",
  "InstitutionName": "IUGM",
  "InstitutionalDepartmentName": "Department",
  "MRAcquisitionType": "2D",
  "MagneticFieldStrength": 3,
  "Manufacturer": "Siemens",
  "ManufacturersModelName": "Prisma_fit",
  "Modality": "MR",
  "PartialFourier": 1,
  "PatientPosition": "HFS",
  "PercentPhaseFOV": 100,
  "PhaseEncodingDirection": "j-",
  "PhaseEncodingSteps": 32,
  "PhaseResolution": 1,
  "PixelBandwidth": 490,
  "ProcedureStepDescription": "hcptrt_generic",
  "ProtocolName": "tfl_b1map_6mm",
  "PulseSequenceDetails": "%SiemensSeq%_tfl_b1map",
  "ReceiveCoilActiveElements": "HC1-7;NC1",
  "ReceiveCoilName": "HeadNeck_64",
  "ReconMatrixPE": 32,
  "RepetitionTime": 10,
  "SAR": 0.00467041,
  "ScanningSequence": "GR",
  "SequenceName": "tfl2d1_512",
  "SequenceVariant": "SK_SP",
  "SeriesDescription": "tfl_b1map_6mm",
  "SeriesNumber": 23,
  "ShimSetting": [615, -7230, -8924, 573, 2, -381, 2, 17],
  "SliceThickness": 6,
  "SliceTiming": [5.03906, 0, 5.54688, 0.50781, 6.05469, 1.00781, 6.55469, 1.51562, 7.0625, 2.01562, 7.5625, 2.52344, 8.07031, 3.03125, 8.57031, 3.53125, 9.07812, 4.03906, 9.58594, 4.53906],
  "SoftwareVersions": "syngo_MR_E11",
  "SpacingBetweenSlices": 7.2,
  "StationName": "MRC35049",
  "TxRefAmp": 219.923,
  "dcmmeta_affine": [
    [-6.0, 0.0, 0.0, 94.89445495605469],
    [0.0, 5.941608428955078, -1.0020463466644287, -68.1496353149414],
    [0.0, 0.8350386023521423, 7.129932403564453, -51.768463134765625],
    [0.0, 0.0, 0.0, 1.0]
],
  "dcmmeta_reorient_transform": [
    [0.0, -1.0, 0.0, 31.0],
    [1.0, 0.0, 0.0, 0.0],
    [0.0, 0.0, -1.0, 19.0],
    [0.0, 0.0, 0.0, 1.0]
],
  "dcmmeta_shape": [32, 32, 20],
  "dcmmeta_slice_dim": 2,
  "dcmmeta_version": 0.6,
  "global": {
    "const": {
      "AcquisitionMatrix": [32, 0, 0, 32],
      "AcquisitionNumber": 1,
      "AngioFlag": "N",
      "BitsAllocated": 16,
      "BitsStored": 12,
      "BodyPartExamined": "BRAIN",
      "Columns": 32,
      "EchoNumbers": 1,
      "EchoTime": 1.84,
      "EchoTrainLength": 1,
      "FlipAngle": 80.0,
      "HighBit": 11,
      "ImageOrientationPatient": [1.0, 0.0, 0.0, 0.0, 0.99026806878515, -0.13917310065],
      "ImageType": [
        "ORIGINAL",
        "PRIMARY",
        "FLIP ANGLE MAP",
        "DIS2D"
],
      "ImagedNucleus": "1H",
      "ImagingFrequency": 123.259159,
      "InPlanePhaseEncodingDirection": "COL",
      "MRAcquisitionType": "2D",
      "MagneticFieldStrength": 3.0,
      "Manufacturer": "SIEMENS",
      "ManufacturerModelName": "Prisma_fit",
      "Modality": "MR",
      "NumberOfAverages": 1.0,
      "NumberOfPhaseEncodingSteps": 32,
      "PercentPhaseFieldOfView": 100.0,
      "PercentSampling": 100.0,
      "PerformedProcedureStepStartTime": "091224.547000",
      "PhotometricInterpretation": "MONOCHROME2",
      "PixelBandwidth": 490.0,
      "PixelRepresentation": 0,
      "PixelSpacing": [6.0, 6.0],
      "ProtocolName": "tfl_b1map_6mm",
      "RepetitionTime": 10000.0,
      "Rows": 32,
      "SAR": 0.004670412556,
      "SamplesPerPixel": 1,
      "ScanningSequence": "GR",
      "SequenceName": "tfl2d1_512",
      "SequenceVariant": [
        "SK",
        "SP"
],
      "SeriesDescription": "tfl_b1map_6mm",
      "SeriesNumber": 23,
      "SeriesTime": "094945.990000",
      "SliceThickness": 6.0,
      "SmallestImagePixelValue": 0,
      "SoftwareVersions": "syngo MR E11",
      "SpacingBetweenSlices": 7.2,
      "SpecificCharacterSet": "ISO_IR 100",
      "StudyID": "1",
      "StudyTime": "091224.445000",
      "TransmitCoilName": "Body",
      "VariableFlipAngleFlag": "N",
      "WindowCenterWidthExplanation": "Algo1",
      "dBdt": 0.0},
    "slices": {
      "AcquisitionTime": ["094940.285000", "094935.245000", "094940.790000", "094935.747500", "094941.295000", "094936.252500", "094941.800000", "094936.757500", "094942.302500", "094937.260000", "094942.807500", "094937.765000", "094943.312500", "094938.270000", "094943.815000", "094938.772500", "094944.320000", "094939.277500", "094944.825000", "094939.782500"],
      "ContentTime": ["094946.016000", "094945.992000", "094946.018000", "094945.999000", "094946.020000", "094946.001000", "094946.022000", "094946.003000", "094946.024000", "094946.005000", "094946.026000", "094946.007000", "094946.028000", "094946.009000", "094946.029000", "094946.011000", "094946.031000", "094946.013000", "094946.033000", "094946.014000"],
      "CsaImage.ICE_Dims": [
        "X_1_1_2_1_1_1_11_1_1_1_1_40",
        "X_1_1_2_1_1_1_1_1_1_2_1_40",
        "X_1_1_2_1_1_1_12_1_1_3_1_40",
        "X_1_1_2_1_1_1_2_1_1_4_1_40",
        "X_1_1_2_1_1_1_13_1_1_5_1_40",
        "X_1_1_2_1_1_1_3_1_1_6_1_40",
        "X_1_1_2_1_1_1_14_1_1_7_1_40",
        "X_1_1_2_1_1_1_4_1_1_8_1_40",
        "X_1_1_2_1_1_1_15_1_1_9_1_40",
        "X_1_1_2_1_1_1_5_1_1_10_1_40",
        "X_1_1_2_1_1_1_16_1_1_11_1_40",
        "X_1_1_2_1_1_1_6_1_1_12_1_40",
        "X_1_1_2_1_1_1_17_1_1_13_1_40",
        "X_1_1_2_1_1_1_7_1_1_14_1_40",
        "X_1_1_2_1_1_1_18_1_1_15_1_40",
        "X_1_1_2_1_1_1_8_1_1_16_1_40",
        "X_1_1_2_1_1_1_19_1_1_17_1_40",
        "X_1_1_2_1_1_1_9_1_1_18_1_40",
        "X_1_1_2_1_1_1_20_1_1_19_1_40",
        "X_1_1_2_1_1_1_10_1_1_20_1_40"
],
      "CsaImage.ProtocolSliceNumber": [0, 1, 2, 3, 4, 5, 6, 7, 8, 9, 10, 11, 12, 13, 14, 15, 16, 17, 18, 19],
      "CsaImage.SliceMeasurementDuration": [130.0, 127.5, 130.0, 130.0, 127.5, 127.5, 127.5, 127.5, 130.0, 130.0, 127.5, 127.5, 127.5, 127.5, 130.0, 130.0, 127.5, 127.5, 127.5, 127.5],
      "CsaImage.SlicePosition_PCS": [
        [-94.89445424, -116.04022572, -53.88222597],
        [-94.89445424, -115.03817914, -46.75229738],
        [-94.89445424, -114.03613255, -39.62236497],
        [-94.89445424, -113.03408787, -32.49243638],
        [-94.89445424, -112.03204129, -25.36250398],
        [-94.89445424, -111.0299947, -18.23257539],
        [-94.89445424, -110.02794812, -11.1026449],
        [-94.89445424, -109.02590153, -3.9727144],
        [-94.89445424, -108.0238559, 3.15721514],
        [-94.89445424, -107.02180932, 10.28714492],
        [-94.89445424, -106.01976273, 17.41707518],
        [-94.89445424, -105.01771615, 24.54700568],
        [-94.89445424, -104.01567052, 31.67693617],
        [-94.89445424, -103.01362393, 38.80686476],
        [-94.89445424, -102.01157735, 45.93679717],
        [-94.89445424, -101.00953124, 53.06672576],
        [-94.89445424, -100.00748465, 60.19665434],
        [-94.89445424, -99.00543854, 67.32658675],
        [-94.89445424, -98.0033922, 74.45651534],
        [-94.89445424, -97.00134585, 81.58644774]
],
      "CsaImage.TimeAfterStart": [15.125, 10.085, 15.63, 10.5875, 16.135, 11.0925, 16.64, 11.5975, 17.1425, 12.1, 17.6475, 12.605, 18.1525, 13.11, 18.655, 13.6125, 19.16, 14.1175, 19.665, 14.6225],
      "ImagePositionPatient": [
        [-94.894454240799, -116.04022572276, -25.882225965534],
        [-94.894454240799, -115.03817913768, -18.752297376667],
        [-94.894454240799, -114.03613255259, -11.622364973103],
        [-94.894454240799, -113.03408787486, -4.4924363842357],
        [-94.894454240799, -112.03204128978, 2.6374960193288],
        [-94.894454240799, -111.02999470469, 9.767424608196],
        [-94.894454240799, -110.02794811961, 16.897355104412],
        [-94.894454240799, -109.02590153453, 24.027285600628],
        [-94.894454240799, -108.02385590312, 31.157215143169],
        [-94.894454240799, -107.02180931804, 38.287144924129],
        [-94.894454240799, -106.01976273295, 45.417075181926],
        [-94.894454240799, -105.01771614787, 52.547005678142],
        [-94.894454240799, -104.01567051646, 59.676936174358],
        [-94.894454240799, -103.01362393138, 66.806864763225],
        [-94.894454240799, -102.01157734629, 73.93679716679],
        [-94.894454240799, -101.00953123805, 81.066725755657],
        [-94.894454240799, -100.00748465297, 88.196654344524],
        [-94.894454240799, -99.00543854472, 95.326586748089],
        [-94.894454240799, -98.003392198055, 102.45651533696],
        [-94.894454240799, -97.001345851391, 109.58644774052]
],
      "InstanceCreationTime": ["094946.016000", "094945.992000", "094946.018000", "094945.999000", "094946.020000", "094946.001000", "094946.022000", "094946.003000", "094946.024000", "094946.005000", "094946.026000", "094946.007000", "094946.028000", "094946.009000", "094946.029000", "094946.011000", "094946.031000", "094946.013000", "094946.033000", "094946.014000"],
      "InstanceNumber": [11, 1, 12, 2, 13, 3, 14, 4, 15, 5, 16, 6, 17, 7, 18, 8, 19, 9, 20, 10],
      "LargestImagePixelValue": [2049, 1854, 1363, 1219, 1212, 991, 1051, 1381, 981, 1358, 1379, 1926, 2102, 2290, 2069, 2017, 2044, 2262, 2126, 2088],
      "SliceLocation": [-41.780019936707, -34.580021392192, -27.380019070104, -20.18002079104, -12.980018468952, -5.7800199244369, 1.4199805088648, 8.6199809421666, 15.819980298349, 23.019980023356, 30.219980220559, 37.419980653861, 44.619980954437, 51.819979498952, 59.01998182104, 66.219980299193, 73.419978843708, 80.619981099433, 87.819979610767, 95.019981899674],
      "WindowCenter": [1049.0, 1058.0, 1017.0, 1015.0, 1043.0, 1067.0, 1075.0, 1070.0, 1069.0, 1066.0, 1105.0, 1104.0, 1096.0, 1084.0, 1084.0, 1061.0, 1085.0, 1139.0, 1198.0, 1215.0],
      "WindowWidth": [1775.0, 1761.0, 1582.0, 1581.0, 1615.0, 1641.0, 1650.0, 1643.0, 1640.0, 1635.0, 1774.0, 1846.0, 1840.0, 1851.0, 1890.0, 1860.0, 1989.0, 2133.0, 2281.0, 2524.0]
    }
  }
}