{
  "AcquisitionMatrixPE": 256,
  "AcquisitionNumber": 1,
  "AcquisitionTime": "10:44:45.972500",
  "BaseResolution": 256,
  "BodyPartExamined": "CSPINE",
  "CoilCombinationMethod": "Adaptive Combine",
  "ConsistencyInfo": "N4_VE11C_LATEST_20160120",
  "ConversionSoftware": "dcm2niix",
  "ConversionSoftwareVersion": "v1.0.20211006",
  "DeviceSerialNumber": "167006",
  "DwellTime": 7.5e-06,
  "EchoTime": 0.00313,
  "FlipAngle": 9,
  "HeudiconvVersion": "0.5.3.post569+g418601f",
  "ImageOrientationPatientDICOM": [0.994899, -0.0194879, 0.0989719, 2.84731e-08, 0.981161, 0.193193],
  "ImageOrientationText": "Tra>Cor(11.1)>Sag(5.8)",
  "ImageType": [
    "ORIGINAL",
    "PRIMARY",
    "M",
    "DIS2D"
],
  "ImagingFrequency": 123.259,
  "InPlanePhaseEncodingDirectionDICOM": "COL",
  "InstitutionAddress": "Chemin Queen-Mary 4565,Montreal,District,CA,H3W 1W5",
  "InstitutionName": "IUGM",
  "InstitutionalDepartmentName": "Department",
  "MRAcquisitionType": "3D",
  "MagneticFieldStrength": 3,
  "Manufacturer": "Siemens",
  "ManufacturersModelName": "Prisma_fit",
  "MatrixCoilMode": "GRAPPA",
  "Modality": "MR",
  "ParallelReductionFactorInPlane": 2,
  "PartialFourier": 1,
  "PatientPosition": "HFS",
  "PercentPhaseFOV": 100,
  "PercentSampling": 100,
  "PhaseEncodingSteps": 255,
  "PhaseResolution": 1,
  "PixelBandwidth": 260,
  "ProcedureStepDescription": "anat^generic",
  "ProtocolName": "GRE-MT0",
  "PulseSequenceDetails": "%SiemensSeq%\\gre",
  "ReceiveCoilActiveElements": "HC5-7;NC1,2",
  "ReceiveCoilName": "HeadNeck_64",
  "ReconMatrixPE": 256,
  "RefLinesPE": 32,
  "RepetitionTime": 0.035,
  "SAR": 0.00658647,
  "ScanningSequence": "GR",
  "SequenceName": "*fl3d1",
  "SequenceVariant": "SP",
  "SeriesDescription": "GRE-MT0",
  "SeriesNumber": 37,
  "ShimSetting": [580, -7289, -8952, -981, -178, 2282, -313, 149],
  "SliceThickness": 5,
  "SoftwareVersions": "syngo MR E11",
  "StationName": "MRC35049",
  "TxRefAmp": 304.598,
  "dcmmeta_affine": [
    [0.8938549160957336, 2.5581300633348292e-08, 0.5043612718582153, -126.83551025390625],
    [-0.017508644610643387, 0.8815115690231323, 0.9610400795936584, -134.374267578125],
    [-0.08892004936933517, -0.17357221245765686, 4.8807806968688965, -118.68389892578125],
    [0.0, 0.0, 0.0, 1.0]
],
  "dcmmeta_reorient_transform": [
    [0.0, -1.0, 0.0, 255.0],
    [-1.0, 0.0, 0.0, 255.0],
    [0.0, 0.0, -1.0, 21.0],
    [0.0, 0.0, 0.0, 1.0]
],
  "dcmmeta_shape": [256, 256, 22],
  "dcmmeta_slice_dim": 2,
  "dcmmeta_version": 0.6,
  "global": {
    "const": {
      "AcquisitionMatrix": [256, 0, 0, 256],
      "AcquisitionNumber": 1,
      "AcquisitionTime": "104445.972500",
      "AngioFlag": "N",
      "BitsAllocated": 16,
      "BitsStored": 12,
      "BodyPartExamined": "CSPINE",
      "Columns": 256,
      "EchoNumbers": 1,
      "EchoTime": 3.13,
      "EchoTrainLength": 1,
      "FlipAngle": 9.0,
      "HighBit": 11,
      "ImageOrientationPatient": [0.99489938645661, -0.019487883157, 0.09897188104869, 2.8473099e-08, 0.98116069069143, 0.19319342390959],
      "ImageType": [
        "ORIGINAL",
        "PRIMARY",
        "M",
        "DIS2D"
],
      "ImagedNucleus": "1H",
      "ImagingFrequency": 123.258838,
      "InPlanePhaseEncodingDirection": "COL",
      "LargestImagePixelValue": 4095,
      "MRAcquisitionType": "3D",
      "MagneticFieldStrength": 3.0,
      "Manufacturer": "SIEMENS",
      "ManufacturerModelName": "Prisma_fit",
      "Modality": "MR",
      "NumberOfAverages": 1.0,
      "NumberOfPhaseEncodingSteps": 255,
      "PercentPhaseFieldOfView": 100.0,
      "PercentSampling": 100.0,
      "PerformedProcedureStepStartTime": "090505.605000",
      "PhotometricInterpretation": "MONOCHROME2",
      "PixelBandwidth": 260.0,
      "PixelRepresentation": 0,
      "PixelSpacing": [0.8984375, 0.8984375],
      "ProtocolName": "GRE-MT0",
      "RepetitionTime": 35.0,
      "Rows": 256,
      "SAR": 0.00658647427558,
      "SamplesPerPixel": 1,
      "ScanningSequence": "GR",
      "SequenceName": "*fl3d1",
      "SequenceVariant": "SP",
      "SeriesDescription": "GRE-MT0",
      "SeriesNumber": 37,
      "SeriesTime": "104700.730000",
      "SliceThickness": 5.0,
      "SmallestImagePixelValue": 0,
      "SoftwareVersions": "syngo MR E11",
      "SpecificCharacterSet": "ISO_IR 100",
      "StudyID": "1",
      "StudyTime": "090505.476000",
      "TransmitCoilName": "Body",
      "VariableFlipAngleFlag": "N",
      "WindowCenterWidthExplanation": "Algo1",
      "dBdt": 0.0},
    "slices": {
      "ContentTime": ["104700.733000", "104700.736000", "104700.741000", "104700.743000", "104700.745000", "104700.747000", "104700.753000", "104700.755000", "104700.759000", "104700.761000", "104700.763000", "104700.765000", "104700.766000", "104700.768000", "104700.770000", "104700.772000", "104700.774000", "104700.776000", "104700.778000", "104700.780000", "104700.782000", "104700.784000"],
      "CsaImage.Actual3DImaPartNumber": [0, 1, 2, 3, 4, 5, 6, 7, 8, 9, 10, 11, 12, 13, 14, 15, 16, 17, 18, 19, 20, 21],
      "CsaImage.ICE_Dims": [
        "X_1_1_1_1_1_1_1_1_1_1_1_77",
        "X_1_1_1_1_1_2_1_1_1_1_1_77",
        "X_1_1_1_1_1_3_1_1_1_1_1_77",
        "X_1_1_1_1_1_4_1_1_1_1_1_77",
        "X_1_1_1_1_1_5_1_1_1_1_1_77",
        "X_1_1_1_1_1_6_1_1_1_1_1_77",
        "X_1_1_1_1_1_7_1_1_1_1_1_77",
        "X_1_1_1_1_1_8_1_1_1_1_1_77",
        "X_1_1_1_1_1_9_1_1_1_1_1_77",
        "X_1_1_1_1_1_10_1_1_1_1_1_77",
        "X_1_1_1_1_1_11_1_1_1_1_1_77",
        "X_1_1_1_1_1_12_1_1_1_1_1_77",
        "X_1_1_1_1_1_13_1_1_1_1_1_77",
        "X_1_1_1_1_1_14_1_1_1_1_1_77",
        "X_1_1_1_1_1_15_1_1_1_1_1_77",
        "X_1_1_1_1_1_16_1_1_1_1_1_77",
        "X_1_1_1_1_1_17_1_1_1_1_1_77",
        "X_1_1_1_1_1_18_1_1_1_1_1_77",
        "X_1_1_1_1_1_19_1_1_1_1_1_77",
        "X_1_1_1_1_1_20_1_1_1_1_1_77",
        "X_1_1_1_1_1_21_1_1_1_1_1_77",
        "X_1_1_1_1_1_22_1_1_1_1_1_77"
],
      "CsaImage.SlicePosition_PCS": [
        [-101.09749799, -85.94647747, -84.61943026],
        [-101.60185924, -86.90751755, -79.73864941],
        [-102.10622049, -87.86855763, -74.85786857],
        [-102.61058174, -88.82959771, -69.97708772],
        [-103.11494299, -89.79063779, -65.09630687],
        [-103.61930424, -90.75167787, -60.21552602],
        [-104.12366549, -91.71271795, -55.33474517],
        [-104.62802674, -92.67375803, -50.45396432],
        [-105.13238799, -93.63479811, -45.57318347],
        [-105.63674924, -94.59583819, -40.69240263],
        [-106.14111049, -95.55687827, -35.81162178],
        [-106.64547174, -96.51791835, -30.93084093],
        [-107.14983299, -97.47895843, -26.05006008],
        [-107.65419424, -98.43999851, -21.16927923],
        [-108.15855549, -99.40103859, -16.28849838],
        [-108.66291674, -100.36207867, -11.40771753],
        [-109.16727799, -101.32311875, -6.52693668],
        [-109.67163924, -102.28415883, -1.64615584],
        [-110.17600049, -103.24519891, 3.23462501],
        [-110.68036174, -104.20623899, 8.11540586],
        [-111.18472299, -105.16727908, 12.99618671],
        [-111.68908424, -106.12831916, 17.87696756]
],
      "ImagePositionPatient": [
        [-101.09749798822, -85.946477465394, -185.61943026363],
        [-101.60185923842, -86.907517545879, -180.73864941494],
        [-102.10622048863, -87.868557626364, -175.85786856624],
        [-102.61058173883, -88.82959770685, -170.97708771754],
        [-103.11494298903, -89.790637787335, -166.09630686885],
        [-103.61930423924, -90.751677867821, -161.21552602015],
        [-104.12366548944, -91.712717948306, -156.33474517146],
        [-104.62802673964, -92.673758028791, -151.45396432276],
        [-105.13238798985, -93.634798109277, -146.57318347407],
        [-105.63674924005, -94.595838189762, -141.69240262537],
        [-106.14111049025, -95.556878270247, -136.81162177667],
        [-106.64547174046, -96.517918350733, -131.93084092798],
        [-107.14983299066, -97.478958431218, -127.05006007928],
        [-107.65419424086, -98.439998511703, -122.16927923059],
        [-108.15855549106, -99.401038592189, -117.28849838189],
        [-108.66291674127, -100.36207867267, -112.4077175332],
        [-109.16727799147, -101.32311875316, -107.5269366845],
        [-109.67163924167, -102.28415883364, -102.6461558358],
        [-110.17600049188, -103.24519891413, -97.765374987109],
        [-110.68036174208, -104.20623899462, -92.884594138413],
        [-111.18472299228, -105.1672790751, -88.003813289718],
        [-111.68908424249, -106.12831915559, -83.123032441022]
],
      "InstanceCreationTime": ["104700.733000", "104700.736000", "104700.741000", "104700.743000", "104700.745000", "104700.747000", "104700.753000", "104700.755000", "104700.759000", "104700.761000", "104700.763000", "104700.765000", "104700.766000", "104700.768000", "104700.770000", "104700.772000", "104700.774000", "104700.776000", "104700.778000", "104700.780000", "104700.782000", "104700.784000"],
      "InstanceNumber": [22, 21, 20, 19, 18, 17, 16, 15, 14, 13, 12, 11, 10, 9, 8, 7, 6, 5, 4, 3, 2, 1],
      "SliceLocation": [-154.4760180556, -149.4760180556, -144.4760180556, -139.4760180556, -134.4760180556, -129.4760180556, -124.4760180556, -119.4760180556, -114.4760180556, -109.4760180556, -104.4760180556, -99.476018055603, -94.476018055603, -89.476018055603, -84.476018055603, -79.476018055603, -74.476018055603, -69.476018055603, -64.476018055603, -59.476018055603, -54.476018055603, -49.476018055603],
      "WindowCenter": [977.0, 1118.0, 361.0, 259.0, 255.0, 43.0, 1.0, 1.0, 1.0, 90.0, 427.0, 866.0, 1148.0, 1282.0, 1437.0, 1799.0, 2118.0, 2388.0, 1908.0, 1465.0, 1263.0, 849.0],
      "WindowWidth": [2595.0, 3329.0, 3949.0, 4095.0, 4047.0, 3989.0, 3976.0, 3985.0, 4017.0, 4069.0, 4095.0, 4095.0, 4095.0, 4095.0, 4095.0, 4095.0, 4095.0, 4095.0, 4095.0, 3969.0, 3028.0, 1921.0]
    }
  }
}