{
  "AcquisitionMatrixPE": 36,
  "AcquisitionNumber": 1,
  "AcquisitionTime": "17:23:1.875000",
  "BandwidthPerPixelPhaseEncode": 29.551,
  "BaseResolution": 96,
  "BodyPartExamined": "CSPINE",
  "CoilString": "HC7;NC1_2",
  "ConsistencyInfo": "N4_VE11C_LATEST_20160120",
  "ConversionSoftware": "dcm2niix",
  "ConversionSoftwareVersion": "v1.0.20190902",
  "DerivedVendorReportedEchoSpacing": 0.000939994,
  "DeviceSerialNumber": "167006",
  "DiffusionScheme": "Monopolar",
  "DwellTime": 4.1e-06,
  "EchoTime": 0.06,
  "EchoTrainLength": 31,
  "EffectiveEchoSpacing": 0.000939995,
  "FlipAngle": 90,
  "ImageOrientationPatientDICOM": [1, 0, 0, 0, 0.936672, 0.350207],
  "ImageType": [
    "ORIGINAL",
    "PRIMARY",
    "DIFFUSION",
    "NONE",
    "ND",
    "MOSAIC"
],
  "ImagingFrequency": 123.259,
  "InPlanePhaseEncodingDirectionDICOM": "COL",
  "InstitutionAddress": "Chemin_Queen-Mary_4565_Montreal_District_CA_H3W_1W5",
  "InstitutionName": "IUGM",
  "InstitutionalDepartmentName": "Department",
  "MRAcquisitionType": "2D",
  "MagneticFieldStrength": 3,
  "Manufacturer": "Siemens",
  "ManufacturersModelName": "Prisma_fit",
  "Modality": "MR",
  "PartialFourier": 0.875,
  "PatientPosition": "HFS",
  "PercentPhaseFOV": 37.5,
  "PhaseEncodingDirection": "j-",
  "PhaseEncodingSteps": 31,
  "PhaseResolution": 1,
  "PixelBandwidth": 1270,
  "ProcedureStepDescription": "neuromod_generic",
  "ProtocolName": "DWI",
  "PulseSequenceDetails": "%SiemensSeq%_ep2d_diff",
  "ReceiveCoilActiveElements": "HC7;NC1,2",
  "ReceiveCoilName": "HeadNeck_64",
  "ReconMatrixPE": 36,
  "RepetitionTime": 0.61,
  "SAR": 0.429313,
  "ScanOptions": "PFP_SFS_CT",
  "ScanningSequence": "EP",
  "SequenceName": "_ez_b0",
  "SequenceVariant": "SK_SP",
  "SeriesDescription": "DWI",
  "SeriesNumber": 32,
  "ShimSetting": [645, -7363, -9118, -1559, 96, 1467, 1121, -196],
  "SliceThickness": 5,
  "SliceTiming": [0, 0.965, 1.91, 2.845, 3.77, 0.195, 1.16, 2.105, 3.04, 3.965, 0.3925, 1.3575, 2.3025, 3.2375, 4.1625],
  "SoftwareVersions": "syngo_MR_E11",
  "SpacingBetweenSlices": 5,
  "StationName": "MRC35049",
  "TotalReadoutTime": 0.0328998,
  "TxRefAmp": 279.468,
  "dcmmeta_affine": [
    [-0.8958333134651184, 0.0, 0.0, 43.0],
    [0.0, 0.8391021490097046, 1.7510370016098022, -34.271671295166016],
    [0.0, -0.313727468252182, 4.683360576629639, -139.8579559326172],
    [0.0, 0.0, 0.0, 1.0]
],
  "dcmmeta_reorient_transform": [
    [0.0, -1.0, 0.0, 35.0],
    [1.0, 0.0, 0.0, 0.0],
    [0.0, 0.0, -1.0, 14.0],
    [0.0, 0.0, 0.0, 1.0]
],
  "dcmmeta_shape": [96, 36, 15, 35],
  "dcmmeta_slice_dim": 2,
  "dcmmeta_version": 0.6,
  "global": {
    "const": {
      "AcquisitionMatrix": [96, 0, 0, 36],
      "AngioFlag": "N",
      "BitsAllocated": 16,
      "BitsStored": 12,
      "BodyPartExamined": "CSPINE",
      "CardiacNumberOfImages": 1,
      "Columns": 384,
      "EchoNumbers": 1,
      "EchoTime": 60.0,
      "EchoTrainLength": 31,
      "FlipAngle": 90.0,
      "HighBit": 11,
      "ImageOrientationPatient": [1.0, 0.0, 0.0, 0.0, 0.93667217980175, 0.35020740652567],
      "ImagePositionPatient": [-171.9999961853, -64.922936444945, -102.21264861275],
      "ImageType": [
        "ORIGINAL",
        "PRIMARY",
        "DIFFUSION",
        "NONE",
        "ND",
        "MOSAIC"
],
      "ImagedNucleus": "1H",
      "ImagingFrequency": 123.259423,
      "InPlanePhaseEncodingDirection": "COL",
      "MRAcquisitionType": "2D",
      "MagneticFieldStrength": 3.0,
      "Manufacturer": "SIEMENS",
      "ManufacturerModelName": "Prisma_fit",
      "Modality": "MR",
      "NominalInterval": 0,
      "NumberOfAverages": 1.0,
      "NumberOfPhaseEncodingSteps": 31,
      "PercentPhaseFieldOfView": 37.5,
      "PercentSampling": 100.0,
      "PerformedProcedureStepStartTime": "160404.075000",
      "PhotometricInterpretation": "MONOCHROME2",
      "PixelBandwidth": 1270.0,
      "PixelRepresentation": 0,
      "PixelSpacing": [0.89583331346512, 0.89583331346512],
      "ProtocolName": "DWI",
      "RepetitionTime": 610.0,
      "Rows": 144,
      "SAR": 0.42931335037789,
      "SamplesPerPixel": 1,
      "ScanOptions": [
        "PFP",
        "SFS",
        "CT"
],
      "ScanningSequence": "EP",
      "SequenceVariant": [
        "SK",
        "SP"
],
      "SeriesDescription": "DWI",
      "SeriesNumber": 32,
      "SeriesTime": "172302.440000",
      "SliceLocation": -73.003251183002,
      "SliceThickness": 5.0,
      "SmallestImagePixelValue": 0,
      "SoftwareVersions": "syngo MR E11",
      "SpacingBetweenSlices": 4.9999998606987,
      "SpecificCharacterSet": "ISO_IR 100",
      "StudyID": "1",
      "StudyTime": "160404.004000",
      "TransmitCoilName": "Body",
      "VariableFlipAngleFlag": "N",
      "WindowCenterWidthExplanation": "Algo1",
      "dBdt": 0.0},
    "slices": {}
  },
  "time": {
    "samples": {
      "AcquisitionNumber": [1, 2, 3, 4, 5, 6, 7, 8, 9, 10, 11, 12, 13, 14, 15, 16, 17, 18, 19, 20, 21, 22, 23, 24, 25, 26, 27, 28, 29, 30, 31, 32, 33, 34, 35],
      "AcquisitionTime": ["172301.875000", "172306.550000", "172312.640000", "172318.040000", "172322.505000", "172327.080000", "172331.320000", "172335.730000", "172340.135000", "172344.515000", "172348.835000", "172353.405000", "172357.985000", "172402.655000", "172407.595000", "172412.400000", "172416.785000", "172421.140000", "172425.610000", "172430.230000", "172435.040000", "172440.035000", "172445.070000", "172450.027500", "172454.937500", "172459.342500", "172504.132500", "172508.942500", "172513.922500", "172520.632500", "172525.247500", "172529.972500", "172534.302500", "172538.927500", "172543.442500"],
      "ContentTime": ["172302.443000", "172307.708000", "172317.709000", "172322.709000", "172327.707000", "172327.718000", "172332.708000", "172337.709000", "172342.708000", "172347.708000", "172352.709000", "172357.709000", "172402.708000", "172407.708000", "172412.709000", "172417.707000", "172417.710000", "172422.708000", "172427.709000", "172432.708000", "172437.708000", "172442.708000", "172447.709000", "172452.708000", "172457.708000", "172502.709000", "172507.709000", "172512.708000", "172517.708000", "172522.709000", "172527.708000", "172532.707000", "172537.708000", "172542.708000", "172544.003000"],
      "InstanceCreationTime": ["172302.443000", "172307.708000", "172317.709000", "172322.709000", "172327.707000", "172327.718000", "172332.708000", "172337.709000", "172342.708000", "172347.708000", "172352.709000", "172357.709000", "172402.708000", "172407.708000", "172412.709000", "172417.707000", "172417.710000", "172422.708000", "172427.709000", "172432.708000", "172437.708000", "172442.708000", "172447.709000", "172452.708000", "172457.708000", "172502.709000", "172507.709000", "172512.708000", "172517.708000", "172522.709000", "172527.708000", "172532.707000", "172537.708000", "172542.708000", "172544.003000"],
      "InstanceNumber": [1, 2, 3, 4, 5, 6, 7, 8, 9, 10, 11, 12, 13, 14, 15, 16, 17, 18, 19, 20, 21, 22, 23, 24, 25, 26, 27, 28, 29, 30, 31, 32, 33, 34, 35],
      "LargestImagePixelValue": [4095, 3486, 4095, 3703, 3439, 3277, 2584, 3163, 2972, 3164, 2849, 3227, 2771, 3144, 2944, 3392, 3075, 3204, 2726, 3130, 3466, 3491, 3421, 3325, 3381, 3268, 3559, 3265, 3398, 4095, 3606, 4095, 4095, 4095, 4095],
      "SequenceName": [
        "*ez_b0",
        "*ez_b800#1",
        "*ez_b800#2",
        "*ez_b800#3",
        "*ez_b800#4",
        "*ez_b800#5",
        "*ez_b800#6",
        "*ez_b800#7",
        "*ez_b800#8",
        "*ez_b800#9",
        "*ez_b800#10",
        "*ez_b800#11",
        "*ez_b800#12",
        "*ez_b800#13",
        "*ez_b800#14",
        "*ez_b800#15",
        "*ez_b800#16",
        "*ez_b800#17",
        "*ez_b800#18",
        "*ez_b800#19",
        "*ez_b800#20",
        "*ez_b800#21",
        "*ez_b800#22",
        "*ez_b800#23",
        "*ez_b800#24",
        "*ez_b800#25",
        "*ez_b800#26",
        "*ez_b800#27",
        "*ez_b800#28",
        "*ez_b800#29",
        "*ez_b800#30",
        "*ez_b0",
        "*ez_b0",
        "*ez_b0",
        "*ez_b0"
],
      "TriggerTime": [572.5, 572.5, 572.5, 572.5, 572.5, 572.5, 572.5, 572.5, 572.5, 572.5, 570.0, 570.0, 570.0, 570.0, 570.0, 570.0, 570.0, 570.0, 570.0, 570.0, 570.0, 570.0, 570.0, 570.0, 570.0, 570.0, 570.0, 570.0, 570.0, 572.5, 572.5, 572.5, 572.5, 572.5, 572.5],
      "WindowCenter": [1375.0, 751.0, 778.0, 751.0, 770.0, 786.0, 776.0, 765.0, 735.0, 744.0, 764.0, 788.0, 725.0, 729.0, 765.0, 743.0, 727.0, 772.0, 760.0, 760.0, 745.0, 744.0, 802.0, 804.0, 799.0, 788.0, 778.0, 799.0, 819.0, 789.0, 809.0, 1341.0, 1288.0, 1369.0, 1349.0],
      "WindowWidth": [2680.0, 1495.0, 1555.0, 1493.0, 1549.0, 1610.0, 1585.0, 1544.0, 1451.0, 1478.0, 1541.0, 1597.0, 1435.0, 1459.0, 1573.0, 1499.0, 1442.0, 1545.0, 1511.0, 1498.0, 1475.0, 1477.0, 1627.0, 1639.0, 1648.0, 1599.0, 1553.0, 1622.0, 1689.0, 1588.0, 1662.0, 2641.0, 2573.0, 2674.0, 2649.0]
    },
    "slices": {}
  }
}