{
  "AcquisitionMatrixPE": 32,
  "AcquisitionNumber": 1,
  "AcquisitionTime": "13:41:44.220000",
  "BaseResolution": 32,
  "BodyPartExamined": "CSPINE",
  "ConsistencyInfo": "N4_VE11C_LATEST_20160120",
  "ConversionSoftware": "dcm2niix",
  "ConversionSoftwareVersion": "v1.0.20190902",
  "DeviceSerialNumber": "167006",
  "DwellTime": 3.18e-05,
  "EchoTime": 0.00184,
  "FlipAngle": 8,
  "ImageComments": "anatomical_image",
  "ImageOrientationPatientDICOM": [1, 0, 0, 0, 0.965016, -0.262189],
  "ImageType": [
    "ORIGINAL",
    "PRIMARY",
    "M",
    "DIS2D"
],
  "ImagingFrequency": 123.259,
  "InPlanePhaseEncodingDirectionDICOM": "COL",
  "InstitutionAddress": "Chemin_Queen-Mary_4565_Montreal_District_CA_H3W_1W5",
  "InstitutionName": "IUGM",
  "InstitutionalDepartmentName": "Department",
  "MRAcquisitionType": "2D",
  "MagneticFieldStrength": 3,
  "Manufacturer": "Siemens",
  "ManufacturersModelName": "Prisma_fit",
  "Modality": "MR",
  "PartialFourier": 1,
  "PatientPosition": "HFS",
  "PercentPhaseFOV": 100,
  "PhaseEncodingDirection": "j-",
  "PhaseEncodingSteps": 32,
  "PhaseResolution": 1,
  "PixelBandwidth": 490,
  "ProcedureStepDescription": "hcptrt_generic",
  "ProtocolName": "tfl_b1map_6mm",
  "PulseSequenceDetails": "%SiemensSeq%_tfl_b1map",
  "ReceiveCoilActiveElements": "HC1-6",
  "ReceiveCoilName": "HeadNeck_64",
  "ReconMatrixPE": 32,
  "RepetitionTime": 10,
  "SAR": 0.00436517,
  "ScanningSequence": "GR",
  "SequenceName": "tfl2d1_512",
  "SequenceVariant": "SK_SP",
  "SeriesDescription": "tfl_b1map_6mm",
  "SeriesNumber": 20,
  "ShimSetting": [620, -7224, -8884, 581, 21, -36, 10, -10],
  "SliceThickness": 6,
  "SliceTiming": [5.04688, 0, 5.54688, 0.51562, 6.0625, 1.01562, 6.5625, 1.51562, 7.0625, 2.01562, 7.57812, 2.53125, 8.07812, 3.03125, 8.57812, 3.53125, 9.07812, 4.04688, 9.57812, 4.54688],
  "SoftwareVersions": "syngo_MR_E11",
  "SpacingBetweenSlices": 7.2,
  "StationName": "MRC35049",
  "TxRefAmp": 212.884,
  "dcmmeta_affine": [
    [-6.0, 0.0, 0.0, 95.49686431884766],
    [0.0, 5.790099143981934, -1.8877620697021484, -57.74246597290039],
    [0.0, 1.5731350183486938, 6.9481201171875, -70.27291870117188],
    [0.0, 0.0, 0.0, 1.0]
],
  "dcmmeta_reorient_transform": [
    [0.0, -1.0, 0.0, 31.0],
    [1.0, 0.0, 0.0, 0.0],
    [0.0, 0.0, -1.0, 19.0],
    [0.0, 0.0, 0.0, 1.0]
],
  "dcmmeta_shape": [32, 32, 20],
  "dcmmeta_slice_dim": 2,
  "dcmmeta_version": 0.6,
  "global": {
    "const": {
      "AcquisitionMatrix": [32, 0, 0, 32],
      "AcquisitionNumber": 1,
      "AngioFlag": "N",
      "BitsAllocated": 16,
      "BitsStored": 12,
      "BodyPartExamined": "CSPINE",
      "Columns": 32,
      "EchoNumbers": 1,
      "EchoTime": 1.84,
      "EchoTrainLength": 1,
      "FlipAngle": 8.0,
      "HighBit": 11,
      "ImageOrientationPatient": [1.0, 0.0, 0.0, 0.0, 0.9650164969768, -0.2621891694228],
      "ImageType": [
        "ORIGINAL",
        "PRIMARY",
        "M",
        "DIS2D"
],
      "ImagedNucleus": "1H",
      "ImagingFrequency": 123.259007,
      "InPlanePhaseEncodingDirection": "COL",
      "MRAcquisitionType": "2D",
      "MagneticFieldStrength": 3.0,
      "Manufacturer": "SIEMENS",
      "ManufacturerModelName": "Prisma_fit",
      "Modality": "MR",
      "NumberOfAverages": 1.0,
      "NumberOfPhaseEncodingSteps": 32,
      "PercentPhaseFieldOfView": 100.0,
      "PercentSampling": 100.0,
      "PerformedProcedureStepStartTime": "130137.057000",
      "PhotometricInterpretation": "MONOCHROME2",
      "PixelBandwidth": 490.0,
      "PixelRepresentation": 0,
      "PixelSpacing": [6.0, 6.0],
      "ProtocolName": "tfl_b1map_6mm",
      "RepetitionTime": 10000.0,
      "Rows": 32,
      "SAR": 0.00436517413461,
      "SamplesPerPixel": 1,
      "ScanningSequence": "GR",
      "SequenceName": "tfl2d1_512",
      "SequenceVariant": [
        "SK",
        "SP"
],
      "SeriesDescription": "tfl_b1map_6mm",
      "SeriesNumber": 20,
      "SeriesTime": "134159.718000",
      "SliceThickness": 6.0,
      "SmallestImagePixelValue": 0,
      "SoftwareVersions": "syngo MR E11",
      "SpacingBetweenSlices": 7.2,
      "SpecificCharacterSet": "ISO_IR 100",
      "StudyID": "1",
      "StudyTime": "130136.965000",
      "TransmitCoilName": "Body",
      "VariableFlipAngleFlag": "N",
      "WindowCenterWidthExplanation": "Algo1",
      "dBdt": 0.0},
    "slices": {
      "AcquisitionTime": ["134144.220000", "134139.177500", "134144.725000", "134139.682500", "134145.230000", "134140.187500", "134145.732500", "134140.692500", "134146.237500", "134141.195000", "134146.742500", "134141.700000", "134147.245000", "134142.205000", "134147.750000", "134142.707500", "134148.255000", "134143.212500", "134148.757500", "134143.717500"],
      "ContentTime": ["134159.758000", "134159.721000", "134159.762000", "134159.723000", "134159.765000", "134159.725000", "134159.767000", "134159.727000", "134159.769000", "134159.729000", "134159.771000", "134159.731000", "134159.780000", "134159.733000", "134159.795000", "134159.745000", "134159.798000", "134159.747000", "134159.800000", "134159.749000"],
      "CsaImage.ICE_Dims": [
        "X_1_1_1_1_1_1_11_1_1_1_1_306",
        "X_1_1_1_1_1_1_1_1_1_2_1_306",
        "X_1_1_1_1_1_1_12_1_1_3_1_306",
        "X_1_1_1_1_1_1_2_1_1_4_1_306",
        "X_1_1_1_1_1_1_13_1_1_5_1_306",
        "X_1_1_1_1_1_1_3_1_1_6_1_306",
        "X_1_1_1_1_1_1_14_1_1_7_1_306",
        "X_1_1_1_1_1_1_4_1_1_8_1_306",
        "X_1_1_1_1_1_1_15_1_1_9_1_306",
        "X_1_1_1_1_1_1_5_1_1_10_1_306",
        "X_1_1_1_1_1_1_16_1_1_11_1_306",
        "X_1_1_1_1_1_1_6_1_1_12_1_306",
        "X_1_1_1_1_1_1_17_1_1_13_1_306",
        "X_1_1_1_1_1_1_7_1_1_14_1_306",
        "X_1_1_1_1_1_1_18_1_1_15_1_306",
        "X_1_1_1_1_1_1_8_1_1_16_1_306",
        "X_1_1_1_1_1_1_19_1_1_17_1_306",
        "X_1_1_1_1_1_1_9_1_1_18_1_306",
        "X_1_1_1_1_1_1_20_1_1_19_1_306",
        "X_1_1_1_1_1_1_10_1_1_20_1_306"
],
      "CsaImage.ProtocolSliceNumber": [0, 1, 2, 3, 4, 5, 6, 7, 8, 9, 10, 11, 12, 13, 14, 15, 16, 17, 18, 19],
      "CsaImage.SliceMeasurementDuration": [130.0, 130.0, 127.5, 127.5, 127.5, 127.5, 130.0, 127.5, 127.5, 130.0, 127.5, 127.5, 130.0, 127.5, 127.5, 130.0, 127.5, 127.5, 130.0, 127.5],
      "CsaImage.SlicePosition_PCS": [
        [-95.49686384, -121.75060394, -40.50571254],
        [-95.49686384, -119.86284187, -33.55759242],
        [-95.49686384, -117.9750798, -26.60947612],
        [-95.49686384, -116.08731773, -19.661356],
        [-95.49686384, -114.19955566, -12.71323588],
        [-95.49686384, -112.31179359, -5.76511767],
        [-95.49686384, -110.42403152, 1.18300054],
        [-95.49686384, -108.53626946, 8.13111875],
        [-95.49686384, -106.64850739, 15.07923791],
        [-95.49686384, -104.76074532, 22.02735683],
        [-95.49686384, -102.87298325, 28.97547552],
        [-95.49686384, -100.98522118, 35.92359445],
        [-95.49686384, -99.09745911, 42.87171361],
        [-95.49686384, -97.20969704, 49.81983182],
        [-95.49686384, -95.32193497, 56.76795003],
        [-95.49686384, -93.4341729, 63.71607015],
        [-95.49686384, -91.54641083, 70.66418645],
        [-95.49686384, -89.65864876, 77.61230657],
        [-95.49686384, -87.77088669, 84.56042668],
        [-95.49686384, -85.88312462, 91.5085468]
],
      "CsaImage.TimeAfterStart": [5.0425, 0.0, 5.5475, 0.505, 6.0525, 1.01, 6.555, 1.515, 7.06, 2.0175, 7.565, 2.5225, 8.0675, 3.0275, 8.5725, 3.53, 9.0775, 4.035, 9.58, 4.54],
      "ImagePositionPatient": [
        [-95.49686384201, -121.75060394293, -21.505712538143],
        [-95.49686384201, -119.86284187322, -14.557592420955],
        [-95.49686384201, -117.97507980352, -7.609476118465],
        [-95.49686384201, -116.08731773382, -0.6613560012775],
        [-95.49686384201, -114.19955566412, 6.28676411591],
        [-95.49686384201, -112.31179359442, 13.234882325749],
        [-95.49686384201, -110.42403152471, 20.183000535588],
        [-95.49686384201, -108.53626945501, 27.131118745427],
        [-95.49686384201, -106.64850738531, 34.07923790894],
        [-95.49686384201, -104.76074531561, 41.027356834034],
        [-95.49686384201, -102.87298324591, 47.97547552071],
        [-95.49686384201, -100.9852211762, 54.923594445805],
        [-95.49686384201, -99.097459106501, 61.871713609318],
        [-95.49686384201, -97.209697036799, 68.819831819157],
        [-95.49686384201, -95.321934967097, 75.767950028996],
        [-95.49686384201, -93.434172897395, 82.716070146183],
        [-95.49686384201, -91.546410827693, 89.664186448674],
        [-95.49686384201, -89.658648757991, 96.612306565861],
        [-95.49686384201, -87.770886688288, 103.56042668305],
        [-95.49686384201, -85.883124618586, 110.50854680024]
],
      "InstanceCreationTime": ["134159.758000", "134159.721000", "134159.762000", "134159.723000", "134159.765000", "134159.725000", "134159.767000", "134159.727000", "134159.769000", "134159.729000", "134159.771000", "134159.731000", "134159.780000", "134159.733000", "134159.795000", "134159.745000", "134159.798000", "134159.747000", "134159.800000", "134159.749000"],
      "InstanceNumber": [11, 1, 12, 2, 13, 3, 14, 4, 15, 5, 16, 6, 17, 7, 18, 8, 19, 9, 20, 10],
      "LargestImagePixelValue": [4095, 4095, 4076, 4095, 4095, 4095, 4095, 4088, 4092, 4095, 4095, 4068, 4093, 4095, 4095, 4095, 4095, 4095, 4095, 4056],
      "SliceLocation": [-52.675057103072, -45.475055797887, -38.275058173947, -31.075056868762, -23.875055563576, -16.675056099014, -9.4750566344514, -2.2750571698889, 4.9249432149851, 12.124943369781, 19.324943294499, 26.524943449296, 33.724943834169, 40.924943298732, 48.124942763295, 55.32494406848, 62.52494169242, 69.724942997605, 76.92494430279, 84.124945607976],
      "WindowCenter": [1697.0, 1517.0, 1556.0, 1901.0, 2040.0, 1894.0, 1911.0, 1730.0, 1647.0, 1615.0, 1611.0, 1653.0, 1745.0, 1922.0, 1855.0, 1645.0, 1547.0, 1250.0, 762.0, 326.0],
      "WindowWidth": [3339.0, 3045.0, 3070.0, 3348.0, 3176.0, 2683.0, 2693.0, 2577.0, 2505.0, 2858.0, 2936.0, 2984.0, 3189.0, 3336.0, 3405.0, 3280.0, 3429.0, 3469.0, 3319.0, 3309.0]
    }
  }
}