{
  "AcquisitionMatrixPE": 36,
  "AcquisitionNumber": 1,
  "AcquisitionTime": "16:21:55.450000",
  "BandwidthPerPixelPhaseEncode": 29.551,
  "BaseResolution": 96,
  "BodyPartExamined": "CSPINE",
  "CoilCombinationMethod": "Adaptive Combine",
  "ConsistencyInfo": "N4_VE11C_LATEST_20160120",
  "ConversionSoftware": "dcm2niix",
  "ConversionSoftwareVersion": "v1.0.20211006",
  "DerivedVendorReportedEchoSpacing": 0.000939994,
  "DeviceSerialNumber": "167006",
  "DiffusionScheme": "Monopolar",
  "DwellTime": 4.1e-06,
  "EchoTime": 0.06,
  "EchoTrainLength": 31,
  "EffectiveEchoSpacing": 0.000939995,
  "FlipAngle": 90,
  "HeudiconvVersion": "0.5.3.post569+g418601f",
  "ImageOrientationPatientDICOM": [0.999203, -0.0119407, 0.0381011, 2.59064e-08, 0.954237, 0.299053],
  "ImageOrientationText": "Tra>Cor(17.4)>Sag(2.3)",
  "ImageType": [
    "ORIGINAL",
    "PRIMARY",
    "DIFFUSION",
    "NONE",
    "ND",
    "MOSAIC"
],
  "ImagingFrequency": 123.259,
  "InPlanePhaseEncodingDirectionDICOM": "COL",
  "InstitutionAddress": "Chemin Queen-Mary 4565,Montreal,District,CA,H3W 1W5",
  "InstitutionName": "IUGM",
  "InstitutionalDepartmentName": "Department",
  "MRAcquisitionType": "2D",
  "MagneticFieldStrength": 3,
  "Manufacturer": "Siemens",
  "ManufacturersModelName": "Prisma_fit",
  "MatrixCoilMode": "SENSE",
  "Modality": "MR",
  "PartialFourier": 0.875,
  "PatientPosition": "HFS",
  "PercentPhaseFOV": 37.5,
  "PercentSampling": 100,
  "PhaseEncodingDirection": "j-",
  "PhaseEncodingSteps": 31,
  "PhaseResolution": 1,
  "PixelBandwidth": 1270,
  "ProcedureStepDescription": "anat^generic",
  "ProtocolName": "DWI",
  "PulseSequenceDetails": "%SiemensSeq%\\ep2d_diff",
  "ReceiveCoilActiveElements": "HC7;NC1,2",
  "ReceiveCoilName": "HeadNeck_64",
  "ReconMatrixPE": 36,
  "RepetitionTime": 0.61,
  "SAR": 0.429836,
  "ScanOptions": "PFP\\SFS\\CT",
  "ScanningSequence": "EP",
  "SequenceName": "*ez_b0",
  "SequenceVariant": "SK\\SP",
  "SeriesDescription": "DWI",
  "SeriesNumber": 32,
  "ShimSetting": [587, -7159, -8976, -722, 3, 3457, -624, 54],
  "SliceThickness": 5,
  "SliceTiming": [0, 1.015, 2.0075, 3.0225, 4.0125, 0.1975, 1.2125, 2.2025, 3.2175, 4.2075, 0.395, 1.41, 2.4, 3.415, 4.405],
  "SoftwareVersions": "syngo MR E11",
  "SpacingBetweenSlices": 5,
  "SpoilingState": true,
  "StationName": "MRC35049",
  "TotalReadoutTime": 0.0328998,
  "TxRefAmp": 277.739,
  "dcmmeta_affine": [
    [-0.8951189517974854, 2.320778236253318e-08, 0.19964170455932617, 35.63029861450195],
    [0.010696890763938427, 0.8548368215560913, 1.4940725564956665, -38.509456634521484],
    [0.0341322124004364, -0.26790162920951843, 4.7673773765563965, -135.1350555419922],
    [0.0, 0.0, 0.0, 1.0]
],
  "dcmmeta_reorient_transform": [
    [0.0, -1.0, 0.0, 35.0],
    [1.0, 0.0, 0.0, 0.0],
    [0.0, 0.0, -1.0, 14.0],
    [0.0, 0.0, 0.0, 1.0]
],
  "dcmmeta_shape": [96, 36, 15, 35],
  "dcmmeta_slice_dim": 2,
  "dcmmeta_version": 0.6,
  "global": {
    "const": {
      "AcquisitionMatrix": [96, 0, 0, 36],
      "AngioFlag": "N",
      "BitsAllocated": 16,
      "BitsStored": 12,
      "BodyPartExamined": "CSPINE",
      "CardiacNumberOfImages": 1,
      "Columns": 384,
      "EchoNumbers": 1,
      "EchoTime": 60.0,
      "EchoTrainLength": 31,
      "FlipAngle": 90.0,
      "HighBit": 11,
      "ImageOrientationPatient": [0.99920254579443, -0.0119407151123, 0.03810107348286, 2.5906363e-08, 0.95423650264199, 0.29905300036213],
      "ImagePositionPatient": [-167.32241186586, -56.947685489405, -97.150049476474],
      "ImageType": [
        "ORIGINAL",
        "PRIMARY",
        "DIFFUSION",
        "NONE",
        "ND",
        "MOSAIC"
],
      "ImagedNucleus": "1H",
      "ImagingFrequency": 123.25862,
      "InPlanePhaseEncodingDirection": "COL",
      "MRAcquisitionType": "2D",
      "MagneticFieldStrength": 3.0,
      "Manufacturer": "SIEMENS",
      "ManufacturerModelName": "Prisma_fit",
      "Modality": "MR",
      "NominalInterval": 0,
      "NumberOfAverages": 1.0,
      "NumberOfPhaseEncodingSteps": 31,
      "PercentPhaseFieldOfView": 37.5,
      "PercentSampling": 100.0,
      "PerformedProcedureStepStartTime": "151819.552000",
      "PhotometricInterpretation": "MONOCHROME2",
      "PixelBandwidth": 1270.0,
      "PixelRepresentation": 0,
      "PixelSpacing": [0.89583331346512, 0.89583331346512],
      "ProtocolName": "DWI",
      "RepetitionTime": 610.0,
      "Rows": 144,
      "SAR": 0.42983568094287,
      "SamplesPerPixel": 1,
      "ScanOptions": [
        "PFP",
        "SFS",
        "CT"
],
      "ScanningSequence": "EP",
      "SequenceVariant": [
        "SK",
        "SP"
],
      "SeriesDescription": "DWI",
      "SeriesNumber": 32,
      "SeriesTime": "162155.617000",
      "SliceLocation": -68.93249452315,
      "SliceThickness": 5.0,
      "SmallestImagePixelValue": 0,
      "SoftwareVersions": "syngo MR E11",
      "SpacingBetweenSlices": 4.9999998803237,
      "SpecificCharacterSet": "ISO_IR 100",
      "StudyID": "1",
      "StudyTime": "151819.473000",
      "TransmitCoilName": "Body",
      "VariableFlipAngleFlag": "N",
      "WindowCenterWidthExplanation": "Algo1",
      "dBdt": 0.0},
    "slices": {}
  },
  "time": {
    "samples": {
      "AcquisitionNumber": [1, 2, 3, 4, 5, 6, 7, 8, 9, 10, 11, 12, 13, 14, 15, 16, 17, 18, 19, 20, 21, 22, 23, 24, 25, 26, 27, 28, 29, 30, 31, 32, 33, 34, 35],
      "AcquisitionTime": ["162155.450000", "162200.490000", "162205.480000", "162210.480000", "162215.420000", "162220.375000", "162225.325000", "162230.337500", "162235.302500", "162240.232500", "162244.977500", "162249.762500", "162254.347500", "162259.012500", "162303.957500", "162308.732500", "162313.662500", "162318.485000", "162323.315000", "162328.140000", "162332.985000", "162337.955000", "162342.865000", "162347.820000", "162352.745000", "162357.695000", "162402.580000", "162407.522500", "162412.472500", "162417.387500", "162422.302500", "162427.272500", "162432.287500", "162437.312500", "162442.317500"],
      "ContentTime": ["162155.620000", "162202.757000", "162207.757000", "162212.758000", "162217.756000", "162222.757000", "162227.757000", "162232.756000", "162237.756000", "162242.758000", "162247.757000", "162252.756000", "162257.757000", "162302.757000", "162307.756000", "162312.756000", "162317.757000", "162322.757000", "162327.757000", "162332.758000", "162337.758000", "162342.757000", "162347.757000", "162352.758000", "162357.758000", "162402.756000", "162402.759000", "162407.758000", "162412.758000", "162417.756000", "162422.756000", "162427.757000", "162432.757000", "162437.756000", "162442.489000"],
      "InstanceCreationTime": ["162155.620000", "162202.757000", "162207.757000", "162212.758000", "162217.756000", "162222.757000", "162227.757000", "162232.756000", "162237.756000", "162242.758000", "162247.757000", "162252.756000", "162257.757000", "162302.757000", "162307.756000", "162312.756000", "162317.757000", "162322.757000", "162327.757000", "162332.758000", "162337.758000", "162342.757000", "162347.757000", "162352.758000", "162357.758000", "162402.756000", "162402.759000", "162407.758000", "162412.758000", "162417.756000", "162422.756000", "162427.757000", "162432.757000", "162437.756000", "162442.489000"],
      "InstanceNumber": [1, 2, 3, 4, 5, 6, 7, 8, 9, 10, 11, 12, 13, 14, 15, 16, 17, 18, 19, 20, 21, 22, 23, 24, 25, 26, 27, 28, 29, 30, 31, 32, 33, 34, 35],
      "LargestImagePixelValue": [4095, 3466, 3053, 3351, 3385, 3298, 3358, 3094, 3351, 3440, 3310, 2950, 3287, 3284, 3011, 2919, 2971, 3433, 3468, 3279, 3059, 2911, 3368, 3333, 3527, 3420, 3706, 3007, 3138, 3220, 3360, 4095, 4095, 4095, 4095],
      "SequenceName": [
        "*ez_b0",
        "*ez_b800#1",
        "*ez_b800#2",
        "*ez_b800#3",
        "*ez_b800#4",
        "*ez_b800#5",
        "*ez_b800#6",
        "*ez_b800#7",
        "*ez_b800#8",
        "*ez_b800#9",
        "*ez_b800#10",
        "*ez_b800#11",
        "*ez_b800#12",
        "*ez_b800#13",
        "*ez_b800#14",
        "*ez_b800#15",
        "*ez_b800#16",
        "*ez_b800#17",
        "*ez_b800#18",
        "*ez_b800#19",
        "*ez_b800#20",
        "*ez_b800#21",
        "*ez_b800#22",
        "*ez_b800#23",
        "*ez_b800#24",
        "*ez_b800#25",
        "*ez_b800#26",
        "*ez_b800#27",
        "*ez_b800#28",
        "*ez_b800#29",
        "*ez_b800#30",
        "*ez_b0",
        "*ez_b0",
        "*ez_b0",
        "*ez_b0"
],
      "TriggerTime": [572.5, 572.5, 572.5, 572.5, 570.0, 570.0, 570.0, 570.0, 572.5, 572.5, 572.5, 572.5, 572.5, 572.5, 570.0, 570.0, 570.0, 570.0, 572.5, 572.5, 572.5, 572.5, 572.5, 572.5, 570.0, 570.0, 570.0, 570.0, 572.5, 572.5, 572.5, 572.5, 572.5, 572.5, 570.0],
      "WindowCenter": [1473.0, 770.0, 770.0, 760.0, 801.0, 822.0, 816.0, 801.0, 752.0, 776.0, 790.0, 799.0, 737.0, 764.0, 803.0, 784.0, 762.0, 787.0, 780.0, 759.0, 739.0, 742.0, 801.0, 809.0, 817.0, 798.0, 781.0, 798.0, 818.0, 794.0, 816.0, 1462.0, 1460.0, 1445.0, 1463.0],
      "WindowWidth": [2776.0, 1532.0, 1534.0, 1505.0, 1632.0, 1705.0, 1682.0, 1638.0, 1487.0, 1549.0, 1602.0, 1630.0, 1462.0, 1517.0, 1653.0, 1575.0, 1507.0, 1578.0, 1555.0, 1500.0, 1459.0, 1464.0, 1634.0, 1655.0, 1695.0, 1631.0, 1558.0, 1633.0, 1694.0, 1601.0, 1687.0, 2760.0, 2763.0, 2747.0, 2764.0]
    },
    "slices": {}
  }
}