{
  "AcquisitionMatrixPE": 36,
  "AcquisitionNumber": 1,
  "AcquisitionTime": "16:47:17.292500",
  "BandwidthPerPixelPhaseEncode": 29.551,
  "BaseResolution": 96,
  "BodyPartExamined": "CSPINE",
  "CoilCombinationMethod": "Adaptive Combine",
  "ConsistencyInfo": "N4_VE11C_LATEST_20160120",
  "ConversionSoftware": "dcm2niix",
  "ConversionSoftwareVersion": "v1.0.20211006",
  "DerivedVendorReportedEchoSpacing": 0.000939994,
  "DeviceSerialNumber": "167006",
  "DiffusionScheme": "Monopolar",
  "DwellTime": 4.1e-06,
  "EchoTime": 0.06,
  "EchoTrainLength": 31,
  "EffectiveEchoSpacing": 0.000939995,
  "FlipAngle": 90,
  "HeudiconvVersion": "0.11.3.post9+gc939bf8",
  "ImageOrientationPatientDICOM": [1, 0, 0, 0, 0.947768, 0.318959],
  "ImageOrientationText": "Tra>Cor(18.6)",
  "ImageType": [
    "ORIGINAL",
    "PRIMARY",
    "DIFFUSION",
    "NONE",
    "ND",
    "MOSAIC"
],
  "ImagingFrequency": 123.259,
  "InPlanePhaseEncodingDirectionDICOM": "COL",
  "InstitutionAddress": "Chemin Queen-Mary 4565,Montreal,District,CA,H3W 1W5",
  "InstitutionName": "IUGM",
  "InstitutionalDepartmentName": "Department",
  "MRAcquisitionType": "2D",
  "MagneticFieldStrength": 3,
  "Manufacturer": "Siemens",
  "ManufacturersModelName": "Prisma_fit",
  "MatrixCoilMode": "SENSE",
  "Modality": "MR",
  "PartialFourier": 0.875,
  "PatientPosition": "HFS",
  "PercentPhaseFOV": 37.5,
  "PercentSampling": 100,
  "PhaseEncodingDirection": "j-",
  "PhaseEncodingSteps": 31,
  "PhaseResolution": 1,
  "PixelBandwidth": 1270,
  "ProcedureStepDescription": "anat^generic",
  "ProtocolName": "DWI",
  "PulseSequenceDetails": "%SiemensSeq%\\ep2d_diff",
  "ReceiveCoilActiveElements": "HC7;NC1,2",
  "ReceiveCoilName": "HeadNeck_64",
  "ReconMatrixPE": 36,
  "RepetitionTime": 0.61,
  "SAR": 0.384358,
  "ScanOptions": "PFP\\SFS\\CT",
  "ScanningSequence": "EP",
  "SequenceName": "*ez_b0",
  "SequenceVariant": "SK\\SP",
  "SeriesDescription": "DWI",
  "SeriesNumber": 35,
  "ShimSetting": [606, -7141, -8847, -625, 64, 2478, -804, 19],
  "SliceThickness": 5,
  "SliceTiming": [0, 0.885, 1.8, 2.675, 3.525, 0.1975, 1.0825, 1.9975, 2.8725, 3.7225, 0.3925, 1.2775, 2.1925, 3.0675, 3.9175],
  "SoftwareVersions": "syngo MR E11",
  "SpacingBetweenSlices": 5,
  "SpoilingState": true,
  "StationName": "MRC35049",
  "TotalReadoutTime": 0.0328998,
  "TxRefAmp": 256.77,
  "dcmmeta_affine": [
    [-0.8958333134651184, 0.0, 0.0, 42.50651168823242],
    [0.0, 0.849042534828186, 1.5947965383529663, -49.54977035522461],
    [0.0, -0.2857343554496765, 4.738842487335205, -134.63565063476562],
    [0.0, 0.0, 0.0, 1.0]
],
  "dcmmeta_reorient_transform": [
    [0.0, -1.0, 0.0, 35.0],
    [1.0, 0.0, 0.0, 0.0],
    [0.0, 0.0, -1.0, 14.0],
    [0.0, 0.0, 0.0, 1.0]
],
  "dcmmeta_shape": [96, 36, 15, 35],
  "dcmmeta_slice_dim": 2,
  "dcmmeta_version": 0.6,
  "global": {
    "const": {
      "AcquisitionMatrix": [96, 0, 0, 36],
      "AngioFlag": "N",
      "BitsAllocated": 16,
      "BitsStored": 12,
      "BodyPartExamined": "CSPINE",
      "CardiacNumberOfImages": 1,
      "Columns": 384,
      "EchoNumbers": 1,
      "EchoTime": 60.0,
      "EchoTrainLength": 31,
      "FlipAngle": 90.0,
      "HighBit": 11,
      "ImageOrientationPatient": [1.0, 0.0, 0.0, 0.0, 0.9477684125007, 0.31895930189589],
      "ImagePositionPatient": [-171.50651016831, -48.342167550856, -93.722223728656],
      "ImageType": [
        "ORIGINAL",
        "PRIMARY",
        "DIFFUSION",
        "NONE",
        "ND",
        "MOSAIC"
],
      "ImagedNucleus": "1H",
      "ImagingFrequency": 123.258572,
      "InPlanePhaseEncodingDirection": "COL",
      "MRAcquisitionType": "2D",
      "MagneticFieldStrength": 3.0,
      "Manufacturer": "SIEMENS",
      "ManufacturerModelName": "Prisma_fit",
      "Modality": "MR",
      "NominalInterval": 0,
      "NumberOfAverages": 1.0,
      "NumberOfPhaseEncodingSteps": 31,
      "PercentPhaseFieldOfView": 37.5,
      "PercentSampling": 100.0,
      "PerformedProcedureStepStartTime": "151323.770000",
      "PhotometricInterpretation": "MONOCHROME2",
      "PixelBandwidth": 1270.0,
      "PixelRepresentation": 0,
      "PixelSpacing": [0.89583331346512, 0.89583331346512],
      "ProtocolName": "DWI",
      "RepetitionTime": 610.0,
      "Rows": 144,
      "SAR": 0.38435840564424,
      "SamplesPerPixel": 1,
      "ScanOptions": [
        "PFP",
        "SFS",
        "CT"
],
      "ScanningSequence": "EP",
      "SequenceVariant": [
        "SK",
        "SP"
],
      "SeriesDescription": "DWI",
      "SeriesNumber": 35,
      "SeriesTime": "164717.704000",
      "SliceLocation": -73.407779185189,
      "SliceThickness": 5.0,
      "SmallestImagePixelValue": 0,
      "SoftwareVersions": "syngo MR E11",
      "SpacingBetweenSlices": 5.0000002561897,
      "SpecificCharacterSet": "ISO_IR 100",
      "StudyID": "1",
      "StudyTime": "151323.694000",
      "TransmitCoilName": "Body",
      "VariableFlipAngleFlag": "N",
      "WindowCenter": 1881.0,
      "WindowCenterWidthExplanation": "WINDOW1",
      "WindowWidth": 4096.0,
      "dBdt": 0.0},
    "slices": {}
  },
  "time": {
    "samples": {
      "AcquisitionNumber": [1, 2, 3, 4, 5, 6, 7, 8, 9, 10, 11, 12, 13, 14, 15, 16, 17, 18, 19, 20, 21, 22, 23, 24, 25, 26, 27, 28, 29, 30, 31, 32, 33, 34, 35],
      "AcquisitionTime": ["164717.292500", "164721.742500", "164726.177500", "164730.622500", "164735.122500", "164739.637500", "164744.262500", "164748.842500", "164753.287500", "164757.900000", "164802.355000", "164806.985000", "164811.590000", "164816.245000", "164820.925000", "164825.100000", "164829.235000", "164833.705000", "164837.975000", "164842.115000", "164846.250000", "164850.740000", "164855.260000", "164859.745000", "164904.365000", "164908.800000", "164913.100000", "164917.195000", "164921.555000", "164925.855000", "164930.035000", "164934.455000", "164939.505000", "164943.715000", "164948.415000"],
      "ContentTime": ["164717.708000", "164722.979000", "164727.979000", "164732.980000", "164737.980000", "164742.979000", "164747.981000", "164752.980000", "164757.979000", "164802.979000", "164802.982000", "164807.980000", "164812.980000", "164817.979000", "164822.980000", "164827.980000", "164832.980000", "164837.979000", "164842.980000", "164842.983000", "164847.980000", "164852.979000", "164857.980000", "164902.980000", "164907.979000", "164912.979000", "164917.982000", "164917.985000", "164922.980000", "164927.980000", "164932.980000", "164937.980000", "164942.979000", "164947.979000", "164948.835000"],
      "InstanceCreationTime": ["164717.708000", "164722.979000", "164727.979000", "164732.980000", "164737.980000", "164742.979000", "164747.981000", "164752.980000", "164757.979000", "164802.979000", "164802.982000", "164807.980000", "164812.980000", "164817.979000", "164822.980000", "164827.980000", "164832.980000", "164837.979000", "164842.980000", "164842.983000", "164847.980000", "164852.979000", "164857.980000", "164902.980000", "164907.979000", "164912.979000", "164917.982000", "164917.985000", "164922.980000", "164927.980000", "164932.980000", "164937.980000", "164942.979000", "164947.979000", "164948.835000"],
      "InstanceNumber": [1, 2, 3, 4, 5, 6, 7, 8, 9, 10, 11, 12, 13, 14, 15, 16, 17, 18, 19, 20, 21, 22, 23, 24, 25, 26, 27, 28, 29, 30, 31, 32, 33, 34, 35],
      "LargestImagePixelValue": [4095, 3876, 3994, 3635, 3806, 4095, 3785, 3903, 4095, 4003, 4095, 4095, 4095, 4095, 4095, 4095, 4065, 4095, 3714, 3656, 3560, 4095, 4095, 3870, 4095, 4095, 4095, 4095, 3936, 4095, 4095, 4095, 4095, 4095, 4095],
      "SequenceName": [
        "*ez_b0",
        "*ez_b800#1",
        "*ez_b800#2",
        "*ez_b800#3",
        "*ez_b800#4",
        "*ez_b800#5",
        "*ez_b800#6",
        "*ez_b800#7",
        "*ez_b800#8",
        "*ez_b800#9",
        "*ez_b800#10",
        "*ez_b800#11",
        "*ez_b800#12",
        "*ez_b800#13",
        "*ez_b800#14",
        "*ez_b800#15",
        "*ez_b800#16",
        "*ez_b800#17",
        "*ez_b800#18",
        "*ez_b800#19",
        "*ez_b800#20",
        "*ez_b800#21",
        "*ez_b800#22",
        "*ez_b800#23",
        "*ez_b800#24",
        "*ez_b800#25",
        "*ez_b800#26",
        "*ez_b800#27",
        "*ez_b800#28",
        "*ez_b800#29",
        "*ez_b800#30",
        "*ez_b0",
        "*ez_b0",
        "*ez_b0",
        "*ez_b0"
],
      "TriggerTime": [570.0, 570.0, 570.0, 570.0, 570.0, 570.0, 570.0, 570.0, 570.0, 570.0, 570.0, 572.5, 572.5, 572.5, 572.5, 572.5, 572.5, 572.5, 572.5, 572.5, 572.5, 572.5, 572.5, 572.5, 572.5, 572.5, 572.5, 572.5, 572.5, 572.5, 572.5, 572.5, 572.5, 570.0, 570.0]
    },
    "slices": {}
  }
}