{
  "AcquisitionMatrixPE": 256,
  "AcquisitionNumber": 1,
  "AcquisitionTime": "16:22:34.970000",
  "BaseResolution": 256,
  "BodyPartExamined": "CSPINE",
  "CoilCombinationMethod": "Adaptive Combine",
  "ConsistencyInfo": "N4_VE11C_LATEST_20160120",
  "ConversionSoftware": "dcm2niix",
  "ConversionSoftwareVersion": "v1.0.20211006",
  "DeviceSerialNumber": "167006",
  "DwellTime": 7.5e-06,
  "EchoTime": 0.00313,
  "FlipAngle": 9,
  "HeudiconvVersion": "0.5.3.post569+g418601f",
  "ImageOrientationPatientDICOM": [1, 0, 0, 0, 0.943801, 0.330514],
  "ImageOrientationText": "Tra>Cor(19.3)",
  "ImageType": [
    "ORIGINAL",
    "PRIMARY",
    "M",
    "DIS2D"
],
  "ImagingFrequency": 123.259,
  "InPlanePhaseEncodingDirectionDICOM": "COL",
  "InstitutionAddress": "Chemin Queen-Mary 4565,Montreal,District,CA,H3W 1W5",
  "InstitutionName": "Institut Universitaire de Geriatrie de Montreal",
  "InstitutionalDepartmentName": "Department",
  "MRAcquisitionType": "3D",
  "MTState": true,
  "MagneticFieldStrength": 3,
  "Manufacturer": "Siemens",
  "ManufacturersModelName": "Prisma_fit",
  "MatrixCoilMode": "GRAPPA",
  "Modality": "MR",
  "ParallelReductionFactorInPlane": 2,
  "PartialFourier": 1,
  "PatientPosition": "HFS",
  "PercentPhaseFOV": 100,
  "PercentSampling": 100,
  "PhaseEncodingSteps": 255,
  "PhaseResolution": 1,
  "PixelBandwidth": 260,
  "ProcedureStepDescription": "anat^generic",
  "ProtocolName": "GRE-MT1",
  "PulseSequenceDetails": "%SiemensSeq%\\gre",
  "ReceiveCoilActiveElements": "HC5-7;NC1,2",
  "ReceiveCoilName": "HeadNeck_64",
  "ReconMatrixPE": 256,
  "RefLinesPE": 32,
  "RepetitionTime": 0.035,
  "SAR": 0.459402,
  "ScanOptions": "MT",
  "ScanningSequence": "GR",
  "SequenceName": "*fl3d1",
  "SequenceVariant": "MTC\\SP",
  "SeriesDescription": "GRE-MT1",
  "SeriesNumber": 33,
  "ShimSetting": [630, -7249, -8945, -75, 12, 2765, -217, -76],
  "SliceThickness": 5,
  "SoftwareVersions": "syngo MR E11",
  "SpoilingState": true,
  "StationName": "MRC35049",
  "TxRefAmp": 252.392,
  "dcmmeta_affine": [
    [0.8984375, 0.0, 0.0, -114.59504699707031],
    [0.0, 0.8479461669921875, 1.6525719165802002, -139.05563354492188],
    [0.0, -0.29694652557373047, 4.7190046310424805, -119.96014404296875],
    [0.0, 0.0, 0.0, 1.0]
],
  "dcmmeta_reorient_transform": [
    [0.0, -1.0, 0.0, 255.0],
    [-1.0, 0.0, 0.0, 255.0],
    [0.0, 0.0, -1.0, 21.0],
    [0.0, 0.0, 0.0, 1.0]
],
  "dcmmeta_shape": [256, 256, 22],
  "dcmmeta_slice_dim": 2,
  "dcmmeta_version": 0.6,
  "global": {
    "const": {
      "AcquisitionMatrix": [256, 0, 0, 256],
      "AcquisitionNumber": 1,
      "AcquisitionTime": "162234.970000",
      "AngioFlag": "N",
      "BitsAllocated": 16,
      "BitsStored": 12,
      "BodyPartExamined": "CSPINE",
      "Columns": 256,
      "EchoNumbers": 1,
      "EchoTime": 3.13,
      "EchoTrainLength": 1,
      "FlipAngle": 9.0,
      "HighBit": 11,
      "ImageOrientationPatient": [1.0, 0.0, 0.0, 0.0, 0.94380095215728, 0.33051439107399],
      "ImageType": [
        "ORIGINAL",
        "PRIMARY",
        "M",
        "DIS2D"
],
      "ImagedNucleus": "1H",
      "ImagingFrequency": 123.258731,
      "InPlanePhaseEncodingDirection": "COL",
      "MRAcquisitionType": "3D",
      "MagneticFieldStrength": 3.0,
      "Manufacturer": "SIEMENS",
      "ManufacturerModelName": "Prisma_fit",
      "Modality": "MR",
      "NumberOfAverages": 1.0,
      "NumberOfPhaseEncodingSteps": 255,
      "PercentPhaseFieldOfView": 100.0,
      "PercentSampling": 100.0,
      "PerformedProcedureStepStartTime": "150838.026000",
      "PhotometricInterpretation": "MONOCHROME2",
      "PixelBandwidth": 260.0,
      "PixelRepresentation": 0,
      "PixelSpacing": [0.8984375, 0.8984375],
      "ProtocolName": "GRE-MT1",
      "RepetitionTime": 35.0,
      "Rows": 256,
      "SAR": 0.45940230284538,
      "SamplesPerPixel": 1,
      "ScanOptions": "MT",
      "ScanningSequence": "GR",
      "SequenceName": "*fl3d1",
      "SequenceVariant": [
        "MTC",
        "SP"
],
      "SeriesDescription": "GRE-MT1",
      "SeriesNumber": 33,
      "SeriesTime": "162449.506000",
      "SliceThickness": 5.0,
      "SmallestImagePixelValue": 0,
      "SoftwareVersions": "syngo MR E11",
      "SpecificCharacterSet": "ISO_IR 100",
      "StudyID": "2",
      "StudyTime": "150837.968000",
      "TransmitCoilName": "Body",
      "VariableFlipAngleFlag": "N",
      "WindowCenterWidthExplanation": "Algo1",
      "dBdt": 0.0},
    "slices": {
      "ContentTime": ["162449.509000", "162449.511000", "162449.514000", "162449.516000", "162449.530000", "162449.532000", "162449.534000", "162449.536000", "162449.538000", "162449.540000", "162449.542000", "162449.544000", "162449.546000", "162449.548000", "162449.550000", "162449.555000", "162449.557000", "162449.559000", "162449.561000", "162449.563000", "162449.565000", "162449.567000"],
      "CsaImage.Actual3DImaPartNumber": [0, 1, 2, 3, 4, 5, 6, 7, 8, 9, 10, 11, 12, 13, 14, 15, 16, 17, 18, 19, 20, 21],
      "CsaImage.ICE_Dims": [
        "X_1_1_1_1_1_1_1_1_1_1_1_162",
        "X_1_1_1_1_1_2_1_1_1_1_1_162",
        "X_1_1_1_1_1_3_1_1_1_1_1_162",
        "X_1_1_1_1_1_4_1_1_1_1_1_162",
        "X_1_1_1_1_1_5_1_1_1_1_1_162",
        "X_1_1_1_1_1_6_1_1_1_1_1_162",
        "X_1_1_1_1_1_7_1_1_1_1_1_162",
        "X_1_1_1_1_1_8_1_1_1_1_1_162",
        "X_1_1_1_1_1_9_1_1_1_1_1_162",
        "X_1_1_1_1_1_10_1_1_1_1_1_162",
        "X_1_1_1_1_1_11_1_1_1_1_1_162",
        "X_1_1_1_1_1_12_1_1_1_1_1_162",
        "X_1_1_1_1_1_13_1_1_1_1_1_162",
        "X_1_1_1_1_1_14_1_1_1_1_1_162",
        "X_1_1_1_1_1_15_1_1_1_1_1_162",
        "X_1_1_1_1_1_16_1_1_1_1_1_162",
        "X_1_1_1_1_1_17_1_1_1_1_1_162",
        "X_1_1_1_1_1_18_1_1_1_1_1_162",
        "X_1_1_1_1_1_19_1_1_1_1_1_162",
        "X_1_1_1_1_1_20_1_1_1_1_1_162",
        "X_1_1_1_1_1_21_1_1_1_1_1_162",
        "X_1_1_1_1_1_22_1_1_1_1_1_162"
],
      "CsaImage.SlicePosition_PCS": [
        [-114.50651398, -77.17063673, -87.68150515],
        [-114.50651398, -78.82320868, -82.96250039],
        [-114.50651398, -80.47578064, -78.24349563],
        [-114.50651398, -82.12835259, -73.52449087],
        [-114.50651398, -83.78092455, -68.8054861],
        [-114.50651398, -85.4334965, -64.08648134],
        [-114.50651398, -87.08606846, -59.36747658],
        [-114.50651398, -88.73864041, -54.64847182],
        [-114.50651398, -90.39121237, -49.92946706],
        [-114.50651398, -92.04378433, -45.2104623],
        [-114.50651398, -93.69635628, -40.49145754],
        [-114.50651398, -95.34892824, -35.77245278],
        [-114.50651398, -97.00150019, -31.05344802],
        [-114.50651398, -98.65407215, -26.33444326],
        [-114.50651398, -100.3066441, -21.6154385],
        [-114.50651398, -101.95921606, -16.89643374],
        [-114.50651398, -103.61178801, -12.17742898],
        [-114.50651398, -105.26435997, -7.45842421],
        [-114.50651398, -106.91693192, -2.73941945],
        [-114.50651398, -108.56950388, 1.97958531],
        [-114.50651398, -110.22207583, 6.69859007],
        [-114.50651398, -111.87464779, 11.41759483]
],
      "ImagePositionPatient": [
        [-114.50651398301, -77.170636727323, -195.68150514804],
        [-114.50651398301, -78.823208682693, -190.96250038726],
        [-114.50651398301, -80.475780638063, -186.24349562647],
        [-114.50651398301, -82.128352593433, -181.52449086568],
        [-114.50651398301, -83.780924548803, -176.8054861049],
        [-114.50651398301, -85.433496504173, -172.08648134411],
        [-114.50651398301, -87.086068459543, -167.36747658332],
        [-114.50651398301, -88.738640414912, -162.64847182254],
        [-114.50651398301, -90.391212370282, -157.92946706175],
        [-114.50651398301, -92.043784325652, -153.21046230096],
        [-114.50651398301, -93.696356281022, -148.49145754018],
        [-114.50651398301, -95.348928236392, -143.77245277939],
        [-114.50651398301, -97.001500191762, -139.05344801861],
        [-114.50651398301, -98.654072147132, -134.33444325782],
        [-114.50651398301, -100.3066441025, -129.61543849703],
        [-114.50651398301, -101.95921605787, -124.89643373625],
        [-114.50651398301, -103.61178801324, -120.17742897546],
        [-114.50651398301, -105.26435996861, -115.45842421467],
        [-114.50651398301, -106.91693192398, -110.73941945389],
        [-114.50651398301, -108.56950387935, -106.0204146931],
        [-114.50651398301, -110.22207583472, -101.30140993231],
        [-114.50651398301, -111.87464779009, -96.582405171528]
],
      "InstanceCreationTime": ["162449.509000", "162449.511000", "162449.514000", "162449.516000", "162449.530000", "162449.532000", "162449.534000", "162449.536000", "162449.538000", "162449.540000", "162449.542000", "162449.544000", "162449.546000", "162449.548000", "162449.550000", "162449.555000", "162449.557000", "162449.559000", "162449.561000", "162449.563000", "162449.565000", "162449.567000"],
      "InstanceNumber": [22, 21, 20, 19, 18, 17, 16, 15, 14, 13, 12, 11, 10, 9, 8, 7, 6, 5, 4, 3, 2, 1],
      "LargestImagePixelValue": [2135, 3746, 4095, 4095, 4095, 4095, 4095, 4095, 4095, 4095, 4095, 4095, 4095, 4095, 4095, 4095, 4095, 4095, 4095, 4095, 4095, 3972],
      "SliceLocation": [-159.17838487157, -154.17838487157, -149.17838487157, -144.17838487157, -139.17838487157, -134.17838487157, -129.17838487157, -124.17838487157, -119.17838487157, -114.17838487157, -109.17838487157, -104.17838487157, -99.178384871569, -94.178384871569, -89.178384871569, -84.178384871569, -79.178384871569, -74.178384871569, -69.178384871569, -64.178384871569, -59.178384871569, -54.178384871569],
      "WindowCenter": [514.0, 861.0, 1196.0, 1522.0, 1439.0, 1246.0, 1163.0, 1128.0, 1165.0, 1204.0, 1241.0, 1227.0, 1271.0, 1383.0, 1425.0, 1339.0, 1372.0, 1482.0, 1457.0, 1386.0, 1121.0, 771.0],
      "WindowWidth": [1150.0, 1984.0, 2837.0, 3386.0, 3299.0, 3135.0, 2976.0, 2988.0, 3010.0, 3065.0, 3145.0, 3237.0, 3340.0, 3419.0, 3524.0, 3650.0, 3694.0, 3664.0, 3512.0, 3154.0, 2515.0, 1804.0]
    }
  }
}