{
  "AcquisitionMatrixPE": 32,
  "AcquisitionNumber": 1,
  "AcquisitionTime": "11:23:29.300000",
  "BaseResolution": 32,
  "BodyPartExamined": "BRAIN",
  "CoilCombinationMethod": "Sum of Squares",
  "ConsistencyInfo": "N4_VE11C_LATEST_20160120",
  "ConversionSoftware": "dcm2niix",
  "ConversionSoftwareVersion": "v1.0.20211006",
  "DeviceSerialNumber": "167006",
  "DwellTime": 3.18e-05,
  "EchoTime": 0.00184,
  "FlipAngle": 79.99,
  "HeudiconvVersion": "0.5.3.post569+g418601f",
  "ImageComments": "flip angle map",
  "ImageOrientationPatientDICOM": [0.997564, 0.0655496, -0.0238581, -0.0697564, 0.937404, -0.341187],
  "ImageOrientationText": "Tra>Cor(-20.0)",
  "ImageType": [
    "ORIGINAL",
    "PRIMARY",
    "FLIP ANGLE MAP",
    "DIS2D"
],
  "ImagingFrequency": 123.259,
  "InPlanePhaseEncodingDirectionDICOM": "COL",
  "InstitutionAddress": "Chemin Queen-Mary 4565,Montreal,District,CA,H3W 1W5",
  "InstitutionName": "IUGM",
  "InstitutionalDepartmentName": "Department",
  "MRAcquisitionType": "2D",
  "MagneticFieldStrength": 3,
  "Manufacturer": "Siemens",
  "ManufacturersModelName": "Prisma_fit",
  "MatrixCoilMode": "SENSE",
  "Modality": "MR",
  "PartialFourier": 1,
  "PatientPosition": "HFS",
  "PercentPhaseFOV": 100,
  "PercentSampling": 100,
  "PhaseEncodingDirection": "j-",
  "PhaseEncodingSteps": 32,
  "PhaseResolution": 1,
  "PixelBandwidth": 490,
  "ProcedureStepDescription": "anat^generic",
  "ProtocolName": "tfl_b1map_6mm",
  "PulseSequenceDetails": "%SiemensSeq%\\tfl_b1map",
  "ReceiveCoilActiveElements": "HC1-7;NC1",
  "ReceiveCoilName": "HeadNeck_64",
  "ReconMatrixPE": 32,
  "RepetitionTime": 10,
  "SAR": 0.00483613,
  "ScanningSequence": "GR",
  "SequenceName": "tfl2d1_512",
  "SequenceVariant": "SK\\SP",
  "SeriesDescription": "tfl_b1map_6mm",
  "SeriesNumber": 21,
  "ShimSetting": [615, -7211, -8943, 626, 23, -128, -79, -4],
  "SliceThickness": 6,
  "SliceTiming": [5.03906, 0, 5.54688, 0.50781, 6.05469, 1.00781, 6.55469, 1.51562, 7.0625, 2.01562, 7.5625, 2.52344, 8.07031, 3.02344, 8.57031, 3.53125, 9.07812, 4.03125, 9.58594, 4.53906],
  "SoftwareVersions": "syngo MR E11",
  "SpacingBetweenSlices": 7.2,
  "SpoilingState": true,
  "StationName": "MRC35049",
  "TxRefAmp": 242.337,
  "dcmmeta_affine": [
    [-5.985384464263916, -0.4185386300086975, 0.0, 100.85108184814453],
    [-0.3932977020740509, 5.6244215965271, -2.462545394897461, -46.827999114990234],
    [-0.14314860105514526, 2.047122001647949, 6.765789031982422, -70.76179504394531],
    [0.0, 0.0, 0.0, 1.0]
],
  "dcmmeta_reorient_transform": [
    [0.0, -1.0, 0.0, 31.0],
    [1.0, 0.0, 0.0, 0.0],
    [0.0, 0.0, -1.0, 19.0],
    [0.0, 0.0, 0.0, 1.0]
],
  "dcmmeta_shape": [32, 32, 20],
  "dcmmeta_slice_dim": 2,
  "dcmmeta_version": 0.6,
  "global": {
    "const": {
      "AcquisitionMatrix": [32, 0, 0, 32],
      "AcquisitionNumber": 1,
      "AngioFlag": "N",
      "BitsAllocated": 16,
      "BitsStored": 12,
      "BodyPartExamined": "BRAIN",
      "Columns": 32,
      "EchoNumbers": 1,
      "EchoTime": 1.84,
      "EchoTrainLength": 1,
      "FlipAngle": 79.99,
      "HighBit": 11,
      "ImageOrientationPatient": [0.9975640525966, 0.06554961537792, -0.0238580990621, -0.0697564403267, 0.93740358271093, -0.3411869900123],
      "ImageType": [
        "ORIGINAL",
        "PRIMARY",
        "FLIP ANGLE MAP",
        "DIS2D"
],
      "ImagedNucleus": "1H",
      "ImagingFrequency": 123.258897,
      "InPlanePhaseEncodingDirection": "COL",
      "MRAcquisitionType": "2D",
      "MagneticFieldStrength": 3.0,
      "Manufacturer": "SIEMENS",
      "ManufacturerModelName": "Prisma_fit",
      "Modality": "MR",
      "NumberOfAverages": 1.0,
      "NumberOfPhaseEncodingSteps": 32,
      "PercentPhaseFieldOfView": 100.0,
      "PercentSampling": 100.0,
      "PerformedProcedureStepStartTime": "103436.163000",
      "PhotometricInterpretation": "MONOCHROME2",
      "PixelBandwidth": 490.0,
      "PixelRepresentation": 0,
      "PixelSpacing": [6.0, 6.0],
      "ProtocolName": "tfl_b1map_6mm",
      "RepetitionTime": 10000.0,
      "Rows": 32,
      "SAR": 0.00483612895562,
      "SamplesPerPixel": 1,
      "ScanningSequence": "GR",
      "SequenceName": "tfl2d1_512",
      "SequenceVariant": [
        "SK",
        "SP"
],
      "SeriesDescription": "tfl_b1map_6mm",
      "SeriesNumber": 21,
      "SeriesTime": "112334.824000",
      "SliceThickness": 6.0,
      "SmallestImagePixelValue": 0,
      "SoftwareVersions": "syngo MR E11",
      "SpacingBetweenSlices": 7.2,
      "SpecificCharacterSet": "ISO_IR 100",
      "StudyID": "1",
      "StudyTime": "103436.077000",
      "TransmitCoilName": "Body",
      "VariableFlipAngleFlag": "N",
      "WindowCenterWidthExplanation": "Algo1",
      "dBdt": 0.0},
    "slices": {
      "AcquisitionTime": ["112329.300000", "112324.260000", "112329.805000", "112324.762500", "112330.310000", "112325.267500", "112330.812500", "112325.772500", "112331.317500", "112326.275000", "112331.822500", "112326.780000", "112332.325000", "112327.285000", "112332.830000", "112327.787500", "112333.335000", "112328.292500", "112333.840000", "112328.797500"],
      "ContentTime": ["112334.847000", "112334.827000", "112334.849000", "112334.830000", "112334.850000", "112334.832000", "112334.852000", "112334.834000", "112334.854000", "112334.835000", "112334.856000", "112334.837000", "112334.858000", "112334.839000", "112334.860000", "112334.841000", "112334.862000", "112334.843000", "112334.864000", "112334.845000"],
      "CsaImage.ICE_Dims": [
        "X_1_1_2_1_1_1_11_1_1_1_1_67",
        "X_1_1_2_1_1_1_1_1_1_2_1_67",
        "X_1_1_2_1_1_1_12_1_1_3_1_67",
        "X_1_1_2_1_1_1_2_1_1_4_1_67",
        "X_1_1_2_1_1_1_13_1_1_5_1_67",
        "X_1_1_2_1_1_1_3_1_1_6_1_67",
        "X_1_1_2_1_1_1_14_1_1_7_1_67",
        "X_1_1_2_1_1_1_4_1_1_8_1_67",
        "X_1_1_2_1_1_1_15_1_1_9_1_67",
        "X_1_1_2_1_1_1_5_1_1_10_1_67",
        "X_1_1_2_1_1_1_16_1_1_11_1_67",
        "X_1_1_2_1_1_1_6_1_1_12_1_67",
        "X_1_1_2_1_1_1_17_1_1_13_1_67",
        "X_1_1_2_1_1_1_7_1_1_14_1_67",
        "X_1_1_2_1_1_1_18_1_1_15_1_67",
        "X_1_1_2_1_1_1_8_1_1_16_1_67",
        "X_1_1_2_1_1_1_19_1_1_17_1_67",
        "X_1_1_2_1_1_1_9_1_1_18_1_67",
        "X_1_1_2_1_1_1_20_1_1_19_1_67",
        "X_1_1_2_1_1_1_10_1_1_20_1_67"
],
      "CsaImage.ProtocolSliceNumber": [0, 1, 2, 3, 4, 5, 6, 7, 8, 9, 10, 11, 12, 13, 14, 15, 16, 17, 18, 19],
      "CsaImage.SliceMeasurementDuration": [130.0, 127.5, 127.5, 130.0, 127.5, 127.5, 130.0, 127.5, 127.5, 130.0, 127.5, 127.5, 130.0, 127.5, 130.0, 130.0, 127.5, 127.5, 127.5, 127.5],
      "CsaImage.SlicePosition_PCS": [
        [-87.87638634, -127.52905908, -29.30097022],
        [-87.87638634, -125.06651559, -22.535185],
        [-87.87638634, -122.6039702, -15.76939978],
        [-87.87638634, -120.1414248, -9.00361075],
        [-87.87638634, -117.67887941, -2.23782553],
        [-87.87638634, -115.21633401, 4.52796159],
        [-87.87638634, -112.75379052, 11.29374872],
        [-87.87638634, -110.29124418, 18.05953584],
        [-87.87638634, -107.82869974, 24.82532297],
        [-87.87638634, -105.36615434, 31.59110985],
        [-87.87638634, -102.90360942, 38.35689674],
        [-87.87638634, -100.4410645, 45.12268339],
        [-87.87638634, -97.97851935, 51.88846956],
        [-87.87638634, -95.51597437, 58.65425668],
        [-87.87638634, -93.05342927, 65.42004381],
        [-87.87638634, -90.59088435, 72.18583093],
        [-87.87638634, -88.12833944, 78.95161615],
        [-87.87638634, -85.66579404, 85.71740518],
        [-87.87638634, -83.2032496, 92.4831904],
        [-87.87638634, -80.74070421, 99.24897943]
],
      "CsaImage.TimeAfterStart": [15.125, 10.085, 15.63, 10.5875, 16.135, 11.0925, 16.6375, 11.5975, 17.1425, 12.1, 17.6475, 12.605, 18.15, 13.11, 18.655, 13.6125, 19.16, 14.1175, 19.665, 14.6225],
      "ImagePositionPatient": [
        [-87.876386337263, -127.52905907952, -7.3009702159488],
        [-87.876386337263, -125.06651559197, -0.5351849986636],
        [-87.876386337263, -122.60397019707, 6.2306002186215],
        [-87.876386337263, -120.14142480217, 12.996389250604],
        [-87.876386337263, -117.67887940728, 19.762174467889],
        [-87.876386337263, -115.21633401238, 26.527961592523],
        [-87.876386337263, -112.75379052483, 33.293748717157],
        [-87.876386337263, -110.29124417626, 40.05953584179],
        [-87.876386337263, -107.82869973504, 46.825322966424],
        [-87.876386337263, -105.36615434014, 53.591109852639],
        [-87.876386337263, -102.90360942208, 60.356896738855],
        [-87.876386337263, -100.44106450402, 67.122683386651],
        [-87.876386337263, -97.978519347538, 73.888469557611],
        [-87.876386337263, -95.515974369873, 80.654256682245],
        [-87.876386337263, -93.053429272999, 87.420043806878],
        [-87.876386337263, -90.590884354939, 94.185830931512],
        [-87.876386337263, -88.128339436878, 100.9516161488],
        [-87.876386337263, -85.665794041981, 107.71740518078],
        [-87.876386337263, -83.203249600758, 114.48319039806],
        [-87.876386337263, -80.74070420586, 121.24897943005]
],
      "InstanceCreationTime": ["112334.847000", "112334.827000", "112334.849000", "112334.830000", "112334.850000", "112334.832000", "112334.852000", "112334.834000", "112334.854000", "112334.835000", "112334.856000", "112334.837000", "112334.858000", "112334.839000", "112334.860000", "112334.841000", "112334.862000", "112334.843000", "112334.864000", "112334.845000"],
      "InstanceNumber": [11, 1, 12, 2, 13, 3, 14, 4, 15, 5, 16, 6, 17, 7, 18, 8, 19, 9, 20, 10],
      "LargestImagePixelValue": [1629, 1182, 1060, 1268, 1938, 1991, 1053, 1214, 1038, 1172, 1273, 1559, 1972, 1845, 2155, 1999, 2202, 2041, 2227, 2136],
      "SliceLocation": [-50.478172810149, -43.278174891086, -36.078176319672, -28.878174163616, -21.678175592202, -14.478175228466, -7.2781755170822, -0.0781748271709, 7.1218252103887, 14.321825350084, 21.521825326691, 28.721825079259, 35.921824465289, 43.121824686323, 50.321824948129, 57.521825148776, 64.721823557102, 71.921825713159, 79.121823958397, 86.321826114454],
      "WindowCenter": [1052.0, 1038.0, 1030.0, 1032.0, 1108.0, 1110.0, 1108.0, 1115.0, 1108.0, 1067.0, 1064.0, 1090.0, 1105.0, 1088.0, 1094.0, 1070.0, 1113.0, 1131.0, 1192.0, 1229.0],
      "WindowWidth": [1742.0, 1713.0, 1594.0, 1600.0, 1840.0, 1843.0, 1785.0, 1758.0, 1726.0, 1638.0, 1632.0, 1743.0, 1836.0, 1836.0, 1923.0, 1928.0, 2037.0, 2103.0, 2230.0, 2388.0]
    }
  }
}