{
  "AcquisitionMatrixPE": 256,
  "AcquisitionNumber": 1,
  "AcquisitionTime": "14:09:23.340000",
  "BaseResolution": 256,
  "BodyPartExamined": "CSPINE",
  "CoilCombinationMethod": "Adaptive Combine",
  "ConsistencyInfo": "N4_VE11C_LATEST_20160120",
  "ConversionSoftware": "dcm2niix",
  "ConversionSoftwareVersion": "v1.0.20211006",
  "DeviceSerialNumber": "167006",
  "DwellTime": 7.5e-06,
  "EchoTime": 0.00313,
  "FlipAngle": 9,
  "HeudiconvVersion": "0.5.3.post569+g418601f",
  "ImageOrientationPatientDICOM": [0.999657, -0.00255448, -0.026052, 5.64736e-08, 0.995227, -0.0975829],
  "ImageOrientationText": "Tra>Cor(-5.6)>Sag(-1.5)",
  "ImageType": [
    "ORIGINAL",
    "PRIMARY",
    "M",
    "DIS2D"
],
  "ImagingFrequency": 123.259,
  "InPlanePhaseEncodingDirectionDICOM": "COL",
  "InstitutionAddress": "Chemin Queen-Mary 4565,Montreal,District,CA,H3W 1W5",
  "InstitutionName": "IUGM",
  "InstitutionalDepartmentName": "Department",
  "MRAcquisitionType": "3D",
  "MTState": true,
  "MagneticFieldStrength": 3,
  "Manufacturer": "Siemens",
  "ManufacturersModelName": "Prisma_fit",
  "MatrixCoilMode": "GRAPPA",
  "Modality": "MR",
  "ParallelReductionFactorInPlane": 2,
  "PartialFourier": 1,
  "PatientPosition": "HFS",
  "PercentPhaseFOV": 100,
  "PercentSampling": 100,
  "PhaseEncodingSteps": 255,
  "PhaseResolution": 1,
  "PixelBandwidth": 260,
  "ProcedureStepDescription": "anat^generic",
  "ProtocolName": "GRE-MT1",
  "PulseSequenceDetails": "%SiemensSeq%\\gre",
  "ReceiveCoilActiveElements": "HC7;NC1,2",
  "ReceiveCoilName": "HeadNeck_64",
  "ReconMatrixPE": 256,
  "RefLinesPE": 32,
  "RepetitionTime": 0.035,
  "SAR": 0.642055,
  "ScanOptions": "MT",
  "ScanningSequence": "GR",
  "SequenceName": "*fl3d1",
  "SequenceVariant": "MTC\\SP",
  "SeriesDescription": "GRE-MT1",
  "SeriesNumber": 34,
  "ShimSetting": [652, -7261, -9333, -480, -44, 1704, -662, -508],
  "SliceThickness": 5,
  "SoftwareVersions": "syngo MR E11",
  "SpoilingState": true,
  "StationName": "MRC35049",
  "TxRefAmp": 303.999,
  "dcmmeta_affine": [
    [0.8981296420097351, 5.073804132393889e-08, -0.13088475167751312, -111.1815414428711],
    [-0.0022950395941734314, 0.8941496014595032, -0.48774728178977966, -90.25292205810547],
    [0.023406105116009712, 0.08767213672399521, 4.974431991577148, -196.29989624023438],
    [0.0, 0.0, 0.0, 1.0]
],
  "dcmmeta_reorient_transform": [
    [0.0, -1.0, 0.0, 255.0],
    [-1.0, 0.0, 0.0, 255.0],
    [0.0, 0.0, -1.0, 21.0],
    [0.0, 0.0, 0.0, 1.0]
],
  "dcmmeta_shape": [256, 256, 22],
  "dcmmeta_slice_dim": 2,
  "dcmmeta_version": 0.6,
  "global": {
    "const": {
      "AcquisitionMatrix": [256, 0, 0, 256],
      "AcquisitionNumber": 1,
      "AcquisitionTime": "140923.340000",
      "AngioFlag": "N",
      "BitsAllocated": 16,
      "BitsStored": 12,
      "BodyPartExamined": "CSPINE",
      "Columns": 256,
      "EchoNumbers": 1,
      "EchoTime": 3.13,
      "EchoTrainLength": 1,
      "FlipAngle": 9.0,
      "HighBit": 11,
      "ImageOrientationPatient": [0.99965732491671, -0.0025544789103, -0.0260520129329, 5.6473646e-08, 0.99522740004403, -0.0975828991248],
      "ImageType": [
        "ORIGINAL",
        "PRIMARY",
        "M",
        "DIS2D"
],
      "ImagedNucleus": "1H",
      "ImagingFrequency": 123.258773,
      "InPlanePhaseEncodingDirection": "COL",
      "MRAcquisitionType": "3D",
      "MagneticFieldStrength": 3.0,
      "Manufacturer": "SIEMENS",
      "ManufacturerModelName": "Prisma_fit",
      "Modality": "MR",
      "NumberOfAverages": 1.0,
      "NumberOfPhaseEncodingSteps": 255,
      "PercentPhaseFieldOfView": 100.0,
      "PercentSampling": 100.0,
      "PerformedProcedureStepStartTime": "130132.080000",
      "PhotometricInterpretation": "MONOCHROME2",
      "PixelBandwidth": 260.0,
      "PixelRepresentation": 0,
      "PixelSpacing": [0.8984375, 0.8984375],
      "ProtocolName": "GRE-MT1",
      "RepetitionTime": 35.0,
      "Rows": 256,
      "SAR": 0.64205515521691,
      "SamplesPerPixel": 1,
      "ScanOptions": "MT",
      "ScanningSequence": "GR",
      "SequenceName": "*fl3d1",
      "SequenceVariant": [
        "MTC",
        "SP"
],
      "SeriesDescription": "GRE-MT1",
      "SeriesNumber": 34,
      "SeriesTime": "141135.910000",
      "SliceThickness": 5.0,
      "SmallestImagePixelValue": 0,
      "SoftwareVersions": "syngo MR E11",
      "SpecificCharacterSet": "ISO_IR 100",
      "StudyID": "1",
      "StudyTime": "130131.951000",
      "TransmitCoilName": "Body",
      "VariableFlipAngleFlag": "N",
      "WindowCenterWidthExplanation": "Algo1",
      "dBdt": 0.0},
    "slices": {
      "ContentTime": ["141135.913000", "141135.916000", "141135.918000", "141135.920000", "141135.923000", "141135.925000", "141135.928000", "141135.930000", "141135.932000", "141135.934000", "141135.936000", "141135.938000", "141135.940000", "141135.942000", "141135.944000", "141135.946000", "141135.948000", "141135.951000", "141135.953000", "141135.955000", "141135.957000", "141135.959000"],
      "CsaImage.Actual3DImaPartNumber": [0, 1, 2, 3, 4, 5, 6, 7, 8, 9, 10, 11, 12, 13, 14, 15, 16, 17, 18, 19, 20, 21],
      "CsaImage.ICE_Dims": [
        "X_1_1_1_1_1_1_1_1_1_1_1_124",
        "X_1_1_1_1_1_2_1_1_1_1_1_124",
        "X_1_1_1_1_1_3_1_1_1_1_1_124",
        "X_1_1_1_1_1_4_1_1_1_1_1_124",
        "X_1_1_1_1_1_5_1_1_1_1_1_124",
        "X_1_1_1_1_1_6_1_1_1_1_1_124",
        "X_1_1_1_1_1_7_1_1_1_1_1_124",
        "X_1_1_1_1_1_8_1_1_1_1_1_124",
        "X_1_1_1_1_1_9_1_1_1_1_1_124",
        "X_1_1_1_1_1_10_1_1_1_1_1_124",
        "X_1_1_1_1_1_11_1_1_1_1_1_124",
        "X_1_1_1_1_1_12_1_1_1_1_1_124",
        "X_1_1_1_1_1_13_1_1_1_1_1_124",
        "X_1_1_1_1_1_14_1_1_1_1_1_124",
        "X_1_1_1_1_1_15_1_1_1_1_1_124",
        "X_1_1_1_1_1_16_1_1_1_1_1_124",
        "X_1_1_1_1_1_17_1_1_1_1_1_124",
        "X_1_1_1_1_1_18_1_1_1_1_1_124",
        "X_1_1_1_1_1_19_1_1_1_1_1_124",
        "X_1_1_1_1_1_20_1_1_1_1_1_124",
        "X_1_1_1_1_1_21_1_1_1_1_1_124",
        "X_1_1_1_1_1_22_1_1_1_1_1_124"
],
      "CsaImage.SlicePosition_PCS": [
        [-117.84152658, -137.16999264, -37.9749427],
        [-117.71064182, -136.68224535, -33.0005109],
        [-117.57975707, -136.19449806, -28.0260791],
        [-117.44887232, -135.70675077, -23.0516473],
        [-117.31798756, -135.21900348, -18.07721549],
        [-117.18710281, -134.73125618, -13.10278369],
        [-117.05621806, -134.24350889, -8.12835189],
        [-116.92533331, -133.7557616, -3.15392008],
        [-116.79444855, -133.26801431, 1.82051172],
        [-116.6635638, -132.78026702, 6.79494352],
        [-116.53267905, -132.29251972, 11.76937532],
        [-116.4017943, -131.80477243, 16.74380713],
        [-116.27090954, -131.31702514, 21.71823893],
        [-116.14002479, -130.82927785, 26.69267073],
        [-116.00914004, -130.34153056, 31.66710253],
        [-115.87825528, -129.85378326, 36.64153434],
        [-115.74737053, -129.36603597, 41.61596614],
        [-115.61648578, -128.87828868, 46.59039794],
        [-115.48560103, -128.39054139, 51.56482975],
        [-115.35471627, -127.90279409, 56.53926155],
        [-115.22383152, -127.4150468, 61.51369335],
        [-115.09294677, -126.92729951, 66.48812515]
],
      "ImagePositionPatient": [
        [-117.84152657569, -137.16999264482, -167.97494270411],
        [-117.71064182291, -136.68224535269, -163.00051090133],
        [-117.57975707014, -136.19449806056, -158.02607909855],
        [-117.44887231736, -135.70675076843, -153.05164729577],
        [-117.31798756459, -135.21900347631, -148.07721549299],
        [-117.18710281181, -134.73125618418, -143.10278369021],
        [-117.05621805904, -134.24350889205, -138.12835188743],
        [-116.92533330626, -133.75576159992, -133.15392008465],
        [-116.79444855349, -133.2680143078, -128.17948828187],
        [-116.66356380071, -132.78026701567, -123.20505647909],
        [-116.53267904794, -132.29251972354, -118.23062467631],
        [-116.40179429516, -131.80477243141, -113.25619287353],
        [-116.27090954239, -131.31702513929, -108.28176107075],
        [-116.14002478961, -130.82927784716, -103.30732926797],
        [-116.00914003684, -130.34153055503, -98.332897465188],
        [-115.87825528406, -129.85378326291, -93.358465662408],
        [-115.74737053129, -129.36603597078, -88.384033859627],
        [-115.61648577852, -128.87828867865, -83.409602056847],
        [-115.48560102574, -128.39054138652, -78.435170254067],
        [-115.35471627297, -127.9027940944, -73.460738451286],
        [-115.22383152019, -127.41504680227, -68.486306648506],
        [-115.09294676742, -126.92729951014, -63.511874845725]
],
      "InstanceCreationTime": ["141135.913000", "141135.916000", "141135.918000", "141135.920000", "141135.923000", "141135.925000", "141135.928000", "141135.930000", "141135.932000", "141135.934000", "141135.936000", "141135.938000", "141135.940000", "141135.942000", "141135.944000", "141135.946000", "141135.948000", "141135.951000", "141135.953000", "141135.955000", "141135.957000", "141135.959000"],
      "InstanceNumber": [22, 21, 20, 19, 18, 17, 16, 15, 14, 13, 12, 11, 10, 9, 8, 7, 6, 5, 4, 3, 2, 1],
      "LargestImagePixelValue": [1688, 3657, 4095, 4095, 4095, 4095, 4095, 4095, 4095, 4095, 4095, 4095, 4095, 4095, 4095, 4095, 4095, 4095, 4095, 4095, 4095, 4095],
      "SliceLocation": [-183.58156972074, -178.58156972074, -173.58156972074, -168.58156972074, -163.58156972074, -158.58156972074, -153.58156972074, -148.58156972074, -143.58156972074, -138.58156972074, -133.58156972074, -128.58156972074, -123.58156972074, -118.58156972074, -113.58156972074, -108.58156972074, -103.58156972074, -98.581569720736, -93.581569720736, -88.581569720736, -83.581569720736, -78.581569720736],
      "WindowCenter": [371.0, 805.0, 1289.0, 1868.0, 2227.0, 2271.0, 2029.0, 1862.0, 2075.0, 2163.0, 2106.0, 1943.0, 1830.0, 1781.0, 1593.0, 1568.0, 1488.0, 1463.0, 1529.0, 1702.0, 1658.0, 1097.0],
      "WindowWidth": [852.0, 1709.0, 2616.0, 3271.0, 3628.0, 3799.0, 3988.0, 4068.0, 3978.0, 3919.0, 3933.0, 3754.0, 3710.0, 4012.0, 4095.0, 4095.0, 4095.0, 4095.0, 4095.0, 3838.0, 3261.0, 2598.0]
    }
  }
}