{
  "AcquisitionMatrixPE": 110,
  "AcquisitionNumber": 1,
  "AcquisitionTime": "09:25:22.097500",
  "BandwidthPerPixelPhaseEncode": 12.987,
  "BaseResolution": 110,
  "BodyPartExamined": "BRAIN",
  "CoilCombinationMethod": "Sum of Squares",
  "ConsistencyInfo": "N4_VE11C_LATEST_20160120",
  "ConversionSoftware": "dcm2niix",
  "ConversionSoftwareVersion": "v1.0.20211006",
  "DerivedVendorReportedEchoSpacing": 0.000700001,
  "DeviceSerialNumber": "167006",
  "DwellTime": 2.7e-06,
  "EchoTime": 0.0816,
  "EchoTrainLength": 83,
  "EffectiveEchoSpacing": 0.000700001,
  "FlipAngle": 78,
  "HeudiconvVersion": "0.5.3.post569+g418601f",
  "ImageComments": "Single-band reference SENSE1",
  "ImageOrientationPatientDICOM": [1, 0, 0, 0, 0.857167, -0.515038],
  "ImageOrientationText": "Tra>Cor(-31.0)",
  "ImageType": [
    "ORIGINAL",
    "PRIMARY",
    "M",
    "ND",
    "MOSAIC"
],
  "ImagingFrequency": 123.259,
  "InPlanePhaseEncodingDirectionDICOM": "COL",
  "InstitutionAddress": "Chemin Queen-Mary 4565,Montreal,District,CA,H3W 1W5",
  "InstitutionName": "IUGM",
  "InstitutionalDepartmentName": "Department",
  "MRAcquisitionType": "2D",
  "MagneticFieldStrength": 3,
  "Manufacturer": "Siemens",
  "ManufacturersModelName": "Prisma_fit",
  "MatrixCoilMode": "SENSE",
  "Modality": "MR",
  "PartialFourier": 0.75,
  "PatientPosition": "HFS",
  "PercentPhaseFOV": 100,
  "PercentSampling": 100,
  "PhaseEncodingDirection": "j-",
  "PhaseEncodingSteps": 83,
  "PhaseResolution": 1,
  "PixelBandwidth": 1685,
  "ProcedureStepDescription": "anat^generic",
  "ProtocolName": "dMRI_dir98_AP_test_cmrr",
  "PulseSequenceDetails": "%CustomerSeq%\\cmrr_mbep2d_diff",
  "ReceiveCoilActiveElements": "HC1-7",
  "ReceiveCoilName": "HeadNeck_64",
  "ReconMatrixPE": 110,
  "RepetitionTime": 2.334,
  "SAR": 0.133732,
  "ScanOptions": "PFP\\EXT",
  "ScanningSequence": "EP",
  "SequenceName": "epse2d1_110",
  "SequenceVariant": "SK\\SS",
  "SeriesDescription": "dMRI_dir98_AP_test_cmrr_SBRef",
  "SeriesNumber": 6,
  "ShimSetting": [626, -7190, -8868, 417, -27, -185, 41, -35],
  "SliceThickness": 2,
  "SliceTiming": [0, 0.1225, 0.245, 0.365, 0.4875, 0.61, 0.7325, 0.8525, 0.975, 1.0975, 1.2175, 1.34, 1.4625, 1.585, 1.705, 1.8275, 1.95, 2.07, 2.1925, 2.315, 2.435, 2.5575, 2.68, 2.8025, 2.9225, 3.045, 3.1675, 3.2875, 3.41, 3.5325, 3.655, 3.775, 3.8975, 4.02, 4.14, 4.2625, 4.385, 4.5075, 4.6275, 4.75, 4.8725, 4.9925, 5.115, 5.2375, 5.36, 5.48, 5.6025, 5.725, 5.845, 5.9675, 6.09, 6.2125, 6.3325, 6.455, 6.5775, 6.6975, 6.82],
  "SoftwareVersions": "syngo MR E11",
  "SpacingBetweenSlices": 2,
  "StationName": "MRC35049",
  "TotalReadoutTime": 0.0763001,
  "TxRefAmp": 249.769,
  "WipMemBlock": "ffe63a59-b277-4ad6-b67e-66b7f3c37657||Sequence: R016 ve11c/master r/e634e98; Dec 19 2017 11:11:25 by eja",
  "dcmmeta_affine": [
    [-2.0, 0.0, 0.0, 110.0888671875],
    [0.0, 1.7143346071243286, -1.0300761461257935, -67.09005737304688],
    [0.0, 1.0300761461257935, 1.7143346071243286, -106.01219177246094],
    [0.0, 0.0, 0.0, 1.0]
],
  "dcmmeta_reorient_transform": [
    [0.0, -1.0, 0.0, 109.0],
    [1.0, 0.0, 0.0, 0.0],
    [0.0, 0.0, 1.0, 0.0],
    [0.0, 0.0, 0.0, 1.0]
],
  "dcmmeta_shape": [110, 110, 57],
  "dcmmeta_slice_dim": 2,
  "dcmmeta_version": 0.6,
  "global": {
    "const": {
      "AcquisitionMatrix": [110, 0, 0, 110],
      "AcquisitionNumber": 1,
      "AcquisitionTime": "092522.097500",
      "AngioFlag": "N",
      "BitsAllocated": 16,
      "BitsStored": 16,
      "BodyPartExamined": "BRAIN",
      "CardiacNumberOfImages": 1,
      "Columns": 880,
      "ContentTime": "092548.499000",
      "EchoNumbers": 1,
      "EchoTime": 81.6,
      "EchoTrainLength": 83,
      "FlipAngle": 78.0,
      "HighBit": 15,
      "ImageOrientationPatient": [1.0, 0.0, 0.0, 0.0, 0.85716730460107, -0.5150380684211],
      "ImagePositionPatient": [-880.0888671875, -779.791236838, 402.84541961364],
      "ImageType": [
        "ORIGINAL",
        "PRIMARY",
        "M",
        "ND",
        "MOSAIC"
],
      "ImagedNucleus": "1H",
      "ImagingFrequency": 123.259034,
      "InPlanePhaseEncodingDirection": "COL",
      "InstanceCreationTime": "092548.499000",
      "InstanceNumber": 1,
      "LargestImagePixelValue": 65535,
      "MRAcquisitionType": "2D",
      "MagneticFieldStrength": 3.0,
      "Manufacturer": "SIEMENS",
      "ManufacturerModelName": "Prisma_fit",
      "Modality": "MR",
      "NominalInterval": 0,
      "NumberOfAverages": 1.0,
      "NumberOfPhaseEncodingSteps": 83,
      "PercentPhaseFieldOfView": 100.0,
      "PercentSampling": 100.0,
      "PerformedProcedureStepStartTime": "090258.984000",
      "PhotometricInterpretation": "MONOCHROME2",
      "PixelBandwidth": 1685.0,
      "PixelRepresentation": 0,
      "PixelSpacing": [2.0, 2.0],
      "ProtocolName": "dMRI_dir98_AP_test_cmrr",
      "RepetitionTime": 2334.0,
      "Rows": 880,
      "SAR": 0.13373208331429,
      "SamplesPerPixel": 1,
      "ScanOptions": [
        "PFP",
        "EXT"
],
      "ScanningSequence": "EP",
      "SequenceName": "epse2d1_110",
      "SequenceVariant": [
        "SK",
        "SS"
],
      "SeriesDescription": "dMRI_dir98_AP_test_cmrr_SBRef",
      "SeriesNumber": 6,
      "SeriesTime": "092548.495000",
      "SliceLocation": -56.316249891632,
      "SliceThickness": 2.0,
      "SmallestImagePixelValue": 0,
      "SoftwareVersions": "syngo MR E11",
      "SpacingBetweenSlices": 2.0000000263689,
      "SpecificCharacterSet": "ISO_IR 100",
      "StudyID": "1",
      "StudyTime": "090258.821000",
      "TransmitCoilName": "Body",
      "TriggerTime": 1627.5,
      "VariableFlipAngleFlag": "N",
      "WindowCenter": 10938.0,
      "WindowCenterWidthExplanation": "Algo1",
      "WindowWidth": 25650.0,
      "dBdt": 0.0},
    "slices": {}
  }
}