{
  "AcquisitionMatrixPE": 36,
  "AcquisitionNumber": 1,
  "AcquisitionTime": "10:08:15.620000",
  "BandwidthPerPixelPhaseEncode": 29.551,
  "BaseResolution": 96,
  "BodyPartExamined": "CSPINE",
  "CoilCombinationMethod": "Adaptive Combine",
  "ConsistencyInfo": "N4_VE11C_LATEST_20160120",
  "ConversionSoftware": "dcm2niix",
  "ConversionSoftwareVersion": "v1.0.20211006",
  "DerivedVendorReportedEchoSpacing": 0.000939994,
  "DeviceSerialNumber": "167006",
  "DiffusionScheme": "Monopolar",
  "DwellTime": 4.1e-06,
  "EchoTime": 0.06,
  "EchoTrainLength": 31,
  "EffectiveEchoSpacing": 0.000939995,
  "FlipAngle": 90,
  "HeudiconvVersion": "0.5.3.post569+g418601f",
  "ImageOrientationPatientDICOM": [0.999701, -0.00229922, -0.0243238, -5.29028e-08, 0.995562, -0.0941083],
  "ImageOrientationText": "Tra>Cor(-5.4)>Sag(-1.4)",
  "ImageType": [
    "ORIGINAL",
    "PRIMARY",
    "DIFFUSION",
    "NONE",
    "ND",
    "MOSAIC"
],
  "ImagingFrequency": 123.259,
  "InPlanePhaseEncodingDirectionDICOM": "COL",
  "InstitutionAddress": "Chemin Queen-Mary 4565,Montreal,District,CA,H3W 1W5",
  "InstitutionName": "IUGM",
  "InstitutionalDepartmentName": "Department",
  "MRAcquisitionType": "2D",
  "MagneticFieldStrength": 3,
  "Manufacturer": "Siemens",
  "ManufacturersModelName": "Prisma_fit",
  "MatrixCoilMode": "SENSE",
  "Modality": "MR",
  "PartialFourier": 0.875,
  "PatientPosition": "HFS",
  "PercentPhaseFOV": 37.5,
  "PercentSampling": 100,
  "PhaseEncodingDirection": "j-",
  "PhaseEncodingSteps": 31,
  "PhaseResolution": 1,
  "PixelBandwidth": 1270,
  "ProcedureStepDescription": "anat^generic",
  "ProtocolName": "DWI",
  "PulseSequenceDetails": "%SiemensSeq%\\ep2d_diff",
  "ReceiveCoilActiveElements": "HC7;NC1,2",
  "ReceiveCoilName": "HeadNeck_64",
  "ReconMatrixPE": 36,
  "RepetitionTime": 0.61,
  "SAR": 0.43125,
  "ScanOptions": "PFP\\SFS\\CT",
  "ScanningSequence": "EP",
  "SequenceName": "*ez_b0",
  "SequenceVariant": "SK\\SP",
  "SeriesDescription": "DWI",
  "SeriesNumber": 32,
  "ShimSetting": [610, -7275, -9326, -332, 447, 613, 1050, -25],
  "SliceThickness": 5,
  "SliceTiming": [0, 0.78, 1.58, 2.405, 3.225, 0.195, 0.975, 1.775, 2.6, 3.42, 0.3925, 1.1725, 1.9725, 2.7975, 3.6175],
  "SoftwareVersions": "syngo MR E11",
  "SpacingBetweenSlices": 5,
  "SpoilingState": true,
  "StationName": "MRC35049",
  "TotalReadoutTime": 0.0328998,
  "TxRefAmp": 296.989,
  "dcmmeta_affine": [
    [-0.895565927028656, -4.739207781767618e-08, -0.12216087430715561, 41.2806282043457],
    [0.0020597162656486034, 0.8918575644493103, -0.4704011082649231, 9.650108337402344],
    [-0.021790025755763054, 0.08430536091327667, 4.97632360458374, -173.48672485351562],
    [0.0, 0.0, 0.0, 1.0]
],
  "dcmmeta_reorient_transform": [
    [0.0, -1.0, 0.0, 35.0],
    [1.0, 0.0, 0.0, 0.0],
    [0.0, 0.0, -1.0, 14.0],
    [0.0, 0.0, 0.0, 1.0]
],
  "dcmmeta_shape": [96, 36, 15, 35],
  "dcmmeta_slice_dim": 2,
  "dcmmeta_version": 0.6,
  "global": {
    "const": {
      "AcquisitionMatrix": [96, 0, 0, 36],
      "AngioFlag": "N",
      "BitsAllocated": 16,
      "BitsStored": 12,
      "BodyPartExamined": "CSPINE",
      "CardiacNumberOfImages": 1,
      "Columns": 384,
      "EchoNumbers": 1,
      "EchoTime": 60.0,
      "EchoTrainLength": 31,
      "FlipAngle": 90.0,
      "HighBit": 11,
      "ImageOrientationPatient": [0.99970148984744, -0.0022992182112, -0.0243237495552, -5.2902786e-08, 0.99556196444061, -0.0941083150372],
      "ImagePositionPatient": [-168.53186164203, -82.143217579133, -93.177252445928],
      "ImageType": [
        "ORIGINAL",
        "PRIMARY",
        "DIFFUSION",
        "NONE",
        "ND",
        "MOSAIC"
],
      "ImagedNucleus": "1H",
      "ImagingFrequency": 123.258832,
      "InPlanePhaseEncodingDirection": "COL",
      "MRAcquisitionType": "2D",
      "MagneticFieldStrength": 3.0,
      "Manufacturer": "SIEMENS",
      "ManufacturerModelName": "Prisma_fit",
      "Modality": "MR",
      "NominalInterval": 0,
      "NumberOfAverages": 1.0,
      "NumberOfPhaseEncodingSteps": 31,
      "PercentPhaseFieldOfView": 37.5,
      "PercentSampling": 100.0,
      "PerformedProcedureStepStartTime": "090258.984000",
      "PhotometricInterpretation": "MONOCHROME2",
      "PixelBandwidth": 1270.0,
      "PixelRepresentation": 0,
      "PixelSpacing": [0.89583331346512, 0.89583331346512],
      "ProtocolName": "DWI",
      "RepetitionTime": 610.0,
      "Rows": 144,
      "SAR": 0.43124967083368,
      "SamplesPerPixel": 1,
      "ScanOptions": [
        "PFP",
        "SFS",
        "CT"
],
      "ScanningSequence": "EP",
      "SequenceVariant": [
        "SK",
        "SP"
],
      "SeriesDescription": "DWI",
      "SeriesNumber": 32,
      "SeriesTime": "100816.292000",
      "SliceLocation": -104.58168988422,
      "SliceThickness": 5.0,
      "SmallestImagePixelValue": 0,
      "SoftwareVersions": "syngo MR E11",
      "SpacingBetweenSlices": 4.9999999112144,
      "SpecificCharacterSet": "ISO_IR 100",
      "StudyID": "1",
      "StudyTime": "090258.821000",
      "TransmitCoilName": "Body",
      "VariableFlipAngleFlag": "N",
      "WindowCenterWidthExplanation": "Algo1",
      "dBdt": 0.0},
    "slices": {}
  },
  "time": {
    "samples": {
      "AcquisitionNumber": [1, 2, 3, 4, 5, 6, 7, 8, 9, 10, 11, 12, 13, 14, 15, 16, 17, 18, 19, 20, 21, 22, 23, 24, 25, 26, 27, 28, 29, 30, 31, 32, 33, 34, 35],
      "AcquisitionTime": ["100815.620000", "100819.895000", "100824.060000", "100828.025000", "100831.590000", "100835.595000", "100839.485000", "100843.420000", "100847.630000", "100851.865000", "100857.820000", "100901.920000", "100905.795000", "100910.005000", "100914.085000", "100918.430000", "100922.820000", "100927.065000", "100930.995000", "100934.790000", "100938.405000", "100942.130000", "100946.095000", "100950.235000", "100954.400000", "100958.225000", "101002.185000", "101006.015000", "101010.050000", "101013.885000", "101017.575000", "101021.055000", "101024.600000", "101028.495000", "101032.410000"],
      "ContentTime": ["100816.295000", "100824.015000", "100829.015000", "100829.018000", "100834.015000", "100839.016000", "100844.015000", "100849.015000", "100849.031000", "100854.015000", "100859.015000", "100904.016000", "100909.015000", "100914.016000", "100919.015000", "100924.015000", "100924.018000", "100929.015000", "100934.015000", "100939.015000", "100944.015000", "100944.018000", "100949.016000", "100954.015000", "100959.015000", "100959.018000", "101004.015000", "101009.015000", "101014.015000", "101019.015000", "101019.018000", "101024.016000", "101029.015000", "101033.109000", "101033.111000"],
      "InstanceCreationTime": ["100816.295000", "100824.015000", "100829.015000", "100829.018000", "100834.015000", "100839.016000", "100844.015000", "100849.015000", "100849.031000", "100854.015000", "100859.015000", "100904.016000", "100909.015000", "100914.016000", "100919.015000", "100924.015000", "100924.018000", "100929.015000", "100934.015000", "100939.015000", "100944.015000", "100944.018000", "100949.016000", "100954.015000", "100959.015000", "100959.018000", "101004.015000", "101009.015000", "101014.015000", "101019.015000", "101019.018000", "101024.016000", "101029.015000", "101033.109000", "101033.111000"],
      "InstanceNumber": [1, 2, 3, 4, 5, 6, 7, 8, 9, 10, 11, 12, 13, 14, 15, 16, 17, 18, 19, 20, 21, 22, 23, 24, 25, 26, 27, 28, 29, 30, 31, 32, 33, 34, 35],
      "LargestImagePixelValue": [4095, 2565, 2724, 2599, 2376, 2103, 2636, 2322, 2655, 2556, 2984, 2334, 2567, 2792, 2450, 2623, 2334, 2978, 2837, 2627, 2055, 2518, 2735, 2374, 2701, 2553, 2605, 2461, 2199, 2564, 2534, 4095, 4095, 4095, 4095],
      "SequenceName": [
        "*ez_b0",
        "*ez_b800#1",
        "*ez_b800#2",
        "*ez_b800#3",
        "*ez_b800#4",
        "*ez_b800#5",
        "*ez_b800#6",
        "*ez_b800#7",
        "*ez_b800#8",
        "*ez_b800#9",
        "*ez_b800#10",
        "*ez_b800#11",
        "*ez_b800#12",
        "*ez_b800#13",
        "*ez_b800#14",
        "*ez_b800#15",
        "*ez_b800#16",
        "*ez_b800#17",
        "*ez_b800#18",
        "*ez_b800#19",
        "*ez_b800#20",
        "*ez_b800#21",
        "*ez_b800#22",
        "*ez_b800#23",
        "*ez_b800#24",
        "*ez_b800#25",
        "*ez_b800#26",
        "*ez_b800#27",
        "*ez_b800#28",
        "*ez_b800#29",
        "*ez_b800#30",
        "*ez_b0",
        "*ez_b0",
        "*ez_b0",
        "*ez_b0"
],
      "TriggerTime": [572.5, 572.5, 572.5, 572.5, 572.5, 572.5, 572.5, 572.5, 572.5, 572.5, 572.5, 572.5, 572.5, 572.5, 572.5, 572.5, 572.5, 572.5, 572.5, 572.5, 572.5, 572.5, 572.5, 572.5, 570.0, 570.0, 570.0, 570.0, 570.0, 570.0, 570.0, 570.0, 570.0, 570.0, 570.0],
      "WindowCenter": [1009.0, 701.0, 699.0, 693.0, 700.0, 718.0, 726.0, 712.0, 699.0, 708.0, 752.0, 728.0, 703.0, 716.0, 728.0, 718.0, 713.0, 727.0, 716.0, 701.0, 690.0, 692.0, 727.0, 726.0, 719.0, 705.0, 706.0, 712.0, 724.0, 719.0, 728.0, 1011.0, 979.0, 1022.0, 1012.0],
      "WindowWidth": [2112.0, 1383.0, 1376.0, 1366.0, 1384.0, 1429.0, 1460.0, 1414.0, 1378.0, 1401.0, 1536.0, 1472.0, 1393.0, 1429.0, 1471.0, 1434.0, 1422.0, 1466.0, 1428.0, 1388.0, 1359.0, 1363.0, 1465.0, 1464.0, 1432.0, 1394.0, 1394.0, 1410.0, 1458.0, 1431.0, 1464.0, 2127.0, 2047.0, 2145.0, 2118.0]
    },
    "slices": {}
  }
}