{
  "AcquisitionMatrixPE": 448,
  "AcquisitionNumber": 1,
  "AcquisitionTime": "16:55:42.700000",
  "BaseResolution": 448,
  "BodyPartExamined": "CSPINE",
  "CoilCombinationMethod": "Adaptive Combine",
  "ConsistencyInfo": "N4_VE11C_LATEST_20160120",
  "ConversionSoftware": "dcm2niix",
  "ConversionSoftwareVersion": "v1.0.20211006",
  "DeviceSerialNumber": "167006",
  "DwellTime": 4.3e-06,
  "EchoTime": 0.014,
  "EchoTrainLength": 3,
  "FlipAngle": 30,
  "HeudiconvVersion": "0.11.3.post9+gc939bf8",
  "ImageOrientationPatientDICOM": [1, 0, 0, 0, 0.947768, 0.318959],
  "ImageOrientationText": "Tra>Cor(18.6)",
  "ImageType": [
    "ORIGINAL",
    "PRIMARY",
    "M",
    "NORM",
    "DIS2D"
],
  "ImagingFrequency": 123.259,
  "InPlanePhaseEncodingDirectionDICOM": "COL",
  "InstitutionAddress": "Chemin Queen-Mary 4565,Montreal,District,CA,H3W 1W5",
  "InstitutionName": "IUGM",
  "InstitutionalDepartmentName": "Department",
  "MRAcquisitionType": "2D",
  "MagneticFieldStrength": 3,
  "Manufacturer": "Siemens",
  "ManufacturersModelName": "Prisma_fit",
  "MatrixCoilMode": "GRAPPA",
  "Modality": "MR",
  "NumberOfAverages": 2,
  "ParallelReductionFactorInPlane": 2,
  "PartialFourier": 1,
  "PatientPosition": "HFS",
  "PercentPhaseFOV": 100,
  "PercentSampling": 100,
  "PhaseEncodingDirection": "j-",
  "PhaseEncodingSteps": 447,
  "PhaseResolution": 1,
  "PixelBandwidth": 260,
  "ProcedureStepDescription": "anat^generic",
  "ProtocolName": "GRE-ME",
  "PulseSequenceDetails": "%SiemensSeq%\\medic",
  "ReceiveCoilActiveElements": "HC7;NC1,2",
  "ReceiveCoilName": "HeadNeck_64",
  "ReconMatrixPE": 448,
  "RefLinesPE": 24,
  "RepetitionTime": 0.6,
  "SAR": 0.209728,
  "ScanOptions": "SAT1",
  "ScanningSequence": "GR",
  "SequenceName": "*me2d1r3",
  "SequenceVariant": "SP",
  "SeriesDescription": "GRE-ME",
  "SeriesNumber": 39,
  "ShimSetting": [729, -7274, -9077, -1139, 462, 1958, 605, 295],
  "SliceThickness": 5,
  "SliceTiming": [0, 0.3125, 0.03125, 0.35938, 0.07812, 0.39062, 0.125, 0.4375, 0.15625, 0.48438, 0.20312, 0.51562, 0.23438, 0.5625, 0.28125],
  "SoftwareVersions": "syngo MR E11",
  "SpacingBetweenSlices": 5,
  "StationName": "MRC35049",
  "TxRefAmp": 256.77,
  "dcmmeta_affine": [
    [-0.5, 0.0, 0.0, 111.50651550292969],
    [0.0, 0.4738841950893402, 1.594797134399414, -140.792236328125],
    [0.0, -0.15947964787483215, 4.73884391784668, -103.92919921875],
    [0.0, 0.0, 0.0, 1.0]
],
  "dcmmeta_reorient_transform": [
    [0.0, -1.0, 0.0, 447.0],
    [1.0, 0.0, 0.0, 0.0],
    [0.0, 0.0, -1.0, 14.0],
    [0.0, 0.0, 0.0, 1.0]
],
  "dcmmeta_shape": [448, 448, 15],
  "dcmmeta_slice_dim": 2,
  "dcmmeta_version": 0.6,
  "global": {
    "const": {
      "AcquisitionMatrix": [448, 0, 0, 448],
      "AcquisitionNumber": 1,
      "AngioFlag": "N",
      "BitsAllocated": 16,
      "BitsStored": 12,
      "BodyPartExamined": "CSPINE",
      "Columns": 448,
      "EchoNumbers": 1,
      "EchoTime": 14.0,
      "EchoTrainLength": 3,
      "FlipAngle": 30.0,
      "HighBit": 11,
      "ImageOrientationPatient": [1.0, 0.0, 0.0, 0.0, 0.9477684125007, 0.31895930189589],
      "ImageType": [
        "ORIGINAL",
        "PRIMARY",
        "M",
        "NORM",
        "DIS2D"
],
      "ImagedNucleus": "1H",
      "ImagingFrequency": 123.258612,
      "InPlanePhaseEncodingDirection": "COL",
      "MRAcquisitionType": "2D",
      "MagneticFieldStrength": 3.0,
      "Manufacturer": "SIEMENS",
      "ManufacturerModelName": "Prisma_fit",
      "Modality": "MR",
      "NumberOfAverages": 2.0,
      "NumberOfPhaseEncodingSteps": 447,
      "PercentPhaseFieldOfView": 100.0,
      "PercentSampling": 100.0,
      "PerformedProcedureStepStartTime": "151323.770000",
      "PhotometricInterpretation": "MONOCHROME2",
      "PixelBandwidth": 260.0,
      "PixelRepresentation": 0,
      "PixelSpacing": [0.5, 0.5],
      "ProtocolName": "GRE-ME",
      "RepetitionTime": 600.0,
      "Rows": 448,
      "SAR": 0.20972753502574,
      "SamplesPerPixel": 1,
      "ScanOptions": "SAT1",
      "ScanningSequence": "GR",
      "SequenceName": "*me2d1r3",
      "SequenceVariant": "SP",
      "SeriesDescription": "GRE-ME",
      "SeriesNumber": 39,
      "SeriesTime": "170028.659000",
      "SliceThickness": 5.0,
      "SmallestImagePixelValue": 0,
      "SoftwareVersions": "syngo MR E11",
      "SpacingBetweenSlices": 5.0,
      "SpecificCharacterSet": "ISO_IR 100",
      "StudyID": "1",
      "StudyTime": "151323.694000",
      "TransmitCoilName": "Body",
      "VariableFlipAngleFlag": "N",
      "WindowCenterWidthExplanation": "Algo1",
      "dBdt": 0.0},
    "slices": {
      "AcquisitionTime": ["165542.420000", "165542.740000", "165542.460000", "165542.780000", "165542.500000", "165542.820000", "165542.540000", "165542.860000", "165542.580000", "165542.900000", "165542.620000", "165542.940000", "165542.660000", "165542.980000", "165542.700000"],
      "ContentTime": ["170028.662000", "170028.685000", "170028.665000", "170028.690000", "170028.667000", "170028.692000", "170028.669000", "170028.695000", "170028.671000", "170028.697000", "170028.679000", "170028.699000", "170028.681000", "170028.701000", "170028.683000"],
      "CsaImage.ICE_Dims": [
        "X_1_1_1_1_1_1_1_1_1_15_1_185",
        "X_1_1_1_1_1_1_9_1_1_14_1_185",
        "X_1_1_1_1_1_1_2_1_1_13_1_185",
        "X_1_1_1_1_1_1_10_1_1_12_1_185",
        "X_1_1_1_1_1_1_3_1_1_11_1_185",
        "X_1_1_1_1_1_1_11_1_1_10_1_185",
        "X_1_1_1_1_1_1_4_1_1_9_1_185",
        "X_1_1_1_1_1_1_12_1_1_8_1_185",
        "X_1_1_1_1_1_1_5_1_1_7_1_185",
        "X_1_1_1_1_1_1_13_1_1_6_1_185",
        "X_1_1_1_1_1_1_6_1_1_5_1_185",
        "X_1_1_1_1_1_1_14_1_1_4_1_185",
        "X_1_1_1_1_1_1_7_1_1_3_1_185",
        "X_1_1_1_1_1_1_15_1_1_2_1_185",
        "X_1_1_1_1_1_1_8_1_1_1_1_185"
],
      "CsaImage.ProtocolSliceNumber": [0, 1, 2, 3, 4, 5, 6, 7, 8, 9, 10, 11, 12, 13, 14],
      "CsaImage.SlicePosition_PCS": [
        [-111.50651398, -71.03401529, -69.21658299],
        [-111.50651398, -72.62881434, -64.47773907],
        [-111.50651398, -74.22360956, -59.73889706],
        [-111.50651398, -75.8184067, -55.00005505],
        [-111.50651398, -77.41320192, -50.26121304],
        [-111.50651398, -79.00799906, -45.52237103],
        [-111.50651398, -80.60279619, -40.78352902],
        [-111.50651398, -82.19759333, -36.04468701],
        [-111.50651398, -83.79238856, -31.305845],
        [-111.50651398, -85.38718569, -26.56700298],
        [-111.50651398, -86.98198282, -21.82816097],
        [-111.50651398, -88.57677805, -17.08931896],
        [-111.50651398, -90.17157519, -12.35047695],
        [-111.50651398, -91.76637137, -7.61163494],
        [-111.50651398, -93.3611685, -2.87279102]
],
      "ImagePositionPatient": [
        [-111.50651398301, -71.034015294561, -175.21658298666],
        [-111.50651398301, -72.628814336309, -170.47773906881],
        [-111.50651398301, -74.22360956336, -165.73889705831],
        [-111.50651398301, -75.818406697759, -161.00005504781],
        [-111.50651398301, -77.41320192481, -156.26121303732],
        [-111.50651398301, -79.007999059209, -151.52237102682],
        [-111.50651398301, -80.602796193609, -146.78352901632],
        [-111.50651398301, -82.197593328008, -142.04468700582],
        [-111.50651398301, -83.792388555059, -137.30584499532],
        [-111.50651398301, -85.387185689458, -132.56700298483],
        [-111.50651398301, -86.981982823858, -127.82816097433],
        [-111.50651398301, -88.576778050908, -123.08931896383],
        [-111.50651398301, -90.171575185308, -118.35047695333],
        [-111.50651398301, -91.766371366033, -113.61163494283],
        [-111.50651398301, -93.361168500432, -108.87279102499]
],
      "InstanceCreationTime": ["170028.662000", "170028.685000", "170028.665000", "170028.690000", "170028.667000", "170028.692000", "170028.669000", "170028.695000", "170028.671000", "170028.697000", "170028.679000", "170028.699000", "170028.681000", "170028.701000", "170028.683000"],
      "InstanceNumber": [15, 14, 13, 12, 11, 10, 9, 8, 7, 6, 5, 4, 3, 2, 1],
      "LargestImagePixelValue": [1593, 1147, 1187, 1336, 1427, 1448, 1243, 1341, 1249, 1618, 1609, 1541, 1584, 1779, 1610],
      "SliceLocation": [-143.40778277184, -138.40778020572, -133.40778066405, -128.40778051401, -123.40778097235, -118.40778082231, -113.40778067228, -108.40778052224, -103.40778098057, -98.407780830538, -93.407780680503, -88.407781138835, -83.4077809888, -78.407781142948, -73.407779185189],
      "WindowCenter": [552.0, 482.0, 456.0, 465.0, 514.0, 537.0, 542.0, 521.0, 511.0, 521.0, 541.0, 562.0, 569.0, 585.0, 589.0],
      "WindowWidth": [1155.0, 1020.0, 969.0, 982.0, 1084.0, 1137.0, 1145.0, 1092.0, 1075.0, 1094.0, 1138.0, 1177.0, 1194.0, 1225.0, 1237.0]
    }
  }
}