{
  "AcquisitionMatrixPE": 256,
  "AcquisitionNumber": 1,
  "AcquisitionTime": "16:52:9.937500",
  "BaseResolution": 256,
  "BodyPartExamined": "CSPINE",
  "CoilCombinationMethod": "Adaptive Combine",
  "ConsistencyInfo": "N4_VE11C_LATEST_20160120",
  "ConversionSoftware": "dcm2niix",
  "ConversionSoftwareVersion": "v1.0.20211006",
  "DeviceSerialNumber": "167006",
  "DwellTime": 7.5e-06,
  "EchoTime": 0.00313,
  "FlipAngle": 9,
  "HeudiconvVersion": "0.11.3.post9+gc939bf8",
  "ImageOrientationPatientDICOM": [1, 0, 0, 0, 0.947768, 0.318959],
  "ImageOrientationText": "Tra>Cor(18.6)",
  "ImageType": [
    "ORIGINAL",
    "PRIMARY",
    "M",
    "DIS2D"
],
  "ImagingFrequency": 123.259,
  "InPlanePhaseEncodingDirectionDICOM": "COL",
  "InstitutionAddress": "Chemin Queen-Mary 4565,Montreal,District,CA,H3W 1W5",
  "InstitutionName": "IUGM",
  "InstitutionalDepartmentName": "Department",
  "MRAcquisitionType": "3D",
  "MagneticFieldStrength": 3,
  "Manufacturer": "Siemens",
  "ManufacturersModelName": "Prisma_fit",
  "MatrixCoilMode": "GRAPPA",
  "Modality": "MR",
  "ParallelReductionFactorInPlane": 2,
  "PartialFourier": 1,
  "PatientPosition": "HFS",
  "PercentPhaseFOV": 100,
  "PercentSampling": 100,
  "PhaseEncodingSteps": 255,
  "PhaseResolution": 1,
  "PixelBandwidth": 260,
  "ProcedureStepDescription": "anat^generic",
  "ProtocolName": "GRE-MT0",
  "PulseSequenceDetails": "%SiemensSeq%\\gre",
  "ReceiveCoilActiveElements": "HC7;NC1,2",
  "ReceiveCoilName": "HeadNeck_64",
  "ReconMatrixPE": 256,
  "RefLinesPE": 32,
  "RepetitionTime": 0.035,
  "SAR": 0.00495683,
  "ScanningSequence": "GR",
  "SequenceName": "*fl3d1",
  "SequenceVariant": "SP",
  "SeriesDescription": "GRE-MT0",
  "SeriesNumber": 37,
  "ShimSetting": [704, -7315, -9094, -759, 325, 1956, 703, 120],
  "SliceThickness": 5,
  "SoftwareVersions": "syngo MR E11",
  "StationName": "MRC35049",
  "TxRefAmp": 256.77,
  "dcmmeta_affine": [
    [0.8984375, 0.0, 0.0, -114.59504699707031],
    [0.0, 0.8515107035636902, 1.5947965383529663, -148.83969116210938],
    [0.0, -0.28656500577926636, 4.738842010498047, -119.68533325195312],
    [0.0, 0.0, 0.0, 1.0]
],
  "dcmmeta_reorient_transform": [
    [0.0, -1.0, 0.0, 255.0],
    [-1.0, 0.0, 0.0, 255.0],
    [0.0, 0.0, -1.0, 21.0],
    [0.0, 0.0, 0.0, 1.0]
],
  "dcmmeta_shape": [256, 256, 22],
  "dcmmeta_slice_dim": 2,
  "dcmmeta_version": 0.6,
  "global": {
    "const": {
      "AcquisitionMatrix": [256, 0, 0, 256],
      "AcquisitionNumber": 1,
      "AcquisitionTime": "165209.937500",
      "AngioFlag": "N",
      "BitsAllocated": 16,
      "BitsStored": 12,
      "BodyPartExamined": "CSPINE",
      "Columns": 256,
      "EchoNumbers": 1,
      "EchoTime": 3.13,
      "EchoTrainLength": 1,
      "FlipAngle": 9.0,
      "HighBit": 11,
      "ImageOrientationPatient": [1.0, 0.0, 0.0, 0.0, 0.9477684125007, 0.31895930189589],
      "ImageType": [
        "ORIGINAL",
        "PRIMARY",
        "M",
        "DIS2D"
],
      "ImagedNucleus": "1H",
      "ImagingFrequency": 123.258623,
      "InPlanePhaseEncodingDirection": "COL",
      "MRAcquisitionType": "3D",
      "MagneticFieldStrength": 3.0,
      "Manufacturer": "SIEMENS",
      "ManufacturerModelName": "Prisma_fit",
      "Modality": "MR",
      "NumberOfAverages": 1.0,
      "NumberOfPhaseEncodingSteps": 255,
      "PercentPhaseFieldOfView": 100.0,
      "PercentSampling": 100.0,
      "PerformedProcedureStepStartTime": "151323.770000",
      "PhotometricInterpretation": "MONOCHROME2",
      "PixelBandwidth": 260.0,
      "PixelRepresentation": 0,
      "PixelSpacing": [0.8984375, 0.8984375],
      "ProtocolName": "GRE-MT0",
      "RepetitionTime": 35.0,
      "Rows": 256,
      "SAR": 0.0049568304517,
      "SamplesPerPixel": 1,
      "ScanningSequence": "GR",
      "SequenceName": "*fl3d1",
      "SequenceVariant": "SP",
      "SeriesDescription": "GRE-MT0",
      "SeriesNumber": 37,
      "SeriesTime": "165422.250000",
      "SliceThickness": 5.0,
      "SmallestImagePixelValue": 0,
      "SoftwareVersions": "syngo MR E11",
      "SpecificCharacterSet": "ISO_IR 100",
      "StudyID": "1",
      "StudyTime": "151323.694000",
      "TransmitCoilName": "Body",
      "VariableFlipAngleFlag": "N",
      "WindowCenterWidthExplanation": "Algo1",
      "dBdt": 0.0},
    "slices": {
      "ContentTime": ["165422.254000", "165422.257000", "165422.260000", "165422.263000", "165422.265000", "165422.268000", "165422.270000", "165422.273000", "165422.275000", "165422.277000", "165422.280000", "165422.282000", "165422.285000", "165422.287000", "165422.296000", "165422.298000", "165422.301000", "165422.304000", "165422.307000", "165422.310000", "165422.313000", "165422.316000"],
      "CsaImage.Actual3DImaPartNumber": [0, 1, 2, 3, 4, 5, 6, 7, 8, 9, 10, 11, 12, 13, 14, 15, 16, 17, 18, 19, 20, 21],
      "CsaImage.ICE_Dims": [
        "X_1_1_1_1_1_1_1_1_1_1_1_180",
        "X_1_1_1_1_1_2_1_1_1_1_1_180",
        "X_1_1_1_1_1_3_1_1_1_1_1_180",
        "X_1_1_1_1_1_4_1_1_1_1_1_180",
        "X_1_1_1_1_1_5_1_1_1_1_1_180",
        "X_1_1_1_1_1_6_1_1_1_1_1_180",
        "X_1_1_1_1_1_7_1_1_1_1_1_180",
        "X_1_1_1_1_1_8_1_1_1_1_1_180",
        "X_1_1_1_1_1_9_1_1_1_1_1_180",
        "X_1_1_1_1_1_10_1_1_1_1_1_180",
        "X_1_1_1_1_1_11_1_1_1_1_1_180",
        "X_1_1_1_1_1_12_1_1_1_1_1_180",
        "X_1_1_1_1_1_13_1_1_1_1_1_180",
        "X_1_1_1_1_1_14_1_1_1_1_1_180",
        "X_1_1_1_1_1_15_1_1_1_1_1_180",
        "X_1_1_1_1_1_16_1_1_1_1_1_180",
        "X_1_1_1_1_1_17_1_1_1_1_1_180",
        "X_1_1_1_1_1_18_1_1_1_1_1_180",
        "X_1_1_1_1_1_19_1_1_1_1_1_180",
        "X_1_1_1_1_1_20_1_1_1_1_1_180",
        "X_1_1_1_1_1_21_1_1_1_1_1_180",
        "X_1_1_1_1_1_22_1_1_1_1_1_180"
],
      "CsaImage.SlicePosition_PCS": [
        [-114.50651398, -68.29553522, -86.75940657],
        [-114.50651398, -69.89033173, -82.02056451],
        [-114.50651398, -71.48512823, -77.28172244],
        [-114.50651398, -73.07992474, -72.54288038],
        [-114.50651398, -74.67472125, -67.80403832],
        [-114.50651398, -76.26951776, -63.06519626],
        [-114.50651398, -77.86431427, -58.32635419],
        [-114.50651398, -79.45911078, -53.58751213],
        [-114.50651398, -81.05390729, -48.84867007],
        [-114.50651398, -82.6487038, -44.10982801],
        [-114.50651398, -84.24350031, -39.37098594],
        [-114.50651398, -85.83829682, -34.63214388],
        [-114.50651398, -87.43309333, -29.89330182],
        [-114.50651398, -89.02788984, -25.15445976],
        [-114.50651398, -90.62268635, -20.41561769],
        [-114.50651398, -92.21748286, -15.67677563],
        [-114.50651398, -93.81227937, -10.93793357],
        [-114.50651398, -95.40707588, -6.19909151],
        [-114.50651398, -97.00187239, -1.46024944],
        [-114.50651398, -98.5966689, 3.27859262],
        [-114.50651398, -100.19146541, 8.01743468],
        [-114.50651398, -101.78626192, 12.75627674]
],
      "ImagePositionPatient": [
        [-114.50651398301, -68.295535215976, -192.7594065678],
        [-114.50651398301, -69.890331725456, -188.02056450529],
        [-114.50651398301, -71.485128234935, -183.28172244279],
        [-114.50651398301, -73.079924744415, -178.54288038028],
        [-114.50651398301, -74.674721253894, -173.80403831778],
        [-114.50651398301, -76.269517763373, -169.06519625528],
        [-114.50651398301, -77.864314272853, -164.32635419277],
        [-114.50651398301, -79.459110782332, -159.58751213027],
        [-114.50651398301, -81.053907291812, -154.84867006777],
        [-114.50651398301, -82.648703801291, -150.10982800526],
        [-114.50651398301, -84.24350031077, -145.37098594276],
        [-114.50651398301, -85.83829682025, -140.63214388026],
        [-114.50651398301, -87.433093329729, -135.89330181775],
        [-114.50651398301, -89.027889839209, -131.15445975525],
        [-114.50651398301, -90.622686348688, -126.41561769275],
        [-114.50651398301, -92.217482858168, -121.67677563024],
        [-114.50651398301, -93.812279367647, -116.93793356774],
        [-114.50651398301, -95.407075877126, -112.19909150524],
        [-114.50651398301, -97.001872386606, -107.46024944273],
        [-114.50651398301, -98.596668896085, -102.72140738023],
        [-114.50651398301, -100.19146540556, -97.982565317726],
        [-114.50651398301, -101.78626191504, -93.243723255222]
],
      "InstanceCreationTime": ["165422.254000", "165422.257000", "165422.260000", "165422.263000", "165422.265000", "165422.268000", "165422.270000", "165422.273000", "165422.275000", "165422.277000", "165422.280000", "165422.282000", "165422.285000", "165422.287000", "165422.296000", "165422.298000", "165422.301000", "165422.304000", "165422.307000", "165422.310000", "165422.313000", "165422.316000"],
      "InstanceNumber": [22, 21, 20, 19, 18, 17, 16, 15, 14, 13, 12, 11, 10, 9, 8, 7, 6, 5, 4, 3, 2, 1],
      "LargestImagePixelValue": [4095, 4095, 4095, 4095, 4095, 4095, 4095, 4095, 4095, 4095, 4095, 4095, 4095, 4095, 4095, 4095, 4095, 4095, 4095, 4095, 4095, 2399],
      "SliceLocation": [-160.90778052224, -155.90778052224, -150.90778052224, -145.90778052224, -140.90778052224, -135.90778052224, -130.90778052224, -125.90778052224, -120.90778052224, -115.90778052224, -110.90778052224, -105.90778052224, -100.90778052224, -95.907780522242, -90.907780522242, -85.907780522242, -80.907780522242, -75.907780522242, -70.907780522242, -65.907780522242, -60.907780522242, -55.907780522242],
      "WindowCenter": [930.0, 1378.0, 1214.0, 514.0, 350.0, 611.0, 682.0, 525.0, 1.0, 1.0, 1.0, 1.0, 2.0, 229.0, 445.0, 729.0, 985.0, 1097.0, 1277.0, 1270.0, 1023.0, 587.0],
      "WindowWidth": [2519.0, 3187.0, 3789.0, 4095.0, 4095.0, 3819.0, 3596.0, 3582.0, 3786.0, 3903.0, 3939.0, 3991.0, 4046.0, 4095.0, 4095.0, 4095.0, 4095.0, 4095.0, 4003.0, 3390.0, 2367.0, 1339.0]
    }
  }
}