{
  "AcquisitionMatrixPE": 256,
  "AcquisitionNumber": 1,
  "AcquisitionTime": "19:51:8.975000",
  "BaseResolution": 256,
  "BodyPartExamined": "CSPINE",
  "CoilCombinationMethod": "Adaptive Combine",
  "ConsistencyInfo": "N4_VE11C_LATEST_20160120",
  "ConversionSoftware": "dcm2niix",
  "ConversionSoftwareVersion": "v1.0.20220505",
  "DeviceSerialNumber": "167006",
  "DwellTime": 7.5e-06,
  "EchoTime": 0.00313,
  "FlipAngle": 15,
  "HeudiconvVersion": "0.5.3.post811+g6206e14",
  "ImageOrientationPatientDICOM": [1, 0, 0, 0, 0.971961, 0.235142],
  "ImageOrientationText": "Tra>Cor(13.6)",
  "ImageType": [
    "ORIGINAL",
    "PRIMARY",
    "M",
    "DIS2D"
],
  "ImagingFrequency": 123.259,
  "InPlanePhaseEncodingDirectionDICOM": "COL",
  "InstitutionAddress": "Chemin Queen-Mary 4565,Montreal,District,CA,H3W 1W5",
  "InstitutionName": "IUGM",
  "InstitutionalDepartmentName": "Department",
  "MRAcquisitionType": "3D",
  "MagneticFieldStrength": 3,
  "Manufacturer": "Siemens",
  "ManufacturersModelName": "Prisma_fit",
  "MatrixCoilMode": "GRAPPA",
  "Modality": "MR",
  "ParallelReductionFactorInPlane": 2,
  "PartialFourier": 1,
  "PatientPosition": "HFS",
  "PercentPhaseFOV": 100,
  "PercentSampling": 100,
  "PhaseEncodingSteps": 255,
  "PhaseResolution": 1,
  "PixelBandwidth": 260,
  "ProcedureStepDescription": "anat^generic",
  "ProtocolName": "GRE-T1w",
  "PulseSequenceDetails": "%SiemensSeq%\\gre",
  "ReceiveCoilActiveElements": "HC5-7;NC1,2",
  "ReceiveCoilName": "HeadNeck_64",
  "ReconMatrixPE": 256,
  "RefLinesPE": 32,
  "RepetitionTime": 0.015,
  "SAR": 0.0335692,
  "ScanningSequence": "GR",
  "SequenceName": "*fl3d1",
  "SequenceVariant": "SP",
  "SeriesDescription": "GRE-T1w",
  "SeriesNumber": 39,
  "ShimSetting": [583, -7280, -9088, -494, -17, 2780, -332, 33],
  "SliceThickness": 5,
  "SoftwareVersions": "syngo MR E11",
  "StationName": "MRC35049",
  "TxRefAmp": 272.781,
  "dcmmeta_affine": [
    [0.8984375, 0.0, 0.0, -114.59504699707031],
    [0.0, 0.8732461929321289, 1.1757105588912964, -131.84149169921875],
    [0.0, -0.21126048266887665, 4.859805107116699, -126.5810775756836],
    [0.0, 0.0, 0.0, 1.0]
],
  "dcmmeta_reorient_transform": [
    [0.0, -1.0, 0.0, 255.0],
    [-1.0, 0.0, 0.0, 255.0],
    [0.0, 0.0, -1.0, 21.0],
    [0.0, 0.0, 0.0, 1.0]
],
  "dcmmeta_shape": [256, 256, 22],
  "dcmmeta_slice_dim": 2,
  "dcmmeta_version": 0.6,
  "global": {
    "const": {
      "AcquisitionMatrix": [256, 0, 0, 256],
      "AcquisitionNumber": 1,
      "AcquisitionTime": "195108.975000",
      "AngioFlag": "N",
      "BitsAllocated": 16,
      "BitsStored": 12,
      "BodyPartExamined": "CSPINE",
      "Columns": 256,
      "EchoNumbers": 1,
      "EchoTime": 3.13,
      "EchoTrainLength": 1,
      "FlipAngle": 15.0,
      "HighBit": 11,
      "ImageOrientationPatient": [1.0, 0.0, 0.0, 0.0, 0.97196100271939, 0.23514210425341],
      "ImageType": [
        "ORIGINAL",
        "PRIMARY",
        "M",
        "DIS2D"
],
      "ImagedNucleus": "1H",
      "ImagingFrequency": 123.259039,
      "InPlanePhaseEncodingDirection": "COL",
      "LargestImagePixelValue": 4095,
      "MRAcquisitionType": "3D",
      "MagneticFieldStrength": 3.0,
      "Manufacturer": "SIEMENS",
      "ManufacturerModelName": "Prisma_fit",
      "Modality": "MR",
      "NumberOfAverages": 1.0,
      "NumberOfPhaseEncodingSteps": 255,
      "PercentPhaseFieldOfView": 100.0,
      "PercentSampling": 100.0,
      "PerformedProcedureStepStartTime": "184517.626000",
      "PhotometricInterpretation": "MONOCHROME2",
      "PixelBandwidth": 260.0,
      "PixelRepresentation": 0,
      "PixelSpacing": [0.8984375, 0.8984375],
      "ProtocolName": "GRE-T1w",
      "RepetitionTime": 15.0,
      "Rows": 256,
      "SAR": 0.03356920506151,
      "SamplesPerPixel": 1,
      "ScanningSequence": "GR",
      "SequenceName": "*fl3d1",
      "SequenceVariant": "SP",
      "SeriesDescription": "GRE-T1w",
      "SeriesNumber": 39,
      "SeriesTime": "195209.064000",
      "SliceThickness": 5.0,
      "SmallestImagePixelValue": 0,
      "SoftwareVersions": "syngo MR E11",
      "SpecificCharacterSet": "ISO_IR 100",
      "StudyID": "1",
      "StudyTime": "184517.538000",
      "TransmitCoilName": "Body",
      "VariableFlipAngleFlag": "N",
      "WindowCenterWidthExplanation": "Algo1",
      "dBdt": 0.0},
    "slices": {
      "ContentTime": ["195209.066000", "195209.069000", "195209.071000", "195209.073000", "195209.084000", "195209.086000", "195209.088000", "195209.089000", "195209.091000", "195209.093000", "195209.098000", "195209.105000", "195209.107000", "195209.114000", "195209.116000", "195209.118000", "195209.120000", "195209.122000", "195209.124000", "195209.126000", "195209.128000", "195209.130000"],
      "CsaImage.Actual3DImaPartNumber": [0, 1, 2, 3, 4, 5, 6, 7, 8, 9, 10, 11, 12, 13, 14, 15, 16, 17, 18, 19, 20, 21],
      "CsaImage.ICE_Dims": [
        "X_1_1_1_1_1_1_1_1_1_1_1_399",
        "X_1_1_1_1_1_2_1_1_1_1_1_399",
        "X_1_1_1_1_1_3_1_1_1_1_1_399",
        "X_1_1_1_1_1_4_1_1_1_1_1_399",
        "X_1_1_1_1_1_5_1_1_1_1_1_399",
        "X_1_1_1_1_1_6_1_1_1_1_1_399",
        "X_1_1_1_1_1_7_1_1_1_1_1_399",
        "X_1_1_1_1_1_8_1_1_1_1_1_399",
        "X_1_1_1_1_1_9_1_1_1_1_1_399",
        "X_1_1_1_1_1_10_1_1_1_1_1_399",
        "X_1_1_1_1_1_11_1_1_1_1_1_399",
        "X_1_1_1_1_1_12_1_1_1_1_1_399",
        "X_1_1_1_1_1_13_1_1_1_1_1_399",
        "X_1_1_1_1_1_14_1_1_1_1_1_399",
        "X_1_1_1_1_1_15_1_1_1_1_1_399",
        "X_1_1_1_1_1_16_1_1_1_1_1_399",
        "X_1_1_1_1_1_17_1_1_1_1_1_399",
        "X_1_1_1_1_1_18_1_1_1_1_1_399",
        "X_1_1_1_1_1_19_1_1_1_1_1_399",
        "X_1_1_1_1_1_20_1_1_1_1_1_399",
        "X_1_1_1_1_1_21_1_1_1_1_1_399",
        "X_1_1_1_1_1_22_1_1_1_1_1_399"
],
      "CsaImage.SlicePosition_PCS": [
        [-114.50651398, -90.83629462, -78.45250273],
        [-114.50651398, -92.01200514, -73.59269771],
        [-114.50651398, -93.18771567, -68.7328927],
        [-114.50651398, -94.36342619, -63.87308769],
        [-114.50651398, -95.53913671, -59.01328267],
        [-114.50651398, -96.71484723, -54.15347766],
        [-114.50651398, -97.89055775, -49.29367265],
        [-114.50651398, -99.06626827, -44.43386763],
        [-114.50651398, -100.24197879, -39.57406262],
        [-114.50651398, -101.41768932, -34.71425761],
        [-114.50651398, -102.59339984, -29.85445259],
        [-114.50651398, -103.76911036, -24.99464758],
        [-114.50651398, -104.94482088, -20.13484256],
        [-114.50651398, -106.1205314, -15.27503755],
        [-114.50651398, -107.29624192, -10.41523254],
        [-114.50651398, -108.47195244, -5.55542752],
        [-114.50651398, -109.64766296, -0.69562251],
        [-114.50651398, -110.82337349, 4.1641825],
        [-114.50651398, -111.99908401, 9.02398752],
        [-114.50651398, -113.17479453, 13.88379253],
        [-114.50651398, -114.35050505, 18.74359754],
        [-114.50651398, -115.52621557, 23.60340256]
],
      "ImagePositionPatient": [
        [-114.50651398301, -90.836294623666, -180.45250272794],
        [-114.50651398301, -92.012005144934, -175.59269771434],
        [-114.50651398301, -93.187715666201, -170.73289270074],
        [-114.50651398301, -94.363426187468, -165.87308768715],
        [-114.50651398301, -95.539136708735, -161.01328267355],
        [-114.50651398301, -96.714847230002, -156.15347765995],
        [-114.50651398301, -97.890557751269, -151.29367264636],
        [-114.50651398301, -99.066268272536, -146.43386763276],
        [-114.50651398301, -100.2419787938, -141.57406261916],
        [-114.50651398301, -101.41768931507, -136.71425760556],
        [-114.50651398301, -102.59339983634, -131.85445259197],
        [-114.50651398301, -103.7691103576, -126.99464757837],
        [-114.50651398301, -104.94482087887, -122.13484256477],
        [-114.50651398301, -106.12053140014, -117.27503755118],
        [-114.50651398301, -107.29624192141, -112.41523253758],
        [-114.50651398301, -108.47195244267, -107.55542752398],
        [-114.50651398301, -109.64766296394, -102.69562251039],
        [-114.50651398301, -110.82337348521, -97.835817496789],
        [-114.50651398301, -111.99908400647, -92.976012483192],
        [-114.50651398301, -113.17479452774, -88.116207469596],
        [-114.50651398301, -114.35050504901, -83.256402455999],
        [-114.50651398301, -115.52621557027, -78.396597442402]
],
      "InstanceCreationTime": ["195209.066000", "195209.069000", "195209.071000", "195209.073000", "195209.084000", "195209.086000", "195209.088000", "195209.089000", "195209.091000", "195209.093000", "195209.098000", "195209.105000", "195209.107000", "195209.114000", "195209.116000", "195209.118000", "195209.120000", "195209.122000", "195209.124000", "195209.126000", "195209.128000", "195209.130000"],
      "InstanceNumber": [22, 21, 20, 19, 18, 17, 16, 15, 14, 13, 12, 11, 10, 9, 8, 7, 6, 5, 4, 3, 2, 1],
      "SliceLocation": [-154.03335803428, -149.03335803428, -144.03335803428, -139.03335803428, -134.03335803428, -129.03335803428, -124.03335803428, -119.03335803428, -114.03335803428, -109.03335803428, -104.03335803428, -99.033358034278, -94.033358034278, -89.033358034278, -84.033358034278, -79.033358034278, -74.033358034278, -69.033358034278, -64.033358034278, -59.033358034278, -54.033358034278, -49.033358034278],
      "WindowCenter": [1023.0, 1189.0, 1140.0, 1035.0, 934.0, 916.0, 1096.0, 909.0, 880.0, 850.0, 460.0, 215.0, 359.0, 652.0, 592.0, 784.0, 1011.0, 936.0, 954.0, 1278.0, 1430.0, 1026.0],
      "WindowWidth": [2409.0, 3473.0, 3815.0, 3938.0, 3929.0, 3843.0, 3642.0, 3661.0, 3614.0, 3624.0, 3861.0, 4008.0, 4040.0, 4033.0, 4088.0, 4055.0, 4000.0, 4070.0, 4095.0, 4033.0, 3466.0, 2386.0]
    }
  }
}