{
  "AcquisitionMatrixPE": 110,
  "AcquisitionNumber": 1,
  "AcquisitionTime": "10:46:58.862500",
  "BandwidthPerPixelPhaseEncode": 12.987,
  "BaseResolution": 110,
  "BodyPartExamined": "BRAIN",
  "ConsistencyInfo": "N4_VE11C_LATEST_20160120",
  "ConversionSoftware": "dcm2niix",
  "ConversionSoftwareVersion": "v1.0.20200427",
  "DerivedVendorReportedEchoSpacing": 0.000700001,
  "DeviceSerialNumber": "167006",
  "DwellTime": 2.7e-06,
  "EchoTime": 0.0816,
  "EchoTrainLength": 83,
  "EffectiveEchoSpacing": 0.000700001,
  "FlipAngle": 78,
  "ImageComments": "Single-band_reference_SENSE1",
  "ImageOrientationPatientDICOM": [1, 0, 0, 0, 0.965926, -0.258819],
  "ImageType": [
    "ORIGINAL",
    "PRIMARY",
    "M",
    "ND",
    "MOSAIC"
],
  "ImagingFrequency": 123.259,
  "InPlanePhaseEncodingDirectionDICOM": "COL",
  "InstitutionAddress": "Chemin_Queen-Mary_4565_Montreal_District_CA_H3W_1W5",
  "InstitutionName": "IUGM",
  "InstitutionalDepartmentName": "Department",
  "MRAcquisitionType": "2D",
  "MagneticFieldStrength": 3,
  "Manufacturer": "Siemens",
  "ManufacturersModelName": "Prisma_fit",
  "Modality": "MR",
  "PartialFourier": 0.75,
  "PatientPosition": "HFS",
  "PercentPhaseFOV": 100,
  "PercentSampling": 100,
  "PhaseEncodingDirection": "j-",
  "PhaseEncodingSteps": 83,
  "PhaseResolution": 1,
  "PixelBandwidth": 1685,
  "ProcedureStepDescription": "anat_generic",
  "ProtocolName": "dMRI_dir98_AP_test_cmrr",
  "PulseSequenceDetails": "%CustomerSeq%_cmrr_mbep2d_diff",
  "ReceiveCoilActiveElements": "HC1-6",
  "ReceiveCoilName": "HeadNeck_64",
  "ReconMatrixPE": 110,
  "RepetitionTime": 2.334,
  "SAR": 0.103497,
  "ScanOptions": "PFP_EXT",
  "ScanningSequence": "EP",
  "SequenceName": "epse2d1_110",
  "SequenceVariant": "SK_SS",
  "SeriesDescription": "dMRI_dir98_AP_test_cmrr_SBRef",
  "SeriesNumber": 6,
  "ShimSetting": [627, -7201, -8826, 649, -5, 99, 27, 4],
  "SliceThickness": 2,
  "SliceTiming": [0, 0.12, 0.2425, 0.365, 0.485, 0.6075, 0.73, 0.8525, 0.9725, 1.095, 1.2175, 1.3375, 1.46, 1.5825, 1.7025, 1.825, 1.9475, 2.07, 2.19, 2.3125, 2.435, 2.555, 2.6775, 2.8, 2.9225, 3.0425, 3.165, 3.2875, 3.4075, 3.53, 3.6525, 3.775, 3.895, 4.0175, 4.14, 4.26, 4.3825, 4.505, 4.6275, 4.7475, 4.87, 4.9925, 5.1125, 5.235, 5.3575, 5.48, 5.6, 5.7225, 5.845, 5.965, 6.0875, 6.21, 6.3325, 6.4525, 6.575, 6.6975, 6.8175],
  "SoftwareVersions": "syngo_MR_E11",
  "SpacingBetweenSlices": 2,
  "StationName": "MRC35049",
  "TotalReadoutTime": 0.0763001,
  "TxRefAmp": 204.285,
  "WipMemBlock": "139c1acd-fffb-45cc-af08-3eeda176ebd1||Sequence: R016 ve11c/master r/e634e98; Dec 19 2017 11:11:25 by eja"
}