{
  "AcquisitionMatrixPE": 32,
  "AcquisitionNumber": 1,
  "AcquisitionTime": "10:01:23.300000",
  "BaseResolution": 32,
  "BodyPartExamined": "BRAIN",
  "CoilCombinationMethod": "Sum of Squares",
  "ConsistencyInfo": "N4_VE11C_LATEST_20160120",
  "ConversionSoftware": "dcm2niix",
  "ConversionSoftwareVersion": "v1.0.20211006",
  "DeviceSerialNumber": "167006",
  "DwellTime": 3.18e-05,
  "EchoTime": 0.00184,
  "FlipAngle": 79.99,
  "HeudiconvVersion": "0.5.3.post569+g418601f",
  "ImageComments": "flip angle map",
  "ImageOrientationPatientDICOM": [1, 0, 0, 0, 0.913545, -0.406737],
  "ImageOrientationText": "Tra>Cor(-24.0)",
  "ImageType": [
    "ORIGINAL",
    "PRIMARY",
    "FLIP ANGLE MAP",
    "DIS2D"
],
  "ImagingFrequency": 123.259,
  "InPlanePhaseEncodingDirectionDICOM": "COL",
  "InstitutionAddress": "Chemin Queen-Mary 4565,Montreal,District,CA,H3W 1W5",
  "InstitutionName": "IUGM",
  "InstitutionalDepartmentName": "Department",
  "MRAcquisitionType": "2D",
  "MagneticFieldStrength": 3,
  "Manufacturer": "Siemens",
  "ManufacturersModelName": "Prisma_fit",
  "MatrixCoilMode": "SENSE",
  "Modality": "MR",
  "PartialFourier": 1,
  "PatientPosition": "HFS",
  "PercentPhaseFOV": 100,
  "PercentSampling": 100,
  "PhaseEncodingDirection": "j-",
  "PhaseEncodingSteps": 32,
  "PhaseResolution": 1,
  "PixelBandwidth": 490,
  "ProcedureStepDescription": "anat^generic",
  "ProtocolName": "tfl_b1map_6mm",
  "PulseSequenceDetails": "%SiemensSeq%\\tfl_b1map",
  "ReceiveCoilActiveElements": "HC1-7;NC1",
  "ReceiveCoilName": "HeadNeck_64",
  "ReconMatrixPE": 32,
  "RepetitionTime": 10,
  "SAR": 0.00520057,
  "ScanningSequence": "GR",
  "SequenceName": "tfl2d1_512",
  "SequenceVariant": "SK\\SP",
  "SeriesDescription": "tfl_b1map_6mm",
  "SeriesNumber": 21,
  "ShimSetting": [628, -7160, -8944, 518, 51, 35, -125, -1],
  "SliceThickness": 6,
  "SliceTiming": [5.03906, 0, 5.54688, 0.50781, 6.04688, 1.00781, 6.55469, 1.51562, 7.0625, 2.01562, 7.5625, 2.52344, 8.07031, 3.02344, 8.57031, 3.53125, 9.07812, 4.03125, 9.57812, 4.53906],
  "SoftwareVersions": "syngo MR E11",
  "SpacingBetweenSlices": 7.2,
  "SpoilingState": true,
  "StationName": "MRC35049",
  "TxRefAmp": 247.546,
  "dcmmeta_affine": [
    [-6.0, 0.0, 0.0, 95.49686431884766],
    [0.0, 5.4812726974487305, -2.9285049438476562, -49.43305587768555],
    [0.0, 2.440419912338257, 6.577526092529297, -70.50511169433594],
    [0.0, 0.0, 0.0, 1.0]
],
  "dcmmeta_reorient_transform": [
    [0.0, -1.0, 0.0, 31.0],
    [1.0, 0.0, 0.0, 0.0],
    [0.0, 0.0, -1.0, 19.0],
    [0.0, 0.0, 0.0, 1.0]
],
  "dcmmeta_shape": [32, 32, 20],
  "dcmmeta_slice_dim": 2,
  "dcmmeta_version": 0.6,
  "global": {
    "const": {
      "AcquisitionMatrix": [32, 0, 0, 32],
      "AcquisitionNumber": 1,
      "AngioFlag": "N",
      "BitsAllocated": 16,
      "BitsStored": 12,
      "BodyPartExamined": "BRAIN",
      "Columns": 32,
      "EchoNumbers": 1,
      "EchoTime": 1.84,
      "EchoTrainLength": 1,
      "FlipAngle": 79.99,
      "HighBit": 11,
      "ImageOrientationPatient": [1.0, 0.0, 0.0, 0.0, 0.91354545891661, -0.4067366402143],
      "ImageType": [
        "ORIGINAL",
        "PRIMARY",
        "FLIP ANGLE MAP",
        "DIS2D"
],
      "ImagedNucleus": "1H",
      "ImagingFrequency": 123.258952,
      "InPlanePhaseEncodingDirection": "COL",
      "MRAcquisitionType": "2D",
      "MagneticFieldStrength": 3.0,
      "Manufacturer": "SIEMENS",
      "ManufacturerModelName": "Prisma_fit",
      "Modality": "MR",
      "NumberOfAverages": 1.0,
      "NumberOfPhaseEncodingSteps": 32,
      "PercentPhaseFieldOfView": 100.0,
      "PercentSampling": 100.0,
      "PerformedProcedureStepStartTime": "092639.133000",
      "PhotometricInterpretation": "MONOCHROME2",
      "PixelBandwidth": 490.0,
      "PixelRepresentation": 0,
      "PixelSpacing": [6.0, 6.0],
      "ProtocolName": "tfl_b1map_6mm",
      "RepetitionTime": 10000.0,
      "Rows": 32,
      "SAR": 0.00520057429625,
      "SamplesPerPixel": 1,
      "ScanningSequence": "GR",
      "SequenceName": "tfl2d1_512",
      "SequenceVariant": [
        "SK",
        "SP"
],
      "SeriesDescription": "tfl_b1map_6mm",
      "SeriesNumber": 21,
      "SeriesTime": "100128.526000",
      "SliceThickness": 6.0,
      "SmallestImagePixelValue": 0,
      "SoftwareVersions": "syngo MR E11",
      "SpacingBetweenSlices": 7.2,
      "SpecificCharacterSet": "ISO_IR 100",
      "StudyID": "2",
      "StudyTime": "092639.093000",
      "TransmitCoilName": "Body",
      "VariableFlipAngleFlag": "N",
      "WindowCenterWidthExplanation": "Algo1",
      "dBdt": 0.0},
    "slices": {
      "AcquisitionTime": ["100123.300000", "100118.257500", "100123.805000", "100118.762500", "100124.307500", "100119.265000", "100124.812500", "100119.770000", "100125.317500", "100120.275000", "100125.820000", "100120.777500", "100126.325000", "100121.282500", "100126.830000", "100121.787500", "100127.332500", "100122.290000", "100127.837500", "100122.795000"],
      "ContentTime": ["100128.551000", "100128.532000", "100128.553000", "100128.534000", "100128.555000", "100128.536000", "100128.557000", "100128.538000", "100128.559000", "100128.540000", "100128.561000", "100128.542000", "100128.562000", "100128.544000", "100128.564000", "100128.546000", "100128.566000", "100128.548000", "100128.568000", "100128.550000"],
      "CsaImage.ICE_Dims": [
        "X_1_1_2_1_1_1_11_1_1_1_1_60",
        "X_1_1_2_1_1_1_1_1_1_2_1_60",
        "X_1_1_2_1_1_1_12_1_1_3_1_60",
        "X_1_1_2_1_1_1_2_1_1_4_1_60",
        "X_1_1_2_1_1_1_13_1_1_5_1_60",
        "X_1_1_2_1_1_1_3_1_1_6_1_60",
        "X_1_1_2_1_1_1_14_1_1_7_1_60",
        "X_1_1_2_1_1_1_4_1_1_8_1_60",
        "X_1_1_2_1_1_1_15_1_1_9_1_60",
        "X_1_1_2_1_1_1_5_1_1_10_1_60",
        "X_1_1_2_1_1_1_16_1_1_11_1_60",
        "X_1_1_2_1_1_1_6_1_1_12_1_60",
        "X_1_1_2_1_1_1_17_1_1_13_1_60",
        "X_1_1_2_1_1_1_7_1_1_14_1_60",
        "X_1_1_2_1_1_1_18_1_1_15_1_60",
        "X_1_1_2_1_1_1_8_1_1_16_1_60",
        "X_1_1_2_1_1_1_19_1_1_17_1_60",
        "X_1_1_2_1_1_1_9_1_1_18_1_60",
        "X_1_1_2_1_1_1_20_1_1_19_1_60",
        "X_1_1_2_1_1_1_10_1_1_20_1_60"
],
      "CsaImage.ProtocolSliceNumber": [0, 1, 2, 3, 4, 5, 6, 7, 8, 9, 10, 11, 12, 13, 14, 15, 16, 17, 18, 19],
      "CsaImage.SliceMeasurementDuration": [127.5, 127.5, 127.5, 127.5, 130.0, 130.0, 127.5, 127.5, 127.5, 127.5, 130.0, 130.0, 127.5, 127.5, 127.5, 127.5, 130.0, 130.0, 127.5, 127.5],
      "CsaImage.SlicePosition_PCS": [
        [-95.49686384, -120.48637861, -23.85211677],
        [-95.49686384, -117.55787367, -17.27459068],
        [-95.49686384, -114.62936873, -10.69706077],
        [-95.49686384, -111.70086569, -4.11953468],
        [-95.49686384, -108.77236074, 2.45799142],
        [-95.49686384, -105.84385771, 9.03551942],
        [-95.49686384, -102.91535372, 15.61304742],
        [-95.49686384, -99.98684973, 22.19057542],
        [-95.49686384, -97.05834669, 28.76810151],
        [-95.49686384, -94.1298427, 35.34562927],
        [-95.49686384, -91.20133871, 41.92315656],
        [-95.49686384, -88.2728349, 48.5006836],
        [-95.49686384, -85.34433097, 55.0782116],
        [-95.49686384, -82.41582722, 61.65573769],
        [-95.49686384, -79.4873237, 68.23326569],
        [-95.49686384, -76.55881971, 74.81079369],
        [-95.49686384, -73.63031572, 81.38831979],
        [-95.49686384, -70.70181173, 87.96584588],
        [-95.49686384, -67.7733087, 94.54337579],
        [-95.49686384, -64.84480375, 101.12090188]
],
      "CsaImage.TimeAfterStart": [15.1275, 10.085, 15.6325, 10.59, 16.135, 11.0925, 16.64, 11.5975, 17.145, 12.1025, 17.6475, 12.605, 18.1525, 13.11, 18.6575, 13.615, 19.16, 14.1175, 19.665, 14.6225],
      "ImagePositionPatient": [
        [-95.49686384201, -120.48637861288, 5.147883232061],
        [-95.49686384201, -117.55787366903, 11.72540932459],
        [-95.49686384201, -114.62936872518, 18.302939231817],
        [-95.49686384201, -111.70086568868, 24.880465324346],
        [-95.49686384201, -108.77236074484, 31.457991416875],
        [-95.49686384201, -105.84385770834, 38.035519416753],
        [-95.49686384201, -102.91535371816, 44.613047416631],
        [-95.49686384201, -99.986849727992, 51.190575416509],
        [-95.49686384201, -97.058346691493, 57.768101509039],
        [-95.49686384201, -94.129842701319, 64.345629270498],
        [-95.49686384201, -91.201338711146, 70.92315655512],
        [-95.49686384201, -88.272834899787, 77.500683601324],
        [-95.49686384201, -85.344330969218, 84.078211601202],
        [-95.49686384201, -82.415827217463, 90.655737693731],
        [-95.49686384201, -79.487323704127, 97.233265693609],
        [-95.49686384201, -76.558819713954, 103.81079369349],
        [-95.49686384201, -73.63031572378, 110.38831978602],
        [-95.49686384201, -70.701811733607, 116.96584587855],
        [-95.49686384201, -67.773308697108, 123.54337578577],
        [-95.49686384201, -64.84480375326, 130.1209018783]
],
      "InstanceCreationTime": ["100128.551000", "100128.532000", "100128.553000", "100128.534000", "100128.555000", "100128.536000", "100128.557000", "100128.538000", "100128.559000", "100128.540000", "100128.561000", "100128.542000", "100128.562000", "100128.544000", "100128.564000", "100128.546000", "100128.566000", "100128.548000", "100128.568000", "100128.550000"],
      "InstanceNumber": [11, 1, 12, 2, 13, 3, 14, 4, 15, 5, 16, 6, 17, 7, 18, 8, 19, 9, 20, 10],
      "LargestImagePixelValue": [1117, 1055, 1444, 1216, 1018, 1032, 1006, 1039, 991, 1044, 1084, 1882, 1426, 1996, 2061, 2062, 2050, 2032, 2084, 2088],
      "SliceLocation": [-44.303399478913, -37.103400124466, -29.903397285119, -22.70339870646, -15.503399352013, -8.3033990309045, -1.1033983219018, 6.0966023871009, 13.29660096576, 20.496601456956, 27.69660151254, 34.896601277588, 42.096601962347, 49.296600831927, 56.496601346982, 63.696602055985, 70.896601022538, 78.096599989091, 85.296602052649, 92.496601407096],
      "WindowCenter": [1018.0, 1043.0, 1064.0, 1055.0, 1071.0, 1108.0, 1122.0, 1110.0, 1089.0, 1076.0, 1074.0, 1118.0, 1059.0, 1103.0, 1096.0, 1082.0, 1108.0, 1206.0, 1200.0, 1262.0],
      "WindowWidth": [1583.0, 1730.0, 1722.0, 1629.0, 1647.0, 1759.0, 1808.0, 1791.0, 1663.0, 1647.0, 1643.0, 1859.0, 1623.0, 1882.0, 1931.0, 1928.0, 1988.0, 2224.0, 2269.0, 2627.0]
    }
  }
}