{
  "AcquisitionMatrixPE": 32,
  "AcquisitionNumber": 1,
  "AcquisitionTime": "17:31:53.645000",
  "BaseResolution": 32,
  "BodyPartExamined": "BRAIN",
  "CoilCombinationMethod": "Sum of Squares",
  "ConsistencyInfo": "N4_VE11C_LATEST_20160120",
  "ConversionSoftware": "dcm2niix",
  "ConversionSoftwareVersion": "v1.0.20211006",
  "DeviceSerialNumber": "167006",
  "DwellTime": 3.18e-05,
  "EchoTime": 0.00184,
  "FlipAngle": 79.99,
  "HeudiconvVersion": "0.5.3.post569+g418601f",
  "ImageComments": "flip angle map",
  "ImageOrientationPatientDICOM": [1, 0, 0, 0, 0.978148, -0.207912],
  "ImageOrientationText": "Tra>Cor(-12.0)",
  "ImageType": [
    "ORIGINAL",
    "PRIMARY",
    "FLIP ANGLE MAP",
    "DIS2D"
],
  "ImagingFrequency": 123.259,
  "InPlanePhaseEncodingDirectionDICOM": "COL",
  "InstitutionAddress": "Chemin Queen-Mary 4565,Montreal,District,CA,H3W 1W5",
  "InstitutionName": "IUGM",
  "InstitutionalDepartmentName": "Department",
  "MRAcquisitionType": "2D",
  "MagneticFieldStrength": 3,
  "Manufacturer": "Siemens",
  "ManufacturersModelName": "Prisma_fit",
  "MatrixCoilMode": "SENSE",
  "Modality": "MR",
  "PartialFourier": 1,
  "PatientPosition": "HFS",
  "PercentPhaseFOV": 100,
  "PercentSampling": 100,
  "PhaseEncodingDirection": "j-",
  "PhaseEncodingSteps": 32,
  "PhaseResolution": 1,
  "PixelBandwidth": 490,
  "ProcedureStepDescription": "anat^generic",
  "ProtocolName": "tfl_b1map_6mm",
  "PulseSequenceDetails": "%SiemensSeq%\\tfl_b1map",
  "ReceiveCoilActiveElements": "HC1-7;NC1,2",
  "ReceiveCoilName": "HeadNeck_64",
  "ReconMatrixPE": 32,
  "RepetitionTime": 10,
  "SAR": 0.00447471,
  "ScanningSequence": "GR",
  "SequenceName": "tfl2d1_512",
  "SequenceVariant": "SK\\SP",
  "SeriesDescription": "tfl_b1map_6mm",
  "SeriesNumber": 26,
  "ShimSetting": [624, -7232, -8887, 625, 15, -139, 19, -5],
  "SliceThickness": 6,
  "SliceTiming": [5.03125, 0, 5.53125, 0.5, 6.04688, 1, 6.54688, 1.5, 7.04688, 2.01562, 7.5625, 2.51562, 8.0625, 3.01562, 8.5625, 3.51562, 9.0625, 4.03125, 9.57812, 4.53125],
  "SoftwareVersions": "syngo MR E11",
  "SpacingBetweenSlices": 7.2,
  "SpoilingState": true,
  "StationName": "MRC35049",
  "TxRefAmp": 211.231,
  "dcmmeta_affine": [
    [-6.0, 0.0, 0.0, 97.30409240722656],
    [0.0, 5.868885517120361, -1.496964454650879, -65.97152709960938],
    [0.0, 1.2474701404571533, 7.042659759521484, -47.487247467041016],
    [0.0, 0.0, 0.0, 1.0]
],
  "dcmmeta_reorient_transform": [
    [0.0, -1.0, 0.0, 31.0],
    [1.0, 0.0, 0.0, 0.0],
    [0.0, 0.0, -1.0, 19.0],
    [0.0, 0.0, 0.0, 1.0]
],
  "dcmmeta_shape": [32, 32, 20],
  "dcmmeta_slice_dim": 2,
  "dcmmeta_version": 0.6,
  "global": {
    "const": {
      "AcquisitionMatrix": [32, 0, 0, 32],
      "AcquisitionNumber": 1,
      "AngioFlag": "N",
      "BitsAllocated": 16,
      "BitsStored": 12,
      "BodyPartExamined": "BRAIN",
      "Columns": 32,
      "EchoNumbers": 1,
      "EchoTime": 1.84,
      "EchoTrainLength": 1,
      "FlipAngle": 79.99,
      "HighBit": 11,
      "ImageOrientationPatient": [1.0, 0.0, 0.0, 0.0, 0.97814760155, -0.2079116869779],
      "ImageType": [
        "ORIGINAL",
        "PRIMARY",
        "FLIP ANGLE MAP",
        "DIS2D"
],
      "ImagedNucleus": "1H",
      "ImagingFrequency": 123.259044,
      "InPlanePhaseEncodingDirection": "COL",
      "MRAcquisitionType": "2D",
      "MagneticFieldStrength": 3.0,
      "Manufacturer": "SIEMENS",
      "ManufacturerModelName": "Prisma_fit",
      "Modality": "MR",
      "NumberOfAverages": 1.0,
      "NumberOfPhaseEncodingSteps": 32,
      "PercentPhaseFieldOfView": 100.0,
      "PercentSampling": 100.0,
      "PerformedProcedureStepStartTime": "163613.603000",
      "PhotometricInterpretation": "MONOCHROME2",
      "PixelBandwidth": 490.0,
      "PixelRepresentation": 0,
      "PixelSpacing": [6.0, 6.0],
      "ProtocolName": "tfl_b1map_6mm",
      "RepetitionTime": 10000.0,
      "Rows": 32,
      "SAR": 0.00447471125602,
      "SamplesPerPixel": 1,
      "ScanningSequence": "GR",
      "SequenceName": "tfl2d1_512",
      "SequenceVariant": [
        "SK",
        "SP"
],
      "SeriesDescription": "tfl_b1map_6mm",
      "SeriesNumber": 26,
      "SeriesTime": "173158.851000",
      "SliceThickness": 6.0,
      "SmallestImagePixelValue": 0,
      "SoftwareVersions": "syngo MR E11",
      "SpacingBetweenSlices": 7.2,
      "SpecificCharacterSet": "ISO_IR 100",
      "StudyID": "1",
      "StudyTime": "163613.489000",
      "TransmitCoilName": "Body",
      "VariableFlipAngleFlag": "N",
      "WindowCenterWidthExplanation": "Algo1",
      "dBdt": 0.0},
    "slices": {
      "AcquisitionTime": ["173153.645000", "173148.602500", "173154.147500", "173149.107500", "173154.652500", "173149.610000", "173155.157500", "173150.115000", "173155.662500", "173150.620000", "173156.165000", "173151.122500", "173156.670000", "173151.627500", "173157.175000", "173152.132500", "173157.677500", "173152.635000", "173158.182500", "173153.140000"],
      "ContentTime": ["173158.880000", "173158.853000", "173158.882000", "173158.856000", "173158.884000", "173158.859000", "173158.886000", "173158.866000", "173158.888000", "173158.868000", "173158.890000", "173158.870000", "173158.891000", "173158.872000", "173158.893000", "173158.874000", "173158.895000", "173158.876000", "173158.897000", "173158.878000"],
      "CsaImage.ICE_Dims": [
        "X_1_1_2_1_1_1_11_1_1_1_1_198",
        "X_1_1_2_1_1_1_1_1_1_2_1_198",
        "X_1_1_2_1_1_1_12_1_1_3_1_198",
        "X_1_1_2_1_1_1_2_1_1_4_1_198",
        "X_1_1_2_1_1_1_13_1_1_5_1_198",
        "X_1_1_2_1_1_1_3_1_1_6_1_198",
        "X_1_1_2_1_1_1_14_1_1_7_1_198",
        "X_1_1_2_1_1_1_4_1_1_8_1_198",
        "X_1_1_2_1_1_1_15_1_1_9_1_198",
        "X_1_1_2_1_1_1_5_1_1_10_1_198",
        "X_1_1_2_1_1_1_16_1_1_11_1_198",
        "X_1_1_2_1_1_1_6_1_1_12_1_198",
        "X_1_1_2_1_1_1_17_1_1_13_1_198",
        "X_1_1_2_1_1_1_7_1_1_14_1_198",
        "X_1_1_2_1_1_1_18_1_1_15_1_198",
        "X_1_1_2_1_1_1_8_1_1_16_1_198",
        "X_1_1_2_1_1_1_19_1_1_17_1_198",
        "X_1_1_2_1_1_1_9_1_1_18_1_198",
        "X_1_1_2_1_1_1_20_1_1_19_1_198",
        "X_1_1_2_1_1_1_10_1_1_20_1_198"
],
      "CsaImage.ProtocolSliceNumber": [0, 1, 2, 3, 4, 5, 6, 7, 8, 9, 10, 11, 12, 13, 14, 15, 16, 17, 18, 19],
      "CsaImage.SliceMeasurementDuration": [127.5, 127.5, 130.0, 127.5, 130.0, 130.0, 127.5, 127.5, 127.5, 127.5, 130.0, 130.0, 127.5, 127.5, 127.5, 127.5, 130.0, 130.0, 127.5, 127.5],
      "CsaImage.SlicePosition_PCS": [
        [-97.30409276, -115.96392207, -46.81572372],
        [-97.30409276, -114.46695857, -39.77306396],
        [-97.30409276, -112.96999507, -32.73040038],
        [-97.30409276, -111.47302966, -25.68774062],
        [-97.30409276, -109.97606616, -18.64507705],
        [-97.30409276, -108.4791017, -11.60241347],
        [-97.30409276, -106.9821382, -4.55975181],
        [-97.30409276, -105.48517375, 2.48291177],
        [-97.30409276, -103.98820929, 9.52557439],
        [-97.30409276, -102.49124579, 16.56823725],
        [-97.30409276, -100.99428134, 23.61089987],
        [-97.30409276, -99.49731688, 30.65356225],
        [-97.30409276, -98.0003529, 37.69622582],
        [-97.30409276, -96.50338869, 44.73888749],
        [-97.30409276, -95.00642459, 51.78155106],
        [-97.30409276, -93.50946037, 58.82421464],
        [-97.30409276, -92.01249616, 65.8668744],
        [-97.30409276, -90.51553206, 72.90953797],
        [-97.30409276, -89.01856808, 79.95220155],
        [-97.30409276, -87.52160363, 86.99486131]
],
      "CsaImage.TimeAfterStart": [15.1275, 10.085, 15.63, 10.59, 16.135, 11.0925, 16.64, 11.5975, 17.145, 12.1025, 17.6475, 12.605, 18.1525, 13.11, 18.6575, 13.615, 19.16, 14.1175, 19.665, 14.6225],
      "ImagePositionPatient": [
        [-97.304092764854, -115.96392206814, -8.8157237166265],
        [-97.304092764854, -114.46695856716, -1.773063957105],
        [-97.304092764854, -112.96999506618, 5.2695996171138],
        [-97.304092764854, -111.47302965786, 12.312259376635],
        [-97.304092764854, -109.97606615688, 19.354922950854],
        [-97.304092764854, -108.47910170223, 26.397586525073],
        [-97.304092764854, -106.98213820125, 33.440248191943],
        [-97.304092764854, -105.4851737466, 40.482911766162],
        [-97.304092764854, -103.98820929195, 47.525574386706],
        [-97.304092764854, -102.49124579098, 54.568237245669],
        [-97.304092764854, -100.99428133632, 61.610899866214],
        [-97.304092764854, -99.497316881674, 68.653562248339],
        [-97.304092764854, -98.00035290386, 75.696225822558],
        [-97.304092764854, -96.503388687628, 82.738887489428],
        [-97.304092764854, -95.006424590605, 89.781551063647],
        [-97.304092764854, -93.509460374372, 96.824214637866],
        [-97.304092764854, -92.01249615814, 103.86687439739],
        [-97.304092764854, -90.515532061117, 110.90953797161],
        [-97.304092764854, -89.018568083303, 117.95220154582],
        [-97.304092764854, -87.521603628652, 124.99486130535]
],
      "InstanceCreationTime": ["173158.880000", "173158.853000", "173158.882000", "173158.856000", "173158.884000", "173158.859000", "173158.886000", "173158.866000", "173158.888000", "173158.868000", "173158.890000", "173158.870000", "173158.891000", "173158.872000", "173158.893000", "173158.874000", "173158.895000", "173158.876000", "173158.897000", "173158.878000"],
      "InstanceNumber": [11, 1, 12, 2, 13, 3, 14, 4, 15, 5, 16, 6, 17, 7, 18, 8, 19, 9, 20, 10],
      "LargestImagePixelValue": [2041, 1954, 1992, 1945, 1972, 1297, 1216, 1044, 2050, 1330, 1220, 1891, 1355, 2000, 1962, 2014, 2148, 2378, 2083, 2232],
      "SliceLocation": [-32.733333675104, -25.533336715963, -18.333336025485, -11.133338669784, -3.9333379793062, 3.2666629094517, 10.466661734261, 17.666662623019, 24.866662578943, 32.066662569795, 39.266662525719, 46.466662248434, 53.666663038052, 60.866662011572, 68.066662825975, 75.266663665163, 82.466660773014, 89.666661587416, 96.866662377034, 104.06665953446],
      "WindowCenter": [1036.0, 989.0, 1061.0, 1070.0, 1017.0, 1031.0, 1067.0, 1066.0, 1126.0, 1065.0, 1067.0, 1102.0, 1049.0, 1096.0, 1094.0, 1103.0, 1096.0, 1107.0, 1189.0, 1255.0],
      "WindowWidth": [1856.0, 1549.0, 1803.0, 1825.0, 1585.0, 1600.0, 1641.0, 1639.0, 1855.0, 1636.0, 1637.0, 1808.0, 1613.0, 1881.0, 1889.0, 1964.0, 1960.0, 2055.0, 2212.0, 2424.0]
    }
  }
}