{
  "AcquisitionMatrixPE": 32,
  "AcquisitionNumber": 1,
  "AcquisitionTime": "16:19:34.302500",
  "BaseResolution": 32,
  "BodyPartExamined": "BRAIN",
  "CoilCombinationMethod": "Sum of Squares",
  "ConsistencyInfo": "N4_VE11C_LATEST_20160120",
  "ConversionSoftware": "dcm2niix",
  "ConversionSoftwareVersion": "v1.0.20220505",
  "DeviceSerialNumber": "167006",
  "DwellTime": 3.18e-05,
  "EchoTime": 0.00184,
  "FlipAngle": 80,
  "HeudiconvVersion": "0.5.3.post811+g6206e14",
  "ImageComments": "flip angle map",
  "ImageOrientationPatientDICOM": [1, 0, 0, 0, 0.984808, -0.173648],
  "ImageOrientationText": "Tra>Cor(-10.0)",
  "ImageType": [
    "ORIGINAL",
    "PRIMARY",
    "FLIP ANGLE MAP",
    "DIS2D"
],
  "ImagingFrequency": 123.259,
  "InPlanePhaseEncodingDirectionDICOM": "COL",
  "InstitutionAddress": "Chemin Queen-Mary 4565,Montreal,District,CA,H3W 1W5",
  "InstitutionName": "IUGM",
  "InstitutionalDepartmentName": "Department",
  "MRAcquisitionType": "2D",
  "MagneticFieldStrength": 3,
  "Manufacturer": "Siemens",
  "ManufacturersModelName": "Prisma_fit",
  "MatrixCoilMode": "SENSE",
  "Modality": "MR",
  "PartialFourier": 1,
  "PatientPosition": "HFS",
  "PercentPhaseFOV": 100,
  "PercentSampling": 100,
  "PhaseEncodingDirection": "j-",
  "PhaseEncodingSteps": 32,
  "PhaseResolution": 1,
  "PixelBandwidth": 490,
  "ProcedureStepDescription": "anat^generic",
  "ProtocolName": "tfl_b1map_6mm",
  "PulseSequenceDetails": "%SiemensSeq%\\tfl_b1map",
  "ReceiveCoilActiveElements": "HC1-7;NC1",
  "ReceiveCoilName": "HeadNeck_64",
  "ReconMatrixPE": 32,
  "RepetitionTime": 10,
  "SAR": 0.00527183,
  "ScanningSequence": "GR",
  "SequenceName": "tfl2d1_512",
  "SequenceVariant": "SK\\SP",
  "SeriesDescription": "tfl_b1map_6mm",
  "SeriesNumber": 31,
  "ShimSetting": [596, -7281, -8926, 540, 27, -354, -88, 38],
  "SliceThickness": 6,
  "SliceTiming": [5.03125, 0, 5.54688, 0.5, 6.04688, 1, 6.54688, 1.5, 7.04688, 2.01562, 7.5625, 2.51562, 8.0625, 3.01562, 8.5625, 3.53125, 9.0625, 4.03125, 9.57812, 4.53125],
  "SoftwareVersions": "syngo MR E11",
  "SpacingBetweenSlices": 7.2,
  "SpoilingState": true,
  "StationName": "MRC35049",
  "TxRefAmp": 234.404,
  "dcmmeta_affine": [
    [-6.0, 0.0, 0.0, 97.68822479248047],
    [0.0, 5.908846378326416, -1.2502669095993042, -67.70761108398438],
    [0.0, 1.0418890714645386, 7.090618133544922, -50.5954475402832],
    [0.0, 0.0, 0.0, 1.0]
],
  "dcmmeta_reorient_transform": [
    [0.0, -1.0, 0.0, 31.0],
    [1.0, 0.0, 0.0, 0.0],
    [0.0, 0.0, -1.0, 19.0],
    [0.0, 0.0, 0.0, 1.0]
],
  "dcmmeta_shape": [32, 32, 20],
  "dcmmeta_slice_dim": 2,
  "dcmmeta_version": 0.6,
  "global": {
    "const": {
      "AcquisitionMatrix": [32, 0, 0, 32],
      "AcquisitionNumber": 1,
      "AngioFlag": "N",
      "BitsAllocated": 16,
      "BitsStored": 12,
      "BodyPartExamined": "BRAIN",
      "Columns": 32,
      "EchoNumbers": 1,
      "EchoTime": 1.84,
      "EchoTrainLength": 1,
      "FlipAngle": 80.0,
      "HighBit": 11,
      "ImageOrientationPatient": [1.0, 0.0, 0.0, 0.0, 0.98480775371103, -0.1736481737037],
      "ImageType": [
        "ORIGINAL",
        "PRIMARY",
        "FLIP ANGLE MAP",
        "DIS2D"
],
      "ImagedNucleus": "1H",
      "ImagingFrequency": 123.258908,
      "InPlanePhaseEncodingDirection": "COL",
      "MRAcquisitionType": "2D",
      "MagneticFieldStrength": 3.0,
      "Manufacturer": "SIEMENS",
      "ManufacturerModelName": "Prisma_fit",
      "Modality": "MR",
      "NumberOfAverages": 1.0,
      "NumberOfPhaseEncodingSteps": 32,
      "PercentPhaseFieldOfView": 100.0,
      "PercentSampling": 100.0,
      "PerformedProcedureStepStartTime": "151012.737000",
      "PhotometricInterpretation": "MONOCHROME2",
      "PixelBandwidth": 490.0,
      "PixelRepresentation": 0,
      "PixelSpacing": [6.0, 6.0],
      "ProtocolName": "tfl_b1map_6mm",
      "RepetitionTime": 10000.0,
      "Rows": 32,
      "SAR": 0.00527183320812,
      "SamplesPerPixel": 1,
      "ScanningSequence": "GR",
      "SequenceName": "tfl2d1_512",
      "SequenceVariant": [
        "SK",
        "SP"
],
      "SeriesDescription": "tfl_b1map_6mm",
      "SeriesNumber": 31,
      "SeriesTime": "161940.038000",
      "SliceThickness": 6.0,
      "SmallestImagePixelValue": 0,
      "SoftwareVersions": "syngo MR E11",
      "SpacingBetweenSlices": 7.2,
      "SpecificCharacterSet": "ISO_IR 100",
      "StudyID": "1",
      "StudyTime": "151012.660000",
      "TransmitCoilName": "Body",
      "VariableFlipAngleFlag": "N",
      "WindowCenterWidthExplanation": "Algo1",
      "dBdt": 0.0},
    "slices": {
      "AcquisitionTime": ["161934.302500", "161929.260000", "161934.807500", "161929.765000", "161935.310000", "161930.270000", "161935.815000", "161930.772500", "161936.320000", "161931.277500", "161936.822500", "161931.782500", "161937.327500", "161932.285000", "161937.832500", "161932.790000", "161938.335000", "161933.295000", "161938.840000", "161933.797500"],
      "ContentTime": ["161940.060000", "161940.039000", "161940.062000", "161940.042000", "161940.063000", "161940.044000", "161940.065000", "161940.046000", "161940.067000", "161940.048000", "161940.069000", "161940.050000", "161940.071000", "161940.052000", "161940.073000", "161940.054000", "161940.075000", "161940.056000", "161940.077000", "161940.058000"],
      "CsaImage.ICE_Dims": [
        "X_1_1_2_1_1_1_11_1_1_1_1_155",
        "X_1_1_2_1_1_1_1_1_1_2_1_155",
        "X_1_1_2_1_1_1_12_1_1_3_1_155",
        "X_1_1_2_1_1_1_2_1_1_4_1_155",
        "X_1_1_2_1_1_1_13_1_1_5_1_155",
        "X_1_1_2_1_1_1_3_1_1_6_1_155",
        "X_1_1_2_1_1_1_14_1_1_7_1_155",
        "X_1_1_2_1_1_1_4_1_1_8_1_155",
        "X_1_1_2_1_1_1_15_1_1_9_1_155",
        "X_1_1_2_1_1_1_5_1_1_10_1_155",
        "X_1_1_2_1_1_1_16_1_1_11_1_155",
        "X_1_1_2_1_1_1_6_1_1_12_1_155",
        "X_1_1_2_1_1_1_17_1_1_13_1_155",
        "X_1_1_2_1_1_1_7_1_1_14_1_155",
        "X_1_1_2_1_1_1_18_1_1_15_1_155",
        "X_1_1_2_1_1_1_8_1_1_16_1_155",
        "X_1_1_2_1_1_1_19_1_1_17_1_155",
        "X_1_1_2_1_1_1_9_1_1_18_1_155",
        "X_1_1_2_1_1_1_20_1_1_19_1_155",
        "X_1_1_2_1_1_1_10_1_1_20_1_155"
],
      "CsaImage.ProtocolSliceNumber": [0, 1, 2, 3, 4, 5, 6, 7, 8, 9, 10, 11, 12, 13, 14, 15, 16, 17, 18, 19],
      "CsaImage.SliceMeasurementDuration": [127.5, 130.0, 127.5, 127.5, 130.0, 127.5, 127.5, 130.0, 127.5, 127.5, 130.0, 127.5, 127.5, 130.0, 127.5, 127.5, 130.0, 127.5, 127.5, 130.0],
      "CsaImage.SlicePosition_PCS": [
        [-97.68822253, -115.46663324, -50.29684686],
        [-97.68822253, -114.21636621, -43.20622872],
        [-97.68822253, -112.96609918, -36.11561441],
        [-97.68822253, -111.71583215, -29.02499627],
        [-97.68822253, -110.46556512, -21.93438195],
        [-97.68822253, -109.21529809, -14.84376573],
        [-97.68822253, -107.96503107, -7.75315141],
        [-97.68822253, -106.71476404, -0.66253518],
        [-97.68822253, -105.46449796, 6.42808104],
        [-97.68822253, -104.21423093, 13.51869679],
        [-97.68822253, -102.9639639, 20.60931254],
        [-97.68822253, -101.71369688, 27.69992877],
        [-97.68822253, -100.46342985, 34.79054404],
        [-97.68822253, -99.21316329, 41.88116027],
        [-97.68822253, -97.96289627, 48.97177649],
        [-97.68822253, -96.71262948, 56.06239081],
        [-97.68822253, -95.46236251, 63.15300895],
        [-97.68822253, -94.21209563, 70.24362327],
        [-97.68822253, -92.96182875, 77.33423758],
        [-97.68822253, -91.71156184, 84.42485572]
],
      "CsaImage.TimeAfterStart": [15.125, 10.0825, 15.63, 10.5875, 16.1325, 11.0925, 16.6375, 11.595, 17.1425, 12.1, 17.645, 12.605, 18.15, 13.1075, 18.655, 13.6125, 19.1575, 14.1175, 19.6625, 14.62],
      "ImagePositionPatient": [
        [-97.688222527504, -115.46663323871, -18.296846857647],
        [-97.688222527504, -114.2163662099, -11.206228724102],
        [-97.688222527504, -112.96609918109, -4.1156144052544],
        [-97.688222527504, -111.71583215228, 2.9750037282905],
        [-97.688222527504, -110.46556512347, 10.065618047138],
        [-97.688222527504, -109.21529809466, 17.156234273334],
        [-97.688222527504, -107.96503106585, 24.246848592182],
        [-97.688222527504, -106.71476403705, 31.337464818378],
        [-97.688222527504, -105.46449796191, 38.428081044575],
        [-97.688222527504, -104.2142309331, 45.518696793934],
        [-97.688222527504, -102.96396390429, 52.609312543293],
        [-97.688222527504, -101.71369687548, 59.699928769489],
        [-97.688222527504, -100.46342984668, 66.790544042011],
        [-97.688222527504, -99.213163294705, 73.881160268208],
        [-97.688222527504, -97.962896265896, 80.971776494404],
        [-97.688222527504, -96.712629475506, 88.062390813251],
        [-97.688222527504, -95.462362506302, 95.153008946796],
        [-97.688222527504, -94.212095626505, 102.24362326564],
        [-97.688222527504, -92.961828746708, 109.33423758449],
        [-97.688222527504, -91.711561837109, 116.42485571804]
],
      "InstanceCreationTime": ["161940.060000", "161940.039000", "161940.062000", "161940.042000", "161940.063000", "161940.044000", "161940.065000", "161940.046000", "161940.067000", "161940.048000", "161940.069000", "161940.050000", "161940.071000", "161940.052000", "161940.073000", "161940.054000", "161940.075000", "161940.056000", "161940.077000", "161940.058000"],
      "InstanceNumber": [11, 1, 12, 2, 13, 3, 14, 4, 15, 5, 16, 6, 17, 7, 18, 8, 19, 9, 20, 10],
      "LargestImagePixelValue": [1890, 1947, 1183, 1954, 1702, 1989, 1029, 2005, 1331, 2005, 1234, 1958, 1988, 1975, 2091, 2218, 2098, 2079, 2182, 2136],
      "SliceLocation": [-38.069446639491, -30.869444336778, -23.669445790807, -16.469443488094, -9.2694449421235, -2.0694445177816, 5.1305540281886, 12.330554452531, 19.530554711269, 26.730554666018, 33.930554620767, 41.130555045109, 48.330554530265, 55.530554871805, 62.730555296147, 69.930553800716, 77.130556093079, 84.330554613174, 91.530553133268, 98.730555415282],
      "WindowCenter": [1058.0, 1019.0, 1039.0, 1092.0, 1078.0, 1130.0, 1085.0, 1123.0, 1086.0, 1126.0, 1073.0, 1105.0, 1105.0, 1100.0, 1123.0, 1091.0, 1121.0, 1145.0, 1224.0, 1261.0],
      "WindowWidth": [1800.0, 1584.0, 1611.0, 1804.0, 1685.0, 1875.0, 1665.0, 1806.0, 1662.0, 1871.0, 1643.0, 1824.0, 1838.0, 1889.0, 1990.0, 1987.0, 2053.0, 2120.0, 2332.0, 2597.0]
    }
  }
}