{
  "AcquisitionMatrixPE": 32,
  "AcquisitionNumber": 1,
  "AcquisitionTime": "18:07:25.322500",
  "BaseResolution": 32,
  "BodyPartExamined": "BRAIN",
  "CoilCombinationMethod": "Sum of Squares",
  "ConsistencyInfo": "N4_VE11C_LATEST_20160120",
  "ConversionSoftware": "dcm2niix",
  "ConversionSoftwareVersion": "v1.0.20211006",
  "DeviceSerialNumber": "167006",
  "DwellTime": 3.18e-05,
  "EchoTime": 0.00184,
  "FlipAngle": 80,
  "HeudiconvVersion": "0.5.3.post569+g418601f",
  "ImageComments": "flip angle map",
  "ImageOrientationPatientDICOM": [1, 0, 0, 0, 0.838671, -0.544639],
  "ImageOrientationText": "Tra>Cor(-33.0)",
  "ImageType": [
    "ORIGINAL",
    "PRIMARY",
    "FLIP ANGLE MAP",
    "DIS2D"
],
  "ImagingFrequency": 123.259,
  "InPlanePhaseEncodingDirectionDICOM": "COL",
  "InstitutionAddress": "Chemin Queen-Mary 4565,Montreal,District,CA,H3W 1W5",
  "InstitutionName": "IUGM",
  "InstitutionalDepartmentName": "Department",
  "MRAcquisitionType": "2D",
  "MagneticFieldStrength": 3,
  "Manufacturer": "Siemens",
  "ManufacturersModelName": "Prisma_fit",
  "MatrixCoilMode": "SENSE",
  "Modality": "MR",
  "PartialFourier": 1,
  "PatientPosition": "HFS",
  "PercentPhaseFOV": 100,
  "PercentSampling": 100,
  "PhaseEncodingDirection": "j-",
  "PhaseEncodingSteps": 32,
  "PhaseResolution": 1,
  "PixelBandwidth": 490,
  "ProcedureStepDescription": "anat^generic",
  "ProtocolName": "tfl_b1map_6mm",
  "PulseSequenceDetails": "%SiemensSeq%\\tfl_b1map",
  "ReceiveCoilActiveElements": "HC1-7;NC1",
  "ReceiveCoilName": "HeadNeck_64",
  "ReconMatrixPE": 32,
  "RepetitionTime": 10,
  "SAR": 0.00529923,
  "ScanningSequence": "GR",
  "SequenceName": "tfl2d1_512",
  "SequenceVariant": "SK\\SP",
  "SeriesDescription": "tfl_b1map_6mm",
  "SeriesNumber": 21,
  "ShimSetting": [611, -7246, -8897, 232, 9, -498, 54, 64],
  "SliceThickness": 6,
  "SliceTiming": [5.04688, 0, 5.54688, 0.5, 6.04688, 1, 6.54688, 1.51562, 7.0625, 2.01562, 7.5625, 2.51562, 8.0625, 3.03125, 8.57812, 3.53125, 9.07812, 4.03125, 9.57812, 4.53125],
  "SoftwareVersions": "syngo MR E11",
  "SpacingBetweenSlices": 7.2,
  "SpoilingState": true,
  "StationName": "MRC35049",
  "TxRefAmp": 236,
  "dcmmeta_affine": [
    [-6.0, 0.0, 0.0, 95.49686431884766],
    [0.0, 5.0320234298706055, -3.9214019775390625, -32.193660736083984],
    [0.0, 3.267834186553955, 6.038425445556641, -106.80670166015625],
    [0.0, 0.0, 0.0, 1.0]
],
  "dcmmeta_reorient_transform": [
    [0.0, -1.0, 0.0, 31.0],
    [1.0, 0.0, 0.0, 0.0],
    [0.0, 0.0, -1.0, 19.0],
    [0.0, 0.0, 0.0, 1.0]
],
  "dcmmeta_shape": [32, 32, 20],
  "dcmmeta_slice_dim": 2,
  "dcmmeta_version": 0.6,
  "global": {
    "const": {
      "AcquisitionMatrix": [32, 0, 0, 32],
      "AcquisitionNumber": 1,
      "AngioFlag": "N",
      "BitsAllocated": 16,
      "BitsStored": 12,
      "BodyPartExamined": "BRAIN",
      "Columns": 32,
      "EchoNumbers": 1,
      "EchoTime": 1.84,
      "EchoTrainLength": 1,
      "FlipAngle": 80.0,
      "HighBit": 11,
      "ImageOrientationPatient": [1.0, 0.0, 0.0, 0.0, 0.83867056370374, -0.5446390415466],
      "ImageType": [
        "ORIGINAL",
        "PRIMARY",
        "FLIP ANGLE MAP",
        "DIS2D"
],
      "ImagedNucleus": "1H",
      "ImagingFrequency": 123.258931,
      "InPlanePhaseEncodingDirection": "COL",
      "MRAcquisitionType": "2D",
      "MagneticFieldStrength": 3.0,
      "Manufacturer": "SIEMENS",
      "ManufacturerModelName": "Prisma_fit",
      "Modality": "MR",
      "NumberOfAverages": 1.0,
      "NumberOfPhaseEncodingSteps": 32,
      "PercentPhaseFieldOfView": 100.0,
      "PercentSampling": 100.0,
      "PerformedProcedureStepStartTime": "173002.866000",
      "PhotometricInterpretation": "MONOCHROME2",
      "PixelBandwidth": 490.0,
      "PixelRepresentation": 0,
      "PixelSpacing": [6.0, 6.0],
      "ProtocolName": "tfl_b1map_6mm",
      "RepetitionTime": 10000.0,
      "Rows": 32,
      "SAR": 0.00529922656004,
      "SamplesPerPixel": 1,
      "ScanningSequence": "GR",
      "SequenceName": "tfl2d1_512",
      "SequenceVariant": [
        "SK",
        "SP"
],
      "SeriesDescription": "tfl_b1map_6mm",
      "SeriesNumber": 21,
      "SeriesTime": "180731.372000",
      "SliceThickness": 6.0,
      "SmallestImagePixelValue": 0,
      "SoftwareVersions": "syngo MR E11",
      "SpacingBetweenSlices": 7.2,
      "SpecificCharacterSet": "ISO_IR 100",
      "StudyID": "1",
      "StudyTime": "173002.809000",
      "TransmitCoilName": "Body",
      "VariableFlipAngleFlag": "N",
      "WindowCenterWidthExplanation": "Algo1",
      "dBdt": 0.0},
    "slices": {
      "AcquisitionTime": ["180725.322500", "180720.280000", "180725.825000", "180720.785000", "180726.330000", "180721.287500", "180726.835000", "180721.792500", "180727.337500", "180722.297500", "180727.842500", "180722.800000", "180728.347500", "180723.305000", "180728.852500", "180723.810000", "180729.355000", "180724.312500", "180729.860000", "180724.817500"],
      "ContentTime": ["180731.394000", "180731.373000", "180731.395000", "180731.376000", "180731.397000", "180731.378000", "180731.399000", "180731.380000", "180731.401000", "180731.382000", "180731.403000", "180731.384000", "180731.405000", "180731.386000", "180731.406000", "180731.388000", "180731.408000", "180731.390000", "180731.410000", "180731.391000"],
      "CsaImage.ICE_Dims": [
        "X_1_1_2_1_1_1_11_1_1_1_1_223",
        "X_1_1_2_1_1_1_1_1_1_2_1_223",
        "X_1_1_2_1_1_1_12_1_1_3_1_223",
        "X_1_1_2_1_1_1_2_1_1_4_1_223",
        "X_1_1_2_1_1_1_13_1_1_5_1_223",
        "X_1_1_2_1_1_1_3_1_1_6_1_223",
        "X_1_1_2_1_1_1_14_1_1_7_1_223",
        "X_1_1_2_1_1_1_4_1_1_8_1_223",
        "X_1_1_2_1_1_1_15_1_1_9_1_223",
        "X_1_1_2_1_1_1_5_1_1_10_1_223",
        "X_1_1_2_1_1_1_16_1_1_11_1_223",
        "X_1_1_2_1_1_1_6_1_1_12_1_223",
        "X_1_1_2_1_1_1_17_1_1_13_1_223",
        "X_1_1_2_1_1_1_7_1_1_14_1_223",
        "X_1_1_2_1_1_1_18_1_1_15_1_223",
        "X_1_1_2_1_1_1_8_1_1_16_1_223",
        "X_1_1_2_1_1_1_19_1_1_17_1_223",
        "X_1_1_2_1_1_1_9_1_1_18_1_223",
        "X_1_1_2_1_1_1_20_1_1_19_1_223",
        "X_1_1_2_1_1_1_10_1_1_20_1_223"
],
      "CsaImage.ProtocolSliceNumber": [0, 1, 2, 3, 4, 5, 6, 7, 8, 9, 10, 11, 12, 13, 14, 15, 16, 17, 18, 19],
      "CsaImage.SliceMeasurementDuration": [127.5, 127.5, 130.0, 127.5, 127.5, 130.0, 127.5, 127.5, 130.0, 127.5, 127.5, 130.0, 127.5, 127.5, 127.5, 127.5, 130.0, 130.0, 127.5, 127.5],
      "CsaImage.SlicePosition_PCS": [
        [-95.49686384, -123.79904862, -5.50388999],
        [-95.49686384, -119.87764664, 0.53453927],
        [-95.49686384, -115.95624847, 6.57296853],
        [-95.49686384, -112.0348465, 12.61139398],
        [-95.49686384, -108.11344452, 18.64982324],
        [-95.49686384, -104.19204445, 24.68825059],
        [-95.49686384, -100.27064247, 30.72667985],
        [-95.49686384, -96.34924145, 36.7651072],
        [-95.49686384, -92.42784042, 42.80353551],
        [-95.49686384, -88.5064394, 48.84196358],
        [-95.49686384, -84.58503838, 54.88039189],
        [-95.49686384, -80.6636372, 60.91881948],
        [-95.49686384, -76.74223609, 66.95724778],
        [-95.49686384, -72.8208353, 72.99567514],
        [-95.49686384, -68.89943428, 79.0341044],
        [-95.49686384, -64.97803326, 85.07253366],
        [-95.49686384, -61.05663223, 91.1109591],
        [-95.49686384, -57.13523026, 97.14938836],
        [-95.49686384, -53.21383019, 103.18781762],
        [-95.49686384, -49.29242821, 109.22624307]
],
      "CsaImage.TimeAfterStart": [15.1275, 10.085, 15.63, 10.59, 16.135, 11.0925, 16.64, 11.5975, 17.1425, 12.1025, 17.6475, 12.605, 18.1525, 13.11, 18.6575, 13.615, 19.16, 14.1175, 19.665, 14.6225],
      "ImagePositionPatient": [
        [-95.49686384201, -123.79904861507, -5.5038899875958],
        [-95.49686384201, -119.87764663753, 0.53453927265809],
        [-95.49686384201, -115.95624847469, 6.572968532912],
        [-95.49686384201, -112.03484649715, 12.611393978469],
        [-95.49686384201, -108.11344451961, 18.649823238723],
        [-95.49686384201, -104.19204444942, 24.688250591628],
        [-95.49686384201, -100.27064247188, 30.726679851882],
        [-95.49686384201, -96.349241448018, 36.765107204787],
        [-95.49686384201, -92.427840424153, 42.803535511367],
        [-95.49686384201, -88.506439400288, 48.841963579528],
        [-95.49686384201, -84.585038376423, 54.880391886107],
        [-95.49686384201, -80.663637203547, 60.918819477431],
        [-95.49686384201, -76.742236090275, 66.957247784011],
        [-95.49686384201, -72.820835304829, 72.995675136916],
        [-95.49686384201, -68.899434280964, 79.03410439717],
        [-95.49686384201, -64.9780332571, 85.072533657424],
        [-95.49686384201, -61.056632233235, 91.11095910298],
        [-95.49686384201, -57.135230255696, 97.149388363234],
        [-95.49686384201, -53.213830185505, 103.18781762349],
        [-95.49686384201, -49.292428207966, 109.22624306904]
],
      "InstanceCreationTime": ["180731.394000", "180731.373000", "180731.395000", "180731.376000", "180731.397000", "180731.378000", "180731.399000", "180731.380000", "180731.401000", "180731.382000", "180731.403000", "180731.384000", "180731.405000", "180731.386000", "180731.406000", "180731.388000", "180731.408000", "180731.390000", "180731.410000", "180731.391000"],
      "InstanceNumber": [11, 1, 12, 2, 13, 3, 14, 4, 15, 5, 16, 6, 17, 7, 18, 8, 19, 9, 20, 10],
      "LargestImagePixelValue": [898, 997, 1015, 1150, 1074, 1208, 1704, 1098, 992, 998, 1051, 1416, 1175, 1274, 1201, 2050, 1981, 2019, 1997, 2080],
      "SliceLocation": [-72.04174570056, -64.841744214411, -57.641744805896, -50.441746519022, -43.241745032874, -36.041746185179, -28.841744699031, -21.641745331928, -14.441745165006, -7.2417451980396, -0.0417450311181, 7.158254617097, 14.358254832713, 21.558254069964, 28.758255036704, 35.958256003444, 43.15825377091, 50.358255257058, 57.55825570439, 64.758253991264],
      "WindowCenter": [1023.0, 1027.0, 1050.0, 1053.0, 1046.0, 1050.0, 1111.0, 1094.0, 1100.0, 1064.0, 1066.0, 1087.0, 1076.0, 1059.0, 1012.0, 1072.0, 1079.0, 1089.0, 1095.0, 1161.0],
      "WindowWidth": [1659.0, 1696.0, 1694.0, 1719.0, 1612.0, 1619.0, 1818.0, 1762.0, 1775.0, 1637.0, 1638.0, 1737.0, 1761.0, 1730.0, 1574.0, 1865.0, 1896.0, 1969.0, 1988.0, 2143.0]
    }
  }
}