{
  "AcquisitionMatrixPE": 36,
  "AcquisitionNumber": 1,
  "AcquisitionTime": "15:23:6.117500",
  "BandwidthPerPixelPhaseEncode": 29.551,
  "BaseResolution": 96,
  "BodyPartExamined": "CSPINE",
  "CoilString": "HC7;NC1_2",
  "ConsistencyInfo": "N4_VE11C_LATEST_20160120",
  "ConversionSoftware": "dcm2niix",
  "ConversionSoftwareVersion": "v1.0.20190902",
  "DerivedVendorReportedEchoSpacing": 0.000939994,
  "DeviceSerialNumber": "167006",
  "DiffusionScheme": "Monopolar",
  "DwellTime": 4.1e-06,
  "EchoTime": 0.06,
  "EchoTrainLength": 31,
  "EffectiveEchoSpacing": 0.000939995,
  "FlipAngle": 90,
  "ImageOrientationPatientDICOM": [1, 0, 0, 0, 0.992115, -0.125333],
  "ImageType": [
    "ORIGINAL",
    "PRIMARY",
    "DIFFUSION",
    "NONE",
    "ND",
    "MOSAIC"
],
  "ImagingFrequency": 123.259,
  "InPlanePhaseEncodingDirectionDICOM": "COL",
  "InstitutionAddress": "Chemin_Queen-Mary_4565_Montreal_District_CA_H3W_1W5",
  "InstitutionName": "IUGM",
  "InstitutionalDepartmentName": "Department",
  "MRAcquisitionType": "2D",
  "MagneticFieldStrength": 3,
  "Manufacturer": "Siemens",
  "ManufacturersModelName": "Prisma_fit",
  "Modality": "MR",
  "PartialFourier": 0.875,
  "PatientPosition": "HFS",
  "PercentPhaseFOV": 37.5,
  "PhaseEncodingDirection": "j-",
  "PhaseEncodingSteps": 31,
  "PhaseResolution": 1,
  "PixelBandwidth": 1270,
  "ProcedureStepDescription": "hcptrt_generic",
  "ProtocolName": "DWI",
  "PulseSequenceDetails": "%SiemensSeq%_ep2d_diff",
  "ReceiveCoilActiveElements": "HC7;NC1,2",
  "ReceiveCoilName": "HeadNeck_64",
  "ReconMatrixPE": 36,
  "RepetitionTime": 0.61,
  "SAR": 0.433194,
  "ScanOptions": "PFP_SFS_CT",
  "ScanningSequence": "EP",
  "SequenceName": "_ez_b0",
  "SequenceVariant": "SK_SP",
  "SeriesDescription": "DWI",
  "SeriesNumber": 32,
  "ShimSetting": [600, -7313, -9320, -401, 367, 684, 899, 140],
  "SliceThickness": 5,
  "SliceTiming": [0, 0.765, 1.505, 2.255, 3.01, 0.1975, 0.9625, 1.7025, 2.4525, 3.2075, 0.3925, 1.1575, 1.8975, 2.6475, 3.4025],
  "SoftwareVersions": "syngo_MR_E11",
  "SpacingBetweenSlices": 5,
  "StationName": "MRC35049",
  "TotalReadoutTime": 0.0328998,
  "TxRefAmp": 289.165,
  "dcmmeta_affine": [
    [-0.8958333134651184, 0.0, 0.0, 41.63583755493164],
    [0.0, 0.8887693881988525, -0.6266661286354065, 11.440372467041016],
    [0.0, 0.11227767914533615, 4.960573673248291, -177.14376831054688],
    [0.0, 0.0, 0.0, 1.0]
],
  "dcmmeta_reorient_transform": [
    [0.0, -1.0, 0.0, 35.0],
    [1.0, 0.0, 0.0, 0.0],
    [0.0, 0.0, -1.0, 14.0],
    [0.0, 0.0, 0.0, 1.0]
],
  "dcmmeta_shape": [96, 36, 15, 35],
  "dcmmeta_slice_dim": 2,
  "dcmmeta_version": 0.6,
  "global": {
    "const": {
      "AcquisitionMatrix": [96, 0, 0, 36],
      "AngioFlag": "N",
      "BitsAllocated": 16,
      "BitsStored": 12,
      "BodyPartExamined": "CSPINE",
      "CardiacNumberOfImages": 1,
      "Columns": 384,
      "EchoNumbers": 1,
      "EchoTime": 60.0,
      "EchoTrainLength": 31,
      "FlipAngle": 90.0,
      "HighBit": 11,
      "ImageOrientationPatient": [1.0, 0.0, 0.0, 0.0, 0.99211470227472, -0.1253332259632],
      "ImagePositionPatient": [-170.63583421707, -81.76752373906, -97.703032556323],
      "ImageType": [
        "ORIGINAL",
        "PRIMARY",
        "DIFFUSION",
        "NONE",
        "ND",
        "MOSAIC"
],
      "ImagedNucleus": "1H",
      "ImagingFrequency": 123.259017,
      "InPlanePhaseEncodingDirection": "COL",
      "MRAcquisitionType": "2D",
      "MagneticFieldStrength": 3.0,
      "Manufacturer": "SIEMENS",
      "ManufacturerModelName": "Prisma_fit",
      "Modality": "MR",
      "NominalInterval": 0,
      "NumberOfAverages": 1.0,
      "NumberOfPhaseEncodingSteps": 31,
      "PercentPhaseFieldOfView": 37.5,
      "PercentSampling": 100.0,
      "PerformedProcedureStepStartTime": "141423.032000",
      "PhotometricInterpretation": "MONOCHROME2",
      "PixelBandwidth": 1270.0,
      "PixelRepresentation": 0,
      "PixelSpacing": [0.89583331346512, 0.89583331346512],
      "ProtocolName": "DWI",
      "RepetitionTime": 610.0,
      "Rows": 144,
      "SAR": 0.43319364338958,
      "SamplesPerPixel": 1,
      "ScanOptions": [
        "PFP",
        "SFS",
        "CT"
],
      "ScanningSequence": "EP",
      "SequenceVariant": [
        "SK",
        "SP"
],
      "SeriesDescription": "DWI",
      "SeriesNumber": 32,
      "SeriesTime": "152306.478000",
      "SliceLocation": -107.18080258519,
      "SliceThickness": 5.0,
      "SmallestImagePixelValue": 0,
      "SoftwareVersions": "syngo MR E11",
      "SpacingBetweenSlices": 4.9999999673078,
      "SpecificCharacterSet": "ISO_IR 100",
      "StudyID": "1",
      "StudyTime": "141422.980000",
      "TransmitCoilName": "Body",
      "VariableFlipAngleFlag": "N",
      "WindowCenterWidthExplanation": "Algo1",
      "dBdt": 0.0},
    "slices": {}
  },
  "time": {
    "samples": {
      "AcquisitionNumber": [1, 2, 3, 4, 5, 6, 7, 8, 9, 10, 11, 12, 13, 14, 15, 16, 17, 18, 19, 20, 21, 22, 23, 24, 25, 26, 27, 28, 29, 30, 31, 32, 33, 34, 35],
      "AcquisitionTime": ["152306.117500", "152309.940000", "152313.700000", "152317.475000", "152321.385000", "152325.220000", "152329.175000", "152333.055000", "152336.800000", "152340.552500", "152344.182500", "152347.952500", "152351.602500", "152355.457500", "152400.827500", "152405.062500", "152411.615000", "152415.705000", "152420.435000", "152424.245000", "152428.470000", "152432.315000", "152436.065000", "152440.622500", "152444.332500", "152448.312500", "152452.657500", "152456.257500", "152500.492500", "152506.797500", "152511.520000", "152520.815000", "152527.850000", "152531.395000", "152535.180000"],
      "ContentTime": ["152306.481000", "152311.493000", "152316.492000", "152321.493000", "152326.494000", "152326.496000", "152331.493000", "152336.492000", "152341.493000", "152341.496000", "152346.493000", "152351.492000", "152356.493000", "152356.496000", "152401.494000", "152406.493000", "152416.493000", "152416.496000", "152421.493000", "152426.492000", "152431.493000", "152436.493000", "152436.496000", "152441.493000", "152446.492000", "152451.493000", "152456.493000", "152501.492000", "152501.495000", "152511.493000", "152516.493000", "152521.492000", "152531.493000", "152535.549000", "152535.552000"],
      "InstanceCreationTime": ["152306.481000", "152311.493000", "152316.492000", "152321.493000", "152326.494000", "152326.496000", "152331.493000", "152336.492000", "152341.493000", "152341.496000", "152346.493000", "152351.492000", "152356.493000", "152356.496000", "152401.494000", "152406.493000", "152416.493000", "152416.496000", "152421.493000", "152426.492000", "152431.493000", "152436.493000", "152436.496000", "152441.493000", "152446.492000", "152451.493000", "152456.493000", "152501.492000", "152501.495000", "152511.493000", "152516.493000", "152521.492000", "152531.493000", "152535.549000", "152535.552000"],
      "InstanceNumber": [1, 2, 3, 4, 5, 6, 7, 8, 9, 10, 11, 12, 13, 14, 15, 16, 17, 18, 19, 20, 21, 22, 23, 24, 25, 26, 27, 28, 29, 30, 31, 32, 33, 34, 35],
      "LargestImagePixelValue": [4095, 2378, 2297, 2473, 2212, 2197, 2320, 2344, 2286, 2174, 2101, 2082, 2511, 2260, 2719, 2436, 3164, 2049, 2226, 2149, 2403, 2321, 2324, 2411, 2080, 2081, 1804, 2006, 2279, 2544, 2360, 4095, 4095, 4095, 4095],
      "SequenceName": [
        "*ez_b0",
        "*ez_b800#1",
        "*ez_b800#2",
        "*ez_b800#3",
        "*ez_b800#4",
        "*ez_b800#5",
        "*ez_b800#6",
        "*ez_b800#7",
        "*ez_b800#8",
        "*ez_b800#9",
        "*ez_b800#10",
        "*ez_b800#11",
        "*ez_b800#12",
        "*ez_b800#13",
        "*ez_b800#14",
        "*ez_b800#15",
        "*ez_b800#16",
        "*ez_b800#17",
        "*ez_b800#18",
        "*ez_b800#19",
        "*ez_b800#20",
        "*ez_b800#21",
        "*ez_b800#22",
        "*ez_b800#23",
        "*ez_b800#24",
        "*ez_b800#25",
        "*ez_b800#26",
        "*ez_b800#27",
        "*ez_b800#28",
        "*ez_b800#29",
        "*ez_b800#30",
        "*ez_b0",
        "*ez_b0",
        "*ez_b0",
        "*ez_b0"
],
      "TriggerTime": [570.0, 570.0, 572.5, 572.5, 572.5, 572.5, 572.5, 570.0, 570.0, 572.5, 572.5, 572.5, 572.5, 572.5, 570.0, 570.0, 572.5, 572.5, 572.5, 572.5, 572.5, 570.0, 570.0, 570.0, 572.5, 572.5, 572.5, 572.5, 572.5, 570.0, 570.0, 572.5, 572.5, 572.5, 570.0],
      "WindowCenter": [1025.0, 695.0, 695.0, 697.0, 708.0, 713.0, 728.0, 712.0, 694.0, 704.0, 721.0, 724.0, 704.0, 715.0, 749.0, 720.0, 740.0, 727.0, 729.0, 709.0, 697.0, 696.0, 726.0, 739.0, 715.0, 708.0, 712.0, 710.0, 733.0, 744.0, 743.0, 1308.0, 1279.0, 1026.0, 992.0],
      "WindowWidth": [2139.0, 1366.0, 1364.0, 1371.0, 1395.0, 1417.0, 1463.0, 1408.0, 1362.0, 1385.0, 1447.0, 1453.0, 1391.0, 1422.0, 1524.0, 1430.0, 1485.0, 1463.0, 1459.0, 1399.0, 1370.0, 1370.0, 1459.0, 1494.0, 1418.0, 1397.0, 1400.0, 1404.0, 1472.0, 1498.0, 1509.0, 2585.0, 2544.0, 2159.0, 2062.0]
    },
    "slices": {}
  }
}