{
  "AcquisitionMatrixPE": 256,
  "AcquisitionNumber": 1,
  "AcquisitionTime": "18:30:30.940000",
  "BaseResolution": 256,
  "BodyPartExamined": "CSPINE",
  "CoilCombinationMethod": "Adaptive Combine",
  "ConsistencyInfo": "N4_VE11C_LATEST_20160120",
  "ConversionSoftware": "dcm2niix",
  "ConversionSoftwareVersion": "v1.0.20211006",
  "DeviceSerialNumber": "167006",
  "DwellTime": 7.5e-06,
  "EchoTime": 0.00313,
  "FlipAngle": 15,
  "HeudiconvVersion": "0.5.3.post569+g418601f",
  "ImageOrientationPatientDICOM": [1, 0, 0, 0, 0.964557, 0.263873],
  "ImageOrientationText": "Tra>Cor(15.3)",
  "ImageType": [
    "ORIGINAL",
    "PRIMARY",
    "M",
    "DIS2D"
],
  "ImagingFrequency": 123.259,
  "InPlanePhaseEncodingDirectionDICOM": "COL",
  "InstitutionAddress": "Chemin Queen-Mary 4565,Montreal,District,CA,H3W 1W5",
  "InstitutionName": "IUGM",
  "InstitutionalDepartmentName": "Department",
  "MRAcquisitionType": "3D",
  "MagneticFieldStrength": 3,
  "Manufacturer": "Siemens",
  "ManufacturersModelName": "Prisma_fit",
  "MatrixCoilMode": "GRAPPA",
  "Modality": "MR",
  "ParallelReductionFactorInPlane": 2,
  "PartialFourier": 1,
  "PatientPosition": "HFS",
  "PercentPhaseFOV": 100,
  "PercentSampling": 100,
  "PhaseEncodingSteps": 255,
  "PhaseResolution": 1,
  "PixelBandwidth": 260,
  "ProcedureStepDescription": "anat^generic",
  "ProtocolName": "GRE-T1w",
  "PulseSequenceDetails": "%SiemensSeq%\\gre",
  "ReceiveCoilActiveElements": "HC5-7;NC1,2",
  "ReceiveCoilName": "HeadNeck_64",
  "ReconMatrixPE": 256,
  "RefLinesPE": 32,
  "RepetitionTime": 0.015,
  "SAR": 0.0335601,
  "ScanningSequence": "GR",
  "SequenceName": "*fl3d1",
  "SequenceVariant": "SP",
  "SeriesDescription": "GRE-T1w",
  "SeriesNumber": 35,
  "ShimSetting": [623, -7241, -9018, -487, -50, 3213, -331, -86],
  "SliceThickness": 5,
  "SoftwareVersions": "syngo MR E11",
  "StationName": "MRC35049",
  "TxRefAmp": 268.397,
  "dcmmeta_affine": [
    [0.8984375, 0.0, 0.0, -114.1015625],
    [0.0, 0.8665945529937744, 1.3193652629852295, -128.8802947998047],
    [0.0, -0.23707343637943268, 4.822787284851074, -128.27476501464844],
    [0.0, 0.0, 0.0, 1.0]
],
  "dcmmeta_reorient_transform": [
    [0.0, -1.0, 0.0, 255.0],
    [-1.0, 0.0, 0.0, 255.0],
    [0.0, 0.0, -1.0, 21.0],
    [0.0, 0.0, 0.0, 1.0]
],
  "dcmmeta_shape": [256, 256, 22],
  "dcmmeta_slice_dim": 2,
  "dcmmeta_version": 0.6,
  "global": {
    "const": {
      "AcquisitionMatrix": [256, 0, 0, 256],
      "AcquisitionNumber": 1,
      "AcquisitionTime": "183030.940000",
      "AngioFlag": "N",
      "BitsAllocated": 16,
      "BitsStored": 12,
      "BodyPartExamined": "CSPINE",
      "Columns": 256,
      "EchoNumbers": 1,
      "EchoTime": 3.13,
      "EchoTrainLength": 1,
      "FlipAngle": 15.0,
      "HighBit": 11,
      "ImageOrientationPatient": [1.0, 0.0, 0.0, 0.0, 0.96455741917473, 0.26387304734472],
      "ImageType": [
        "ORIGINAL",
        "PRIMARY",
        "M",
        "DIS2D"
],
      "ImagedNucleus": "1H",
      "ImagingFrequency": 123.258674,
      "InPlanePhaseEncodingDirection": "COL",
      "LargestImagePixelValue": 4095,
      "MRAcquisitionType": "3D",
      "MagneticFieldStrength": 3.0,
      "Manufacturer": "SIEMENS",
      "ManufacturerModelName": "Prisma_fit",
      "Modality": "MR",
      "NumberOfAverages": 1.0,
      "NumberOfPhaseEncodingSteps": 255,
      "PercentPhaseFieldOfView": 100.0,
      "PercentSampling": 100.0,
      "PerformedProcedureStepStartTime": "172212.203000",
      "PhotometricInterpretation": "MONOCHROME2",
      "PixelBandwidth": 260.0,
      "PixelRepresentation": 0,
      "PixelSpacing": [0.8984375, 0.8984375],
      "ProtocolName": "GRE-T1w",
      "RepetitionTime": 15.0,
      "Rows": 256,
      "SAR": 0.03356013482614,
      "SamplesPerPixel": 1,
      "ScanningSequence": "GR",
      "SequenceName": "*fl3d1",
      "SequenceVariant": "SP",
      "SeriesDescription": "GRE-T1w",
      "SeriesNumber": 35,
      "SeriesTime": "183131.329000",
      "SliceThickness": 5.0,
      "SmallestImagePixelValue": 0,
      "SoftwareVersions": "syngo MR E11",
      "SpecificCharacterSet": "ISO_IR 100",
      "StudyID": "1",
      "StudyTime": "172212.047000",
      "TransmitCoilName": "Body",
      "VariableFlipAngleFlag": "N",
      "WindowCenterWidthExplanation": "Algo1",
      "dBdt": 0.0},
    "slices": {
      "ContentTime": ["183131.332000", "183131.335000", "183131.337000", "183131.339000", "183131.341000", "183131.343000", "183131.345000", "183131.347000", "183131.349000", "183131.351000", "183131.353000", "183131.354000", "183131.357000", "183131.359000", "183131.361000", "183131.363000", "183131.365000", "183131.367000", "183131.369000", "183131.371000", "183131.373000", "183131.375000"],
      "CsaImage.Actual3DImaPartNumber": [0, 1, 2, 3, 4, 5, 6, 7, 8, 9, 10, 11, 12, 13, 14, 15, 16, 17, 18, 19, 20, 21],
      "CsaImage.ICE_Dims": [
        "X_1_1_1_1_1_1_1_1_1_1_1_154",
        "X_1_1_1_1_1_2_1_1_1_1_1_154",
        "X_1_1_1_1_1_3_1_1_1_1_1_154",
        "X_1_1_1_1_1_4_1_1_1_1_1_154",
        "X_1_1_1_1_1_5_1_1_1_1_1_154",
        "X_1_1_1_1_1_6_1_1_1_1_1_154",
        "X_1_1_1_1_1_7_1_1_1_1_1_154",
        "X_1_1_1_1_1_8_1_1_1_1_1_154",
        "X_1_1_1_1_1_9_1_1_1_1_1_154",
        "X_1_1_1_1_1_10_1_1_1_1_1_154",
        "X_1_1_1_1_1_11_1_1_1_1_1_154",
        "X_1_1_1_1_1_12_1_1_1_1_1_154",
        "X_1_1_1_1_1_13_1_1_1_1_1_154",
        "X_1_1_1_1_1_14_1_1_1_1_1_154",
        "X_1_1_1_1_1_15_1_1_1_1_1_154",
        "X_1_1_1_1_1_16_1_1_1_1_1_154",
        "X_1_1_1_1_1_17_1_1_1_1_1_154",
        "X_1_1_1_1_1_18_1_1_1_1_1_154",
        "X_1_1_1_1_1_19_1_1_1_1_1_154",
        "X_1_1_1_1_1_20_1_1_1_1_1_154",
        "X_1_1_1_1_1_21_1_1_1_1_1_154",
        "X_1_1_1_1_1_22_1_1_1_1_1_154"
],
      "CsaImage.SlicePosition_PCS": [
        [-115.0, -92.10131679, -80.7284931],
        [-115.0, -93.42068203, -75.905706],
        [-115.0, -94.74004727, -71.08291891],
        [-115.0, -96.0594125, -66.26013181],
        [-115.0, -97.37877774, -61.43734472],
        [-115.0, -98.69814298, -56.61455762],
        [-115.0, -100.01750821, -51.79177052],
        [-115.0, -101.33687345, -46.96898343],
        [-115.0, -102.65623869, -42.14619633],
        [-115.0, -103.97560392, -37.32340924],
        [-115.0, -105.29496916, -32.50062214],
        [-115.0, -106.6143344, -27.67783504],
        [-115.0, -107.93369963, -22.85504795],
        [-115.0, -109.25306487, -18.03226085],
        [-115.0, -110.57243011, -13.20947376],
        [-115.0, -111.89179534, -8.38668666],
        [-115.0, -113.21116058, -3.56389956],
        [-115.0, -114.53052582, 1.25888753],
        [-115.0, -115.84989105, 6.08167463],
        [-115.0, -117.16925629, 10.90446172],
        [-115.0, -118.48862153, 15.72724882],
        [-115.0, -119.80798676, 20.55003591]
],
      "ImagePositionPatient": [
        [-115.0, -92.101316792036, -188.72849309897],
        [-115.0, -93.42068202876, -183.90570600309],
        [-115.0, -94.740047265484, -179.08291890722],
        [-115.0, -96.059412502207, -174.26013181134],
        [-115.0, -97.378777738931, -169.43734471547],
        [-115.0, -98.698142975654, -164.6145576196],
        [-115.0, -100.01750821238, -159.79177052372],
        [-115.0, -101.3368734491, -154.96898342785],
        [-115.0, -102.65623868583, -150.14619633198],
        [-115.0, -103.97560392255, -145.3234092361],
        [-115.0, -105.29496915927, -140.50062214023],
        [-115.0, -106.614334396, -135.67783504436],
        [-115.0, -107.93369963272, -130.85504794848],
        [-115.0, -109.25306486944, -126.03226085261],
        [-115.0, -110.57243010617, -121.20947375673],
        [-115.0, -111.89179534289, -116.38668666086],
        [-115.0, -113.21116057961, -111.56389956499],
        [-115.0, -114.53052581634, -106.74111246911],
        [-115.0, -115.84989105306, -101.91832537324],
        [-115.0, -117.16925628978, -97.095538277367],
        [-115.0, -118.48862152651, -92.272751181493],
        [-115.0, -119.80798676323, -87.449964085619]
],
      "InstanceCreationTime": ["183131.332000", "183131.335000", "183131.337000", "183131.339000", "183131.341000", "183131.343000", "183131.345000", "183131.347000", "183131.349000", "183131.351000", "183131.353000", "183131.354000", "183131.357000", "183131.359000", "183131.361000", "183131.363000", "183131.365000", "183131.367000", "183131.369000", "183131.371000", "183131.373000", "183131.375000"],
      "InstanceNumber": [22, 21, 20, 19, 18, 17, 16, 15, 14, 13, 12, 11, 10, 9, 8, 7, 6, 5, 4, 3, 2, 1],
      "SliceLocation": [-157.7364131019, -152.7364131019, -147.7364131019, -142.7364131019, -137.7364131019, -132.7364131019, -127.7364131019, -122.7364131019, -117.7364131019, -112.7364131019, -107.7364131019, -102.7364131019, -97.736413101898, -92.736413101898, -87.736413101898, -82.736413101898, -77.736413101898, -72.736413101898, -67.736413101898, -62.736413101898, -57.736413101898, -52.736413101898],
      "WindowCenter": [1082.0, 1181.0, 1287.0, 1222.0, 1190.0, 1177.0, 1067.0, 861.0, 867.0, 387.0, 183.0, 231.0, 392.0, 560.0, 650.0, 775.0, 944.0, 937.0, 1039.0, 1308.0, 1443.0, 1102.0],
      "WindowWidth": [2634.0, 3543.0, 3727.0, 3757.0, 3666.0, 3406.0, 3474.0, 3564.0, 3546.0, 3820.0, 3946.0, 3996.0, 4022.0, 4066.0, 4095.0, 4095.0, 4095.0, 4095.0, 4095.0, 4095.0, 3558.0, 2529.0]
    }
  }
}