{
  "AcquisitionMatrixPE": 448,
  "AcquisitionNumber": 1,
  "AcquisitionTime": "17:58:21.887500",
  "BaseResolution": 448,
  "BodyPartExamined": "CSPINE",
  "CoilCombinationMethod": "Adaptive Combine",
  "ConsistencyInfo": "N4_VE11C_LATEST_20160120",
  "ConversionSoftware": "dcm2niix",
  "ConversionSoftwareVersion": "v1.0.20211006",
  "DeviceSerialNumber": "167006",
  "DwellTime": 4.3e-06,
  "EchoTime": 0.014,
  "EchoTrainLength": 3,
  "FlipAngle": 30,
  "HeudiconvVersion": "0.5.3.post569+g418601f",
  "ImageOrientationPatientDICOM": [0.998416, -0.0291798, 0.0480996, 2.77406e-08, 0.854974, 0.518671],
  "ImageOrientationText": "Tra>Cor(31.2)>Sag(3.2)",
  "ImageType": [
    "ORIGINAL",
    "PRIMARY",
    "M",
    "NORM",
    "DIS2D"
],
  "ImagingFrequency": 123.259,
  "InPlanePhaseEncodingDirectionDICOM": "COL",
  "InstitutionAddress": "Chemin Queen-Mary 4565,Montreal,District,CA,H3W 1W5",
  "InstitutionName": "IUGM",
  "InstitutionalDepartmentName": "Department",
  "MRAcquisitionType": "2D",
  "MagneticFieldStrength": 3,
  "Manufacturer": "Siemens",
  "ManufacturersModelName": "Prisma_fit",
  "MatrixCoilMode": "GRAPPA",
  "Modality": "MR",
  "NumberOfAverages": 2,
  "ParallelReductionFactorInPlane": 2,
  "PartialFourier": 1,
  "PatientPosition": "HFS",
  "PercentPhaseFOV": 100,
  "PercentSampling": 100,
  "PhaseEncodingDirection": "j-",
  "PhaseEncodingSteps": 447,
  "PhaseResolution": 1,
  "PixelBandwidth": 260,
  "ProcedureStepDescription": "anat^generic",
  "ProtocolName": "GRE-ME",
  "PulseSequenceDetails": "%SiemensSeq%\\medic",
  "ReceiveCoilActiveElements": "HC7;NC1,2",
  "ReceiveCoilName": "HeadNeck_64",
  "ReconMatrixPE": 448,
  "RefLinesPE": 24,
  "RepetitionTime": 0.6,
  "SAR": 0.220505,
  "ScanOptions": "SAT1",
  "ScanningSequence": "GR",
  "SequenceName": "*me2d1r3",
  "SequenceVariant": "SP",
  "SeriesDescription": "GRE-ME",
  "SeriesNumber": 36,
  "ShimSetting": [609, -7309, -8973, -795, 169, 1033, 441, -545],
  "SliceThickness": 5,
  "SliceTiming": [0, 0.3125, 0.03125, 0.35938, 0.07812, 0.39062, 0.125, 0.4375, 0.15625, 0.48438, 0.20312, 0.51562, 0.23438, 0.5625, 0.28125],
  "SoftwareVersions": "syngo MR E11",
  "SpacingBetweenSlices": 5,
  "StationName": "MRC35049",
  "TxRefAmp": 273.314,
  "dcmmeta_affine": [
    [-0.49920812249183655, 1.3870320003661618e-08, 0.2812933921813965, 102.6834716796875],
    [0.014589880593121052, 0.4274868667125702, 2.5892491340637207, -127.6246566772461],
    [0.024049820378422737, -0.25933563709259033, 4.268096923828125, -81.59761810302734],
    [0.0, 0.0, 0.0, 1.0]
],
  "dcmmeta_reorient_transform": [
    [0.0, -1.0, 0.0, 447.0],
    [1.0, 0.0, 0.0, 0.0],
    [0.0, 0.0, -1.0, 14.0],
    [0.0, 0.0, 0.0, 1.0]
],
  "dcmmeta_shape": [448, 448, 15],
  "dcmmeta_slice_dim": 2,
  "dcmmeta_version": 0.6,
  "global": {
    "const": {
      "AcquisitionMatrix": [448, 0, 0, 448],
      "AcquisitionNumber": 1,
      "AngioFlag": "N",
      "BitsAllocated": 16,
      "BitsStored": 12,
      "BodyPartExamined": "CSPINE",
      "Columns": 448,
      "EchoNumbers": 1,
      "EchoTime": 14.0,
      "EchoTrainLength": 3,
      "FlipAngle": 30.0,
      "HighBit": 11,
      "ImageOrientationPatient": [0.99841622889973, -0.029179762021, 0.04809963989517, 2.774064e-08, 0.85497373590451, 0.51867129370487],
      "ImageType": [
        "ORIGINAL",
        "PRIMARY",
        "M",
        "NORM",
        "DIS2D"
],
      "ImagedNucleus": "1H",
      "ImagingFrequency": 123.258741,
      "InPlanePhaseEncodingDirection": "COL",
      "MRAcquisitionType": "2D",
      "MagneticFieldStrength": 3.0,
      "Manufacturer": "SIEMENS",
      "ManufacturerModelName": "Prisma_fit",
      "Modality": "MR",
      "NumberOfAverages": 2.0,
      "NumberOfPhaseEncodingSteps": 447,
      "PercentPhaseFieldOfView": 100.0,
      "PercentSampling": 100.0,
      "PerformedProcedureStepStartTime": "163813.580000",
      "PhotometricInterpretation": "MONOCHROME2",
      "PixelBandwidth": 260.0,
      "PixelRepresentation": 0,
      "PixelSpacing": [0.5, 0.5],
      "ProtocolName": "GRE-ME",
      "RepetitionTime": 600.0,
      "Rows": 448,
      "SAR": 0.22050492670546,
      "SamplesPerPixel": 1,
      "ScanOptions": "SAT1",
      "ScanningSequence": "GR",
      "SequenceName": "*me2d1r3",
      "SequenceVariant": "SP",
      "SeriesDescription": "GRE-ME",
      "SeriesNumber": 36,
      "SeriesTime": "180308.374000",
      "SliceThickness": 5.0,
      "SmallestImagePixelValue": 0,
      "SoftwareVersions": "syngo MR E11",
      "SpacingBetweenSlices": 5.0,
      "SpecificCharacterSet": "ISO_IR 100",
      "StudyID": "1",
      "StudyTime": "163813.502000",
      "TransmitCoilName": "Body",
      "VariableFlipAngleFlag": "N",
      "WindowCenterWidthExplanation": "Algo1",
      "dBdt": 0.0},
    "slices": {
      "AcquisitionTime": ["175821.607500", "175821.927500", "175821.647500", "175821.967500", "175821.687500", "175822.007500", "175821.727500", "175822.047500", "175821.767500", "175822.087500", "175821.807500", "175822.127500", "175821.847500", "175822.167500", "175821.887500"],
      "ContentTime": ["180308.377000", "180308.395000", "180308.380000", "180308.397000", "180308.382000", "180308.399000", "180308.384000", "180308.401000", "180308.386000", "180308.407000", "180308.388000", "180308.409000", "180308.390000", "180308.411000", "180308.393000"],
      "CsaImage.ICE_Dims": [
        "X_1_1_1_1_1_1_1_1_1_15_1_158",
        "X_1_1_1_1_1_1_9_1_1_14_1_158",
        "X_1_1_1_1_1_1_2_1_1_13_1_158",
        "X_1_1_1_1_1_1_10_1_1_12_1_158",
        "X_1_1_1_1_1_1_3_1_1_11_1_158",
        "X_1_1_1_1_1_1_11_1_1_10_1_158",
        "X_1_1_1_1_1_1_4_1_1_9_1_158",
        "X_1_1_1_1_1_1_12_1_1_8_1_158",
        "X_1_1_1_1_1_1_5_1_1_7_1_158",
        "X_1_1_1_1_1_1_13_1_1_6_1_158",
        "X_1_1_1_1_1_1_6_1_1_5_1_158",
        "X_1_1_1_1_1_1_14_1_1_4_1_158",
        "X_1_1_1_1_1_1_7_1_1_3_1_158",
        "X_1_1_1_1_1_1_15_1_1_2_1_158",
        "X_1_1_1_1_1_1_8_1_1_1_1_158"
],
      "CsaImage.ProtocolSliceNumber": [0, 1, 2, 3, 4, 5, 6, 7, 8, 9, 10, 11, 12, 13, 14],
      "CsaImage.SlicePosition_PCS": [
        [-102.68348252, -63.46197042, -93.52066863],
        [-102.96477544, -66.05122099, -89.2525698],
        [-103.24606835, -68.64046965, -84.98447287],
        [-103.52736222, -71.2297183, -80.71637404],
        [-103.80865514, -73.81896696, -76.44827521],
        [-104.08994805, -76.40821752, -72.18017733],
        [-104.37124144, -78.99746618, -67.9120785],
        [-104.65253436, -81.58671484, -63.64398042],
        [-104.93382775, -84.17596445, -59.37588227],
        [-105.21512067, -86.76521311, -55.10778392],
        [-105.49641406, -89.35446224, -50.83968509],
        [-105.77770697, -91.94371138, -46.57158721],
        [-106.05900037, -94.53296051, -42.30348838],
        [-106.34029328, -97.12220964, -38.03538955],
        [-106.62158667, -99.71145878, -33.76729262]
],
      "ImagePositionPatient": [
        [-102.68348252198, -63.461970424078, -197.52066862937],
        [-102.96477543732, -66.051220988653, -193.25256979819],
        [-103.24606835267, -68.64046964588, -188.98447287436],
        [-103.52736222169, -71.229718303106, -184.71637404318],
        [-103.80865513703, -73.818966960333, -180.44827521201],
        [-104.08994805238, -76.408217524908, -176.18017733451],
        [-104.37124144456, -78.997466182134, -171.91207850333],
        [-104.6525343599, -81.586714839361, -167.64398041721],
        [-104.93382775208, -84.175964450262, -163.37588227149],
        [-105.21512066743, -86.765213107488, -159.10778391715],
        [-105.49641405961, -89.354462241552, -154.83968508597],
        [-105.77770697495, -91.943711375616, -150.57158720847],
        [-106.05900036713, -94.53296050968, -146.30348837729],
        [-106.34029328248, -97.122209643743, -142.03538954611],
        [-106.62158667466, -99.711458777807, -137.76729262229]
],
      "InstanceCreationTime": ["180308.377000", "180308.395000", "180308.380000", "180308.397000", "180308.382000", "180308.399000", "180308.384000", "180308.401000", "180308.386000", "180308.407000", "180308.388000", "180308.409000", "180308.390000", "180308.411000", "180308.393000"],
      "InstanceNumber": [15, 14, 13, 12, 11, 10, 9, 8, 7, 6, 5, 4, 3, 2, 1],
      "LargestImagePixelValue": [1118, 1018, 1421, 1548, 1384, 1355, 1219, 1325, 1380, 1554, 1317, 1123, 1255, 1309, 1452],
      "SliceLocation": [-129.96692142192, -124.96692023961, -119.96692167317, -114.96692142493, -109.96692123035, -104.96692086212, -99.966920640704, -94.966921082113, -89.966920951957, -84.966921164408, -79.966920696066, -74.966921068624, -69.966920600282, -64.966920158765, -59.966921318573],
      "WindowCenter": [466.0, 436.0, 457.0, 495.0, 529.0, 545.0, 545.0, 555.0, 558.0, 553.0, 553.0, 553.0, 550.0, 527.0, 516.0],
      "WindowWidth": [979.0, 926.0, 964.0, 1041.0, 1110.0, 1147.0, 1146.0, 1169.0, 1174.0, 1159.0, 1155.0, 1149.0, 1138.0, 1091.0, 1079.0]
    }
  }
}