{
  "AcquisitionMatrixPE": 448,
  "AcquisitionNumber": 1,
  "AcquisitionTime": "15:39:22.475000",
  "BaseResolution": 448,
  "BodyPartExamined": "CSPINE",
  "CoilCombinationMethod": "Adaptive Combine",
  "ConsistencyInfo": "N4_VE11C_LATEST_20160120",
  "ConversionSoftware": "dcm2niix",
  "ConversionSoftwareVersion": "v1.0.20220505",
  "DeviceSerialNumber": "167006",
  "DwellTime": 4.3e-06,
  "EchoTime": 0.014,
  "EchoTrainLength": 3,
  "FlipAngle": 30,
  "HeudiconvVersion": "0.5.3.post811+g6206e14",
  "ImageOrientationPatientDICOM": [1, 0, 0, 0, 0.97237, 0.233445],
  "ImageOrientationText": "Tra>Cor(13.5)",
  "ImageType": [
    "ORIGINAL",
    "PRIMARY",
    "M",
    "NORM",
    "DIS2D"
],
  "ImagingFrequency": 123.259,
  "InPlanePhaseEncodingDirectionDICOM": "COL",
  "InstitutionAddress": "Chemin Queen-Mary 4565,Montreal,District,CA,H3W 1W5",
  "InstitutionName": "IUGM",
  "InstitutionalDepartmentName": "Department",
  "MRAcquisitionType": "2D",
  "MagneticFieldStrength": 3,
  "Manufacturer": "Siemens",
  "ManufacturersModelName": "Prisma_fit",
  "MatrixCoilMode": "GRAPPA",
  "Modality": "MR",
  "NumberOfAverages": 2,
  "ParallelReductionFactorInPlane": 2,
  "PartialFourier": 1,
  "PatientPosition": "HFS",
  "PercentPhaseFOV": 100,
  "PercentSampling": 100,
  "PhaseEncodingDirection": "j-",
  "PhaseEncodingSteps": 447,
  "PhaseResolution": 1,
  "PixelBandwidth": 260,
  "ProcedureStepDescription": "anat^generic",
  "ProtocolName": "GRE-ME",
  "PulseSequenceDetails": "%SiemensSeq%\\medic",
  "ReceiveCoilActiveElements": "HC7;NC1,2",
  "ReceiveCoilName": "HeadNeck_64",
  "ReconMatrixPE": 448,
  "RefLinesPE": 24,
  "RepetitionTime": 0.6,
  "SAR": 0.228341,
  "ScanOptions": "SAT1",
  "ScanningSequence": "GR",
  "SequenceName": "*me2d1r3",
  "SequenceVariant": "SP",
  "SeriesDescription": "GRE-ME",
  "SeriesNumber": 7,
  "ShimSetting": [616, -7314, -9005, -434, 373, 762, 202, 74],
  "SliceThickness": 5,
  "SliceTiming": [0, 0.32812, 0.04688, 0.375, 0.09375, 0.40625, 0.125, 0.45312, 0.17188, 0.48438, 0.20312, 0.53125, 0.25, 0.5625, 0.28125],
  "SoftwareVersions": "syngo MR E11",
  "SpacingBetweenSlices": 5,
  "StationName": "MRC35049",
  "TxRefAmp": 266.51,
  "dcmmeta_affine": [
    [-0.5, 0.0, 0.0, 111.53881072998047],
    [0.0, 0.4861849546432495, 1.167226791381836, -141.0170440673828],
    [0.0, -0.11672268062829971, 4.861850738525391, -104.83631896972656],
    [0.0, 0.0, 0.0, 1.0]
],
  "dcmmeta_reorient_transform": [
    [0.0, -1.0, 0.0, 447.0],
    [1.0, 0.0, 0.0, 0.0],
    [0.0, 0.0, -1.0, 14.0],
    [0.0, 0.0, 0.0, 1.0]
],
  "dcmmeta_shape": [448, 448, 15],
  "dcmmeta_slice_dim": 2,
  "dcmmeta_version": 0.6,
  "global": {
    "const": {
      "AcquisitionMatrix": [448, 0, 0, 448],
      "AcquisitionNumber": 1,
      "AngioFlag": "N",
      "BitsAllocated": 16,
      "BitsStored": 12,
      "BodyPartExamined": "CSPINE",
      "Columns": 448,
      "EchoNumbers": 1,
      "EchoTime": 14.0,
      "EchoTrainLength": 3,
      "FlipAngle": 30.0,
      "HighBit": 11,
      "ImageOrientationPatient": [1.0, 0.0, 0.0, 0.0, 0.97236992106887, 0.23344536106019],
      "ImageType": [
        "ORIGINAL",
        "PRIMARY",
        "M",
        "NORM",
        "DIS2D"
],
      "ImagedNucleus": "1H",
      "ImagingFrequency": 123.258666,
      "InPlanePhaseEncodingDirection": "COL",
      "MRAcquisitionType": "2D",
      "MagneticFieldStrength": 3.0,
      "Manufacturer": "SIEMENS",
      "ManufacturerModelName": "Prisma_fit",
      "Modality": "MR",
      "NumberOfAverages": 2.0,
      "NumberOfPhaseEncodingSteps": 447,
      "PercentPhaseFieldOfView": 100.0,
      "PercentSampling": 100.0,
      "PerformedProcedureStepStartTime": "151012.737000",
      "PhotometricInterpretation": "MONOCHROME2",
      "PixelBandwidth": 260.0,
      "PixelRepresentation": 0,
      "PixelSpacing": [0.5, 0.5],
      "ProtocolName": "GRE-ME",
      "RepetitionTime": 600.0,
      "Rows": 448,
      "SAR": 0.22834113168783,
      "SamplesPerPixel": 1,
      "ScanOptions": "SAT1",
      "ScanningSequence": "GR",
      "SequenceName": "*me2d1r3",
      "SequenceVariant": "SP",
      "SeriesDescription": "GRE-ME",
      "SeriesNumber": 7,
      "SeriesTime": "154409.318000",
      "SliceThickness": 5.0,
      "SmallestImagePixelValue": 0,
      "SoftwareVersions": "syngo MR E11",
      "SpacingBetweenSlices": 5.0,
      "SpecificCharacterSet": "ISO_IR 100",
      "StudyID": "1",
      "StudyTime": "151012.660000",
      "TransmitCoilName": "Body",
      "VariableFlipAngleFlag": "N",
      "WindowCenterWidthExplanation": "Algo1",
      "dBdt": 0.0},
    "slices": {
      "AcquisitionTime": ["153922.195000", "153922.515000", "153922.235000", "153922.555000", "153922.275000", "153922.595000", "153922.315000", "153922.635000", "153922.355000", "153922.675000", "153922.395000", "153922.715000", "153922.435000", "153922.755000", "153922.475000"],
      "ContentTime": ["154409.321000", "154409.346000", "154409.324000", "154409.348000", "154409.326000", "154409.350000", "154409.328000", "154409.352000", "154409.336000", "154409.354000", "154409.338000", "154409.356000", "154409.340000", "154409.358000", "154409.344000"],
      "CsaImage.ICE_Dims": [
        "X_1_1_1_1_1_1_1_1_1_15_1_125",
        "X_1_1_1_1_1_1_9_1_1_14_1_125",
        "X_1_1_1_1_1_1_2_1_1_13_1_125",
        "X_1_1_1_1_1_1_10_1_1_12_1_125",
        "X_1_1_1_1_1_1_3_1_1_11_1_125",
        "X_1_1_1_1_1_1_11_1_1_10_1_125",
        "X_1_1_1_1_1_1_4_1_1_9_1_125",
        "X_1_1_1_1_1_1_12_1_1_8_1_125",
        "X_1_1_1_1_1_1_5_1_1_7_1_125",
        "X_1_1_1_1_1_1_13_1_1_6_1_125",
        "X_1_1_1_1_1_1_6_1_1_5_1_125",
        "X_1_1_1_1_1_1_14_1_1_4_1_125",
        "X_1_1_1_1_1_1_7_1_1_3_1_125",
        "X_1_1_1_1_1_1_15_1_1_2_1_125",
        "X_1_1_1_1_1_1_8_1_1_1_1_125"
],
      "CsaImage.ProtocolSliceNumber": [0, 1, 2, 3, 4, 5, 6, 7, 8, 9, 10, 11, 12, 13, 14],
      "CsaImage.SlicePosition_PCS": [
        [-111.53880939, -76.30762995, -60.01133988],
        [-111.53880939, -77.47485674, -55.14949105],
        [-111.53880939, -78.64208353, -50.28764031],
        [-111.53880939, -79.80931033, -45.42579148],
        [-111.53880939, -80.97653712, -40.5639417],
        [-111.53880939, -82.14376391, -35.70209191],
        [-111.53880939, -83.3109907, -30.84024213],
        [-111.53880939, -84.47821749, -25.97839259],
        [-111.53880939, -85.64544428, -21.11654303],
        [-111.53880939, -86.81267107, -16.25469372],
        [-111.53880939, -87.97989787, -11.39284394],
        [-111.53880939, -89.14712466, -6.53099511],
        [-111.53880939, -90.31435145, -1.66914437],
        [-111.53880939, -91.48157824, 3.19270446],
        [-111.53880939, -92.64880503, 8.0545552]
],
      "ImagePositionPatient": [
        [-111.53880938888, -76.307629951217, -157.01133988088],
        [-111.53880938888, -77.474856742599, -152.1494910497],
        [-111.53880938888, -78.642083533981, -147.28764031118],
        [-111.53880938888, -79.809310325363, -142.42579148],
        [-111.53880938888, -80.976537116745, -137.56394169515],
        [-111.53880938888, -82.143763908127, -132.7020919103],
        [-111.53880938888, -83.310990699508, -127.84024212545],
        [-111.53880938888, -84.47821749089, -122.97839259392],
        [-111.53880938888, -85.645444282272, -118.11654303258],
        [-111.53880938888, -86.812671073654, -113.25469372457],
        [-111.53880938888, -87.979897865036, -108.39284393972],
        [-111.53880938888, -89.147124656418, -103.53099510854],
        [-111.53880938888, -90.314351447799, -98.669144370016],
        [-111.53880938888, -91.481578239181, -93.807295538839],
        [-111.53880938888, -92.648805030563, -88.945444800314]
],
      "InstanceCreationTime": ["154409.321000", "154409.346000", "154409.324000", "154409.348000", "154409.326000", "154409.350000", "154409.328000", "154409.352000", "154409.336000", "154409.354000", "154409.338000", "154409.356000", "154409.340000", "154409.358000", "154409.344000"],
      "InstanceNumber": [15, 14, 13, 12, 11, 10, 9, 8, 7, 6, 5, 4, 3, 2, 1],
      "LargestImagePixelValue": [2064, 1645, 1605, 1696, 1758, 1828, 1663, 1743, 1744, 2238, 1990, 1844, 1951, 2171, 2021],
      "SliceLocation": [-134.85944194128, -129.85944269731, -124.85944159868, -119.85944235471, -114.85944218341, -109.85944201212, -104.85944184082, -99.859441915841, -94.859441961885, -89.859442254249, -84.859442082952, -79.859442838978, -74.859441740357, -69.859442496383, -64.859441397761],
      "WindowCenter": [597.0, 525.0, 492.0, 507.0, 545.0, 584.0, 597.0, 603.0, 583.0, 597.0, 593.0, 592.0, 593.0, 595.0, 603.0],
      "WindowWidth": [1272.0, 1114.0, 1050.0, 1079.0, 1159.0, 1240.0, 1270.0, 1282.0, 1241.0, 1263.0, 1251.0, 1250.0, 1252.0, 1257.0, 1277.0]
    }
  }
}