{
  "AcquisitionMatrixPE": 223,
  "AcquisitionNumber": 1,
  "AcquisitionTime": "18:23:54.965000",
  "BaseResolution": 256,
  "BodyPartExamined": "BRAIN",
  "CoilCombinationMethod": "Adaptive Combine",
  "ConsistencyInfo": "N4_VE11C_LATEST_20160120",
  "ConversionSoftware": "dcm2niix",
  "ConversionSoftwareVersion": "v1.0.20211006",
  "DeviceSerialNumber": "167006",
  "DwellTime": 1.63e-05,
  "EchoTime": 0.02,
  "FlipAngle": 15,
  "HeudiconvVersion": "0.5.3.post569+g418601f",
  "ImageOrientationPatientDICOM": [0.999263, -0.00620362, 0.0378832, -3.58412e-10, 0.986856, 0.161604],
  "ImageOrientationText": "Tra>Cor(9.3)>Sag(2.2)",
  "ImageType": [
    "ORIGINAL",
    "PRIMARY",
    "M",
    "SWI",
    "ND",
    "NORM"
],
  "ImagingFrequency": 123.259,
  "InPlanePhaseEncodingDirectionDICOM": "ROW",
  "InstitutionAddress": "Chemin Queen-Mary 4565,Montreal,District,CA,H3W 1W5",
  "InstitutionName": "IUGM",
  "InstitutionalDepartmentName": "Department",
  "MRAcquisitionType": "3D",
  "MagneticFieldStrength": 3,
  "Manufacturer": "Siemens",
  "ManufacturersModelName": "Prisma_fit",
  "MatrixCoilMode": "GRAPPA",
  "Modality": "MR",
  "ParallelReductionFactorInPlane": 2,
  "PartialFourier": 1,
  "PatientPosition": "HFS",
  "PercentPhaseFOV": 90.625,
  "PercentSampling": 96,
  "PhaseEncodingSteps": 222,
  "PhaseResolution": 0.96,
  "PixelBandwidth": 120,
  "ProcedureStepDescription": "anat^generic",
  "ProtocolName": "t2_swi_tra_p2_1.5mm",
  "PulseSequenceDetails": "%SiemensSeq%\\gre",
  "ReceiveCoilActiveElements": "HC1-7;NC1",
  "ReceiveCoilName": "HeadNeck_64",
  "ReconMatrixPE": 232,
  "RefLinesPE": 24,
  "RepetitionTime": 0.027,
  "SAR": 0.0102949,
  "ScanningSequence": "GR",
  "SequenceName": "*swi3d1r",
  "SequenceVariant": "SP\\OSP",
  "SeriesDescription": "SWI_Images",
  "SeriesNumber": 32,
  "ShimSetting": [636, -7238, -8777, 605, 36, -39, 79, -4],
  "SliceThickness": 1.5,
  "SoftwareVersions": "syngo MR E11",
  "StationName": "MRC35049",
  "TxRefAmp": 208.522,
  "dcmmeta_affine": [
    [0.8587415814399719, -3.080103117003574e-10, 0.057581719011068344, -100.19556427001953],
    [-0.0053312331438064575, 0.8480791449546814, 0.24222706258296967, -100.25101470947266],
    [-0.032555900514125824, -0.13887828588485718, 1.4791924953460693, -6.587159156799316],
    [0.0, 0.0, 0.0, 1.0]
],
  "dcmmeta_reorient_transform": [
    [0.0, -1.0, 0.0, 255.0],
    [-1.0, 0.0, 0.0, 231.0],
    [0.0, 0.0, -1.0, 79.0],
    [0.0, 0.0, 0.0, 1.0]
],
  "dcmmeta_shape": [232, 256, 80],
  "dcmmeta_slice_dim": 2,
  "dcmmeta_version": 0.6,
  "global": {
    "const": {
      "AcquisitionMatrix": [0, 256, 223, 0],
      "AcquisitionNumber": 1,
      "AcquisitionTime": "182354.965000",
      "AngioFlag": "N",
      "BitsAllocated": 16,
      "BitsStored": 12,
      "BodyPartExamined": "BRAIN",
      "Columns": 232,
      "EchoNumbers": 1,
      "EchoTime": 20.0,
      "EchoTrainLength": 1,
      "FlipAngle": 15.0,
      "HighBit": 11,
      "ImageOrientationPatient": [0.9992629163147, -0.0062036168788, 0.03788323132821, -3.58412e-10, 0.98685571556922, 0.16160382621822],
      "ImageType": [
        "ORIGINAL",
        "PRIMARY",
        "M",
        "SWI",
        "ND",
        "NORM"
],
      "ImagedNucleus": "1H",
      "ImagingFrequency": 123.258796,
      "InPlanePhaseEncodingDirection": "ROW",
      "MRAcquisitionType": "3D",
      "MagneticFieldStrength": 3.0,
      "Manufacturer": "SIEMENS",
      "ManufacturerModelName": "Prisma_fit",
      "Modality": "MR",
      "NumberOfAverages": 1.0,
      "NumberOfPhaseEncodingSteps": 222,
      "PercentPhaseFieldOfView": 90.625,
      "PercentSampling": 96.0,
      "PerformedProcedureStepStartTime": "174008.912000",
      "PhotometricInterpretation": "MONOCHROME2",
      "PixelBandwidth": 120.0,
      "PixelRepresentation": 0,
      "PixelSpacing": [0.859375, 0.859375],
      "ProtocolName": "t2_swi_tra_p2_1.5mm",
      "RepetitionTime": 27.0,
      "Rows": 256,
      "SAR": 0.01029488300769,
      "SamplesPerPixel": 1,
      "ScanningSequence": "GR",
      "SequenceName": "*swi3d1r",
      "SequenceVariant": [
        "SP",
        "OSP"
],
      "SeriesDescription": "SWI_Images",
      "SeriesNumber": 32,
      "SeriesTime": "182905.829000",
      "SliceThickness": 1.5,
      "SmallestImagePixelValue": 0,
      "SoftwareVersions": "syngo MR E11",
      "SpecificCharacterSet": "ISO_IR 100",
      "StudyID": "1",
      "StudyTime": "174008.845000",
      "TransmitCoilName": "Body",
      "VariableFlipAngleFlag": "N",
      "WindowCenterWidthExplanation": "Algo1",
      "dBdt": 0.0},
