{
  "AcquisitionMatrixPE": 448,
  "AcquisitionNumber": 1,
  "AcquisitionTime": "19:18:9.307500",
  "BaseResolution": 448,
  "BodyPartExamined": "CSPINE",
  "CoilCombinationMethod": "Adaptive Combine",
  "ConsistencyInfo": "N4_VE11C_LATEST_20160120",
  "ConversionSoftware": "dcm2niix",
  "ConversionSoftwareVersion": "v1.0.20211006",
  "DeviceSerialNumber": "167006",
  "DwellTime": 4.3e-06,
  "EchoTime": 0.014,
  "EchoTrainLength": 3,
  "FlipAngle": 30,
  "HeudiconvVersion": "0.5.3.post569+g418601f",
  "ImageOrientationPatientDICOM": [0.999883, -0.00346778, 0.0149003, -6.56878e-08, 0.97397, 0.226678],
  "ImageOrientationText": "Tra>Cor(13.1)>Sag(0.9)",
  "ImageType": [
    "ORIGINAL",
    "PRIMARY",
    "M",
    "NORM",
    "DIS2D"
],
  "ImagingFrequency": 123.259,
  "InPlanePhaseEncodingDirectionDICOM": "COL",
  "InstitutionAddress": "Chemin Queen-Mary 4565,Montreal,District,CA,H3W 1W5",
  "InstitutionName": "IUGM",
  "InstitutionalDepartmentName": "Department",
  "MRAcquisitionType": "2D",
  "MagneticFieldStrength": 3,
  "Manufacturer": "Siemens",
  "ManufacturersModelName": "Prisma_fit",
  "MatrixCoilMode": "GRAPPA",
  "Modality": "MR",
  "NumberOfAverages": 2,
  "ParallelReductionFactorInPlane": 2,
  "PartialFourier": 1,
  "PatientPosition": "HFS",
  "PercentPhaseFOV": 100,
  "PercentSampling": 100,
  "PhaseEncodingDirection": "j-",
  "PhaseEncodingSteps": 447,
  "PhaseResolution": 1,
  "PixelBandwidth": 260,
  "ProcedureStepDescription": "anat^generic",
  "ProtocolName": "GRE-ME",
  "PulseSequenceDetails": "%SiemensSeq%\\medic",
  "ReceiveCoilActiveElements": "HC7;NC1,2",
  "ReceiveCoilName": "HeadNeck_64",
  "ReconMatrixPE": 448,
  "RefLinesPE": 24,
  "RepetitionTime": 0.6,
  "SAR": 0.216141,
  "ScanOptions": "SAT1",
  "ScanningSequence": "GR",
  "SequenceName": "*me2d1r3",
  "SequenceVariant": "SP",
  "SeriesDescription": "GRE-ME",
  "SeriesNumber": 36,
  "ShimSetting": [610, -7434, -8835, -1773, -222, 4102, 1307, 139],
  "SliceThickness": 5,
  "SliceTiming": [0, 0.3125, 0.03125, 0.35938, 0.07812, 0.39062, 0.10938, 0.4375, 0.15625, 0.46875, 0.20312, 0.51562, 0.23438, 0.5625, 0.28125],
  "SoftwareVersions": "syngo MR E11",
  "SpacingBetweenSlices": 5,
  "StationName": "MRC35049",
  "TxRefAmp": 250.258,
  "dcmmeta_affine": [
    [-0.49994149804115295, -3.284390004409943e-08, 0.07649272680282593, 111.4647216796875],
    [0.0017338882898911834, 0.48698490858078003, 1.1332569122314453, -141.9461669921875],
    [0.0074501666240394115, -0.11333891749382019, 4.869279861450195, -107.89025115966797],
    [0.0, 0.0, 0.0, 1.0]
],
  "dcmmeta_reorient_transform": [
    [0.0, -1.0, 0.0, 447.0],
    [1.0, 0.0, 0.0, 0.0],
    [0.0, 0.0, -1.0, 14.0],
    [0.0, 0.0, 0.0, 1.0]
],
  "dcmmeta_shape": [448, 448, 15],
  "dcmmeta_slice_dim": 2,
  "dcmmeta_version": 0.6,
  "global": {
    "const": {
      "AcquisitionMatrix": [448, 0, 0, 448],
      "AcquisitionNumber": 1,
      "AngioFlag": "N",
      "BitsAllocated": 16,
      "BitsStored": 12,
      "BodyPartExamined": "CSPINE",
      "Columns": 448,
      "EchoNumbers": 1,
      "EchoTime": 14.0,
      "EchoTrainLength": 3,
      "FlipAngle": 30.0,
      "HighBit": 11,
      "ImageOrientationPatient": [0.9998829704511, -0.0034677765822, 0.01490033313262, -6.56878e-08, 0.9739697927432, 0.22667783928686],
      "ImageType": [
        "ORIGINAL",
        "PRIMARY",
        "M",
        "NORM",
        "DIS2D"
],
      "ImagedNucleus": "1H",
      "ImagingFrequency": 123.258842,
      "InPlanePhaseEncodingDirection": "COL",
      "MRAcquisitionType": "2D",
      "MagneticFieldStrength": 3.0,
      "Manufacturer": "SIEMENS",
      "ManufacturerModelName": "Prisma_fit",
      "Modality": "MR",
      "NumberOfAverages": 2.0,
      "NumberOfPhaseEncodingSteps": 447,
      "PercentPhaseFieldOfView": 100.0,
      "PercentSampling": 100.0,
      "PerformedProcedureStepStartTime": "175630.347000",
      "PhotometricInterpretation": "MONOCHROME2",
      "PixelBandwidth": 260.0,
      "PixelRepresentation": 0,
      "PixelSpacing": [0.5, 0.5],
      "ProtocolName": "GRE-ME",
      "RepetitionTime": 600.0,
      "Rows": 448,
      "SAR": 0.21614128313384,
      "SamplesPerPixel": 1,
      "ScanOptions": "SAT1",
      "ScanningSequence": "GR",
      "SequenceName": "*me2d1r3",
      "SequenceVariant": "SP",
      "SeriesDescription": "GRE-ME",
      "SeriesNumber": 36,
      "SeriesTime": "192255.770000",
      "SliceThickness": 5.0,
      "SmallestImagePixelValue": 0,
      "SoftwareVersions": "syngo MR E11",
      "SpacingBetweenSlices": 5.0,
      "SpecificCharacterSet": "ISO_IR 100",
      "StudyID": "1",
      "StudyTime": "175630.292000",
      "TransmitCoilName": "Body",
      "VariableFlipAngleFlag": "N",
      "WindowCenterWidthExplanation": "Algo1",
      "dBdt": 0.0},
    "slices": {
      "AcquisitionTime": ["191809.027500", "191809.347500", "191809.067500", "191809.387500", "191809.107500", "191809.427500", "191809.147500", "191809.467500", "191809.187500", "191809.507500", "191809.227500", "191809.547500", "191809.267500", "191809.587500", "191809.307500"],
      "ContentTime": ["192255.773000", "192255.802000", "192255.784000", "192255.804000", "192255.786000", "192255.806000", "192255.788000", "192255.808000", "192255.790000", "192255.810000", "192255.792000", "192255.812000", "192255.794000", "192255.814000", "192255.796000"],
      "CsaImage.ICE_Dims": [
        "X_1_1_1_1_1_1_1_1_1_15_1_270",
        "X_1_1_1_1_1_1_9_1_1_14_1_270",
        "X_1_1_1_1_1_1_2_1_1_13_1_270",
        "X_1_1_1_1_1_1_10_1_1_12_1_270",
        "X_1_1_1_1_1_1_3_1_1_11_1_270",
        "X_1_1_1_1_1_1_11_1_1_10_1_270",
        "X_1_1_1_1_1_1_4_1_1_9_1_270",
        "X_1_1_1_1_1_1_12_1_1_8_1_270",
        "X_1_1_1_1_1_1_5_1_1_7_1_270",
        "X_1_1_1_1_1_1_13_1_1_6_1_270",
        "X_1_1_1_1_1_1_6_1_1_5_1_270",
        "X_1_1_1_1_1_1_14_1_1_4_1_270",
        "X_1_1_1_1_1_1_7_1_1_3_1_270",
        "X_1_1_1_1_1_1_15_1_1_2_1_270",
        "X_1_1_1_1_1_1_8_1_1_1_1_270"
],
      "CsaImage.ProtocolSliceNumber": [0, 1, 2, 3, 4, 5, 6, 7, 8, 9, 10, 11, 12, 13, 14],
      "CsaImage.SlicePosition_PCS": [
        [-111.46470627, -75.7360894, -61.55273462],
        [-111.54119899, -76.8693444, -56.68345667],
        [-111.61769175, -78.00260131, -51.81417871],
        [-111.69418448, -79.13585823, -46.94489885],
        [-111.77067723, -80.26911514, -42.07561994],
        [-111.84716997, -81.40237205, -37.20634103],
        [-111.92366272, -82.53562706, -32.33706165],
        [-112.00015547, -83.66888397, -27.46778271],
        [-112.07664822, -84.80214088, -22.59850383],
        [-112.15314097, -85.93539779, -17.72922445],
        [-112.22963371, -87.0686547, -12.85994554],
        [-112.30612647, -88.20190971, -7.99066568],
        [-112.38261923, -89.33516662, -3.12138773],
        [-112.45911195, -90.46842353, 1.74789213],
        [-112.53560468, -91.60168045, 6.617172]
],
      "ImagePositionPatient": [
        [-111.46470626635, -75.736089396458, -158.55273462006],
        [-111.54119899316, -76.869344401341, -153.68345666596],
        [-111.61769174976, -78.002601313572, -148.81417871186],
        [-111.69418447657, -79.135858225803, -143.94489885041],
        [-111.77067723317, -80.269115138035, -139.07561994264],
        [-111.84716997487, -81.402372050266, -134.20634103486],
        [-111.92366272403, -82.535627055149, -129.33706165025],
        [-112.00015547412, -83.668883967381, -124.46778271267],
        [-112.07664822234, -84.802140879612, -119.59850383469],
        [-112.15314097149, -85.935397791844, -114.72922445008],
        [-112.2296337132, -87.068654704075, -109.85994554231],
        [-112.3061264698, -88.201909708958, -104.99066568086],
        [-112.38261922641, -89.335166621189, -100.12138772675],
        [-112.45911195321, -90.468423533421, -95.252107865304],
        [-112.53560468001, -91.601680445652, -90.382828003853]
],
      "InstanceCreationTime": ["192255.773000", "192255.802000", "192255.784000", "192255.804000", "192255.786000", "192255.806000", "192255.788000", "192255.808000", "192255.790000", "192255.810000", "192255.792000", "192255.812000", "192255.794000", "192255.814000", "192255.796000"],
      "InstanceNumber": [15, 14, 13, 12, 11, 10, 9, 8, 7, 6, 5, 4, 3, 2, 1],
      "LargestImagePixelValue": [1228, 1280, 1311, 1434, 1372, 1282, 1164, 1456, 1311, 1524, 1571, 1322, 1395, 1389, 1587],
      "SliceLocation": [-135.53657009484, -130.53657151108, -125.53657249456, -120.53657162101, -115.53657167574, -110.5365717307, -105.53657175349, -100.5365717793, -95.536571863186, -90.536571453665, -85.536571508628, -80.536571066925, -75.536572050402, -70.536571176852, -65.536570303303],
      "WindowCenter": [450.0, 434.0, 440.0, 451.0, 460.0, 457.0, 449.0, 454.0, 456.0, 446.0, 439.0, 427.0, 429.0, 422.0, 414.0],
      "WindowWidth": [946.0, 911.0, 924.0, 944.0, 961.0, 958.0, 942.0, 955.0, 964.0, 942.0, 928.0, 902.0, 904.0, 894.0, 888.0]
    }
  }
}