{
  "AcquisitionMatrixPE": 32,
  "AcquisitionNumber": 1,
  "AcquisitionTime": "14:53:35.672500",
  "BaseResolution": 32,
  "BodyPartExamined": "BRAIN",
  "ConsistencyInfo": "N4_VE11C_LATEST_20160120",
  "ConversionSoftware": "dcm2niix",
  "ConversionSoftwareVersion": "v1.0.20190902",
  "DeviceSerialNumber": "167006",
  "DwellTime": 3.18e-05,
  "EchoTime": 0.00184,
  "FlipAngle": 80,
  "ImageComments": "flip_angle_map",
  "ImageOrientationPatientDICOM": [1, 0, 0, 0, 0.838671, -0.544639],
  "ImageType": [
    "ORIGINAL",
    "PRIMARY",
    "FLIP",
    "ANGLE",
    "MAP",
    "DIS2D"
],
  "ImagingFrequency": 123.259,
  "InPlanePhaseEncodingDirectionDICOM": "COL",
  "InstitutionAddress": "Chemin_Queen-Mary_4565_Montreal_District_CA_H3W_1W5",
  "InstitutionName": "IUGM",
  "InstitutionalDepartmentName": "Department",
  "MRAcquisitionType": "2D",
  "MagneticFieldStrength": 3,
  "Manufacturer": "Siemens",
  "ManufacturersModelName": "Prisma_fit",
  "Modality": "MR",
  "PartialFourier": 1,
  "PatientPosition": "HFS",
  "PercentPhaseFOV": 100,
  "PhaseEncodingDirection": "j-",
  "PhaseEncodingSteps": 32,
  "PhaseResolution": 1,
  "PixelBandwidth": 490,
  "ProcedureStepDescription": "hcptrt_generic",
  "ProtocolName": "tfl_b1map_6mm",
  "PulseSequenceDetails": "%SiemensSeq%_tfl_b1map",
  "ReceiveCoilActiveElements": "HC1-7;NC1",
  "ReceiveCoilName": "HeadNeck_64",
  "ReconMatrixPE": 32,
  "RepetitionTime": 10,
  "SAR": 0.00555438,
  "ScanningSequence": "GR",
  "SequenceName": "tfl2d1_512",
  "SequenceVariant": "SK_SP",
  "SeriesDescription": "tfl_b1map_6mm",
  "SeriesNumber": 21,
  "ShimSetting": [622, -7177, -8894, 342, 4, -197, -29, 4],
  "SliceThickness": 6,
  "SliceTiming": [5.04688, 0, 5.54688, 0.51562, 6.0625, 1.01562, 6.5625, 1.51562, 7.0625, 2.01562, 7.5625, 2.53125, 8.07812, 3.03125, 8.57812, 3.53125, 9.07812, 4.03125, 9.57812, 4.54688],
  "SoftwareVersions": "syngo_MR_E11",
  "SpacingBetweenSlices": 7.2,
  "StationName": "MRC35049",
  "TxRefAmp": 251.065,
  "dcmmeta_affine": [
    [-6.0, 0.0, 0.0, 95.49686431884766],
    [0.0, 5.0320234298706055, -3.9214019775390625, -39.662841796875],
    [0.0, 3.267834186553955, 6.038425445556641, -114.32463836669922],
    [0.0, 0.0, 0.0, 1.0]
],
  "dcmmeta_reorient_transform": [
    [0.0, -1.0, 0.0, 31.0],
    [1.0, 0.0, 0.0, 0.0],
    [0.0, 0.0, -1.0, 19.0],
    [0.0, 0.0, 0.0, 1.0]
],
  "dcmmeta_shape": [32, 32, 20],
  "dcmmeta_slice_dim": 2,
  "dcmmeta_version": 0.6,
  "global": {
    "const": {
      "AcquisitionMatrix": [32, 0, 0, 32],
      "AcquisitionNumber": 1,
      "AngioFlag": "N",
      "BitsAllocated": 16,
      "BitsStored": 12,
      "BodyPartExamined": "BRAIN",
      "Columns": 32,
      "EchoNumbers": 1,
      "EchoTime": 1.84,
      "EchoTrainLength": 1,
      "FlipAngle": 80.0,
      "HighBit": 11,
      "ImageOrientationPatient": [1.0, 0.0, 0.0, 0.0, 0.83867056370374, -0.5446390415466],
      "ImageType": [
        "ORIGINAL",
        "PRIMARY",
        "FLIP ANGLE MAP",
        "DIS2D"
],
      "ImagedNucleus": "1H",
      "ImagingFrequency": 123.259215,
      "InPlanePhaseEncodingDirection": "COL",
      "MRAcquisitionType": "2D",
      "MagneticFieldStrength": 3.0,
      "Manufacturer": "SIEMENS",
      "ManufacturerModelName": "Prisma_fit",
      "Modality": "MR",
      "NumberOfAverages": 1.0,
      "NumberOfPhaseEncodingSteps": 32,
      "PercentPhaseFieldOfView": 100.0,
      "PercentSampling": 100.0,
      "PerformedProcedureStepStartTime": "141423.032000",
      "PhotometricInterpretation": "MONOCHROME2",
      "PixelBandwidth": 490.0,
      "PixelRepresentation": 0,
      "PixelSpacing": [6.0, 6.0],
      "ProtocolName": "tfl_b1map_6mm",
      "RepetitionTime": 10000.0,
      "Rows": 32,
      "SAR": 0.00555437595237,
      "SamplesPerPixel": 1,
      "ScanningSequence": "GR",
      "SequenceName": "tfl2d1_512",
      "SequenceVariant": [
        "SK",
        "SP"
],
      "SeriesDescription": "tfl_b1map_6mm",
      "SeriesNumber": 21,
      "SeriesTime": "145341.323000",
      "SliceThickness": 6.0,
      "SmallestImagePixelValue": 0,
      "SoftwareVersions": "syngo MR E11",
      "SpacingBetweenSlices": 7.2,
      "SpecificCharacterSet": "ISO_IR 100",
      "StudyID": "1",
      "StudyTime": "141422.980000",
      "TransmitCoilName": "Body",
      "VariableFlipAngleFlag": "N",
      "WindowCenterWidthExplanation": "Algo1",
      "dBdt": 0.0},
    "slices": {
      "AcquisitionTime": ["145335.672500", "145330.630000", "145336.175000", "145331.135000", "145336.680000", "145331.637500", "145337.185000", "145332.142500", "145337.687500", "145332.647500", "145338.192500", "145333.150000", "145338.697500", "145333.655000", "145339.200000", "145334.160000", "145339.705000", "145334.662500", "145340.210000", "145335.167500"],
      "ContentTime": ["145341.349000", "145341.325000", "145341.351000", "145341.328000", "145341.355000", "145341.331000", "145341.357000", "145341.332000", "145341.359000", "145341.334000", "145341.361000", "145341.336000", "145341.363000", "145341.342000", "145341.365000", "145341.343000", "145341.367000", "145341.345000", "145341.368000", "145341.347000"],
      "CsaImage.ICE_Dims": [
        "X_1_1_2_1_1_1_11_1_1_1_1_361",
        "X_1_1_2_1_1_1_1_1_1_2_1_361",
        "X_1_1_2_1_1_1_12_1_1_3_1_361",
        "X_1_1_2_1_1_1_2_1_1_4_1_361",
        "X_1_1_2_1_1_1_13_1_1_5_1_361",
        "X_1_1_2_1_1_1_3_1_1_6_1_361",
        "X_1_1_2_1_1_1_14_1_1_7_1_361",
        "X_1_1_2_1_1_1_4_1_1_8_1_361",
        "X_1_1_2_1_1_1_15_1_1_9_1_361",
        "X_1_1_2_1_1_1_5_1_1_10_1_361",
        "X_1_1_2_1_1_1_16_1_1_11_1_361",
        "X_1_1_2_1_1_1_6_1_1_12_1_361",
        "X_1_1_2_1_1_1_17_1_1_13_1_361",
        "X_1_1_2_1_1_1_7_1_1_14_1_361",
        "X_1_1_2_1_1_1_18_1_1_15_1_361",
        "X_1_1_2_1_1_1_8_1_1_16_1_361",
        "X_1_1_2_1_1_1_19_1_1_17_1_361",
        "X_1_1_2_1_1_1_9_1_1_18_1_361",
        "X_1_1_2_1_1_1_20_1_1_19_1_361",
        "X_1_1_2_1_1_1_10_1_1_20_1_361"
],
      "CsaImage.ProtocolSliceNumber": [0, 1, 2, 3, 4, 5, 6, 7, 8, 9, 10, 11, 12, 13, 14, 15, 16, 17, 18, 19],
      "CsaImage.SliceMeasurementDuration": [127.5, 127.5, 130.0, 127.5, 127.5, 130.0, 127.5, 127.5, 130.0, 127.5, 127.5, 130.0, 127.5, 127.5, 130.0, 127.5, 127.5, 130.0, 127.5, 127.5],
      "CsaImage.SlicePosition_PCS": [
        [-95.49686384, -116.32986755, -5.02182288],
        [-95.49686384, -112.40846558, 1.01660638],
        [-95.49686384, -108.4870636, 7.05503564],
        [-95.49686384, -104.56566162, 13.09346109],
        [-95.49686384, -100.64426155, 19.13189035],
        [-95.49686384, -96.72285957, 25.1703177],
        [-95.49686384, -92.8014595, 31.20874696],
        [-95.49686384, -88.88005848, 37.24717431],
        [-95.49686384, -84.95865746, 43.28560262],
        [-95.49686384, -81.03725619, 49.32403069],
        [-95.49686384, -77.11585517, 55.36245876],
        [-95.49686384, -73.19445391, 61.40088659],
        [-95.49686384, -69.27305336, 67.43931489],
        [-95.49686384, -65.35165234, 73.47774225],
        [-95.49686384, -61.43025131, 79.51617151],
        [-95.49686384, -57.50884934, 85.55460077],
        [-95.49686384, -53.58744927, 91.59302621],
        [-95.49686384, -49.66604729, 97.63145547],
        [-95.49686384, -45.74464722, 103.66988473],
        [-95.49686384, -41.82324524, 109.70831018]
],
      "CsaImage.TimeAfterStart": [15.1275, 10.085, 15.63, 10.59, 16.135, 11.0925, 16.64, 11.5975, 17.1425, 12.1025, 17.6475, 12.605, 18.1525, 13.11, 18.655, 13.615, 19.16, 14.1175, 19.665, 14.6225],
      "ImagePositionPatient": [
        [-95.49686384201, -116.32986755428, -13.021822879442],
        [-95.49686384201, -112.40846557674, -6.9833936191876],
        [-95.49686384201, -108.4870635992, -0.9449643589337],
        [-95.49686384201, -104.56566162166, 5.0934610866229],
        [-95.49686384201, -100.64426155147, 11.131890346877],
        [-95.49686384201, -96.722859573933, 17.170317699782],
        [-95.49686384201, -92.801459503743, 23.208746960036],
        [-95.49686384201, -88.880058479878, 29.247174312941],
        [-95.49686384201, -84.958657456013, 35.285602619521],
        [-95.49686384201, -81.03725619373, 41.324030687682],
        [-95.49686384201, -77.115855169865, 47.362458755843],
        [-95.49686384201, -73.194453907582, 53.400886585585],
        [-95.49686384201, -69.273053360554, 59.439314892165],
        [-95.49686384201, -65.351652336689, 65.47774224507],
        [-95.49686384201, -61.430251312825, 71.516171505324],
        [-95.49686384201, -57.508849335286, 77.554600765578],
        [-95.49686384201, -53.587449265095, 83.593026211135],
        [-95.49686384201, -49.666047287556, 89.631455471389],
        [-95.49686384201, -45.744647217366, 95.669884731642],
        [-95.49686384201, -41.823245239827, 101.7083101772]
],
      "InstanceCreationTime": ["145341.349000", "145341.325000", "145341.351000", "145341.328000", "145341.355000", "145341.331000", "145341.357000", "145341.332000", "145341.359000", "145341.334000", "145341.361000", "145341.336000", "145341.363000", "145341.342000", "145341.365000", "145341.343000", "145341.367000", "145341.345000", "145341.368000", "145341.347000"],
      "InstanceNumber": [11, 1, 12, 2, 13, 3, 14, 4, 15, 5, 16, 6, 17, 7, 18, 8, 19, 9, 20, 10],
      "LargestImagePixelValue": [1117, 1912, 1195, 1049, 1048, 1170, 1609, 1246, 1015, 1018, 1060, 1063, 1380, 1900, 2037, 2035, 2014, 2054, 2034, 2067],
      "SliceLocation": [-74.278807102763, -67.078805616615, -59.878804130466, -52.678805843592, -45.478805396261, -38.27880550975, -31.078805062418, -23.878805695315, -16.678805528393, -9.4788054315745, -2.2788054646077, 4.9211944322566, 12.121194339474, 19.321193706577, 26.521194673317, 33.721196159465, 40.921193407523, 48.121194893671, 55.321195341003, 62.521193627877],
      "WindowCenter": [1049.0, 1076.0, 1070.0, 1049.0, 1111.0, 1108.0, 1120.0, 1107.0, 1080.0, 1064.0, 1062.0, 1042.0, 1066.0, 1057.0, 1066.0, 1071.0, 1087.0, 1105.0, 1146.0, 1201.0],
      "WindowWidth": [1728.0, 1807.0, 1714.0, 1619.0, 1780.0, 1798.0, 1831.0, 1801.0, 1655.0, 1635.0, 1632.0, 1608.0, 1722.0, 1763.0, 1807.0, 1862.0, 1914.0, 2003.0, 2070.0, 2231.0]
    }
  }
}