{
  "AcquisitionMatrixPE": 32,
  "AcquisitionNumber": 1,
  "AcquisitionTime": "17:22:14.207500",
  "BaseResolution": 32,
  "BodyPartExamined": "BRAIN",
  "CoilCombinationMethod": "Sum of Squares",
  "ConsistencyInfo": "N4_VE11C_LATEST_20160120",
  "ConversionSoftware": "dcm2niix",
  "ConversionSoftwareVersion": "v1.0.20211006",
  "DeviceSerialNumber": "167006",
  "DwellTime": 3.18e-05,
  "EchoTime": 0.00184,
  "FlipAngle": 8,
  "HeudiconvVersion": "0.5.3.post569+g418601f",
  "ImageComments": "anatomical image",
  "ImageOrientationPatientDICOM": [1, 0, 0, 0, 0.948324, -0.317305],
  "ImageOrientationText": "Tra>Cor(-18.5)",
  "ImageType": [
    "ORIGINAL",
    "PRIMARY",
    "M",
    "DIS2D"
],
  "ImagingFrequency": 123.259,
  "InPlanePhaseEncodingDirectionDICOM": "COL",
  "InstitutionAddress": "Chemin Queen-Mary 4565,Montreal,District,CA,H3W 1W5",
  "InstitutionName": "IUGM",
  "InstitutionalDepartmentName": "Department",
  "MRAcquisitionType": "2D",
  "MagneticFieldStrength": 3,
  "Manufacturer": "Siemens",
  "ManufacturersModelName": "Prisma_fit",
  "MatrixCoilMode": "SENSE",
  "Modality": "MR",
  "PartialFourier": 1,
  "PatientPosition": "HFS",
  "PercentPhaseFOV": 100,
  "PercentSampling": 100,
  "PhaseEncodingDirection": "j-",
  "PhaseEncodingSteps": 32,
  "PhaseResolution": 1,
  "PixelBandwidth": 490,
  "ProcedureStepDescription": "anat^generic",
  "ProtocolName": "tfl_b1map_6mm",
  "PulseSequenceDetails": "%SiemensSeq%\\tfl_b1map",
  "ReceiveCoilActiveElements": "HC1-7;NC1",
  "ReceiveCoilName": "HeadNeck_64",
  "ReconMatrixPE": 32,
  "RepetitionTime": 10,
  "SAR": 0.00499595,
  "ScanningSequence": "GR",
  "SequenceName": "tfl2d1_512",
  "SequenceVariant": "SK\\SP",
  "SeriesDescription": "tfl_b1map_6mm",
  "SeriesNumber": 20,
  "ShimSetting": [616, -7242, -8914, 324, 23, -374, -5, 19],
  "SliceThickness": 6,
  "SliceTiming": [5.03125, 0, 5.54688, 0.5, 6.04688, 1, 6.54688, 1.51562, 7.04688, 2.01562, 7.5625, 2.51562, 8.0625, 3.01562, 8.5625, 3.51562, 9.07812, 4.03125, 9.57812, 4.53125],
  "SoftwareVersions": "syngo MR E11",
  "SpacingBetweenSlices": 7.2,
  "SpoilingState": true,
  "StationName": "MRC35049",
  "TxRefAmp": 234.529,
  "dcmmeta_affine": [
    [-6.0, 0.0, 0.0, 95.49686431884766],
    [0.0, 5.689941883087158, -2.2845935821533203, -49.17839050292969],
    [0.0, 1.9038280248641968, 6.827930450439453, -71.55777740478516],
    [0.0, 0.0, 0.0, 1.0]
],
  "dcmmeta_reorient_transform": [
    [0.0, -1.0, 0.0, 31.0],
    [1.0, 0.0, 0.0, 0.0],
    [0.0, 0.0, -1.0, 19.0],
    [0.0, 0.0, 0.0, 1.0]
],
  "dcmmeta_shape": [32, 32, 20],
  "dcmmeta_slice_dim": 2,
  "dcmmeta_version": 0.6,
  "global": {
    "const": {
      "AcquisitionMatrix": [32, 0, 0, 32],
      "AcquisitionNumber": 1,
      "AngioFlag": "N",
      "BitsAllocated": 16,
      "BitsStored": 12,
      "BodyPartExamined": "BRAIN",
      "Columns": 32,
      "EchoNumbers": 1,
      "EchoTime": 1.84,
      "EchoTrainLength": 1,
      "FlipAngle": 8.0,
      "HighBit": 11,
      "ImageOrientationPatient": [1.0, 0.0, 0.0, 0.0, 0.9483236491687, -0.3173046744493],
      "ImageType": [
        "ORIGINAL",
        "PRIMARY",
        "M",
        "DIS2D"
],
      "ImagedNucleus": "1H",
      "ImagingFrequency": 123.258972,
      "InPlanePhaseEncodingDirection": "COL",
      "MRAcquisitionType": "2D",
      "MagneticFieldStrength": 3.0,
      "Manufacturer": "SIEMENS",
      "ManufacturerModelName": "Prisma_fit",
      "Modality": "MR",
      "NumberOfAverages": 1.0,
      "NumberOfPhaseEncodingSteps": 32,
      "PercentPhaseFieldOfView": 100.0,
      "PercentSampling": 100.0,
      "PerformedProcedureStepStartTime": "163813.580000",
      "PhotometricInterpretation": "MONOCHROME2",
      "PixelBandwidth": 490.0,
      "PixelRepresentation": 0,
      "PixelSpacing": [6.0, 6.0],
      "ProtocolName": "tfl_b1map_6mm",
      "RepetitionTime": 10000.0,
      "Rows": 32,
      "SAR": 0.00499595054324,
      "SamplesPerPixel": 1,
      "ScanningSequence": "GR",
      "SequenceName": "tfl2d1_512",
      "SequenceVariant": [
        "SK",
        "SP"
],
      "SeriesDescription": "tfl_b1map_6mm",
      "SeriesNumber": 20,
      "SeriesTime": "172227.848000",
      "SliceThickness": 6.0,
      "SmallestImagePixelValue": 0,
      "SoftwareVersions": "syngo MR E11",
      "SpacingBetweenSlices": 7.2,
      "SpecificCharacterSet": "ISO_IR 100",
      "StudyID": "1",
      "StudyTime": "163813.502000",
      "TransmitCoilName": "Body",
      "VariableFlipAngleFlag": "N",
      "WindowCenterWidthExplanation": "Algo1",
      "dBdt": 0.0},
    "slices": {
      "AcquisitionTime": ["172214.207500", "172209.167500", "172214.712500", "172209.670000", "172215.217500", "172210.175000", "172215.720000", "172210.680000", "172216.225000", "172211.182500", "172216.730000", "172211.687500", "172217.232500", "172212.192500", "172217.737500", "172212.695000", "172218.242500", "172213.200000", "172218.745000", "172213.705000"],
      "ContentTime": ["172227.870000", "172227.851000", "172227.872000", "172227.853000", "172227.878000", "172227.855000", "172227.880000", "172227.857000", "172227.882000", "172227.859000", "172227.890000", "172227.861000", "172227.896000", "172227.863000", "172227.898000", "172227.865000", "172227.899000", "172227.866000", "172227.907000", "172227.868000"],
      "CsaImage.ICE_Dims": [
        "X_1_1_1_1_1_1_11_1_1_1_1_123",
        "X_1_1_1_1_1_1_1_1_1_2_1_123",
        "X_1_1_1_1_1_1_12_1_1_3_1_123",
        "X_1_1_1_1_1_1_2_1_1_4_1_123",
        "X_1_1_1_1_1_1_13_1_1_5_1_123",
        "X_1_1_1_1_1_1_3_1_1_6_1_123",
        "X_1_1_1_1_1_1_14_1_1_7_1_123",
        "X_1_1_1_1_1_1_4_1_1_8_1_123",
        "X_1_1_1_1_1_1_15_1_1_9_1_123",
        "X_1_1_1_1_1_1_5_1_1_10_1_123",
        "X_1_1_1_1_1_1_16_1_1_11_1_123",
        "X_1_1_1_1_1_1_6_1_1_12_1_123",
        "X_1_1_1_1_1_1_17_1_1_13_1_123",
        "X_1_1_1_1_1_1_7_1_1_14_1_123",
        "X_1_1_1_1_1_1_18_1_1_15_1_123",
        "X_1_1_1_1_1_1_8_1_1_16_1_123",
        "X_1_1_1_1_1_1_19_1_1_17_1_123",
        "X_1_1_1_1_1_1_9_1_1_18_1_123",
        "X_1_1_1_1_1_1_20_1_1_19_1_123",
        "X_1_1_1_1_1_1_10_1_1_20_1_123"
],
      "CsaImage.ProtocolSliceNumber": [0, 1, 2, 3, 4, 5, 6, 7, 8, 9, 10, 11, 12, 13, 14, 15, 16, 17, 18, 19],
      "CsaImage.SliceMeasurementDuration": [130.0, 127.5, 127.5, 130.0, 127.5, 127.5, 130.0, 127.5, 127.5, 130.0, 127.5, 127.5, 130.0, 127.5, 127.5, 130.0, 127.5, 127.5, 130.0, 127.5],
      "CsaImage.SlicePosition_PCS": [
        [-95.49686384, -127.20980854, -34.53910221],
        [-95.49686384, -124.92521305, -27.71117175],
        [-95.49686384, -122.64062138, -20.8832413],
        [-95.49686384, -120.35602779, -14.05531085],
        [-95.49686384, -118.07143421, -7.2273804],
        [-95.49686384, -115.78684063, -0.39945186],
        [-95.49686384, -113.50224705, 6.42847859],
        [-95.49686384, -111.21765347, 13.25640904],
        [-95.49686384, -108.93305988, 20.08433949],
        [-95.49686384, -106.6484663, 26.91226994],
        [-95.49686384, -104.36387272, 33.74020039],
        [-95.49686384, -102.07928009, 40.56813084],
        [-95.49686384, -99.79468651, 47.39606129],
        [-95.49686384, -97.51009245, 54.22399174],
        [-95.49686384, -95.22549887, 61.05192219],
        [-95.49686384, -92.94090552, 67.87985074],
        [-95.49686384, -90.656312, 74.70778119],
        [-95.49686384, -88.37171836, 81.53571164],
        [-95.49686384, -86.08712502, 88.36364209],
        [-95.49686384, -83.80253143, 95.19157254]
],
      "CsaImage.TimeAfterStart": [5.04, 0.0, 5.545, 0.5025, 6.05, 1.0075, 6.5525, 1.5125, 7.0575, 2.015, 7.5625, 2.52, 8.065, 3.025, 8.57, 3.5275, 9.075, 4.0325, 9.5775, 4.5375],
      "ImagePositionPatient": [
        [-95.49686384201, -127.20980854041, -12.539102205017],
        [-95.49686384201, -124.92521305091, -5.7111717545771],
        [-95.49686384201, -122.6406213761, 1.1167586958623],
        [-95.49686384201, -120.35602779395, 7.9446891463018],
        [-95.49686384201, -118.0714342118, 14.772619596741],
        [-95.49686384201, -115.78684062964, 21.600548139832],
        [-95.49686384201, -113.50224704749, 28.428478590271],
        [-95.49686384201, -111.21765346534, 35.256409040711],
        [-95.49686384201, -108.93305988318, 42.08433949115],
        [-95.49686384201, -106.64846630103, 48.91226994159],
        [-95.49686384201, -104.36387271888, 55.740200392029],
        [-95.49686384201, -102.0792800904, 62.568130842469],
        [-95.49686384201, -99.794686508245, 69.396061292908],
        [-95.49686384201, -97.510092449254, 76.223991743348],
        [-95.49686384201, -95.225498867101, 83.051922193787],
        [-95.49686384201, -92.940905523366, 89.879850736878],
        [-95.49686384201, -90.656312000817, 96.707781187317],
        [-95.49686384201, -88.371718359059, 103.53571163776],
        [-95.49686384201, -86.087125015325, 110.3636420882],
        [-95.49686384201, -83.802531433171, 117.19157253864]
],
      "InstanceCreationTime": ["172227.870000", "172227.851000", "172227.872000", "172227.853000", "172227.878000", "172227.855000", "172227.880000", "172227.857000", "172227.882000", "172227.859000", "172227.890000", "172227.861000", "172227.896000", "172227.863000", "172227.898000", "172227.865000", "172227.899000", "172227.866000", "172227.907000", "172227.868000"],
      "InstanceNumber": [11, 1, 12, 2, 13, 3, 14, 4, 15, 5, 16, 6, 17, 7, 18, 8, 19, 9, 20, 10],
      "LargestImagePixelValue": [4095, 4095, 4095, 4084, 4089, 4093, 4095, 4095, 4095, 4095, 4095, 4095, 4095, 4095, 4095, 4095, 4095, 4095, 4095, 4095],
      "SliceLocation": [-52.255394046032, -45.055393296956, -37.855393758302, -30.655393614437, -23.455393470572, -16.255395135491, -9.0553949916261, -1.8553948477612, 5.3446052961037, 12.544605439969, 19.744605583833, 26.944605425093, 34.144605568958, 41.344605864125, 48.54460600799, 55.74460426742, 62.944604392372, 70.14460455515, 77.344604623363, 84.544604767228],
      "WindowCenter": [1475.0, 1504.0, 1584.0, 1502.0, 1411.0, 1465.0, 1547.0, 1546.0, 1580.0, 1509.0, 1531.0, 1550.0, 1641.0, 1772.0, 2078.0, 1726.0, 1652.0, 1433.0, 1150.0, 884.0],
      "WindowWidth": [2854.0, 2952.0, 3019.0, 2852.0, 2668.0, 2635.0, 2401.0, 2603.0, 2801.0, 2758.0, 2769.0, 2639.0, 2552.0, 2972.0, 3386.0, 3285.0, 3276.0, 3090.0, 3174.0, 3140.0]
    }
  }
}