{
  "AcquisitionMatrixPE": 32,
  "AcquisitionNumber": 1,
  "AcquisitionTime": "15:14:46.225000",
  "BaseResolution": 32,
  "BodyPartExamined": "BRAIN",
  "ConsistencyInfo": "N4_VE11C_LATEST_20160120",
  "ConversionSoftware": "dcm2niix",
  "ConversionSoftwareVersion": "v1.0.20190902",
  "DeviceSerialNumber": "167006",
  "DwellTime": 3.18e-05,
  "EchoTime": 0.00184,
  "FlipAngle": 8,
  "ImageComments": "anatomical_image",
  "ImageOrientationPatientDICOM": [1, 0, 0, 0, 0.999391, -0.0348995],
  "ImageType": [
    "ORIGINAL",
    "PRIMARY",
    "M",
    "DIS2D"
],
  "ImagingFrequency": 123.259,
  "InPlanePhaseEncodingDirectionDICOM": "COL",
  "InstitutionAddress": "Chemin_Queen-Mary_4565_Montreal_District_CA_H3W_1W5",
  "InstitutionName": "IUGM",
  "InstitutionalDepartmentName": "Department",
  "MRAcquisitionType": "2D",
  "MagneticFieldStrength": 3,
  "Manufacturer": "Siemens",
  "ManufacturersModelName": "Prisma_fit",
  "Modality": "MR",
  "PartialFourier": 1,
  "PatientPosition": "HFS",
  "PercentPhaseFOV": 100,
  "PhaseEncodingDirection": "j-",
  "PhaseEncodingSteps": 32,
  "PhaseResolution": 1,
  "PixelBandwidth": 490,
  "ProcedureStepDescription": "hcptrt_generic",
  "ProtocolName": "tfl_b1map_6mm",
  "PulseSequenceDetails": "%SiemensSeq%_tfl_b1map",
  "ReceiveCoilActiveElements": "HC1-7;NC1",
  "ReceiveCoilName": "HeadNeck_64",
  "ReconMatrixPE": 32,
  "RepetitionTime": 10,
  "SAR": 0.00445331,
  "ScanningSequence": "GR",
  "SequenceName": "tfl2d1_512",
  "SequenceVariant": "SK_SP",
  "SeriesDescription": "tfl_b1map_6mm",
  "SeriesNumber": 20,
  "ShimSetting": [624, -7253, -8916, 507, 28, -328, -80, -8],
  "SliceThickness": 6,
  "SliceTiming": [5.03125, 0, 5.54688, 0.5, 6.04688, 1, 6.54688, 1.51562, 7.0625, 2.01562, 7.5625, 2.51562, 8.0625, 3.01562, 8.5625, 3.53125, 9.07812, 4.03125, 9.57812, 4.53125],
  "SoftwareVersions": "syngo_MR_E11",
  "SpacingBetweenSlices": 7.2,
  "StationName": "MRC35049",
  "TxRefAmp": 225.845,
  "dcmmeta_affine": [
    [-6.0, 0.0, 0.0, 95.49686431884766],
    [0.0, 5.996345043182373, -0.25127601623535156, -71.28372955322266],
    [0.0, 0.20939698815345764, 7.195610046386719, -55.6583251953125],
    [0.0, 0.0, 0.0, 1.0]
],
  "dcmmeta_reorient_transform": [
    [0.0, -1.0, 0.0, 31.0],
    [1.0, 0.0, 0.0, 0.0],
    [0.0, 0.0, -1.0, 19.0],
    [0.0, 0.0, 0.0, 1.0]
],
  "dcmmeta_shape": [32, 32, 20],
  "dcmmeta_slice_dim": 2,
  "dcmmeta_version": 0.6,
  "global": {
    "const": {
      "AcquisitionMatrix": [32, 0, 0, 32],
      "AcquisitionNumber": 1,
      "AngioFlag": "N",
      "BitsAllocated": 16,
      "BitsStored": 12,
      "BodyPartExamined": "BRAIN",
      "Columns": 32,
      "EchoNumbers": 1,
      "EchoTime": 1.84,
      "EchoTrainLength": 1,
      "FlipAngle": 8.0,
      "HighBit": 11,
      "ImageOrientationPatient": [1.0, 0.0, 0.0, 0.0, 0.99939082696012, -0.0348994983914],
      "ImageType": [
        "ORIGINAL",
        "PRIMARY",
        "M",
        "DIS2D"
],
      "ImagedNucleus": "1H",
      "ImagingFrequency": 123.259441,
      "InPlanePhaseEncodingDirection": "COL",
      "MRAcquisitionType": "2D",
      "MagneticFieldStrength": 3.0,
      "Manufacturer": "SIEMENS",
      "ManufacturerModelName": "Prisma_fit",
      "Modality": "MR",
      "NumberOfAverages": 1.0,
      "NumberOfPhaseEncodingSteps": 32,
      "PercentPhaseFieldOfView": 100.0,
      "PercentSampling": 100.0,
      "PerformedProcedureStepStartTime": "143549.661000",
      "PhotometricInterpretation": "MONOCHROME2",
      "PixelBandwidth": 490.0,
      "PixelRepresentation": 0,
      "PixelSpacing": [6.0, 6.0],
      "ProtocolName": "tfl_b1map_6mm",
      "RepetitionTime": 10000.0,
      "Rows": 32,
      "SAR": 0.00445331406643,
      "SamplesPerPixel": 1,
      "ScanningSequence": "GR",
      "SequenceName": "tfl2d1_512",
      "SequenceVariant": [
        "SK",
        "SP"
],
      "SeriesDescription": "tfl_b1map_6mm",
      "SeriesNumber": 20,
      "SeriesTime": "151501.852000",
      "SliceThickness": 6.0,
      "SmallestImagePixelValue": 0,
      "SoftwareVersions": "syngo MR E11",
      "SpacingBetweenSlices": 7.2,
      "SpecificCharacterSet": "ISO_IR 100",
      "StudyID": "1",
      "StudyTime": "143549.553000",
      "TransmitCoilName": "Body",
      "VariableFlipAngleFlag": "N",
      "dBdt": 0.0},
    "slices": {
      "AcquisitionTime": ["151446.225000", "151441.185000", "151446.730000", "151441.687500", "151447.235000", "151442.192500", "151447.737500", "151442.697500", "151448.242500", "151443.200000", "151448.747500", "151443.705000", "151449.250000", "151444.210000", "151449.755000", "151444.712500", "151450.260000", "151445.217500", "151450.762500", "151445.722500"],
      "ContentTime": ["151501.887000", "151501.856000", "151501.889000", "151501.859000", "151501.891000", "151501.861000", "151501.900000", "151501.863000", "151501.904000", "151501.871000", "151501.906000", "151501.873000", "151501.909000", "151501.876000", "151501.914000", "151501.878000", "151501.917000", "151501.882000", "151501.920000", "151501.884000"],
      "CsaImage.ICE_Dims": [
        "X_1_1_1_1_1_1_11_1_1_1_1_265",
        "X_1_1_1_1_1_1_1_1_1_2_1_265",
        "X_1_1_1_1_1_1_12_1_1_3_1_265",
        "X_1_1_1_1_1_1_2_1_1_4_1_265",
        "X_1_1_1_1_1_1_13_1_1_5_1_265",
        "X_1_1_1_1_1_1_3_1_1_6_1_265",
        "X_1_1_1_1_1_1_14_1_1_7_1_265",
        "X_1_1_1_1_1_1_4_1_1_8_1_265",
        "X_1_1_1_1_1_1_15_1_1_9_1_265",
        "X_1_1_1_1_1_1_5_1_1_10_1_265",
        "X_1_1_1_1_1_1_16_1_1_11_1_265",
        "X_1_1_1_1_1_1_6_1_1_12_1_265",
        "X_1_1_1_1_1_1_17_1_1_13_1_265",
        "X_1_1_1_1_1_1_7_1_1_14_1_265",
        "X_1_1_1_1_1_1_18_1_1_15_1_265",
        "X_1_1_1_1_1_1_8_1_1_16_1_265",
        "X_1_1_1_1_1_1_19_1_1_17_1_265",
        "X_1_1_1_1_1_1_9_1_1_18_1_265",
        "X_1_1_1_1_1_1_20_1_1_19_1_265",
        "X_1_1_1_1_1_1_10_1_1_20_1_265"
],
      "CsaImage.ProtocolSliceNumber": [0, 1, 2, 3, 4, 5, 6, 7, 8, 9, 10, 11, 12, 13, 14, 15, 16, 17, 18, 19],
      "CsaImage.SliceMeasurementDuration": [130.0, 127.5, 127.5, 130.0, 127.5, 127.5, 130.0, 127.5, 127.5, 130.0, 127.5, 127.5, 130.0, 127.5, 127.5, 130.0, 127.5, 127.5, 130.0, 127.5],
      "CsaImage.SlicePosition_PCS": [
        [-95.49686384, -114.60297264, -65.16708895],
        [-95.49686384, -114.35169662, -57.97147509],
        [-95.49686384, -114.1004206, -50.77586123],
        [-95.49686384, -113.84914459, -43.58024737],
        [-95.49686384, -113.59786857, -36.38463351],
        [-95.49686384, -113.34659065, -29.18901964],
        [-95.49686384, -113.09531463, -21.99340769],
        [-95.49686384, -112.84403861, -14.79779383],
        [-95.49686384, -112.5927626, -7.60217902],
        [-95.49686384, -112.34148658, -0.40656515],
        [-95.49686384, -112.09021057, 6.78904871],
        [-95.49686384, -111.8389336, 13.98466257],
        [-95.49686384, -111.58765663, 21.18027738],
        [-95.49686384, -111.33638061, 28.37589124],
        [-95.49686384, -111.08510459, 35.5715051],
        [-95.49686384, -110.83382762, 42.76711897],
        [-95.49686384, -110.58255161, 49.96273283],
        [-95.49686384, -110.33127464, 57.15834669],
        [-95.49686384, -110.07999862, 64.35396055],
        [-95.49686384, -109.8287226, 71.5495706]
],
      "CsaImage.TimeAfterStart": [5.04, 0.0, 5.545, 0.5025, 6.05, 1.0075, 6.5525, 1.5125, 7.0575, 2.015, 7.5625, 2.52, 8.065, 3.025, 8.57, 3.5275, 9.075, 4.0325, 9.5775, 4.5375],
      "ImagePositionPatient": [
        [-95.49686384201, -114.60297263524, -49.167088950325],
        [-95.49686384201, -114.35169661901, -41.971475089241],
        [-95.49686384201, -114.10042060277, -34.775861228157],
        [-95.49686384201, -113.84914458654, -27.580247367073],
        [-95.49686384201, -113.5978685703, -20.384633505989],
        [-95.49686384201, -113.34659064672, -13.189019644905],
        [-95.49686384201, -113.09531463048, -5.9934076911699],
        [-95.49686384201, -112.84403861425, 1.2022061699141],
        [-95.49686384201, -112.59276259801, 8.3978209846724],
        [-95.49686384201, -112.34148658178, 15.593434845756],
        [-95.49686384201, -112.09021056554, 22.78904870684],
        [-95.49686384201, -111.83893359563, 29.984662567924],
        [-95.49686384201, -111.58765662572, 37.180277382683],
        [-95.49686384201, -111.33638060949, 44.375891243767],
        [-95.49686384201, -111.08510459325, 51.571505104851],
        [-95.49686384201, -110.83382762334, 58.767118965935],
        [-95.49686384201, -110.5825516071, 65.962732827019],
        [-95.49686384201, -110.33127463719, 73.158346688103],
        [-95.49686384201, -110.07999862096, 80.353960549187],
        [-95.49686384201, -109.82872260472, 87.549570595573]
],
      "InstanceCreationTime": ["151501.887000", "151501.856000", "151501.889000", "151501.859000", "151501.891000", "151501.861000", "151501.900000", "151501.863000", "151501.904000", "151501.871000", "151501.906000", "151501.873000", "151501.909000", "151501.876000", "151501.914000", "151501.878000", "151501.917000", "151501.882000", "151501.920000", "151501.884000"],
      "InstanceNumber": [11, 1, 12, 2, 13, 3, 14, 4, 15, 5, 16, 6, 17, 7, 18, 8, 19, 9, 20, 10],
      "LargestImagePixelValue": [4014, 4054, 4077, 4093, 4095, 4095, 4095, 4094, 4095, 4090, 4077, 4086, 4070, 4095, 4095, 4095, 4095, 4073, 4035, 4069],
      "SliceLocation": [-53.136723944419, -45.93672405038, -38.736724156341, -31.536724262303, -24.336724368264, -17.13672440766, -9.9367264198074, -2.7367265257686, 4.4632743213636, 11.663274215402, 18.863274109441, 26.063274036763, 33.263274917178, 40.463274811217, 47.663274705255, 54.863274632577, 62.063274526616, 69.263274453937, 76.463274347976, 83.663270429641],
      "WindowCenter": [1680.0, 609.0, 1911.0, 1723.0, 1748.0, 1784.0, 1882.0, 1821.0, 1786.0, 1885.0, 1843.0, 1784.0, 1773.0, 1784.0, 1806.0, 1977.0, 1820.0, 1461.0, 997.0, 746.0],
      "WindowCenterWidthExplanation": [
        "Algo1",
        "WINDOW1",
        "Algo1",
        "Algo1",
        "Algo1",
        "Algo1",
        "Algo1",
        "Algo1",
        "Algo1",
        "Algo1",
        "Algo1",
        "Algo1",
        "Algo1",
        "Algo1",
        "Algo1",
        "Algo1",
        "Algo1",
        "Algo1",
        "Algo1",
        "Algo1"
],
      "WindowWidth": [3189.0, 1636.0, 3508.0, 3348.0, 3364.0, 3275.0, 3136.0, 2625.0, 2663.0, 2698.0, 2698.0, 2677.0, 3066.0, 3229.0, 3312.0, 3545.0, 3656.0, 3651.0, 3430.0, 3056.0]
    }
  }
}