{
  "AcquisitionMatrixPE": 223,
  "AcquisitionNumber": 1,
  "AcquisitionTime": "11:16:46.990000",
  "BaseResolution": 256,
  "BodyPartExamined": "BRAIN",
  "ConsistencyInfo": "N4_VE11C_LATEST_20160120",
  "ConversionSoftware": "dcm2niix",
  "ConversionSoftwareVersion": "v1.0.20190902",
  "DeviceSerialNumber": "167006",
  "DwellTime": 1.63e-05,
  "EchoTime": 0.02,
  "FlipAngle": 15,
  "ImageOrientationPatientDICOM": [1, 4.107e-12, -2.667e-12, -4.897e-12, 0.838671, -0.544639],
  "ImageType": [
    "ORIGINAL",
    "PRIMARY",
    "MNIP",
    "ND",
    "NORM"
],
  "ImagingFrequency": 123.259,
  "InPlanePhaseEncodingDirectionDICOM": "ROW",
  "InstitutionAddress": "Chemin_Queen-Mary_4565_Montreal_District_CA_H3W_1W5",
  "InstitutionName": "IUGM",
  "InstitutionalDepartmentName": "Department",
  "MRAcquisitionType": "3D",
  "MagneticFieldStrength": 3,
  "Manufacturer": "Siemens",
  "ManufacturersModelName": "Prisma_fit",
  "Modality": "MR",
  "ParallelReductionFactorInPlane": 2,
  "PartialFourier": 1,
  "PatientPosition": "HFS",
  "PercentPhaseFOV": 90.625,
  "PhaseEncodingSteps": 222,
  "PhaseResolution": 0.96,
  "PixelBandwidth": 120,
  "ProcedureStepDescription": "neuromod_generic",
  "ProtocolName": "t2_swi_tra_p2_1.5mm",
  "PulseSequenceDetails": "%SiemensSeq%_gre",
  "ReceiveCoilActiveElements": "HC1-7;NC1",
  "ReceiveCoilName": "HeadNeck_64",
  "ReconMatrixPE": 232,
  "RefLinesPE": 24,
  "RepetitionTime": 0.027,
  "SAR": 0.0124136,
  "ScanningSequence": "GR",
  "SequenceName": "_swi3d1r",
  "SequenceVariant": "SP_OSP",
  "SeriesDescription": "mIP_Images(SW)",
  "SeriesNumber": 28,
  "ShimSetting": [611, -7179, -8864, 355, -25, -183, 36, -35],
  "SliceThickness": 12,
  "SoftwareVersions": "syngo_MR_E11",
  "StationName": "MRC35049",
  "TxRefAmp": 249.697,
  "dcmmeta_affine": [
    [0.859375, -4.208359355439839e-12, 0.0, -99.33126068115234],
    [3.529453205391997e-12, 0.7207325100898743, -0.8169585466384888, -66.84725952148438],
    [2.291953085653553e-12, 0.46804916858673096, 1.2580058574676514, -103.33089447021484],
    [0.0, 0.0, 0.0, 1.0]
],
  "dcmmeta_reorient_transform": [
    [0.0, -1.0, 0.0, 255.0],
    [-1.0, 0.0, 0.0, 231.0],
    [0.0, 0.0, -1.0, 72.0],
    [0.0, 0.0, 0.0, 1.0]
],
  "dcmmeta_shape": [232, 256, 73],
  "dcmmeta_slice_dim": 2,
  "dcmmeta_version": 0.6,
  "global": {
    "const": {
      "AcquisitionMatrix": [0, 256, 223, 0],
      "AcquisitionNumber": 1,
      "AcquisitionTime": "111646.990000",
      "AngioFlag": "N",
      "BitsAllocated": 16,
      "BitsStored": 12,
      "BodyPartExamined": "BRAIN",
      "Columns": 232,
      "EchoNumbers": 1,
      "EchoTime": 20.0,
      "EchoTrainLength": 1,
      "FlipAngle": 15.0,
      "HighBit": 11,
      "ImageOrientationPatient": [1.0, 4.107e-12, -2.667e-12, -4.897e-12, 0.83867055833113, -0.5446390498197],
      "ImageType": [
        "ORIGINAL",
        "PRIMARY",
        "MNIP",
        "ND",
        "NORM"
],
      "ImagedNucleus": "1H",
      "ImagingFrequency": 123.259282,
      "InPlanePhaseEncodingDirection": "ROW",
      "MRAcquisitionType": "3D",
      "MagneticFieldStrength": 3.0,
      "Manufacturer": "SIEMENS",
      "ManufacturerModelName": "Prisma_fit",
      "Modality": "MR",
      "NumberOfAverages": 1.0,
      "NumberOfPhaseEncodingSteps": 222,
      "PercentPhaseFieldOfView": 90.625,
      "PercentSampling": 96.0,
      "PerformedProcedureStepStartTime": "102115.592000",
      "PhotometricInterpretation": "MONOCHROME2",
      "PixelBandwidth": 120.0,
      "PixelRepresentation": 0,
      "PixelSpacing": [0.859375, 0.859375],
      "ProtocolName": "t2_swi_tra_p2_1.5mm",
      "RepetitionTime": 27.0,
      "Rows": 256,
      "SAR": 0.01241361647118,
      "SamplesPerPixel": 1,
      "ScanningSequence": "GR",
      "SequenceName": "*swi3d1r",
      "SequenceVariant": [
        "SP",
        "OSP"
],
      "SeriesDescription": "mIP_Images(SW)",
      "SeriesNumber": 28,
      "SeriesTime": "112158.074000",
      "SliceThickness": 12.0,
      "SmallestImagePixelValue": 0,
      "SoftwareVersions": "syngo MR E11",
      "SpecificCharacterSet": "ISO_IR 100",
      "StudyID": "1",
      "StudyTime": "102115.299000",
      "TransmitCoilName": "Body",
      "VariableFlipAngleFlag": "N",
      "WindowCenterWidthExplanation": "Algo1",
      "dBdt": 0.0},
