{
  "AcquisitionMatrixPE": 256,
  "AcquisitionNumber": 1,
  "AcquisitionTime": "11:58:26.987500",
  "BaseResolution": 256,
  "BodyPartExamined": "CSPINE",
  "CoilCombinationMethod": "Adaptive Combine",
  "ConsistencyInfo": "N4_VE11C_LATEST_20160120",
  "ConversionSoftware": "dcm2niix",
  "ConversionSoftwareVersion": "v1.0.20220505",
  "DeviceSerialNumber": "167006",
  "DwellTime": 7.5e-06,
  "EchoTime": 0.00313,
  "FlipAngle": 15,
  "HeudiconvVersion": "0.5.3.post811+g6206e14",
  "ImageOrientationPatientDICOM": [0.99941, -0.00608953, 0.0338031, -2.53837e-08, 0.984158, 0.177294],
  "ImageOrientationText": "Tra>Cor(10.2)>Sag(2.0)",
  "ImageType": [
    "ORIGINAL",
    "PRIMARY",
    "M",
    "DIS2D"
],
  "ImagingFrequency": 123.259,
  "InPlanePhaseEncodingDirectionDICOM": "COL",
  "InstitutionAddress": "Chemin Queen-Mary 4565,Montreal,District,CA,H3W 1W5",
  "InstitutionName": "IUGM",
  "InstitutionalDepartmentName": "Department",
  "MRAcquisitionType": "3D",
  "MagneticFieldStrength": 3,
  "Manufacturer": "Siemens",
  "ManufacturersModelName": "Prisma_fit",
  "MatrixCoilMode": "GRAPPA",
  "Modality": "MR",
  "ParallelReductionFactorInPlane": 2,
  "PartialFourier": 1,
  "PatientPosition": "HFS",
  "PercentPhaseFOV": 100,
  "PercentSampling": 100,
  "PhaseEncodingSteps": 255,
  "PhaseResolution": 1,
  "PixelBandwidth": 260,
  "ProcedureStepDescription": "anat^generic",
  "ProtocolName": "GRE-T1w",
  "PulseSequenceDetails": "%SiemensSeq%\\gre",
  "ReceiveCoilActiveElements": "HC5-7;NC1,2",
  "ReceiveCoilName": "HeadNeck_64",
  "ReconMatrixPE": 256,
  "RefLinesPE": 32,
  "RepetitionTime": 0.015,
  "SAR": 0.048777,
  "ScanningSequence": "GR",
  "SequenceName": "*fl3d1",
  "SequenceVariant": "SP",
  "SeriesDescription": "GRE-T1w",
  "SeriesNumber": 38,
  "ShimSetting": [616, -7462, -9048, -845, -87, 1443, 676, 119],
  "SliceThickness": 5,
  "SoftwareVersions": "syngo MR E11",
  "StationName": "MRC35049",
  "TxRefAmp": 329.913,
  "dcmmeta_affine": [
    [0.8979073762893677, -2.2805695110150737e-08, 0.17173606157302856, -114.23301696777344],
    [-0.005471058655530214, 0.8842043876647949, 0.8859464526176453, -137.19126892089844],
    [-0.030369961634278297, -0.1592874825000763, 4.917886257171631, -125.97796630859375],
    [0.0, 0.0, 0.0, 1.0]
],
  "dcmmeta_reorient_transform": [
    [0.0, -1.0, 0.0, 255.0],
    [-1.0, 0.0, 0.0, 255.0],
    [0.0, 0.0, -1.0, 21.0],
    [0.0, 0.0, 0.0, 1.0]
],
  "dcmmeta_shape": [256, 256, 22],
  "dcmmeta_slice_dim": 2,
  "dcmmeta_version": 0.6,
  "global": {
    "const": {
      "AcquisitionMatrix": [256, 0, 0, 256],
      "AcquisitionNumber": 1,
      "AcquisitionTime": "115826.987500",
      "AngioFlag": "N",
      "BitsAllocated": 16,
      "BitsStored": 12,
      "BodyPartExamined": "CSPINE",
      "Columns": 256,
      "EchoNumbers": 1,
      "EchoTime": 3.13,
      "EchoTrainLength": 1,
      "FlipAngle": 15.0,
      "HighBit": 11,
      "ImageOrientationPatient": [0.99940996039791, -0.0060895263431, 0.0338030875271, -2.538373e-08, 0.98415795167524, 0.17729389767953],
      "ImageType": [
        "ORIGINAL",
        "PRIMARY",
        "M",
        "DIS2D"
],
      "ImagedNucleus": "1H",
      "ImagingFrequency": 123.258998,
      "InPlanePhaseEncodingDirection": "COL",
      "LargestImagePixelValue": 4095,
      "MRAcquisitionType": "3D",
      "MagneticFieldStrength": 3.0,
      "Manufacturer": "SIEMENS",
      "ManufacturerModelName": "Prisma_fit",
      "Modality": "MR",
      "NumberOfAverages": 1.0,
      "NumberOfPhaseEncodingSteps": 255,
      "PercentPhaseFieldOfView": 100.0,
      "PercentSampling": 100.0,
      "PerformedProcedureStepStartTime": "104033.347000",
      "PhotometricInterpretation": "MONOCHROME2",
      "PixelBandwidth": 260.0,
      "PixelRepresentation": 0,
      "PixelSpacing": [0.8984375, 0.8984375],
      "ProtocolName": "GRE-T1w",
      "RepetitionTime": 15.0,
      "Rows": 256,
      "SAR": 0.0487770012261,
      "SamplesPerPixel": 1,
      "ScanningSequence": "GR",
      "SequenceName": "*fl3d1",
      "SequenceVariant": "SP",
      "SeriesDescription": "GRE-T1w",
      "SeriesNumber": 38,
      "SeriesTime": "115927.033000",
      "SliceThickness": 5.0,
      "SmallestImagePixelValue": 0,
      "SoftwareVersions": "syngo MR E11",
      "SpecificCharacterSet": "ISO_IR 100",
      "StudyID": "1",
      "StudyTime": "104033.272000",
      "TransmitCoilName": "Body",
      "VariableFlipAngleFlag": "N",
      "WindowCenterWidthExplanation": "Algo1",
      "dBdt": 0.0},
    "slices": {
      "ContentTime": ["115927.036000", "115927.039000", "115927.048000", "115927.057000", "115927.059000", "115927.061000", "115927.063000", "115927.065000", "115927.067000", "115927.069000", "115927.071000", "115927.073000", "115927.079000", "115927.081000", "115927.088000", "115927.090000", "115927.092000", "115927.094000", "115927.096000", "115927.098000", "115927.100000", "115927.102000"],
      "CsaImage.Actual3DImaPartNumber": [0, 1, 2, 3, 4, 5, 6, 7, 8, 9, 10, 11, 12, 13, 14, 15, 16, 17, 18, 19, 20, 21],
      "CsaImage.ICE_Dims": [
        "X_1_1_1_1_1_1_1_1_1_1_1_99",
        "X_1_1_1_1_1_2_1_1_1_1_1_99",
        "X_1_1_1_1_1_3_1_1_1_1_1_99",
        "X_1_1_1_1_1_4_1_1_1_1_1_99",
        "X_1_1_1_1_1_5_1_1_1_1_1_99",
        "X_1_1_1_1_1_6_1_1_1_1_1_99",
        "X_1_1_1_1_1_7_1_1_1_1_1_99",
        "X_1_1_1_1_1_8_1_1_1_1_1_99",
        "X_1_1_1_1_1_9_1_1_1_1_1_99",
        "X_1_1_1_1_1_10_1_1_1_1_1_99",
        "X_1_1_1_1_1_11_1_1_1_1_1_99",
        "X_1_1_1_1_1_12_1_1_1_1_1_99",
        "X_1_1_1_1_1_13_1_1_1_1_1_99",
        "X_1_1_1_1_1_14_1_1_1_1_1_99",
        "X_1_1_1_1_1_15_1_1_1_1_1_99",
        "X_1_1_1_1_1_16_1_1_1_1_1_99",
        "X_1_1_1_1_1_17_1_1_1_1_1_99",
        "X_1_1_1_1_1_18_1_1_1_1_1_99",
        "X_1_1_1_1_1_19_1_1_1_1_1_99",
        "X_1_1_1_1_1_20_1_1_1_1_1_99",
        "X_1_1_1_1_1_21_1_1_1_1_1_99",
        "X_1_1_1_1_1_22_1_1_1_1_1_99"
],
      "CsaImage.SlicePosition_PCS": [
        [-114.73336012, -86.88573364, -76.34061602],
        [-114.90509619, -87.77168008, -71.42272972],
        [-115.07683226, -88.65762652, -66.50484343],
        [-115.24856832, -89.54357296, -61.58695713],
        [-115.42030439, -90.4295194, -56.66907083],
        [-115.59204045, -91.31546584, -51.75118453],
        [-115.76377652, -92.20141228, -46.83329824],
        [-115.93551259, -93.08735872, -41.91541194],
        [-116.10724865, -93.97330516, -36.99752564],
        [-116.27898472, -94.85925161, -32.07963935],
        [-116.45072079, -95.74519805, -27.16175305],
        [-116.62245685, -96.63114449, -22.24386675],
        [-116.79419292, -97.51709093, -17.32598046],
        [-116.96592898, -98.40303737, -12.40809416],
        [-117.13766505, -99.28898381, -7.49020786],
        [-117.30940112, -100.17493025, -2.57232157],
        [-117.48113718, -101.06087669, 2.34556473],
        [-117.65287325, -101.94682313, 7.26345103],
        [-117.82460932, -102.83276957, 12.18133732],
        [-117.99634538, -103.71871601, 17.09922362],
        [-118.16808145, -104.60466245, 22.01710992],
        [-118.33981751, -105.49060889, 26.93499621]
],
      "ImagePositionPatient": [
        [-114.73336012338, -86.885733639969, -174.34061601869],
        [-114.90509618959, -87.771680080553, -169.42272972191],
        [-115.0768322558, -88.657626521136, -164.50484342514],
        [-115.248568322, -89.54357296172, -159.58695712837],
        [-115.42030438821, -90.429519402304, -154.6690708316],
        [-115.59204045442, -91.315465842887, -149.75118453482],
        [-115.76377652062, -92.201412283471, -144.83329823805],
        [-115.93551258683, -93.087358724055, -139.91541194128],
        [-116.10724865304, -93.973305164638, -134.99752564451],
        [-116.27898471924, -94.859251605222, -130.07963934773],
        [-116.45072078545, -95.745198045806, -125.16175305096],
        [-116.62245685166, -96.631144486389, -120.24386675419],
        [-116.79419291786, -97.517090926973, -115.32598045742],
        [-116.96592898407, -98.403037367557, -110.40809416065],
        [-117.13766505028, -99.28898380814, -105.49020786387],
        [-117.30940111649, -100.17493024872, -100.5723215671],
        [-117.48113718269, -101.06087668931, -95.654435270328],
        [-117.6528732489, -101.94682312989, -90.736548973556],
        [-117.82460931511, -102.83276957048, -85.818662676784],
        [-117.99634538131, -103.71871601106, -80.900776380011],
        [-118.16808144752, -104.60466245164, -75.982890083239],
        [-118.33981751373, -105.49060889223, -71.065003786467]
],
      "InstanceCreationTime": ["115927.036000", "115927.039000", "115927.048000", "115927.057000", "115927.059000", "115927.061000", "115927.063000", "115927.065000", "115927.067000", "115927.069000", "115927.071000", "115927.073000", "115927.079000", "115927.081000", "115927.088000", "115927.090000", "115927.092000", "115927.094000", "115927.096000", "115927.098000", "115927.100000", "115927.102000"],
      "InstanceNumber": [22, 21, 20, 19, 18, 17, 16, 15, 14, 13, 12, 11, 10, 9, 8, 7, 6, 5, 4, 3, 2, 1],
      "SliceLocation": [-152.1414728206, -147.1414728206, -142.1414728206, -137.1414728206, -132.1414728206, -127.1414728206, -122.1414728206, -117.1414728206, -112.1414728206, -107.1414728206, -102.1414728206, -97.141472820604, -92.141472820604, -87.141472820604, -82.141472820604, -77.141472820604, -72.141472820604, -67.141472820604, -62.141472820604, -57.141472820604, -52.141472820604, -47.141472820604],
      "WindowCenter": [860.0, 897.0, 834.0, 855.0, 854.0, 782.0, 744.0, 725.0, 803.0, 822.0, 924.0, 961.0, 892.0, 959.0, 1067.0, 1120.0, 1146.0, 1137.0, 1212.0, 1353.0, 1508.0, 1091.0],
      "WindowWidth": [2661.0, 2854.0, 2990.0, 3020.0, 3005.0, 3072.0, 3118.0, 3119.0, 3168.0, 3258.0, 3415.0, 3567.0, 3713.0, 3768.0, 3783.0, 3815.0, 3860.0, 3979.0, 4022.0, 3989.0, 3420.0, 2463.0]
    }
  }
}