{
  "AcquisitionMatrixPE": 32,
  "AcquisitionNumber": 1,
  "AcquisitionTime": "16:11:19.605000",
  "BaseResolution": 32,
  "BodyPartExamined": "BRAIN",
  "CoilCombinationMethod": "Sum of Squares",
  "ConsistencyInfo": "N4_VE11C_LATEST_20160120",
  "ConversionSoftware": "dcm2niix",
  "ConversionSoftwareVersion": "v1.0.20220505",
  "DeviceSerialNumber": "167006",
  "DwellTime": 3.18e-05,
  "EchoTime": 0.00184,
  "FlipAngle": 8,
  "HeudiconvVersion": "0.5.3.post811+g6206e14",
  "ImageComments": "anatomical image",
  "ImageOrientationPatientDICOM": [0.999822, 0.00359637, 0.0184984, 9.08535e-09, 0.981621, -0.190843],
  "ImageOrientationText": "Tra>Cor(-11.0)>Sag(1.1)",
  "ImageType": [
    "ORIGINAL",
    "PRIMARY",
    "M",
    "DIS2D"
],
  "ImagingFrequency": 123.259,
  "InPlanePhaseEncodingDirectionDICOM": "COL",
  "InstitutionAddress": "Chemin Queen-Mary 4565,Montreal,District,CA,H3W 1W5",
  "InstitutionName": "IUGM",
  "InstitutionalDepartmentName": "Department",
  "MRAcquisitionType": "2D",
  "MagneticFieldStrength": 3,
  "Manufacturer": "Siemens",
  "ManufacturersModelName": "Prisma_fit",
  "MatrixCoilMode": "SENSE",
  "Modality": "MR",
  "PartialFourier": 1,
  "PatientPosition": "HFS",
  "PercentPhaseFOV": 100,
  "PercentSampling": 100,
  "PhaseEncodingDirection": "j-",
  "PhaseEncodingSteps": 32,
  "PhaseResolution": 1,
  "PixelBandwidth": 490,
  "ProcedureStepDescription": "anat^generic",
  "ProtocolName": "tfl_b1map_6mm",
  "PulseSequenceDetails": "%SiemensSeq%\\tfl_b1map",
  "ReceiveCoilActiveElements": "HC1-7;NC1",
  "ReceiveCoilName": "HeadNeck_64",
  "ReconMatrixPE": 32,
  "RepetitionTime": 10,
  "SAR": 0.00489169,
  "ScanningSequence": "GR",
  "SequenceName": "tfl2d1_512",
  "SequenceVariant": "SK\\SP",
  "SeriesDescription": "tfl_b1map_6mm",
  "SeriesNumber": 23,
  "ShimSetting": [615, -7274, -8880, 546, 102, -168, -35, 43],
  "SliceThickness": 6,
  "SliceTiming": [5.04688, 0, 5.54688, 0.5, 6.04688, 1.01562, 6.5625, 1.51562, 7.0625, 2.01562, 7.5625, 2.51562, 8.0625, 3.03125, 8.57812, 3.53125, 9.07812, 4.03125, 9.57812, 4.54688],
  "SoftwareVersions": "syngo MR E11",
  "SpacingBetweenSlices": 7.2,
  "SpoilingState": true,
  "StationName": "MRC35049",
  "TxRefAmp": 210.717,
  "dcmmeta_affine": [
    [-5.998934745788574, 5.451212459206545e-08, 0.1356821060180664, 95.95269012451172],
    [-0.021578244864940643, 5.889723777770996, -1.3738245964050293, -67.10867309570312],
    [0.11099027842283249, 1.1450573205947876, 7.066417694091797, -58.79560470581055],
    [0.0, 0.0, 0.0, 1.0]
],
  "dcmmeta_reorient_transform": [
    [0.0, -1.0, 0.0, 31.0],
    [1.0, 0.0, 0.0, 0.0],
    [0.0, 0.0, -1.0, 19.0],
    [0.0, 0.0, 0.0, 1.0]
],
  "dcmmeta_shape": [32, 32, 20],
  "dcmmeta_slice_dim": 2,
  "dcmmeta_version": 0.6,
  "global": {
    "const": {
      "AcquisitionMatrix": [32, 0, 0, 32],
      "AcquisitionNumber": 1,
      "AngioFlag": "N",
      "BitsAllocated": 16,
      "BitsStored": 12,
      "BodyPartExamined": "BRAIN",
      "Columns": 32,
      "EchoNumbers": 1,
      "EchoTime": 1.84,
      "EchoTrainLength": 1,
      "FlipAngle": 8.0,
      "HighBit": 11,
      "ImageOrientationPatient": [0.99982242226354, 0.00359637420808, 0.01849837916216, 9.085354e-09, 0.98162059508255, -0.1908428864532],
      "ImageType": [
        "ORIGINAL",
        "PRIMARY",
        "M",
        "DIS2D"
],
      "ImagedNucleus": "1H",
      "ImagingFrequency": 123.259271,
      "InPlanePhaseEncodingDirection": "COL",
      "MRAcquisitionType": "2D",
      "MagneticFieldStrength": 3.0,
      "Manufacturer": "SIEMENS",
      "ManufacturerModelName": "Prisma_fit",
      "Modality": "MR",
      "NumberOfAverages": 1.0,
      "NumberOfPhaseEncodingSteps": 32,
      "PercentPhaseFieldOfView": 100.0,
      "PercentSampling": 100.0,
      "PerformedProcedureStepStartTime": "153328.808000",
      "PhotometricInterpretation": "MONOCHROME2",
      "PixelBandwidth": 490.0,
      "PixelRepresentation": 0,
      "PixelSpacing": [6.0, 6.0],
      "ProtocolName": "tfl_b1map_6mm",
      "RepetitionTime": 10000.0,
      "Rows": 32,
      "SAR": 0.00489168793324,
      "SamplesPerPixel": 1,
      "ScanningSequence": "GR",
      "SequenceName": "tfl2d1_512",
      "SequenceVariant": [
        "SK",
        "SP"
],
      "SeriesDescription": "tfl_b1map_6mm",
      "SeriesNumber": 23,
      "SeriesTime": "161134.944000",
      "SliceThickness": 6.0,
      "SmallestImagePixelValue": 0,
      "SoftwareVersions": "syngo MR E11",
      "SpacingBetweenSlices": 7.2,
      "SpecificCharacterSet": "ISO_IR 100",
      "StudyID": "1",
      "StudyTime": "153328.653000",
      "TransmitCoilName": "Body",
      "VariableFlipAngleFlag": "N",
      "WindowCenterWidthExplanation": "Algo1",
      "dBdt": 0.0},
    "slices": {
      "AcquisitionTime": ["161119.605000", "161114.565000", "161120.110000", "161115.067500", "161120.615000", "161115.572500", "161121.117500", "161116.077500", "161121.622500", "161116.580000", "161122.127500", "161117.085000", "161122.630000", "161117.590000", "161123.135000", "161118.092500", "161123.640000", "161118.597500", "161124.142500", "161119.102500"],
      "ContentTime": ["161134.976000", "161134.947000", "161134.979000", "161134.949000", "161134.981000", "161134.951000", "161134.989000", "161134.953000", "161134.991000", "161134.955000", "161134.993000", "161134.957000", "161134.996000", "161134.959000", "161134.998000", "161134.961000", "161135.002000", "161134.962000", "161135.004000", "161134.967000"],
      "CsaImage.ICE_Dims": [
        "X_1_1_1_1_1_1_11_1_1_1_1_278",
        "X_1_1_1_1_1_1_1_1_1_2_1_278",
        "X_1_1_1_1_1_1_12_1_1_3_1_278",
        "X_1_1_1_1_1_1_2_1_1_4_1_278",
        "X_1_1_1_1_1_1_13_1_1_5_1_278",
        "X_1_1_1_1_1_1_3_1_1_6_1_278",
        "X_1_1_1_1_1_1_14_1_1_7_1_278",
        "X_1_1_1_1_1_1_4_1_1_8_1_278",
        "X_1_1_1_1_1_1_15_1_1_9_1_278",
        "X_1_1_1_1_1_1_5_1_1_10_1_278",
        "X_1_1_1_1_1_1_16_1_1_11_1_278",
        "X_1_1_1_1_1_1_6_1_1_12_1_278",
        "X_1_1_1_1_1_1_17_1_1_13_1_278",
        "X_1_1_1_1_1_1_7_1_1_14_1_278",
        "X_1_1_1_1_1_1_18_1_1_15_1_278",
        "X_1_1_1_1_1_1_8_1_1_16_1_278",
        "X_1_1_1_1_1_1_19_1_1_17_1_278",
        "X_1_1_1_1_1_1_9_1_1_18_1_278",
        "X_1_1_1_1_1_1_20_1_1_19_1_278",
        "X_1_1_1_1_1_1_10_1_1_20_1_278"
],
      "CsaImage.ProtocolSliceNumber": [0, 1, 2, 3, 4, 5, 6, 7, 8, 9, 10, 11, 12, 13, 14, 15, 16, 17, 18, 19],
      "CsaImage.SliceMeasurementDuration": [130.0, 127.5, 127.5, 130.0, 127.5, 127.5, 130.0, 127.5, 127.5, 130.0, 127.5, 127.5, 130.0, 127.5, 127.5, 130.0, 127.5, 127.5, 130.0, 127.5],
      "CsaImage.SlicePosition_PCS": [
        [-95.95269246, -115.47275868, -50.29874596],
        [-96.08837453, -114.09893361, -43.23233209],
        [-96.2240566, -112.72510853, -36.16591821],
        [-96.35973866, -111.35128346, -29.09950433],
        [-96.49542073, -109.97745839, -22.03309045],
        [-96.63110278, -108.60363427, -14.96667847],
        [-96.76678483, -107.22980919, -7.9002646],
        [-96.90246693, -105.85598412, -0.83385262],
        [-97.03814898, -104.48216, 6.23256126],
        [-97.17383109, -103.10833493, 13.2989749],
        [-97.30951307, -101.73451033, 20.36538806],
        [-97.44519518, -100.36068526, 27.43180099],
        [-97.58087728, -98.98686066, 34.49821487],
        [-97.71655927, -97.61303606, 41.56462684],
        [-97.85224138, -96.23921123, 48.63104072],
        [-97.98792348, -94.86538642, 55.6974546],
        [-98.12360559, -93.49156168, 62.76386848],
        [-98.2592877, -92.11773696, 69.83028236],
        [-98.39496956, -90.74391213, 76.89669242],
        [-98.53065167, -89.37008753, 83.96311011]
],
      "CsaImage.TimeAfterStart": [5.04, 0.0, 5.545, 0.5025, 6.05, 1.0075, 6.5525, 1.5125, 7.0575, 2.015, 7.5625, 2.52, 8.065, 3.025, 8.57, 3.5275, 9.075, 4.0325, 9.5775, 4.5375],
      "ImagePositionPatient": [
        [-95.952692464755, -115.47275867836, -23.298745964612],
        [-96.088374527932, -114.09893360512, -16.232332085217],
        [-96.224056596697, -112.72510853188, -9.1659182058228],
        [-96.359738658012, -111.35128345864, -2.0995043264283],
        [-96.495420734228, -109.9774583854, 4.9669095529662],
        [-96.631102780641, -108.60363426583, 12.033321525012],
        [-96.766784827054, -107.22980919259, 19.099735404407],
        [-96.902466933072, -105.85598411934, 26.166147376453],
        [-97.038148979486, -104.48215999978, 33.232561255847],
        [-97.173831085504, -103.10833492653, 40.298974896823],
        [-97.309513072313, -101.73451033013, 47.365388060962],
        [-97.445195178331, -100.36068525689, 54.431800986682],
        [-97.580877284349, -98.986860660482, 61.498214866077],
        [-97.716559271158, -97.613036064077, 68.564626838122],
        [-97.852241377176, -96.239211229253, 75.631040717517],
        [-97.987923483194, -94.865386424232, 82.697454596912],
        [-98.123605589212, -93.491561678815, 89.763868476306],
        [-98.25928769523, -92.117736963201, 96.830282355701],
        [-98.394969562829, -90.743912128377, 103.8966924204],
        [-98.530651668847, -89.370087531972, 110.96311011449]
],
      "InstanceCreationTime": ["161134.976000", "161134.947000", "161134.979000", "161134.949000", "161134.981000", "161134.951000", "161134.989000", "161134.953000", "161134.991000", "161134.955000", "161134.993000", "161134.957000", "161134.996000", "161134.959000", "161134.998000", "161134.961000", "161135.002000", "161134.962000", "161135.004000", "161134.967000"],
      "InstanceNumber": [11, 1, 12, 2, 13, 3, 14, 4, 15, 5, 16, 6, 17, 7, 18, 8, 19, 9, 20, 10],
      "LargestImagePixelValue": [4095, 3976, 4095, 4095, 4089, 4095, 4095, 4079, 4078, 4078, 4089, 4094, 4095, 4095, 4095, 4095, 4095, 4095, 4095, 4030],
      "SliceLocation": [-43.091506053059, -35.891505353821, -28.691504654477, -21.491503955273, -14.291503255789, -7.0915046107962, 0.10849608812651, 7.3084949162122, 14.508495433165, 21.708495899216, 28.908495804046, 36.108495568112, 43.308496177173, 50.508494912027, 57.708495566581, 64.908496215448, 72.108496852942, 79.308497484749, 86.508494390889, 93.708498743871],
      "WindowCenter": [1411.0, 1703.0, 1470.0, 1606.0, 1718.0, 2020.0, 1891.0, 1792.0, 1672.0, 1623.0, 1664.0, 1715.0, 1801.0, 1849.0, 1830.0, 1779.0, 1739.0, 1437.0, 939.0, 820.0],
      "WindowWidth": [2984.0, 3357.0, 3160.0, 3261.0, 3229.0, 3228.0, 2698.0, 2648.0, 2554.0, 2821.0, 2915.0, 2944.0, 3122.0, 3263.0, 3319.0, 3316.0, 3365.0, 3403.0, 3605.0, 3283.0]
    }
  }
}