{
  "AcquisitionMatrixPE": 256,
  "AcquisitionNumber": 1,
  "AcquisitionTime": "18:48:25.975000",
  "BaseResolution": 256,
  "BodyPartExamined": "CSPINE",
  "CoilCombinationMethod": "Adaptive Combine",
  "ConsistencyInfo": "N4_VE11C_LATEST_20160120",
  "ConversionSoftware": "dcm2niix",
  "ConversionSoftwareVersion": "v1.0.20211006",
  "DeviceSerialNumber": "167006",
  "DwellTime": 7.5e-06,
  "EchoTime": 0.00313,
  "FlipAngle": 9,
  "HeudiconvVersion": "0.5.3.post569+g418601f",
  "ImageOrientationPatientDICOM": [0.996198, -0.0279125, 0.0825271, -5.79311e-10, 0.947285, 0.320393],
  "ImageOrientationText": "Tra>Cor(18.7)>Sag(5.0)",
  "ImageType": [
    "ORIGINAL",
    "PRIMARY",
    "M",
    "DIS2D"
],
  "ImagingFrequency": 123.259,
  "InPlanePhaseEncodingDirectionDICOM": "COL",
  "InstitutionAddress": "Chemin Queen-Mary 4565,Montreal,District,CA,H3W 1W5",
  "InstitutionName": "IUGM",
  "InstitutionalDepartmentName": "Department",
  "MRAcquisitionType": "3D",
  "MagneticFieldStrength": 3,
  "Manufacturer": "Siemens",
  "ManufacturersModelName": "Prisma_fit",
  "MatrixCoilMode": "GRAPPA",
  "Modality": "MR",
  "ParallelReductionFactorInPlane": 2,
  "PartialFourier": 1,
  "PatientPosition": "HFS",
  "PercentPhaseFOV": 100,
  "PercentSampling": 100,
  "PhaseEncodingSteps": 255,
  "PhaseResolution": 1,
  "PixelBandwidth": 260,
  "ProcedureStepDescription": "anat^generic",
  "ProtocolName": "GRE-MT0",
  "PulseSequenceDetails": "%SiemensSeq%\\gre",
  "ReceiveCoilActiveElements": "HC5-7;NC1,2",
  "ReceiveCoilName": "HeadNeck_64",
  "ReconMatrixPE": 256,
  "RefLinesPE": 32,
  "RepetitionTime": 0.035,
  "SAR": 0.00526019,
  "ScanningSequence": "GR",
  "SequenceName": "*fl3d1",
  "SequenceVariant": "SP",
  "SeriesDescription": "GRE-MT0",
  "SeriesNumber": 37,
  "ShimSetting": [612, -7356, -9010, -496, -179, 2534, -137, 340],
  "SliceThickness": 5,
  "SoftwareVersions": "syngo MR E11",
  "StationName": "MRC35049",
  "TxRefAmp": 252.299,
  "dcmmeta_affine": [
    [0.8950214982032776, -5.204747188791714e-10, 0.4355980455875397, -117.60240936279297],
    [-0.02507767453789711, 0.8510760068893433, 1.5958757400512695, -142.3461151123047],
    [-0.07414541393518448, -0.2878533899784088, 4.718414306640625, -99.91455841064453],
    [0.0, 0.0, 0.0, 1.0]
],
  "dcmmeta_reorient_transform": [
    [0.0, -1.0, 0.0, 255.0],
    [-1.0, 0.0, 0.0, 255.0],
    [0.0, 0.0, -1.0, 21.0],
    [0.0, 0.0, 0.0, 1.0]
],
  "dcmmeta_shape": [256, 256, 22],
  "dcmmeta_slice_dim": 2,
  "dcmmeta_version": 0.6,
  "global": {
    "const": {
      "AcquisitionMatrix": [256, 0, 0, 256],
      "AcquisitionNumber": 1,
      "AcquisitionTime": "184825.975000",
      "AngioFlag": "N",
      "BitsAllocated": 16,
      "BitsStored": 12,
      "BodyPartExamined": "CSPINE",
      "Columns": 256,
      "EchoNumbers": 1,
      "EchoTime": 3.13,
      "EchoTrainLength": 1,
      "FlipAngle": 9.0,
      "HighBit": 11,
      "ImageOrientationPatient": [0.99619785849733, -0.0279125418545, 0.08252706666643, -5.79311e-10, 0.94728460062928, 0.32039332922306],
      "ImageType": [
        "ORIGINAL",
        "PRIMARY",
        "M",
        "DIS2D"
],
      "ImagedNucleus": "1H",
      "ImagingFrequency": 123.258634,
      "InPlanePhaseEncodingDirection": "COL",
      "MRAcquisitionType": "3D",
      "MagneticFieldStrength": 3.0,
      "Manufacturer": "SIEMENS",
      "ManufacturerModelName": "Prisma_fit",
      "Modality": "MR",
      "NumberOfAverages": 1.0,
      "NumberOfPhaseEncodingSteps": 255,
      "PercentPhaseFieldOfView": 100.0,
      "PercentSampling": 100.0,
      "PerformedProcedureStepStartTime": "174008.912000",
      "PhotometricInterpretation": "MONOCHROME2",
      "PixelBandwidth": 260.0,
      "PixelRepresentation": 0,
      "PixelSpacing": [0.8984375, 0.8984375],
      "ProtocolName": "GRE-MT0",
      "RepetitionTime": 35.0,
      "Rows": 256,
      "SAR": 0.00526019191455,
      "SamplesPerPixel": 1,
      "ScanningSequence": "GR",
      "SequenceName": "*fl3d1",
      "SequenceVariant": "SP",
      "SeriesDescription": "GRE-MT0",
      "SeriesNumber": 37,
      "SeriesTime": "185040.437000",
      "SliceThickness": 5.0,
      "SmallestImagePixelValue": 0,
      "SoftwareVersions": "syngo MR E11",
      "SpecificCharacterSet": "ISO_IR 100",
      "StudyID": "1",
      "StudyTime": "174008.845000",
      "TransmitCoilName": "Body",
      "VariableFlipAngleFlag": "N",
      "WindowCenterWidthExplanation": "Algo1",
      "dBdt": 0.0},
    "slices": {
      "ContentTime": ["185040.440000", "185040.443000", "185040.445000", "185040.448000", "185040.450000", "185040.452000", "185040.454000", "185040.456000", "185040.458000", "185040.460000", "185040.462000", "185040.468000", "185040.470000", "185040.472000", "185040.474000", "185040.476000", "185040.478000", "185040.484000", "185040.486000", "185040.488000", "185040.490000", "185040.492000"],
      "CsaImage.Actual3DImaPartNumber": [0, 1, 2, 3, 4, 5, 6, 7, 8, 9, 10, 11, 12, 13, 14, 15, 16, 17, 18, 19, 20, 21],
      "CsaImage.ICE_Dims": [
        "X_1_1_1_1_1_1_1_1_1_1_1_205",
        "X_1_1_1_1_1_2_1_1_1_1_1_205",
        "X_1_1_1_1_1_3_1_1_1_1_1_205",
        "X_1_1_1_1_1_4_1_1_1_1_1_205",
        "X_1_1_1_1_1_5_1_1_1_1_1_205",
        "X_1_1_1_1_1_6_1_1_1_1_1_205",
        "X_1_1_1_1_1_7_1_1_1_1_1_205",
        "X_1_1_1_1_1_8_1_1_1_1_1_205",
        "X_1_1_1_1_1_9_1_1_1_1_1_205",
        "X_1_1_1_1_1_10_1_1_1_1_1_205",
        "X_1_1_1_1_1_11_1_1_1_1_1_205",
        "X_1_1_1_1_1_12_1_1_1_1_1_205",
        "X_1_1_1_1_1_13_1_1_1_1_1_205",
        "X_1_1_1_1_1_14_1_1_1_1_1_205",
        "X_1_1_1_1_1_15_1_1_1_1_1_205",
        "X_1_1_1_1_1_16_1_1_1_1_1_205",
        "X_1_1_1_1_1_17_1_1_1_1_1_205",
        "X_1_1_1_1_1_18_1_1_1_1_1_205",
        "X_1_1_1_1_1_19_1_1_1_1_1_205",
        "X_1_1_1_1_1_20_1_1_1_1_1_205",
        "X_1_1_1_1_1_21_1_1_1_1_1_205",
        "X_1_1_1_1_1_22_1_1_1_1_1_205"
],
      "CsaImage.SlicePosition_PCS": [
        [-110.62807627, -68.28345604, -96.22425095],
        [-111.06367433, -69.87933178, -91.5058365],
        [-111.49927239, -71.47520753, -86.78742205],
        [-111.93487045, -73.07108327, -82.06900759],
        [-112.3704685, -74.66695901, -77.35059314],
        [-112.80606656, -76.26283475, -72.63217869],
        [-113.24166462, -77.8587105, -67.91376424],
        [-113.67726268, -79.45458624, -63.19534978],
        [-114.11286074, -81.05046198, -58.47693533],
        [-114.54845879, -82.64633772, -53.75852088],
        [-114.98405685, -84.24221347, -49.04010643],
        [-115.41965491, -85.83808921, -44.32169197],
        [-115.85525297, -87.43396495, -39.60327752],
        [-116.29085103, -89.02984069, -34.88486307],
        [-116.72644908, -90.62571644, -30.16644862],
        [-117.16204714, -92.22159218, -25.44803416],
        [-117.5976452, -93.81746792, -20.72961971],
        [-118.03324326, -95.41334366, -16.01120526],
        [-118.46884132, -97.00921941, -11.29279081],
        [-118.90443937, -98.60509515, -6.57437635],
        [-119.34003743, -100.20097089, -1.8559619],
        [-119.77563549, -101.79684663, 2.86245255]
],
      "ImagePositionPatient": [
        [-110.62807627211, -68.283456041276, -192.22425095229],
        [-111.06367433011, -69.879331783759, -187.5058364997],
        [-111.49927238811, -71.475207526243, -182.78742204711],
        [-111.93487044611, -73.071083268726, -178.06900759451],
        [-112.37046850411, -74.666959011209, -173.35059314192],
        [-112.80606656211, -76.262834753692, -168.63217868933],
        [-113.24166462011, -77.858710496176, -163.91376423674],
        [-113.67726267811, -79.454586238659, -159.19534978415],
        [-114.11286073611, -81.050461981142, -154.47693533156],
        [-114.54845879411, -82.646337723625, -149.75852087897],
        [-114.98405685211, -84.242213466108, -145.04010642638],
        [-115.41965491011, -85.838089208592, -140.32169197379],
        [-115.85525296811, -87.433964951075, -135.60327752119],
        [-116.29085102611, -89.029840693558, -130.8848630686],
        [-116.72644908411, -90.625716436041, -126.16644861601],
        [-117.16204714211, -92.221592178525, -121.44803416342],
        [-117.59764520011, -93.817467921008, -116.72961971083],
        [-118.03324325811, -95.413343663491, -112.01120525824],
        [-118.46884131611, -97.009219405974, -107.29279080565],
        [-118.90443937411, -98.605095148458, -102.57437635306],
        [-119.34003743211, -100.20097089094, -97.855961900466],
        [-119.77563549011, -101.79684663342, -93.137547447875]
],
      "InstanceCreationTime": ["185040.440000", "185040.443000", "185040.445000", "185040.448000", "185040.450000", "185040.452000", "185040.454000", "185040.456000", "185040.458000", "185040.460000", "185040.462000", "185040.468000", "185040.470000", "185040.472000", "185040.474000", "185040.476000", "185040.478000", "185040.484000", "185040.486000", "185040.488000", "185040.490000", "185040.492000"],
      "InstanceNumber": [22, 21, 20, 19, 18, 17, 16, 15, 14, 13, 12, 11, 10, 9, 8, 7, 6, 5, 4, 3, 2, 1],
      "LargestImagePixelValue": [4095, 4095, 4095, 4095, 4095, 4095, 4095, 4095, 4095, 4095, 4095, 4095, 4095, 4095, 4095, 4095, 4095, 4095, 4095, 4095, 4095, 3313],
      "SliceLocation": [-149.96647950763, -144.96647950763, -139.96647950763, -134.96647950763, -129.96647950763, -124.96647950763, -119.96647950763, -114.96647950763, -109.96647950763, -104.96647950763, -99.966479507628, -94.966479507628, -89.966479507628, -84.966479507628, -79.966479507628, -74.966479507628, -69.966479507628, -64.966479507628, -59.966479507628, -54.966479507628, -49.966479507628, -44.966479507628],
      "WindowCenter": [928.0, 502.0, 1.0, 120.0, 104.0, 1.0, 1.0, 1.0, 1.0, 1.0, 1.0, 1.0, 1.0, 149.0, 330.0, 398.0, 454.0, 532.0, 821.0, 1117.0, 1014.0, 676.0],
      "WindowWidth": [2906.0, 3597.0, 3805.0, 3534.0, 3360.0, 3372.0, 3420.0, 3499.0, 3585.0, 3602.0, 3610.0, 3653.0, 3704.0, 3750.0, 3855.0, 3985.0, 4095.0, 4095.0, 3977.0, 3426.0, 2480.0, 1530.0]
    }
  }
}