{
  "AcquisitionMatrixPE": 32,
  "AcquisitionNumber": 1,
  "AcquisitionTime": "15:57:2.657500",
  "BaseResolution": 32,
  "BodyPartExamined": "BRAIN",
  "CoilCombinationMethod": "Sum of Squares",
  "ConsistencyInfo": "N4_VE11C_LATEST_20160120",
  "ConversionSoftware": "dcm2niix",
  "ConversionSoftwareVersion": "v1.0.20211006",
  "DeviceSerialNumber": "167006",
  "DwellTime": 3.18e-05,
  "EchoTime": 0.00184,
  "FlipAngle": 79.99,
  "HeudiconvVersion": "0.5.3.post569+g418601f",
  "ImageComments": "flip angle map",
  "ImageOrientationPatientDICOM": [1, 0, 0, 0, 0.939693, -0.34202],
  "ImageOrientationText": "Tra>Cor(-20.0)",
  "ImageType": [
    "ORIGINAL",
    "PRIMARY",
    "FLIP ANGLE MAP",
    "DIS2D"
],
  "ImagingFrequency": 123.259,
  "InPlanePhaseEncodingDirectionDICOM": "COL",
  "InstitutionAddress": "Chemin Queen-Mary 4565,Montreal,District,CA,H3W 1W5",
  "InstitutionName": "IUGM",
  "InstitutionalDepartmentName": "Department",
  "MRAcquisitionType": "2D",
  "MagneticFieldStrength": 3,
  "Manufacturer": "Siemens",
  "ManufacturersModelName": "Prisma_fit",
  "MatrixCoilMode": "SENSE",
  "Modality": "MR",
  "PartialFourier": 1,
  "PatientPosition": "HFS",
  "PercentPhaseFOV": 100,
  "PercentSampling": 100,
  "PhaseEncodingDirection": "j-",
  "PhaseEncodingSteps": 32,
  "PhaseResolution": 1,
  "PixelBandwidth": 490,
  "ProcedureStepDescription": "anat^generic",
  "ProtocolName": "tfl_b1map_6mm",
  "PulseSequenceDetails": "%SiemensSeq%\\tfl_b1map",
  "ReceiveCoilActiveElements": "HC1-7;NC1",
  "ReceiveCoilName": "HeadNeck_64",
  "ReconMatrixPE": 32,
  "RepetitionTime": 10,
  "SAR": 0.00421627,
  "ScanningSequence": "GR",
  "SequenceName": "tfl2d1_512",
  "SequenceVariant": "SK\\SP",
  "SeriesDescription": "tfl_b1map_6mm",
  "SeriesNumber": 21,
  "ShimSetting": [630, -7236, -8925, 564, 6, -283, -68, -27],
  "SliceThickness": 6,
  "SliceTiming": [5.04688, 0, 5.54688, 0.51562, 6.0625, 1.01562, 6.5625, 1.51562, 7.0625, 2.01562, 7.5625, 2.53125, 8.07812, 3.03125, 8.57812, 3.53125, 9.07812, 4.03125, 9.57812, 4.54688],
  "SoftwareVersions": "syngo MR E11",
  "SpacingBetweenSlices": 7.2,
  "SpoilingState": true,
  "StationName": "MRC35049",
  "TxRefAmp": 220.914,
  "dcmmeta_affine": [
    [-6.0, 0.0, 0.0, 97.30409240722656],
    [0.0, 5.638155937194824, -2.462545394897461, -54.54237747192383],
    [0.0, 2.0521209239959717, 6.765789031982422, -77.40870666503906],
    [0.0, 0.0, 0.0, 1.0]
],
  "dcmmeta_reorient_transform": [
    [0.0, -1.0, 0.0, 31.0],
    [1.0, 0.0, 0.0, 0.0],
    [0.0, 0.0, -1.0, 19.0],
    [0.0, 0.0, 0.0, 1.0]
],
  "dcmmeta_shape": [32, 32, 20],
  "dcmmeta_slice_dim": 2,
  "dcmmeta_version": 0.6,
  "global": {
    "const": {
      "AcquisitionMatrix": [32, 0, 0, 32],
      "AcquisitionNumber": 1,
      "AngioFlag": "N",
      "BitsAllocated": 16,
      "BitsStored": 12,
      "BodyPartExamined": "BRAIN",
      "Columns": 32,
      "EchoNumbers": 1,
      "EchoTime": 1.84,
      "EchoTrainLength": 1,
      "FlipAngle": 79.99,
      "HighBit": 11,
      "ImageOrientationPatient": [1.0, 0.0, 0.0, 0.0, 0.93969261856831, -0.3420201494185],
      "ImageType": [
        "ORIGINAL",
        "PRIMARY",
        "FLIP ANGLE MAP",
        "DIS2D"
],
      "ImagedNucleus": "1H",
      "ImagingFrequency": 123.259019,
      "InPlanePhaseEncodingDirection": "COL",
      "MRAcquisitionType": "2D",
      "MagneticFieldStrength": 3.0,
      "Manufacturer": "SIEMENS",
      "ManufacturerModelName": "Prisma_fit",
      "Modality": "MR",
      "NumberOfAverages": 1.0,
      "NumberOfPhaseEncodingSteps": 32,
      "PercentPhaseFieldOfView": 100.0,
      "PercentSampling": 100.0,
      "PerformedProcedureStepStartTime": "145508.201000",
      "PhotometricInterpretation": "MONOCHROME2",
      "PixelBandwidth": 490.0,
      "PixelRepresentation": 0,
      "PixelSpacing": [6.0, 6.0],
      "ProtocolName": "tfl_b1map_6mm",
      "RepetitionTime": 10000.0,
      "Rows": 32,
      "SAR": 0.00421626552181,
      "SamplesPerPixel": 1,
      "ScanningSequence": "GR",
      "SequenceName": "tfl2d1_512",
      "SequenceVariant": [
        "SK",
        "SP"
],
      "SeriesDescription": "tfl_b1map_6mm",
      "SeriesNumber": 21,
      "SeriesTime": "155708.810000",
      "SliceThickness": 6.0,
      "SmallestImagePixelValue": 0,
      "SoftwareVersions": "syngo MR E11",
      "SpacingBetweenSlices": 7.2,
      "SpecificCharacterSet": "ISO_IR 100",
      "StudyID": "1",
      "StudyTime": "145508.122000",
      "TransmitCoilName": "Body",
      "VariableFlipAngleFlag": "N",
      "WindowCenterWidthExplanation": "Algo1",
      "dBdt": 0.0},
    "slices": {
      "AcquisitionTime": ["155702.657500", "155657.615000", "155703.162500", "155658.120000", "155703.665000", "155658.622500", "155704.170000", "155659.127500", "155704.675000", "155659.632500", "155705.177500", "155700.135000", "155705.682500", "155700.640000", "155706.187500", "155701.145000", "155706.690000", "155701.647500", "155707.195000", "155702.152500"],
      "ContentTime": ["155708.833000", "155708.813000", "155708.835000", "155708.815000", "155708.837000", "155708.817000", "155708.838000", "155708.819000", "155708.840000", "155708.821000", "155708.842000", "155708.823000", "155708.844000", "155708.825000", "155708.846000", "155708.827000", "155708.848000", "155708.829000", "155708.850000", "155708.831000"],
      "CsaImage.ICE_Dims": [
        "X_1_1_2_1_1_1_11_1_1_1_1_129",
        "X_1_1_2_1_1_1_1_1_1_2_1_129",
        "X_1_1_2_1_1_1_12_1_1_3_1_129",
        "X_1_1_2_1_1_1_2_1_1_4_1_129",
        "X_1_1_2_1_1_1_13_1_1_5_1_129",
        "X_1_1_2_1_1_1_3_1_1_6_1_129",
        "X_1_1_2_1_1_1_14_1_1_7_1_129",
        "X_1_1_2_1_1_1_4_1_1_8_1_129",
        "X_1_1_2_1_1_1_15_1_1_9_1_129",
        "X_1_1_2_1_1_1_5_1_1_10_1_129",
        "X_1_1_2_1_1_1_16_1_1_11_1_129",
        "X_1_1_2_1_1_1_6_1_1_12_1_129",
        "X_1_1_2_1_1_1_17_1_1_13_1_129",
        "X_1_1_2_1_1_1_7_1_1_14_1_129",
        "X_1_1_2_1_1_1_18_1_1_15_1_129",
        "X_1_1_2_1_1_1_8_1_1_16_1_129",
        "X_1_1_2_1_1_1_19_1_1_17_1_129",
        "X_1_1_2_1_1_1_9_1_1_18_1_129",
        "X_1_1_2_1_1_1_20_1_1_19_1_129",
        "X_1_1_2_1_1_1_10_1_1_20_1_129"
],
      "CsaImage.ProtocolSliceNumber": [0, 1, 2, 3, 4, 5, 6, 7, 8, 9, 10, 11, 12, 13, 14, 15, 16, 17, 18, 19],
      "CsaImage.SliceMeasurementDuration": [127.5, 127.5, 127.5, 127.5, 130.0, 130.0, 127.5, 127.5, 127.5, 127.5, 130.0, 130.0, 127.5, 127.5, 127.5, 127.5, 130.0, 130.0, 127.5, 127.5],
      "CsaImage.SlicePosition_PCS": [
        [-97.30409276, -120.24044439, -31.7929196],
        [-97.30409276, -117.77789899, -25.02713438],
        [-97.30409276, -115.3153536, -18.26134916],
        [-97.30409276, -112.8528082, -11.49556013],
        [-97.30409276, -110.39026281, -4.72977491],
        [-97.30409276, -107.92771741, 2.03601221],
        [-97.30409276, -105.46517297, 8.80179933],
        [-97.30409276, -103.00262853, 15.56758646],
        [-97.30409276, -100.54008313, 22.33337263],
        [-97.30409276, -98.07753822, 29.09915975],
        [-97.30409276, -95.6149933, 35.86494664],
        [-97.30409276, -93.15244814, 42.630734],
        [-97.30409276, -90.6899031, 49.39652017],
        [-97.30409276, -88.22735807, 56.1623073],
        [-97.30409276, -85.76481315, 62.92809442],
        [-97.30409276, -83.30226823, 69.69388155],
        [-97.30409276, -80.83972284, 76.45966677],
        [-97.30409276, -78.37717839, 83.2254558],
        [-97.30409276, -75.914633, 89.99124102],
        [-97.30409276, -73.4520876, 96.75703005]
],
      "CsaImage.TimeAfterStart": [15.1275, 10.085, 15.6325, 10.59, 16.135, 11.0925, 16.64, 11.5975, 17.145, 12.1025, 17.6475, 12.605, 18.1525, 13.11, 18.6575, 13.615, 19.16, 14.1175, 19.665, 14.6225],
      "ImagePositionPatient": [
        [-97.304092764854, -120.24044438549, -13.792919598698],
        [-97.304092764854, -117.77789899059, -7.0271343814128],
        [-97.304092764854, -115.31535359569, -0.2613491641277],
        [-97.304092764854, -112.8528082008, 6.5044398678548],
        [-97.304092764854, -110.3902628059, 13.27022508514],
        [-97.304092764854, -107.927717411, 20.036012209774],
        [-97.304092764854, -105.46517296978, 26.801799334407],
        [-97.304092764854, -103.00262852855, 33.567586459041],
        [-97.304092764854, -100.54008313366, 40.333372630001],
        [-97.304092764854, -98.077538215596, 47.099159754635],
        [-97.304092764854, -95.614993297536, 53.86494664085],
        [-97.304092764854, -93.152448141057, 60.630734003902],
        [-97.304092764854, -90.689903103787, 67.396520174862],
        [-97.304092764854, -88.227358066518, 74.162307299495],
        [-97.304092764854, -85.764813148457, 80.928094424129],
        [-97.304092764854, -83.302268230397, 87.693881548763],
        [-97.304092764854, -80.8397228355, 94.459666766048],
        [-97.304092764854, -78.377178394277, 101.22545579803],
        [-97.304092764854, -75.914632999379, 107.99124101532],
        [-97.304092764854, -73.452087604482, 114.7570300473]
],
      "InstanceCreationTime": ["155708.833000", "155708.813000", "155708.835000", "155708.815000", "155708.837000", "155708.817000", "155708.838000", "155708.819000", "155708.840000", "155708.821000", "155708.842000", "155708.823000", "155708.844000", "155708.825000", "155708.846000", "155708.827000", "155708.848000", "155708.829000", "155708.850000", "155708.831000"],
      "InstanceNumber": [11, 1, 12, 2, 13, 3, 14, 4, 15, 5, 16, 6, 17, 7, 18, 8, 19, 9, 20, 10],
      "LargestImagePixelValue": [1959, 1186, 1985, 1975, 1976, 1980, 1186, 1103, 1131, 1265, 1224, 1440, 2040, 2017, 2230, 2007, 2090, 2073, 2088, 2175],
      "SliceLocation": [-54.08575949027, -46.885760918856, -39.685762347442, -32.485760191385, -25.285761619971, -18.085761256236, -10.885761218676, -3.6857611811165, 3.5142382864583, 10.714238487106, 17.914238463713, 25.114238969945, 32.314238315204, 39.514238556623, 46.714238757271, 53.914238957918, 61.114237529332, 68.314239359214, 75.514237930628, 82.714240086684],
      "WindowCenter": [1065.0, 987.0, 1086.0, 1087.0, 1117.0, 1114.0, 1110.0, 1071.0, 1075.0, 1065.0, 1065.0, 1048.0, 1104.0, 1110.0, 1113.0, 1074.0, 1105.0, 1140.0, 1251.0, 1235.0],
      "WindowWidth": [1816.0, 1544.0, 1823.0, 1803.0, 1876.0, 1887.0, 1798.0, 1646.0, 1650.0, 1637.0, 1635.0, 1614.0, 1866.0, 1937.0, 1972.0, 1948.0, 2002.0, 2120.0, 2340.0, 2380.0]
    }
  }
}