{
  "AcquisitionMatrixPE": 36,
  "AcquisitionNumber": 1,
  "AcquisitionTime": "15:56:15.440000",
  "BandwidthPerPixelPhaseEncode": 29.551,
  "BaseResolution": 96,
  "BodyPartExamined": "CSPINE",
  "CoilString": "HC7;NC1_2",
  "ConsistencyInfo": "N4_VE11C_LATEST_20160120",
  "ConversionSoftware": "dcm2niix",
  "ConversionSoftwareVersion": "v1.0.20190902",
  "DerivedVendorReportedEchoSpacing": 0.000939994,
  "DeviceSerialNumber": "167006",
  "DiffusionScheme": "Monopolar",
  "DwellTime": 4.1e-06,
  "EchoTime": 0.06,
  "EchoTrainLength": 31,
  "EffectiveEchoSpacing": 0.000939995,
  "FlipAngle": 90,
  "ImageOrientationPatientDICOM": [0.998525, -0.0180693, 0.0511974, 6.67646e-08, 0.942993, 0.332813],
  "ImageType": [
    "ORIGINAL",
    "PRIMARY",
    "DIFFUSION",
    "NONE",
    "ND",
    "MOSAIC"
],
  "ImagingFrequency": 123.259,
  "InPlanePhaseEncodingDirectionDICOM": "COL",
  "InstitutionAddress": "Chemin_Queen-Mary_4565_Montreal_District_CA_H3W_1W5",
  "InstitutionName": "IUGM",
  "InstitutionalDepartmentName": "Department",
  "MRAcquisitionType": "2D",
  "MagneticFieldStrength": 3,
  "Manufacturer": "Siemens",
  "ManufacturersModelName": "Prisma_fit",
  "Modality": "MR",
  "PartialFourier": 0.875,
  "PatientPosition": "HFS",
  "PercentPhaseFOV": 37.5,
  "PhaseEncodingDirection": "j-",
  "PhaseEncodingSteps": 31,
  "PhaseResolution": 1,
  "PixelBandwidth": 1270,
  "ProcedureStepDescription": "hcptrt_generic",
  "ProtocolName": "DWI",
  "PulseSequenceDetails": "%SiemensSeq%_ep2d_diff",
  "ReceiveCoilActiveElements": "HC7;NC1,2",
  "ReceiveCoilName": "HeadNeck_64",
  "ReconMatrixPE": 36,
  "RepetitionTime": 0.61,
  "SAR": 0.367941,
  "ScanOptions": "PFP_SFS_CT",
  "ScanningSequence": "EP",
  "SequenceName": "_ez_b0",
  "SequenceVariant": "SK_SP",
  "SeriesDescription": "DWI",
  "SeriesNumber": 33,
  "ShimSetting": [599, -7401, -9021, -1183, -29, 1516, 1427, -188],
  "SliceThickness": 5,
  "SliceTiming": [0, 1.2, 2.41, 3.56, 4.66, 0.1975, 1.3975, 2.6075, 3.7575, 4.8575, 0.3925, 1.5925, 2.8025, 3.9525, 5.0525],
  "SoftwareVersions": "syngo_MR_E11",
  "SpacingBetweenSlices": 5,
  "StationName": "MRC35049",
  "TotalReadoutTime": 0.0328998,
  "TxRefAmp": 258.2,
  "dcmmeta_affine": [
    [-0.8945119976997375, 5.98099916260253e-08, 0.27146244049072266, 39.61507034301758],
    [0.016187066212296486, 0.8447645306587219, 1.6616084575653076, -50.14617919921875],
    [0.045864347368478775, -0.2981445789337158, 4.708010673522949, -91.87858581542969],
    [0.0, 0.0, 0.0, 1.0]
],
  "dcmmeta_reorient_transform": [
    [0.0, -1.0, 0.0, 35.0],
    [1.0, 0.0, 0.0, 0.0],
    [0.0, 0.0, -1.0, 14.0],
    [0.0, 0.0, 0.0, 1.0]
],
  "dcmmeta_shape": [96, 36, 15, 35],
  "dcmmeta_slice_dim": 2,
  "dcmmeta_version": 0.6,
  "global": {
    "const": {
      "AcquisitionMatrix": [96, 0, 0, 36],
      "AngioFlag": "N",
      "BitsAllocated": 16,
      "BitsStored": 12,
      "BodyPartExamined": "CSPINE",
      "CardiacNumberOfImages": 1,
      "Columns": 384,
      "EchoNumbers": 1,
      "EchoTime": 60.0,
      "EchoTrainLength": 31,
      "FlipAngle": 90.0,
      "HighBit": 11,
      "ImageOrientationPatient": [0.99852507522799, -0.0180692845145, 0.05119741300182, 6.6764646e-08, 0.9429930005109, 0.33281256134264],
      "ImagePositionPatient": [-172.2252825336, -45.969443785357, -59.105769112534],
      "ImageType": [
        "ORIGINAL",
        "PRIMARY",
        "DIFFUSION",
        "NONE",
        "ND",
        "MOSAIC"
],
      "ImagedNucleus": "1H",
      "ImagingFrequency": 123.259237,
      "InPlanePhaseEncodingDirection": "COL",
      "MRAcquisitionType": "2D",
      "MagneticFieldStrength": 3.0,
      "Manufacturer": "SIEMENS",
      "ManufacturerModelName": "Prisma_fit",
      "Modality": "MR",
      "NominalInterval": 0,
      "NumberOfAverages": 1.0,
      "NumberOfPhaseEncodingSteps": 31,
      "PercentPhaseFieldOfView": 37.5,
      "PercentSampling": 100.0,
      "PerformedProcedureStepStartTime": "143549.661000",
      "PhotometricInterpretation": "MONOCHROME2",
      "PixelBandwidth": 1270.0,
      "PixelRepresentation": 0,
      "PixelSpacing": [0.89583331346512, 0.89583331346512],
      "ProtocolName": "DWI",
      "RepetitionTime": 610.0,
      "Rows": 144,
      "SAR": 0.36794113352012,
      "SamplesPerPixel": 1,
      "ScanOptions": [
        "PFP",
        "SFS",
        "CT"
],
      "ScanningSequence": "EP",
      "SequenceVariant": [
        "SK",
        "SP"
],
      "SeriesDescription": "DWI",
      "SeriesNumber": 33,
      "SeriesTime": "155615.805000",
      "SliceLocation": -31.026937847126,
      "SliceThickness": 5.0,
      "SmallestImagePixelValue": 0,
      "SoftwareVersions": "syngo MR E11",
      "SpacingBetweenSlices": 5.0000000374645,
      "SpecificCharacterSet": "ISO_IR 100",
      "StudyID": "1",
      "StudyTime": "143549.553000",
      "TransmitCoilName": "Body",
      "VariableFlipAngleFlag": "N",
      "WindowCenterWidthExplanation": "Algo1",
      "dBdt": 0.0},
    "slices": {}
  },
  "time": {
    "samples": {
      "AcquisitionNumber": [1, 2, 3, 4, 5, 6, 7, 8, 9, 10, 11, 12, 13, 14, 15, 16, 17, 18, 19, 20, 21, 22, 23, 24, 25, 26, 27, 28, 29, 30, 31, 32, 33, 34, 35],
      "AcquisitionTime": ["155615.440000", "155621.275000", "155627.205000", "155632.950000", "155638.760000", "155644.480000", "155650.110000", "155655.875000", "155701.685000", "155707.385000", "155713.030000", "155718.650000", "155724.245000", "155729.770000", "155735.507500", "155741.262500", "155746.942500", "155752.457500", "155758.027500", "155803.757500", "155809.347500", "155814.797500", "155820.212500", "155825.737500", "155831.232500", "155836.712500", "155842.277500", "155847.772500", "155853.117500", "155858.637500", "155904.272500", "155909.702500", "155915.295000", "155920.905000", "155926.525000"],
      "ContentTime": ["155615.808000", "155623.508000", "155628.509000", "155633.508000", "155643.509000", "155648.509000", "155653.508000", "155658.508000", "155703.509000", "155708.508000", "155713.508000", "155723.508000", "155728.508000", "155733.508000", "155738.509000", "155743.508000", "155748.508000", "155753.508000", "155758.508000", "155808.508000", "155813.509000", "155818.508000", "155823.508000", "155828.509000", "155833.508000", "155838.508000", "155843.508000", "155848.509000", "155853.508000", "155903.508000", "155908.508000", "155913.508000", "155918.508000", "155923.509000", "155926.899000"],
      "InstanceCreationTime": ["155615.808000", "155623.508000", "155628.509000", "155633.508000", "155643.509000", "155648.509000", "155653.508000", "155658.508000", "155703.509000", "155708.508000", "155713.508000", "155723.508000", "155728.508000", "155733.508000", "155738.509000", "155743.508000", "155748.508000", "155753.508000", "155758.508000", "155808.508000", "155813.509000", "155818.508000", "155823.508000", "155828.509000", "155833.508000", "155838.508000", "155843.508000", "155848.509000", "155853.508000", "155903.508000", "155908.508000", "155913.508000", "155918.508000", "155923.509000", "155926.899000"],
      "InstanceNumber": [1, 2, 3, 4, 5, 6, 7, 8, 9, 10, 11, 12, 13, 14, 15, 16, 17, 18, 19, 20, 21, 22, 23, 24, 25, 26, 27, 28, 29, 30, 31, 32, 33, 34, 35],
      "LargestImagePixelValue": [4095, 4095, 4095, 4095, 4095, 4095, 4095, 4095, 4095, 4053, 4095, 4095, 3828, 3962, 4095, 4095, 4095, 3945, 4095, 4095, 3942, 3899, 4095, 4095, 4095, 3833, 3693, 4095, 4095, 3962, 4095, 4095, 4095, 4095, 4095],
      "SequenceName": [
        "*ez_b0",
        "*ez_b800#1",
        "*ez_b800#2",
        "*ez_b800#3",
        "*ez_b800#4",
        "*ez_b800#5",
        "*ez_b800#6",
        "*ez_b800#7",
        "*ez_b800#8",
        "*ez_b800#9",
        "*ez_b800#10",
        "*ez_b800#11",
        "*ez_b800#12",
        "*ez_b800#13",
        "*ez_b800#14",
        "*ez_b800#15",
        "*ez_b800#16",
        "*ez_b800#17",
        "*ez_b800#18",
        "*ez_b800#19",
        "*ez_b800#20",
        "*ez_b800#21",
        "*ez_b800#22",
        "*ez_b800#23",
        "*ez_b800#24",
        "*ez_b800#25",
        "*ez_b800#26",
        "*ez_b800#27",
        "*ez_b800#28",
        "*ez_b800#29",
        "*ez_b800#30",
        "*ez_b0",
        "*ez_b0",
        "*ez_b0",
        "*ez_b0"
],
      "TriggerTime": [570.0, 572.5, 572.5, 572.5, 572.5, 572.5, 572.5, 572.5, 572.5, 572.5, 572.5, 572.5, 570.0, 570.0, 570.0, 570.0, 570.0, 570.0, 572.5, 572.5, 572.5, 572.5, 572.5, 572.5, 572.5, 572.5, 572.5, 572.5, 572.5, 572.5, 570.0, 570.0, 570.0, 570.0, 570.0],
      "WindowCenter": [1659.0, 851.0, 849.0, 821.0, 889.0, 912.0, 888.0, 885.0, 822.0, 850.0, 871.0, 881.0, 814.0, 831.0, 885.0, 857.0, 825.0, 859.0, 851.0, 825.0, 804.0, 802.0, 880.0, 884.0, 907.0, 879.0, 840.0, 874.0, 893.0, 862.0, 894.0, 1646.0, 1646.0, 1648.0, 1654.0],
      "WindowWidth": [3002.0, 1745.0, 1739.0, 1684.0, 1861.0, 1912.0, 1858.0, 1855.0, 1689.0, 1754.0, 1796.0, 1826.0, 1666.0, 1703.0, 1851.0, 1759.0, 1691.0, 1761.0, 1739.0, 1686.0, 1654.0, 1647.0, 1821.0, 1834.0, 1906.0, 1828.0, 1720.0, 1812.0, 1866.0, 1779.0, 1876.0, 2985.0, 2992.0, 2989.0, 2995.0]
    },
    "slices": {}
  }
}