{
  "AcquisitionMatrixPE": 448,
  "AcquisitionNumber": 1,
  "AcquisitionTime": "10:14:23.742500",
  "BaseResolution": 448,
  "BodyPartExamined": "CSPINE",
  "CoilCombinationMethod": "Adaptive Combine",
  "ConsistencyInfo": "N4_VE11C_LATEST_20160120",
  "ConversionSoftware": "dcm2niix",
  "ConversionSoftwareVersion": "v1.0.20220505",
  "DeviceSerialNumber": "167006",
  "DwellTime": 4.3e-06,
  "EchoTime": 0.014,
  "EchoTrainLength": 3,
  "FlipAngle": 30,
  "HeudiconvVersion": "0.5.3.post811+g6206e14",
  "ImageOrientationPatientDICOM": [1, 0, 0, 0, 0.969445, 0.245307],
  "ImageOrientationText": "Tra>Cor(14.2)",
  "ImageType": [
    "ORIGINAL",
    "PRIMARY",
    "M",
    "NORM",
    "DIS2D"
],
  "ImagingFrequency": 123.259,
  "InPlanePhaseEncodingDirectionDICOM": "COL",
  "InstitutionAddress": "Chemin Queen-Mary 4565,Montreal,District,CA,H3W 1W5",
  "InstitutionName": "IUGM",
  "InstitutionalDepartmentName": "Department",
  "MRAcquisitionType": "2D",
  "MagneticFieldStrength": 3,
  "Manufacturer": "Siemens",
  "ManufacturersModelName": "Prisma_fit",
  "MatrixCoilMode": "GRAPPA",
  "Modality": "MR",
  "NumberOfAverages": 2,
  "ParallelReductionFactorInPlane": 2,
  "PartialFourier": 1,
  "PatientPosition": "HFS",
  "PercentPhaseFOV": 100,
  "PercentSampling": 100,
  "PhaseEncodingDirection": "j-",
  "PhaseEncodingSteps": 447,
  "PhaseResolution": 1,
  "PixelBandwidth": 260,
  "ProcedureStepDescription": "anat^generic",
  "ProtocolName": "GRE-ME",
  "PulseSequenceDetails": "%SiemensSeq%\\medic",
  "ReceiveCoilActiveElements": "HC7;NC1,2",
  "ReceiveCoilName": "HeadNeck_64",
  "ReconMatrixPE": 448,
  "RefLinesPE": 24,
  "RepetitionTime": 0.6,
  "SAR": 0.20446,
  "ScanOptions": "SAT1",
  "ScanningSequence": "GR",
  "SequenceName": "*me2d1r3",
  "SequenceVariant": "SP",
  "SeriesDescription": "GRE-ME",
  "SeriesNumber": 39,
  "ShimSetting": [602, -7307, -9010, 76, 194, 766, -75, 136],
  "SliceThickness": 5,
  "SliceTiming": [0, 0.32031, 0.03906, 0.35938, 0.07812, 0.39844, 0.125, 0.44531, 0.16406, 0.48438, 0.20312, 0.52344, 0.24219, 0.5625, 0.28125],
  "SoftwareVersions": "syngo MR E11",
  "SpacingBetweenSlices": 5,
  "StationName": "MRC35049",
  "TxRefAmp": 253.42,
  "dcmmeta_affine": [
    [-0.5, 0.0, 0.0, 111.50651550292969],
    [0.0, 0.48472267389297485, 1.2265362739562988, -133.0580596923828],
    [0.0, -0.12265369296073914, 4.847225189208984, -113.47825622558594],
    [0.0, 0.0, 0.0, 1.0]
],
  "dcmmeta_reorient_transform": [
    [0.0, -1.0, 0.0, 447.0],
    [1.0, 0.0, 0.0, 0.0],
    [0.0, 0.0, -1.0, 14.0],
    [0.0, 0.0, 0.0, 1.0]
],
  "dcmmeta_shape": [448, 448, 15],
  "dcmmeta_slice_dim": 2,
  "dcmmeta_version": 0.6,
  "global": {
    "const": {
      "AcquisitionMatrix": [448, 0, 0, 448],
      "AcquisitionNumber": 1,
      "AngioFlag": "N",
      "BitsAllocated": 16,
      "BitsStored": 12,
      "BodyPartExamined": "CSPINE",
      "Columns": 448,
      "EchoNumbers": 1,
      "EchoTime": 14.0,
      "EchoTrainLength": 3,
      "FlipAngle": 30.0,
      "HighBit": 11,
      "ImageOrientationPatient": [1.0, 0.0, 0.0, 0.0, 0.96944534872483, 0.24530739050381],
      "ImageType": [
        "ORIGINAL",
        "PRIMARY",
        "M",
        "NORM",
        "DIS2D"
],
      "ImagedNucleus": "1H",
      "ImagingFrequency": 123.258869,
      "InPlanePhaseEncodingDirection": "COL",
      "MRAcquisitionType": "2D",
      "MagneticFieldStrength": 3.0,
      "Manufacturer": "SIEMENS",
      "ManufacturerModelName": "Prisma_fit",
      "Modality": "MR",
      "NumberOfAverages": 2.0,
      "NumberOfPhaseEncodingSteps": 447,
      "PercentPhaseFieldOfView": 100.0,
      "PercentSampling": 100.0,
      "PerformedProcedureStepStartTime": "090310.736000",
      "PhotometricInterpretation": "MONOCHROME2",
      "PixelBandwidth": 260.0,
      "PixelRepresentation": 0,
      "PixelSpacing": [0.5, 0.5],
      "ProtocolName": "GRE-ME",
      "RepetitionTime": 600.0,
      "Rows": 448,
      "SAR": 0.20445982410156,
      "SamplesPerPixel": 1,
      "ScanOptions": "SAT1",
      "ScanningSequence": "GR",
      "SequenceName": "*me2d1r3",
      "SequenceVariant": "SP",
      "SeriesDescription": "GRE-ME",
      "SeriesNumber": 39,
      "SeriesTime": "101910.325000",
      "SliceThickness": 5.0,
      "SmallestImagePixelValue": 0,
      "SoftwareVersions": "syngo MR E11",
      "SpacingBetweenSlices": 5.0,
      "SpecificCharacterSet": "ISO_IR 100",
      "StudyID": "1",
      "StudyTime": "090310.580000",
      "TransmitCoilName": "Body",
      "VariableFlipAngleFlag": "N",
      "WindowCenterWidthExplanation": "Algo1",
      "dBdt": 0.0},
    "slices": {
      "AcquisitionTime": ["101423.462500", "101423.782500", "101423.502500", "101423.822500", "101423.542500", "101423.862500", "101423.582500", "101423.902500", "101423.622500", "101423.942500", "101423.662500", "101423.982500", "101423.702500", "101424.022500", "101423.742500"],
      "ContentTime": ["101910.328000", "101910.358000", "101910.330000", "101910.360000", "101910.332000", "101910.362000", "101910.334000", "101910.364000", "101910.350000", "101910.366000", "101910.352000", "101910.373000", "101910.354000", "101910.375000", "101910.356000"],
      "CsaImage.ICE_Dims": [
        "X_1_1_1_1_1_1_1_1_1_15_1_71",
        "X_1_1_1_1_1_1_9_1_1_14_1_71",
        "X_1_1_1_1_1_1_2_1_1_13_1_71",
        "X_1_1_1_1_1_1_10_1_1_12_1_71",
        "X_1_1_1_1_1_1_3_1_1_11_1_71",
        "X_1_1_1_1_1_1_11_1_1_10_1_71",
        "X_1_1_1_1_1_1_4_1_1_9_1_71",
        "X_1_1_1_1_1_1_12_1_1_8_1_71",
        "X_1_1_1_1_1_1_5_1_1_7_1_71",
        "X_1_1_1_1_1_1_13_1_1_6_1_71",
        "X_1_1_1_1_1_1_6_1_1_5_1_71",
        "X_1_1_1_1_1_1_14_1_1_4_1_71",
        "X_1_1_1_1_1_1_7_1_1_3_1_71",
        "X_1_1_1_1_1_1_15_1_1_2_1_71",
        "X_1_1_1_1_1_1_8_1_1_1_1_71"
],
      "CsaImage.ProtocolSliceNumber": [0, 1, 2, 3, 4, 5, 6, 7, 8, 9, 10, 11, 12, 13, 14],
      "CsaImage.SlicePosition_PCS": [
        [-111.50651398, -83.61296474, -61.30447916],
        [-111.50651398, -84.83950244, -56.45725397],
        [-111.50651398, -86.06603824, -51.61002687],
        [-111.50651398, -87.29257594, -46.76279978],
        [-111.50651398, -88.51911174, -41.91557363],
        [-111.50651398, -89.74564944, -37.06834654],
        [-111.50651398, -90.97218715, -32.22111992],
        [-111.50651398, -92.19872294, -27.37389293],
        [-111.50651398, -93.42526065, -22.5266662],
        [-111.50651398, -94.6517974, -17.6794391],
        [-111.50651398, -95.87833415, -12.83221296],
        [-111.50651398, -97.1048709, -7.98498682],
        [-111.50651398, -98.33140765, -3.13775972],
        [-111.50651398, -99.55794536, 1.70946737],
        [-111.50651398, -100.78448163, 6.55669256]
],
      "ImagePositionPatient": [
        [-111.50651398301, -83.612964735282, -168.30447915855],
        [-111.50651398301, -84.839502439749, -163.45725396934],
        [-111.50651398301, -86.066038236868, -158.61002687278],
        [-111.50651398301, -87.292575941336, -153.76279977622],
        [-111.50651398301, -88.519111738455, -148.91557363334],
        [-111.50651398301, -89.745649442923, -144.06834653678],
        [-111.50651398301, -90.972187147391, -139.22111991706],
        [-111.50651398301, -92.19872294451, -134.37389293226],
        [-111.50651398301, -93.425260648978, -129.52666620078],
        [-111.50651398301, -94.651797399771, -124.67943910422],
        [-111.50651398301, -95.878334150565, -119.83221296134],
        [-111.50651398301, -97.104870901358, -114.98498681846],
        [-111.50651398301, -98.331407652152, -110.1377597219],
        [-111.50651398301, -99.557945356619, -105.29053262534],
        [-111.50651398301, -100.78448163058, -100.44330743613]
],
      "InstanceCreationTime": ["101910.328000", "101910.358000", "101910.330000", "101910.360000", "101910.332000", "101910.362000", "101910.334000", "101910.364000", "101910.350000", "101910.366000", "101910.352000", "101910.373000", "101910.354000", "101910.375000", "101910.356000"],
      "InstanceNumber": [15, 14, 13, 12, 11, 10, 9, 8, 7, 6, 5, 4, 3, 2, 1],
      "LargestImagePixelValue": [1801, 1632, 1630, 1597, 1673, 1862, 1903, 1658, 1988, 2435, 2431, 2110, 1807, 1873, 2001],
      "SliceLocation": [-142.65111629831, -137.65111762077, -132.65111756205, -127.65111703544, -122.65111790125, -117.65111737465, -112.65111731031, -107.65111735993, -102.65111718724, -97.651116894578, -92.651117526448, -87.651118158319, -82.651117865654, -77.651117339045, -72.651119012422],
      "WindowCenter": [628.0, 588.0, 529.0, 489.0, 494.0, 536.0, 581.0, 600.0, 599.0, 586.0, 590.0, 586.0, 591.0, 596.0, 607.0],
      "WindowWidth": [1322.0, 1248.0, 1125.0, 1047.0, 1052.0, 1136.0, 1236.0, 1284.0, 1277.0, 1243.0, 1249.0, 1240.0, 1247.0, 1258.0, 1288.0]
    }
  }
}