{
  "AcquisitionMatrixPE": 256,
  "AcquisitionNumber": 1,
  "AcquisitionTime": "10:11:3.990000",
  "BaseResolution": 256,
  "BodyPartExamined": "CSPINE",
  "CoilCombinationMethod": "Adaptive Combine",
  "ConsistencyInfo": "N4_VE11C_LATEST_20160120",
  "ConversionSoftware": "dcm2niix",
  "ConversionSoftwareVersion": "v1.0.20220505",
  "DeviceSerialNumber": "167006",
  "DwellTime": 7.5e-06,
  "EchoTime": 0.00313,
  "FlipAngle": 9,
  "HeudiconvVersion": "0.5.3.post811+g6206e14",
  "ImageOrientationPatientDICOM": [1, 0, 0, 0, 0.969445, 0.245307],
  "ImageOrientationText": "Tra>Cor(14.2)",
  "ImageType": [
    "ORIGINAL",
    "PRIMARY",
    "M",
    "DIS2D"
],
  "ImagingFrequency": 123.259,
  "InPlanePhaseEncodingDirectionDICOM": "COL",
  "InstitutionAddress": "Chemin Queen-Mary 4565,Montreal,District,CA,H3W 1W5",
  "InstitutionName": "IUGM",
  "InstitutionalDepartmentName": "Department",
  "MRAcquisitionType": "3D",
  "MagneticFieldStrength": 3,
  "Manufacturer": "Siemens",
  "ManufacturersModelName": "Prisma_fit",
  "MatrixCoilMode": "GRAPPA",
  "Modality": "MR",
  "ParallelReductionFactorInPlane": 2,
  "PartialFourier": 1,
  "PatientPosition": "HFS",
  "PercentPhaseFOV": 100,
  "PercentSampling": 100,
  "PhaseEncodingSteps": 255,
  "PhaseResolution": 1,
  "PixelBandwidth": 260,
  "ProcedureStepDescription": "anat^generic",
  "ProtocolName": "GRE-MT0",
  "PulseSequenceDetails": "%SiemensSeq%\\gre",
  "ReceiveCoilActiveElements": "HC5-7;NC1,2",
  "ReceiveCoilName": "HeadNeck_64",
  "ReconMatrixPE": 256,
  "RefLinesPE": 32,
  "RepetitionTime": 0.035,
  "SAR": 0.00483233,
  "ScanningSequence": "GR",
  "SequenceName": "*fl3d1",
  "SequenceVariant": "SP",
  "SeriesDescription": "GRE-MT0",
  "SeriesNumber": 37,
  "ShimSetting": [599, -7231, -8992, -462, 99, 2554, -412, 85],
  "SliceThickness": 5,
  "SoftwareVersions": "syngo MR E11",
  "StationName": "MRC35049",
  "TxRefAmp": 253.42,
  "dcmmeta_affine": [
    [0.8984375, 0.0, 0.0, -114.59504699707031],
    [0.0, 0.8709860444068909, 1.2265369892120361, -139.87301635742188],
    [0.0, -0.2203933596611023, 4.847226619720459, -129.80538940429688],
    [0.0, 0.0, 0.0, 1.0]
],
  "dcmmeta_reorient_transform": [
    [0.0, -1.0, 0.0, 255.0],
    [-1.0, 0.0, 0.0, 255.0],
    [0.0, 0.0, -1.0, 21.0],
    [0.0, 0.0, 0.0, 1.0]
],
  "dcmmeta_shape": [256, 256, 22],
  "dcmmeta_slice_dim": 2,
  "dcmmeta_version": 0.6,
  "global": {
    "const": {
      "AcquisitionMatrix": [256, 0, 0, 256],
      "AcquisitionNumber": 1,
      "AcquisitionTime": "101103.990000",
      "AngioFlag": "N",
      "BitsAllocated": 16,
      "BitsStored": 12,
      "BodyPartExamined": "CSPINE",
      "Columns": 256,
      "EchoNumbers": 1,
      "EchoTime": 3.13,
      "EchoTrainLength": 1,
      "FlipAngle": 9.0,
      "HighBit": 11,
      "ImageOrientationPatient": [1.0, 0.0, 0.0, 0.0, 0.96944534872483, 0.24530739050381],
      "ImageType": [
        "ORIGINAL",
        "PRIMARY",
        "M",
        "DIS2D"
],
      "ImagedNucleus": "1H",
      "ImagingFrequency": 123.258877,
      "InPlanePhaseEncodingDirection": "COL",
      "MRAcquisitionType": "3D",
      "MagneticFieldStrength": 3.0,
      "Manufacturer": "SIEMENS",
      "ManufacturerModelName": "Prisma_fit",
      "Modality": "MR",
      "NumberOfAverages": 1.0,
      "NumberOfPhaseEncodingSteps": 255,
      "PercentPhaseFieldOfView": 100.0,
      "PercentSampling": 100.0,
      "PerformedProcedureStepStartTime": "090310.736000",
      "PhotometricInterpretation": "MONOCHROME2",
      "PixelBandwidth": 260.0,
      "PixelRepresentation": 0,
      "PixelSpacing": [0.8984375, 0.8984375],
      "ProtocolName": "GRE-MT0",
      "RepetitionTime": 35.0,
      "Rows": 256,
      "SAR": 0.0048323303652,
      "SamplesPerPixel": 1,
      "ScanningSequence": "GR",
      "SequenceName": "*fl3d1",
      "SequenceVariant": "SP",
      "SeriesDescription": "GRE-MT0",
      "SeriesNumber": 37,
      "SeriesTime": "101318.449000",
      "SliceThickness": 5.0,
      "SmallestImagePixelValue": 0,
      "SoftwareVersions": "syngo MR E11",
      "SpecificCharacterSet": "ISO_IR 100",
      "StudyID": "1",
      "StudyTime": "090310.580000",
      "TransmitCoilName": "Body",
      "VariableFlipAngleFlag": "N",
      "WindowCenterWidthExplanation": "Algo1",
      "dBdt": 0.0},
    "slices": {
      "ContentTime": ["101318.452000", "101318.455000", "101318.457000", "101318.459000", "101318.461000", "101318.463000", "101318.465000", "101318.467000", "101318.469000", "101318.471000", "101318.473000", "101318.475000", "101318.477000", "101318.479000", "101318.481000", "101318.483000", "101318.485000", "101318.487000", "101318.489000", "101318.491000", "101318.493000", "101318.495000"],
      "CsaImage.Actual3DImaPartNumber": [0, 1, 2, 3, 4, 5, 6, 7, 8, 9, 10, 11, 12, 13, 14, 15, 16, 17, 18, 19, 20, 21],
      "CsaImage.ICE_Dims": [
        "X_1_1_1_1_1_1_1_1_1_1_1_68",
        "X_1_1_1_1_1_2_1_1_1_1_1_68",
        "X_1_1_1_1_1_3_1_1_1_1_1_68",
        "X_1_1_1_1_1_4_1_1_1_1_1_68",
        "X_1_1_1_1_1_5_1_1_1_1_1_68",
        "X_1_1_1_1_1_6_1_1_1_1_1_68",
        "X_1_1_1_1_1_7_1_1_1_1_1_68",
        "X_1_1_1_1_1_8_1_1_1_1_1_68",
        "X_1_1_1_1_1_9_1_1_1_1_1_68",
        "X_1_1_1_1_1_10_1_1_1_1_1_68",
        "X_1_1_1_1_1_11_1_1_1_1_1_68",
        "X_1_1_1_1_1_12_1_1_1_1_1_68",
        "X_1_1_1_1_1_13_1_1_1_1_1_68",
        "X_1_1_1_1_1_14_1_1_1_1_1_68",
        "X_1_1_1_1_1_15_1_1_1_1_1_68",
        "X_1_1_1_1_1_16_1_1_1_1_1_68",
        "X_1_1_1_1_1_17_1_1_1_1_1_68",
        "X_1_1_1_1_1_18_1_1_1_1_1_68",
        "X_1_1_1_1_1_19_1_1_1_1_1_68",
        "X_1_1_1_1_1_20_1_1_1_1_1_68",
        "X_1_1_1_1_1_21_1_1_1_1_1_68",
        "X_1_1_1_1_1_22_1_1_1_1_1_68"
],
      "CsaImage.SlicePosition_PCS": [
        [-114.50651398, -82.22842099, -79.00569591],
        [-114.50651398, -83.45495794, -74.15846917],
        [-114.50651398, -84.68149489, -69.31124242],
        [-114.50651398, -85.90803185, -64.46401568],
        [-114.50651398, -87.1345688, -59.61678894],
        [-114.50651398, -88.36110575, -54.76956219],
        [-114.50651398, -89.5876427, -49.92233545],
        [-114.50651398, -90.81417966, -45.07510871],
        [-114.50651398, -92.04071661, -40.22788196],
        [-114.50651398, -93.26725356, -35.38065522],
        [-114.50651398, -94.49379051, -30.53342848],
        [-114.50651398, -95.72032747, -25.68620173],
        [-114.50651398, -96.94686442, -20.83897499],
        [-114.50651398, -98.17340137, -15.99174824],
        [-114.50651398, -99.39993832, -11.1445215],
        [-114.50651398, -100.62647528, -6.29729476],
        [-114.50651398, -101.85301223, -1.45006801],
        [-114.50651398, -103.07954918, 3.39715873],
        [-114.50651398, -104.30608613, 8.24438547],
        [-114.50651398, -105.53262309, 13.09161222],
        [-114.50651398, -106.75916004, 17.93883896],
        [-114.50651398, -107.98569699, 22.7860657]
],
      "ImagePositionPatient": [
        [-114.50651398301, -82.228420989235, -186.00569591183],
        [-114.50651398301, -83.454957941754, -181.1584691682],
        [-114.50651398301, -84.681494894273, -176.31124242458],
        [-114.50651398301, -85.908031846792, -171.46401568095],
        [-114.50651398301, -87.134568799311, -166.61678893733],
        [-114.50651398301, -88.36110575183, -161.76956219371],
        [-114.50651398301, -89.587642704349, -156.92233545008],
        [-114.50651398301, -90.814179656868, -152.07510870646],
        [-114.50651398301, -92.040716609387, -147.22788196283],
        [-114.50651398301, -93.267253561906, -142.38065521921],
        [-114.50651398301, -94.493790514425, -137.53342847558],
        [-114.50651398301, -95.720327466944, -132.68620173196],
        [-114.50651398301, -96.946864419463, -127.83897498834],
        [-114.50651398301, -98.173401371982, -122.99174824471],
        [-114.50651398301, -99.399938324501, -118.14452150109],
        [-114.50651398301, -100.62647527702, -113.29729475746],
        [-114.50651398301, -101.85301222954, -108.45006801384],
        [-114.50651398301, -103.07954918206, -103.60284127022],
        [-114.50651398301, -104.30608613458, -98.755614526592],
        [-114.50651398301, -105.5326230871, -93.908387782967],
        [-114.50651398301, -106.75916003962, -89.061161039343],
        [-114.50651398301, -107.98569699213, -84.213934295719]
],
      "InstanceCreationTime": ["101318.452000", "101318.455000", "101318.457000", "101318.459000", "101318.461000", "101318.463000", "101318.465000", "101318.467000", "101318.469000", "101318.471000", "101318.473000", "101318.475000", "101318.477000", "101318.479000", "101318.481000", "101318.483000", "101318.485000", "101318.487000", "101318.489000", "101318.491000", "101318.493000", "101318.495000"],
      "InstanceNumber": [22, 21, 20, 19, 18, 17, 16, 15, 14, 13, 12, 11, 10, 9, 8, 7, 6, 5, 4, 3, 2, 1],
      "LargestImagePixelValue": [4095, 4095, 4095, 4095, 4095, 4095, 4095, 4095, 4095, 4095, 4095, 4095, 4095, 4095, 4095, 4095, 4095, 4095, 4095, 4095, 4095, 3688],
      "SliceLocation": [-160.15111735993, -155.15111735993, -150.15111735993, -145.15111735993, -140.15111735993, -135.15111735993, -130.15111735993, -125.15111735993, -120.15111735993, -115.15111735993, -110.15111735993, -105.15111735993, -100.15111735993, -95.151117359928, -90.151117359928, -85.151117359928, -80.151117359928, -75.151117359928, -70.151117359928, -65.151117359928, -60.151117359928, -55.151117359928],
      "WindowCenter": [915.0, 1407.0, 1580.0, 1325.0, 1219.0, 947.0, 932.0, 947.0, 820.0, 658.0, 611.0, 695.0, 894.0, 1004.0, 975.0, 899.0, 1157.0, 1262.0, 1259.0, 1307.0, 1201.0, 763.0],
      "WindowWidth": [2184.0, 3208.0, 3633.0, 4030.0, 4048.0, 3997.0, 3839.0, 3672.0, 3674.0, 3773.0, 3828.0, 3893.0, 3940.0, 4028.0, 4095.0, 4095.0, 4095.0, 4095.0, 4095.0, 3753.0, 2885.0, 1727.0]
    }
  }
}