{
  "AcquisitionMatrixPE": 110,
  "AcquisitionNumber": 1,
  "AcquisitionTime": "09:46:24.305000",
  "BandwidthPerPixelPhaseEncode": 12.987,
  "BaseResolution": 110,
  "BodyPartExamined": "BRAIN",
  "CoilCombinationMethod": "Sum of Squares",
  "ConsistencyInfo": "N4_VE11C_LATEST_20160120",
  "ConversionSoftware": "dcm2niix",
  "ConversionSoftwareVersion": "v1.0.20211006",
  "DerivedVendorReportedEchoSpacing": 0.000700001,
  "DeviceSerialNumber": "167006",
  "DwellTime": 2.7e-06,
  "EchoTime": 0.0768,
  "EchoTrainLength": 83,
  "EffectiveEchoSpacing": 0.000700001,
  "FlipAngle": 78,
  "HeudiconvVersion": "0.5.3.post569+g418601f",
  "ImageComments": "Single-band reference SENSE1",
  "ImageOrientationPatientDICOM": [1, 0, 0, 0, 0.913545, -0.406737],
  "ImageOrientationText": "Tra>Cor(-24.0)",
  "ImageType": [
    "ORIGINAL",
    "PRIMARY",
    "M",
    "ND",
    "MOSAIC"
],
  "ImagingFrequency": 123.259,
  "InPlanePhaseEncodingDirectionDICOM": "COL",
  "InstitutionAddress": "Chemin Queen-Mary 4565,Montreal,District,CA,H3W 1W5",
  "InstitutionName": "IUGM",
  "InstitutionalDepartmentName": "Department",
  "IntendedFor": [
    "ses-008/dwi/sub-01_ses-008_dir-AP_dwi.nii.gz",
    "ses-008/dwi/sub-01_ses-008_dir-PA_dwi.nii.gz"
],
  "MRAcquisitionType": "2D",
  "MagneticFieldStrength": 3,
  "Manufacturer": "Siemens",
  "ManufacturersModelName": "Prisma_fit",
  "MatrixCoilMode": "SENSE",
  "Modality": "MR",
  "PartialFourier": 0.75,
  "PatientPosition": "HFS",
  "PercentPhaseFOV": 100,
  "PercentSampling": 100,
  "PhaseEncodingDirection": "j",
  "PhaseEncodingSteps": 83,
  "PhaseResolution": 1,
  "PixelBandwidth": 1685,
  "ProcedureStepDescription": "anat^generic",
  "ProtocolName": "dMRI_dir106_PA_test_cmrr",
  "PulseSequenceDetails": "%CustomerSeq%\\cmrr_mbep2d_diff",
  "ReceiveCoilActiveElements": "HC1-6",
  "ReceiveCoilName": "HeadNeck_64",
  "ReconMatrixPE": 110,
  "RepetitionTime": 2.243,
  "SAR": 0.142936,
  "ScanOptions": "PFP\\EXT",
  "ScanningSequence": "EP",
  "SequenceName": "epse2d1_110",
  "SequenceVariant": "SK\\SS",
  "SeriesDescription": "dMRI_dir106_PA_test_cmrr_SBRef",
  "SeriesNumber": 10,
  "ShimSetting": [635, -7171, -8851, 537, 73, 38, -35, 18],
  "SliceThickness": 2,
  "SliceTiming": [0, 0.115, 0.2325, 0.35, 0.4675, 0.585, 0.7, 0.8175, 0.935, 1.0525, 1.17, 1.285, 1.4025, 1.52, 1.6375, 1.755, 1.87, 1.9875, 2.105, 2.2225, 2.3375, 2.455, 2.5725, 2.69, 2.8075, 2.9225, 3.04, 3.1575, 3.275, 3.3925, 3.5075, 3.625, 3.7425, 3.86, 3.9775, 4.0925, 4.21, 4.3275, 4.445, 4.5625, 4.6775, 4.795, 4.9125, 5.03, 5.1475, 5.2625, 5.38, 5.4975, 5.615, 5.7325, 5.8475, 5.965, 6.0825, 6.2, 6.3175, 6.4325, 6.55],
  "SoftwareVersions": "syngo MR E11",
  "SpacingBetweenSlices": 2,
  "StationName": "MRC35049",
  "TotalReadoutTime": 0.0763001,
  "TxRefAmp": 247.301,
  "WipMemBlock": "1b9400ac-d2f0-4d42-a916-32a21e6b0779||Sequence: R016 ve11c/master r/e634e98; Dec 19 2017 11:11:25 by eja",
  "dcmmeta_affine": [
    [-2.0, 0.0, 0.0, 109.49686431884766],
    [0.0, 1.827090859413147, -0.8134732842445374, -70.4901351928711],
    [0.0, 0.8134732842445374, 1.827090859413147, -68.67652130126953],
    [0.0, 0.0, 0.0, 1.0]
],
  "dcmmeta_reorient_transform": [
    [0.0, -1.0, 0.0, 109.0],
    [1.0, 0.0, 0.0, 0.0],
    [0.0, 0.0, 1.0, 0.0],
    [0.0, 0.0, 0.0, 1.0]
],
  "dcmmeta_shape": [110, 110, 57],
  "dcmmeta_slice_dim": 2,
  "dcmmeta_version": 0.6,
  "global": {
    "const": {
      "AcquisitionMatrix": [110, 0, 0, 110],
      "AcquisitionNumber": 1,
      "AcquisitionTime": "094624.305000",
      "AngioFlag": "N",
      "BitsAllocated": 16,
      "BitsStored": 16,
      "BodyPartExamined": "BRAIN",
      "CardiacNumberOfImages": 1,
      "Columns": 880,
      "ContentTime": "094739.850000",
      "EchoNumbers": 1,
      "EchoTime": 76.8,
      "EchoTrainLength": 83,
      "FlipAngle": 78.0,
      "HighBit": 15,
      "ImageOrientationPatient": [1.0, 0.0, 0.0, 0.0, 0.91354545891661, -0.4067366402143],
      "ImagePositionPatient": [-879.49686384201, -832.09277530047, 333.17927717158],
      "ImageType": [
        "ORIGINAL",
        "PRIMARY",
        "M",
        "ND",
        "MOSAIC"
],
      "ImagedNucleus": "1H",
      "ImagingFrequency": 123.258908,
      "InPlanePhaseEncodingDirection": "COL",
      "InstanceCreationTime": "094739.850000",
      "InstanceNumber": 1,
      "LargestImagePixelValue": 65535,
      "MRAcquisitionType": "2D",
      "MagneticFieldStrength": 3.0,
      "Manufacturer": "SIEMENS",
      "ManufacturerModelName": "Prisma_fit",
      "Modality": "MR",
      "NominalInterval": 0,
      "NumberOfAverages": 1.0,
      "NumberOfPhaseEncodingSteps": 83,
      "PercentPhaseFieldOfView": 100.0,
      "PercentSampling": 100.0,
      "PerformedProcedureStepStartTime": "092639.133000",
      "PhotometricInterpretation": "MONOCHROME2",
      "PixelBandwidth": 1685.0,
      "PixelRepresentation": 0,
      "PixelSpacing": [2.0, 2.0],
      "ProtocolName": "dMRI_dir106_PA_test_cmrr",
      "RepetitionTime": 2243.0,
      "Rows": 880,
      "SAR": 0.14293555539386,
      "SamplesPerPixel": 1,
      "ScanOptions": [
        "PFP",
        "EXT"
],
      "ScanningSequence": "EP",
      "SequenceName": "epse2d1_110",
      "SequenceVariant": [
        "SK",
        "SS"
],
      "SeriesDescription": "dMRI_dir106_PA_test_cmrr_SBRef",
      "SeriesNumber": 10,
      "SeriesTime": "094739.846000",
      "SliceLocation": -34.068204107127,
      "SliceThickness": 2.0,
      "SmallestImagePixelValue": 0,
      "SoftwareVersions": "syngo MR E11",
      "SpacingBetweenSlices": 1.9999999672036,
      "SpecificCharacterSet": "ISO_IR 100",
      "StudyID": "2",
      "StudyTime": "092639.093000",
      "TransmitCoilName": "Body",
      "TriggerTime": 1620.0,
      "VariableFlipAngleFlag": "N",
      "WindowCenter": 10172.0,
      "WindowCenterWidthExplanation": "Algo1",
      "WindowWidth": 23002.0,
      "dBdt": 0.0},
    "slices": {}
  }
}