{
  "AcquisitionMatrixPE": 36,
  "AcquisitionNumber": 1,
  "AcquisitionTime": "10:27:48.907500",
  "BandwidthPerPixelPhaseEncode": 29.551,
  "BaseResolution": 96,
  "BodyPartExamined": "CSPINE",
  "CoilCombinationMethod": "Adaptive Combine",
  "ConsistencyInfo": "N4_VE11C_LATEST_20160120",
  "ConversionSoftware": "dcm2niix",
  "ConversionSoftwareVersion": "v1.0.20211006",
  "DerivedVendorReportedEchoSpacing": 0.000939994,
  "DeviceSerialNumber": "167006",
  "DiffusionScheme": "Monopolar",
  "DwellTime": 4.1e-06,
  "EchoTime": 0.06,
  "EchoTrainLength": 31,
  "EffectiveEchoSpacing": 0.000939995,
  "FlipAngle": 90,
  "HeudiconvVersion": "0.5.3.post569+g418601f",
  "ImageOrientationPatientDICOM": [0.999126, -0.00262645, 0.0417104, -4.78713e-08, 0.998023, 0.0628454],
  "ImageOrientationText": "Tra>Cor(3.6)>Sag(2.4)",
  "ImageType": [
    "ORIGINAL",
    "PRIMARY",
    "DIFFUSION",
    "NONE",
    "ND",
    "MOSAIC"
],
  "ImagingFrequency": 123.259,
  "InPlanePhaseEncodingDirectionDICOM": "COL",
  "InstitutionAddress": "Chemin Queen-Mary 4565,Montreal,District,CA,H3W 1W5",
  "InstitutionName": "IUGM",
  "InstitutionalDepartmentName": "Department",
  "MRAcquisitionType": "2D",
  "MagneticFieldStrength": 3,
  "Manufacturer": "Siemens",
  "ManufacturersModelName": "Prisma_fit",
  "MatrixCoilMode": "SENSE",
  "Modality": "MR",
  "PartialFourier": 0.875,
  "PatientPosition": "HFS",
  "PercentPhaseFOV": 37.5,
  "PercentSampling": 100,
  "PhaseEncodingDirection": "j-",
  "PhaseEncodingSteps": 31,
  "PhaseResolution": 1,
  "PixelBandwidth": 1270,
  "ProcedureStepDescription": "anat^generic",
  "ProtocolName": "DWI",
  "PulseSequenceDetails": "%SiemensSeq%\\ep2d_diff",
  "ReceiveCoilActiveElements": "HC7;NC1,2",
  "ReceiveCoilName": "HeadNeck_64",
  "ReconMatrixPE": 36,
  "RepetitionTime": 0.61,
  "SAR": 0.5046,
  "ScanOptions": "PFP\\SFS\\CT",
  "ScanningSequence": "EP",
  "SequenceName": "*ez_b0",
  "SequenceVariant": "SK\\SP",
  "SeriesDescription": "DWI",
  "SeriesNumber": 32,
  "ShimSetting": [555, -7382, -9066, -2381, -324, 2535, -465, -87],
  "SliceThickness": 5,
  "SliceTiming": [0, 0.945, 1.9, 2.84, 3.72, 0.1975, 1.1425, 2.0975, 3.0375, 3.9175, 0.395, 1.34, 2.295, 3.235, 4.115],
  "SoftwareVersions": "syngo MR E11",
  "SpacingBetweenSlices": 5,
  "SpoilingState": true,
  "StationName": "MRC35049",
  "TotalReadoutTime": 0.0328998,
  "TxRefAmp": 317.973,
  "dcmmeta_affine": [
    [-0.895050585269928, -4.288467536639473e-08, 0.20896509289741516, 33.7437629699707],
    [0.0023528635501861572, 0.8940625190734863, 0.31395259499549866, -15.531046867370605],
    [0.03736557438969612, -0.05629902705550194, 4.9857563972473145, -141.13055419921875],
    [0.0, 0.0, 0.0, 1.0]
],
  "dcmmeta_reorient_transform": [
    [0.0, -1.0, 0.0, 35.0],
    [1.0, 0.0, 0.0, 0.0],
    [0.0, 0.0, -1.0, 14.0],
    [0.0, 0.0, 0.0, 1.0]
],
  "dcmmeta_shape": [96, 36, 15, 35],
  "dcmmeta_slice_dim": 2,
  "dcmmeta_version": 0.6,
  "global": {
    "const": {
      "AcquisitionMatrix": [96, 0, 0, 36],
      "AngioFlag": "N",
      "BitsAllocated": 16,
      "BitsStored": 12,
      "BodyPartExamined": "CSPINE",
      "CardiacNumberOfImages": 1,
      "Columns": 384,
      "EchoNumbers": 1,
      "EchoTime": 60.0,
      "EchoTrainLength": 31,
      "FlipAngle": 90.0,
      "HighBit": 11,
      "ImageOrientationPatient": [0.99912629011405, -0.0026264522794, 0.04171040818993, -4.7871266e-08, 0.99802327255417, 0.06284542497477],
      "ImagePositionPatient": [-165.55655933039, -68.097039428428, -81.721219626386],
      "ImageType": [
        "ORIGINAL",
        "PRIMARY",
        "DIFFUSION",
        "NONE",
        "ND",
        "MOSAIC"
],
      "ImagedNucleus": "1H",
      "ImagingFrequency": 123.258695,
      "InPlanePhaseEncodingDirection": "COL",
      "MRAcquisitionType": "2D",
      "MagneticFieldStrength": 3.0,
      "Manufacturer": "SIEMENS",
      "ManufacturerModelName": "Prisma_fit",
      "Modality": "MR",
      "NominalInterval": 0,
      "NumberOfAverages": 1.0,
      "NumberOfPhaseEncodingSteps": 31,
      "PercentPhaseFieldOfView": 37.5,
      "PercentSampling": 100.0,
      "PerformedProcedureStepStartTime": "092639.133000",
      "PhotometricInterpretation": "MONOCHROME2",
      "PixelBandwidth": 1270.0,
      "PixelRepresentation": 0,
      "PixelSpacing": [0.89583331346512, 0.89583331346512],
      "ProtocolName": "DWI",
      "RepetitionTime": 610.0,
      "Rows": 144,
      "SAR": 0.50460023348494,
      "SamplesPerPixel": 1,
      "ScanOptions": [
        "PFP",
        "SFS",
        "CT"
],
      "ScanningSequence": "EP",
      "SequenceVariant": [
        "SK",
        "SP"
],
      "SeriesDescription": "DWI",
      "SeriesNumber": 32,
      "SeriesTime": "102749.554000",
      "SliceLocation": -70.293462777968,
      "SliceThickness": 5.0,
      "SmallestImagePixelValue": 0,
      "SoftwareVersions": "syngo MR E11",
      "SpacingBetweenSlices": 5.0000000184369,
      "SpecificCharacterSet": "ISO_IR 100",
      "StudyID": "2",
      "StudyTime": "092639.093000",
      "TransmitCoilName": "Body",
      "VariableFlipAngleFlag": "N",
      "WindowCenterWidthExplanation": "Algo1",
      "dBdt": 0.0},
    "slices": {}
  },
  "time": {
    "samples": {
      "AcquisitionNumber": [1, 2, 3, 4, 5, 6, 7, 8, 9, 10, 11, 12, 13, 14, 15, 16, 17, 18, 19, 20, 21, 22, 23, 24, 25, 26, 27, 28, 29, 30, 31, 32, 33, 34, 35],
      "AcquisitionTime": ["102748.907500", "102753.512500", "102758.207500", "102802.942500", "102808.027500", "102812.857500", "102817.797500", "102822.592500", "102827.497500", "102832.217500", "102836.732500", "102841.312500", "102845.617500", "102849.937500", "102854.487500", "102859.002500", "102903.537500", "102908.082500", "102912.572500", "102917.072500", "102921.482500", "102926.162500", "102930.907500", "102936.002500", "102940.697500", "102945.237500", "102949.582500", "102953.702500", "102957.872500", "103001.772500", "103005.847500", "103009.912500", "103013.892500", "103018.052500", "103022.152500"],
      "ContentTime": ["102749.557000", "102755.817000", "102800.817000", "102805.817000", "102810.818000", "102815.817000", "102820.817000", "102825.818000", "102830.817000", "102835.817000", "102840.817000", "102845.818000", "102850.818000", "102850.820000", "102855.817000", "102900.818000", "102905.817000", "102910.817000", "102915.817000", "102920.818000", "102925.817000", "102930.817000", "102935.818000", "102940.817000", "102945.817000", "102950.817000", "102950.824000", "102955.819000", "103000.817000", "103005.817000", "103010.818000", "103010.821000", "103015.817000", "103020.817000", "103022.801000"],
      "InstanceCreationTime": ["102749.557000", "102755.817000", "102800.817000", "102805.817000", "102810.818000", "102815.817000", "102820.817000", "102825.818000", "102830.817000", "102835.817000", "102840.817000", "102845.818000", "102850.818000", "102850.820000", "102855.817000", "102900.818000", "102905.817000", "102910.817000", "102915.817000", "102920.818000", "102925.817000", "102930.817000", "102935.818000", "102940.817000", "102945.817000", "102950.817000", "102950.824000", "102955.819000", "103000.817000", "103005.817000", "103010.818000", "103010.821000", "103015.817000", "103020.817000", "103022.801000"],
      "InstanceNumber": [1, 2, 3, 4, 5, 6, 7, 8, 9, 10, 11, 12, 13, 14, 15, 16, 17, 18, 19, 20, 21, 22, 23, 24, 25, 26, 27, 28, 29, 30, 31, 32, 33, 34, 35],
      "LargestImagePixelValue": [4095, 3853, 3859, 3768, 3679, 3888, 3490, 3618, 3887, 3567, 3390, 3207, 3165, 3221, 3253, 4031, 3719, 3152, 3639, 3205, 3578, 3573, 3449, 3923, 3768, 3633, 3552, 3627, 3634, 3393, 3272, 4095, 4095, 4095, 4095],
      "SequenceName": [
        "*ez_b0",
        "*ez_b800#1",
        "*ez_b800#2",
        "*ez_b800#3",
        "*ez_b800#4",
        "*ez_b800#5",
        "*ez_b800#6",
        "*ez_b800#7",
        "*ez_b800#8",
        "*ez_b800#9",
        "*ez_b800#10",
        "*ez_b800#11",
        "*ez_b800#12",
        "*ez_b800#13",
        "*ez_b800#14",
        "*ez_b800#15",
        "*ez_b800#16",
        "*ez_b800#17",
        "*ez_b800#18",
        "*ez_b800#19",
        "*ez_b800#20",
        "*ez_b800#21",
        "*ez_b800#22",
        "*ez_b800#23",
        "*ez_b800#24",
        "*ez_b800#25",
        "*ez_b800#26",
        "*ez_b800#27",
        "*ez_b800#28",
        "*ez_b800#29",
        "*ez_b800#30",
        "*ez_b0",
        "*ez_b0",
        "*ez_b0",
        "*ez_b0"
],
      "TriggerTime": [572.5, 572.5, 572.5, 572.5, 572.5, 572.5, 572.5, 572.5, 572.5, 572.5, 572.5, 572.5, 572.5, 572.5, 572.5, 572.5, 572.5, 572.5, 572.5, 572.5, 572.5, 572.5, 572.5, 572.5, 572.5, 572.5, 570.0, 570.0, 570.0, 570.0, 570.0, 570.0, 570.0, 570.0, 570.0],
      "WindowCenter": [1305.0, 683.0, 679.0, 675.0, 709.0, 713.0, 718.0, 708.0, 681.0, 687.0, 693.0, 694.0, 666.0, 678.0, 698.0, 687.0, 678.0, 688.0, 686.0, 671.0, 667.0, 672.0, 709.0, 723.0, 703.0, 688.0, 680.0, 691.0, 705.0, 688.0, 701.0, 1213.0, 1199.0, 1203.0, 1241.0],
      "WindowWidth": [2586.0, 1400.0, 1390.0, 1392.0, 1467.0, 1481.0, 1499.0, 1469.0, 1412.0, 1416.0, 1437.0, 1440.0, 1368.0, 1391.0, 1453.0, 1412.0, 1391.0, 1421.0, 1412.0, 1372.0, 1368.0, 1385.0, 1480.0, 1511.0, 1463.0, 1417.0, 1393.0, 1424.0, 1469.0, 1421.0, 1464.0, 2462.0, 2439.0, 2443.0, 2500.0]
    },
    "slices": {}
  }
}