{
  "AcquisitionMatrixPE": 32,
  "AcquisitionNumber": 1,
  "AcquisitionTime": "11:27:29.245000",
  "BaseResolution": 32,
  "BodyPartExamined": "BRAIN",
  "CoilCombinationMethod": "Sum of Squares",
  "ConsistencyInfo": "N4_VE11C_LATEST_20160120",
  "ConversionSoftware": "dcm2niix",
  "ConversionSoftwareVersion": "v1.0.20211006",
  "DeviceSerialNumber": "167006",
  "DwellTime": 3.18e-05,
  "EchoTime": 0.00184,
  "FlipAngle": 8,
  "HeudiconvVersion": "0.5.3.post569+g418601f",
  "ImageComments": "anatomical image",
  "ImageOrientationPatientDICOM": [1, 0, 0, 0, 0.927184, -0.374607],
  "ImageOrientationText": "Tra>Cor(-22.0)",
  "ImageType": [
    "ORIGINAL",
    "PRIMARY",
    "M",
    "DIS2D"
],
  "ImagingFrequency": 123.259,
  "InPlanePhaseEncodingDirectionDICOM": "COL",
  "InstitutionAddress": "Chemin Queen-Mary 4565,Montreal,District,CA,H3W 1W5",
  "InstitutionName": "IUGM",
  "InstitutionalDepartmentName": "Department",
  "MRAcquisitionType": "2D",
  "MagneticFieldStrength": 3,
  "Manufacturer": "Siemens",
  "ManufacturersModelName": "Prisma_fit",
  "MatrixCoilMode": "SENSE",
  "Modality": "MR",
  "PartialFourier": 1,
  "PatientPosition": "HFS",
  "PercentPhaseFOV": 100,
  "PercentSampling": 100,
  "PhaseEncodingDirection": "j-",
  "PhaseEncodingSteps": 32,
  "PhaseResolution": 1,
  "PixelBandwidth": 490,
  "ProcedureStepDescription": "anat^generic",
  "ProtocolName": "tfl_b1map_6mm",
  "PulseSequenceDetails": "%SiemensSeq%\\tfl_b1map",
  "ReceiveCoilActiveElements": "HC1-7;NC1",
  "ReceiveCoilName": "HeadNeck_64",
  "ReconMatrixPE": 32,
  "RepetitionTime": 10,
  "SAR": 0.00505541,
  "ScanningSequence": "GR",
  "SequenceName": "tfl2d1_512",
  "SequenceVariant": "SK\\SP",
  "SeriesDescription": "tfl_b1map_6mm",
  "SeriesNumber": 20,
  "ShimSetting": [636, -7177, -8947, 534, 85, 21, -103, 5],
  "SliceThickness": 6,
  "SliceTiming": [5.03906, 0, 5.54688, 0.50781, 6.04688, 1.00781, 6.55469, 1.51562, 7.0625, 2.01562, 7.5625, 2.52344, 8.07031, 3.02344, 8.57031, 3.53125, 9.07812, 4.03125, 9.57812, 4.53906],
  "SoftwareVersions": "syngo MR E11",
  "SpacingBetweenSlices": 7.2,
  "SpoilingState": true,
  "StationName": "MRC35049",
  "TxRefAmp": 241.879,
  "dcmmeta_affine": [
    [-6.0, 0.0, 0.0, 99.6742935180664],
    [0.0, 5.563103199005127, -2.6971683502197266, -50.624691009521484],
    [0.0, 2.2476396560668945, 6.675724029541016, -76.3351058959961],
    [0.0, 0.0, 0.0, 1.0]
],
  "dcmmeta_reorient_transform": [
    [0.0, -1.0, 0.0, 31.0],
    [1.0, 0.0, 0.0, 0.0],
    [0.0, 0.0, -1.0, 19.0],
    [0.0, 0.0, 0.0, 1.0]
],
  "dcmmeta_shape": [32, 32, 20],
  "dcmmeta_slice_dim": 2,
  "dcmmeta_version": 0.6,
  "global": {
    "const": {
      "AcquisitionMatrix": [32, 0, 0, 32],
      "AcquisitionNumber": 1,
      "AngioFlag": "N",
      "BitsAllocated": 16,
      "BitsStored": 12,
      "BodyPartExamined": "BRAIN",
      "Columns": 32,
      "EchoNumbers": 1,
      "EchoTime": 1.84,
      "EchoTrainLength": 1,
      "FlipAngle": 8.0,
      "HighBit": 11,
      "ImageOrientationPatient": [1.0, 0.0, 0.0, 0.0, 0.92718384501902, -0.3746066170475],
      "ImageType": [
        "ORIGINAL",
        "PRIMARY",
        "M",
        "DIS2D"
],
      "ImagedNucleus": "1H",
      "ImagingFrequency": 123.25901,
      "InPlanePhaseEncodingDirection": "COL",
      "MRAcquisitionType": "2D",
      "MagneticFieldStrength": 3.0,
      "Manufacturer": "SIEMENS",
      "ManufacturerModelName": "Prisma_fit",
      "Modality": "MR",
      "NumberOfAverages": 1.0,
      "NumberOfPhaseEncodingSteps": 32,
      "PercentPhaseFieldOfView": 100.0,
      "PercentSampling": 100.0,
      "PerformedProcedureStepStartTime": "103709.218000",
      "PhotometricInterpretation": "MONOCHROME2",
      "PixelBandwidth": 490.0,
      "PixelRepresentation": 0,
      "PixelSpacing": [6.0, 6.0],
      "ProtocolName": "tfl_b1map_6mm",
      "RepetitionTime": 10000.0,
      "Rows": 32,
      "SAR": 0.0050554051009,
      "SamplesPerPixel": 1,
      "ScanningSequence": "GR",
      "SequenceName": "tfl2d1_512",
      "SequenceVariant": [
        "SK",
        "SP"
],
      "SeriesDescription": "tfl_b1map_6mm",
      "SeriesNumber": 20,
      "SeriesTime": "112744.538000",
      "SliceThickness": 6.0,
      "SmallestImagePixelValue": 0,
      "SoftwareVersions": "syngo MR E11",
      "SpacingBetweenSlices": 7.2,
      "SpecificCharacterSet": "ISO_IR 100",
      "StudyID": "1",
      "StudyTime": "103709.157000",
      "TransmitCoilName": "Body",
      "VariableFlipAngleFlag": "N",
      "WindowCenterWidthExplanation": "Algo1",
      "dBdt": 0.0},
    "slices": {
      "AcquisitionTime": ["112729.245000", "112724.202500", "112729.750000", "112724.707500", "112730.252500", "112725.212500", "112730.757500", "112725.715000", "112731.262500", "112726.220000", "112731.765000", "112726.725000", "112732.270000", "112727.227500", "112732.775000", "112727.732500", "112733.277500", "112728.237500", "112733.782500", "112728.740000"],
      "ContentTime": ["112744.563000", "112744.541000", "112744.565000", "112744.543000", "112744.567000", "112744.546000", "112744.569000", "112744.547000", "112744.582000", "112744.549000", "112744.585000", "112744.554000", "112744.597000", "112744.556000", "112744.599000", "112744.557000", "112744.606000", "112744.559000", "112744.608000", "112744.561000"],
      "CsaImage.ICE_Dims": [
        "X_1_1_1_1_1_1_11_1_1_1_1_70",
        "X_1_1_1_1_1_1_1_1_1_2_1_70",
        "X_1_1_1_1_1_1_12_1_1_3_1_70",
        "X_1_1_1_1_1_1_2_1_1_4_1_70",
        "X_1_1_1_1_1_1_13_1_1_5_1_70",
        "X_1_1_1_1_1_1_3_1_1_6_1_70",
        "X_1_1_1_1_1_1_14_1_1_7_1_70",
        "X_1_1_1_1_1_1_4_1_1_8_1_70",
        "X_1_1_1_1_1_1_15_1_1_9_1_70",
        "X_1_1_1_1_1_1_5_1_1_10_1_70",
        "X_1_1_1_1_1_1_16_1_1_11_1_70",
        "X_1_1_1_1_1_1_6_1_1_12_1_70",
        "X_1_1_1_1_1_1_17_1_1_13_1_70",
        "X_1_1_1_1_1_1_7_1_1_14_1_70",
        "X_1_1_1_1_1_1_18_1_1_15_1_70",
        "X_1_1_1_1_1_1_8_1_1_16_1_70",
        "X_1_1_1_1_1_1_19_1_1_17_1_70",
        "X_1_1_1_1_1_1_9_1_1_18_1_70",
        "X_1_1_1_1_1_1_20_1_1_19_1_70",
        "X_1_1_1_1_1_1_10_1_1_20_1_70"
],
      "CsaImage.ProtocolSliceNumber": [0, 1, 2, 3, 4, 5, 6, 7, 8, 9, 10, 11, 12, 13, 14, 15, 16, 17, 18, 19],
      "CsaImage.SliceMeasurementDuration": [127.5, 130.0, 127.5, 127.5, 130.0, 127.5, 127.5, 130.0, 127.5, 127.5, 130.0, 127.5, 127.5, 130.0, 127.5, 127.5, 130.0, 127.5, 130.0, 130.0],
      "CsaImage.SlicePosition_PCS": [
        [-99.6742959, -121.8314875, -27.65827105],
        [-99.6742959, -119.13432106, -20.98254702],
        [-99.6742959, -116.43715461, -14.30682299],
        [-99.6742959, -113.73998626, -7.63109896],
        [-99.6742959, -111.04281791, -0.95537493],
        [-99.6742959, -108.34565147, 5.7203491],
        [-99.6742959, -105.64848312, 12.39607313],
        [-99.6742959, -102.95131668, 19.07179716],
        [-99.6742959, -100.25414928, 25.74752023],
        [-99.6742959, -97.55698093, 32.42324426],
        [-99.6742959, -94.85981401, 39.09896805],
        [-99.6742959, -92.16264638, 45.77469137],
        [-99.6742959, -89.46547898, 52.4504154],
        [-99.6742959, -86.76831158, 59.12613943],
        [-99.6742959, -84.07114395, 65.80186346],
        [-99.6742959, -81.37397655, 72.47758558],
        [-99.6742959, -78.67680916, 79.15330961],
        [-99.6742959, -75.97964176, 85.82903364],
        [-99.6742959, -73.28247436, 92.50475767],
        [-99.6742959, -70.58530601, 99.1804817]
],
      "CsaImage.TimeAfterStart": [5.0425, 0.0, 5.5475, 0.505, 6.05, 1.01, 6.555, 1.5125, 7.06, 2.0175, 7.5625, 2.5225, 8.0675, 3.025, 8.5725, 3.53, 9.075, 4.035, 9.58, 4.5375],
      "ImagePositionPatient": [
        [-99.674295902252, -121.83148750073, -6.6582710500649],
        [-99.674295902252, -119.13432105786, 0.01745297947608],
        [-99.674295902252, -116.43715461499, 6.6931770090171],
        [-99.674295902252, -113.73998626477, 13.368901038558],
        [-99.674295902252, -111.04281791455, 20.044625068099],
        [-99.674295902252, -108.34565147168, 26.72034909764],
        [-99.674295902252, -105.64848312146, 33.396073127181],
        [-99.674295902252, -102.95131667859, 40.071797156722],
        [-99.674295902252, -100.25414928204, 46.747520232589],
        [-99.674295902252, -97.556980931823, 53.42324426213],
        [-99.674295902252, -94.859814012115, 60.098968053252],
        [-99.674295902252, -92.162646377151, 66.774691367538],
        [-99.674295902252, -89.465478980606, 73.450415397079],
        [-99.674295902252, -86.76831158406, 80.12613942662],
        [-99.674295902252, -84.071143949096, 86.801863456161],
        [-99.674295902252, -81.373976552551, 93.477585578353],
        [-99.674295902252, -78.676809156006, 100.15330960789],
        [-99.674295902252, -75.97964175946, 106.82903363744],
        [-99.674295902252, -73.282474362915, 113.50475766698],
        [-99.674295902252, -70.585306012695, 120.18048169652]
],
      "InstanceCreationTime": ["112744.563000", "112744.541000", "112744.565000", "112744.543000", "112744.567000", "112744.546000", "112744.569000", "112744.547000", "112744.582000", "112744.549000", "112744.585000", "112744.554000", "112744.597000", "112744.556000", "112744.599000", "112744.557000", "112744.606000", "112744.559000", "112744.608000", "112744.561000"],
      "InstanceNumber": [11, 1, 12, 2, 13, 3, 14, 4, 15, 5, 16, 6, 17, 7, 18, 8, 19, 9, 20, 10],
      "LargestImagePixelValue": [4089, 4095, 3505, 3429, 3324, 3473, 3776, 3746, 3408, 3630, 4095, 4095, 4095, 4095, 4095, 4095, 4095, 4095, 4062, 4043],
      "SliceLocation": [-51.812322735887, -44.612322865114, -37.41232299434, -30.212322409061, -23.012321823782, -15.812321953009, -8.6123213677295, -1.4123214969559, 5.7876778468389, 12.987678432118, 20.18767826046, 27.387677914626, 34.587678142652, 41.787678370679, 48.987678688018, 56.187677147581, 63.387677375608, 70.587677603634, 77.78767783166, 84.987678416939],
      "WindowCenter": [1523.0, 1439.0, 1315.0, 1455.0, 1430.0, 1653.0, 1666.0, 1646.0, 1570.0, 1632.0, 1824.0, 1763.0, 1859.0, 2192.0, 1865.0, 1839.0, 1350.0, 991.0, 528.0, 1.0],
      "WindowWidth": [2970.0, 2811.0, 2544.0, 2688.0, 2279.0, 2524.0, 2545.0, 2491.0, 2460.0, 2535.0, 2636.0, 2631.0, 2659.0, 3365.0, 3367.0, 3526.0, 3440.0, 3326.0, 3334.0, 2982.0]
    }
  }
}