{
  "AcquisitionMatrixPE": 32,
  "AcquisitionNumber": 1,
  "AcquisitionTime": "11:07:42.307500",
  "BaseResolution": 32,
  "BodyPartExamined": "BRAIN",
  "ConsistencyInfo": "N4_VE11C_LATEST_20160120",
  "ConversionSoftware": "dcm2niix",
  "ConversionSoftwareVersion": "v1.0.20190902",
  "DeviceSerialNumber": "167006",
  "DwellTime": 3.18e-05,
  "EchoTime": 0.00184,
  "FlipAngle": 80,
  "ImageComments": "flip_angle_map",
  "ImageOrientationPatientDICOM": [1, 0, 0, 0, 0.838671, -0.544639],
  "ImageType": [
    "ORIGINAL",
    "PRIMARY",
    "FLIP",
    "ANGLE",
    "MAP",
    "DIS2D"
],
  "ImagingFrequency": 123.259,
  "InPlanePhaseEncodingDirectionDICOM": "COL",
  "InstitutionAddress": "Chemin_Queen-Mary_4565_Montreal_District_CA_H3W_1W5",
  "InstitutionName": "IUGM",
  "InstitutionalDepartmentName": "Department",
  "MRAcquisitionType": "2D",
  "MagneticFieldStrength": 3,
  "Manufacturer": "Siemens",
  "ManufacturersModelName": "Prisma_fit",
  "Modality": "MR",
  "PartialFourier": 1,
  "PatientPosition": "HFS",
  "PercentPhaseFOV": 100,
  "PhaseEncodingDirection": "j-",
  "PhaseEncodingSteps": 32,
  "PhaseResolution": 1,
  "PixelBandwidth": 490,
  "ProcedureStepDescription": "neuromod_generic",
  "ProtocolName": "tfl_b1map_6mm",
  "PulseSequenceDetails": "%SiemensSeq%_tfl_b1map",
  "ReceiveCoilActiveElements": "HC1-7;NC1",
  "ReceiveCoilName": "HeadNeck_64",
  "ReconMatrixPE": 32,
  "RepetitionTime": 10,
  "SAR": 0.00543964,
  "ScanningSequence": "GR",
  "SequenceName": "tfl2d1_512",
  "SequenceVariant": "SK_SP",
  "SeriesDescription": "tfl_b1map_6mm",
  "SeriesNumber": 21,
  "ShimSetting": [610, -7179, -8893, 272, -18, -226, -12, -10],
  "SliceThickness": 6,
  "SliceTiming": [5.03906, 0, 5.54688, 0.50781, 6.04688, 1.00781, 6.55469, 1.51562, 7.0625, 2.01562, 7.5625, 2.52344, 8.07031, 3.02344, 8.57031, 3.53125, 9.07812, 4.03125, 9.57812, 4.53906],
  "SoftwareVersions": "syngo_MR_E11",
  "SpacingBetweenSlices": 7.2,
  "StationName": "MRC35049",
  "TxRefAmp": 249.919,
  "dcmmeta_affine": [
    [-6.0, 0.0, 0.0, 95.49686431884766],
    [0.0, 5.0320234298706055, -3.9214019775390625, -35.20570755004883],
    [0.0, 3.267834186553955, 6.038429260253906, -113.43328094482422],
    [0.0, 0.0, 0.0, 1.0]
],
  "dcmmeta_reorient_transform": [
    [0.0, -1.0, 0.0, 31.0],
    [1.0, 0.0, 0.0, 0.0],
    [0.0, 0.0, -1.0, 19.0],
    [0.0, 0.0, 0.0, 1.0]
],
  "dcmmeta_shape": [32, 32, 20],
  "dcmmeta_slice_dim": 2,
  "dcmmeta_version": 0.6,
  "global": {
    "const": {
      "AcquisitionMatrix": [32, 0, 0, 32],
      "AcquisitionNumber": 1,
      "AngioFlag": "N",
      "BitsAllocated": 16,
      "BitsStored": 12,
      "BodyPartExamined": "BRAIN",
      "Columns": 32,
      "EchoNumbers": 1,
      "EchoTime": 1.84,
      "EchoTrainLength": 1,
      "FlipAngle": 80.0,
      "HighBit": 11,
      "ImageOrientationPatient": [1.0, 0.0, 0.0, 0.0, 0.83867056370374, -0.5446390415466],
      "ImageType": [
        "ORIGINAL",
        "PRIMARY",
        "FLIP ANGLE MAP",
        "DIS2D"
],
      "ImagedNucleus": "1H",
      "ImagingFrequency": 123.259285,
      "InPlanePhaseEncodingDirection": "COL",
      "MRAcquisitionType": "2D",
      "MagneticFieldStrength": 3.0,
      "Manufacturer": "SIEMENS",
      "ManufacturerModelName": "Prisma_fit",
      "Modality": "MR",
      "NumberOfAverages": 1.0,
      "NumberOfPhaseEncodingSteps": 32,
      "PercentPhaseFieldOfView": 100.0,
      "PercentSampling": 100.0,
      "PerformedProcedureStepStartTime": "102115.592000",
      "PhotometricInterpretation": "MONOCHROME2",
      "PixelBandwidth": 490.0,
      "PixelRepresentation": 0,
      "PixelSpacing": [6.0, 6.0],
      "ProtocolName": "tfl_b1map_6mm",
      "RepetitionTime": 10000.0,
      "Rows": 32,
      "SAR": 0.00543964220051,
      "SamplesPerPixel": 1,
      "ScanningSequence": "GR",
      "SequenceName": "tfl2d1_512",
      "SequenceVariant": [
        "SK",
        "SP"
],
      "SeriesDescription": "tfl_b1map_6mm",
      "SeriesNumber": 21,
      "SeriesTime": "110748.401000",
      "SliceThickness": 6.0,
      "SmallestImagePixelValue": 0,
      "SoftwareVersions": "syngo MR E11",
      "SpacingBetweenSlices": 7.2,
      "SpecificCharacterSet": "ISO_IR 100",
      "StudyID": "1",
      "StudyTime": "102115.299000",
      "TransmitCoilName": "Body",
      "VariableFlipAngleFlag": "N",
      "WindowCenterWidthExplanation": "Algo1",
      "dBdt": 0.0},
    "slices": {
      "AcquisitionTime": ["110742.307500", "110737.265000", "110742.812500", "110737.770000", "110743.315000", "110738.275000", "110743.820000", "110738.777500", "110744.325000", "110739.282500", "110744.827500", "110739.787500", "110745.332500", "110740.290000", "110745.837500", "110740.795000", "110746.340000", "110741.300000", "110746.845000", "110741.802500"],
      "ContentTime": ["110748.427000", "110748.403000", "110748.429000", "110748.405000", "110748.430000", "110748.408000", "110748.432000", "110748.410000", "110748.434000", "110748.411000", "110748.436000", "110748.413000", "110748.438000", "110748.419000", "110748.440000", "110748.421000", "110748.442000", "110748.423000", "110748.443000", "110748.425000"],
      "CsaImage.ICE_Dims": [
        "X_1_1_2_1_1_1_11_1_1_1_1_32",
        "X_1_1_2_1_1_1_1_1_1_2_1_32",
        "X_1_1_2_1_1_1_12_1_1_3_1_32",
        "X_1_1_2_1_1_1_2_1_1_4_1_32",
        "X_1_1_2_1_1_1_13_1_1_5_1_32",
        "X_1_1_2_1_1_1_3_1_1_6_1_32",
        "X_1_1_2_1_1_1_14_1_1_7_1_32",
        "X_1_1_2_1_1_1_4_1_1_8_1_32",
        "X_1_1_2_1_1_1_15_1_1_9_1_32",
        "X_1_1_2_1_1_1_5_1_1_10_1_32",
        "X_1_1_2_1_1_1_16_1_1_11_1_32",
        "X_1_1_2_1_1_1_6_1_1_12_1_32",
        "X_1_1_2_1_1_1_17_1_1_13_1_32",
        "X_1_1_2_1_1_1_7_1_1_14_1_32",
        "X_1_1_2_1_1_1_18_1_1_15_1_32",
        "X_1_1_2_1_1_1_8_1_1_16_1_32",
        "X_1_1_2_1_1_1_19_1_1_17_1_32",
        "X_1_1_2_1_1_1_9_1_1_18_1_32",
        "X_1_1_2_1_1_1_20_1_1_19_1_32",
        "X_1_1_2_1_1_1_10_1_1_20_1_32"
],
      "CsaImage.ProtocolSliceNumber": [0, 1, 2, 3, 4, 5, 6, 7, 8, 9, 10, 11, 12, 13, 14, 15, 16, 17, 18, 19],
      "CsaImage.SliceMeasurementDuration": [127.5, 130.0, 127.5, 127.5, 130.0, 127.5, 127.5, 130.0, 127.5, 127.5, 130.0, 127.5, 127.5, 130.0, 127.5, 127.5, 130.0, 127.5, 127.5, 130.0],
      "CsaImage.SlicePosition_PCS": [
        [-95.49686384, -120.7870018, -5.13039679],
        [-95.49686384, -116.86559982, 0.90803247],
        [-95.49686384, -112.94419785, 6.94646173],
        [-95.49686384, -109.02279778, 12.98489099],
        [-95.49686384, -105.1013958, 19.02331643],
        [-95.49686384, -101.17999573, 25.06174569],
        [-95.49686384, -97.25859375, 31.10017305],
        [-95.49686384, -93.33719368, 37.13860135],
        [-95.49686384, -89.4157917, 43.17702966],
        [-95.49686384, -85.49439116, 49.21545773],
        [-95.49686384, -81.57299001, 55.2538858],
        [-95.49686384, -77.65158911, 61.29231363],
        [-95.49686384, -73.73018808, 67.33074193],
        [-95.49686384, -69.80878658, 73.36917024],
        [-95.49686384, -65.88738556, 79.40759759],
        [-95.49686384, -61.96598549, 85.44602685],
        [-95.49686384, -58.04458351, 91.48445611],
        [-95.49686384, -54.12318344, 97.52288156],
        [-95.49686384, -50.20178146, 103.56131082],
        [-95.49686384, -46.28037949, 109.59974008]
],
      "CsaImage.TimeAfterStart": [15.125, 10.0825, 15.63, 10.5875, 16.1325, 11.0925, 16.6375, 11.595, 17.1425, 12.1, 17.645, 12.605, 18.15, 13.1075, 18.655, 13.6125, 19.1575, 14.1175, 19.6625, 14.62],
      "ImagePositionPatient": [
        [-95.49686384201, -120.78700180111, -12.130396793016],
        [-95.49686384201, -116.86559982357, -6.0919675327618],
        [-95.49686384201, -112.94419784603, -0.0535382725079],
        [-95.49686384201, -109.02279777584, 5.984890987746],
        [-95.49686384201, -105.1013957983, 12.023316433303],
        [-95.49686384201, -101.17999572811, 18.061745693557],
        [-95.49686384201, -97.258593750569, 24.100173046462],
        [-95.49686384201, -93.337193680378, 30.138601353041],
        [-95.49686384201, -89.415791702839, 36.177029659621],
        [-95.49686384201, -85.494391155812, 42.215457727782],
        [-95.49686384201, -81.572990012738, 48.253885795943],
        [-95.49686384201, -77.651589108082, 54.292313625685],
        [-95.49686384201, -73.730188084217, 60.330741932265],
        [-95.49686384201, -69.808786583516, 66.369170238845],
        [-95.49686384201, -65.887385559651, 72.40759759175],
        [-95.49686384201, -61.96598548946, 78.446026852004],
        [-95.49686384201, -58.044583511921, 84.484456112258],
        [-95.49686384201, -54.123183441731, 90.522881557814],
        [-95.49686384201, -50.201781464192, 96.561310818068],
        [-95.49686384201, -46.280379486653, 102.59974007832]
],
      "InstanceCreationTime": ["110748.427000", "110748.403000", "110748.429000", "110748.405000", "110748.430000", "110748.408000", "110748.432000", "110748.410000", "110748.434000", "110748.411000", "110748.436000", "110748.413000", "110748.438000", "110748.419000", "110748.440000", "110748.421000", "110748.442000", "110748.423000", "110748.443000", "110748.425000"],
      "InstanceNumber": [11, 1, 12, 2, 13, 3, 14, 4, 15, 5, 16, 6, 17, 7, 18, 8, 19, 9, 20, 10],
      "LargestImagePixelValue": [1081, 1412, 1969, 1303, 1074, 1250, 1064, 1025, 1041, 1020, 998, 1112, 1263, 1991, 2012, 1931, 2012, 2058, 2034, 2060],
      "SliceLocation": [-75.958723608596, -68.758722122448, -61.5587206363, -54.358720188968, -47.158721902094, -39.958721454762, -32.758721568251, -25.558721920738, -18.358721234408, -11.158721527145, -3.9587214952525, 3.2412782068336, 10.441278373755, 17.641278800381, 24.841278167484, 32.041278614815, 39.241280100964, 46.441277349021, 53.641278835169, 60.841280321318],
      "WindowCenter": [1056.0, 1054.0, 1080.0, 1046.0, 1062.0, 1061.0, 1070.0, 1062.0, 1104.0, 1068.0, 1066.0, 1047.0, 1077.0, 1071.0, 1063.0, 1057.0, 1072.0, 1080.0, 1133.0, 1217.0],
      "WindowWidth": [1720.0, 1700.0, 1787.0, 1614.0, 1634.0, 1636.0, 1647.0, 1640.0, 1791.0, 1642.0, 1637.0, 1615.0, 1768.0, 1810.0, 1776.0, 1793.0, 1849.0, 1951.0, 2059.0, 2226.0]
    }
  }
}