{
  "AcquisitionMatrixPE": 36,
  "AcquisitionNumber": 1,
  "AcquisitionTime": "16:36:30.830000",
  "BandwidthPerPixelPhaseEncode": 29.551,
  "BaseResolution": 96,
  "BodyPartExamined": "CSPINE",
  "CoilString": "HC7;NC1_2",
  "ConsistencyInfo": "N4_VE11C_LATEST_20160120",
  "ConversionSoftware": "dcm2niix",
  "ConversionSoftwareVersion": "v1.0.20190902",
  "DerivedVendorReportedEchoSpacing": 0.000939994,
  "DeviceSerialNumber": "167006",
  "DiffusionScheme": "Monopolar",
  "DwellTime": 4.1e-06,
  "EchoTime": 0.06,
  "EchoTrainLength": 31,
  "EffectiveEchoSpacing": 0.000939995,
  "FlipAngle": 90,
  "ImageOrientationPatientDICOM": [0.996426, -0.0698611, 0.0474873, 0.060944, 0.983808, 0.168544],
  "ImageType": [
    "ORIGINAL",
    "PRIMARY",
    "DIFFUSION",
    "NONE",
    "ND",
    "MOSAIC"
],
  "ImagingFrequency": 123.259,
  "InPlanePhaseEncodingDirectionDICOM": "COL",
  "InstitutionAddress": "Chemin_Queen-Mary_4565_Montreal_District_CA_H3W_1W5",
  "InstitutionName": "IUGM",
  "InstitutionalDepartmentName": "Department",
  "MRAcquisitionType": "2D",
  "MagneticFieldStrength": 3,
  "Manufacturer": "Siemens",
  "ManufacturersModelName": "Prisma_fit",
  "Modality": "MR",
  "PartialFourier": 0.875,
  "PatientPosition": "HFS",
  "PercentPhaseFOV": 37.5,
  "PhaseEncodingDirection": "j-",
  "PhaseEncodingSteps": 31,
  "PhaseResolution": 1,
  "PixelBandwidth": 1270,
  "ProcedureStepDescription": "hcptrt_generic",
  "ProtocolName": "DWI",
  "PulseSequenceDetails": "%SiemensSeq%_ep2d_diff",
  "ReceiveCoilActiveElements": "HC7;NC1,2",
  "ReceiveCoilName": "HeadNeck_64",
  "ReconMatrixPE": 36,
  "RepetitionTime": 0.61,
  "SAR": 0.558761,
  "ScanOptions": "PFP_SFS_CT",
  "ScanningSequence": "EP",
  "SequenceName": "_ez_b0",
  "SequenceVariant": "SK_SP",
  "SeriesDescription": "DWI",
  "SeriesNumber": 35,
  "ShimSetting": [548, -7406, -9203, -1773, -349, 939, 737, 89],
  "SliceThickness": 5,
  "SliceTiming": [0, 0.78, 1.59, 2.425, 3.24, 0.195, 0.975, 1.785, 2.62, 3.435, 0.3925, 1.1725, 1.9825, 2.8175, 3.6325],
  "SoftwareVersions": "syngo_MR_E11",
  "SpacingBetweenSlices": 5,
  "StationName": "MRC35049",
  "TotalReadoutTime": 0.0328998,
  "TxRefAmp": 325.962,
  "dcmmeta_affine": [
    [-0.8926314115524292, 0.05459567531943321, 0.29246512055397034, 32.449432373046875],
    [0.06258385628461838, 0.8813282251358032, 0.8252379894256592, -35.5183219909668],
    [0.042540665715932846, -0.1509873867034912, 4.922747611999512, -137.33311462402344],
    [0.0, 0.0, 0.0, 1.0]
],
  "dcmmeta_reorient_transform": [
    [0.0, -1.0, 0.0, 35.0],
    [1.0, 0.0, 0.0, 0.0],
    [0.0, 0.0, -1.0, 14.0],
    [0.0, 0.0, 0.0, 1.0]
],
  "dcmmeta_shape": [96, 36, 15, 35],
  "dcmmeta_slice_dim": 2,
  "dcmmeta_version": 0.6,
  "global": {
    "const": {
      "AcquisitionMatrix": [96, 0, 0, 36],
      "AngioFlag": "N",
      "BitsAllocated": 16,
      "BitsStored": 12,
      "BodyPartExamined": "CSPINE",
      "CardiacNumberOfImages": 1,
      "Columns": 384,
      "EchoNumbers": 1,
      "EchoTime": 60.0,
      "EchoTrainLength": 31,
      "FlipAngle": 90.0,
      "HighBit": 11,
      "ImageOrientationPatient": [0.99642580949687, -0.0698610521947, 0.04748725676179, 0.06094401131194, 0.98380827605137, 0.16854406978014],
      "ImagePositionPatient": [-169.94188510694, -45.461144808005, -87.978380069474],
      "ImageType": [
        "ORIGINAL",
        "PRIMARY",
        "DIFFUSION",
        "NONE",
        "ND",
        "MOSAIC"
],
      "ImagedNucleus": "1H",
      "ImagingFrequency": 123.259317,
      "InPlanePhaseEncodingDirection": "COL",
      "MRAcquisitionType": "2D",
      "MagneticFieldStrength": 3.0,
      "Manufacturer": "SIEMENS",
      "ManufacturerModelName": "Prisma_fit",
      "Modality": "MR",
      "NominalInterval": 0,
      "NumberOfAverages": 1.0,
      "NumberOfPhaseEncodingSteps": 31,
      "PercentPhaseFieldOfView": 37.5,
      "PercentSampling": 100.0,
      "PerformedProcedureStepStartTime": "151607.263000",
      "PhotometricInterpretation": "MONOCHROME2",
      "PixelBandwidth": 1270.0,
      "PixelRepresentation": 0,
      "PixelSpacing": [0.89583331346512, 0.89583331346512],
      "ProtocolName": "DWI",
      "RepetitionTime": 610.0,
      "Rows": 144,
      "SAR": 0.55876060126398,
      "SamplesPerPixel": 1,
      "ScanOptions": [
        "PFP",
        "SFS",
        "CT"
],
      "ScanningSequence": "EP",
      "SequenceVariant": [
        "SK",
        "SP"
],
      "SeriesDescription": "DWI",
      "SeriesNumber": 35,
      "SeriesTime": "163631.000000",
      "SliceLocation": -69.175409132009,
      "SliceThickness": 5.0,
      "SmallestImagePixelValue": 0,
      "SoftwareVersions": "syngo MR E11",
      "SpacingBetweenSlices": 4.9999999047388,
      "SpecificCharacterSet": "ISO_IR 100",
      "StudyID": "1",
      "StudyTime": "151607.177000",
      "TransmitCoilName": "Body",
      "VariableFlipAngleFlag": "N",
      "WindowCenterWidthExplanation": "Algo1",
      "dBdt": 0.0},
    "slices": {}
  },
  "time": {
    "samples": {
      "AcquisitionNumber": [1, 2, 3, 4, 5, 6, 7, 8, 9, 10, 11, 12, 13, 14, 15, 16, 17, 18, 19, 20, 21, 22, 23, 24, 25, 26, 27, 28, 29, 30, 31, 32, 33, 34, 35],
      "AcquisitionTime": ["163630.830000", "163634.925000", "163638.930000", "163642.900000", "163647.010000", "163651.135000", "163655.135000", "163659.475000", "163703.652500", "163707.602500", "163712.307500", "163716.477500", "163720.867500", "163725.172500", "163729.482500", "163733.682500", "163737.817500", "163742.112500", "163746.362500", "163750.707500", "163755.002500", "163759.285000", "163803.380000", "163807.560000", "163811.665000", "163815.620000", "163819.790000", "163824.060000", "163828.400000", "163832.760000", "163837.165000", "163841.275000", "163845.335000", "163849.765000", "163853.697500"],
      "ContentTime": ["163631.003000", "163639.358000", "163639.361000", "163644.359000", "163649.359000", "163654.359000", "163659.358000", "163704.359000", "163704.362000", "163709.359000", "163714.359000", "163719.359000", "163724.359000", "163729.359000", "163734.358000", "163734.361000", "163739.359000", "163744.359000", "163749.358000", "163754.359000", "163759.359000", "163804.359000", "163804.362000", "163809.359000", "163814.359000", "163819.359000", "163824.358000", "163824.361000", "163829.359000", "163834.359000", "163839.359000", "163844.358000", "163849.359000", "163853.888000", "163853.891000"],
      "InstanceCreationTime": ["163631.003000", "163639.358000", "163639.361000", "163644.359000", "163649.359000", "163654.359000", "163659.358000", "163704.359000", "163704.362000", "163709.359000", "163714.359000", "163719.359000", "163724.359000", "163729.359000", "163734.358000", "163734.361000", "163739.359000", "163744.359000", "163749.358000", "163754.359000", "163759.359000", "163804.359000", "163804.362000", "163809.359000", "163814.359000", "163819.359000", "163824.358000", "163824.361000", "163829.359000", "163834.359000", "163839.359000", "163844.358000", "163849.359000", "163853.888000", "163853.891000"],
      "InstanceNumber": [1, 2, 3, 4, 5, 6, 7, 8, 9, 10, 11, 12, 13, 14, 15, 16, 17, 18, 19, 20, 21, 22, 23, 24, 25, 26, 27, 28, 29, 30, 31, 32, 33, 34, 35],
      "LargestImagePixelValue": [4095, 2999, 3409, 2823, 3117, 3099, 3240, 3456, 3411, 3230, 3594, 3230, 3019, 3023, 3327, 2909, 3065, 2976, 3303, 2913, 2881, 2921, 3058, 2846, 3057, 3250, 2791, 2943, 3098, 3037, 2891, 4095, 4095, 4095, 4095],
      "SequenceName": [
        "*ez_b0",
        "*ez_b800#1",
        "*ez_b800#2",
        "*ez_b800#3",
        "*ez_b800#4",
        "*ez_b800#5",
        "*ez_b800#6",
        "*ez_b800#7",
        "*ez_b800#8",
        "*ez_b800#9",
        "*ez_b800#10",
        "*ez_b800#11",
        "*ez_b800#12",
        "*ez_b800#13",
        "*ez_b800#14",
        "*ez_b800#15",
        "*ez_b800#16",
        "*ez_b800#17",
        "*ez_b800#18",
        "*ez_b800#19",
        "*ez_b800#20",
        "*ez_b800#21",
        "*ez_b800#22",
        "*ez_b800#23",
        "*ez_b800#24",
        "*ez_b800#25",
        "*ez_b800#26",
        "*ez_b800#27",
        "*ez_b800#28",
        "*ez_b800#29",
        "*ez_b800#30",
        "*ez_b0",
        "*ez_b0",
        "*ez_b0",
        "*ez_b0"
],
      "TriggerTime": [572.5, 572.5, 572.5, 572.5, 572.5, 570.0, 570.0, 570.0, 570.0, 570.0, 572.5, 572.5, 572.5, 572.5, 572.5, 572.5, 572.5, 570.0, 570.0, 570.0, 570.0, 570.0, 572.5, 572.5, 572.5, 572.5, 572.5, 572.5, 572.5, 572.5, 570.0, 570.0, 570.0, 570.0, 570.0],
      "WindowCenter": [1163.0, 698.0, 705.0, 696.0, 717.0, 732.0, 731.0, 731.0, 703.0, 716.0, 734.0, 733.0, 698.0, 698.0, 726.0, 698.0, 704.0, 724.0, 729.0, 708.0, 696.0, 690.0, 735.0, 740.0, 735.0, 723.0, 710.0, 728.0, 748.0, 735.0, 754.0, 1204.0, 1218.0, 1290.0, 1178.0],
      "WindowWidth": [2379.0, 1416.0, 1431.0, 1413.0, 1476.0, 1522.0, 1522.0, 1505.0, 1424.0, 1461.0, 1512.0, 1520.0, 1416.0, 1415.0, 1504.0, 1412.0, 1429.0, 1485.0, 1490.0, 1432.0, 1409.0, 1393.0, 1539.0, 1550.0, 1548.0, 1494.0, 1453.0, 1513.0, 1582.0, 1521.0, 1590.0, 2439.0, 2456.0, 2546.0, 2401.0]
    },
    "slices": {}
  }
}