{
  "AcquisitionMatrixPE": 256,
  "AcquisitionNumber": 1,
  "AcquisitionTime": "14:11:11.940000",
  "BaseResolution": 256,
  "BodyPartExamined": "CSPINE",
  "CoilString": "HC7;NC1_2",
  "ConsistencyInfo": "N4_VE11C_LATEST_20160120",
  "ConversionSoftware": "dcm2niix",
  "ConversionSoftwareVersion": "v1.0.20190902",
  "DeviceSerialNumber": "167006",
  "DwellTime": 7.5e-06,
  "EchoTime": 0.00313,
  "FlipAngle": 9,
  "ImageOrientationPatientDICOM": [0.997679, 0.068022, -0.00313283, -0.0680149, 0.993246, -0.0939993],
  "ImageType": [
    "ORIGINAL",
    "PRIMARY",
    "M",
    "DIS2D"
],
  "ImagingFrequency": 123.259,
  "InPlanePhaseEncodingDirectionDICOM": "COL",
  "InstitutionAddress": "Chemin_Queen-Mary_4565_Montreal_District_CA_H3W_1W5",
  "InstitutionName": "IUGM",
  "InstitutionalDepartmentName": "Department",
  "MRAcquisitionType": "3D",
  "MagneticFieldStrength": 3,
  "Manufacturer": "Siemens",
  "ManufacturersModelName": "Prisma_fit",
  "Modality": "MR",
  "ParallelReductionFactorInPlane": 2,
  "PartialFourier": 1,
  "PatientPosition": "HFS",
  "PercentPhaseFOV": 100,
  "PhaseEncodingSteps": 255,
  "PhaseResolution": 1,
  "PixelBandwidth": 260,
  "ProcedureStepDescription": "hcptrt_generic",
  "ProtocolName": "GRE-MT1",
  "PulseSequenceDetails": "%SiemensSeq%_gre",
  "ReceiveCoilActiveElements": "HC7;NC1,2",
  "ReceiveCoilName": "HeadNeck_64",
  "ReconMatrixPE": 256,
  "RefLinesPE": 32,
  "RepetitionTime": 0.035,
  "SAR": 0.517322,
  "ScanOptions": "MT",
  "ScanningSequence": "GR",
  "SequenceName": "_fl3d1",
  "SequenceVariant": "MTC_SP",
  "SeriesDescription": "GRE-MT1",
  "SeriesNumber": 33,
  "ShimSetting": [603, -7315, -9275, -1098, 36, 1845, -569, 121],
  "SliceThickness": 5,
  "SoftwareVersions": "syngo_MR_E11",
  "StationName": "MRC35049",
  "TxRefAmp": 288.785,
  "dcmmeta_affine": [
    [0.8963521122932434, -0.06110715493559837, 0.016411729156970978, -108.01591491699219],
    [0.06111349165439606, 0.8923696875572205, -0.4699709713459015, -101.70645904541016],
    [0.002814651932567358, 0.08445249497890472, 4.977836608886719, -202.747314453125],
    [0.0, 0.0, 0.0, 1.0]
],
  "dcmmeta_reorient_transform": [
    [0.0, -1.0, 0.0, 255.0],
    [-1.0, 0.0, 0.0, 255.0],
    [0.0, 0.0, -1.0, 21.0],
    [0.0, 0.0, 0.0, 1.0]
],
  "dcmmeta_shape": [256, 256, 22],
  "dcmmeta_slice_dim": 2,
  "dcmmeta_version": 0.6,
  "global": {
    "const": {
      "AcquisitionMatrix": [256, 0, 0, 256],
      "AcquisitionNumber": 1,
      "AcquisitionTime": "141111.940000",
      "AngioFlag": "N",
      "BitsAllocated": 16,
      "BitsStored": 12,
      "BodyPartExamined": "CSPINE",
      "Columns": 256,
      "EchoNumbers": 1,
      "EchoTime": 3.13,
      "EchoTrainLength": 1,
      "FlipAngle": 9.0,
      "HighBit": 11,
      "ImageOrientationPatient": [0.99767890464438, 0.06802197147339, -0.003132830106, -0.0680149206673, 0.99324624464963, -0.0939992981677],
      "ImageType": [
        "ORIGINAL",
        "PRIMARY",
        "M",
        "DIS2D"
],
      "ImagedNucleus": "1H",
      "ImagingFrequency": 123.259219,
      "InPlanePhaseEncodingDirection": "COL",
      "MRAcquisitionType": "3D",
      "MagneticFieldStrength": 3.0,
      "Manufacturer": "SIEMENS",
      "ManufacturerModelName": "Prisma_fit",
      "Modality": "MR",
      "NumberOfAverages": 1.0,
      "NumberOfPhaseEncodingSteps": 255,
      "PercentPhaseFieldOfView": 100.0,
      "PercentSampling": 100.0,
      "PerformedProcedureStepStartTime": "131048.233000",
      "PhotometricInterpretation": "MONOCHROME2",
      "PixelBandwidth": 260.0,
      "PixelRepresentation": 0,
      "PixelSpacing": [0.8984375, 0.8984375],
      "ProtocolName": "GRE-MT1",
      "RepetitionTime": 35.0,
      "Rows": 256,
      "SAR": 0.51732193626018,
      "SamplesPerPixel": 1,
      "ScanOptions": "MT",
      "ScanningSequence": "GR",
      "SequenceName": "*fl3d1",
      "SequenceVariant": [
        "MTC",
        "SP"
],
      "SeriesDescription": "GRE-MT1",
      "SeriesNumber": 33,
      "SeriesTime": "141325.142000",
      "SliceThickness": 5.0,
      "SmallestImagePixelValue": 0,
      "SoftwareVersions": "syngo MR E11",
      "SpecificCharacterSet": "ISO_IR 100",
      "StudyID": "1",
      "StudyTime": "131048.127000",
      "TransmitCoilName": "Body",
      "VariableFlipAngleFlag": "N",
      "WindowCenterWidthExplanation": "Algo1",
      "dBdt": 0.0},
    "slices": {
      "ContentTime": ["141325.144000", "141325.147000", "141325.149000", "141325.151000", "141325.164000", "141325.166000", "141325.168000", "141325.170000", "141325.172000", "141325.174000", "141325.176000", "141325.178000", "141325.180000", "141325.182000", "141325.184000", "141325.186000", "141325.188000", "141325.190000", "141325.192000", "141325.194000", "141325.196000", "141325.198000"],
      "CsaImage.Actual3DImaPartNumber": [0, 1, 2, 3, 4, 5, 6, 7, 8, 9, 10, 11, 12, 13, 14, 15, 16, 17, 18, 19, 20, 21],
      "CsaImage.ICE_Dims": [
        "X_1_1_1_1_1_1_1_1_1_1_1_260",
        "X_1_1_1_1_1_2_1_1_1_1_1_260",
        "X_1_1_1_1_1_3_1_1_1_1_1_260",
        "X_1_1_1_1_1_4_1_1_1_1_1_260",
        "X_1_1_1_1_1_5_1_1_1_1_1_260",
        "X_1_1_1_1_1_6_1_1_1_1_1_260",
        "X_1_1_1_1_1_7_1_1_1_1_1_260",
        "X_1_1_1_1_1_8_1_1_1_1_1_260",
        "X_1_1_1_1_1_9_1_1_1_1_1_260",
        "X_1_1_1_1_1_10_1_1_1_1_1_260",
        "X_1_1_1_1_1_11_1_1_1_1_1_260",
        "X_1_1_1_1_1_12_1_1_1_1_1_260",
        "X_1_1_1_1_1_13_1_1_1_1_1_260",
        "X_1_1_1_1_1_14_1_1_1_1_1_260",
        "X_1_1_1_1_1_15_1_1_1_1_1_260",
        "X_1_1_1_1_1_16_1_1_1_1_1_260",
        "X_1_1_1_1_1_17_1_1_1_1_1_260",
        "X_1_1_1_1_1_18_1_1_1_1_1_260",
        "X_1_1_1_1_1_19_1_1_1_1_1_260",
        "X_1_1_1_1_1_20_1_1_1_1_1_260",
        "X_1_1_1_1_1_21_1_1_1_1_1_260",
        "X_1_1_1_1_1_22_1_1_1_1_1_260"
],
      "CsaImage.SlicePosition_PCS": [
        [-104.97155379, -141.43175017, -41.49418876],
        [-104.98796552, -140.96177919, -36.51635208],
        [-105.00437725, -140.49180821, -31.53851541],
        [-105.02078898, -140.02183723, -26.56067874],
        [-105.03720071, -139.55186625, -21.58284207],
        [-105.05361244, -139.08189527, -16.6050054],
        [-105.07002417, -138.61192429, -11.62716872],
        [-105.0864359, -138.14195331, -6.64933205],
        [-105.10284763, -137.67198233, -1.67149538],
        [-105.11925936, -137.20201135, 3.30634129],
        [-105.13567108, -136.73204037, 8.28417796],
        [-105.15208281, -136.26206939, 13.26201464],
        [-105.16849454, -135.79209841, 18.23985131],
        [-105.18490627, -135.32212743, 23.21768798],
        [-105.201318, -134.85215645, 28.19552465],
        [-105.21772973, -134.38218547, 33.17336132],
        [-105.23414146, -133.91221449, 38.151198],
        [-105.25055319, -133.44224351, 43.12903467],
        [-105.26696492, -132.97227253, 48.10687134],
        [-105.28337665, -132.50230155, 53.08470801],
        [-105.29978838, -132.03233056, 58.06254468],
        [-105.31620011, -131.56235958, 63.04038136]
],
      "ImagePositionPatient": [
        [-104.97155379288, -141.4317501674, -180.49418875625],
        [-104.98796552209, -140.96177918728, -175.51635208426],
        [-105.00437725129, -140.49180820716, -170.53851541227],
        [-105.02078898049, -140.02183722704, -165.56067874029],
        [-105.0372007097, -139.55186624691, -160.5828420683],
        [-105.0536124389, -139.08189526679, -155.60500539631],
        [-105.0700241681, -138.61192428667, -150.62716872432],
        [-105.0864358973, -138.14195330655, -145.64933205233],
        [-105.10284762651, -137.67198232643, -140.67149538035],
        [-105.11925935571, -137.2020113463, -135.69365870836],
        [-105.13567108491, -136.73204036618, -130.71582203637],
        [-105.15208281411, -136.26206938606, -125.73798536438],
        [-105.16849454332, -135.79209840594, -120.76014869239],
        [-105.18490627252, -135.32212742581, -115.78231202041],
        [-105.20131800172, -134.85215644569, -110.80447534842],
        [-105.21772973093, -134.38218546557, -105.82663867643],
        [-105.23414146013, -133.91221448545, -100.84880200444],
        [-105.25055318933, -133.44224350533, -95.870965332455],
        [-105.26696491853, -132.9722725252, -90.893128660467],
        [-105.28337664774, -132.50230154508, -85.915291988479],
        [-105.29978837694, -132.03233056496, -80.937455316491],
        [-105.31620010614, -131.56235958484, -75.959618644503]
],
      "InstanceCreationTime": ["141325.144000", "141325.147000", "141325.149000", "141325.151000", "141325.164000", "141325.166000", "141325.168000", "141325.170000", "141325.172000", "141325.174000", "141325.176000", "141325.178000", "141325.180000", "141325.182000", "141325.184000", "141325.186000", "141325.188000", "141325.190000", "141325.192000", "141325.194000", "141325.196000", "141325.198000"],
      "InstanceNumber": [22, 21, 20, 19, 18, 17, 16, 15, 14, 13, 12, 11, 10, 9, 8, 7, 6, 5, 4, 3, 2, 1],
      "LargestImagePixelValue": [2274, 3660, 4095, 4095, 4095, 4095, 4095, 4095, 4095, 4095, 4095, 4095, 4095, 4095, 4095, 4095, 4095, 4095, 4095, 4095, 4095, 3934],
      "SliceLocation": [-192.64332908065, -187.64332908065, -182.64332908065, -177.64332908065, -172.64332908065, -167.64332908065, -162.64332908065, -157.64332908065, -152.64332908065, -147.64332908065, -142.64332908065, -137.64332908065, -132.64332908065, -127.64332908065, -122.64332908065, -117.64332908065, -112.64332908065, -107.64332908065, -102.64332908065, -97.643329080655, -92.643329080655, -87.643329080655],
      "WindowCenter": [518.0, 972.0, 1441.0, 1937.0, 2219.0, 2133.0, 1863.0, 2055.0, 2154.0, 2055.0, 1788.0, 1673.0, 1709.0, 1722.0, 1729.0, 1673.0, 1644.0, 1662.0, 1730.0, 1692.0, 1425.0, 883.0],
      "WindowWidth": [1130.0, 2034.0, 2904.0, 3404.0, 3686.0, 3883.0, 4049.0, 3923.0, 3784.0, 3638.0, 3583.0, 3482.0, 3669.0, 3944.0, 4004.0, 4049.0, 4074.0, 4055.0, 3903.0, 3517.0, 2846.0, 2057.0]
    }
  }
}