{
  "AcquisitionMatrixPE": 256,
  "AcquisitionNumber": 1,
  "AcquisitionTime": "14:14:52.955000",
  "BaseResolution": 256,
  "BodyPartExamined": "CSPINE",
  "CoilCombinationMethod": "Adaptive Combine",
  "ConsistencyInfo": "N4_VE11C_LATEST_20160120",
  "ConversionSoftware": "dcm2niix",
  "ConversionSoftwareVersion": "v1.0.20211006",
  "DeviceSerialNumber": "167006",
  "DwellTime": 7.5e-06,
  "EchoTime": 0.00313,
  "FlipAngle": 15,
  "HeudiconvVersion": "0.5.3.post569+g418601f",
  "ImageOrientationPatientDICOM": [0.999391, -0.00961956, 0.0335476, -4.954e-08, 0.961262, 0.275637],
  "ImageOrientationText": "Tra>Cor(16.0)>Sag(2.0)",
  "ImageType": [
    "ORIGINAL",
    "PRIMARY",
    "M",
    "DIS2D"
],
  "ImagingFrequency": 123.259,
  "InPlanePhaseEncodingDirectionDICOM": "COL",
  "InstitutionAddress": "Chemin Queen-Mary 4565,Montreal,District,CA,H3W 1W5",
  "InstitutionName": "IUGM",
  "InstitutionalDepartmentName": "Department",
  "MRAcquisitionType": "3D",
  "MagneticFieldStrength": 3,
  "Manufacturer": "Siemens",
  "ManufacturersModelName": "Prisma_fit",
  "MatrixCoilMode": "GRAPPA",
  "Modality": "MR",
  "ParallelReductionFactorInPlane": 2,
  "PartialFourier": 1,
  "PatientPosition": "HFS",
  "PercentPhaseFOV": 100,
  "PercentSampling": 100,
  "PhaseEncodingSteps": 255,
  "PhaseResolution": 1,
  "PixelBandwidth": 260,
  "ProcedureStepDescription": "anat^generic",
  "ProtocolName": "GRE-T1w",
  "PulseSequenceDetails": "%SiemensSeq%\\gre",
  "ReceiveCoilActiveElements": "HC5-7;NC1,2",
  "ReceiveCoilName": "HeadNeck_64",
  "ReconMatrixPE": 256,
  "RefLinesPE": 32,
  "RepetitionTime": 0.015,
  "SAR": 0.0335834,
  "ScanningSequence": "GR",
  "SequenceName": "*fl3d1",
  "SequenceVariant": "SP",
  "SeriesDescription": "GRE-T1w",
  "SeriesNumber": 35,
  "ShimSetting": [613, -7376, -9046, -755, -169, 2992, 791, 243],
  "SliceThickness": 5,
  "SoftwareVersions": "syngo MR E11",
  "StationName": "MRC35049",
  "TxRefAmp": 245.08,
  "dcmmeta_affine": [
    [0.8978902101516724, -4.450858526183765e-08, 0.17449747025966644, -116.41433715820312],
    [-0.008642570115625858, 0.8636335730552673, 1.3773472309112549, -146.70518493652344],
    [-0.030140385031700134, -0.24764293432235718, 4.803380489349365, -125.74105834960938],
    [0.0, 0.0, 0.0, 1.0]
],
  "dcmmeta_reorient_transform": [
    [0.0, -1.0, 0.0, 255.0],
    [-1.0, 0.0, 0.0, 255.0],
    [0.0, 0.0, -1.0, 21.0],
    [0.0, 0.0, 0.0, 1.0]
],
  "dcmmeta_shape": [256, 256, 22],
  "dcmmeta_slice_dim": 2,
  "dcmmeta_version": 0.6,
  "global": {
    "const": {
      "AcquisitionMatrix": [256, 0, 0, 256],
      "AcquisitionNumber": 1,
      "AcquisitionTime": "141452.955000",
      "AngioFlag": "N",
      "BitsAllocated": 16,
      "BitsStored": 12,
      "BodyPartExamined": "CSPINE",
      "Columns": 256,
      "EchoNumbers": 1,
      "EchoTime": 3.13,
      "EchoTrainLength": 1,
      "FlipAngle": 15.0,
      "HighBit": 11,
      "ImageOrientationPatient": [0.99939082714049, -0.0096195561909, 0.03354755976434, -4.9539991e-08, 0.96126169798811, 0.27563734866851],
      "ImageType": [
        "ORIGINAL",
        "PRIMARY",
        "M",
        "DIS2D"
],
      "ImagedNucleus": "1H",
      "ImagingFrequency": 123.258667,
      "InPlanePhaseEncodingDirection": "COL",
      "LargestImagePixelValue": 4095,
      "MRAcquisitionType": "3D",
      "MagneticFieldStrength": 3.0,
      "Manufacturer": "SIEMENS",
      "ManufacturerModelName": "Prisma_fit",
      "Modality": "MR",
      "NumberOfAverages": 1.0,
      "NumberOfPhaseEncodingSteps": 255,
      "PercentPhaseFieldOfView": 100.0,
      "PercentSampling": 100.0,
      "PerformedProcedureStepStartTime": "130056.307000",
      "PhotometricInterpretation": "MONOCHROME2",
      "PixelBandwidth": 260.0,
      "PixelRepresentation": 0,
      "PixelSpacing": [0.8984375, 0.8984375],
      "ProtocolName": "GRE-T1w",
      "RepetitionTime": 15.0,
      "Rows": 256,
      "SAR": 0.03358336068384,
      "SamplesPerPixel": 1,
      "ScanningSequence": "GR",
      "SequenceName": "*fl3d1",
      "SequenceVariant": "SP",
      "SeriesDescription": "GRE-T1w",
      "SeriesNumber": 35,
      "SeriesTime": "141552.961000",
      "SliceThickness": 5.0,
      "SmallestImagePixelValue": 0,
      "SoftwareVersions": "syngo MR E11",
      "SpecificCharacterSet": "ISO_IR 100",
      "StudyID": "1",
      "StudyTime": "130056.150000",
      "TransmitCoilName": "Body",
      "VariableFlipAngleFlag": "N",
      "WindowCenterWidthExplanation": "Algo1",
      "dBdt": 0.0},
    "slices": {
      "ContentTime": ["141552.964000", "141552.967000", "141552.969000", "141552.971000", "141552.973000", "141552.975000", "141552.977000", "141552.979000", "141552.981000", "141552.983000", "141552.985000", "141552.987000", "141552.989000", "141552.991000", "141552.993000", "141552.995000", "141552.997000", "141553.001000", "141553.003000", "141553.005000", "141553.007000", "141553.009000"],
      "CsaImage.Actual3DImaPartNumber": [0, 1, 2, 3, 4, 5, 6, 7, 8, 9, 10, 11, 12, 13, 14, 15, 16, 17, 18, 19, 20, 21],
      "CsaImage.ICE_Dims": [
        "X_1_1_1_1_1_1_1_1_1_1_1_138",
        "X_1_1_1_1_1_2_1_1_1_1_1_138",
        "X_1_1_1_1_1_3_1_1_1_1_1_138",
        "X_1_1_1_1_1_4_1_1_1_1_1_138",
        "X_1_1_1_1_1_5_1_1_1_1_1_138",
        "X_1_1_1_1_1_6_1_1_1_1_1_138",
        "X_1_1_1_1_1_7_1_1_1_1_1_138",
        "X_1_1_1_1_1_8_1_1_1_1_1_138",
        "X_1_1_1_1_1_9_1_1_1_1_1_138",
        "X_1_1_1_1_1_10_1_1_1_1_1_138",
        "X_1_1_1_1_1_11_1_1_1_1_1_138",
        "X_1_1_1_1_1_12_1_1_1_1_1_138",
        "X_1_1_1_1_1_13_1_1_1_1_1_138",
        "X_1_1_1_1_1_14_1_1_1_1_1_138",
        "X_1_1_1_1_1_15_1_1_1_1_1_138",
        "X_1_1_1_1_1_16_1_1_1_1_1_138",
        "X_1_1_1_1_1_17_1_1_1_1_1_138",
        "X_1_1_1_1_1_18_1_1_1_1_1_138",
        "X_1_1_1_1_1_19_1_1_1_1_1_138",
        "X_1_1_1_1_1_20_1_1_1_1_1_138",
        "X_1_1_1_1_1_21_1_1_1_1_1_138",
        "X_1_1_1_1_1_22_1_1_1_1_1_138"
],
      "CsaImage.SlicePosition_PCS": [
        [-112.54764956, -71.31751532, -85.5758007],
        [-112.72214702, -72.69486252, -80.77242009],
        [-112.89664449, -74.07220972, -75.96903947],
        [-113.07114196, -75.44955691, -71.16565886],
        [-113.24563942, -76.82690411, -66.36227824],
        [-113.42013689, -78.20425131, -61.55889763],
        [-113.59463436, -79.58159851, -56.75551701],
        [-113.76913182, -80.95894571, -51.9521364],
        [-113.94362929, -82.3362929, -47.14875578],
        [-114.11812675, -83.7136401, -42.34537517],
        [-114.29262422, -85.0909873, -37.54199455],
        [-114.46712169, -86.4683345, -32.73861394],
        [-114.64161915, -87.84568169, -27.93523332],
        [-114.81611662, -89.22302889, -23.13185271],
        [-114.99061408, -90.60037609, -18.3284721],
        [-115.16511155, -91.97772329, -13.52509148],
        [-115.33960902, -93.35507048, -8.72171087],
        [-115.51410648, -94.73241768, -3.91833025],
        [-115.68860395, -96.10976488, 0.88505036],
        [-115.86310142, -97.48711208, 5.68843098],
        [-116.03759888, -98.86445928, 10.49181159],
        [-116.21209635, -100.24180647, 15.29519221]
],
      "ImagePositionPatient": [
        [-112.54764955858, -71.317515321361, -196.57580070344],
        [-112.72214702471, -72.694862519054, -191.77242008857],
        [-112.89664449084, -74.072209716747, -186.9690394737],
        [-113.07114195697, -75.44955691444, -182.16565885883],
        [-113.2456394231, -76.826904112133, -177.36227824396],
        [-113.42013688924, -78.204251309826, -172.55889762909],
        [-113.59463435537, -79.581598507519, -167.75551701422],
        [-113.7691318215, -80.958945705211, -162.95213639934],
        [-113.94362928763, -82.336292902904, -158.14875578447],
        [-114.11812675376, -83.713640100597, -153.3453751696],
        [-114.29262421989, -85.09098729829, -148.54199455473],
        [-114.46712168602, -86.468334495983, -143.73861393986],
        [-114.64161915215, -87.845681693676, -138.93523332499],
        [-114.81611661829, -89.223028891369, -134.13185271012],
        [-114.99061408442, -90.600376089062, -129.32847209525],
        [-115.16511155055, -91.977723286755, -124.52509148037],
        [-115.33960901668, -93.355070484448, -119.7217108655],
        [-115.51410648281, -94.73241768214, -114.91833025063],
        [-115.68860394894, -96.109764879833, -110.11494963576],
        [-115.86310141507, -97.487112077526, -105.31156902089],
        [-116.0375988812, -98.864459275219, -100.50818840602],
        [-116.21209634734, -100.24180647291, -95.704807791147]
],
      "InstanceCreationTime": ["141552.964000", "141552.967000", "141552.969000", "141552.971000", "141552.973000", "141552.975000", "141552.977000", "141552.979000", "141552.981000", "141552.983000", "141552.985000", "141552.987000", "141552.989000", "141552.991000", "141552.993000", "141552.995000", "141552.997000", "141553.001000", "141553.003000", "141553.005000", "141553.007000", "141553.009000"],
      "InstanceNumber": [22, 21, 20, 19, 18, 17, 16, 15, 14, 13, 12, 11, 10, 9, 8, 7, 6, 5, 4, 3, 2, 1],
      "SliceLocation": [-165.27202618209, -160.27202618209, -155.27202618209, -150.27202618209, -145.27202618209, -140.27202618209, -135.27202618209, -130.27202618209, -125.27202618209, -120.27202618209, -115.27202618209, -110.27202618209, -105.27202618209, -100.27202618209, -95.272026182086, -90.272026182086, -85.272026182086, -80.272026182086, -75.272026182086, -70.272026182086, -65.272026182086, -60.272026182086],
      "WindowCenter": [1131.0, 772.0, 888.0, 931.0, 836.0, 719.0, 647.0, 568.0, 581.0, 664.0, 760.0, 812.0, 767.0, 705.0, 699.0, 709.0, 690.0, 804.0, 822.0, 996.0, 1125.0, 909.0],
      "WindowWidth": [3013.0, 3636.0, 3484.0, 2958.0, 2701.0, 2684.0, 2685.0, 2746.0, 2785.0, 2805.0, 2803.0, 2923.0, 3071.0, 3197.0, 3314.0, 3381.0, 3493.0, 3520.0, 3642.0, 3605.0, 3069.0, 2169.0]
    }
  }
}