{
  "AcquisitionMatrixPE": 448,
  "AcquisitionNumber": 1,
  "AcquisitionTime": "14:16:7.615000",
  "BaseResolution": 448,
  "BodyPartExamined": "CSPINE",
  "CoilCombinationMethod": "Adaptive Combine",
  "ConsistencyInfo": "N4_VE11C_LATEST_20160120",
  "ConversionSoftware": "dcm2niix",
  "ConversionSoftwareVersion": "v1.0.20211006",
  "DeviceSerialNumber": "167006",
  "DwellTime": 4.3e-06,
  "EchoTime": 0.014,
  "EchoTrainLength": 3,
  "FlipAngle": 30,
  "HeudiconvVersion": "0.5.3.post569+g418601f",
  "ImageOrientationPatientDICOM": [0.999391, -0.00961956, 0.0335476, -4.954e-08, 0.961262, 0.275637],
  "ImageOrientationText": "Tra>Cor(16.0)>Sag(2.0)",
  "ImageType": [
    "ORIGINAL",
    "PRIMARY",
    "M",
    "NORM",
    "DIS2D"
],
  "ImagingFrequency": 123.259,
  "InPlanePhaseEncodingDirectionDICOM": "COL",
  "InstitutionAddress": "Chemin Queen-Mary 4565,Montreal,District,CA,H3W 1W5",
  "InstitutionName": "IUGM",
  "InstitutionalDepartmentName": "Department",
  "MRAcquisitionType": "2D",
  "MagneticFieldStrength": 3,
  "Manufacturer": "Siemens",
  "ManufacturersModelName": "Prisma_fit",
  "MatrixCoilMode": "GRAPPA",
  "Modality": "MR",
  "NumberOfAverages": 2,
  "ParallelReductionFactorInPlane": 2,
  "PartialFourier": 1,
  "PatientPosition": "HFS",
  "PercentPhaseFOV": 100,
  "PercentSampling": 100,
  "PhaseEncodingDirection": "j-",
  "PhaseEncodingSteps": 447,
  "PhaseResolution": 1,
  "PixelBandwidth": 260,
  "ProcedureStepDescription": "anat^generic",
  "ProtocolName": "GRE-ME",
  "PulseSequenceDetails": "%SiemensSeq%\\medic",
  "ReceiveCoilActiveElements": "HC7;NC1,2",
  "ReceiveCoilName": "HeadNeck_64",
  "ReconMatrixPE": 448,
  "RefLinesPE": 24,
  "RepetitionTime": 0.6,
  "SAR": 0.222584,
  "ScanOptions": "SAT1",
  "ScanningSequence": "GR",
  "SequenceName": "*me2d1r3",
  "SequenceVariant": "SP",
  "SeriesDescription": "GRE-ME",
  "SeriesNumber": 36,
  "ShimSetting": [611, -7345, -8991, -902, -117, 3471, 723, 250],
  "SliceThickness": 5,
  "SliceTiming": [0, 0.32812, 0.04688, 0.35938, 0.09375, 0.40625, 0.125, 0.45312, 0.17188, 0.48438, 0.20312, 0.53125, 0.25, 0.5625, 0.28125],
  "SoftwareVersions": "syngo MR E11",
  "SpacingBetweenSlices": 5,
  "StationName": "MRC35049",
  "TxRefAmp": 245.08,
  "dcmmeta_affine": [
    [-0.49969542026519775, -2.4769995832230052e-08, 0.17449748516082764, 110.16023254394531],
    [0.004809778183698654, 0.4806308448314667, 1.3773469924926758, -141.55868530273438],
    [0.016773780807852745, -0.13781867921352386, 4.803379058837891, -117.2314453125],
    [0.0, 0.0, 0.0, 1.0]
],
  "dcmmeta_reorient_transform": [
    [0.0, -1.0, 0.0, 447.0],
    [1.0, 0.0, 0.0, 0.0],
    [0.0, 0.0, -1.0, 14.0],
    [0.0, 0.0, 0.0, 1.0]
],
  "dcmmeta_shape": [448, 448, 15],
  "dcmmeta_slice_dim": 2,
  "dcmmeta_version": 0.6,
  "global": {
    "const": {
      "AcquisitionMatrix": [448, 0, 0, 448],
      "AcquisitionNumber": 1,
      "AngioFlag": "N",
      "BitsAllocated": 16,
      "BitsStored": 12,
      "BodyPartExamined": "CSPINE",
      "Columns": 448,
      "EchoNumbers": 1,
      "EchoTime": 14.0,
      "EchoTrainLength": 3,
      "FlipAngle": 30.0,
      "HighBit": 11,
      "ImageOrientationPatient": [0.99939082714049, -0.0096195561909, 0.03354755976434, -4.9539991e-08, 0.96126169798811, 0.27563734866851],
      "ImageType": [
        "ORIGINAL",
        "PRIMARY",
        "M",
        "NORM",
        "DIS2D"
],
      "ImagedNucleus": "1H",
      "ImagingFrequency": 123.258669,
      "InPlanePhaseEncodingDirection": "COL",
      "MRAcquisitionType": "2D",
      "MagneticFieldStrength": 3.0,
      "Manufacturer": "SIEMENS",
      "ManufacturerModelName": "Prisma_fit",
      "Modality": "MR",
      "NumberOfAverages": 2.0,
      "NumberOfPhaseEncodingSteps": 447,
      "PercentPhaseFieldOfView": 100.0,
      "PercentSampling": 100.0,
      "PerformedProcedureStepStartTime": "130056.307000",
      "PhotometricInterpretation": "MONOCHROME2",
      "PixelBandwidth": 260.0,
      "PixelRepresentation": 0,
      "PixelSpacing": [0.5, 0.5],
      "ProtocolName": "GRE-ME",
      "RepetitionTime": 600.0,
      "Rows": 448,
      "SAR": 0.22258350204767,
      "SamplesPerPixel": 1,
      "ScanOptions": "SAT1",
      "ScanningSequence": "GR",
      "SequenceName": "*me2d1r3",
      "SequenceVariant": "SP",
      "SeriesDescription": "GRE-ME",
      "SeriesNumber": 36,
      "SeriesTime": "142053.616000",
      "SliceThickness": 5.0,
      "SmallestImagePixelValue": 0,
      "SoftwareVersions": "syngo MR E11",
      "SpacingBetweenSlices": 5.0,
      "SpecificCharacterSet": "ISO_IR 100",
      "StudyID": "1",
      "StudyTime": "130056.150000",
      "TransmitCoilName": "Body",
      "VariableFlipAngleFlag": "N",
      "WindowCenterWidthExplanation": "Algo1",
      "dBdt": 0.0},
    "slices": {
      "AcquisitionTime": ["141607.335000", "141607.655000", "141607.375000", "141607.695000", "141607.415000", "141607.735000", "141607.455000", "141607.775000", "141607.495000", "141607.815000", "141607.535000", "141607.855000", "141607.575000", "141607.895000", "141607.615000"],
      "ContentTime": ["142053.619000", "142053.662000", "142053.622000", "142053.665000", "142053.624000", "142053.667000", "142053.626000", "142053.669000", "142053.654000", "142053.671000", "142053.656000", "142053.673000", "142053.658000", "142053.675000", "142053.660000"],
      "CsaImage.ICE_Dims": [
        "X_1_1_1_1_1_1_1_1_1_15_1_139",
        "X_1_1_1_1_1_1_9_1_1_14_1_139",
        "X_1_1_1_1_1_1_2_1_1_13_1_139",
        "X_1_1_1_1_1_1_10_1_1_12_1_139",
        "X_1_1_1_1_1_1_3_1_1_11_1_139",
        "X_1_1_1_1_1_1_11_1_1_10_1_139",
        "X_1_1_1_1_1_1_4_1_1_9_1_139",
        "X_1_1_1_1_1_1_12_1_1_8_1_139",
        "X_1_1_1_1_1_1_5_1_1_7_1_139",
        "X_1_1_1_1_1_1_13_1_1_6_1_139",
        "X_1_1_1_1_1_1_6_1_1_5_1_139",
        "X_1_1_1_1_1_1_14_1_1_4_1_139",
        "X_1_1_1_1_1_1_7_1_1_3_1_139",
        "X_1_1_1_1_1_1_15_1_1_2_1_139",
        "X_1_1_1_1_1_1_8_1_1_1_1_139"
],
      "CsaImage.ProtocolSliceNumber": [0, 1, 2, 3, 4, 5, 6, 7, 8, 9, 10, 11, 12, 13, 14],
      "CsaImage.SlicePosition_PCS": [
        [-110.16021822, -73.28330648, -67.83641238],
        [-110.33471571, -74.66065252, -63.03303332],
        [-110.50921319, -76.03799856, -58.22965236],
        [-110.68371068, -77.4153465, -53.42627139],
        [-110.85820816, -78.79269445, -48.62289138],
        [-111.03270565, -80.17004049, -43.81951041],
        [-111.20720313, -81.54738843, -39.01612992],
        [-111.38170062, -82.92473447, -34.21274952],
        [-111.55619811, -84.30208242, -29.40936894],
        [-111.73069559, -85.67943036, -24.60598845],
        [-111.90519307, -87.0567764, -19.80260749],
        [-112.07969056, -88.43412435, -14.99922748],
        [-112.25418805, -89.81147039, -10.19584651],
        [-112.42868553, -91.18881833, -5.39246554],
        [-112.60318302, -92.56616533, -0.58908648]
],
      "ImagePositionPatient": [
        [-110.16021822403, -73.28330647797, -178.8364123812],
        [-110.33471570919, -74.660652516789, -174.03303332236],
        [-110.50921319435, -76.037998555607, -169.22965235617],
        [-110.68371067951, -77.415346501774, -164.42627138999],
        [-110.85820816467, -78.792694447941, -159.62289137748],
        [-111.03270564983, -80.17004048676, -154.81951041129],
        [-111.207203135, -81.547388432927, -150.01612992194],
        [-111.38170062016, -82.924734471745, -145.212749522],
        [-111.55619810532, -84.302082417912, -140.40936894324],
        [-111.73069559048, -85.679430364079, -135.60598845389],
        [-111.90519307191, -87.056776402897, -130.8026074877],
        [-112.0796905608, -88.434124349064, -125.99922747519],
        [-112.25418804596, -89.811470387883, -121.19584650901],
        [-112.42868553112, -91.18881833405, -116.39246554282],
        [-112.60318301628, -92.566165326542, -111.58908648398]
],
      "InstanceCreationTime": ["142053.619000", "142053.662000", "142053.622000", "142053.665000", "142053.624000", "142053.667000", "142053.626000", "142053.669000", "142053.654000", "142053.671000", "142053.656000", "142053.673000", "142053.658000", "142053.675000", "142053.660000"],
      "InstanceNumber": [15, 14, 13, 12, 11, 10, 9, 8, 7, 6, 5, 4, 3, 2, 1],
      "LargestImagePixelValue": [1353, 1482, 1605, 1604, 1403, 1181, 1164, 1248, 1317, 1438, 1646, 1338, 1449, 1342, 1472],
      "SliceLocation": [-147.77202414026, -142.77202595368, -137.77202593475, -132.7720253904, -127.77202576223, -122.7720257433, -117.77202565704, -112.77202618209, -107.77202600993, -102.77202592367, -97.772025904875, -92.772026276571, -87.772026257641, -82.772025713295, -77.772027264002],
      "WindowCenter": [433.0, 415.0, 413.0, 415.0, 427.0, 434.0, 442.0, 438.0, 419.0, 415.0, 410.0, 415.0, 421.0, 415.0, 412.0],
      "WindowWidth": [917.0, 879.0, 871.0, 872.0, 895.0, 913.0, 929.0, 922.0, 883.0, 887.0, 871.0, 880.0, 896.0, 889.0, 885.0]
    }
  }
}