{
  "AcquisitionMatrixPE": 32,
  "AcquisitionNumber": 1,
  "AcquisitionTime": "11:12:27.290000",
  "BaseResolution": 32,
  "BodyPartExamined": "BRAIN",
  "CoilCombinationMethod": "Sum of Squares",
  "ConsistencyInfo": "N4_VE11C_LATEST_20160120",
  "ConversionSoftware": "dcm2niix",
  "ConversionSoftwareVersion": "v1.0.20211006",
  "DeviceSerialNumber": "167006",
  "DwellTime": 3.18e-05,
  "EchoTime": 0.00184,
  "FlipAngle": 80,
  "HeudiconvVersion": "0.5.3.post569+g418601f",
  "ImageComments": "flip angle map",
  "ImageOrientationPatientDICOM": [0.998417, 0.0541455, 0.0152421, -0.0488307, 0.968807, -0.242957],
  "ImageOrientationText": "Tra>Cor(-14.0)>Sag(1.6)",
  "ImageType": [
    "ORIGINAL",
    "PRIMARY",
    "FLIP ANGLE MAP",
    "DIS2D"
],
  "ImagingFrequency": 123.259,
  "InPlanePhaseEncodingDirectionDICOM": "COL",
  "InstitutionAddress": "Chemin Queen-Mary 4565,Montreal,District,CA,H3W 1W5",
  "InstitutionName": "IUGM",
  "InstitutionalDepartmentName": "Department",
  "MRAcquisitionType": "2D",
  "MagneticFieldStrength": 3,
  "Manufacturer": "Siemens",
  "ManufacturersModelName": "Prisma_fit",
  "MatrixCoilMode": "SENSE",
  "Modality": "MR",
  "PartialFourier": 1,
  "PatientPosition": "HFS",
  "PercentPhaseFOV": 100,
  "PercentSampling": 100,
  "PhaseEncodingDirection": "j-",
  "PhaseEncodingSteps": 32,
  "PhaseResolution": 1,
  "PixelBandwidth": 490,
  "ProcedureStepDescription": "anat^generic",
  "ProtocolName": "tfl_b1map_6mm",
  "PulseSequenceDetails": "%SiemensSeq%\\tfl_b1map",
  "ReceiveCoilActiveElements": "HC1-7;NC1",
  "ReceiveCoilName": "HeadNeck_64",
  "ReconMatrixPE": 32,
  "RepetitionTime": 10,
  "SAR": 0.00455375,
  "ScanningSequence": "GR",
  "SequenceName": "tfl2d1_512",
  "SequenceVariant": "SK\\SP",
  "SeriesDescription": "tfl_b1map_6mm",
  "SeriesNumber": 21,
  "ShimSetting": [632, -7229, -8905, 663, 44, -112, 44, -2],
  "SliceThickness": 6,
  "SliceTiming": [5.03906, 0, 5.54688, 0.5, 6.04688, 1.00781, 6.55469, 1.51562, 7.05469, 2.01562, 7.5625, 2.52344, 8.0625, 3.02344, 8.57031, 3.53125, 9.07812, 4.03125, 9.57812, 4.53906],
  "SoftwareVersions": "syngo MR E11",
  "SpacingBetweenSlices": 7.2,
  "SpoilingState": true,
  "StationName": "MRC35049",
  "TxRefAmp": 209.835,
  "dcmmeta_affine": [
    [-5.990500450134277, -0.2929844260215759, 0.2010359764099121, 100.80364990234375],
    [-0.324873149394989, 5.812844276428223, -1.7411584854125977, -56.40827178955078],
    [0.09145241230726242, 1.457739233970642, 6.983409881591797, -69.62144470214844],
    [0.0, 0.0, 0.0, 1.0]
],
  "dcmmeta_reorient_transform": [
    [0.0, -1.0, 0.0, 31.0],
    [1.0, 0.0, 0.0, 0.0],
    [0.0, 0.0, -1.0, 19.0],
    [0.0, 0.0, 0.0, 1.0]
],
  "dcmmeta_shape": [32, 32, 20],
  "dcmmeta_slice_dim": 2,
  "dcmmeta_version": 0.6,
  "global": {
    "const": {
      "AcquisitionMatrix": [32, 0, 0, 32],
      "AcquisitionNumber": 1,
      "AngioFlag": "N",
      "BitsAllocated": 16,
      "BitsStored": 12,
      "BodyPartExamined": "BRAIN",
      "Columns": 32,
      "EchoNumbers": 1,
      "EchoTime": 1.84,
      "EchoTrainLength": 1,
      "FlipAngle": 80.0,
      "HighBit": 11,
      "ImageOrientationPatient": [0.99841671723362, 0.05414552709065, 0.01524206824939, -0.0488307375444, 0.96880735125853, -0.2429565294828],
      "ImageType": [
        "ORIGINAL",
        "PRIMARY",
        "FLIP ANGLE MAP",
        "DIS2D"
],
      "ImagedNucleus": "1H",
      "ImagingFrequency": 123.258955,
      "InPlanePhaseEncodingDirection": "COL",
      "MRAcquisitionType": "2D",
      "MagneticFieldStrength": 3.0,
      "Manufacturer": "SIEMENS",
      "ManufacturerModelName": "Prisma_fit",
      "Modality": "MR",
      "NumberOfAverages": 1.0,
      "NumberOfPhaseEncodingSteps": 32,
      "PercentPhaseFieldOfView": 100.0,
      "PercentSampling": 100.0,
      "PerformedProcedureStepStartTime": "102700.003000",
      "PhotometricInterpretation": "MONOCHROME2",
      "PixelBandwidth": 490.0,
      "PixelRepresentation": 0,
      "PixelSpacing": [6.0, 6.0],
      "ProtocolName": "tfl_b1map_6mm",
      "RepetitionTime": 10000.0,
      "Rows": 32,
      "SAR": 0.00455374918263,
      "SamplesPerPixel": 1,
      "ScanningSequence": "GR",
      "SequenceName": "tfl2d1_512",
      "SequenceVariant": [
        "SK",
        "SP"
],
      "SeriesDescription": "tfl_b1map_6mm",
      "SeriesNumber": 21,
      "SeriesTime": "111233.483000",
      "SliceThickness": 6.0,
      "SmallestImagePixelValue": 0,
      "SoftwareVersions": "syngo MR E11",
      "SpacingBetweenSlices": 7.2,
      "SpecificCharacterSet": "ISO_IR 100",
      "StudyID": "1",
      "StudyTime": "102659.909000",
      "TransmitCoilName": "Body",
      "VariableFlipAngleFlag": "N",
      "WindowCenterWidthExplanation": "Algo1",
      "dBdt": 0.0},
    "slices": {
      "AcquisitionTime": ["111227.290000", "111222.247500", "111227.795000", "111222.752500", "111228.300000", "111223.257500", "111228.802500", "111223.762500", "111229.307500", "111224.265000", "111229.812500", "111224.770000", "111230.315000", "111225.275000", "111230.820000", "111225.777500", "111231.325000", "111226.282500", "111231.827500", "111226.787500"],
      "ContentTime": ["111233.505000", "111233.485000", "111233.507000", "111233.488000", "111233.509000", "111233.490000", "111233.511000", "111233.492000", "111233.513000", "111233.494000", "111233.514000", "111233.496000", "111233.516000", "111233.498000", "111233.518000", "111233.500000", "111233.520000", "111233.502000", "111233.522000", "111233.503000"],
      "CsaImage.ICE_Dims": [
        "X_1_1_2_1_1_1_11_1_1_1_1_71",
        "X_1_1_2_1_1_1_1_1_1_2_1_71",
        "X_1_1_2_1_1_1_12_1_1_3_1_71",
        "X_1_1_2_1_1_1_2_1_1_4_1_71",
        "X_1_1_2_1_1_1_13_1_1_5_1_71",
        "X_1_1_2_1_1_1_3_1_1_6_1_71",
        "X_1_1_2_1_1_1_14_1_1_7_1_71",
        "X_1_1_2_1_1_1_4_1_1_8_1_71",
        "X_1_1_2_1_1_1_15_1_1_9_1_71",
        "X_1_1_2_1_1_1_5_1_1_10_1_71",
        "X_1_1_2_1_1_1_16_1_1_11_1_71",
        "X_1_1_2_1_1_1_6_1_1_12_1_71",
        "X_1_1_2_1_1_1_17_1_1_13_1_71",
        "X_1_1_2_1_1_1_7_1_1_14_1_71",
        "X_1_1_2_1_1_1_18_1_1_15_1_71",
        "X_1_1_2_1_1_1_8_1_1_16_1_71",
        "X_1_1_2_1_1_1_19_1_1_17_1_71",
        "X_1_1_2_1_1_1_9_1_1_18_1_71",
        "X_1_1_2_1_1_1_20_1_1_19_1_71",
        "X_1_1_2_1_1_1_10_1_1_20_1_71"
],
      "CsaImage.ProtocolSliceNumber": [0, 1, 2, 3, 4, 5, 6, 7, 8, 9, 10, 11, 12, 13, 14, 15, 16, 17, 18, 19],
      "CsaImage.SliceMeasurementDuration": [130.0, 130.0, 127.5, 127.5, 127.5, 127.5, 130.0, 127.5, 127.5, 130.0, 127.5, 127.5, 130.0, 127.5, 127.5, 130.0, 127.5, 127.5, 130.0, 127.5],
      "CsaImage.SlicePosition_PCS": [
        [-91.72113751, -123.78989447, -44.43144969],
        [-91.92217331, -122.04873694, -37.44804362],
        [-92.12320911, -120.3075775, -30.46463755],
        [-92.32424491, -118.56641997, -23.48123148],
        [-92.52528064, -116.82526053, -16.49782923],
        [-92.7263165, -115.084103, -9.51442126],
        [-92.92735224, -113.34294451, -2.5310171],
        [-93.1283881, -111.60178508, 4.45238897],
        [-93.32942395, -109.86062659, 11.43579408],
        [-93.53045969, -108.1194681, 18.41919967],
        [-93.73149543, -106.37830962, 25.40260526],
        [-93.93253117, -104.63715161, 32.38601037],
        [-94.13356714, -102.89599265, 39.36941549],
        [-94.33460288, -101.1548344, 46.35282155],
        [-94.53563862, -99.4136758, 53.33622762],
        [-94.73667436, -97.67251725, 60.31963369],
        [-94.93771033, -95.93135871, 67.30303594],
        [-95.13874607, -94.19020022, 74.28644201],
        [-95.33978181, -92.44904174, 81.26984807],
        [-95.54081779, -90.70788325, 88.25325796]
],
      "CsaImage.TimeAfterStart": [15.125, 10.0825, 15.63, 10.5875, 16.135, 11.0925, 16.6375, 11.5975, 17.1425, 12.1, 17.6475, 12.605, 18.15, 13.11, 18.655, 13.6125, 19.16, 14.1175, 19.6625, 14.6225],
      "ImagePositionPatient": [
        [-91.721137512594, -123.78989447338, -24.431449685464],
        [-91.92217331019, -122.04873694164, -17.448043618569],
        [-92.123209107786, -120.30757750255, -10.464637551675],
        [-92.324244905382, -118.56641997081, -3.4812314847804],
        [-92.525280643374, -116.82526053173, 3.5021707674169],
        [-92.726316500574, -115.08410299999, 10.48557874166],
        [-92.927352238565, -113.34294451458, 17.468982901206],
        [-93.128388095766, -111.60178507549, 24.4523889681],
        [-93.329423952967, -109.86062659008, 31.435794081321],
        [-93.530459690958, -108.11946810466, 38.419199671378],
        [-93.731495428949, -106.37830961925, 45.402605261435],
        [-93.932531166941, -104.63715161068, 52.386010374656],
        [-94.133567143351, -102.89599264843, 59.369415487876],
        [-94.334602881342, -101.15483440143, 66.35282155477],
        [-94.535638619333, -99.413675796809, 73.336227621665],
        [-94.736674357325, -97.672517251792, 80.319633688559],
        [-94.937710333735, -95.931358706775, 87.303035940757],
        [-95.138746071726, -94.190200221362, 94.286442007651],
        [-95.339781809717, -92.44904173595, 101.26984807455],
        [-95.540817786127, -90.707883250537, 108.25325795614]
],
      "InstanceCreationTime": ["111233.505000", "111233.485000", "111233.507000", "111233.488000", "111233.509000", "111233.490000", "111233.511000", "111233.492000", "111233.513000", "111233.494000", "111233.514000", "111233.496000", "111233.516000", "111233.498000", "111233.518000", "111233.500000", "111233.520000", "111233.502000", "111233.522000", "111233.503000"],
      "InstanceNumber": [11, 1, 12, 2, 13, 3, 14, 4, 15, 5, 16, 6, 17, 7, 18, 8, 19, 9, 20, 10],
      "LargestImagePixelValue": [2243, 1815, 1853, 1966, 1171, 1133, 1006, 1943, 992, 1084, 1989, 1267, 1402, 2006, 2023, 2090, 2033, 2382, 2071, 2042],
      "SliceLocation": [-51.071294865134, -43.871294501427, -36.67129367647, -29.471293312763, -22.271296189412, -15.07129397407, -7.8712952313733, -0.6712944047524, 6.5287052662583, 13.728705396433, 20.928705526608, 28.128705078978, 35.32870486863, 42.528705403641, 49.728706025137, 56.928706632218, 64.128703546016, 71.328704138683, 78.528704731351, 85.728709030617],
      "WindowCenter": [1043.0, 993.0, 1007.0, 1066.0, 1046.0, 1078.0, 1072.0, 1120.0, 1072.0, 1064.0, 1115.0, 1049.0, 1079.0, 1102.0, 1111.0, 1097.0, 1117.0, 1147.0, 1237.0, 1294.0],
      "WindowWidth": [1818.0, 1550.0, 1571.0, 1776.0, 1617.0, 1730.0, 1646.0, 1849.0, 1646.0, 1634.0, 1841.0, 1614.0, 1712.0, 1921.0, 1951.0, 1973.0, 2038.0, 2137.0, 2308.0, 2502.0]
    }
  }
}