{
  "AcquisitionMatrixPE": 256,
  "AcquisitionNumber": 1,
  "AcquisitionTime": "18:13:38.080000",
  "BaseResolution": 256,
  "BodyPartExamined": "CSPINE",
  "CoilCombinationMethod": "Adaptive Combine",
  "ConsistencyInfo": "N4_VE11C_LATEST_20160120",
  "ConversionSoftware": "dcm2niix",
  "ConversionSoftwareVersion": "v1.0.20211006",
  "DeviceSerialNumber": "167006",
  "DwellTime": 7.5e-06,
  "EchoTime": 0.00313,
  "FlipAngle": 9,
  "HeudiconvVersion": "0.5.3.post569+g418601f",
  "ImageOrientationPatientDICOM": [1, 0.000342873, -0.000861638, -3.10965e-08, 0.92915, 0.369703],
  "ImageOrientationText": "Tra>Cor(21.7)>Sag(-0.1)",
  "ImageType": [
    "ORIGINAL",
    "PRIMARY",
    "M",
    "DIS2D"
],
  "ImagingFrequency": 123.259,
  "InPlanePhaseEncodingDirectionDICOM": "COL",
  "InstitutionAddress": "Chemin Queen-Mary 4565,Montreal,District,CA,H3W 1W5",
  "InstitutionName": "IUGM",
  "InstitutionalDepartmentName": "Department",
  "MRAcquisitionType": "3D",
  "MagneticFieldStrength": 3,
  "Manufacturer": "Siemens",
  "ManufacturersModelName": "Prisma_fit",
  "MatrixCoilMode": "GRAPPA",
  "Modality": "MR",
  "ParallelReductionFactorInPlane": 2,
  "PartialFourier": 1,
  "PatientPosition": "HFS",
  "PercentPhaseFOV": 100,
  "PercentSampling": 100,
  "PhaseEncodingSteps": 255,
  "PhaseResolution": 1,
  "PixelBandwidth": 260,
  "ProcedureStepDescription": "anat^generic",
  "ProtocolName": "GRE-MT0",
  "PulseSequenceDetails": "%SiemensSeq%\\gre",
  "ReceiveCoilActiveElements": "HC5-7;NC1,2",
  "ReceiveCoilName": "HeadNeck_64",
  "ReconMatrixPE": 256,
  "RefLinesPE": 32,
  "RepetitionTime": 0.035,
  "SAR": 0.005215,
  "ScanningSequence": "GR",
  "SequenceName": "*fl3d1",
  "SequenceVariant": "SP",
  "SeriesDescription": "GRE-MT0",
  "SeriesNumber": 40,
  "ShimSetting": [629, -7372, -9106, -514, -143, 2725, -66, 148],
  "SliceThickness": 5,
  "SoftwareVersions": "syngo MR E11",
  "StationName": "MRC35049",
  "TxRefAmp": 251.073,
  "dcmmeta_affine": [
    [0.8984371423721313, -2.7938231283997084e-08, -0.004636759404093027, -113.81421661376953],
    [0.0003080503083765507, 0.8347833156585693, 1.8485126495361328, -140.75856018066406],
    [0.0007741274894215167, -0.332154780626297, 4.645748615264893, -94.7773208618164],
    [0.0, 0.0, 0.0, 1.0]
],
  "dcmmeta_reorient_transform": [
    [0.0, -1.0, 0.0, 255.0],
    [-1.0, 0.0, 0.0, 255.0],
    [0.0, 0.0, -1.0, 21.0],
    [0.0, 0.0, 0.0, 1.0]
],
  "dcmmeta_shape": [256, 256, 22],
  "dcmmeta_slice_dim": 2,
  "dcmmeta_version": 0.6,
  "global": {
    "const": {
      "AcquisitionMatrix": [256, 0, 0, 256],
      "AcquisitionNumber": 1,
      "AcquisitionTime": "181338.080000",
      "AngioFlag": "N",
      "BitsAllocated": 16,
      "BitsStored": 12,
      "BodyPartExamined": "CSPINE",
      "Columns": 256,
      "EchoNumbers": 1,
      "EchoTime": 3.13,
      "EchoTrainLength": 1,
      "FlipAngle": 9.0,
      "HighBit": 11,
      "ImageOrientationPatient": [0.99999957000918, 0.00034287337706, -0.0008616375754, -3.1096466e-08, 0.92915010321342, 0.36970269906844],
      "ImageType": [
        "ORIGINAL",
        "PRIMARY",
        "M",
        "DIS2D"
],
      "ImagedNucleus": "1H",
      "ImagingFrequency": 123.258807,
      "InPlanePhaseEncodingDirection": "COL",
      "MRAcquisitionType": "3D",
      "MagneticFieldStrength": 3.0,
      "Manufacturer": "SIEMENS",
      "ManufacturerModelName": "Prisma_fit",
      "Modality": "MR",
      "NumberOfAverages": 1.0,
      "NumberOfPhaseEncodingSteps": 255,
      "PercentPhaseFieldOfView": 100.0,
      "PercentSampling": 100.0,
      "PerformedProcedureStepStartTime": "163613.603000",
      "PhotometricInterpretation": "MONOCHROME2",
      "PixelBandwidth": 260.0,
      "PixelRepresentation": 0,
      "PixelSpacing": [0.8984375, 0.8984375],
      "ProtocolName": "GRE-MT0",
      "RepetitionTime": 35.0,
      "Rows": 256,
      "SAR": 0.00521500458253,
      "SamplesPerPixel": 1,
      "ScanningSequence": "GR",
      "SequenceName": "*fl3d1",
      "SequenceVariant": "SP",
      "SeriesDescription": "GRE-MT0",
      "SeriesNumber": 40,
      "SeriesTime": "181553.064000",
      "SliceThickness": 5.0,
      "SmallestImagePixelValue": 0,
      "SoftwareVersions": "syngo MR E11",
      "SpecificCharacterSet": "ISO_IR 100",
      "StudyID": "1",
      "StudyTime": "163613.489000",
      "TransmitCoilName": "Body",
      "VariableFlipAngleFlag": "N",
      "WindowCenterWidthExplanation": "Algo1",
      "dBdt": 0.0},
    "slices": {
      "ContentTime": ["181553.067000", "181553.069000", "181553.071000", "181553.073000", "181553.075000", "181553.077000", "181553.079000", "181553.082000", "181553.084000", "181553.086000", "181553.089000", "181553.091000", "181553.093000", "181553.096000", "181553.105000", "181553.108000", "181553.110000", "181553.112000", "181553.114000", "181553.119000", "181553.121000", "181553.123000"],
      "CsaImage.Actual3DImaPartNumber": [0, 1, 2, 3, 4, 5, 6, 7, 8, 9, 10, 11, 12, 13, 14, 15, 16, 17, 18, 19, 20, 21],
      "CsaImage.ICE_Dims": [
        "X_1_1_1_1_1_1_1_1_1_1_1_245",
        "X_1_1_1_1_1_2_1_1_1_1_1_245",
        "X_1_1_1_1_1_3_1_1_1_1_1_245",
        "X_1_1_1_1_1_4_1_1_1_1_1_245",
        "X_1_1_1_1_1_5_1_1_1_1_1_245",
        "X_1_1_1_1_1_6_1_1_1_1_1_245",
        "X_1_1_1_1_1_7_1_1_1_1_1_245",
        "X_1_1_1_1_1_8_1_1_1_1_1_245",
        "X_1_1_1_1_1_9_1_1_1_1_1_245",
        "X_1_1_1_1_1_10_1_1_1_1_1_245",
        "X_1_1_1_1_1_11_1_1_1_1_1_245",
        "X_1_1_1_1_1_12_1_1_1_1_1_245",
        "X_1_1_1_1_1_13_1_1_1_1_1_245",
        "X_1_1_1_1_1_14_1_1_1_1_1_245",
        "X_1_1_1_1_1_15_1_1_1_1_1_245",
        "X_1_1_1_1_1_16_1_1_1_1_1_245",
        "X_1_1_1_1_1_17_1_1_1_1_1_245",
        "X_1_1_1_1_1_18_1_1_1_1_1_245",
        "X_1_1_1_1_1_19_1_1_1_1_1_245",
        "X_1_1_1_1_1_20_1_1_1_1_1_245",
        "X_1_1_1_1_1_21_1_1_1_1_1_245",
        "X_1_1_1_1_1_22_1_1_1_1_1_245"
],
      "CsaImage.SlicePosition_PCS": [
        [-115.28723781, -72.18973884, -91.27938616],
        [-115.28260105, -74.03825154, -86.63363765],
        [-115.27796429, -75.88676424, -81.98788913],
        [-115.27332753, -77.73527694, -77.34214061],
        [-115.26869077, -79.58378964, -72.69639209],
        [-115.26405401, -81.43230234, -68.05064357],
        [-115.25941725, -83.28081504, -63.40489505],
        [-115.25478049, -85.12932774, -58.75914654],
        [-115.25014373, -86.97784044, -54.11339802],
        [-115.24550697, -88.82635314, -49.4676495],
        [-115.24087021, -90.67486584, -44.82190098],
        [-115.23623345, -92.52337854, -40.17615246],
        [-115.23159669, -94.37189124, -35.53040394],
        [-115.22695994, -96.22040394, -30.88465542],
        [-115.22232318, -98.06891665, -26.23890691],
        [-115.21768642, -99.91742935, -21.59315839],
        [-115.21304966, -101.76594205, -16.94740987],
        [-115.2084129, -103.61445475, -12.30166135],
        [-115.20377614, -105.46296745, -7.65591283],
        [-115.19913938, -107.31148015, -3.01016431],
        [-115.19450262, -109.15999285, 1.6355842],
        [-115.18986586, -111.00850555, 6.28133272]
],
      "ImagePositionPatient": [
        [-115.28723780587, -72.189738839944, -179.27938616491],
        [-115.28260104659, -74.038251540308, -174.63363764642],
        [-115.27796428732, -75.886764240673, -169.98788912793],
        [-115.27332752804, -77.735276941037, -165.34214060943],
        [-115.26869076877, -79.583789641401, -160.69639209094],
        [-115.26405400949, -81.432302341766, -156.05064357245],
        [-115.25941725022, -83.28081504213, -151.40489505396],
        [-115.25478049094, -85.129327742494, -146.75914653547],
        [-115.25014373167, -86.977840442859, -142.11339801698],
        [-115.24550697239, -88.826353143223, -137.46764949849],
        [-115.24087021312, -90.674865843588, -132.82190098],
        [-115.23623345384, -92.523378543952, -128.17615246151],
        [-115.23159669457, -94.371891244316, -123.53040394302],
        [-115.22695993529, -96.220403944681, -118.88465542453],
        [-115.22232317602, -98.068916645045, -114.23890690604],
        [-115.21768641674, -99.91742934541, -109.59315838755],
        [-115.21304965747, -101.76594204577, -104.94740986906],
        [-115.20841289819, -103.61445474614, -100.30166135057],
        [-115.20377613892, -105.4629674465, -95.65591283208],
        [-115.19913937964, -107.31148014687, -91.01016431359],
        [-115.19450262037, -109.15999284723, -86.3644157951],
        [-115.18986586109, -111.0085055476, -81.718667276609]
],
      "InstanceCreationTime": ["181553.067000", "181553.069000", "181553.071000", "181553.073000", "181553.075000", "181553.077000", "181553.079000", "181553.082000", "181553.084000", "181553.086000", "181553.089000", "181553.091000", "181553.093000", "181553.096000", "181553.105000", "181553.108000", "181553.110000", "181553.112000", "181553.114000", "181553.119000", "181553.121000", "181553.123000"],
      "InstanceNumber": [22, 21, 20, 19, 18, 17, 16, 15, 14, 13, 12, 11, 10, 9, 8, 7, 6, 5, 4, 3, 2, 1],
      "LargestImagePixelValue": [4095, 4095, 4095, 4095, 4095, 4095, 4095, 4095, 4095, 4095, 4095, 4095, 4095, 4095, 4095, 4095, 4095, 4095, 4095, 4095, 4095, 2864],
      "SliceLocation": [-139.99557055181, -134.99557055181, -129.99557055181, -124.99557055181, -119.99557055181, -114.99557055181, -109.99557055181, -104.99557055181, -99.995570551809, -94.995570551809, -89.995570551809, -84.995570551809, -79.995570551809, -74.995570551809, -69.995570551809, -64.995570551809, -59.995570551809, -54.995570551809, -49.995570551809, -44.995570551809, -39.995570551809, -34.995570551809],
      "WindowCenter": [740.0, 703.0, 266.0, 1.0, 1.0, 1.0, 1.0, 1.0, 1.0, 1.0, 1.0, 1.0, 303.0, 482.0, 575.0, 667.0, 684.0, 723.0, 986.0, 1137.0, 965.0, 592.0],
      "WindowWidth": [2546.0, 2813.0, 3083.0, 3305.0, 3448.0, 3483.0, 3518.0, 3568.0, 3623.0, 3636.0, 3652.0, 3604.0, 3542.0, 3669.0, 3817.0, 3942.0, 4067.0, 4095.0, 3916.0, 3252.0, 2285.0, 1362.0]
    }
  }
}