{
  "AcquisitionMatrixPE": 36,
  "AcquisitionNumber": 1,
  "AcquisitionTime": "14:05:3.697500",
  "BandwidthPerPixelPhaseEncode": 29.551,
  "BaseResolution": 96,
  "BodyPartExamined": "CSPINE",
  "CoilString": "HC7;NC1_2",
  "ConsistencyInfo": "N4_VE11C_LATEST_20160120",
  "ConversionSoftware": "dcm2niix",
  "ConversionSoftwareVersion": "v1.0.20190902",
  "DerivedVendorReportedEchoSpacing": 0.000939994,
  "DeviceSerialNumber": "167006",
  "DiffusionScheme": "Monopolar",
  "DwellTime": 4.1e-06,
  "EchoTime": 0.06,
  "EchoTrainLength": 31,
  "EffectiveEchoSpacing": 0.000939995,
  "FlipAngle": 90,
  "ImageOrientationPatientDICOM": [1, 0, 0, 0, 0.962218, 0.27228],
  "ImageType": [
    "ORIGINAL",
    "PRIMARY",
    "DIFFUSION",
    "NONE",
    "ND",
    "MOSAIC"
],
  "ImagingFrequency": 123.259,
  "InPlanePhaseEncodingDirectionDICOM": "COL",
  "InstitutionAddress": "Chemin_Queen-Mary_4565_Montreal_District_CA_H3W_1W5",
  "InstitutionName": "IUGM",
  "InstitutionalDepartmentName": "Department",
  "MRAcquisitionType": "2D",
  "MagneticFieldStrength": 3,
  "Manufacturer": "Siemens",
  "ManufacturersModelName": "Prisma_fit",
  "Modality": "MR",
  "PartialFourier": 0.875,
  "PatientPosition": "HFS",
  "PercentPhaseFOV": 37.5,
  "PhaseEncodingDirection": "j-",
  "PhaseEncodingSteps": 31,
  "PhaseResolution": 1,
  "PixelBandwidth": 1270,
  "ProcedureStepDescription": "hcptrt_generic",
  "ProtocolName": "DWI",
  "PulseSequenceDetails": "%SiemensSeq%_ep2d_diff",
  "ReceiveCoilActiveElements": "HC7;NC1,2",
  "ReceiveCoilName": "HeadNeck_64",
  "ReconMatrixPE": 36,
  "RepetitionTime": 0.61,
  "SAR": 0.414392,
  "ScanOptions": "PFP_SFS_CT",
  "ScanningSequence": "EP",
  "SequenceName": "_ez_b0",
  "SequenceVariant": "SK_SP",
  "SeriesDescription": "DWI",
  "SeriesNumber": 32,
  "ShimSetting": [612, -7406, -8857, -256, -151, 5685, 901, -130],
  "SliceThickness": 5,
  "SliceTiming": [0, 0.875, 1.745, 2.615, 3.505, 0.1975, 1.0725, 1.9425, 2.8125, 3.7025, 0.395, 1.27, 2.14, 3.01, 3.9],
  "SoftwareVersions": "syngo_MR_E11",
  "SpacingBetweenSlices": 5,
  "StationName": "MRC35049",
  "TotalReadoutTime": 0.0328998,
  "TxRefAmp": 252.147,
  "dcmmeta_affine": [
    [-0.8958333134651184, 0.0, 0.0, 42.50651168823242],
    [0.0, 0.8619869351387024, 1.3614013195037842, -32.221099853515625],
    [0.0, -0.24391773343086243, 4.811089992523193, -142.8703155517578],
    [0.0, 0.0, 0.0, 1.0]
],
  "dcmmeta_reorient_transform": [
    [0.0, -1.0, 0.0, 35.0],
    [1.0, 0.0, 0.0, 0.0],
    [0.0, 0.0, -1.0, 14.0],
    [0.0, 0.0, 0.0, 1.0]
],
  "dcmmeta_shape": [96, 36, 15, 35],
  "dcmmeta_slice_dim": 2,
  "dcmmeta_version": 0.6,
  "global": {
    "const": {
      "AcquisitionMatrix": [96, 0, 0, 36],
      "AngioFlag": "N",
      "BitsAllocated": 16,
      "BitsStored": 12,
      "BodyPartExamined": "CSPINE",
      "CardiacNumberOfImages": 1,
      "Columns": 384,
      "EchoNumbers": 1,
      "EchoTime": 60.0,
      "EchoTrainLength": 31,
      "FlipAngle": 90.0,
      "HighBit": 11,
      "ImageOrientationPatient": [1.0, 0.0, 0.0, 0.0, 0.96221798947449, 0.27228026136992],
      "ImagePositionPatient": [-171.50651016831, -63.555356832443, -97.223735709582],
      "ImageType": [
        "ORIGINAL",
        "PRIMARY",
        "DIFFUSION",
        "NONE",
        "ND",
        "MOSAIC"
],
      "ImagedNucleus": "1H",
      "ImagingFrequency": 123.258746,
      "InPlanePhaseEncodingDirection": "COL",
      "MRAcquisitionType": "2D",
      "MagneticFieldStrength": 3.0,
      "Manufacturer": "SIEMENS",
      "ManufacturerModelName": "Prisma_fit",
      "Modality": "MR",
      "NominalInterval": 0,
      "NumberOfAverages": 1.0,
      "NumberOfPhaseEncodingSteps": 31,
      "PercentPhaseFieldOfView": 37.5,
      "PercentSampling": 100.0,
      "PerformedProcedureStepStartTime": "130137.057000",
      "PhotometricInterpretation": "MONOCHROME2",
      "PixelBandwidth": 1270.0,
      "PixelRepresentation": 0,
      "PixelSpacing": [0.89583331346512, 0.89583331346512],
      "ProtocolName": "DWI",
      "RepetitionTime": 610.0,
      "Rows": 144,
      "SAR": 0.41439200024902,
      "SamplesPerPixel": 1,
      "ScanOptions": [
        "PFP",
        "SFS",
        "CT"
],
      "ScanningSequence": "EP",
      "SequenceVariant": [
        "SK",
        "SP"
],
      "SeriesDescription": "DWI",
      "SeriesNumber": 32,
      "SeriesTime": "140503.954000",
      "SliceLocation": -76.245558333877,
      "SliceThickness": 5.0,
      "SmallestImagePixelValue": 0,
      "SoftwareVersions": "syngo MR E11",
      "SpacingBetweenSlices": 5.0000002296173,
      "SpecificCharacterSet": "ISO_IR 100",
      "StudyID": "1",
      "StudyTime": "130136.965000",
      "TransmitCoilName": "Body",
      "VariableFlipAngleFlag": "N",
      "WindowCenterWidthExplanation": "Algo1",
      "dBdt": 0.0},
    "slices": {}
  },
  "time": {
    "samples": {
      "AcquisitionNumber": [1, 2, 3, 4, 5, 6, 7, 8, 9, 10, 11, 12, 13, 14, 15, 16, 17, 18, 19, 20, 21, 22, 23, 24, 25, 26, 27, 28, 29, 30, 31, 32, 33, 34, 35],
      "AcquisitionTime": ["140503.697500", "140508.022500", "140512.512500", "140516.812500", "140520.912500", "140525.417500", "140529.672500", "140533.792500", "140538.057500", "140542.322500", "140546.590000", "140550.835000", "140555.140000", "140559.380000", "140603.695000", "140607.960000", "140612.270000", "140616.560000", "140620.800000", "140625.155000", "140629.390000", "140633.662500", "140637.947500", "140642.107500", "140646.322500", "140650.547500", "140654.807500", "140659.107500", "140703.392500", "140707.622500", "140712.052500", "140716.282500", "140720.495000", "140724.770000", "140728.840000"],
      "ContentTime": ["140503.957000", "140510.402000", "140515.403000", "140520.403000", "140525.403000", "140530.403000", "140530.406000", "140535.403000", "140540.403000", "140545.402000", "140550.403000", "140555.403000", "140555.406000", "140600.403000", "140605.403000", "140610.403000", "140615.403000", "140620.402000", "140625.403000", "140625.406000", "140630.403000", "140635.403000", "140640.403000", "140645.403000", "140650.403000", "140655.402000", "140655.409000", "140700.403000", "140705.403000", "140710.403000", "140715.403000", "140720.403000", "140725.403000", "140725.406000", "140729.124000"],
      "InstanceCreationTime": ["140503.957000", "140510.402000", "140515.403000", "140520.403000", "140525.403000", "140530.403000", "140530.406000", "140535.403000", "140540.403000", "140545.402000", "140550.403000", "140555.403000", "140555.406000", "140600.403000", "140605.403000", "140610.403000", "140615.403000", "140620.402000", "140625.403000", "140625.406000", "140630.403000", "140635.403000", "140640.403000", "140645.403000", "140650.403000", "140655.402000", "140655.409000", "140700.403000", "140705.403000", "140710.403000", "140715.403000", "140720.403000", "140725.403000", "140725.406000", "140729.124000"],
      "InstanceNumber": [1, 2, 3, 4, 5, 6, 7, 8, 9, 10, 11, 12, 13, 14, 15, 16, 17, 18, 19, 20, 21, 22, 23, 24, 25, 26, 27, 28, 29, 30, 31, 32, 33, 34, 35],
      "LargestImagePixelValue": [4095, 3655, 3963, 3537, 3679, 3779, 3753, 3595, 3553, 3487, 3579, 3859, 3775, 3871, 3651, 3459, 3659, 3993, 3476, 3660, 3534, 3743, 3479, 3518, 3642, 3508, 3565, 3645, 3576, 3492, 3862, 4095, 4095, 4095, 4095],
      "SequenceName": [
        "*ez_b0",
        "*ez_b800#1",
        "*ez_b800#2",
        "*ez_b800#3",
        "*ez_b800#4",
        "*ez_b800#5",
        "*ez_b800#6",
        "*ez_b800#7",
        "*ez_b800#8",
        "*ez_b800#9",
        "*ez_b800#10",
        "*ez_b800#11",
        "*ez_b800#12",
        "*ez_b800#13",
        "*ez_b800#14",
        "*ez_b800#15",
        "*ez_b800#16",
        "*ez_b800#17",
        "*ez_b800#18",
        "*ez_b800#19",
        "*ez_b800#20",
        "*ez_b800#21",
        "*ez_b800#22",
        "*ez_b800#23",
        "*ez_b800#24",
        "*ez_b800#25",
        "*ez_b800#26",
        "*ez_b800#27",
        "*ez_b800#28",
        "*ez_b800#29",
        "*ez_b800#30",
        "*ez_b0",
        "*ez_b0",
        "*ez_b0",
        "*ez_b0"
],
      "TriggerTime": [572.5, 572.5, 572.5, 572.5, 572.5, 572.5, 572.5, 570.0, 570.0, 570.0, 570.0, 572.5, 572.5, 572.5, 572.5, 572.5, 572.5, 572.5, 570.0, 570.0, 570.0, 570.0, 572.5, 572.5, 572.5, 572.5, 572.5, 572.5, 572.5, 570.0, 570.0, 570.0, 570.0, 570.0, 572.5],
      "WindowCenter": [1163.0, 722.0, 725.0, 714.0, 728.0, 744.0, 737.0, 727.0, 712.0, 719.0, 731.0, 737.0, 714.0, 720.0, 736.0, 720.0, 717.0, 733.0, 722.0, 715.0, 708.0, 711.0, 735.0, 737.0, 745.0, 732.0, 718.0, 730.0, 742.0, 724.0, 738.0, 1149.0, 1127.0, 1144.0, 1135.0],
      "WindowWidth": [2373.0, 1536.0, 1540.0, 1515.0, 1538.0, 1565.0, 1558.0, 1535.0, 1516.0, 1528.0, 1549.0, 1562.0, 1526.0, 1534.0, 1554.0, 1526.0, 1522.0, 1553.0, 1525.0, 1525.0, 1517.0, 1519.0, 1551.0, 1552.0, 1573.0, 1546.0, 1516.0, 1537.0, 1561.0, 1526.0, 1551.0, 2352.0, 2310.0, 2342.0, 2332.0]
    },
    "slices": {}
  }
}