{
  "AcquisitionMatrixPE": 32,
  "AcquisitionNumber": 1,
  "AcquisitionTime": "11:13:21.215000",
  "BaseResolution": 32,
  "BodyPartExamined": "BRAIN",
  "CoilCombinationMethod": "Sum of Squares",
  "ConsistencyInfo": "N4_VE11C_LATEST_20160120",
  "ConversionSoftware": "dcm2niix",
  "ConversionSoftwareVersion": "v1.0.20211006",
  "DeviceSerialNumber": "167006",
  "DwellTime": 3.18e-05,
  "EchoTime": 0.00184,
  "FlipAngle": 8,
  "HeudiconvVersion": "0.11.3.post9+gc939bf8",
  "ImageComments": "anatomical image",
  "ImageOrientationPatientDICOM": [1, 0, 0, 0, 0.838671, -0.544639],
  "ImageOrientationText": "Tra>Cor(-33.0)",
  "ImageType": [
    "ORIGINAL",
    "PRIMARY",
    "M",
    "DIS2D"
],
  "ImagingFrequency": 123.259,
  "InPlanePhaseEncodingDirectionDICOM": "COL",
  "InstitutionAddress": "Chemin Queen-Mary 4565,Montreal,District,CA,H3W 1W5",
  "InstitutionName": "IUGM",
  "InstitutionalDepartmentName": "Department",
  "MRAcquisitionType": "2D",
  "MagneticFieldStrength": 3,
  "Manufacturer": "Siemens",
  "ManufacturersModelName": "Prisma_fit",
  "MatrixCoilMode": "SENSE",
  "Modality": "MR",
  "PartialFourier": 1,
  "PatientPosition": "HFS",
  "PercentPhaseFOV": 100,
  "PercentSampling": 100,
  "PhaseEncodingDirection": "j-",
  "PhaseEncodingSteps": 32,
  "PhaseResolution": 1,
  "PixelBandwidth": 490,
  "ProcedureStepDescription": "anat^generic",
  "ProtocolName": "tfl_b1map_6mm",
  "PulseSequenceDetails": "%SiemensSeq%\\tfl_b1map",
  "ReceiveCoilActiveElements": "HC1-7;NC1",
  "ReceiveCoilName": "HeadNeck_64",
  "ReconMatrixPE": 32,
  "RepetitionTime": 10,
  "SAR": 0.00528005,
  "ScanningSequence": "GR",
  "SequenceName": "tfl2d1_512",
  "SequenceVariant": "SK\\SP",
  "SeriesDescription": "tfl_b1map_6mm",
  "SeriesNumber": 25,
  "ShimSetting": [618, -7213, -8898, 245, -6, -268, 33, 9],
  "SliceThickness": 6,
  "SliceTiming": [5.04688, 0, 5.54688, 0.50781, 6.05469, 1.00781, 6.55469, 1.51562, 7.0625, 2.01562, 7.5625, 2.52344, 8.07031, 3.03125, 8.57031, 3.53125, 9.07812, 4.03906, 9.58594, 4.53906],
  "SoftwareVersions": "syngo MR E11",
  "SpacingBetweenSlices": 7.2,
  "SpoilingState": true,
  "StationName": "MRC35049",
  "TxRefAmp": 247.758,
  "dcmmeta_affine": [
    [-6.0, 0.0, 0.0, 95.49686431884766],
    [0.0, 5.0320234298706055, -3.921398162841797, -40.4589729309082],
    [0.0, 3.267834186553955, 6.038429260253906, -101.35453796386719],
    [0.0, 0.0, 0.0, 1.0]
],
  "dcmmeta_reorient_transform": [
    [0.0, -1.0, 0.0, 31.0],
    [1.0, 0.0, 0.0, 0.0],
    [0.0, 0.0, -1.0, 19.0],
    [0.0, 0.0, 0.0, 1.0]
],
  "dcmmeta_shape": [32, 32, 20],
  "dcmmeta_slice_dim": 2,
  "dcmmeta_version": 0.6,
  "global": {
    "const": {
      "AcquisitionMatrix": [32, 0, 0, 32],
      "AcquisitionNumber": 1,
      "AngioFlag": "N",
      "BitsAllocated": 16,
      "BitsStored": 12,
      "BodyPartExamined": "BRAIN",
      "Columns": 32,
      "EchoNumbers": 1,
      "EchoTime": 1.84,
      "EchoTrainLength": 1,
      "FlipAngle": 8.0,
      "HighBit": 11,
      "ImageOrientationPatient": [1.0, 0.0, 0.0, 0.0, 0.83867056370374, -0.5446390415466],
      "ImageType": [
        "ORIGINAL",
        "PRIMARY",
        "M",
        "DIS2D"
],
      "ImagedNucleus": "1H",
      "ImagingFrequency": 123.258821,
      "InPlanePhaseEncodingDirection": "COL",
      "MRAcquisitionType": "2D",
      "MagneticFieldStrength": 3.0,
      "Manufacturer": "SIEMENS",
      "ManufacturerModelName": "Prisma_fit",
      "Modality": "MR",
      "NumberOfAverages": 1.0,
      "NumberOfPhaseEncodingSteps": 32,
      "PercentPhaseFieldOfView": 100.0,
      "PercentSampling": 100.0,
      "PerformedProcedureStepStartTime": "092804.971000",
      "PhotometricInterpretation": "MONOCHROME2",
      "PixelBandwidth": 490.0,
      "PixelRepresentation": 0,
      "PixelSpacing": [6.0, 6.0],
      "ProtocolName": "tfl_b1map_6mm",
      "RepetitionTime": 10000.0,
      "Rows": 32,
      "SAR": 0.00528004960118,
      "SamplesPerPixel": 1,
      "ScanningSequence": "GR",
      "SequenceName": "tfl2d1_512",
      "SequenceVariant": [
        "SK",
        "SP"
],
      "SeriesDescription": "tfl_b1map_6mm",
      "SeriesNumber": 25,
      "SeriesTime": "111337.160000",
      "SliceThickness": 6.0,
      "SmallestImagePixelValue": 0,
      "SoftwareVersions": "syngo MR E11",
      "SpacingBetweenSlices": 7.2,
      "SpecificCharacterSet": "ISO_IR 100",
      "StudyID": "1",
      "StudyTime": "092804.869000",
      "TransmitCoilName": "Body",
      "VariableFlipAngleFlag": "N",
      "WindowCenterWidthExplanation": "Algo1",
      "dBdt": 0.0},
    "slices": {
      "AcquisitionTime": ["111321.215000", "111316.175000", "111321.720000", "111316.677500", "111322.225000", "111317.182500", "111322.727500", "111317.687500", "111323.232500", "111318.190000", "111323.737500", "111318.695000", "111324.242500", "111319.200000", "111324.745000", "111319.702500", "111325.250000", "111320.207500", "111325.755000", "111320.712500"],
      "ContentTime": ["111337.186000", "111337.162000", "111337.188000", "111337.165000", "111337.190000", "111337.167000", "111337.192000", "111337.169000", "111337.201000", "111337.171000", "111337.204000", "111337.172000", "111337.206000", "111337.174000", "111337.208000", "111337.176000", "111337.210000", "111337.180000", "111337.212000", "111337.182000"],
      "CsaImage.ICE_Dims": [
        "X_1_1_1_1_1_1_11_1_1_1_1_35",
        "X_1_1_1_1_1_1_1_1_1_2_1_35",
        "X_1_1_1_1_1_1_12_1_1_3_1_35",
        "X_1_1_1_1_1_1_2_1_1_4_1_35",
        "X_1_1_1_1_1_1_13_1_1_5_1_35",
        "X_1_1_1_1_1_1_3_1_1_6_1_35",
        "X_1_1_1_1_1_1_14_1_1_7_1_35",
        "X_1_1_1_1_1_1_4_1_1_8_1_35",
        "X_1_1_1_1_1_1_15_1_1_9_1_35",
        "X_1_1_1_1_1_1_5_1_1_10_1_35",
        "X_1_1_1_1_1_1_16_1_1_11_1_35",
        "X_1_1_1_1_1_1_6_1_1_12_1_35",
        "X_1_1_1_1_1_1_17_1_1_13_1_35",
        "X_1_1_1_1_1_1_7_1_1_14_1_35",
        "X_1_1_1_1_1_1_18_1_1_15_1_35",
        "X_1_1_1_1_1_1_8_1_1_16_1_35",
        "X_1_1_1_1_1_1_19_1_1_17_1_35",
        "X_1_1_1_1_1_1_9_1_1_18_1_35",
        "X_1_1_1_1_1_1_20_1_1_19_1_35",
        "X_1_1_1_1_1_1_10_1_1_20_1_35"
],
      "CsaImage.ProtocolSliceNumber": [0, 1, 2, 3, 4, 5, 6, 7, 8, 9, 10, 11, 12, 13, 14, 15, 16, 17, 18, 19],
      "CsaImage.SliceMeasurementDuration": [130.0, 127.5, 127.5, 130.0, 127.5, 127.5, 130.0, 127.5, 127.5, 130.0, 127.5, 127.5, 127.5, 127.5, 130.0, 130.0, 127.5, 127.5, 127.5, 127.5],
      "CsaImage.SlicePosition_PCS": [
        [-95.49686384, -115.53380508, -5.05165],
        [-95.49686384, -111.61240501, 0.98677926],
        [-95.49686384, -107.69100304, 7.02520471],
        [-95.49686384, -103.76960297, 13.06363397],
        [-95.49686384, -99.84820099, 19.10206323],
        [-95.49686384, -95.92679997, 25.14049058],
        [-95.49686384, -92.00539894, 31.17891793],
        [-95.49686384, -88.08399792, 37.21734624],
        [-95.49686384, -84.16259713, 43.25577359],
        [-95.49686384, -80.24119605, 49.29420214],
        [-95.49686384, -76.31979485, 55.33263021],
        [-95.49686384, -72.39839382, 61.37105851],
        [-95.49686384, -68.4769928, 67.40948682],
        [-95.49686384, -64.55559177, 73.44791513],
        [-95.49686384, -60.63419075, 79.48634248],
        [-95.49686384, -56.71278877, 85.52476983],
        [-95.49686384, -52.7913887, 91.56319909],
        [-95.49686384, -48.86998673, 97.60162835],
        [-95.49686384, -44.94858475, 103.6400538],
        [-95.49686384, -41.02718659, 109.67848306]
],
      "CsaImage.TimeAfterStart": [5.04, 0.0, 5.545, 0.5025, 6.05, 1.0075, 6.5525, 1.5125, 7.0575, 2.015, 7.5625, 2.52, 8.0675, 3.025, 8.57, 3.5275, 9.075, 4.0325, 9.58, 4.5375],
      "ImagePositionPatient": [
        [-95.49686384201, -115.5338050848, -0.0516499973614],
        [-95.49686384201, -111.61240501461, 5.9867792628925],
        [-95.49686384201, -107.69100303707, 12.025204708449],
        [-95.49686384201, -103.76960296688, 18.063633968703],
        [-95.49686384201, -99.848200989338, 24.102063228957],
        [-95.49686384201, -95.926799965474, 30.140490581862],
        [-95.49686384201, -92.005398941609, 36.178917934767],
        [-95.49686384201, -88.083997917744, 42.217346241347],
        [-95.49686384201, -84.162597132298, 48.255773594252],
        [-95.49686384201, -80.241196048829, 54.29420213925],
        [-95.49686384201, -76.31979484615, 60.332630207412],
        [-95.49686384201, -72.398393822285, 66.371058513991],
        [-95.49686384201, -68.47699279842, 72.409486820571],
        [-95.49686384201, -64.555591774556, 78.44791512715],
        [-95.49686384201, -60.634190750691, 84.486342480056],
        [-95.49686384201, -56.712788773152, 90.524769832961],
        [-95.49686384201, -52.791388702961, 96.563199093215],
        [-95.49686384201, -48.869986725422, 102.60162835347],
        [-95.49686384201, -44.948584747883, 108.64005379903],
        [-95.49686384201, -41.027186585041, 114.67848305928]
],
      "InstanceCreationTime": ["111337.186000", "111337.162000", "111337.188000", "111337.165000", "111337.190000", "111337.167000", "111337.192000", "111337.169000", "111337.201000", "111337.171000", "111337.204000", "111337.172000", "111337.206000", "111337.174000", "111337.208000", "111337.176000", "111337.210000", "111337.180000", "111337.212000", "111337.182000"],
      "InstanceNumber": [11, 1, 12, 2, 13, 3, 14, 4, 15, 5, 16, 6, 17, 7, 18, 8, 19, 9, 20, 10],
      "LargestImagePixelValue": [4095, 4095, 4095, 4095, 4095, 4095, 4095, 4095, 4095, 4095, 3177, 3317, 4095, 4081, 4095, 4091, 4093, 4095, 4095, 4095],
      "SliceLocation": [-62.967538200024, -55.767537752692, -48.567539465818, -41.367539018486, -34.167537532338, -26.967538165235, -19.767538798132, -12.567538631211, -5.3675393939599, 1.8324610053792, 9.0324610697351, 16.232461236657, 23.432461403578, 30.632461570499, 37.832460937602, 45.032460824114, 52.232461271445, 59.432462757594, 66.632461044468, 73.832460452983],
      "WindowCenter": [1370.0, 1383.0, 1485.0, 1404.0, 1502.0, 1476.0, 1537.0, 1649.0, 1595.0, 1519.0, 1507.0, 1481.0, 1569.0, 1641.0, 1512.0, 1584.0, 1609.0, 1352.0, 896.0, 517.0],
      "WindowWidth": [2759.0, 2697.0, 2792.0, 2660.0, 2755.0, 2697.0, 2811.0, 2949.0, 2874.0, 2736.0, 2627.0, 2618.0, 2794.0, 3003.0, 2999.0, 3259.0, 3437.0, 3076.0, 3093.0, 3062.0]
    }
  }
}