{
  "AcquisitionMatrixPE": 110,
  "AcquisitionNumber": 1,
  "AcquisitionTime": "15:56:32.112500",
  "BandwidthPerPixelPhaseEncode": 12.987,
  "BaseResolution": 110,
  "BodyPartExamined": "BRAIN",
  "CoilCombinationMethod": "Sum of Squares",
  "ConsistencyInfo": "N4_VE11C_LATEST_20160120",
  "ConversionSoftware": "dcm2niix",
  "ConversionSoftwareVersion": "v1.0.20220505",
  "DerivedVendorReportedEchoSpacing": 0.000700001,
  "DeviceSerialNumber": "167006",
  "DiffusionScheme": "Monopolar",
  "DwellTime": 2.7e-06,
  "EchoTime": 0.0768,
  "EchoTrainLength": 83,
  "EffectiveEchoSpacing": 0.000700001,
  "FlipAngle": 78,
  "HeudiconvVersion": "0.5.3.post811+g6206e14",
  "ImageComments": "Unaliased MB3/PE3/LB SENSE1+",
  "ImageOrientationPatientDICOM": [0.999816, 0.0036631, 0.0188447, -5.32451e-08, 0.981627, -0.190809],
  "ImageOrientationText": "Tra>Cor(-11.0)>Sag(1.1)",
  "ImageType": [
    "ORIGINAL",
    "PRIMARY",
    "DIFFUSION",
    "NONE",
    "MB",
    "ND",
    "MOSAIC"
],
  "ImagingFrequency": 123.259,
  "InPlanePhaseEncodingDirectionDICOM": "COL",
  "InstitutionAddress": "Chemin Queen-Mary 4565,Montreal,District,CA,H3W 1W5",
  "InstitutionName": "IUGM",
  "InstitutionalDepartmentName": "Department",
  "MRAcquisitionType": "2D",
  "MagneticFieldStrength": 3,
  "Manufacturer": "Siemens",
  "ManufacturersModelName": "Prisma_fit",
  "MatrixCoilMode": "SENSE",
  "Modality": "MR",
  "MultibandAccelerationFactor": 3,
  "PartialFourier": 0.75,
  "PatientPosition": "HFS",
  "PercentPhaseFOV": 100,
  "PercentSampling": 100,
  "PhaseEncodingDirection": "j",
  "PhaseEncodingSteps": 83,
  "PhaseResolution": 1,
  "PixelBandwidth": 1685,
  "ProcedureStepDescription": "anat^generic",
  "ProtocolName": "dMRI_dir106_PA_test_cmrr",
  "PulseSequenceDetails": "%CustomerSeq%\\cmrr_mbep2d_diff",
  "ReceiveCoilActiveElements": "HC1-6",
  "ReceiveCoilName": "HeadNeck_64",
  "ReconMatrixPE": 110,
  "RepetitionTime": 2.243,
  "SAR": 0.129338,
  "ScanOptions": "PFP\\EXT",
  "ScanningSequence": "EP",
  "SequenceName": "ep_b0",
  "SequenceVariant": "SK\\SS",
  "SeriesDescription": "dMRI_dir106_PA_test_cmrr",
  "SeriesNumber": 13,
  "ShimSetting": [615, -7265, -8761, 619, 87, -13, 55, 39],
  "SliceThickness": 2,
  "SliceTiming": [0, 1.17, 0.1175, 1.2875, 0.2325, 1.4025, 0.35, 1.52, 0.4675, 1.6375, 0.585, 1.755, 0.7025, 1.8725, 0.8175, 1.9875, 0.935, 2.105, 1.0525, 0, 1.17, 0.1175, 1.2875, 0.2325, 1.4025, 0.35, 1.52, 0.4675, 1.6375, 0.585, 1.755, 0.7025, 1.8725, 0.8175, 1.9875, 0.935, 2.105, 1.0525, 0, 1.17, 0.1175, 1.2875, 0.2325, 1.4025, 0.35, 1.52, 0.4675, 1.6375, 0.585, 1.755, 0.7025, 1.8725, 0.8175, 1.9875, 0.935, 2.105, 1.0525],
  "SoftwareVersions": "syngo MR E11",
  "SpacingBetweenSlices": 2,
  "StationName": "MRC35049",
  "TotalReadoutTime": 0.0763001,
  "TxRefAmp": 207.109,
  "WipMemBlock": "b66409a3-bcc4-49b3-a966-be2464008495||Sequence: R017 ve11c/master r/75a17815+; Jun 28 2022 16:41:33 by eja",
  "dcmmeta_affine": [
    [-1.999631404876709, -1.0649018378217079e-07, 0.03839489072561264, 108.95441436767578],
    [-0.007326195016503334, 1.9632543325424194, -0.3815476894378662, -86.163818359375],
    [0.0376894474029541, 0.3816179931163788, 1.9628926515579224, -34.212608337402344],
    [0.0, 0.0, 0.0, 1.0]
],
  "dcmmeta_reorient_transform": [
    [0.0, -1.0, 0.0, 109.0],
    [1.0, 0.0, 0.0, 0.0],
    [0.0, 0.0, 1.0, 0.0],
    [0.0, 0.0, 0.0, 1.0]
],
  "dcmmeta_shape": [110, 110, 57, 107],
  "dcmmeta_slice_dim": 2,
  "dcmmeta_version": 0.6,
  "global": {
    "const": {
      "AcquisitionMatrix": [110, 0, 0, 110],
      "AngioFlag": "N",
      "BitsAllocated": 16,
      "BitsStored": 16,
      "BodyPartExamined": "BRAIN",
      "CardiacNumberOfImages": 1,
      "Columns": 880,
      "EchoNumbers": 1,
      "EchoTime": 76.8,
      "EchoTrainLength": 83,
      "FlipAngle": 78.0,
      "HighBit": 15,
      "ImageOrientationPatient": [0.99981571206514, 0.00366309756703, 0.01884472403354, -5.3245092e-08, 0.98162718293928, -0.1908089979919],
      "ImagePositionPatient": [-878.81245815882, -886.50442336227, 139.7962448755],
      "ImageType": [
        "ORIGINAL",
        "PRIMARY",
        "DIFFUSION",
        "NONE",
        "MB",
        "ND",
        "MOSAIC"
],
      "ImagedNucleus": "1H",
      "ImagingFrequency": 123.259209,
      "InPlanePhaseEncodingDirection": "COL",
      "MRAcquisitionType": "2D",
      "MagneticFieldStrength": 3.0,
      "Manufacturer": "SIEMENS",
      "ManufacturerModelName": "Prisma_fit",
      "Modality": "MR",
      "NominalInterval": 0,
      "NumberOfAverages": 1.0,
      "NumberOfPhaseEncodingSteps": 83,
      "PercentPhaseFieldOfView": 100.0,
      "PercentSampling": 100.0,
      "PerformedProcedureStepStartTime": "153328.808000",
      "PhotometricInterpretation": "MONOCHROME2",
      "PixelBandwidth": 1685.0,
      "PixelRepresentation": 0,
      "PixelSpacing": [2.0, 2.0],
      "ProtocolName": "dMRI_dir106_PA_test_cmrr",
      "RepetitionTime": 2243.0,
      "Rows": 880,
      "SAR": 0.12933786254799,
      "SamplesPerPixel": 1,
      "ScanOptions": [
        "PFP",
        "EXT"
],
      "ScanningSequence": "EP",
      "SequenceVariant": [
        "SK",
        "SS"
],
      "SeriesDescription": "dMRI_dir106_PA_test_cmrr",
      "SeriesNumber": 13,
      "SeriesTime": "155735.034000",
      "SliceLocation": -15.048388211752,
      "SliceThickness": 2.0,
      "SmallestImagePixelValue": 0,
      "SoftwareVersions": "syngo MR E11",
      "SpacingBetweenSlices": 2.0000000696207,
      "SpecificCharacterSet": "ISO_IR 100",
      "StudyID": "1",
      "StudyTime": "153328.653000",
      "TransmitCoilName": "Body",
      "VariableFlipAngleFlag": "N",
      "WindowCenterWidthExplanation": "Algo1",
      "dBdt": 0.0},
