{
  "AcquisitionMatrixPE": 192,
  "AcquisitionNumber": 1,
  "AcquisitionTime": "14:55:50.037500",
  "BaseResolution": 192,
  "BodyPartExamined": "BRAIN",
  "ConsistencyInfo": "N4_VE11C_LATEST_20160120",
  "ConversionSoftware": "dcm2niix",
  "ConversionSoftwareVersion": "v1.0.20190902",
  "DeviceSerialNumber": "167006",
  "DwellTime": 3.5e-06,
  "EchoTime": 0.00151,
  "ImageOrientationPatientDICOM": [0, 1, 0, 0, 0, -1],
  "ImageType": [
    "DERIVED",
    "PRIMARY",
    "M",
    "ND",
    "UNI"
],
  "ImagingFrequency": 123.259,
  "InPlanePhaseEncodingDirectionDICOM": "ROW",
  "InstitutionAddress": "Chemin_Queen-Mary_4565_Montreal_District_CA_H3W_1W5",
  "InstitutionName": "IUGM",
  "InstitutionalDepartmentName": "Department",
  "MRAcquisitionType": "3D",
  "MagneticFieldStrength": 3,
  "Manufacturer": "Siemens",
  "ManufacturersModelName": "Prisma_fit",
  "Modality": "MR",
  "ParallelReductionFactorInPlane": 2,
  "PartialFourier": 1,
  "PatientPosition": "HFS",
  "PercentPhaseFOV": 100,
  "PhaseEncodingSteps": 191,
  "PhaseResolution": 1,
  "PixelBandwidth": 745,
  "ProcedureStepDescription": "neuromod_generic",
  "ProtocolName": "t1_mp2rage",
  "PulseSequenceDetails": "%SiemensSeq%_tfl",
  "RawImage": false,
  "ReceiveCoilActiveElements": "HC1-7;NC1",
  "ReceiveCoilName": "HeadNeck_64",
  "ReconMatrixPE": 192,
  "RefLinesPE": 32,
  "RepetitionTime": 4,
  "SAR": 0.0189725,
  "ScanOptions": "IR",
  "ScanningSequence": "GR_IR",
  "SequenceName": "_tfl3d1_16",
  "SequenceVariant": "SK_SP_MP",
  "SeriesDescription": "t1_mp2rage_UNI_Images_ND",
  "SeriesNumber": 16,
  "ShimSetting": [620, -7290, -8929, 119, -1, -340, 79, -35],
  "SliceThickness": 1.2,
  "SoftwareVersions": "syngo_MR_E11",
  "StationName": "MRC35049",
  "TxRefAmp": 210.004,
  "dcmmeta_affine": [
    [1.1999999284744263, 0.0, 0.0, -104.39759063720703],
    [0.0, 1.1979166269302368, 0.0, -93.21854400634766],
    [0.0, 0.0, 1.1979166269302368, -134.4248046875],
    [0.0, 0.0, 0.0, 1.0]
],
  "dcmmeta_reorient_transform": [
    [0.0, 0.0, -1.0, 191.0],
    [0.0, -1.0, 0.0, 191.0],
    [-1.0, 0.0, 0.0, 175.0],
    [0.0, 0.0, 0.0, 1.0]
],
  "dcmmeta_shape": [176, 192, 192],
  "dcmmeta_slice_dim": 0,
  "dcmmeta_version": 0.6,
  "global": {
    "const": {
      "AcquisitionMatrix": [0, 192, 192, 0],
      "AcquisitionNumber": 1,
      "AngioFlag": "N",
      "BitsAllocated": 16,
      "BitsStored": 12,
      "BodyPartExamined": "BRAIN",
      "Columns": 192,
      "EchoNumbers": 1,
      "EchoTime": 1.51,
      "EchoTrainLength": 1,
      "FlipAngle": 0.0,
      "HighBit": 11,
      "ImageOrientationPatient": [0.0, 1.0, 0.0, 0.0, 0.0, -1.0],
      "ImageType": [
        "DERIVED",
        "PRIMARY",
        "M",
        "ND",
        "UNI"
],
      "ImagedNucleus": "1H",
      "ImagingFrequency": 123.259148,
      "InPlanePhaseEncodingDirection": "ROW",
      "InversionTime": 0.0,
      "MRAcquisitionType": "3D",
      "MagneticFieldStrength": 3.0,
      "Manufacturer": "SIEMENS",
      "ManufacturerModelName": "Prisma_fit",
      "Modality": "MR",
      "NumberOfAverages": 1.0,
      "NumberOfPhaseEncodingSteps": 191,
      "PercentPhaseFieldOfView": 100.0,
      "PercentSampling": 100.0,
      "PerformedProcedureStepStartTime": "142411.891000",
      "PhotometricInterpretation": "MONOCHROME2",
      "PixelBandwidth": 745.0,
      "PixelRepresentation": 0,
      "PixelSpacing": [1.1979166269302, 1.1979166269302],
      "ProtocolName": "t1_mp2rage",
      "RepetitionTime": 4000.0,
      "Rows": 192,
      "SAR": 0.0189725276947,
      "SamplesPerPixel": 1,
      "ScanOptions": "IR",
      "ScanningSequence": [
        "GR",
        "IR"
],
      "SequenceName": "*tfl3d1_16",
      "SequenceVariant": [
        "SK",
        "SP",
        "MP"
],
      "SeriesDescription": "t1_mp2rage_UNI_Images_ND",
      "SeriesNumber": 16,
      "SeriesTime": "150327.322000",
      "SliceThickness": 1.1999999284744,
      "SmallestImagePixelValue": 0,
      "SoftwareVersions": "syngo MR E11",
      "SpecificCharacterSet": "ISO_IR 100",
      "StudyID": "1",
      "StudyTime": "142411.830000",
      "TransmitCoilName": "Body",
      "VariableFlipAngleFlag": "N",
      "WindowCenterWidthExplanation": "Algo1",
      "dBdt": 0.0},
