{
  "AcquisitionMatrixPE": 256,
  "AcquisitionNumber": 1,
  "AcquisitionTime": "15:42:34.972500",
  "BaseResolution": 256,
  "BodyPartExamined": "CSPINE",
  "CoilString": "HC5-7;NC1_2",
  "ConsistencyInfo": "N4_VE11C_LATEST_20160120",
  "ConversionSoftware": "dcm2niix",
  "ConversionSoftwareVersion": "v1.0.20190902",
  "DeviceSerialNumber": "167006",
  "DwellTime": 7.5e-06,
  "EchoTime": 0.00313,
  "FlipAngle": 15,
  "ImageOrientationPatientDICOM": [1, 0, 0, 0, 0.960779, 0.277315],
  "ImageType": [
    "ORIGINAL",
    "PRIMARY",
    "M",
    "DIS2D"
],
  "ImagingFrequency": 123.259,
  "InPlanePhaseEncodingDirectionDICOM": "COL",
  "InstitutionAddress": "Chemin_Queen-Mary_4565_Montreal_District_CA_H3W_1W5",
  "InstitutionName": "IUGM",
  "InstitutionalDepartmentName": "Department",
  "MRAcquisitionType": "3D",
  "MagneticFieldStrength": 3,
  "Manufacturer": "Siemens",
  "ManufacturersModelName": "Prisma_fit",
  "Modality": "MR",
  "ParallelReductionFactorInPlane": 2,
  "PartialFourier": 1,
  "PatientPosition": "HFS",
  "PercentPhaseFOV": 100,
  "PhaseEncodingSteps": 255,
  "PhaseResolution": 1,
  "PixelBandwidth": 260,
  "ProcedureStepDescription": "neuromod_generic",
  "ProtocolName": "GRE-T1w",
  "PulseSequenceDetails": "%SiemensSeq%_gre",
  "ReceiveCoilActiveElements": "HC5-7;NC1,2",
  "ReceiveCoilName": "HeadNeck_64",
  "ReconMatrixPE": 256,
  "RefLinesPE": 32,
  "RepetitionTime": 0.015,
  "SAR": 0.0323021,
  "ScanningSequence": "GR",
  "SequenceName": "_fl3d1",
  "SequenceVariant": "SP",
  "SeriesDescription": "GRE-T1w",
  "SeriesNumber": 34,
  "ShimSetting": [616, -7313, -9052, -905, 51, 2983, -223, 22],
  "SliceThickness": 5,
  "SoftwareVersions": "syngo_MR_E11",
  "StationName": "MRC35049",
  "TxRefAmp": 246.778,
  "dcmmeta_affine": [
    [0.8984375, 0.0, 0.0, -114.1015625],
    [0.0, 0.8632000088691711, 1.386573314666748, -140.0700225830078],
    [0.0, -0.24914990365505219, 4.803895950317383, -124.99604797363281],
    [0.0, 0.0, 0.0, 1.0]
],
  "dcmmeta_reorient_transform": [
    [0.0, -1.0, 0.0, 255.0],
    [-1.0, 0.0, 0.0, 255.0],
    [0.0, 0.0, -1.0, 21.0],
    [0.0, 0.0, 0.0, 1.0]
],
  "dcmmeta_shape": [256, 256, 22],
  "dcmmeta_slice_dim": 2,
  "dcmmeta_version": 0.6,
  "global": {
    "const": {
      "AcquisitionMatrix": [256, 0, 0, 256],
      "AcquisitionNumber": 1,
      "AcquisitionTime": "154234.972500",
      "AngioFlag": "N",
      "BitsAllocated": 16,
      "BitsStored": 12,
      "BodyPartExamined": "CSPINE",
      "Columns": 256,
      "EchoNumbers": 1,
      "EchoTime": 3.13,
      "EchoTrainLength": 1,
      "FlipAngle": 15.0,
      "HighBit": 11,
      "ImageOrientationPatient": [1.0, 0.0, 0.0, 0.0, 0.9607791500038, 0.27731466769353],
      "ImageType": [
        "ORIGINAL",
        "PRIMARY",
        "M",
        "DIS2D"
],
      "ImagedNucleus": "1H",
      "ImagingFrequency": 123.258922,
      "InPlanePhaseEncodingDirection": "COL",
      "MRAcquisitionType": "3D",
      "MagneticFieldStrength": 3.0,
      "Manufacturer": "SIEMENS",
      "ManufacturerModelName": "Prisma_fit",
      "Modality": "MR",
      "NumberOfAverages": 1.0,
      "NumberOfPhaseEncodingSteps": 255,
      "PercentPhaseFieldOfView": 100.0,
      "PercentSampling": 100.0,
      "PerformedProcedureStepStartTime": "142411.891000",
      "PhotometricInterpretation": "MONOCHROME2",
      "PixelBandwidth": 260.0,
      "PixelRepresentation": 0,
      "PixelSpacing": [0.8984375, 0.8984375],
      "ProtocolName": "GRE-T1w",
      "RepetitionTime": 15.0,
      "Rows": 256,
      "SAR": 0.03230208784778,
      "SamplesPerPixel": 1,
      "ScanningSequence": "GR",
      "SequenceName": "*fl3d1",
      "SequenceVariant": "SP",
      "SeriesDescription": "GRE-T1w",
      "SeriesNumber": 34,
      "SeriesTime": "154334.988000",
      "SliceThickness": 5.0,
      "SmallestImagePixelValue": 0,
      "SoftwareVersions": "syngo MR E11",
      "SpecificCharacterSet": "ISO_IR 100",
      "StudyID": "1",
      "StudyTime": "142411.830000",
      "TransmitCoilName": "Body",
      "VariableFlipAngleFlag": "N",
      "WindowCenterWidthExplanation": "Algo1",
      "dBdt": 0.0},
    "slices": {
      "ContentTime": ["154334.991000", "154334.994000", "154335.000000", "154335.002000", "154335.004000", "154335.006000", "154335.008000", "154335.017000", "154335.023000", "154335.025000", "154335.027000", "154335.029000", "154335.031000", "154335.039000", "154335.041000", "154335.043000", "154335.045000", "154335.047000", "154335.049000", "154335.051000", "154335.053000", "154335.055000"],
      "CsaImage.Actual3DImaPartNumber": [0, 1, 2, 3, 4, 5, 6, 7, 8, 9, 10, 11, 12, 13, 14, 15, 16, 17, 18, 19, 20, 21],
      "CsaImage.ICE_Dims": [
        "X_1_1_1_1_1_1_1_1_1_1_1_220",
        "X_1_1_1_1_1_2_1_1_1_1_1_220",
        "X_1_1_1_1_1_3_1_1_1_1_1_220",
        "X_1_1_1_1_1_4_1_1_1_1_1_220",
        "X_1_1_1_1_1_5_1_1_1_1_1_220",
        "X_1_1_1_1_1_6_1_1_1_1_1_220",
        "X_1_1_1_1_1_7_1_1_1_1_1_220",
        "X_1_1_1_1_1_8_1_1_1_1_1_220",
        "X_1_1_1_1_1_9_1_1_1_1_1_220",
        "X_1_1_1_1_1_10_1_1_1_1_1_220",
        "X_1_1_1_1_1_11_1_1_1_1_1_220",
        "X_1_1_1_1_1_12_1_1_1_1_1_220",
        "X_1_1_1_1_1_13_1_1_1_1_1_220",
        "X_1_1_1_1_1_14_1_1_1_1_1_220",
        "X_1_1_1_1_1_15_1_1_1_1_1_220",
        "X_1_1_1_1_1_16_1_1_1_1_1_220",
        "X_1_1_1_1_1_17_1_1_1_1_1_220",
        "X_1_1_1_1_1_18_1_1_1_1_1_220",
        "X_1_1_1_1_1_19_1_1_1_1_1_220",
        "X_1_1_1_1_1_20_1_1_1_1_1_220",
        "X_1_1_1_1_1_21_1_1_1_1_1_220",
        "X_1_1_1_1_1_22_1_1_1_1_1_220"
],
      "CsaImage.SlicePosition_PCS": [
        [-115.0, -80.04597679, -82.52927337],
        [-115.0, -81.43255013, -77.72537762],
        [-115.0, -82.81912347, -72.92148187],
        [-115.0, -84.2056968, -68.11758612],
        [-115.0, -85.59227014, -63.31369037],
        [-115.0, -86.97884348, -58.50979462],
        [-115.0, -88.36541682, -53.70589887],
        [-115.0, -89.75199016, -48.90200312],
        [-115.0, -91.1385635, -44.09810737],
        [-115.0, -92.52513684, -39.29421162],
        [-115.0, -93.91171017, -34.49031587],
        [-115.0, -95.29828351, -29.68642012],
        [-115.0, -96.68485685, -24.88252437],
        [-115.0, -98.07143019, -20.07862862],
        [-115.0, -99.45800353, -15.27473287],
        [-115.0, -100.84457687, -10.47083712],
        [-115.0, -102.2311502, -5.66694137],
        [-115.0, -103.61772354, -0.86304562],
        [-115.0, -105.00429688, 3.94085013],
        [-115.0, -106.39087022, 8.74474588],
        [-115.0, -107.77744356, 13.54864163],
        [-115.0, -109.1640169, 18.35253738]
],
      "ImagePositionPatient": [
        [-115.0, -80.045976788812, -188.52927336988],
        [-115.0, -81.43255012728, -183.72537761986],
        [-115.0, -82.819123465747, -178.92148186984],
        [-115.0, -84.205696804215, -174.11758611982],
        [-115.0, -85.592270142682, -169.3136903698],
        [-115.0, -86.97884348115, -164.50979461978],
        [-115.0, -88.365416819618, -159.70589886976],
        [-115.0, -89.751990158085, -154.90200311974],
        [-115.0, -91.138563496553, -150.09810736973],
        [-115.0, -92.525136835021, -145.29421161971],
        [-115.0, -93.911710173488, -140.49031586969],
        [-115.0, -95.298283511956, -135.68642011967],
        [-115.0, -96.684856850424, -130.88252436965],
        [-115.0, -98.071430188891, -126.07862861963],
        [-115.0, -99.458003527359, -121.27473286961],
        [-115.0, -100.84457686583, -116.47083711959],
        [-115.0, -102.23115020429, -111.66694136957],
        [-115.0, -103.61772354276, -106.86304561955],
        [-115.0, -105.00429688123, -102.05914986954],
        [-115.0, -106.3908702197, -97.255254119516],
        [-115.0, -107.77744355816, -92.451358369497],
        [-115.0, -109.16401689663, -87.647462619478]
],
      "InstanceCreationTime": ["154334.991000", "154334.994000", "154335.000000", "154335.002000", "154335.004000", "154335.006000", "154335.008000", "154335.017000", "154335.023000", "154335.025000", "154335.027000", "154335.029000", "154335.031000", "154335.039000", "154335.041000", "154335.043000", "154335.045000", "154335.047000", "154335.049000", "154335.051000", "154335.053000", "154335.055000"],
      "InstanceNumber": [22, 21, 20, 19, 18, 17, 16, 15, 14, 13, 12, 11, 10, 9, 8, 7, 6, 5, 4, 3, 2, 1],
      "LargestImagePixelValue": [4095, 4095, 4095, 4095, 4095, 4095, 4095, 4095, 4095, 4095, 4095, 4095, 4095, 4095, 4095, 4095, 4095, 4095, 4095, 4095, 4095, 3744],
      "SliceLocation": [-158.93707156575, -153.93707156575, -148.93707156575, -143.93707156575, -138.93707156575, -133.93707156575, -128.93707156575, -123.93707156575, -118.93707156575, -113.93707156575, -108.93707156575, -103.93707156575, -98.937071565752, -93.937071565752, -88.937071565752, -83.937071565752, -78.937071565752, -73.937071565752, -68.937071565752, -63.937071565752, -58.937071565752, -53.937071565752],
      "WindowCenter": [936.0, 841.0, 873.0, 762.0, 718.0, 671.0, 619.0, 579.0, 584.0, 539.0, 571.0, 669.0, 729.0, 819.0, 797.0, 883.0, 919.0, 953.0, 953.0, 1049.0, 1137.0, 801.0],
      "WindowWidth": [3214.0, 3445.0, 2818.0, 2607.0, 2516.0, 2494.0, 2528.0, 2588.0, 2624.0, 2681.0, 2721.0, 2753.0, 2820.0, 2936.0, 3119.0, 3202.0, 3336.0, 3448.0, 3536.0, 3499.0, 2852.0, 1861.0]
    }
  }
}