{
  "AcquisitionMatrixPE": 448,
  "AcquisitionNumber": 1,
  "AcquisitionTime": "15:43:39.975000",
  "BaseResolution": 448,
  "BodyPartExamined": "CSPINE",
  "CoilString": "HC7;NC1_2",
  "ConsistencyInfo": "N4_VE11C_LATEST_20160120",
  "ConversionSoftware": "dcm2niix",
  "ConversionSoftwareVersion": "v1.0.20190902",
  "DeviceSerialNumber": "167006",
  "DwellTime": 4.3e-06,
  "EchoTime": 0.014,
  "EchoTrainLength": 3,
  "FlipAngle": 30,
  "ImageOrientationPatientDICOM": [1, 0, 0, 0, 0.960779, 0.277315],
  "ImageType": [
    "ORIGINAL",
    "PRIMARY",
    "M",
    "NORM",
    "DIS2D"
],
  "ImagingFrequency": 123.259,
  "InPlanePhaseEncodingDirectionDICOM": "COL",
  "InstitutionAddress": "Chemin_Queen-Mary_4565_Montreal_District_CA_H3W_1W5",
  "InstitutionName": "IUGM",
  "InstitutionalDepartmentName": "Department",
  "MRAcquisitionType": "2D",
  "MagneticFieldStrength": 3,
  "Manufacturer": "Siemens",
  "ManufacturersModelName": "Prisma_fit",
  "Modality": "MR",
  "NumberOfAverages": 2,
  "ParallelReductionFactorInPlane": 2,
  "PartialFourier": 1,
  "PatientPosition": "HFS",
  "PercentPhaseFOV": 100,
  "PhaseEncodingDirection": "j-",
  "PhaseEncodingSteps": 447,
  "PhaseResolution": 1,
  "PixelBandwidth": 260,
  "ProcedureStepDescription": "neuromod_generic",
  "ProtocolName": "GRE-ME",
  "PulseSequenceDetails": "%SiemensSeq%_medic",
  "ReceiveCoilActiveElements": "HC7;NC1,2",
  "ReceiveCoilName": "HeadNeck_64",
  "ReconMatrixPE": 448,
  "RefLinesPE": 24,
  "RepetitionTime": 0.6,
  "SAR": 0.214092,
  "ScanOptions": "SAT1",
  "ScanningSequence": "GR",
  "SequenceName": "_me2d1r3",
  "SequenceVariant": "SP",
  "SeriesDescription": "GRE-ME",
  "SeriesNumber": 35,
  "ShimSetting": [597, -7300, -9154, -1701, -92, 2408, 288, -177],
  "SliceThickness": 5,
  "SliceTiming": [0, 0.32812, 0.04688, 0.375, 0.09375, 0.40625, 0.125, 0.45312, 0.17188, 0.48438, 0.20312, 0.53125, 0.25, 0.5625, 0.28125],
  "SoftwareVersions": "syngo_MR_E11",
  "SpacingBetweenSlices": 5,
  "StationName": "MRC35049",
  "TxRefAmp": 246.778,
  "dcmmeta_affine": [
    [-0.5, 0.0, 0.0, 112.0],
    [0.0, 0.4803895652294159, 1.386573314666748, -132.71749877929688],
    [0.0, -0.1386573314666748, 4.80389404296875, -108.90384674072266],
    [0.0, 0.0, 0.0, 1.0]
],
  "dcmmeta_reorient_transform": [
    [0.0, -1.0, 0.0, 447.0],
    [1.0, 0.0, 0.0, 0.0],
    [0.0, 0.0, -1.0, 14.0],
    [0.0, 0.0, 0.0, 1.0]
],
  "dcmmeta_shape": [448, 448, 15],
  "dcmmeta_slice_dim": 2,
  "dcmmeta_version": 0.6,
  "global": {
    "const": {
      "AcquisitionMatrix": [448, 0, 0, 448],
      "AcquisitionNumber": 1,
      "AngioFlag": "N",
      "BitsAllocated": 16,
      "BitsStored": 12,
      "BodyPartExamined": "CSPINE",
      "Columns": 448,
      "EchoNumbers": 1,
      "EchoTime": 14.0,
      "EchoTrainLength": 3,
      "FlipAngle": 30.0,
      "HighBit": 11,
      "ImageOrientationPatient": [1.0, 0.0, 0.0, 0.0, 0.9607791500038, 0.27731466769353],
      "ImageType": [
        "ORIGINAL",
        "PRIMARY",
        "M",
        "NORM",
        "DIS2D"
],
      "ImagedNucleus": "1H",
      "ImagingFrequency": 123.258903,
      "InPlanePhaseEncodingDirection": "COL",
      "MRAcquisitionType": "2D",
      "MagneticFieldStrength": 3.0,
      "Manufacturer": "SIEMENS",
      "ManufacturerModelName": "Prisma_fit",
      "Modality": "MR",
      "NumberOfAverages": 2.0,
      "NumberOfPhaseEncodingSteps": 447,
      "PercentPhaseFieldOfView": 100.0,
      "PercentSampling": 100.0,
      "PerformedProcedureStepStartTime": "142411.891000",
      "PhotometricInterpretation": "MONOCHROME2",
      "PixelBandwidth": 260.0,
      "PixelRepresentation": 0,
      "PixelSpacing": [0.5, 0.5],
      "ProtocolName": "GRE-ME",
      "RepetitionTime": 600.0,
      "Rows": 448,
      "SAR": 0.21409151096367,
      "SamplesPerPixel": 1,
      "ScanOptions": "SAT1",
      "ScanningSequence": "GR",
      "SequenceName": "*me2d1r3",
      "SequenceVariant": "SP",
      "SeriesDescription": "GRE-ME",
      "SeriesNumber": 35,
      "SeriesTime": "154825.805000",
      "SliceThickness": 5.0,
      "SmallestImagePixelValue": 0,
      "SoftwareVersions": "syngo MR E11",
      "SpacingBetweenSlices": 5.0,
      "SpecificCharacterSet": "ISO_IR 100",
      "StudyID": "1",
      "StudyTime": "142411.830000",
      "TransmitCoilName": "Body",
      "VariableFlipAngleFlag": "N",
      "WindowCenterWidthExplanation": "Algo1",
      "dBdt": 0.0},
    "slices": {
      "AcquisitionTime": ["154339.695000", "154340.015000", "154339.735000", "154340.055000", "154339.775000", "154340.095000", "154339.815000", "154340.135000", "154339.855000", "154340.175000", "154339.895000", "154340.215000", "154339.935000", "154340.255000", "154339.975000"],
      "ContentTime": ["154825.808000", "154825.838000", "154825.811000", "154825.840000", "154825.813000", "154825.842000", "154825.815000", "154825.844000", "154825.817000", "154825.846000", "154825.820000", "154825.849000", "154825.831000", "154825.851000", "154825.833000"],
      "CsaImage.ICE_Dims": [
        "X_1_1_1_1_1_1_1_1_1_15_1_222",
        "X_1_1_1_1_1_1_9_1_1_14_1_222",
        "X_1_1_1_1_1_1_2_1_1_13_1_222",
        "X_1_1_1_1_1_1_10_1_1_12_1_222",
        "X_1_1_1_1_1_1_3_1_1_11_1_222",
        "X_1_1_1_1_1_1_11_1_1_10_1_222",
        "X_1_1_1_1_1_1_4_1_1_9_1_222",
        "X_1_1_1_1_1_1_12_1_1_8_1_222",
        "X_1_1_1_1_1_1_5_1_1_7_1_222",
        "X_1_1_1_1_1_1_13_1_1_6_1_222",
        "X_1_1_1_1_1_1_6_1_1_5_1_222",
        "X_1_1_1_1_1_1_14_1_1_4_1_222",
        "X_1_1_1_1_1_1_7_1_1_3_1_222",
        "X_1_1_1_1_1_1_15_1_1_2_1_222",
        "X_1_1_1_1_1_1_8_1_1_1_1_222"
],
      "CsaImage.ProtocolSliceNumber": [0, 1, 2, 3, 4, 5, 6, 7, 8, 9, 10, 11, 12, 13, 14],
      "CsaImage.SlicePosition_PCS": [
        [-112.0, -82.01664667, -64.88369423],
        [-112.0, -83.40322046, -60.07979828],
        [-112.0, -84.78979234, -55.27590233],
        [-112.0, -86.17636613, -50.47200638],
        [-112.0, -87.56293993, -45.66811138],
        [-112.0, -88.94951372, -40.86421543],
        [-112.0, -90.3360856, -36.06031996],
        [-112.0, -91.72265939, -31.25642399],
        [-112.0, -93.10923223, -26.45252806],
        [-112.0, -94.49580602, -21.64863258],
        [-112.0, -95.88237886, -16.84473663],
        [-112.0, -97.26895265, -12.04084068],
        [-112.0, -98.65552549, -7.23694473],
        [-112.0, -100.0420988, -2.43304878],
        [-112.0, -101.42867212, 2.37084526]
],
      "ImagePositionPatient": [
        [-112.0, -82.016646666881, -170.88369422821],
        [-112.0, -83.403220458385, -166.07979827789],
        [-112.0, -84.78979234254, -161.27590232757],
        [-112.0, -86.176366134044, -156.47200637726],
        [-112.0, -87.562939925548, -151.66811138061],
        [-112.0, -88.949513717052, -146.8642154303],
        [-112.0, -90.336085601207, -142.06031995682],
        [-112.0, -91.722659392711, -137.2564239916],
        [-112.0, -93.10923223054, -132.45252805618],
        [-112.0, -94.495806022044, -127.6486325827],
        [-112.0, -95.882378859874, -122.84473663238],
        [-112.0, -97.268952651378, -118.04084068207],
        [-112.0, -98.655525489207, -113.23694473175],
        [-112.0, -100.04209880387, -108.43304878143],
        [-112.0, -101.42867211854, -103.62915473846]
],
      "InstanceCreationTime": ["154825.808000", "154825.838000", "154825.811000", "154825.840000", "154825.813000", "154825.842000", "154825.815000", "154825.844000", "154825.817000", "154825.846000", "154825.820000", "154825.849000", "154825.831000", "154825.851000", "154825.833000"],
      "InstanceNumber": [15, 14, 13, 12, 11, 10, 9, 8, 7, 6, 5, 4, 3, 2, 1],
      "LargestImagePixelValue": [1072, 1043, 1066, 1262, 1176, 1110, 1015, 1206, 926, 986, 1267, 1090, 1108, 1266, 1402],
      "SliceLocation": [-141.43707137432, -136.43707105625, -131.43707126711, -126.43707094903, -121.43707154723, -116.43707122915, -111.43707189814, -106.43707156575, -101.43707152646, -96.437071666519, -91.437071612911, -86.437071294835, -81.437071241227, -76.437071055385, -71.437072702083],
      "WindowCenter": [385.0, 376.0, 390.0, 407.0, 421.0, 432.0, 431.0, 430.0, 409.0, 395.0, 389.0, 396.0, 407.0, 408.0, 414.0],
      "WindowWidth": [819.0, 796.0, 821.0, 854.0, 880.0, 901.0, 896.0, 896.0, 856.0, 830.0, 824.0, 838.0, 863.0, 870.0, 885.0]
    }
  }
}