{
  "AcquisitionMatrixPE": 36,
  "AcquisitionNumber": 1,
  "AcquisitionTime": "15:51:3.207500",
  "BandwidthPerPixelPhaseEncode": 29.551,
  "BaseResolution": 96,
  "BodyPartExamined": "CSPINE",
  "CoilCombinationMethod": "Adaptive Combine",
  "ConsistencyInfo": "N4_VE11C_LATEST_20160120",
  "ConversionSoftware": "dcm2niix",
  "ConversionSoftwareVersion": "v1.0.20211006",
  "DerivedVendorReportedEchoSpacing": 0.000939994,
  "DeviceSerialNumber": "167006",
  "DiffusionScheme": "Monopolar",
  "DwellTime": 4.1e-06,
  "EchoTime": 0.06,
  "EchoTrainLength": 31,
  "EffectiveEchoSpacing": 0.000939995,
  "FlipAngle": 90,
  "HeudiconvVersion": "0.5.3.post569+g418601f",
  "ImageOrientationPatientDICOM": [1, 0, 0, 0, 0.964557, 0.263873],
  "ImageOrientationText": "Tra>Cor(15.3)",
  "ImageType": [
    "ORIGINAL",
    "PRIMARY",
    "DIFFUSION",
    "NONE",
    "ND",
    "MOSAIC"
],
  "ImagingFrequency": 123.259,
  "InPlanePhaseEncodingDirectionDICOM": "COL",
  "InstitutionAddress": "Chemin Queen-Mary 4565,Montreal,District,CA,H3W 1W5",
  "InstitutionName": "IUGM",
  "InstitutionalDepartmentName": "Department",
  "MRAcquisitionType": "2D",
  "MagneticFieldStrength": 3,
  "Manufacturer": "Siemens",
  "ManufacturersModelName": "Prisma_fit",
  "MatrixCoilMode": "SENSE",
  "Modality": "MR",
  "PartialFourier": 0.875,
  "PatientPosition": "HFS",
  "PercentPhaseFOV": 37.5,
  "PercentSampling": 100,
  "PhaseEncodingDirection": "j-",
  "PhaseEncodingSteps": 31,
  "PhaseResolution": 1,
  "PixelBandwidth": 1270,
  "ProcedureStepDescription": "anat^generic",
  "ProtocolName": "DWI",
  "PulseSequenceDetails": "%SiemensSeq%\\ep2d_diff",
  "ReceiveCoilActiveElements": "HC7;NC1,2",
  "ReceiveCoilName": "HeadNeck_64",
  "ReconMatrixPE": 36,
  "RepetitionTime": 0.61,
  "SAR": 0.362148,
  "ScanOptions": "PFP\\SFS\\CT",
  "ScanningSequence": "EP",
  "SequenceName": "*ez_b0",
  "SequenceVariant": "SK\\SP",
  "SeriesDescription": "DWI",
  "SeriesNumber": 32,
  "ShimSetting": [620, -7051, -8712, -778, 141, 4914, -532, 303],
  "SliceThickness": 5,
  "SliceTiming": [0, 0.77, 1.52, 2.25, 2.985, 0.195, 0.965, 1.715, 2.445, 3.18, 0.3925, 1.1625, 1.9125, 2.6425, 3.3775],
  "SoftwareVersions": "syngo MR E11",
  "SpacingBetweenSlices": 5,
  "SpoilingState": true,
  "StationName": "MRC35049",
  "TotalReadoutTime": 0.0328998,
  "TxRefAmp": 252.529,
  "dcmmeta_affine": [
    [-0.8958333134651184, 0.0, 0.0, 42.50651168823242],
    [0.0, 0.8640826940536499, 1.3193652629852295, -43.65793228149414],
    [0.0, -0.2363862693309784, 4.822787284851074, -137.25064086914062],
    [0.0, 0.0, 0.0, 1.0]
],
  "dcmmeta_reorient_transform": [
    [0.0, -1.0, 0.0, 35.0],
    [1.0, 0.0, 0.0, 0.0],
    [0.0, 0.0, -1.0, 14.0],
    [0.0, 0.0, 0.0, 1.0]
],
  "dcmmeta_shape": [96, 36, 15, 35],
  "dcmmeta_slice_dim": 2,
  "dcmmeta_version": 0.6,
  "global": {
    "const": {
      "AcquisitionMatrix": [96, 0, 0, 36],
      "AngioFlag": "N",
      "BitsAllocated": 16,
      "BitsStored": 12,
      "BodyPartExamined": "CSPINE",
      "CardiacNumberOfImages": 1,
      "Columns": 384,
      "EchoNumbers": 1,
      "EchoTime": 60.0,
      "EchoTrainLength": 31,
      "FlipAngle": 90.0,
      "HighBit": 11,
      "ImageOrientationPatient": [1.0, 0.0, 0.0, 0.0, 0.96455741917473, 0.26387304734472],
      "ImagePositionPatient": [-171.50651016831, -51.71653947538, -90.76999428173],
      "ImageType": [
        "ORIGINAL",
        "PRIMARY",
        "DIFFUSION",
        "NONE",
        "ND",
        "MOSAIC"
],
      "ImagedNucleus": "1H",
      "ImagingFrequency": 123.259124,
      "InPlanePhaseEncodingDirection": "COL",
      "MRAcquisitionType": "2D",
      "MagneticFieldStrength": 3.0,
      "Manufacturer": "SIEMENS",
      "ManufacturerModelName": "Prisma_fit",
      "Modality": "MR",
      "NominalInterval": 0,
      "NumberOfAverages": 1.0,
      "NumberOfPhaseEncodingSteps": 31,
      "PercentPhaseFieldOfView": 37.5,
      "PercentSampling": 100.0,
      "PerformedProcedureStepStartTime": "142927.565000",
      "PhotometricInterpretation": "MONOCHROME2",
      "PixelBandwidth": 1270.0,
      "PixelRepresentation": 0,
      "PixelSpacing": [0.89583331346512, 0.89583331346512],
      "ProtocolName": "DWI",
      "RepetitionTime": 610.0,
      "Rows": 144,
      "SAR": 0.36214836204571,
      "SamplesPerPixel": 1,
      "ScanOptions": [
        "PFP",
        "SFS",
        "CT"
],
      "ScanningSequence": "EP",
      "SequenceVariant": [
        "SK",
        "SP"
],
      "SeriesDescription": "DWI",
      "SeriesNumber": 32,
      "SeriesTime": "155103.616000",
      "SliceLocation": -73.906270553398,
      "SliceThickness": 5.0,
      "SmallestImagePixelValue": 0,
      "SoftwareVersions": "syngo MR E11",
      "SpacingBetweenSlices": 5.0000000667863,
      "SpecificCharacterSet": "ISO_IR 100",
      "StudyID": "1",
      "StudyTime": "142927.390000",
      "TransmitCoilName": "Body",
      "VariableFlipAngleFlag": "N",
      "WindowCenterWidthExplanation": "Algo1",
      "dBdt": 0.0},
    "slices": {}
  },
  "time": {
    "samples": {
      "AcquisitionNumber": [1, 2, 3, 4, 5, 6, 7, 8, 9, 10, 11, 12, 13, 14, 15, 16, 17, 18, 19, 20, 21, 22, 23, 24, 25, 26, 27, 28, 29, 30, 31, 32, 33, 34, 35],
      "AcquisitionTime": ["155103.207500", "155107.342500", "155111.112500", "155115.217500", "155118.917500", "155122.857500", "155126.392500", "155129.942500", "155133.542500", "155137.052500", "155140.942500", "155144.387500", "155148.857500", "155152.372500", "155156.042500", "155159.527500", "155203.372500", "155206.927500", "155211.075000", "155214.495000", "155218.075000", "155221.995000", "155225.895000", "155229.675000", "155233.750000", "155237.555000", "155242.010000", "155246.240000", "155250.370000", "155254.450000", "155258.530000", "155302.525000", "155306.760000", "155311.130000", "155315.395000"],
      "ContentTime": ["155103.619000", "155113.091000", "155113.094000", "155118.091000", "155123.091000", "155128.092000", "155128.095000", "155133.091000", "155138.091000", "155138.094000", "155143.092000", "155148.091000", "155153.091000", "155153.094000", "155158.091000", "155203.092000", "155208.091000", "155208.094000", "155213.091000", "155218.092000", "155223.091000", "155223.094000", "155228.091000", "155233.092000", "155238.092000", "155238.095000", "155243.091000", "155248.091000", "155253.092000", "155258.091000", "155303.091000", "155303.094000", "155308.091000", "155313.092000", "155315.827000"],
      "InstanceCreationTime": ["155103.619000", "155113.091000", "155113.094000", "155118.091000", "155123.091000", "155128.092000", "155128.095000", "155133.091000", "155138.091000", "155138.094000", "155143.092000", "155148.091000", "155153.091000", "155153.094000", "155158.091000", "155203.092000", "155208.091000", "155208.094000", "155213.091000", "155218.092000", "155223.091000", "155223.094000", "155228.091000", "155233.092000", "155238.092000", "155238.095000", "155243.091000", "155248.091000", "155253.092000", "155258.091000", "155303.091000", "155303.094000", "155308.091000", "155313.092000", "155315.827000"],
      "InstanceNumber": [1, 2, 3, 4, 5, 6, 7, 8, 9, 10, 11, 12, 13, 14, 15, 16, 17, 18, 19, 20, 21, 22, 23, 24, 25, 26, 27, 28, 29, 30, 31, 32, 33, 34, 35],
      "LargestImagePixelValue": [4095, 3725, 3941, 4095, 4044, 3717, 4095, 3567, 3613, 3687, 3891, 3597, 4095, 3850, 4032, 3484, 3988, 4032, 3918, 4095, 3655, 4095, 3652, 4005, 4072, 3943, 4095, 4095, 4095, 3794, 4095, 4095, 4095, 4095, 4095],
      "SequenceName": [
        "*ez_b0",
        "*ez_b800#1",
        "*ez_b800#2",
        "*ez_b800#3",
        "*ez_b800#4",
        "*ez_b800#5",
        "*ez_b800#6",
        "*ez_b800#7",
        "*ez_b800#8",
        "*ez_b800#9",
        "*ez_b800#10",
        "*ez_b800#11",
        "*ez_b800#12",
        "*ez_b800#13",
        "*ez_b800#14",
        "*ez_b800#15",
        "*ez_b800#16",
        "*ez_b800#17",
        "*ez_b800#18",
        "*ez_b800#19",
        "*ez_b800#20",
        "*ez_b800#21",
        "*ez_b800#22",
        "*ez_b800#23",
        "*ez_b800#24",
        "*ez_b800#25",
        "*ez_b800#26",
        "*ez_b800#27",
        "*ez_b800#28",
        "*ez_b800#29",
        "*ez_b800#30",
        "*ez_b0",
        "*ez_b0",
        "*ez_b0",
        "*ez_b0"
],
      "TriggerTime": [572.5, 572.5, 572.5, 572.5, 572.5, 572.5, 572.5, 572.5, 572.5, 572.5, 572.5, 572.5, 572.5, 572.5, 570.0, 570.0, 570.0, 570.0, 570.0, 570.0, 570.0, 570.0, 570.0, 570.0, 570.0, 570.0, 572.5, 572.5, 572.5, 572.5, 572.5, 572.5, 572.5, 572.5, 572.5],
      "WindowCenter": [1376.0, 799.0, 794.0, 800.0, 799.0, 831.0, 799.0, 791.0, 761.0, 764.0, 811.0, 796.0, 790.0, 780.0, 801.0, 777.0, 793.0, 812.0, 794.0, 767.0, 784.0, 771.0, 818.0, 823.0, 842.0, 828.0, 821.0, 850.0, 844.0, 821.0, 842.0, 1407.0, 1446.0, 1467.0, 1447.0],
      "WindowWidth": [2682.0, 1660.0, 1653.0, 1664.0, 1676.0, 1743.0, 1683.0, 1651.0, 1574.0, 1592.0, 1700.0, 1669.0, 1660.0, 1629.0, 1693.0, 1622.0, 1644.0, 1680.0, 1642.0, 1585.0, 1623.0, 1600.0, 1693.0, 1722.0, 1763.0, 1725.0, 1716.0, 1766.0, 1768.0, 1706.0, 1761.0, 2723.0, 2770.0, 2795.0, 2771.0]
    },
    "slices": {}
  }
}