{
  "AcquisitionMatrixPE": 300,
  "AcquisitionNumber": 1,
  "AcquisitionTime": "10:47:15.530000",
  "BaseResolution": 320,
  "BodyPartExamined": "BRAIN",
  "CoilCombinationMethod": "Adaptive Combine",
  "ConsistencyInfo": "N4_VE11C_LATEST_20160120",
  "ConversionSoftware": "dcm2niix",
  "ConversionSoftwareVersion": "v1.0.20211006",
  "DeviceSerialNumber": "167006",
  "DwellTime": 2.1e-06,
  "EchoTime": 0.563,
  "EchoTrainLength": 314,
  "FlipAngle": 120,
  "HeudiconvVersion": "0.5.3.post569+g418601f",
  "ImageOrientationPatientDICOM": [-0.0488688, 0.998805, -3.47602e-08, 0.027855, 0.00136283, -0.999611],
  "ImageOrientationText": "Sag>Cor(-2.8)>Tra(-1.6)",
  "ImageType": [
    "ORIGINAL",
    "PRIMARY",
    "M",
    "ND",
    "NORM"
],
  "ImagingFrequency": 123.259,
  "InPlanePhaseEncodingDirectionDICOM": "ROW",
  "InstitutionAddress": "Chemin Queen-Mary 4565,Montreal,District,CA,H3W 1W5",
  "InstitutionName": "IUGM",
  "InstitutionalDepartmentName": "Department",
  "MRAcquisitionType": "3D",
  "MagneticFieldStrength": 3,
  "Manufacturer": "Siemens",
  "ManufacturersModelName": "Prisma_fit",
  "MatrixCoilMode": "GRAPPA",
  "Modality": "MR",
  "ParallelReductionFactorInPlane": 2,
  "PartialFourier": 1,
  "PatientPosition": "HFS",
  "PercentPhaseFOV": 93.75,
  "PercentSampling": 100,
  "PhaseEncodingDirection": "i",
  "PhaseEncodingSteps": 297,
  "PhaseResolution": 1,
  "PixelBandwidth": 745,
  "ProcedureStepDescription": "anat^generic",
  "ProtocolName": "acq-0.8mm_T2w",
  "PulseSequenceDetails": "%SiemensSeq%\\tse_vfl",
  "ReceiveCoilActiveElements": "HC1-7;NC1,2",
  "ReceiveCoilName": "HeadNeck_64",
  "ReconMatrixPE": 300,
  "RefLinesPE": 32,
  "RepetitionTime": 3.2,
  "SAR": 0.117981,
  "ScanOptions": "PFP",
  "ScanningSequence": "SE",
  "SequenceName": "*spc_314ns",
  "SequenceVariant": "SK\\SP",
  "SeriesDescription": "acq-0.8mm_T2w",
  "SeriesNumber": 5,
  "ShimSetting": [633, -7235, -8838, 636, 23, -115, 10, 17],
  "SliceThickness": 0.8,
  "SoftwareVersions": "syngo MR E11",
  "SpoilingState": true,
  "StationName": "MRC35049",
  "TxRefAmp": 205.796,
  "dcmmeta_affine": [
    [0.7987333536148071, -0.03909503296017647, 0.022283973172307014, -79.18218994140625],
    [0.03907982259988785, 0.7990441918373108, 0.0010902655776590109, -101.75757598876953],
    [-0.02231062576174736, 2.7808146896290964e-08, 0.7996888756752014, -143.16513061523438],
    [0.0, 0.0, 0.0, 1.0]
],
  "dcmmeta_reorient_transform": [
    [0.0, 0.0, -1.0, 319.0],
    [0.0, -1.0, 0.0, 299.0],
    [-1.0, 0.0, 0.0, 207.0],
    [0.0, 0.0, 0.0, 1.0]
],
  "dcmmeta_shape": [208, 300, 320],
  "dcmmeta_slice_dim": 0,
  "dcmmeta_version": 0.6,
  "global": {
    "const": {
      "AcquisitionMatrix": [0, 320, 300, 0],
      "AcquisitionNumber": 1,
      "AcquisitionTime": "104715.530000",
      "AngioFlag": "N",
      "BitsAllocated": 16,
      "BitsStored": 12,
      "BodyPartExamined": "BRAIN",
      "Columns": 300,
      "EchoNumbers": 1,
      "EchoTime": 563.0,
      "EchoTrainLength": 314,
      "FlipAngle": 120.0,
      "HighBit": 11,
      "ImageOrientationPatient": [-0.0488687885704, 0.99880520698666, -3.4760183e-08, 0.0278549650349, 0.00136283195236, -0.9996110461634],
      "ImageType": [
        "ORIGINAL",
        "PRIMARY",
        "M",
        "ND",
        "NORM"
],
      "ImagedNucleus": "1H",
      "ImagingFrequency": 123.258915,
      "InPlanePhaseEncodingDirection": "ROW",
      "MRAcquisitionType": "3D",
      "MagneticFieldStrength": 3.0,
      "Manufacturer": "SIEMENS",
      "ManufacturerModelName": "Prisma_fit",
      "Modality": "MR",
      "NumberOfAverages": 1.0,
      "NumberOfPhaseEncodingSteps": 297,
      "PercentPhaseFieldOfView": 93.75,
      "PercentSampling": 100.0,
      "PerformedProcedureStepStartTime": "102700.003000",
      "PhotometricInterpretation": "MONOCHROME2",
      "PixelBandwidth": 745.0,
      "PixelRepresentation": 0,
      "PixelSpacing": [0.80000001192093, 0.80000001192093],
      "ProtocolName": "acq-0.8mm_T2w",
      "RepetitionTime": 3200.0,
      "Rows": 320,
      "SAR": 0.11798069327853,
      "SamplesPerPixel": 1,
      "ScanOptions": "PFP",
      "ScanningSequence": "SE",
      "SequenceName": "*spc_314ns",
      "SequenceVariant": [
        "SK",
        "SP"
],
      "SeriesDescription": "acq-0.8mm_T2w",
      "SeriesNumber": 5,
      "SeriesTime": "105327.304000",
      "SliceThickness": 0.79999995231628,
      "SmallestImagePixelValue": 0,
      "SoftwareVersions": "syngo MR E11",
      "SpecificCharacterSet": "ISO_IR 100",
      "StudyID": "1",
      "StudyTime": "102659.909000",
      "TransmitCoilName": "Body",
      "VariableFlipAngleFlag": "Y",
      "WindowCenterWidthExplanation": "Algo1",
      "dBdt": 0.0},
