{
  "AcquisitionMatrixPE": 36,
  "AcquisitionNumber": 1,
  "AcquisitionTime": "16:28:42.572500",
  "BandwidthPerPixelPhaseEncode": 29.551,
  "BaseResolution": 96,
  "BodyPartExamined": "CSPINE",
  "CoilString": "HC7;NC1_2",
  "ConsistencyInfo": "N4_VE11C_LATEST_20160120",
  "ConversionSoftware": "dcm2niix",
  "ConversionSoftwareVersion": "v1.0.20190902",
  "DerivedVendorReportedEchoSpacing": 0.000939994,
  "DeviceSerialNumber": "167006",
  "DiffusionScheme": "Monopolar",
  "DwellTime": 4.1e-06,
  "EchoTime": 0.06,
  "EchoTrainLength": 31,
  "EffectiveEchoSpacing": 0.000939995,
  "FlipAngle": 90,
  "ImageOrientationPatientDICOM": [1, 0, 0, 0, 0.963163, 0.26892],
  "ImageType": [
    "ORIGINAL",
    "PRIMARY",
    "DIFFUSION",
    "NONE",
    "ND",
    "MOSAIC"
],
  "ImagingFrequency": 123.259,
  "InPlanePhaseEncodingDirectionDICOM": "COL",
  "InstitutionAddress": "Chemin_Queen-Mary_4565_Montreal_District_CA_H3W_1W5",
  "InstitutionName": "IUGM",
  "InstitutionalDepartmentName": "Department",
  "MRAcquisitionType": "2D",
  "MagneticFieldStrength": 3,
  "Manufacturer": "Siemens",
  "ManufacturersModelName": "Prisma_fit",
  "Modality": "MR",
  "PartialFourier": 0.875,
  "PatientPosition": "HFS",
  "PercentPhaseFOV": 37.5,
  "PhaseEncodingDirection": "j-",
  "PhaseEncodingSteps": 31,
  "PhaseResolution": 1,
  "PixelBandwidth": 1270,
  "ProcedureStepDescription": "hcptrt_generic",
  "ProtocolName": "DWI",
  "PulseSequenceDetails": "%SiemensSeq%_ep2d_diff",
  "ReceiveCoilActiveElements": "HC7;NC1,2",
  "ReceiveCoilName": "HeadNeck_64",
  "ReconMatrixPE": 36,
  "RepetitionTime": 0.61,
  "SAR": 0.401596,
  "ScanOptions": "PFP_SFS_CT",
  "ScanningSequence": "EP",
  "SequenceName": "_ez_b0",
  "SequenceVariant": "SK_SP",
  "SeriesDescription": "DWI",
  "SeriesNumber": 37,
  "ShimSetting": [629, -7460, -9066, -485, -116, 229, 1103, 38],
  "SliceThickness": 5,
  "SliceTiming": [0, 0.815, 1.77, 2.755, 3.665, 0.195, 1.01, 1.965, 2.95, 3.86, 0.3925, 1.2075, 2.1625, 3.1475, 4.0575],
  "SoftwareVersions": "syngo_MR_E11",
  "SpacingBetweenSlices": 5,
  "StationName": "MRC35049",
  "TotalReadoutTime": 0.0328998,
  "TxRefAmp": 265.588,
  "dcmmeta_affine": [
    [-0.8958333134651184, 0.0, 0.0, 43.10541534423828],
    [0.0, 0.8628331422805786, 1.3445991277694702, -49.21932601928711],
    [0.0, -0.24090734124183655, 4.815812587738037, -134.10223388671875],
    [0.0, 0.0, 0.0, 1.0]
],
  "dcmmeta_reorient_transform": [
    [0.0, -1.0, 0.0, 35.0],
    [1.0, 0.0, 0.0, 0.0],
    [0.0, 0.0, -1.0, 14.0],
    [0.0, 0.0, 0.0, 1.0]
],
  "dcmmeta_shape": [96, 36, 15, 35],
  "dcmmeta_slice_dim": 2,
  "dcmmeta_version": 0.6,
  "global": {
    "const": {
      "AcquisitionMatrix": [96, 0, 0, 36],
      "AngioFlag": "N",
      "BitsAllocated": 16,
      "BitsStored": 12,
      "BodyPartExamined": "CSPINE",
      "CardiacNumberOfImages": 1,
      "Columns": 384,
      "EchoNumbers": 1,
      "EchoTime": 60.0,
      "EchoTrainLength": 31,
      "FlipAngle": 90.0,
      "HighBit": 11,
      "ImageOrientationPatient": [1.0, 0.0, 0.0, 0.0, 0.96316256641558, 0.26891982198373],
      "ImagePositionPatient": [-172.10541062057, -46.397207079269, -88.121611397418],
      "ImageType": [
        "ORIGINAL",
        "PRIMARY",
        "DIFFUSION",
        "NONE",
        "ND",
        "MOSAIC"
],
      "ImagedNucleus": "1H",
      "ImagingFrequency": 123.258899,
      "InPlanePhaseEncodingDirection": "COL",
      "LargestImagePixelValue": 4095,
      "MRAcquisitionType": "2D",
      "MagneticFieldStrength": 3.0,
      "Manufacturer": "SIEMENS",
      "ManufacturerModelName": "Prisma_fit",
      "Modality": "MR",
      "NominalInterval": 0,
      "NumberOfAverages": 1.0,
      "NumberOfPhaseEncodingSteps": 31,
      "PercentPhaseFieldOfView": 37.5,
      "PercentSampling": 100.0,
      "PerformedProcedureStepStartTime": "144816.565000",
      "PhotometricInterpretation": "MONOCHROME2",
      "PixelBandwidth": 1270.0,
      "PixelRepresentation": 0,
      "PixelSpacing": [0.89583331346512, 0.89583331346512],
      "ProtocolName": "DWI",
      "RepetitionTime": 610.0,
      "Rows": 144,
      "SAR": 0.40159562076332,
      "SamplesPerPixel": 1,
      "ScanOptions": [
        "PFP",
        "SFS",
        "CT"
],
      "ScanningSequence": "EP",
      "SequenceVariant": [
        "SK",
        "SP"
],
      "SeriesDescription": "DWI",
      "SeriesNumber": 37,
      "SeriesTime": "162843.216000",
      "SliceLocation": -72.398308721914,
      "SliceThickness": 5.0,
      "SmallestImagePixelValue": 0,
      "SoftwareVersions": "syngo MR E11",
      "SpacingBetweenSlices": 4.9999999250751,
      "SpecificCharacterSet": "ISO_IR 100",
      "StudyID": "1",
      "StudyTime": "144816.502000",
      "TransmitCoilName": "Body",
      "VariableFlipAngleFlag": "N",
      "WindowCenter": 2401.0,
      "WindowCenterWidthExplanation": "WINDOW1",
      "WindowWidth": 4096.0,
      "dBdt": 0.0},
    "slices": {}
  },
  "time": {
    "samples": {
      "AcquisitionNumber": [1, 2, 3, 4, 5, 6, 7, 8, 9, 10, 11, 12, 13, 14, 15, 16, 17, 18, 19, 20, 21, 22, 23, 24, 25, 26, 27, 28, 29, 30, 31, 32, 33, 34, 35],
      "AcquisitionTime": ["162842.572500", "162847.067500", "162851.757500", "162856.572500", "162901.262500", "162906.072500", "162910.850000", "162915.690000", "162920.730000", "162925.740000", "162930.735000", "162935.865000", "162940.860000", "162945.735000", "162950.485000", "162955.230000", "162959.970000", "163004.805000", "163009.597500", "163014.342500", "163019.147500", "163024.012500", "163028.807500", "163033.627500", "163038.392500", "163043.067500", "163047.687500", "163052.292500", "163058.822500", "163103.562500", "163108.342500", "163114.100000", "163120.235000", "163124.950000", "163131.255000"],
      "ContentTime": ["162843.220000", "162847.792000", "162852.792000", "162857.793000", "162902.793000", "162907.792000", "162912.792000", "162917.792000", "162922.792000", "162927.792000", "162932.792000", "162937.793000", "162942.792000", "162947.792000", "162952.792000", "162957.792000", "163002.792000", "163007.793000", "163012.793000", "163017.792000", "163022.792000", "163027.792000", "163032.792000", "163037.792000", "163042.793000", "163047.794000", "163052.792000", "163057.793000", "163102.793000", "163107.792000", "163112.792000", "163117.792000", "163122.793000", "163127.792000", "163131.908000"],
      "InstanceCreationTime": ["162843.220000", "162847.792000", "162852.792000", "162857.793000", "162902.793000", "162907.792000", "162912.792000", "162917.792000", "162922.792000", "162927.792000", "162932.792000", "162937.793000", "162942.792000", "162947.792000", "162952.792000", "162957.792000", "163002.792000", "163007.793000", "163012.793000", "163017.792000", "163022.792000", "163027.792000", "163032.792000", "163037.792000", "163042.793000", "163047.794000", "163052.792000", "163057.793000", "163102.793000", "163107.792000", "163112.792000", "163117.792000", "163122.793000", "163127.792000", "163131.908000"],
      "InstanceNumber": [1, 2, 3, 4, 5, 6, 7, 8, 9, 10, 11, 12, 13, 14, 15, 16, 17, 18, 19, 20, 21, 22, 23, 24, 25, 26, 27, 28, 29, 30, 31, 32, 33, 34, 35],
      "SequenceName": [
        "*ez_b0",
        "*ez_b800#1",
        "*ez_b800#2",
        "*ez_b800#3",
        "*ez_b800#4",
        "*ez_b800#5",
        "*ez_b800#6",
        "*ez_b800#7",
        "*ez_b800#8",
        "*ez_b800#9",
        "*ez_b800#10",
        "*ez_b800#11",
        "*ez_b800#12",
        "*ez_b800#13",
        "*ez_b800#14",
        "*ez_b800#15",
        "*ez_b800#16",
        "*ez_b800#17",
        "*ez_b800#18",
        "*ez_b800#19",
        "*ez_b800#20",
        "*ez_b800#21",
        "*ez_b800#22",
        "*ez_b800#23",
        "*ez_b800#24",
        "*ez_b800#25",
        "*ez_b800#26",
        "*ez_b800#27",
        "*ez_b800#28",
        "*ez_b800#29",
        "*ez_b800#30",
        "*ez_b0",
        "*ez_b0",
        "*ez_b0",
        "*ez_b0"
],
      "TriggerTime": [572.5, 572.5, 572.5, 570.0, 570.0, 570.0, 570.0, 572.5, 572.5, 572.5, 572.5, 572.5, 572.5, 572.5, 572.5, 570.0, 570.0, 570.0, 570.0, 570.0, 572.5, 572.5, 572.5, 572.5, 572.5, 572.5, 572.5, 572.5, 570.0, 570.0, 570.0, 570.0, 572.5, 572.5, 572.5]
    },
    "slices": {}
  }
}