{
  "AcquisitionMatrixPE": 32,
  "AcquisitionNumber": 1,
  "AcquisitionTime": "19:11:40.282500",
  "BaseResolution": 32,
  "BodyPartExamined": "BRAIN",
  "CoilCombinationMethod": "Sum of Squares",
  "ConsistencyInfo": "N4_VE11C_LATEST_20160120",
  "ConversionSoftware": "dcm2niix",
  "ConversionSoftwareVersion": "v1.0.20220505",
  "DeviceSerialNumber": "167006",
  "DwellTime": 3.18e-05,
  "EchoTime": 0.00184,
  "FlipAngle": 80,
  "HeudiconvVersion": "0.5.3.post811+g6206e14",
  "ImageComments": "flip angle map",
  "ImageOrientationPatientDICOM": [1, 0, 0, 0, 0.998719, -0.0505929],
  "ImageOrientationText": "Tra>Cor(-2.9)",
  "ImageType": [
    "ORIGINAL",
    "PRIMARY",
    "FLIP ANGLE MAP",
    "DIS2D"
],
  "ImagingFrequency": 123.26,
  "InPlanePhaseEncodingDirectionDICOM": "COL",
  "InstitutionAddress": "Chemin Queen-Mary 4565,Montreal,District,CA,H3W 1W5",
  "InstitutionName": "IUGM",
  "InstitutionalDepartmentName": "Department",
  "MRAcquisitionType": "2D",
  "MagneticFieldStrength": 3,
  "Manufacturer": "Siemens",
  "ManufacturersModelName": "Prisma_fit",
  "MatrixCoilMode": "SENSE",
  "Modality": "MR",
  "PartialFourier": 1,
  "PatientPosition": "HFS",
  "PercentPhaseFOV": 100,
  "PercentSampling": 100,
  "PhaseEncodingDirection": "j-",
  "PhaseEncodingSteps": 32,
  "PhaseResolution": 1,
  "PixelBandwidth": 490,
  "ProcedureStepDescription": "anat^generic",
  "ProtocolName": "tfl_b1map_6mm",
  "PulseSequenceDetails": "%SiemensSeq%\\tfl_b1map",
  "ReceiveCoilActiveElements": "HC1-7;NC1",
  "ReceiveCoilName": "HeadNeck_64",
  "ReconMatrixPE": 32,
  "RepetitionTime": 10,
  "SAR": 0.00552034,
  "ScanningSequence": "GR",
  "SequenceName": "tfl2d1_512",
  "SequenceVariant": "SK\\SP",
  "SeriesDescription": "tfl_b1map_6mm",
  "SeriesNumber": 24,
  "ShimSetting": [593, -7246, -8893, 355, 18, -508, -55, 39],
  "SliceThickness": 6,
  "SliceTiming": [5.04688, 0, 5.54688, 0.51562, 6.0625, 1.01562, 6.5625, 1.51562, 7.0625, 2.01562, 7.5625, 2.53125, 8.07812, 3.03125, 8.57812, 3.53125, 9.07812, 4.03125, 9.57812, 4.54688],
  "SoftwareVersions": "syngo MR E11",
  "SpacingBetweenSlices": 7.2,
  "SpoilingState": true,
  "StationName": "MRC35049",
  "TxRefAmp": 240.159,
  "dcmmeta_affine": [
    [-6.0, 0.0, 0.0, 95.49686431884766],
    [0.0, 5.992316246032715, -0.3642692565917969, -74.3667221069336],
    [0.0, 0.3035576641559601, 7.1907806396484375, -54.01285171508789],
    [0.0, 0.0, 0.0, 1.0]
],
  "dcmmeta_reorient_transform": [
    [0.0, -1.0, 0.0, 31.0],
    [1.0, 0.0, 0.0, 0.0],
    [0.0, 0.0, -1.0, 19.0],
    [0.0, 0.0, 0.0, 1.0]
],
  "dcmmeta_shape": [32, 32, 20],
  "dcmmeta_slice_dim": 2,
  "dcmmeta_version": 0.6,
  "global": {
    "const": {
      "AcquisitionMatrix": [32, 0, 0, 32],
      "AcquisitionNumber": 1,
      "AngioFlag": "N",
      "BitsAllocated": 16,
      "BitsStored": 12,
      "BodyPartExamined": "BRAIN",
      "Columns": 32,
      "EchoNumbers": 1,
      "EchoTime": 1.84,
      "EchoTrainLength": 1,
      "FlipAngle": 80.0,
      "HighBit": 11,
      "ImageOrientationPatient": [1.0, 0.0, 0.0, 0.0, 0.99871935710451, -0.0505929416496],
      "ImageType": [
        "ORIGINAL",
        "PRIMARY",
        "FLIP ANGLE MAP",
        "DIS2D"
],
      "ImagedNucleus": "1H",
      "ImagingFrequency": 123.26015,
      "InPlanePhaseEncodingDirection": "COL",
      "MRAcquisitionType": "2D",
      "MagneticFieldStrength": 3.0,
      "Manufacturer": "SIEMENS",
      "ManufacturerModelName": "Prisma_fit",
      "Modality": "MR",
      "NumberOfAverages": 1.0,
      "NumberOfPhaseEncodingSteps": 32,
      "PercentPhaseFieldOfView": 100.0,
      "PercentSampling": 100.0,
      "PerformedProcedureStepStartTime": "183745.460000",
      "PhotometricInterpretation": "MONOCHROME2",
      "PixelBandwidth": 490.0,
      "PixelRepresentation": 0,
      "PixelSpacing": [6.0, 6.0],
      "ProtocolName": "tfl_b1map_6mm",
      "RepetitionTime": 10000.0,
      "Rows": 32,
      "SAR": 0.00552033823838,
      "SamplesPerPixel": 1,
      "ScanningSequence": "GR",
      "SequenceName": "tfl2d1_512",
      "SequenceVariant": [
        "SK",
        "SP"
],
      "SeriesDescription": "tfl_b1map_6mm",
      "SeriesNumber": 24,
      "SeriesTime": "191145.752000",
      "SliceThickness": 6.0,
      "SmallestImagePixelValue": 0,
      "SoftwareVersions": "syngo MR E11",
      "SpacingBetweenSlices": 7.2,
      "SpecificCharacterSet": "ISO_IR 100",
      "StudyID": "1",
      "StudyTime": "183745.369000",
      "TransmitCoilName": "Body",
      "VariableFlipAngleFlag": "N",
      "WindowCenterWidthExplanation": "Algo1",
      "dBdt": 0.0},
    "slices": {
      "AcquisitionTime": ["191140.282500", "191135.240000", "191140.785000", "191135.745000", "191141.290000", "191136.247500", "191141.795000", "191136.752500", "191142.297500", "191137.257500", "191142.802500", "191137.760000", "191143.307500", "191138.265000", "191143.810000", "191138.770000", "191144.315000", "191139.272500", "191144.820000", "191139.777500"],
      "ContentTime": ["191145.775000", "191145.754000", "191145.777000", "191145.757000", "191145.779000", "191145.759000", "191145.781000", "191145.761000", "191145.783000", "191145.763000", "191145.785000", "191145.765000", "191145.786000", "191145.767000", "191145.788000", "191145.769000", "191145.790000", "191145.771000", "191145.792000", "191145.773000"],
      "CsaImage.ICE_Dims": [
        "X_1_1_2_1_1_1_11_1_1_1_1_387",
        "X_1_1_2_1_1_1_1_1_1_2_1_387",
        "X_1_1_2_1_1_1_12_1_1_3_1_387",
        "X_1_1_2_1_1_1_2_1_1_4_1_387",
        "X_1_1_2_1_1_1_13_1_1_5_1_387",
        "X_1_1_2_1_1_1_3_1_1_6_1_387",
        "X_1_1_2_1_1_1_14_1_1_7_1_387",
        "X_1_1_2_1_1_1_4_1_1_8_1_387",
        "X_1_1_2_1_1_1_15_1_1_9_1_387",
        "X_1_1_2_1_1_1_5_1_1_10_1_387",
        "X_1_1_2_1_1_1_16_1_1_11_1_387",
        "X_1_1_2_1_1_1_6_1_1_12_1_387",
        "X_1_1_2_1_1_1_17_1_1_13_1_387",
        "X_1_1_2_1_1_1_7_1_1_14_1_387",
        "X_1_1_2_1_1_1_18_1_1_15_1_387",
        "X_1_1_2_1_1_1_8_1_1_16_1_387",
        "X_1_1_2_1_1_1_19_1_1_17_1_387",
        "X_1_1_2_1_1_1_9_1_1_18_1_387",
        "X_1_1_2_1_1_1_20_1_1_19_1_387",
        "X_1_1_2_1_1_1_10_1_1_20_1_387"
],
      "CsaImage.ProtocolSliceNumber": [0, 1, 2, 3, 4, 5, 6, 7, 8, 9, 10, 11, 12, 13, 14, 15, 16, 17, 18, 19],
      "CsaImage.SliceMeasurementDuration": [127.5, 127.5, 130.0, 127.5, 127.5, 130.0, 127.5, 127.5, 130.0, 127.5, 127.5, 130.0, 127.5, 127.5, 130.0, 127.5, 130.0, 130.0, 127.5, 127.5],
      "CsaImage.SlicePosition_PCS": [
        [-95.49686384, -111.39507605, -63.60254263],
        [-95.49686384, -111.03080679, -56.4117658],
        [-95.49686384, -110.66653849, -49.22098516],
        [-95.49686384, -110.30226923, -42.03020452],
        [-95.49686384, -109.93799998, -34.8394277],
        [-95.49686384, -109.57373072, -27.64864706],
        [-95.49686384, -109.20946147, -20.45786642],
        [-95.49686384, -108.84519221, -13.26708769],
        [-95.49686384, -108.48092295, -6.07630896],
        [-95.49686384, -108.1166537, 1.11447097],
        [-95.49686384, -107.75238444, 8.30525018],
        [-95.49686384, -107.38811518, 15.4960301],
        [-95.49686384, -107.02384688, 22.68680979],
        [-95.49686384, -106.65957762, 29.87758852],
        [-95.49686384, -106.29530837, 37.06836725],
        [-95.49686384, -105.93103911, 44.25914789],
        [-95.49686384, -105.56676985, 51.44992472],
        [-95.49686384, -105.2025006, 58.64070536],
        [-95.49686384, -104.83823134, 65.831486],
        [-95.49686384, -104.47396208, 73.02226664]
],
      "CsaImage.TimeAfterStart": [15.1275, 10.085, 15.63, 10.59, 16.135, 11.0925, 16.64, 11.5975, 17.1425, 12.1025, 17.6475, 12.605, 18.1525, 13.11, 18.655, 13.615, 19.16, 14.1175, 19.665, 14.6225],
      "ImagePositionPatient": [
        [-95.49686384201, -111.39507605089, -44.602542628499],
        [-95.49686384201, -111.0308067943, -37.411765803547],
        [-95.49686384201, -110.66653849138, -30.220985163899],
        [-95.49686384201, -110.30226923479, -23.030204524251],
        [-95.49686384201, -109.9379999782, -15.839427699299],
        [-95.49686384201, -109.57373072161, -8.6486470596509],
        [-95.49686384201, -109.20946146502, -1.4578664200025],
        [-95.49686384201, -108.84519220842, 5.7329123122973],
        [-95.49686384201, -108.48092295183, 12.923691044597],
        [-95.49686384201, -108.11665369524, 20.11447096899],
        [-95.49686384201, -107.75238443865, 27.305250178127],
        [-95.49686384201, -107.38811518206, 34.496030102519],
        [-95.49686384201, -107.02384687914, 41.686809788494],
        [-95.49686384201, -106.65957762255, 48.877588520793],
        [-95.49686384201, -106.29530836596, 56.068367253093],
        [-95.49686384201, -105.93103910936, 63.259147892742],
        [-95.49686384201, -105.56676985277, 70.449924717693],
        [-95.49686384201, -105.20250059618, 77.640705357341],
        [-95.49686384201, -104.83823133959, 84.83148599699],
        [-95.49686384201, -104.473962083, 92.022266636638]
],
      "InstanceCreationTime": ["191145.775000", "191145.754000", "191145.777000", "191145.757000", "191145.779000", "191145.759000", "191145.781000", "191145.761000", "191145.783000", "191145.763000", "191145.785000", "191145.765000", "191145.786000", "191145.767000", "191145.788000", "191145.769000", "191145.790000", "191145.771000", "191145.792000", "191145.773000"],
      "InstanceNumber": [11, 1, 12, 2, 13, 3, 14, 4, 15, 5, 16, 6, 17, 7, 18, 8, 19, 9, 20, 10],
      "LargestImagePixelValue": [1124, 1035, 1971, 1356, 1235, 1002, 1220, 1002, 999, 1320, 1168, 1136, 1106, 1973, 1381, 2045, 2107, 2080, 2069, 2256],
      "SliceLocation": [-50.181227281851, -42.98122982091, -35.781228598406, -28.581227327654, -21.381229866713, -14.18122859596, -6.9812273252076, 0.21877204063912, 7.4187714064858, 14.618771962899, 21.818771804972, 29.018772361385, 36.218772631436, 43.418771997282, 50.618771363129, 57.818772633882, 65.018770094822, 72.218771365575, 79.418772636328, 86.618773907081],
      "WindowCenter": [1033.0, 1018.0, 1076.0, 1021.0, 1057.0, 1058.0, 1074.0, 1073.0, 1078.0, 1070.0, 1072.0, 1054.0, 1054.0, 1080.0, 1016.0, 1053.0, 1046.0, 1029.0, 1036.0, 1080.0],
      "WindowWidth": [1686.0, 1580.0, 1793.0, 1588.0, 1629.0, 1631.0, 1648.0, 1646.0, 1652.0, 1643.0, 1643.0, 1620.0, 1617.0, 1790.0, 1570.0, 1796.0, 1814.0, 1868.0, 1917.0, 2040.0]
    }
  }
}