{
  "AcquisitionMatrixPE": 36,
  "AcquisitionNumber": 1,
  "AcquisitionTime": "19:11:48.680000",
  "BandwidthPerPixelPhaseEncode": 29.551,
  "BaseResolution": 96,
  "BodyPartExamined": "CSPINE",
  "CoilCombinationMethod": "Adaptive Combine",
  "ConsistencyInfo": "N4_VE11C_LATEST_20160120",
  "ConversionSoftware": "dcm2niix",
  "ConversionSoftwareVersion": "v1.0.20211006",
  "DerivedVendorReportedEchoSpacing": 0.000939994,
  "DeviceSerialNumber": "167006",
  "DiffusionScheme": "Monopolar",
  "DwellTime": 4.1e-06,
  "EchoTime": 0.06,
  "EchoTrainLength": 31,
  "EffectiveEchoSpacing": 0.000939995,
  "FlipAngle": 90,
  "HeudiconvVersion": "0.5.3.post569+g418601f",
  "ImageOrientationPatientDICOM": [1, 0, 0, 0, 0.961262, 0.275637],
  "ImageOrientationText": "Tra>Cor(16.0)",
  "ImageType": [
    "ORIGINAL",
    "PRIMARY",
    "DIFFUSION",
    "NONE",
    "ND",
    "MOSAIC"
],
  "ImagingFrequency": 123.259,
  "InPlanePhaseEncodingDirectionDICOM": "COL",
  "InstitutionAddress": "Chemin Queen-Mary 4565,Montreal,District,CA,H3W 1W5",
  "InstitutionName": "IUGM",
  "InstitutionalDepartmentName": "Department",
  "MRAcquisitionType": "2D",
  "MagneticFieldStrength": 3,
  "Manufacturer": "Siemens",
  "ManufacturersModelName": "Prisma_fit",
  "MatrixCoilMode": "SENSE",
  "Modality": "MR",
  "PartialFourier": 0.875,
  "PatientPosition": "HFS",
  "PercentPhaseFOV": 37.5,
  "PercentSampling": 100,
  "PhaseEncodingDirection": "j-",
  "PhaseEncodingSteps": 31,
  "PhaseResolution": 1,
  "PixelBandwidth": 1270,
  "ProcedureStepDescription": "anat^generic",
  "ProtocolName": "DWI",
  "PulseSequenceDetails": "%SiemensSeq%\\ep2d_diff",
  "ReceiveCoilActiveElements": "HC7;NC1,2",
  "ReceiveCoilName": "HeadNeck_64",
  "ReconMatrixPE": 36,
  "RepetitionTime": 0.61,
  "SAR": 0.423186,
  "ScanOptions": "PFP\\SFS\\CT",
  "ScanningSequence": "EP",
  "SequenceName": "*ez_b0",
  "SequenceVariant": "SK\\SP",
  "SeriesDescription": "DWI",
  "SeriesNumber": 32,
  "ShimSetting": [613, -7263, -8988, -251, -46, 3968, 59, -24],
  "SliceThickness": 5,
  "SliceTiming": [0, 0.905, 1.8, 2.695, 3.595, 0.1975, 1.1025, 1.9975, 2.8925, 3.7925, 0.3925, 1.2975, 2.1925, 3.0875, 3.9875],
  "SoftwareVersions": "syngo MR E11",
  "SpacingBetweenSlices": 5,
  "SpoilingState": true,
  "StationName": "MRC35049",
  "TotalReadoutTime": 0.0328998,
  "TxRefAmp": 278.461,
  "dcmmeta_affine": [
    [-0.8958333134651184, 0.0, 0.0, 42.50651168823242],
    [0.0, 0.8611302375793457, 1.3781867027282715, -27.480709075927734],
    [0.0, -0.24692511558532715, 4.806308269500732, -140.10226440429688],
    [0.0, 0.0, 0.0, 1.0]
],
  "dcmmeta_reorient_transform": [
    [0.0, -1.0, 0.0, 35.0],
    [1.0, 0.0, 0.0, 0.0],
    [0.0, 0.0, -1.0, 14.0],
    [0.0, 0.0, 0.0, 1.0]
],
  "dcmmeta_shape": [96, 36, 15, 35],
  "dcmmeta_slice_dim": 2,
  "dcmmeta_version": 0.6,
  "global": {
    "const": {
      "AcquisitionMatrix": [96, 0, 0, 36],
      "AngioFlag": "N",
      "BitsAllocated": 16,
      "BitsStored": 12,
      "BodyPartExamined": "CSPINE",
      "CardiacNumberOfImages": 1,
      "Columns": 384,
      "EchoNumbers": 1,
      "EchoTime": 60.0,
      "EchoTrainLength": 31,
      "FlipAngle": 90.0,
      "HighBit": 11,
      "ImageOrientationPatient": [1.0, 0.0, 0.0, 0.0, 0.96126170052539, 0.27563733981998],
      "ImagePositionPatient": [-171.50651016831, -68.454496633072, -94.790273368325],
      "ImageType": [
        "ORIGINAL",
        "PRIMARY",
        "DIFFUSION",
        "NONE",
        "ND",
        "MOSAIC"
],
      "ImagedNucleus": "1H",
      "ImagingFrequency": 123.25874,
      "InPlanePhaseEncodingDirection": "COL",
      "MRAcquisitionType": "2D",
      "MagneticFieldStrength": 3.0,
      "Manufacturer": "SIEMENS",
      "ManufacturerModelName": "Prisma_fit",
      "Modality": "MR",
      "NominalInterval": 0,
      "NumberOfAverages": 1.0,
      "NumberOfPhaseEncodingSteps": 31,
      "PercentPhaseFieldOfView": 37.5,
      "PercentSampling": 100.0,
      "PerformedProcedureStepStartTime": "180719.600000",
      "PhotometricInterpretation": "MONOCHROME2",
      "PixelBandwidth": 1270.0,
      "PixelRepresentation": 0,
      "PixelSpacing": [0.89583331346512, 0.89583331346512],
      "ProtocolName": "DWI",
      "RepetitionTime": 610.0,
      "Rows": 144,
      "SAR": 0.42318647785233,
      "SamplesPerPixel": 1,
      "ScanOptions": [
        "PFP",
        "SFS",
        "CT"
],
      "ScanningSequence": "EP",
      "SequenceVariant": [
        "SK",
        "SP"
],
      "SeriesDescription": "DWI",
      "SeriesNumber": 32,
      "SeriesTime": "191149.148000",
      "SliceLocation": -72.249644020647,
      "SliceThickness": 5.0,
      "SmallestImagePixelValue": 0,
      "SoftwareVersions": "syngo MR E11",
      "SpacingBetweenSlices": 4.9999999921234,
      "SpecificCharacterSet": "ISO_IR 100",
      "StudyID": "1",
      "StudyTime": "180719.528000",
      "TransmitCoilName": "Body",
      "VariableFlipAngleFlag": "N",
      "WindowCenterWidthExplanation": "Algo1",
      "dBdt": 0.0},
    "slices": {}
  },
  "time": {
    "samples": {
      "AcquisitionNumber": [1, 2, 3, 4, 5, 6, 7, 8, 9, 10, 11, 12, 13, 14, 15, 16, 17, 18, 19, 20, 21, 22, 23, 24, 25, 26, 27, 28, 29, 30, 31, 32, 33, 34, 35],
      "AcquisitionTime": ["191148.680000", "191153.145000", "191157.682500", "191202.132500", "191206.607500", "191211.092500", "191215.447500", "191219.712500", "191224.042500", "191228.362500", "191232.492500", "191236.767500", "191240.982500", "191245.292500", "191249.707500", "191254.172500", "191258.675000", "191303.140000", "191307.570000", "191311.910000", "191316.030000", "191320.210000", "191324.495000", "191328.855000", "191333.370000", "191337.515000", "191341.680000", "191345.975000", "191350.270000", "191354.535000", "191358.917500", "191403.337500", "191407.702500", "191412.002500", "191416.392500"],
      "ContentTime": ["191149.152000", "191155.612000", "191200.613000", "191205.612000", "191210.614000", "191215.612000", "191220.613000", "191220.615000", "191225.613000", "191230.613000", "191235.612000", "191240.612000", "191245.614000", "191250.613000", "191250.615000", "191255.613000", "191300.614000", "191305.612000", "191310.613000", "191315.613000", "191320.614000", "191325.613000", "191325.615000", "191330.613000", "191335.614000", "191340.612000", "191345.613000", "191350.613000", "191355.614000", "191355.617000", "191400.612000", "191405.612000", "191410.613000", "191415.612000", "191416.883000"],
      "InstanceCreationTime": ["191149.152000", "191155.612000", "191200.613000", "191205.612000", "191210.614000", "191215.612000", "191220.613000", "191220.615000", "191225.613000", "191230.613000", "191235.612000", "191240.612000", "191245.614000", "191250.613000", "191250.615000", "191255.613000", "191300.614000", "191305.612000", "191310.613000", "191315.613000", "191320.614000", "191325.613000", "191325.615000", "191330.613000", "191335.614000", "191340.612000", "191345.613000", "191350.613000", "191355.614000", "191355.617000", "191400.612000", "191405.612000", "191410.613000", "191415.612000", "191416.883000"],
      "InstanceNumber": [1, 2, 3, 4, 5, 6, 7, 8, 9, 10, 11, 12, 13, 14, 15, 16, 17, 18, 19, 20, 21, 22, 23, 24, 25, 26, 27, 28, 29, 30, 31, 32, 33, 34, 35],
      "LargestImagePixelValue": [4095, 3211, 3326, 3108, 3215, 3198, 2744, 3206, 3161, 2878, 3470, 2826, 3397, 3044, 3145, 3295, 3282, 3295, 3315, 2940, 2773, 2926, 3229, 3400, 2776, 3388, 3275, 3260, 3007, 3144, 2987, 4095, 4095, 4095, 4095],
      "SequenceName": [
        "*ez_b0",
        "*ez_b800#1",
        "*ez_b800#2",
        "*ez_b800#3",
        "*ez_b800#4",
        "*ez_b800#5",
        "*ez_b800#6",
        "*ez_b800#7",
        "*ez_b800#8",
        "*ez_b800#9",
        "*ez_b800#10",
        "*ez_b800#11",
        "*ez_b800#12",
        "*ez_b800#13",
        "*ez_b800#14",
        "*ez_b800#15",
        "*ez_b800#16",
        "*ez_b800#17",
        "*ez_b800#18",
        "*ez_b800#19",
        "*ez_b800#20",
        "*ez_b800#21",
        "*ez_b800#22",
        "*ez_b800#23",
        "*ez_b800#24",
        "*ez_b800#25",
        "*ez_b800#26",
        "*ez_b800#27",
        "*ez_b800#28",
        "*ez_b800#29",
        "*ez_b800#30",
        "*ez_b0",
        "*ez_b0",
        "*ez_b0",
        "*ez_b0"
],
      "TriggerTime": [570.0, 570.0, 570.0, 572.5, 572.5, 572.5, 572.5, 572.5, 572.5, 572.5, 572.5, 572.5, 570.0, 570.0, 570.0, 570.0, 570.0, 572.5, 572.5, 572.5, 572.5, 572.5, 572.5, 572.5, 572.5, 572.5, 570.0, 570.0, 570.0, 570.0, 570.0, 570.0, 572.5, 572.5, 572.5],
      "WindowCenter": [1142.0, 703.0, 709.0, 696.0, 715.0, 732.0, 714.0, 711.0, 690.0, 691.0, 711.0, 710.0, 692.0, 694.0, 711.0, 710.0, 700.0, 712.0, 709.0, 685.0, 667.0, 678.0, 719.0, 727.0, 726.0, 713.0, 702.0, 724.0, 725.0, 708.0, 725.0, 1147.0, 1141.0, 1124.0, 1150.0],
      "WindowWidth": [2365.0, 1406.0, 1414.0, 1385.0, 1444.0, 1496.0, 1451.0, 1437.0, 1378.0, 1386.0, 1431.0, 1429.0, 1379.0, 1387.0, 1443.0, 1425.0, 1400.0, 1429.0, 1416.0, 1361.0, 1328.0, 1352.0, 1461.0, 1487.0, 1487.0, 1437.0, 1403.0, 1471.0, 1482.0, 1418.0, 1481.0, 2375.0, 2362.0, 2338.0, 2379.0]
    },
    "slices": {}
  }
}