{
  "AcquisitionMatrixPE": 32,
  "AcquisitionNumber": 1,
  "AcquisitionTime": "19:20:36.597500",
  "BaseResolution": 32,
  "BodyPartExamined": "BRAIN",
  "CoilCombinationMethod": "Sum of Squares",
  "ConsistencyInfo": "N4_VE11C_LATEST_20160120",
  "ConversionSoftware": "dcm2niix",
  "ConversionSoftwareVersion": "v1.0.20220505",
  "DeviceSerialNumber": "167006",
  "DwellTime": 3.18e-05,
  "EchoTime": 0.00184,
  "FlipAngle": 8,
  "HeudiconvVersion": "0.5.3.post811+g6206e14",
  "ImageComments": "anatomical image",
  "ImageOrientationPatientDICOM": [1, 0, 0, 0, 0.951057, -0.309017],
  "ImageOrientationText": "Tra>Cor(-18.0)",
  "ImageType": [
    "ORIGINAL",
    "PRIMARY",
    "M",
    "DIS2D"
],
  "ImagingFrequency": 123.259,
  "InPlanePhaseEncodingDirectionDICOM": "COL",
  "InstitutionAddress": "Chemin Queen-Mary 4565,Montreal,District,CA,H3W 1W5",
  "InstitutionName": "IUGM",
  "InstitutionalDepartmentName": "Department",
  "MRAcquisitionType": "2D",
  "MagneticFieldStrength": 3,
  "Manufacturer": "Siemens",
  "ManufacturersModelName": "Prisma_fit",
  "MatrixCoilMode": "SENSE",
  "Modality": "MR",
  "PartialFourier": 1,
  "PatientPosition": "HFS",
  "PercentPhaseFOV": 100,
  "PercentSampling": 100,
  "PhaseEncodingDirection": "j-",
  "PhaseEncodingSteps": 32,
  "PhaseResolution": 1,
  "PixelBandwidth": 490,
  "ProcedureStepDescription": "anat^generic",
  "ProtocolName": "tfl_b1map_6mm",
  "PulseSequenceDetails": "%SiemensSeq%\\tfl_b1map",
  "ReceiveCoilActiveElements": "HC1-7;NC1",
  "ReceiveCoilName": "HeadNeck_64",
  "ReconMatrixPE": 32,
  "RepetitionTime": 10,
  "SAR": 0.00535461,
  "ScanningSequence": "GR",
  "SequenceName": "tfl2d1_512",
  "SequenceVariant": "SK\\SP",
  "SeriesDescription": "tfl_b1map_6mm",
  "SeriesNumber": 23,
  "ShimSetting": [580, -7286, -8896, 263, 43, -440, -89, 112],
  "SliceThickness": 6,
  "SliceTiming": [5.03125, 0, 5.53125, 0.5, 6.04688, 1, 6.54688, 1.5, 7.04688, 2, 7.5625, 2.51562, 8.0625, 3.01562, 8.5625, 3.51562, 9.0625, 4.03125, 9.57812, 4.53125],
  "SoftwareVersions": "syngo MR E11",
  "SpacingBetweenSlices": 7.2,
  "SpoilingState": true,
  "StationName": "MRC35049",
  "TxRefAmp": 240.638,
  "dcmmeta_affine": [
    [-6.0, 0.0, 0.0, 95.49686431884766],
    [0.0, 5.706338882446289, -2.2249221801757812, -57.22014236450195],
    [0.0, 1.8541018962860107, 6.847606658935547, -67.98675537109375],
    [0.0, 0.0, 0.0, 1.0]
],
  "dcmmeta_reorient_transform": [
    [0.0, -1.0, 0.0, 31.0],
    [1.0, 0.0, 0.0, 0.0],
    [0.0, 0.0, -1.0, 19.0],
    [0.0, 0.0, 0.0, 1.0]
],
  "dcmmeta_shape": [32, 32, 20],
  "dcmmeta_slice_dim": 2,
  "dcmmeta_version": 0.6,
  "global": {
    "const": {
      "AcquisitionMatrix": [32, 0, 0, 32],
      "AcquisitionNumber": 1,
      "AngioFlag": "N",
      "BitsAllocated": 16,
      "BitsStored": 12,
      "BodyPartExamined": "BRAIN",
      "Columns": 32,
      "EchoNumbers": 1,
      "EchoTime": 1.84,
      "EchoTrainLength": 1,
      "FlipAngle": 8.0,
      "HighBit": 11,
      "ImageOrientationPatient": [1.0, 0.0, 0.0, 0.0, 0.95105651966806, -0.3090169839942],
      "ImageType": [
        "ORIGINAL",
        "PRIMARY",
        "M",
        "DIS2D"
],
      "ImagedNucleus": "1H",
      "ImagingFrequency": 123.259242,
      "InPlanePhaseEncodingDirection": "COL",
      "MRAcquisitionType": "2D",
      "MagneticFieldStrength": 3.0,
      "Manufacturer": "SIEMENS",
      "ManufacturerModelName": "Prisma_fit",
      "Modality": "MR",
      "NumberOfAverages": 1.0,
      "NumberOfPhaseEncodingSteps": 32,
      "PercentPhaseFieldOfView": 100.0,
      "PercentSampling": 100.0,
      "PerformedProcedureStepStartTime": "184517.626000",
      "PhotometricInterpretation": "MONOCHROME2",
      "PixelBandwidth": 490.0,
      "PixelRepresentation": 0,
      "PixelSpacing": [6.0, 6.0],
      "ProtocolName": "tfl_b1map_6mm",
      "RepetitionTime": 10000.0,
      "Rows": 32,
      "SAR": 0.00535461320515,
      "SamplesPerPixel": 1,
      "ScanningSequence": "GR",
      "SequenceName": "tfl2d1_512",
      "SequenceVariant": [
        "SK",
        "SP"
],
      "SeriesDescription": "tfl_b1map_6mm",
      "SeriesNumber": 23,
      "SeriesTime": "192052.509000",
      "SliceThickness": 6.0,
      "SmallestImagePixelValue": 0,
      "SoftwareVersions": "syngo MR E11",
      "SpacingBetweenSlices": 7.2,
      "SpecificCharacterSet": "ISO_IR 100",
      "StudyID": "1",
      "StudyTime": "184517.538000",
      "TransmitCoilName": "Body",
      "VariableFlipAngleFlag": "N",
      "WindowCenterWidthExplanation": "Algo1",
      "dBdt": 0.0},
    "slices": {
      "AcquisitionTime": ["192036.597500", "192031.555000", "192037.100000", "192032.057500", "192037.605000", "192032.562500", "192038.110000", "192033.067500", "192038.612500", "192033.570000", "192039.117500", "192034.075000", "192039.622500", "192034.580000", "192040.125000", "192035.085000", "192040.630000", "192035.587500", "192041.135000", "192036.092500"],
      "ContentTime": ["192052.532000", "192052.512000", "192052.536000", "192052.515000", "192052.540000", "192052.517000", "192052.543000", "192052.518000", "192052.546000", "192052.521000", "192052.555000", "192052.522000", "192052.558000", "192052.524000", "192052.561000", "192052.526000", "192052.565000", "192052.528000", "192052.568000", "192052.530000"],
      "CsaImage.ICE_Dims": [
        "X_1_1_1_1_1_1_11_1_1_1_1_368",
        "X_1_1_1_1_1_1_1_1_1_2_1_368",
        "X_1_1_1_1_1_1_12_1_1_3_1_368",
        "X_1_1_1_1_1_1_2_1_1_4_1_368",
        "X_1_1_1_1_1_1_13_1_1_5_1_368",
        "X_1_1_1_1_1_1_3_1_1_6_1_368",
        "X_1_1_1_1_1_1_14_1_1_7_1_368",
        "X_1_1_1_1_1_1_4_1_1_8_1_368",
        "X_1_1_1_1_1_1_15_1_1_9_1_368",
        "X_1_1_1_1_1_1_5_1_1_10_1_368",
        "X_1_1_1_1_1_1_16_1_1_11_1_368",
        "X_1_1_1_1_1_1_6_1_1_12_1_368",
        "X_1_1_1_1_1_1_17_1_1_13_1_368",
        "X_1_1_1_1_1_1_7_1_1_14_1_368",
        "X_1_1_1_1_1_1_18_1_1_15_1_368",
        "X_1_1_1_1_1_1_8_1_1_16_1_368",
        "X_1_1_1_1_1_1_19_1_1_17_1_368",
        "X_1_1_1_1_1_1_9_1_1_18_1_368",
        "X_1_1_1_1_1_1_20_1_1_19_1_368",
        "X_1_1_1_1_1_1_10_1_1_20_1_368"
],
      "CsaImage.ProtocolSliceNumber": [0, 1, 2, 3, 4, 5, 6, 7, 8, 9, 10, 11, 12, 13, 14, 15, 16, 17, 18, 19],
      "CsaImage.SliceMeasurementDuration": [127.5, 127.5, 130.0, 130.0, 127.5, 127.5, 127.5, 127.5, 130.0, 130.0, 127.5, 127.5, 127.5, 127.5, 130.0, 127.5, 127.5, 130.0, 127.5, 127.5],
      "CsaImage.SlicePosition_PCS": [
        [-95.49686384, -119.67637248, -35.50960147],
        [-95.49686384, -117.4514503, -28.66199481],
        [-95.49686384, -115.22652812, -21.81438815],
        [-95.49686384, -113.00160594, -14.96678149],
        [-95.49686384, -110.77668185, -8.11917483],
        [-95.49686384, -108.55175967, -1.27156627],
        [-95.49686384, -106.32683845, 5.57604039],
        [-95.49686384, -104.10191531, 12.42364705],
        [-95.49686384, -101.87699313, 19.27125466],
        [-95.49686384, -99.65207095, 26.11886156],
        [-95.49686384, -97.42714877, 32.96646846],
        [-95.49686384, -95.20222635, 39.81407559],
        [-95.49686384, -92.97730394, 46.66168225],
        [-95.49686384, -90.75238158, 53.50928891],
        [-95.49686384, -88.5274591, 60.35689557],
        [-95.49686384, -86.30253692, 67.20450223],
        [-95.49686384, -84.07761426, 74.05210889],
        [-95.49686384, -81.85269256, 80.89971555],
        [-95.49686384, -79.62776942, 87.74732221],
        [-95.49686384, -77.40284724, 94.59492886]
],
      "CsaImage.TimeAfterStart": [5.0425, 0.0, 5.545, 0.5025, 6.05, 1.0075, 6.555, 1.5125, 7.0575, 2.015, 7.5625, 2.52, 8.0675, 3.025, 8.57, 3.53, 9.075, 4.0325, 9.58, 4.5375],
      "ImagePositionPatient": [
        [-95.49686384201, -119.67637248237, -10.509601470149],
        [-95.49686384201, -117.4514503022, -3.6619948112131],
        [-95.49686384201, -115.22652812202, 3.1856118477225],
        [-95.49686384201, -113.00160594184, 10.033218506658],
        [-95.49686384201, -110.77668185432, 16.880825165594],
        [-95.49686384201, -108.55175967414, 23.728433731878],
        [-95.49686384201, -106.32683844764, 30.576040390813],
        [-95.49686384201, -104.10191531379, 37.423647049749],
        [-95.49686384201, -101.87699313362, 44.271254662359],
        [-95.49686384201, -99.652070953441, 51.118861559713],
        [-95.49686384201, -97.427148773266, 57.966468457067],
        [-95.49686384201, -95.202226354671, 64.81407559284],
        [-95.49686384201, -92.977303936077, 71.661682251775],
        [-95.49686384201, -90.752381577087, 78.509288910711],
        [-95.49686384201, -88.527459098888, 85.356895569646],
        [-95.49686384201, -86.302536918712, 92.204502228582],
        [-95.49686384201, -84.077614261699, 99.052108887517],
        [-95.49686384201, -81.852692558361, 105.89971554645],
        [-95.49686384201, -79.627769424511, 112.74732220539],
        [-95.49686384201, -77.402847244335, 119.59492886432]
],
      "InstanceCreationTime": ["192052.532000", "192052.512000", "192052.536000", "192052.515000", "192052.540000", "192052.517000", "192052.543000", "192052.518000", "192052.546000", "192052.521000", "192052.555000", "192052.522000", "192052.558000", "192052.524000", "192052.561000", "192052.526000", "192052.565000", "192052.528000", "192052.568000", "192052.530000"],
      "InstanceNumber": [11, 1, 12, 2, 13, 3, 14, 4, 15, 5, 16, 6, 17, 7, 18, 8, 19, 9, 20, 10],
      "LargestImagePixelValue": [3991, 3298, 4095, 3589, 2968, 2635, 3015, 2874, 2973, 2882, 3562, 3562, 3866, 4095, 4095, 4088, 4095, 4095, 4095, 4095],
      "SliceLocation": [-46.977256677169, -39.777256978326, -32.577257279484, -25.377257580641, -18.177257292395, -10.977255779556, -3.7772563754145, 3.4227436181299, 10.622744223971, 17.822744149563, 25.022744075156, 32.222744301173, 39.422744073691, 46.62274382779, 53.822743618728, 61.02274331757, 68.222743163764, 75.422742715256, 82.6227427088, 89.822742407643],
      "WindowCenter": [1317.0, 1359.0, 1508.0, 1503.0, 1393.0, 1323.0, 1397.0, 1432.0, 1408.0, 1372.0, 1512.0, 1555.0, 1612.0, 1891.0, 1911.0, 1693.0, 1577.0, 1469.0, 1201.0, 857.0],
      "WindowWidth": [2590.0, 2643.0, 2904.0, 2829.0, 2525.0, 2124.0, 2230.0, 2286.0, 2204.0, 2153.0, 2568.0, 2458.0, 2530.0, 3086.0, 3357.0, 3277.0, 3201.0, 3121.0, 3098.0, 3214.0]
    }
  }
}