{
  "AcquisitionMatrixPE": 32,
  "AcquisitionNumber": 1,
  "AcquisitionTime": "19:20:46.680000",
  "BaseResolution": 32,
  "BodyPartExamined": "BRAIN",
  "CoilCombinationMethod": "Sum of Squares",
  "ConsistencyInfo": "N4_VE11C_LATEST_20160120",
  "ConversionSoftware": "dcm2niix",
  "ConversionSoftwareVersion": "v1.0.20220505",
  "DeviceSerialNumber": "167006",
  "DwellTime": 3.18e-05,
  "EchoTime": 0.00184,
  "FlipAngle": 79.99,
  "HeudiconvVersion": "0.5.3.post811+g6206e14",
  "ImageComments": "flip angle map",
  "ImageOrientationPatientDICOM": [1, 0, 0, 0, 0.951057, -0.309017],
  "ImageOrientationText": "Tra>Cor(-18.0)",
  "ImageType": [
    "ORIGINAL",
    "PRIMARY",
    "FLIP ANGLE MAP",
    "DIS2D"
],
  "ImagingFrequency": 123.259,
  "InPlanePhaseEncodingDirectionDICOM": "COL",
  "InstitutionAddress": "Chemin Queen-Mary 4565,Montreal,District,CA,H3W 1W5",
  "InstitutionName": "IUGM",
  "InstitutionalDepartmentName": "Department",
  "MRAcquisitionType": "2D",
  "MagneticFieldStrength": 3,
  "Manufacturer": "Siemens",
  "ManufacturersModelName": "Prisma_fit",
  "MatrixCoilMode": "SENSE",
  "Modality": "MR",
  "PartialFourier": 1,
  "PatientPosition": "HFS",
  "PercentPhaseFOV": 100,
  "PercentSampling": 100,
  "PhaseEncodingDirection": "j-",
  "PhaseEncodingSteps": 32,
  "PhaseResolution": 1,
  "PixelBandwidth": 490,
  "ProcedureStepDescription": "anat^generic",
  "ProtocolName": "tfl_b1map_6mm",
  "PulseSequenceDetails": "%SiemensSeq%\\tfl_b1map",
  "ReceiveCoilActiveElements": "HC1-7;NC1",
  "ReceiveCoilName": "HeadNeck_64",
  "ReconMatrixPE": 32,
  "RepetitionTime": 10,
  "SAR": 0.00535461,
  "ScanningSequence": "GR",
  "SequenceName": "tfl2d1_512",
  "SequenceVariant": "SK\\SP",
  "SeriesDescription": "tfl_b1map_6mm",
  "SeriesNumber": 24,
  "ShimSetting": [580, -7286, -8896, 263, 43, -440, -89, 112],
  "SliceThickness": 6,
  "SliceTiming": [5.04688, 0, 5.54688, 0.5, 6.04688, 1, 6.54688, 1.51562, 7.0625, 2.01562, 7.5625, 2.51562, 8.0625, 3.01562, 8.5625, 3.53125, 9.07812, 4.03125, 9.57812, 4.53125],
  "SoftwareVersions": "syngo MR E11",
  "SpacingBetweenSlices": 7.2,
  "SpoilingState": true,
  "StationName": "MRC35049",
  "TxRefAmp": 240.638,
  "dcmmeta_affine": [
    [-6.0, 0.0, 0.0, 95.49686431884766],
    [0.0, 5.706338882446289, -2.2249221801757812, -57.22014236450195],
    [0.0, 1.8541018962860107, 6.847606658935547, -67.98675537109375],
    [0.0, 0.0, 0.0, 1.0]
],
  "dcmmeta_reorient_transform": [
    [0.0, -1.0, 0.0, 31.0],
    [1.0, 0.0, 0.0, 0.0],
    [0.0, 0.0, -1.0, 19.0],
    [0.0, 0.0, 0.0, 1.0]
],
  "dcmmeta_shape": [32, 32, 20],
  "dcmmeta_slice_dim": 2,
  "dcmmeta_version": 0.6,
  "global": {
    "const": {
      "AcquisitionMatrix": [32, 0, 0, 32],
      "AcquisitionNumber": 1,
      "AngioFlag": "N",
      "BitsAllocated": 16,
      "BitsStored": 12,
      "BodyPartExamined": "BRAIN",
      "Columns": 32,
      "EchoNumbers": 1,
      "EchoTime": 1.84,
      "EchoTrainLength": 1,
      "FlipAngle": 79.99,
      "HighBit": 11,
      "ImageOrientationPatient": [1.0, 0.0, 0.0, 0.0, 0.95105651966806, -0.3090169839942],
      "ImageType": [
        "ORIGINAL",
        "PRIMARY",
        "FLIP ANGLE MAP",
        "DIS2D"
],
      "ImagedNucleus": "1H",
      "ImagingFrequency": 123.259242,
      "InPlanePhaseEncodingDirection": "COL",
      "MRAcquisitionType": "2D",
      "MagneticFieldStrength": 3.0,
      "Manufacturer": "SIEMENS",
      "ManufacturerModelName": "Prisma_fit",
      "Modality": "MR",
      "NumberOfAverages": 1.0,
      "NumberOfPhaseEncodingSteps": 32,
      "PercentPhaseFieldOfView": 100.0,
      "PercentSampling": 100.0,
      "PerformedProcedureStepStartTime": "184517.626000",
      "PhotometricInterpretation": "MONOCHROME2",
      "PixelBandwidth": 490.0,
      "PixelRepresentation": 0,
      "PixelSpacing": [6.0, 6.0],
      "ProtocolName": "tfl_b1map_6mm",
      "RepetitionTime": 10000.0,
      "Rows": 32,
      "SAR": 0.00535461320515,
      "SamplesPerPixel": 1,
      "ScanningSequence": "GR",
      "SequenceName": "tfl2d1_512",
      "SequenceVariant": [
        "SK",
        "SP"
],
      "SeriesDescription": "tfl_b1map_6mm",
      "SeriesNumber": 24,
      "SeriesTime": "192052.601000",
      "SliceThickness": 6.0,
      "SmallestImagePixelValue": 0,
      "SoftwareVersions": "syngo MR E11",
      "SpacingBetweenSlices": 7.2,
      "SpecificCharacterSet": "ISO_IR 100",
      "StudyID": "1",
      "StudyTime": "184517.538000",
      "TransmitCoilName": "Body",
      "VariableFlipAngleFlag": "N",
      "WindowCenterWidthExplanation": "Algo1",
      "dBdt": 0.0},
    "slices": {
      "AcquisitionTime": ["192046.680000", "192041.637500", "192047.185000", "192042.142500", "192047.690000", "192042.647500", "192048.192500", "192043.150000", "192048.697500", "192043.655000", "192049.202500", "192044.160000", "192049.705000", "192044.662500", "192050.210000", "192045.167500", "192050.715000", "192045.672500", "192051.217500", "192046.175000"],
      "ContentTime": ["192052.624000", "192052.604000", "192052.626000", "192052.607000", "192052.628000", "192052.609000", "192052.630000", "192052.611000", "192052.631000", "192052.613000", "192052.633000", "192052.615000", "192052.635000", "192052.616000", "192052.637000", "192052.618000", "192052.639000", "192052.620000", "192052.641000", "192052.622000"],
      "CsaImage.ICE_Dims": [
        "X_1_1_2_1_1_1_11_1_1_1_1_368",
        "X_1_1_2_1_1_1_1_1_1_2_1_368",
        "X_1_1_2_1_1_1_12_1_1_3_1_368",
        "X_1_1_2_1_1_1_2_1_1_4_1_368",
        "X_1_1_2_1_1_1_13_1_1_5_1_368",
        "X_1_1_2_1_1_1_3_1_1_6_1_368",
        "X_1_1_2_1_1_1_14_1_1_7_1_368",
        "X_1_1_2_1_1_1_4_1_1_8_1_368",
        "X_1_1_2_1_1_1_15_1_1_9_1_368",
        "X_1_1_2_1_1_1_5_1_1_10_1_368",
        "X_1_1_2_1_1_1_16_1_1_11_1_368",
        "X_1_1_2_1_1_1_6_1_1_12_1_368",
        "X_1_1_2_1_1_1_17_1_1_13_1_368",
        "X_1_1_2_1_1_1_7_1_1_14_1_368",
        "X_1_1_2_1_1_1_18_1_1_15_1_368",
        "X_1_1_2_1_1_1_8_1_1_16_1_368",
        "X_1_1_2_1_1_1_19_1_1_17_1_368",
        "X_1_1_2_1_1_1_9_1_1_18_1_368",
        "X_1_1_2_1_1_1_20_1_1_19_1_368",
        "X_1_1_2_1_1_1_10_1_1_20_1_368"
],
      "CsaImage.ProtocolSliceNumber": [0, 1, 2, 3, 4, 5, 6, 7, 8, 9, 10, 11, 12, 13, 14, 15, 16, 17, 18, 19],
      "CsaImage.SliceMeasurementDuration": [127.5, 130.0, 127.5, 127.5, 127.5, 127.5, 130.0, 130.0, 127.5, 127.5, 127.5, 127.5, 130.0, 130.0, 127.5, 127.5, 127.5, 127.5, 130.0, 130.0],
      "CsaImage.SlicePosition_PCS": [
        [-95.49686384, -119.67637248, -35.50960147],
        [-95.49686384, -117.4514503, -28.66199481],
        [-95.49686384, -115.22652812, -21.81438815],
        [-95.49686384, -113.00160594, -14.96678149],
        [-95.49686384, -110.77668185, -8.11917483],
        [-95.49686384, -108.55175967, -1.27156627],
        [-95.49686384, -106.32683845, 5.57604039],
        [-95.49686384, -104.10191531, 12.42364705],
        [-95.49686384, -101.87699313, 19.27125466],
        [-95.49686384, -99.65207095, 26.11886156],
        [-95.49686384, -97.42714877, 32.96646846],
        [-95.49686384, -95.20222635, 39.81407559],
        [-95.49686384, -92.97730394, 46.66168225],
        [-95.49686384, -90.75238158, 53.50928891],
        [-95.49686384, -88.5274591, 60.35689557],
        [-95.49686384, -86.30253692, 67.20450223],
        [-95.49686384, -84.07761426, 74.05210889],
        [-95.49686384, -81.85269256, 80.89971555],
        [-95.49686384, -79.62776942, 87.74732221],
        [-95.49686384, -77.40284724, 94.59492886]
],
      "CsaImage.TimeAfterStart": [15.125, 10.0825, 15.63, 10.5875, 16.135, 11.0925, 16.6375, 11.595, 17.1425, 12.1, 17.6475, 12.605, 18.15, 13.1075, 18.655, 13.6125, 19.16, 14.1175, 19.6625, 14.62],
      "ImagePositionPatient": [
        [-95.49686384201, -119.67637248237, -10.509601470149],
        [-95.49686384201, -117.4514503022, -3.6619948112131],
        [-95.49686384201, -115.22652812202, 3.1856118477225],
        [-95.49686384201, -113.00160594184, 10.033218506658],
        [-95.49686384201, -110.77668185432, 16.880825165594],
        [-95.49686384201, -108.55175967414, 23.728433731878],
        [-95.49686384201, -106.32683844764, 30.576040390813],
        [-95.49686384201, -104.10191531379, 37.423647049749],
        [-95.49686384201, -101.87699313362, 44.271254662359],
        [-95.49686384201, -99.652070953441, 51.118861559713],
        [-95.49686384201, -97.427148773266, 57.966468457067],
        [-95.49686384201, -95.202226354671, 64.81407559284],
        [-95.49686384201, -92.977303936077, 71.661682251775],
        [-95.49686384201, -90.752381577087, 78.509288910711],
        [-95.49686384201, -88.527459098888, 85.356895569646],
        [-95.49686384201, -86.302536918712, 92.204502228582],
        [-95.49686384201, -84.077614261699, 99.052108887517],
        [-95.49686384201, -81.852692558361, 105.89971554645],
        [-95.49686384201, -79.627769424511, 112.74732220539],
        [-95.49686384201, -77.402847244335, 119.59492886432]
],
      "InstanceCreationTime": ["192052.624000", "192052.604000", "192052.626000", "192052.607000", "192052.628000", "192052.609000", "192052.630000", "192052.611000", "192052.631000", "192052.613000", "192052.633000", "192052.615000", "192052.635000", "192052.616000", "192052.637000", "192052.618000", "192052.639000", "192052.620000", "192052.641000", "192052.622000"],
      "InstanceNumber": [11, 1, 12, 2, 13, 3, 14, 4, 15, 5, 16, 6, 17, 7, 18, 8, 19, 9, 20, 10],
      "LargestImagePixelValue": [1201, 1079, 1982, 1932, 1974, 1972, 1942, 1002, 1141, 1090, 976, 1068, 1426, 1692, 1177, 2004, 2029, 2086, 2254, 2172],
      "SliceLocation": [-46.977256677169, -39.777256978326, -32.577257279484, -25.377257580641, -18.177257292395, -10.977255779556, -3.7772563754145, 3.4227436181299, 10.622744223971, 17.822744149563, 25.022744075156, 32.222744301173, 39.422744073691, 46.62274382779, 53.822743618728, 61.02274331757, 68.222743163764, 75.422742715256, 82.6227427088, 89.822742407643],
      "WindowCenter": [1006.0, 1000.0, 1086.0, 1088.0, 1105.0, 1106.0, 1114.0, 1074.0, 1083.0, 1071.0, 1074.0, 1056.0, 1049.0, 1078.0, 1020.0, 1075.0, 1065.0, 1054.0, 1095.0, 1115.0],
      "WindowWidth": [1566.0, 1560.0, 1814.0, 1824.0, 1843.0, 1845.0, 1839.0, 1649.0, 1659.0, 1643.0, 1645.0, 1624.0, 1613.0, 1752.0, 1579.0, 1875.0, 1881.0, 1922.0, 2018.0, 2093.0]
    }
  }
}