{
  "AcquisitionMatrixPE": 223,
  "AcquisitionNumber": 1,
  "AcquisitionTime": "10:10:12.190000",
  "BaseResolution": 256,
  "BodyPartExamined": "BRAIN",
  "CoilCombinationMethod": "Adaptive Combine",
  "ConsistencyInfo": "N4_VE11C_LATEST_20160120",
  "ConversionSoftware": "dcm2niix",
  "ConversionSoftwareVersion": "v1.0.20211006",
  "DeviceSerialNumber": "167006",
  "DwellTime": 1.63e-05,
  "EchoTime": 0.02,
  "FlipAngle": 15,
  "HeudiconvVersion": "0.5.3.post569+g418601f",
  "ImageOrientationPatientDICOM": [1, 4.849e-12, -6.81e-13, -4.897e-12, 0.990268, -0.139173],
  "ImageOrientationText": "Tra>Cor(-8.0)",
  "ImageType": [
    "ORIGINAL",
    "PRIMARY",
    "M",
    "SWI",
    "ND",
    "NORM"
],
  "ImagingFrequency": 123.259,
  "InPlanePhaseEncodingDirectionDICOM": "ROW",
  "InstitutionAddress": "Chemin Queen-Mary 4565,Montreal,District,CA,H3W 1W5",
  "InstitutionName": "IUGM",
  "InstitutionalDepartmentName": "Department",
  "MRAcquisitionType": "3D",
  "MagneticFieldStrength": 3,
  "Manufacturer": "Siemens",
  "ManufacturersModelName": "Prisma_fit",
  "MatrixCoilMode": "GRAPPA",
  "Modality": "MR",
  "ParallelReductionFactorInPlane": 2,
  "PartialFourier": 1,
  "PatientPosition": "HFS",
  "PercentPhaseFOV": 90.625,
  "PercentSampling": 96,
  "PhaseEncodingSteps": 222,
  "PhaseResolution": 0.96,
  "PixelBandwidth": 120,
  "ProcedureStepDescription": "anat^generic",
  "ProtocolName": "t2_swi_tra_p2_1.5mm",
  "PulseSequenceDetails": "%SiemensSeq%\\gre",
  "ReceiveCoilActiveElements": "HC1-7;NC1",
  "ReceiveCoilName": "HeadNeck_64",
  "ReconMatrixPE": 232,
  "RefLinesPE": 24,
  "RepetitionTime": 0.027,
  "SAR": 0.0132053,
  "ScanningSequence": "GR",
  "SequenceName": "*swi3d1r",
  "SequenceVariant": "SP\\OSP",
  "SeriesDescription": "SWI_Images",
  "SeriesNumber": 29,
  "ShimSetting": [634, -7155, -8855, 489, 60, 56, -61, 11],
  "SliceThickness": 1.5,
  "SoftwareVersions": "syngo MR E11",
  "StationName": "MRC35049",
  "TxRefAmp": 257.111,
  "dcmmeta_affine": [
    [0.859375, -4.208359355439839e-12, 0.0, -99.33126068115234],
    [4.1671093659045866e-12, 0.8510116338729858, -0.2087596356868744, -84.44196319580078],
    [5.852343891617207e-13, 0.11960187554359436, 1.4854021072387695, -42.29039001464844],
    [0.0, 0.0, 0.0, 1.0]
],
  "dcmmeta_reorient_transform": [
    [0.0, -1.0, 0.0, 255.0],
    [-1.0, 0.0, 0.0, 231.0],
    [0.0, 0.0, -1.0, 79.0],
    [0.0, 0.0, 0.0, 1.0]
],
  "dcmmeta_shape": [232, 256, 80],
  "dcmmeta_slice_dim": 2,
  "dcmmeta_version": 0.6,
  "global": {
    "const": {
      "AcquisitionMatrix": [0, 256, 223, 0],
      "AcquisitionNumber": 1,
      "AcquisitionTime": "101012.190000",
      "AngioFlag": "N",
      "BitsAllocated": 16,
      "BitsStored": 12,
      "BodyPartExamined": "BRAIN",
      "Columns": 232,
      "EchoNumbers": 1,
      "EchoTime": 20.0,
      "EchoTrainLength": 1,
      "FlipAngle": 15.0,
      "HighBit": 11,
      "ImageOrientationPatient": [1.0, 4.849e-12, -6.81e-13, -4.897e-12, 0.99026807013539, -0.1391730910425],
      "ImageType": [
        "ORIGINAL",
        "PRIMARY",
        "M",
        "SWI",
        "ND",
        "NORM"
],
      "ImagedNucleus": "1H",
      "ImagingFrequency": 123.258898,
      "InPlanePhaseEncodingDirection": "ROW",
      "MRAcquisitionType": "3D",
      "MagneticFieldStrength": 3.0,
      "Manufacturer": "SIEMENS",
      "ManufacturerModelName": "Prisma_fit",
      "Modality": "MR",
      "NumberOfAverages": 1.0,
      "NumberOfPhaseEncodingSteps": 222,
      "PercentPhaseFieldOfView": 90.625,
      "PercentSampling": 96.0,
      "PerformedProcedureStepStartTime": "092639.133000",
      "PhotometricInterpretation": "MONOCHROME2",
      "PixelBandwidth": 120.0,
      "PixelRepresentation": 0,
      "PixelSpacing": [0.859375, 0.859375],
      "ProtocolName": "t2_swi_tra_p2_1.5mm",
      "RepetitionTime": 27.0,
      "Rows": 256,
      "SAR": 0.01320525703198,
      "SamplesPerPixel": 1,
      "ScanningSequence": "GR",
      "SequenceName": "*swi3d1r",
      "SequenceVariant": [
        "SP",
        "OSP"
],
      "SeriesDescription": "SWI_Images",
      "SeriesNumber": 29,
      "SeriesTime": "101522.846000",
      "SliceThickness": 1.5,
      "SmallestImagePixelValue": 0,
      "SoftwareVersions": "syngo MR E11",
      "SpecificCharacterSet": "ISO_IR 100",
      "StudyID": "2",
      "StudyTime": "092639.093000",
      "TransmitCoilName": "Body",
      "VariableFlipAngleFlag": "N",
      "WindowCenterWidthExplanation": "Algo1",
      "dBdt": 0.0},
