{
  "AcquisitionMatrixPE": 256,
  "AcquisitionNumber": 1,
  "AcquisitionTime": "17:25:51.957500",
  "BaseResolution": 256,
  "BodyPartExamined": "CSPINE",
  "CoilString": "HC5-7;NC1_2",
  "ConsistencyInfo": "N4_VE11C_LATEST_20160120",
  "ConversionSoftware": "dcm2niix",
  "ConversionSoftwareVersion": "v1.0.20190902",
  "DeviceSerialNumber": "167006",
  "DwellTime": 7.5e-06,
  "EchoTime": 0.00313,
  "FlipAngle": 9,
  "ImageOrientationPatientDICOM": [1, 0, 0, 0, 0.936672, 0.350207],
  "ImageType": [
    "ORIGINAL",
    "PRIMARY",
    "M",
    "DIS2D"
],
  "ImagingFrequency": 123.259,
  "InPlanePhaseEncodingDirectionDICOM": "COL",
  "InstitutionAddress": "Chemin_Queen-Mary_4565_Montreal_District_CA_H3W_1W5",
  "InstitutionName": "IUGM",
  "InstitutionalDepartmentName": "Department",
  "MRAcquisitionType": "3D",
  "MagneticFieldStrength": 3,
  "Manufacturer": "Siemens",
  "ManufacturersModelName": "Prisma_fit",
  "Modality": "MR",
  "ParallelReductionFactorInPlane": 2,
  "PartialFourier": 1,
  "PatientPosition": "HFS",
  "PercentPhaseFOV": 100,
  "PhaseEncodingSteps": 255,
  "PhaseResolution": 1,
  "PixelBandwidth": 260,
  "ProcedureStepDescription": "neuromod_generic",
  "ProtocolName": "GRE-MT1",
  "PulseSequenceDetails": "%SiemensSeq%_gre",
  "ReceiveCoilActiveElements": "HC5-7;NC1,2",
  "ReceiveCoilName": "HeadNeck_64",
  "ReconMatrixPE": 256,
  "RefLinesPE": 32,
  "RepetitionTime": 0.035,
  "SAR": 0.545133,
  "ScanOptions": "MT",
  "ScanningSequence": "GR",
  "SequenceName": "_fl3d1",
  "SequenceVariant": "MTC_SP",
  "SeriesDescription": "GRE-MT1",
  "SeriesNumber": 34,
  "ShimSetting": [618, -7227, -9028, -529, -17, 3445, -301, -94],
  "SliceThickness": 5,
  "SoftwareVersions": "syngo_MR_E11",
  "StationName": "MRC35049",
  "TxRefAmp": 279.468,
  "dcmmeta_affine": [
    [0.8984375, 0.0, 0.0, -114.1015625],
    [0.0, 0.8415414094924927, 1.7510370016098022, -133.01132202148438],
    [0.0, -0.31463947892189026, 4.683361053466797, -121.62387084960938],
    [0.0, 0.0, 0.0, 1.0]
],
  "dcmmeta_reorient_transform": [
    [0.0, -1.0, 0.0, 255.0],
    [-1.0, 0.0, 0.0, 255.0],
    [0.0, 0.0, -1.0, 21.0],
    [0.0, 0.0, 0.0, 1.0]
],
  "dcmmeta_shape": [256, 256, 22],
  "dcmmeta_slice_dim": 2,
  "dcmmeta_version": 0.6,
  "global": {
    "const": {
      "AcquisitionMatrix": [256, 0, 0, 256],
      "AcquisitionNumber": 1,
      "AcquisitionTime": "172551.957500",
      "AngioFlag": "N",
      "BitsAllocated": 16,
      "BitsStored": 12,
      "BodyPartExamined": "CSPINE",
      "Columns": 256,
      "EchoNumbers": 1,
      "EchoTime": 3.13,
      "EchoTrainLength": 1,
      "FlipAngle": 9.0,
      "HighBit": 11,
      "ImageOrientationPatient": [1.0, 0.0, 0.0, 0.0, 0.93667217980175, 0.35020740652567],
      "ImageType": [
        "ORIGINAL",
        "PRIMARY",
        "M",
        "DIS2D"
],
      "ImagedNucleus": "1H",
      "ImagingFrequency": 123.259421,
      "InPlanePhaseEncodingDirection": "COL",
      "MRAcquisitionType": "3D",
      "MagneticFieldStrength": 3.0,
      "Manufacturer": "SIEMENS",
      "ManufacturerModelName": "Prisma_fit",
      "Modality": "MR",
      "NumberOfAverages": 1.0,
      "NumberOfPhaseEncodingSteps": 255,
      "PercentPhaseFieldOfView": 100.0,
      "PercentSampling": 100.0,
      "PerformedProcedureStepStartTime": "160404.075000",
      "PhotometricInterpretation": "MONOCHROME2",
      "PixelBandwidth": 260.0,
      "PixelRepresentation": 0,
      "PixelSpacing": [0.8984375, 0.8984375],
      "ProtocolName": "GRE-MT1",
      "RepetitionTime": 35.0,
      "Rows": 256,
      "SAR": 0.54513274072776,
      "SamplesPerPixel": 1,
      "ScanOptions": "MT",
      "ScanningSequence": "GR",
      "SequenceName": "*fl3d1",
      "SequenceVariant": [
        "MTC",
        "SP"
],
      "SeriesDescription": "GRE-MT1",
      "SeriesNumber": 34,
      "SeriesTime": "172806.588000",
      "SliceThickness": 5.0,
      "SmallestImagePixelValue": 0,
      "SoftwareVersions": "syngo MR E11",
      "SpecificCharacterSet": "ISO_IR 100",
      "StudyID": "1",
      "StudyTime": "160404.004000",
      "TransmitCoilName": "Body",
      "VariableFlipAngleFlag": "N",
      "WindowCenter": 1472.0,
      "WindowCenterWidthExplanation": "WINDOW1",
      "WindowWidth": 3856.0,
      "dBdt": 0.0},
    "slices": {
      "ContentTime": ["172806.591000", "172806.595000", "172806.597000", "172806.599000", "172806.602000", "172806.604000", "172806.607000", "172806.609000", "172806.611000", "172806.614000", "172806.629000", "172806.631000", "172806.633000", "172806.635000", "172806.637000", "172806.639000", "172806.641000", "172806.643000", "172806.645000", "172806.647000", "172806.649000", "172806.651000"],
      "CsaImage.Actual3DImaPartNumber": [0, 1, 2, 3, 4, 5, 6, 7, 8, 9, 10, 11, 12, 13, 14, 15, 16, 17, 18, 19, 20, 21],
      "CsaImage.ICE_Dims": [
        "X_1_1_1_1_1_1_1_1_1_1_1_543",
        "X_1_1_1_1_1_2_1_1_1_1_1_543",
        "X_1_1_1_1_1_3_1_1_1_1_1_543",
        "X_1_1_1_1_1_4_1_1_1_1_1_543",
        "X_1_1_1_1_1_5_1_1_1_1_1_543",
        "X_1_1_1_1_1_6_1_1_1_1_1_543",
        "X_1_1_1_1_1_7_1_1_1_1_1_543",
        "X_1_1_1_1_1_8_1_1_1_1_1_543",
        "X_1_1_1_1_1_9_1_1_1_1_1_543",
        "X_1_1_1_1_1_10_1_1_1_1_1_543",
        "X_1_1_1_1_1_11_1_1_1_1_1_543",
        "X_1_1_1_1_1_12_1_1_1_1_1_543",
        "X_1_1_1_1_1_13_1_1_1_1_1_543",
        "X_1_1_1_1_1_14_1_1_1_1_1_543",
        "X_1_1_1_1_1_15_1_1_1_1_1_543",
        "X_1_1_1_1_1_16_1_1_1_1_1_543",
        "X_1_1_1_1_1_17_1_1_1_1_1_543",
        "X_1_1_1_1_1_18_1_1_1_1_1_543",
        "X_1_1_1_1_1_19_1_1_1_1_1_543",
        "X_1_1_1_1_1_20_1_1_1_1_1_543",
        "X_1_1_1_1_1_21_1_1_1_1_1_543",
        "X_1_1_1_1_1_22_1_1_1_1_1_543"
],
      "CsaImage.SlicePosition_PCS": [
        [-115.0, -81.58173561, -89.85693859],
        [-115.0, -83.33277264, -85.17357769],
        [-115.0, -85.08380967, -80.49021679],
        [-115.0, -86.8348467, -75.80685589],
        [-115.0, -88.58588374, -71.12349499],
        [-115.0, -90.33692077, -66.44013409],
        [-115.0, -92.0879578, -61.75677319],
        [-115.0, -93.83899484, -57.07341229],
        [-115.0, -95.59003187, -52.39005139],
        [-115.0, -97.3410689, -47.7066905],
        [-115.0, -99.09210593, -43.0233296],
        [-115.0, -100.84314297, -38.3399687],
        [-115.0, -102.59418, -33.6566078],
        [-115.0, -104.34521703, -28.9732469],
        [-115.0, -106.09625406, -24.289886],
        [-115.0, -107.8472911, -19.6065251],
        [-115.0, -109.59832813, -14.9231642],
        [-115.0, -111.34936516, -10.2398033],
        [-115.0, -113.10040219, -5.5564424],
        [-115.0, -114.85143923, -0.87308151],
        [-115.0, -116.60247626, 3.81027939],
        [-115.0, -118.35351329, 8.49364029]
],
      "ImagePositionPatient": [
        [-115.0, -81.581735607034, -201.85693858623],
        [-115.0, -83.332772639662, -197.17357768722],
        [-115.0, -85.083809672291, -192.49021678821],
        [-115.0, -86.834846704919, -187.8068558892],
        [-115.0, -88.585883737547, -183.12349499019],
        [-115.0, -90.336920770176, -178.44013409118],
        [-115.0, -92.087957802804, -173.75677319217],
        [-115.0, -93.838994835432, -169.07341229317],
        [-115.0, -95.590031868061, -164.39005139416],
        [-115.0, -97.341068900689, -159.70669049515],
        [-115.0, -99.092105933317, -155.02332959614],
        [-115.0, -100.84314296595, -150.33996869713],
        [-115.0, -102.59417999857, -145.65660779812],
        [-115.0, -104.3452170312, -140.97324689911],
        [-115.0, -106.09625406383, -136.2898860001],
        [-115.0, -107.84729109646, -131.6065251011],
        [-115.0, -109.59832812909, -126.92316420209],
        [-115.0, -111.34936516172, -122.23980330308],
        [-115.0, -113.10040219434, -117.55644240407],
        [-115.0, -114.85143922697, -112.87308150506],
        [-115.0, -116.6024762596, -108.18972060605],
        [-115.0, -118.35351329223, -103.50635970704]
],
      "InstanceCreationTime": ["172806.591000", "172806.595000", "172806.597000", "172806.599000", "172806.602000", "172806.604000", "172806.607000", "172806.609000", "172806.611000", "172806.614000", "172806.629000", "172806.631000", "172806.633000", "172806.635000", "172806.637000", "172806.639000", "172806.641000", "172806.643000", "172806.645000", "172806.647000", "172806.649000", "172806.651000"],
      "InstanceNumber": [22, 21, 20, 19, 18, 17, 16, 15, 14, 13, 12, 11, 10, 9, 8, 7, 6, 5, 4, 3, 2, 1],
      "LargestImagePixelValue": [2102, 4095, 4095, 4095, 4095, 4095, 4095, 4095, 4095, 4095, 4095, 4095, 4095, 4095, 4095, 4095, 4095, 4095, 4095, 4095, 4095, 3314],
      "SliceLocation": [-160.50325062687, -155.50325062687, -150.50325062687, -145.50325062687, -140.50325062687, -135.50325062687, -130.50325062687, -125.50325062687, -120.50325062687, -115.50325062687, -110.50325062687, -105.50325062687, -100.50325062687, -95.503250626867, -90.503250626867, -85.503250626867, -80.503250626867, -75.503250626867, -70.503250626867, -65.503250626867, -60.503250626867, -55.503250626867]
    }
  }
}