{
  "AcquisitionMatrixPE": 36,
  "AcquisitionNumber": 1,
  "AcquisitionTime": "11:52:46.457500",
  "BandwidthPerPixelPhaseEncode": 29.551,
  "BaseResolution": 96,
  "BodyPartExamined": "CSPINE",
  "CoilCombinationMethod": "Adaptive Combine",
  "ConsistencyInfo": "N4_VE11C_LATEST_20160120",
  "ConversionSoftware": "dcm2niix",
  "ConversionSoftwareVersion": "v1.0.20220505",
  "DerivedVendorReportedEchoSpacing": 0.000939994,
  "DeviceSerialNumber": "167006",
  "DiffusionScheme": "Monopolar",
  "DwellTime": 4.1e-06,
  "EchoTime": 0.06,
  "EchoTrainLength": 31,
  "EffectiveEchoSpacing": 0.000939995,
  "FlipAngle": 90,
  "HeudiconvVersion": "0.5.3.post811+g6206e14",
  "ImageOrientationPatientDICOM": [1, 0, 0, 0, 0.980955, 0.194234],
  "ImageOrientationText": "Tra>Cor(11.2)",
  "ImageType": [
    "ORIGINAL",
    "PRIMARY",
    "DIFFUSION",
    "NONE",
    "ND",
    "MOSAIC"
],
  "ImagingFrequency": 123.26,
  "InPlanePhaseEncodingDirectionDICOM": "COL",
  "InstitutionAddress": "Chemin Queen-Mary 4565,Montreal,District,CA,H3W 1W5",
  "InstitutionName": "IUGM",
  "InstitutionalDepartmentName": "Department",
  "MRAcquisitionType": "2D",
  "MagneticFieldStrength": 3,
  "Manufacturer": "Siemens",
  "ManufacturersModelName": "Prisma_fit",
  "MatrixCoilMode": "SENSE",
  "Modality": "MR",
  "PartialFourier": 0.875,
  "PatientPosition": "HFS",
  "PercentPhaseFOV": 37.5,
  "PercentSampling": 100,
  "PhaseEncodingDirection": "j-",
  "PhaseEncodingSteps": 31,
  "PhaseResolution": 1,
  "PixelBandwidth": 1270,
  "ProcedureStepDescription": "anat^generic",
  "ProtocolName": "DWI",
  "PulseSequenceDetails": "%SiemensSeq%\\ep2d_diff",
  "ReceiveCoilActiveElements": "HC7;NC1,2",
  "ReceiveCoilName": "HeadNeck_64",
  "ReconMatrixPE": 36,
  "RepetitionTime": 0.61,
  "SAR": 0.470495,
  "ScanOptions": "PFP\\SFS\\CT",
  "ScanningSequence": "EP",
  "SequenceName": "*ez_b0",
  "SequenceVariant": "SK\\SP",
  "SeriesDescription": "DWI",
  "SeriesNumber": 37,
  "ShimSetting": [594, -7232, -8923, -1439, -87, 2982, -618, -285],
  "SliceThickness": 5,
  "SliceTiming": [0, 0.875, 1.76, 2.66, 3.585, 0.195, 1.07, 1.955, 2.855, 3.78, 0.3925, 1.2675, 2.1525, 3.0525, 3.9775],
  "SoftwareVersions": "syngo MR E11",
  "SpacingBetweenSlices": 5,
  "SpoilingState": true,
  "StationName": "MRC35049",
  "TotalReadoutTime": 0.0328998,
  "TxRefAmp": 306.14,
  "dcmmeta_affine": [
    [-0.8958333134651184, 0.0, 0.0, 42.50651168823242],
    [0.0, 0.8787723183631897, 0.9711717963218689, -36.54892349243164],
    [0.0, -0.17400161921977997, 4.904775619506836, -133.52008056640625],
    [0.0, 0.0, 0.0, 1.0]
],
  "dcmmeta_reorient_transform": [
    [0.0, -1.0, 0.0, 35.0],
    [1.0, 0.0, 0.0, 0.0],
    [0.0, 0.0, -1.0, 14.0],
    [0.0, 0.0, 0.0, 1.0]
],
  "dcmmeta_shape": [96, 36, 15, 35],
  "dcmmeta_slice_dim": 2,
  "dcmmeta_version": 0.6,
  "global": {
    "const": {
      "AcquisitionMatrix": [96, 0, 0, 36],
      "AngioFlag": "N",
      "BitsAllocated": 16,
      "BitsStored": 12,
      "BodyPartExamined": "CSPINE",
      "CardiacNumberOfImages": 1,
      "Columns": 384,
      "EchoNumbers": 1,
      "EchoTime": 60.0,
      "EchoTrainLength": 31,
      "FlipAngle": 90.0,
      "HighBit": 11,
      "ImageOrientationPatient": [1.0, 0.0, 0.0, 0.0, 0.98095515215041, 0.19423436737501],
      "ImagePositionPatient": [-171.50651016831, -55.25821823038, -80.339372826525],
      "ImageType": [
        "ORIGINAL",
        "PRIMARY",
        "DIFFUSION",
        "NONE",
        "ND",
        "MOSAIC"
],
      "ImagedNucleus": "1H",
      "ImagingFrequency": 123.260132,
      "InPlanePhaseEncodingDirection": "COL",
      "MRAcquisitionType": "2D",
      "MagneticFieldStrength": 3.0,
      "Manufacturer": "SIEMENS",
      "ManufacturerModelName": "Prisma_fit",
      "Modality": "MR",
      "NominalInterval": 0,
      "NumberOfAverages": 1.0,
      "NumberOfPhaseEncodingSteps": 31,
      "PercentPhaseFieldOfView": 37.5,
      "PercentSampling": 100.0,
      "PerformedProcedureStepStartTime": "102458.126000",
      "PhotometricInterpretation": "MONOCHROME2",
      "PixelBandwidth": 1270.0,
      "PixelRepresentation": 0,
      "PixelSpacing": [0.89583331346512, 0.89583331346512],
      "ProtocolName": "DWI",
      "RepetitionTime": 610.0,
      "Rows": 144,
      "SAR": 0.4704954029297,
      "SamplesPerPixel": 1,
      "ScanOptions": [
        "PFP",
        "SFS",
        "CT"
],
      "ScanningSequence": "EP",
      "SequenceVariant": [
        "SK",
        "SP"
],
      "SeriesDescription": "DWI",
      "SeriesNumber": 37,
      "SeriesTime": "115247.289000",
      "SliceLocation": -68.076276634464,
      "SliceThickness": 5.0,
      "SmallestImagePixelValue": 0,
      "SoftwareVersions": "syngo MR E11",
      "SpacingBetweenSlices": 4.9999998519141,
      "SpecificCharacterSet": "ISO_IR 100",
      "StudyID": "1",
      "StudyTime": "102457.871000",
      "TransmitCoilName": "Body",
      "VariableFlipAngleFlag": "N",
      "WindowCenterWidthExplanation": "Algo1",
      "dBdt": 0.0},
    "slices": {}
  },
  "time": {
    "samples": {
      "AcquisitionNumber": [1, 2, 3, 4, 5, 6, 7, 8, 9, 10, 11, 12, 13, 14, 15, 16, 17, 18, 19, 20, 21, 22, 23, 24, 25, 26, 27, 28, 29, 30, 31, 32, 33, 34, 35],
      "AcquisitionTime": ["115246.457500", "115250.892500", "115255.532500", "115259.942500", "115304.600000", "115309.020000", "115313.405000", "115317.815000", "115322.300000", "115326.715000", "115331.165000", "115335.570000", "115340.005000", "115344.327500", "115348.922500", "115353.407500", "115357.542500", "115401.732500", "115405.972500", "115410.062500", "115414.452500", "115418.767500", "115423.407500", "115427.580000", "115432.065000", "115436.310000", "115440.345000", "115444.840000", "115449.000000", "115453.310000", "115457.560000", "115501.955000", "115506.317500", "115510.582500", "115515.167500"],
      "ContentTime": ["115247.293000", "115256.442000", "115256.444000", "115301.442000", "115306.442000", "115311.441000", "115316.442000", "115321.442000", "115326.441000", "115331.442000", "115336.441000", "115336.444000", "115341.441000", "115346.442000", "115351.441000", "115356.442000", "115401.441000", "115406.442000", "115411.442000", "115411.445000", "115416.442000", "115421.442000", "115426.442000", "115431.441000", "115436.441000", "115441.442000", "115441.445000", "115446.442000", "115451.442000", "115456.441000", "115501.442000", "115506.441000", "115511.440000", "115511.443000", "115516.185000"],
      "InstanceCreationTime": ["115247.293000", "115256.442000", "115256.444000", "115301.442000", "115306.442000", "115311.441000", "115316.442000", "115321.442000", "115326.441000", "115331.442000", "115336.441000", "115336.444000", "115341.441000", "115346.442000", "115351.441000", "115356.442000", "115401.441000", "115406.442000", "115411.442000", "115411.445000", "115416.442000", "115421.442000", "115426.442000", "115431.441000", "115436.441000", "115441.442000", "115441.445000", "115446.442000", "115451.442000", "115456.441000", "115501.442000", "115506.441000", "115511.440000", "115511.443000", "115516.185000"],
      "InstanceNumber": [1, 2, 3, 4, 5, 6, 7, 8, 9, 10, 11, 12, 13, 14, 15, 16, 17, 18, 19, 20, 21, 22, 23, 24, 25, 26, 27, 28, 29, 30, 31, 32, 33, 34, 35],
      "LargestImagePixelValue": [4095, 3845, 4038, 3962, 4095, 4029, 3974, 4095, 4095, 4095, 3507, 3576, 4095, 3741, 3731, 3609, 3780, 4095, 3888, 3930, 3876, 4095, 3748, 3771, 4013, 3862, 3454, 4095, 3944, 3807, 3863, 4095, 4095, 4095, 4095],
      "SequenceName": [
        "*ez_b0",
        "*ez_b800#1",
        "*ez_b800#2",
        "*ez_b800#3",
        "*ez_b800#4",
        "*ez_b800#5",
        "*ez_b800#6",
        "*ez_b800#7",
        "*ez_b800#8",
        "*ez_b800#9",
        "*ez_b800#10",
        "*ez_b800#11",
        "*ez_b800#12",
        "*ez_b800#13",
        "*ez_b800#14",
        "*ez_b800#15",
        "*ez_b800#16",
        "*ez_b800#17",
        "*ez_b800#18",
        "*ez_b800#19",
        "*ez_b800#20",
        "*ez_b800#21",
        "*ez_b800#22",
        "*ez_b800#23",
        "*ez_b800#24",
        "*ez_b800#25",
        "*ez_b800#26",
        "*ez_b800#27",
        "*ez_b800#28",
        "*ez_b800#29",
        "*ez_b800#30",
        "*ez_b0",
        "*ez_b0",
        "*ez_b0",
        "*ez_b0"
],
      "TriggerTime": [572.5, 570.0, 570.0, 570.0, 570.0, 572.5, 572.5, 572.5, 572.5, 572.5, 572.5, 570.0, 570.0, 570.0, 572.5, 572.5, 572.5, 572.5, 572.5, 572.5, 570.0, 570.0, 570.0, 570.0, 572.5, 572.5, 572.5, 572.5, 572.5, 572.5, 570.0, 570.0, 570.0, 572.5, 572.5],
      "WindowCenter": [1416.0, 712.0, 715.0, 707.0, 741.0, 754.0, 738.0, 733.0, 703.0, 716.0, 733.0, 743.0, 709.0, 712.0, 749.0, 725.0, 706.0, 732.0, 723.0, 707.0, 693.0, 694.0, 757.0, 741.0, 757.0, 746.0, 719.0, 753.0, 762.0, 738.0, 761.0, 1371.0, 1364.0, 1342.0, 1424.0],
      "WindowWidth": [2683.0, 1433.0, 1446.0, 1425.0, 1518.0, 1573.0, 1536.0, 1499.0, 1410.0, 1443.0, 1507.0, 1534.0, 1423.0, 1437.0, 1554.0, 1474.0, 1416.0, 1493.0, 1462.0, 1421.0, 1392.0, 1394.0, 1578.0, 1530.0, 1576.0, 1543.0, 1468.0, 1559.0, 1593.0, 1514.0, 1591.0, 2647.0, 2642.0, 2619.0, 2706.0]
    },
    "slices": {}
  }
}