{
  "AcquisitionMatrixPE": 256,
  "AcquisitionNumber": 1,
  "AcquisitionTime": "18:41:0.017500",
  "BaseResolution": 256,
  "BodyPartExamined": "CSPINE",
  "CoilCombinationMethod": "Adaptive Combine",
  "ConsistencyInfo": "N4_VE11C_LATEST_20160120",
  "ConversionSoftware": "dcm2niix",
  "ConversionSoftwareVersion": "v1.0.20211006",
  "DeviceSerialNumber": "167006",
  "DwellTime": 7.5e-06,
  "EchoTime": 0.00313,
  "FlipAngle": 15,
  "HeudiconvVersion": "0.5.3.post569+g418601f",
  "ImageOrientationPatientDICOM": [1, 0, 0, 0, 0.978148, 0.207912],
  "ImageOrientationText": "Tra>Cor(12.0)",
  "ImageType": [
    "ORIGINAL",
    "PRIMARY",
    "M",
    "DIS2D"
],
  "ImagingFrequency": 123.259,
  "InPlanePhaseEncodingDirectionDICOM": "COL",
  "InstitutionAddress": "Chemin Queen-Mary 4565,Montreal,District,CA,H3W 1W5",
  "InstitutionName": "IUGM",
  "InstitutionalDepartmentName": "Department",
  "MRAcquisitionType": "3D",
  "MagneticFieldStrength": 3,
  "Manufacturer": "Siemens",
  "ManufacturersModelName": "Prisma_fit",
  "MatrixCoilMode": "GRAPPA",
  "Modality": "MR",
  "ParallelReductionFactorInPlane": 2,
  "PartialFourier": 1,
  "PatientPosition": "HFS",
  "PercentPhaseFOV": 100,
  "PercentSampling": 100,
  "PhaseEncodingSteps": 255,
  "PhaseResolution": 1,
  "PixelBandwidth": 260,
  "ProcedureStepDescription": "anat^generic",
  "ProtocolName": "GRE-T1w",
  "PulseSequenceDetails": "%SiemensSeq%\\gre",
  "ReceiveCoilActiveElements": "HC5-7;NC1,2",
  "ReceiveCoilName": "HeadNeck_64",
  "ReconMatrixPE": 256,
  "RefLinesPE": 32,
  "RepetitionTime": 0.015,
  "SAR": 0.0301238,
  "ScanningSequence": "GR",
  "SequenceName": "*fl3d1",
  "SequenceVariant": "SP",
  "SeriesDescription": "GRE-T1w",
  "SeriesNumber": 35,
  "ShimSetting": [579, -7366, -9126, -558, -237, 2229, -99, -95],
  "SliceThickness": 5,
  "SoftwareVersions": "syngo MR E11",
  "StationName": "MRC35049",
  "TxRefAmp": 242.775,
  "dcmmeta_affine": [
    [0.8984375, 0.0, 0.0, -113.97111511230469],
    [0.0, 0.8788045048713684, 1.0395584106445312, -138.43344116210938],
    [0.0, -0.1867956519126892, 4.890738010406494, -121.25860595703125],
    [0.0, 0.0, 0.0, 1.0]
],
  "dcmmeta_reorient_transform": [
    [0.0, -1.0, 0.0, 255.0],
    [-1.0, 0.0, 0.0, 255.0],
    [0.0, 0.0, -1.0, 21.0],
    [0.0, 0.0, 0.0, 1.0]
],
  "dcmmeta_shape": [256, 256, 22],
  "dcmmeta_slice_dim": 2,
  "dcmmeta_version": 0.6,
  "global": {
    "const": {
      "AcquisitionMatrix": [256, 0, 0, 256],
      "AcquisitionNumber": 1,
      "AcquisitionTime": "184100.017500",
      "AngioFlag": "N",
      "BitsAllocated": 16,
      "BitsStored": 12,
      "BodyPartExamined": "CSPINE",
      "Columns": 256,
      "EchoNumbers": 1,
      "EchoTime": 3.13,
      "EchoTrainLength": 1,
      "FlipAngle": 15.0,
      "HighBit": 11,
      "ImageOrientationPatient": [1.0, 0.0, 0.0, 0.0, 0.97814760155, 0.20791168697789],
      "ImageType": [
        "ORIGINAL",
        "PRIMARY",
        "M",
        "DIS2D"
],
      "ImagedNucleus": "1H",
      "ImagingFrequency": 123.258743,
      "InPlanePhaseEncodingDirection": "COL",
      "LargestImagePixelValue": 4095,
      "MRAcquisitionType": "3D",
      "MagneticFieldStrength": 3.0,
      "Manufacturer": "SIEMENS",
      "ManufacturerModelName": "Prisma_fit",
      "Modality": "MR",
      "NumberOfAverages": 1.0,
      "NumberOfPhaseEncodingSteps": 255,
      "PercentPhaseFieldOfView": 100.0,
      "PercentSampling": 100.0,
      "PerformedProcedureStepStartTime": "172839.804000",
      "PhotometricInterpretation": "MONOCHROME2",
      "PixelBandwidth": 260.0,
      "PixelRepresentation": 0,
      "PixelSpacing": [0.8984375, 0.8984375],
      "ProtocolName": "GRE-T1w",
      "RepetitionTime": 15.0,
      "Rows": 256,
      "SAR": 0.03012383975764,
      "SamplesPerPixel": 1,
      "ScanningSequence": "GR",
      "SequenceName": "*fl3d1",
      "SequenceVariant": "SP",
      "SeriesDescription": "GRE-T1w",
      "SeriesNumber": 35,
      "SeriesTime": "184200.690000",
      "SliceThickness": 5.0,
      "SmallestImagePixelValue": 0,
      "SoftwareVersions": "syngo MR E11",
      "SpecificCharacterSet": "ISO_IR 100",
      "StudyID": "1",
      "StudyTime": "172839.657000",
      "TransmitCoilName": "Body",
      "VariableFlipAngleFlag": "N",
      "WindowCenterWidthExplanation": "Algo1",
      "dBdt": 0.0},
    "slices": {
      "ContentTime": ["184200.693000", "184200.696000", "184200.698000", "184200.700000", "184200.702000", "184200.704000", "184200.711000", "184200.713000", "184200.715000", "184200.719000", "184200.721000", "184200.723000", "184200.725000", "184200.727000", "184200.729000", "184200.731000", "184200.733000", "184200.735000", "184200.737000", "184200.739000", "184200.741000", "184200.743000"],
      "CsaImage.Actual3DImaPartNumber": [0, 1, 2, 3, 4, 5, 6, 7, 8, 9, 10, 11, 12, 13, 14, 15, 16, 17, 18, 19, 20, 21],
      "CsaImage.ICE_Dims": [
        "X_1_1_1_1_1_1_1_1_1_1_1_126",
        "X_1_1_1_1_1_2_1_1_1_1_1_126",
        "X_1_1_1_1_1_3_1_1_1_1_1_126",
        "X_1_1_1_1_1_4_1_1_1_1_1_126",
        "X_1_1_1_1_1_5_1_1_1_1_1_126",
        "X_1_1_1_1_1_6_1_1_1_1_1_126",
        "X_1_1_1_1_1_7_1_1_1_1_1_126",
        "X_1_1_1_1_1_8_1_1_1_1_1_126",
        "X_1_1_1_1_1_9_1_1_1_1_1_126",
        "X_1_1_1_1_1_10_1_1_1_1_1_126",
        "X_1_1_1_1_1_11_1_1_1_1_1_126",
        "X_1_1_1_1_1_12_1_1_1_1_1_126",
        "X_1_1_1_1_1_13_1_1_1_1_1_126",
        "X_1_1_1_1_1_14_1_1_1_1_1_126",
        "X_1_1_1_1_1_15_1_1_1_1_1_126",
        "X_1_1_1_1_1_16_1_1_1_1_1_126",
        "X_1_1_1_1_1_17_1_1_1_1_1_126",
        "X_1_1_1_1_1_18_1_1_1_1_1_126",
        "X_1_1_1_1_1_19_1_1_1_1_1_126",
        "X_1_1_1_1_1_20_1_1_1_1_1_126",
        "X_1_1_1_1_1_21_1_1_1_1_1_126",
        "X_1_1_1_1_1_22_1_1_1_1_1_126"
],
      "CsaImage.SlicePosition_PCS": [
        [-115.13044813, -85.66169564, -74.89149841],
        [-115.13044813, -86.70125408, -70.0007604],
        [-115.13044813, -87.74081251, -65.11002239],
        [-115.13044813, -88.78037095, -60.21928439],
        [-115.13044813, -89.81992938, -55.32854638],
        [-115.13044813, -90.85948782, -50.43780837],
        [-115.13044813, -91.89904625, -45.54707036],
        [-115.13044813, -92.93860469, -40.65633236],
        [-115.13044813, -93.97816312, -35.76559435],
        [-115.13044813, -95.01772156, -30.87485634],
        [-115.13044813, -96.05727999, -25.98411833],
        [-115.13044813, -97.09683843, -21.09338032],
        [-115.13044813, -98.13639686, -16.20264232],
        [-115.13044813, -99.1759553, -11.31190431],
        [-115.13044813, -100.21551373, -6.4211663],
        [-115.13044813, -101.25507216, -1.53042829],
        [-115.13044813, -102.2946306, 3.36030971],
        [-115.13044813, -103.33418903, 8.25104772],
        [-115.13044813, -104.37374747, 13.14178573],
        [-115.13044813, -105.4133059, 18.03252374],
        [-115.13044813, -106.45286434, 22.92326175],
        [-115.13044813, -107.49242277, 27.81399975]
],
      "ImagePositionPatient": [
        [-115.13044813275, -85.661695641513, -168.89149840996],
        [-115.13044813275, -86.701254076402, -164.00076040221],
        [-115.13044813275, -87.740812511292, -159.11002239446],
        [-115.13044813275, -88.780370946181, -154.21928438671],
        [-115.13044813275, -89.819929381071, -149.32854637896],
        [-115.13044813275, -90.85948781596, -144.43780837121],
        [-115.13044813275, -91.89904625085, -139.54707036346],
        [-115.13044813275, -92.938604685739, -134.65633235571],
        [-115.13044813275, -93.978163120628, -129.76559434796],
        [-115.13044813275, -95.017721555518, -124.87485634021],
        [-115.13044813275, -96.057279990407, -119.98411833246],
        [-115.13044813275, -97.096838425297, -115.09338032471],
        [-115.13044813275, -98.136396860186, -110.20264231696],
        [-115.13044813275, -99.175955295076, -105.31190430921],
        [-115.13044813275, -100.21551372997, -100.42116630146],
        [-115.13044813275, -101.25507216485, -95.53042829371],
        [-115.13044813275, -102.29463059974, -90.63969028596],
        [-115.13044813275, -103.33418903463, -85.74895227821],
        [-115.13044813275, -104.37374746952, -80.858214270461],
        [-115.13044813275, -105.41330590441, -75.967476262711],
        [-115.13044813275, -106.4528643393, -71.076738254961],
        [-115.13044813275, -107.49242277419, -66.186000247211]
],
      "InstanceCreationTime": ["184200.693000", "184200.696000", "184200.698000", "184200.700000", "184200.702000", "184200.704000", "184200.711000", "184200.713000", "184200.715000", "184200.719000", "184200.721000", "184200.723000", "184200.725000", "184200.727000", "184200.729000", "184200.731000", "184200.733000", "184200.735000", "184200.737000", "184200.739000", "184200.741000", "184200.743000"],
      "InstanceNumber": [22, 21, 20, 19, 18, 17, 16, 15, 14, 13, 12, 11, 10, 9, 8, 7, 6, 5, 4, 3, 2, 1],
      "SliceLocation": [-147.39074644167, -142.39074644167, -137.39074644167, -132.39074644167, -127.39074644167, -122.39074644167, -117.39074644167, -112.39074644167, -107.39074644167, -102.39074644167, -97.390746441674, -92.390746441674, -87.390746441674, -82.390746441674, -77.390746441674, -72.390746441674, -67.390746441674, -62.390746441674, -57.390746441674, -52.390746441674, -47.390746441674, -42.390746441674],
      "WindowCenter": [969.0, 675.0, 847.0, 822.0, 775.0, 677.0, 585.0, 563.0, 665.0, 735.0, 789.0, 754.0, 715.0, 673.0, 695.0, 631.0, 747.0, 809.0, 883.0, 989.0, 1117.0, 923.0],
      "WindowWidth": [2997.0, 3537.0, 3126.0, 2750.0, 2608.0, 2609.0, 2650.0, 2692.0, 2701.0, 2755.0, 2810.0, 3003.0, 3127.0, 3247.0, 3309.0, 3440.0, 3445.0, 3522.0, 3607.0, 3589.0, 3128.0, 2244.0]
    }
  }
}