{
  "AcquisitionMatrixPE": 32,
  "AcquisitionNumber": 1,
  "AcquisitionTime": "13:40:18.687500",
  "BaseResolution": 32,
  "BodyPartExamined": "BRAIN",
  "CoilCombinationMethod": "Sum of Squares",
  "ConsistencyInfo": "N4_VE11C_LATEST_20160120",
  "ConversionSoftware": "dcm2niix",
  "ConversionSoftwareVersion": "v1.0.20211006",
  "DeviceSerialNumber": "167006",
  "DwellTime": 3.18e-05,
  "EchoTime": 0.00184,
  "FlipAngle": 80,
  "HeudiconvVersion": "0.5.3.post569+g418601f",
  "ImageComments": "flip angle map",
  "ImageOrientationPatientDICOM": [1, 0, 0, 0, 0.978148, -0.207912],
  "ImageOrientationText": "Tra>Cor(-12.0)",
  "ImageType": [
    "ORIGINAL",
    "PRIMARY",
    "FLIP ANGLE MAP",
    "DIS2D"
],
  "ImagingFrequency": 123.259,
  "InPlanePhaseEncodingDirectionDICOM": "COL",
  "InstitutionAddress": "Chemin Queen-Mary 4565,Montreal,District,CA,H3W 1W5",
  "InstitutionName": "IUGM",
  "InstitutionalDepartmentName": "Department",
  "MRAcquisitionType": "2D",
  "MagneticFieldStrength": 3,
  "Manufacturer": "Siemens",
  "ManufacturersModelName": "Prisma_fit",
  "MatrixCoilMode": "SENSE",
  "Modality": "MR",
  "PartialFourier": 1,
  "PatientPosition": "HFS",
  "PercentPhaseFOV": 100,
  "PercentSampling": 100,
  "PhaseEncodingDirection": "j-",
  "PhaseEncodingSteps": 32,
  "PhaseResolution": 1,
  "PixelBandwidth": 490,
  "ProcedureStepDescription": "anat^generic",
  "ProtocolName": "tfl_b1map_6mm",
  "PulseSequenceDetails": "%SiemensSeq%\\tfl_b1map",
  "ReceiveCoilActiveElements": "HC1-7;NC1",
  "ReceiveCoilName": "HeadNeck_64",
  "ReconMatrixPE": 32,
  "RepetitionTime": 10,
  "SAR": 0.00579918,
  "ScanningSequence": "GR",
  "SequenceName": "tfl2d1_512",
  "SequenceVariant": "SK\\SP",
  "SeriesDescription": "tfl_b1map_6mm",
  "SeriesNumber": 21,
  "ShimSetting": [609, -7225, -8921, 611, -53, -349, -61, 53],
  "SliceThickness": 6,
  "SliceTiming": [5.04688, 0, 5.54688, 0.51562, 6.04688, 1.01562, 6.5625, 1.51562, 7.0625, 2.01562, 7.5625, 2.53125, 8.07812, 3.03125, 8.57812, 3.53125, 9.07812, 4.03125, 9.57812, 4.54688],
  "SoftwareVersions": "syngo MR E11",
  "SpacingBetweenSlices": 7.2,
  "SpoilingState": true,
  "StationName": "MRC35049",
  "TxRefAmp": 226.694,
  "dcmmeta_affine": [
    [-6.0, 0.0, 0.0, 93.50696563720703],
    [0.0, 5.868885517120361, -1.4969639778137207, -64.82112884521484],
    [0.0, 1.2474701404571533, 7.042667388916016, -66.79947662353516],
    [0.0, 0.0, 0.0, 1.0]
],
  "dcmmeta_reorient_transform": [
    [0.0, -1.0, 0.0, 31.0],
    [1.0, 0.0, 0.0, 0.0],
    [0.0, 0.0, -1.0, 19.0],
    [0.0, 0.0, 0.0, 1.0]
],
  "dcmmeta_shape": [32, 32, 20],
  "dcmmeta_slice_dim": 2,
  "dcmmeta_version": 0.6,
  "global": {
    "const": {
      "AcquisitionMatrix": [32, 0, 0, 32],
      "AcquisitionNumber": 1,
      "AngioFlag": "N",
      "BitsAllocated": 16,
      "BitsStored": 12,
      "BodyPartExamined": "BRAIN",
      "Columns": 32,
      "EchoNumbers": 1,
      "EchoTime": 1.84,
      "EchoTrainLength": 1,
      "FlipAngle": 80.0,
      "HighBit": 11,
      "ImageOrientationPatient": [1.0, 0.0, 0.0, 0.0, 0.97814760155, -0.2079116869779],
      "ImageType": [
        "ORIGINAL",
        "PRIMARY",
        "FLIP ANGLE MAP",
        "DIS2D"
],
      "ImagedNucleus": "1H",
      "ImagingFrequency": 123.259064,
      "InPlanePhaseEncodingDirection": "COL",
      "MRAcquisitionType": "2D",
      "MagneticFieldStrength": 3.0,
      "Manufacturer": "SIEMENS",
      "ManufacturerModelName": "Prisma_fit",
      "Modality": "MR",
      "NumberOfAverages": 1.0,
      "NumberOfPhaseEncodingSteps": 32,
      "PercentPhaseFieldOfView": 100.0,
      "PercentSampling": 100.0,
      "PerformedProcedureStepStartTime": "125226.531000",
      "PhotometricInterpretation": "MONOCHROME2",
      "PixelBandwidth": 490.0,
      "PixelRepresentation": 0,
      "PixelSpacing": [6.0, 6.0],
      "ProtocolName": "tfl_b1map_6mm",
      "RepetitionTime": 10000.0,
      "Rows": 32,
      "SAR": 0.00579918419221,
      "SamplesPerPixel": 1,
      "ScanningSequence": "GR",
      "SequenceName": "tfl2d1_512",
      "SequenceVariant": [
        "SK",
        "SP"
],
      "SeriesDescription": "tfl_b1map_6mm",
      "SeriesNumber": 21,
      "SeriesTime": "134023.903000",
      "SliceThickness": 6.0,
      "SmallestImagePixelValue": 0,
      "SoftwareVersions": "syngo MR E11",
      "SpacingBetweenSlices": 7.2,
      "SpecificCharacterSet": "ISO_IR 100",
      "StudyID": "1",
      "StudyTime": "125226.430000",
      "TransmitCoilName": "Body",
      "VariableFlipAngleFlag": "N",
      "WindowCenterWidthExplanation": "Algo1",
      "dBdt": 0.0},
    "slices": {
      "AcquisitionTime": ["134018.687500", "134013.645000", "134019.190000", "134014.150000", "134019.695000", "134014.652500", "134020.200000", "134015.157500", "134020.702500", "134015.662500", "134021.207500", "134016.165000", "134021.712500", "134016.670000", "134022.217500", "134017.175000", "134022.720000", "134017.677500", "134023.225000", "134018.182500"],
      "ContentTime": ["134023.929000", "134023.907000", "134023.931000", "134023.910000", "134023.933000", "134023.912000", "134023.935000", "134023.915000", "134023.937000", "134023.917000", "134023.939000", "134023.919000", "134023.941000", "134023.921000", "134023.943000", "134023.923000", "134023.944000", "134023.925000", "134023.946000", "134023.927000"],
      "CsaImage.ICE_Dims": [
        "X_1_1_2_1_1_1_11_1_1_1_1_117",
        "X_1_1_2_1_1_1_1_1_1_2_1_117",
        "X_1_1_2_1_1_1_12_1_1_3_1_117",
        "X_1_1_2_1_1_1_2_1_1_4_1_117",
        "X_1_1_2_1_1_1_13_1_1_5_1_117",
        "X_1_1_2_1_1_1_3_1_1_6_1_117",
        "X_1_1_2_1_1_1_14_1_1_7_1_117",
        "X_1_1_2_1_1_1_4_1_1_8_1_117",
        "X_1_1_2_1_1_1_15_1_1_9_1_117",
        "X_1_1_2_1_1_1_5_1_1_10_1_117",
        "X_1_1_2_1_1_1_16_1_1_11_1_117",
        "X_1_1_2_1_1_1_6_1_1_12_1_117",
        "X_1_1_2_1_1_1_17_1_1_13_1_117",
        "X_1_1_2_1_1_1_7_1_1_14_1_117",
        "X_1_1_2_1_1_1_18_1_1_15_1_117",
        "X_1_1_2_1_1_1_8_1_1_16_1_117",
        "X_1_1_2_1_1_1_19_1_1_17_1_117",
        "X_1_1_2_1_1_1_9_1_1_18_1_117",
        "X_1_1_2_1_1_1_20_1_1_19_1_117",
        "X_1_1_2_1_1_1_10_1_1_20_1_117"
],
      "CsaImage.ProtocolSliceNumber": [0, 1, 2, 3, 4, 5, 6, 7, 8, 9, 10, 11, 12, 13, 14, 15, 16, 17, 18, 19],
      "CsaImage.SliceMeasurementDuration": [127.5, 127.5, 130.0, 127.5, 127.5, 130.0, 127.5, 127.5, 130.0, 127.5, 130.0, 130.0, 127.5, 127.5, 127.5, 127.5, 130.0, 130.0, 127.5, 127.5],
      "CsaImage.SlicePosition_PCS": [
        [-93.50696874, -117.11433177, -47.12781173],
        [-93.50696874, -115.61736636, -40.08515197],
        [-93.50696874, -114.12040286, -33.0424884],
        [-93.50696874, -112.62343936, -25.99982482],
        [-93.50696874, -111.12647395, -18.95716506],
        [-93.50696874, -109.62951045, -11.91450149],
        [-93.50696874, -108.13254599, -4.87183791],
        [-93.50696874, -106.63558154, 2.17082375],
        [-93.50696874, -105.13861804, 9.21348733],
        [-93.50696874, -103.64165358, 16.25615019],
        [-93.50696874, -102.14468913, 23.29881281],
        [-93.50696874, -100.64772515, 30.34147519],
        [-93.50696874, -99.15076117, 37.38413781],
        [-93.50696874, -97.65379672, 44.42680138],
        [-93.50696874, -96.15683274, 51.46946305],
        [-93.50696874, -94.65986846, 58.51212663],
        [-93.50696874, -93.16290431, 65.5547902],
        [-93.50696874, -91.66594009, 72.59745377],
        [-93.50696874, -90.16897587, 79.64011353],
        [-93.50696874, -88.6720119, 86.68278092]
],
      "CsaImage.TimeAfterStart": [15.1275, 10.085, 15.63, 10.59, 16.135, 11.0925, 16.64, 11.5975, 17.1425, 12.1025, 17.6475, 12.605, 18.1525, 13.11, 18.6575, 13.615, 19.16, 14.1175, 19.665, 14.6225],
      "ImagePositionPatient": [
        [-93.506968736649, -117.11433176662, -28.127811729322],
        [-93.506968736649, -115.6173663583, -21.0851519698],
        [-93.506968736649, -114.12040285732, -14.042488395582],
        [-93.506968736649, -112.62343935634, -6.9998248213628],
        [-93.506968736649, -111.12647394802, 0.04283493815869],
        [-93.506968736649, -109.62951044704, 7.0854985123774],
        [-93.506968736649, -108.13254599239, 14.128162086596],
        [-93.506968736649, -106.63558153774, 21.170823753466],
        [-93.506968736649, -105.13861803676, 28.213487327685],
        [-93.506968736649, -103.64165358211, 35.256150186648],
        [-93.506968736649, -102.14468912746, 42.298812807193],
        [-93.506968736649, -100.64772514965, 49.341475189318],
        [-93.506968736649, -99.150761171835, 56.384137809863],
        [-93.506968736649, -97.653796717184, 63.426801384082],
        [-93.506968736649, -96.15683273937, 70.469463050952],
        [-93.506968736649, -94.659868463533, 77.51212662517],
        [-93.506968736649, -93.162904306905, 84.554790199389],
        [-93.506968736649, -91.665940090673, 91.597453773608],
        [-93.506968736649, -90.168975874441, 98.640113533129],
        [-93.506968736649, -88.672011896627, 105.68278092205]
],
      "InstanceCreationTime": ["134023.929000", "134023.907000", "134023.931000", "134023.910000", "134023.933000", "134023.912000", "134023.935000", "134023.915000", "134023.937000", "134023.917000", "134023.939000", "134023.919000", "134023.941000", "134023.921000", "134023.943000", "134023.923000", "134023.944000", "134023.925000", "134023.946000", "134023.927000"],
      "InstanceNumber": [11, 1, 12, 2, 13, 3, 14, 4, 15, 5, 16, 6, 17, 7, 18, 8, 19, 9, 20, 10],
      "LargestImagePixelValue": [1464, 2011, 1965, 1117, 1186, 1952, 2017, 1245, 1599, 1633, 1346, 2019, 1917, 2024, 2081, 1995, 2120, 2129, 2173, 2100],
      "SliceLocation": [-51.862589866773, -44.662592511071, -37.462591820594, -30.262591130116, -23.062593774415, -15.862593083937, -8.6625921951786, -1.4625931720891, 5.7374075183889, 12.937407707521, 20.137407663445, 27.33740728702, 34.537407143804, 41.737408032562, 48.937406956511, 56.137407808092, 63.337408634887, 70.537409474075, 77.737406581926, 84.937411102881],
      "WindowCenter": [1050.0, 1063.0, 1101.0, 1036.0, 1061.0, 1106.0, 1127.0, 1084.0, 1086.0, 1118.0, 1104.0, 1120.0, 1106.0, 1090.0, 1100.0, 1078.0, 1114.0, 1160.0, 1223.0, 1259.0],
      "WindowWidth": [1728.0, 1846.0, 1862.0, 1606.0, 1637.0, 1833.0, 1799.0, 1660.0, 1662.0, 1800.0, 1725.0, 1891.0, 1829.0, 1858.0, 1914.0, 1888.0, 2034.0, 2142.0, 2314.0, 2471.0]
    }
  }
}