{
  "AcquisitionMatrixPE": 32,
  "AcquisitionNumber": 1,
  "AcquisitionTime": "16:01:28.737500",
  "BaseResolution": 32,
  "BodyPartExamined": "BRAIN",
  "ConsistencyInfo": "N4_VE11C_LATEST_20160120",
  "ConversionSoftware": "dcm2niix",
  "ConversionSoftwareVersion": "v1.0.20190902",
  "DeviceSerialNumber": "167006",
  "DwellTime": 3.18e-05,
  "EchoTime": 0.00184,
  "FlipAngle": 80,
  "ImageComments": "flip_angle_map",
  "ImageOrientationPatientDICOM": [1, 0, 0, 0, 0.999328, -0.0366437],
  "ImageType": [
    "ORIGINAL",
    "PRIMARY",
    "FLIP",
    "ANGLE",
    "MAP",
    "DIS2D"
],
  "ImagingFrequency": 123.26,
  "InPlanePhaseEncodingDirectionDICOM": "COL",
  "InstitutionAddress": "Chemin_Queen-Mary_4565_Montreal_District_CA_H3W_1W5",
  "InstitutionName": "IUGM",
  "InstitutionalDepartmentName": "Department",
  "MRAcquisitionType": "2D",
  "MagneticFieldStrength": 3,
  "Manufacturer": "Siemens",
  "ManufacturersModelName": "Prisma_fit",
  "Modality": "MR",
  "PartialFourier": 1,
  "PatientPosition": "HFS",
  "PercentPhaseFOV": 100,
  "PhaseEncodingDirection": "j-",
  "PhaseEncodingSteps": 32,
  "PhaseResolution": 1,
  "PixelBandwidth": 490,
  "ProcedureStepDescription": "hcptrt_generic",
  "ProtocolName": "tfl_b1map_6mm",
  "PulseSequenceDetails": "%SiemensSeq%_tfl_b1map",
  "ReceiveCoilActiveElements": "HC1-7;NC1",
  "ReceiveCoilName": "HeadNeck_64",
  "ReconMatrixPE": 32,
  "RepetitionTime": 10,
  "SAR": 0.00569726,
  "ScanningSequence": "GR",
  "SequenceName": "tfl2d1_512",
  "SequenceVariant": "SK_SP",
  "SeriesDescription": "tfl_b1map_6mm",
  "SeriesNumber": 22,
  "ShimSetting": [628, -7202, -8924, 559, 113, -89, -72, -33],
  "SliceThickness": 6,
  "SliceTiming": [5.04688, 0, 5.5625, 0.51562, 6.0625, 1.01562, 6.5625, 1.51562, 7.0625, 2.03125, 7.5625, 2.53125, 8.07812, 3.03125, 8.57812, 3.53125, 9.07812, 4.04688, 9.59375, 4.54688],
  "SoftwareVersions": "syngo_MR_E11",
  "SpacingBetweenSlices": 7.2,
  "StationName": "MRC35049",
  "TxRefAmp": 251.832,
  "dcmmeta_affine": [
    [-6.0, 0.0, 0.0, 97.90650177001953],
    [0.0, 5.995970249176025, -0.26383399963378906, -72.36363220214844],
    [0.0, 0.21986225247383118, 7.195163726806641, -49.18458938598633],
    [0.0, 0.0, 0.0, 1.0]
],
  "dcmmeta_reorient_transform": [
    [0.0, -1.0, 0.0, 31.0],
    [1.0, 0.0, 0.0, 0.0],
    [0.0, 0.0, -1.0, 19.0],
    [0.0, 0.0, 0.0, 1.0]
],
  "dcmmeta_shape": [32, 32, 20],
  "dcmmeta_slice_dim": 2,
  "dcmmeta_version": 0.6,
  "global": {
    "const": {
      "AcquisitionMatrix": [32, 0, 0, 32],
      "AcquisitionNumber": 1,
      "AngioFlag": "N",
      "BitsAllocated": 16,
      "BitsStored": 12,
      "BodyPartExamined": "BRAIN",
      "Columns": 32,
      "EchoNumbers": 1,
      "EchoTime": 1.84,
      "EchoTrainLength": 1,
      "FlipAngle": 80.0,
      "HighBit": 11,
      "ImageOrientationPatient": [1.0, 0.0, 0.0, 0.0, 0.99932839380289, -0.0366437080456],
      "ImageType": [
        "ORIGINAL",
        "PRIMARY",
        "FLIP ANGLE MAP",
        "DIS2D"
],
      "ImagedNucleus": "1H",
      "ImagingFrequency": 123.259551,
      "InPlanePhaseEncodingDirection": "COL",
      "MRAcquisitionType": "2D",
      "MagneticFieldStrength": 3.0,
      "Manufacturer": "SIEMENS",
      "ManufacturerModelName": "Prisma_fit",
      "Modality": "MR",
      "NumberOfAverages": 1.0,
      "NumberOfPhaseEncodingSteps": 32,
      "PercentPhaseFieldOfView": 100.0,
      "PercentSampling": 100.0,
      "PerformedProcedureStepStartTime": "151607.263000",
      "PhotometricInterpretation": "MONOCHROME2",
      "PixelBandwidth": 490.0,
      "PixelRepresentation": 0,
      "PixelSpacing": [6.0, 6.0],
      "ProtocolName": "tfl_b1map_6mm",
      "RepetitionTime": 10000.0,
      "Rows": 32,
      "SAR": 0.00569725497724,
      "SamplesPerPixel": 1,
      "ScanningSequence": "GR",
      "SequenceName": "tfl2d1_512",
      "SequenceVariant": [
        "SK",
        "SP"
],
      "SeriesDescription": "tfl_b1map_6mm",
      "SeriesNumber": 22,
      "SeriesTime": "160134.176000",
      "SliceThickness": 6.0,
      "SmallestImagePixelValue": 0,
      "SoftwareVersions": "syngo MR E11",
      "SpacingBetweenSlices": 7.2,
      "SpecificCharacterSet": "ISO_IR 100",
      "StudyID": "1",
      "StudyTime": "151607.177000",
      "TransmitCoilName": "Body",
      "VariableFlipAngleFlag": "N",
      "WindowCenterWidthExplanation": "Algo1",
      "dBdt": 0.0},
    "slices": {
      "AcquisitionTime": ["160128.737500", "160123.695000", "160129.242500", "160124.200000", "160129.745000", "160124.705000", "160130.250000", "160125.207500", "160130.755000", "160125.712500", "160131.257500", "160126.217500", "160131.762500", "160126.720000", "160132.267500", "160127.225000", "160132.770000", "160127.730000", "160133.275000", "160128.232500"],
      "ContentTime": ["160134.205000", "160134.178000", "160134.207000", "160134.180000", "160134.209000", "160134.188000", "160134.211000", "160134.190000", "160134.214000", "160134.193000", "160134.217000", "160134.195000", "160134.219000", "160134.197000", "160134.222000", "160134.199000", "160134.224000", "160134.201000", "160134.226000", "160134.203000"],
      "CsaImage.ICE_Dims": [
        "X_1_1_2_1_1_1_11_1_1_1_1_992",
        "X_1_1_2_1_1_1_1_1_1_2_1_992",
        "X_1_1_2_1_1_1_12_1_1_3_1_992",
        "X_1_1_2_1_1_1_2_1_1_4_1_992",
        "X_1_1_2_1_1_1_13_1_1_5_1_992",
        "X_1_1_2_1_1_1_3_1_1_6_1_992",
        "X_1_1_2_1_1_1_14_1_1_7_1_992",
        "X_1_1_2_1_1_1_4_1_1_8_1_992",
        "X_1_1_2_1_1_1_15_1_1_9_1_992",
        "X_1_1_2_1_1_1_5_1_1_10_1_992",
        "X_1_1_2_1_1_1_16_1_1_11_1_992",
        "X_1_1_2_1_1_1_6_1_1_12_1_992",
        "X_1_1_2_1_1_1_17_1_1_13_1_992",
        "X_1_1_2_1_1_1_7_1_1_14_1_992",
        "X_1_1_2_1_1_1_18_1_1_15_1_992",
        "X_1_1_2_1_1_1_8_1_1_16_1_992",
        "X_1_1_2_1_1_1_19_1_1_17_1_992",
        "X_1_1_2_1_1_1_9_1_1_18_1_992",
        "X_1_1_2_1_1_1_20_1_1_19_1_992",
        "X_1_1_2_1_1_1_10_1_1_20_1_992"
],
      "CsaImage.ProtocolSliceNumber": [0, 1, 2, 3, 4, 5, 6, 7, 8, 9, 10, 11, 12, 13, 14, 15, 16, 17, 18, 19],
      "CsaImage.SliceMeasurementDuration": [127.5, 130.0, 127.5, 127.5, 130.0, 127.5, 127.5, 130.0, 127.5, 127.5, 130.0, 127.5, 127.5, 130.0, 127.5, 127.5, 130.0, 127.5, 127.5, 130.0],
      "CsaImage.SlicePosition_PCS": [
        [-97.90650237, -113.51146498, -64.36886937],
        [-97.90650237, -113.24762908, -57.17370565],
        [-97.90650237, -112.98379508, -49.97854192],
        [-97.90650237, -112.71996108, -42.78337819],
        [-97.90650237, -112.45612517, -35.58821065],
        [-97.90650237, -112.19229117, -28.39304883],
        [-97.90650237, -111.92845622, -21.1978832],
        [-97.90650237, -111.66462222, -14.00271947],
        [-97.90650237, -111.40078726, -6.80755479],
        [-97.90650237, -111.13695231, 0.38760965],
        [-97.90650237, -110.87311736, 7.5827741],
        [-97.90650237, -110.60928336, 14.7779383],
        [-97.90650237, -110.3454484, 21.97310298],
        [-97.90650237, -110.08161345, 29.16826671],
        [-97.90650237, -109.8177785, 36.36343043],
        [-97.90650237, -109.5539445, 43.55859797],
        [-97.90650237, -109.29010955, 50.7537617],
        [-97.90650237, -109.02627459, 57.94892543],
        [-97.90650237, -108.76243964, 65.14408915],
        [-97.90650237, -108.49860564, 72.33925288]
],
      "CsaImage.TimeAfterStart": [15.125, 10.0825, 15.63, 10.5875, 16.1325, 11.0925, 16.6375, 11.595, 17.1425, 12.1, 17.645, 12.605, 18.15, 13.1075, 18.655, 13.6125, 19.1575, 14.1175, 19.6625, 14.62],
      "ImagePositionPatient": [
        [-97.906502366066, -113.51146498354, -42.368869371865],
        [-97.906502366066, -113.24762907656, -35.173705645059],
        [-97.906502366066, -112.98379507693, -27.978541918252],
        [-97.906502366066, -112.71996107729, -20.783378191445],
        [-97.906502366066, -112.45612517031, -13.588210649942],
        [-97.906502366066, -112.19229117068, -6.3930488304835],
        [-97.906502366066, -111.92845621737, 0.80211680367172],
        [-97.906502366066, -111.66462221774, 7.9972805304784],
        [-97.906502366066, -111.40078726443, 15.192445210959],
        [-97.906502366066, -111.13695231112, 22.387609653022],
        [-97.906502366066, -110.87311735781, 29.582774095084],
        [-97.906502366066, -110.60928335818, 36.777938298728],
        [-97.906502366066, -110.34544840487, 43.973102979209],
        [-97.906502366066, -110.08161345156, 51.168266706015],
        [-97.906502366066, -109.81777849825, 58.363430432822],
        [-97.906502366066, -109.55394449862, 65.558597974326],
        [-97.906502366066, -109.29010954531, 72.753761701133],
        [-97.906502366066, -109.026274592, 79.948925427939],
        [-97.906502366066, -108.7624396387, 87.144089154746],
        [-97.906502366066, -108.49860563906, 94.339252881553]
],
      "InstanceCreationTime": ["160134.205000", "160134.178000", "160134.207000", "160134.180000", "160134.209000", "160134.188000", "160134.211000", "160134.190000", "160134.214000", "160134.193000", "160134.217000", "160134.195000", "160134.219000", "160134.197000", "160134.222000", "160134.199000", "160134.224000", "160134.201000", "160134.226000", "160134.203000"],
      "InstanceNumber": [11, 1, 12, 2, 13, 3, 14, 4, 15, 5, 16, 6, 17, 7, 18, 8, 19, 9, 20, 10],
      "LargestImagePixelValue": [963, 1021, 1964, 1340, 1809, 1261, 1219, 1149, 1017, 972, 1000, 1156, 1217, 2135, 2111, 2105, 2110, 2028, 2246, 2073],
      "SliceLocation": [-46.499895159311, -39.299895823105, -32.099896556791, -24.899897290478, -17.699894142136, -10.49989678189, -3.299895574563, 3.9001036917506, 11.100103946044, 18.300103962079, 25.500103978114, 32.700103720945, 39.900103975239, 47.100103276498, 54.300102577758, 61.500105656207, 68.700104957467, 75.900104258726, 83.100103559986, 90.3001028263],
      "WindowCenter": [999.0, 1007.0, 1073.0, 1023.0, 1082.0, 1063.0, 1077.0, 1081.0, 1086.0, 1056.0, 1076.0, 1061.0, 1052.0, 1090.0, 1096.0, 1088.0, 1063.0, 1068.0, 1118.0, 1210.0],
      "WindowWidth": [1559.0, 1570.0, 1790.0, 1594.0, 1752.0, 1637.0, 1652.0, 1656.0, 1661.0, 1631.0, 1648.0, 1628.0, 1615.0, 1809.0, 1896.0, 1920.0, 1906.0, 1959.0, 2090.0, 2291.0]
    }
  }
}