{
  "AcquisitionMatrixPE": 320,
  "AcquisitionNumber": 1,
  "AcquisitionTime": "16:40:47.022500",
  "BaseResolution": 320,
  "BodyPartExamined": "CSPINE",
  "CoilString": "HC3-7;NC1_2",
  "ConsistencyInfo": "N4_VE11C_LATEST_20160120",
  "ConversionSoftware": "dcm2niix",
  "ConversionSoftwareVersion": "v1.0.20190902",
  "DeviceSerialNumber": "167006",
  "DwellTime": 2.5e-06,
  "EchoTime": 0.12,
  "EchoTrainLength": 76,
  "FlipAngle": 120,
  "ImageOrientationPatientDICOM": [0, 1, 4.897e-12, 0, 4.897e-12, -1],
  "ImageType": [
    "ORIGINAL",
    "PRIMARY",
    "M",
    "NORM",
    "DIS3D",
    "DIS2D"
],
  "ImagingFrequency": 123.259,
  "InPlanePhaseEncodingDirectionDICOM": "COL",
  "InstitutionAddress": "Chemin_Queen-Mary_4565_Montreal_District_CA_H3W_1W5",
  "InstitutionName": "IUGM",
  "InstitutionalDepartmentName": "Department",
  "MRAcquisitionType": "3D",
  "MagneticFieldStrength": 3,
  "Manufacturer": "Siemens",
  "ManufacturersModelName": "Prisma_fit",
  "Modality": "MR",
  "NumberOfAverages": 2,
  "ParallelReductionFactorInPlane": 3,
  "PartialFourier": 1,
  "PatientPosition": "HFS",
  "PercentPhaseFOV": 100,
  "PhaseEncodingSteps": 422,
  "PhaseOversampling": 0.8,
  "PhaseResolution": 1,
  "PixelBandwidth": 625,
  "ProcedureStepDescription": "anat_generic",
  "ProtocolName": "T2w",
  "PulseSequenceDetails": "%SiemensSeq%_tse_vfl",
  "ReceiveCoilActiveElements": "HC3-7;NC1,2",
  "ReceiveCoilName": "HeadNeck_64",
  "ReconMatrixPE": 320,
  "RefLinesPE": 32,
  "RepetitionTime": 1.5,
  "SAR": 0.642518,
  "ScanOptions": "PFP",
  "ScanningSequence": "SE",
  "SequenceName": "_spcR_100",
  "SequenceVariant": "SK_SP_OSP",
  "SeriesDescription": "T2w",
  "SeriesNumber": 31,
  "ShimSetting": [620, -7194, -9127, 77, 28, -20, -10, -23],
  "SliceThickness": 0.8,
  "SoftwareVersions": "syngo_MR_E11",
  "StationName": "MRC35049",
  "TxRefAmp": 306.766,
  "dcmmeta_affine": [
    [0.800000011920929, 0.0, 0.0, -27.87919044494629],
    [0.0, 0.800000011920929, 3.9176001852270215e-12, -138.91146850585938],
    [0.0, -3.9176001852270215e-12, 0.800000011920929, -229.88330078125],
    [0.0, 0.0, 0.0, 1.0]
],
  "dcmmeta_reorient_transform": [
    [0.0, 0.0, -1.0, 319.0],
    [0.0, -1.0, 0.0, 319.0],
    [-1.0, 0.0, 0.0, 63.0],
    [0.0, 0.0, 0.0, 1.0]
],
  "dcmmeta_shape": [64, 320, 320],
  "dcmmeta_slice_dim": 0,
  "dcmmeta_version": 0.6,
  "global": {
    "const": {
      "AcquisitionMatrix": [320, 0, 0, 320],
      "AcquisitionNumber": 1,
      "AcquisitionTime": "164047.022500",
      "AngioFlag": "N",
      "BitsAllocated": 16,
      "BitsStored": 12,
      "BodyPartExamined": "CSPINE",
      "Columns": 320,
      "EchoNumbers": 1,
      "EchoTime": 120.0,
      "EchoTrainLength": 76,
      "FlipAngle": 120.0,
      "HighBit": 11,
      "ImageOrientationPatient": [0.0, 1.0, 4.897e-12, 0.0, 4.897e-12, -1.0],
      "ImageType": [
        "ORIGINAL",
        "PRIMARY",
        "M",
        "NORM",
        "DIS3D",
        "DIS2D"
],
      "ImagedNucleus": "1H",
      "ImagingFrequency": 123.259384,
      "InPlanePhaseEncodingDirection": "COL",
      "LargestImagePixelValue": 4095,
      "MRAcquisitionType": "3D",
      "MagneticFieldStrength": 3.0,
      "Manufacturer": "SIEMENS",
      "ManufacturerModelName": "Prisma_fit",
      "Modality": "MR",
      "NumberOfAverages": 2.0,
      "NumberOfPhaseEncodingSteps": 422,
      "PercentPhaseFieldOfView": 100.0,
      "PercentSampling": 100.0,
      "PerformedProcedureStepStartTime": "153815.501000",
      "PhotometricInterpretation": "MONOCHROME2",
      "PixelBandwidth": 625.0,
      "PixelRepresentation": 0,
      "PixelSpacing": [0.80000001192093, 0.80000001192093],
      "ProtocolName": "T2w",
      "RepetitionTime": 1500.0,
      "Rows": 320,
      "SAR": 0.642517631145,
      "SamplesPerPixel": 1,
      "ScanOptions": "PFP",
      "ScanningSequence": "SE",
      "SequenceName": "*spcR_100",
      "SequenceVariant": [
        "SK",
        "SP",
        "OSP"
],
      "SeriesDescription": "T2w",
      "SeriesNumber": 31,
      "SeriesTime": "164456.353000",
      "SliceThickness": 0.80000001192093,
      "SmallestImagePixelValue": 0,
      "SoftwareVersions": "syngo MR E11",
      "SpecificCharacterSet": "ISO_IR 100",
      "StudyID": "1",
      "StudyTime": "153815.425000",
      "TransmitCoilName": "Body",
      "VariableFlipAngleFlag": "N",
      "WindowCenterWidthExplanation": "Algo1",
      "dBdt": 0.0},
