{
  "AcquisitionMatrixPE": 448,
  "AcquisitionNumber": 1,
  "AcquisitionTime": "16:54:46.340000",
  "BaseResolution": 448,
  "BodyPartExamined": "CSPINE",
  "CoilString": "HC7;NC1_2",
  "ConsistencyInfo": "N4_VE11C_LATEST_20160120",
  "ConversionSoftware": "dcm2niix",
  "ConversionSoftwareVersion": "v1.0.20190902",
  "DeviceSerialNumber": "167006",
  "DwellTime": 4.3e-06,
  "EchoTime": 0.014,
  "EchoTrainLength": 3,
  "FlipAngle": 30,
  "ImageOrientationPatientDICOM": [1, 0, 0, 0, 0.982287, 0.187381],
  "ImageType": [
    "ORIGINAL",
    "PRIMARY",
    "M",
    "NORM",
    "DIS2D"
],
  "ImagingFrequency": 123.259,
  "InPlanePhaseEncodingDirectionDICOM": "COL",
  "InstitutionAddress": "Chemin_Queen-Mary_4565_Montreal_District_CA_H3W_1W5",
  "InstitutionName": "IUGM",
  "InstitutionalDepartmentName": "Department",
  "MRAcquisitionType": "2D",
  "MagneticFieldStrength": 3,
  "Manufacturer": "Siemens",
  "ManufacturersModelName": "Prisma_fit",
  "Modality": "MR",
  "NumberOfAverages": 2,
  "ParallelReductionFactorInPlane": 2,
  "PartialFourier": 1,
  "PatientPosition": "HFS",
  "PercentPhaseFOV": 100,
  "PhaseEncodingDirection": "j-",
  "PhaseEncodingSteps": 447,
  "PhaseResolution": 1,
  "PixelBandwidth": 260,
  "ProcedureStepDescription": "anat_generic",
  "ProtocolName": "GRE-ME",
  "PulseSequenceDetails": "%SiemensSeq%_medic",
  "ReceiveCoilActiveElements": "HC7;NC1,2",
  "ReceiveCoilName": "HeadNeck_64",
  "ReconMatrixPE": 448,
  "RefLinesPE": 24,
  "RepetitionTime": 0.6,
  "SAR": 0.273085,
  "ScanOptions": "SAT1",
  "ScanningSequence": "GR",
  "SequenceName": "_me2d1r3",
  "SequenceVariant": "SP",
  "SeriesDescription": "GRE-ME",
  "SeriesNumber": 36,
  "ShimSetting": [562, -7362, -9057, -1558, -322, 1239, 298, -10],
  "SliceThickness": 5,
  "SliceTiming": [0, 0.3125, 0.03125, 0.35938, 0.07812, 0.39062, 0.125, 0.4375, 0.15625, 0.48438, 0.20312, 0.51562, 0.23438, 0.5625, 0.28125],
  "SoftwareVersions": "syngo_MR_E11",
  "SpacingBetweenSlices": 5,
  "StationName": "MRC35049",
  "TxRefAmp": 306.766,
  "dcmmeta_affine": [
    [-0.5, 0.0, 0.0, 105.8730239868164],
    [0.0, 0.4911436140537262, 0.9369058609008789, -131.16796875],
    [0.0, -0.0936906561255455, 4.911434173583984, -114.56339263916016],
    [0.0, 0.0, 0.0, 1.0]
],
  "dcmmeta_reorient_transform": [
    [0.0, -1.0, 0.0, 447.0],
    [1.0, 0.0, 0.0, 0.0],
    [0.0, 0.0, -1.0, 14.0],
    [0.0, 0.0, 0.0, 1.0]
],
  "dcmmeta_shape": [448, 448, 15],
  "dcmmeta_slice_dim": 2,
  "dcmmeta_version": 0.6,
  "global": {
    "const": {
      "AcquisitionMatrix": [448, 0, 0, 448],
      "AcquisitionNumber": 1,
      "AngioFlag": "N",
      "BitsAllocated": 16,
      "BitsStored": 12,
      "BodyPartExamined": "CSPINE",
      "Columns": 448,
      "EchoNumbers": 1,
      "EchoTime": 14.0,
      "EchoTrainLength": 3,
      "FlipAngle": 30.0,
      "HighBit": 11,
      "ImageOrientationPatient": [1.0, 0.0, 0.0, 0.0, 0.98228725047307, 0.18738131592571],
      "ImageType": [
        "ORIGINAL",
        "PRIMARY",
        "M",
        "NORM",
        "DIS2D"
],
      "ImagedNucleus": "1H",
      "ImagingFrequency": 123.259204,
      "InPlanePhaseEncodingDirection": "COL",
      "MRAcquisitionType": "2D",
      "MagneticFieldStrength": 3.0,
      "Manufacturer": "SIEMENS",
      "ManufacturerModelName": "Prisma_fit",
      "Modality": "MR",
      "NumberOfAverages": 2.0,
      "NumberOfPhaseEncodingSteps": 447,
      "PercentPhaseFieldOfView": 100.0,
      "PercentSampling": 100.0,
      "PerformedProcedureStepStartTime": "153815.501000",
      "PhotometricInterpretation": "MONOCHROME2",
      "PixelBandwidth": 260.0,
      "PixelRepresentation": 0,
      "PixelSpacing": [0.5, 0.5],
      "ProtocolName": "GRE-ME",
      "RepetitionTime": 600.0,
      "Rows": 448,
      "SAR": 0.27308495577788,
      "SamplesPerPixel": 1,
      "ScanOptions": "SAT1",
      "ScanningSequence": "GR",
      "SequenceName": "*me2d1r3",
      "SequenceVariant": "SP",
      "SeriesDescription": "GRE-ME",
      "SeriesNumber": 36,
      "SeriesTime": "165932.471000",
      "SliceThickness": 5.0,
      "SmallestImagePixelValue": 0,
      "SoftwareVersions": "syngo MR E11",
      "SpacingBetweenSlices": 5.0,
      "SpecificCharacterSet": "ISO_IR 100",
      "StudyID": "1",
      "StudyTime": "153815.425000",
      "TransmitCoilName": "Body",
      "VariableFlipAngleFlag": "N",
      "WindowCenterWidthExplanation": "Algo1",
      "dBdt": 0.0},
    "slices": {
      "AcquisitionTime": ["165446.060000", "165446.380000", "165446.100000", "165446.420000", "165446.140000", "165446.460000", "165446.180000", "165446.500000", "165446.220000", "165446.540000", "165446.260000", "165446.580000", "165446.300000", "165446.620000", "165446.340000"],
      "ContentTime": ["165932.474000", "165932.497000", "165932.477000", "165932.502000", "165932.485000", "165932.504000", "165932.487000", "165932.506000", "165932.489000", "165932.508000", "165932.491000", "165932.510000", "165932.493000", "165932.512000", "165932.495000"],
      "CsaImage.ICE_Dims": [
        "X_1_1_1_1_1_1_1_1_1_15_1_208",
        "X_1_1_1_1_1_1_9_1_1_14_1_208",
        "X_1_1_1_1_1_1_2_1_1_13_1_208",
        "X_1_1_1_1_1_1_10_1_1_12_1_208",
        "X_1_1_1_1_1_1_3_1_1_11_1_208",
        "X_1_1_1_1_1_1_11_1_1_10_1_208",
        "X_1_1_1_1_1_1_4_1_1_9_1_208",
        "X_1_1_1_1_1_1_12_1_1_8_1_208",
        "X_1_1_1_1_1_1_5_1_1_7_1_208",
        "X_1_1_1_1_1_1_13_1_1_6_1_208",
        "X_1_1_1_1_1_1_6_1_1_5_1_208",
        "X_1_1_1_1_1_1_14_1_1_4_1_208",
        "X_1_1_1_1_1_1_7_1_1_3_1_208",
        "X_1_1_1_1_1_1_15_1_1_2_1_208",
        "X_1_1_1_1_1_1_8_1_1_1_1_208"
],
      "CsaImage.ProtocolSliceNumber": [0, 1, 2, 3, 4, 5, 6, 7, 8, 9, 10, 11, 12, 13, 14],
      "CsaImage.SlicePosition_PCS": [
        [-105.87302113, -88.37321818, -55.44314354],
        [-105.87302113, -89.31012499, -50.53170937],
        [-105.87302113, -90.24703181, -45.62027138],
        [-105.87302113, -91.18393862, -40.7088353],
        [-105.87302113, -92.12084353, -35.79740017],
        [-105.87302113, -93.05775035, -30.88596314],
        [-105.87302113, -93.99465716, -25.97452706],
        [-105.87302113, -94.93156397, -21.063091],
        [-105.87302113, -95.86847079, -16.15165489],
        [-105.87302113, -96.8053776, -11.24021881],
        [-105.87302113, -97.74228347, -6.32878178],
        [-105.87302113, -98.67919028, -1.41734665],
        [-105.87302113, -99.61609709, 3.49408943],
        [-105.87302113, -100.55300391, 8.40552742],
        [-105.87302113, -101.48990977, 13.31696159]
],
      "ImagePositionPatient": [
        [-105.87302112579, -88.373218180303, -156.44314354091],
        [-105.87302112579, -89.310124994878, -151.53170936732],
        [-105.87302112579, -90.247031809454, -146.62027137904],
        [-105.87302112579, -91.183938624029, -141.70883529811],
        [-105.87302112579, -92.120843531255, -136.79740017085],
        [-105.87302112579, -93.057750345831, -131.88596313624],
        [-105.87302112579, -93.994657160406, -126.97452705531],
        [-105.87302112579, -94.931563974981, -122.06309099673],
        [-105.87302112579, -95.868470789556, -117.15165489345],
        [-105.87302112579, -96.805377604131, -112.24021881251],
        [-105.87302112579, -97.742283465032, -107.32878177791],
        [-105.87302112579, -98.679190279607, -102.41734665065],
        [-105.87302112579, -99.616097094183, -97.505910569715],
        [-105.87302112579, -100.55300390876, -92.594472581433],
        [-105.87302112579, -101.48990976966, -87.683038407849]
],
      "InstanceCreationTime": ["165932.474000", "165932.497000", "165932.477000", "165932.502000", "165932.485000", "165932.504000", "165932.487000", "165932.506000", "165932.489000", "165932.508000", "165932.491000", "165932.510000", "165932.493000", "165932.512000", "165932.495000"],
      "InstanceNumber": [15, 14, 13, 12, 11, 10, 9, 8, 7, 6, 5, 4, 3, 2, 1],
      "LargestImagePixelValue": [1118, 1105, 1140, 1564, 1731, 1759, 1715, 1624, 1502, 1410, 1314, 1292, 1271, 1279, 1729],
      "SliceLocation": [-137.11261540895, -132.11261740688, -127.11261565769, -122.11261578206, -117.11261720062, -112.11261638821, -107.11261651258, -102.1126166589, -97.11261676132, -92.112616885692, -87.112616251982, -82.112617313135, -77.112617437507, -72.112615688314, -67.112617864951],
      "WindowCenter": [448.0, 442.0, 452.0, 470.0, 501.0, 498.0, 505.0, 518.0, 518.0, 508.0, 497.0, 491.0, 492.0, 501.0, 518.0],
      "WindowWidth": [949.0, 936.0, 954.0, 992.0, 1057.0, 1047.0, 1062.0, 1090.0, 1091.0, 1070.0, 1050.0, 1036.0, 1041.0, 1058.0, 1103.0]
    }
  }
}