{
  "AcquisitionMatrixPE": 32,
  "AcquisitionNumber": 1,
  "AcquisitionTime": "18:49:40.210000",
  "BaseResolution": 32,
  "BodyPartExamined": "BRAIN",
  "CoilCombinationMethod": "Sum of Squares",
  "ConsistencyInfo": "N4_VE11C_LATEST_20160120",
  "ConversionSoftware": "dcm2niix",
  "ConversionSoftwareVersion": "v1.0.20211006",
  "DeviceSerialNumber": "167006",
  "DwellTime": 3.18e-05,
  "EchoTime": 0.00184,
  "FlipAngle": 8,
  "HeudiconvVersion": "0.5.3.post569+g418601f",
  "ImageComments": "anatomical image",
  "ImageOrientationPatientDICOM": [1, 0, 0, 0, 0.952129, -0.305695],
  "ImageOrientationText": "Tra>Cor(-17.8)",
  "ImageType": [
    "ORIGINAL",
    "PRIMARY",
    "M",
    "DIS2D"
],
  "ImagingFrequency": 123.259,
  "InPlanePhaseEncodingDirectionDICOM": "COL",
  "InstitutionAddress": "Chemin Queen-Mary 4565,Montreal,District,CA,H3W 1W5",
  "InstitutionName": "IUGM",
  "InstitutionalDepartmentName": "Department",
  "MRAcquisitionType": "2D",
  "MagneticFieldStrength": 3,
  "Manufacturer": "Siemens",
  "ManufacturersModelName": "Prisma_fit",
  "MatrixCoilMode": "SENSE",
  "Modality": "MR",
  "PartialFourier": 1,
  "PatientPosition": "HFS",
  "PercentPhaseFOV": 100,
  "PercentSampling": 100,
  "PhaseEncodingDirection": "j-",
  "PhaseEncodingSteps": 32,
  "PhaseResolution": 1,
  "PixelBandwidth": 490,
  "ProcedureStepDescription": "anat^generic",
  "ProtocolName": "tfl_b1map_6mm",
  "PulseSequenceDetails": "%SiemensSeq%\\tfl_b1map",
  "ReceiveCoilActiveElements": "HC1-7;NC1",
  "ReceiveCoilName": "HeadNeck_64",
  "ReconMatrixPE": 32,
  "RepetitionTime": 10,
  "SAR": 0.0051681,
  "ScanningSequence": "GR",
  "SequenceName": "tfl2d1_512",
  "SequenceVariant": "SK\\SP",
  "SeriesDescription": "tfl_b1map_6mm",
  "SeriesNumber": 20,
  "ShimSetting": [610, -7235, -8905, 346, 10, -353, -46, 1],
  "SliceThickness": 6,
  "SliceTiming": [5.03125, 0, 5.54688, 0.5, 6.04688, 1, 6.54688, 1.51562, 7.0625, 2.01562, 7.5625, 2.51562, 8.0625, 3.01562, 8.5625, 3.53125, 9.07812, 4.03125, 9.57812, 4.53125],
  "SoftwareVersions": "syngo MR E11",
  "SpacingBetweenSlices": 7.2,
  "SpoilingState": true,
  "StationName": "MRC35049",
  "TxRefAmp": 237.034,
  "dcmmeta_affine": [
    [-6.0, 0.0, 0.0, 95.49686431884766],
    [0.0, 5.712776184082031, -2.2010059356689453, -52.12221908569336],
    [0.0, 1.8341717720031738, 6.855335235595703, -73.18294525146484],
    [0.0, 0.0, 0.0, 1.0]
],
  "dcmmeta_reorient_transform": [
    [0.0, -1.0, 0.0, 31.0],
    [1.0, 0.0, 0.0, 0.0],
    [0.0, 0.0, -1.0, 19.0],
    [0.0, 0.0, 0.0, 1.0]
],
  "dcmmeta_shape": [32, 32, 20],
  "dcmmeta_slice_dim": 2,
  "dcmmeta_version": 0.6,
  "global": {
    "const": {
      "AcquisitionMatrix": [32, 0, 0, 32],
      "AcquisitionNumber": 1,
      "AngioFlag": "N",
      "BitsAllocated": 16,
      "BitsStored": 12,
      "BodyPartExamined": "BRAIN",
      "Columns": 32,
      "EchoNumbers": 1,
      "EchoTime": 1.84,
      "EchoTrainLength": 1,
      "FlipAngle": 8.0,
      "HighBit": 11,
      "ImageOrientationPatient": [1.0, 0.0, 0.0, 0.0, 0.95212939539477, -0.3056952967011],
      "ImageType": [
        "ORIGINAL",
        "PRIMARY",
        "M",
        "DIS2D"
],
      "ImagedNucleus": "1H",
      "ImagingFrequency": 123.25895,
      "InPlanePhaseEncodingDirection": "COL",
      "MRAcquisitionType": "2D",
      "MagneticFieldStrength": 3.0,
      "Manufacturer": "SIEMENS",
      "ManufacturerModelName": "Prisma_fit",
      "Modality": "MR",
      "NumberOfAverages": 1.0,
      "NumberOfPhaseEncodingSteps": 32,
      "PercentPhaseFieldOfView": 100.0,
      "PercentSampling": 100.0,
      "PerformedProcedureStepStartTime": "180719.600000",
      "PhotometricInterpretation": "MONOCHROME2",
      "PixelBandwidth": 490.0,
      "PixelRepresentation": 0,
      "PixelSpacing": [6.0, 6.0],
      "ProtocolName": "tfl_b1map_6mm",
      "RepetitionTime": 10000.0,
      "Rows": 32,
      "SAR": 0.00516809684743,
      "SamplesPerPixel": 1,
      "ScanningSequence": "GR",
      "SequenceName": "tfl2d1_512",
      "SequenceVariant": [
        "SK",
        "SP"
],
      "SeriesDescription": "tfl_b1map_6mm",
      "SeriesNumber": 20,
      "SeriesTime": "184956.015000",
      "SliceThickness": 6.0,
      "SmallestImagePixelValue": 0,
      "SoftwareVersions": "syngo MR E11",
      "SpacingBetweenSlices": 7.2,
      "SpecificCharacterSet": "ISO_IR 100",
      "StudyID": "1",
      "StudyTime": "180719.528000",
      "TransmitCoilName": "Body",
      "VariableFlipAngleFlag": "N",
      "WindowCenterWidthExplanation": "Algo1",
      "dBdt": 0.0},
    "slices": {
      "AcquisitionTime": ["184940.210000", "184935.170000", "184940.715000", "184935.672500", "184941.220000", "184936.177500", "184941.722500", "184936.682500", "184942.227500", "184937.185000", "184942.732500", "184937.690000", "184943.237500", "184938.195000", "184943.740000", "184938.697500", "184944.245000", "184939.202500", "184944.750000", "184939.707500"],
      "ContentTime": ["184956.045000", "184956.018000", "184956.050000", "184956.020000", "184956.053000", "184956.022000", "184956.062000", "184956.024000", "184956.065000", "184956.026000", "184956.068000", "184956.027000", "184956.069000", "184956.029000", "184956.074000", "184956.031000", "184956.076000", "184956.033000", "184956.078000", "184956.035000"],
      "CsaImage.ICE_Dims": [
        "X_1_1_1_1_1_1_11_1_1_1_1_338",
        "X_1_1_1_1_1_1_1_1_1_2_1_338",
        "X_1_1_1_1_1_1_12_1_1_3_1_338",
        "X_1_1_1_1_1_1_2_1_1_4_1_338",
        "X_1_1_1_1_1_1_13_1_1_5_1_338",
        "X_1_1_1_1_1_1_3_1_1_6_1_338",
        "X_1_1_1_1_1_1_14_1_1_7_1_338",
        "X_1_1_1_1_1_1_4_1_1_8_1_338",
        "X_1_1_1_1_1_1_15_1_1_9_1_338",
        "X_1_1_1_1_1_1_5_1_1_10_1_338",
        "X_1_1_1_1_1_1_16_1_1_11_1_338",
        "X_1_1_1_1_1_1_6_1_1_12_1_338",
        "X_1_1_1_1_1_1_17_1_1_13_1_338",
        "X_1_1_1_1_1_1_7_1_1_14_1_338",
        "X_1_1_1_1_1_1_18_1_1_15_1_338",
        "X_1_1_1_1_1_1_8_1_1_16_1_338",
        "X_1_1_1_1_1_1_19_1_1_17_1_338",
        "X_1_1_1_1_1_1_9_1_1_18_1_338",
        "X_1_1_1_1_1_1_20_1_1_19_1_338",
        "X_1_1_1_1_1_1_10_1_1_20_1_338"
],
      "CsaImage.ProtocolSliceNumber": [0, 1, 2, 3, 4, 5, 6, 7, 8, 9, 10, 11, 12, 13, 14, 15, 16, 17, 18, 19],
      "CsaImage.SliceMeasurementDuration": [130.0, 127.5, 127.5, 130.0, 127.5, 127.5, 130.0, 127.5, 130.0, 130.0, 127.5, 127.5, 127.5, 127.5, 130.0, 130.0, 127.5, 127.5, 127.5, 127.5],
      "CsaImage.SlicePosition_PCS": [
        [-95.49686384, -124.97385326, -35.32355486],
        [-95.49686384, -122.77284542, -28.46822344],
        [-95.49686384, -120.57183948, -21.61289202],
        [-95.49686384, -118.37083355, -14.7575606],
        [-95.49686384, -116.16982761, -7.90222918],
        [-95.49686384, -113.96881977, -1.04689585],
        [-95.49686384, -111.76781383, 5.80843557],
        [-95.49686384, -109.5668079, 12.66376699],
        [-95.49686384, -107.36580196, 19.51909841],
        [-95.49686384, -105.16479603, 26.37443055],
        [-95.49686384, -102.96378914, 33.22976221],
        [-95.49686384, -100.7627832, 40.08509363],
        [-95.49686384, -98.56177727, 46.940426],
        [-95.49686384, -96.36077085, 53.79575742],
        [-95.49686384, -94.15976468, 60.65108885],
        [-95.49686384, -91.95875857, 67.50642027],
        [-95.49686384, -89.75775233, 74.36175169],
        [-95.49686384, -87.55674616, 81.21708311],
        [-95.49686384, -85.35573975, 88.07241453],
        [-95.49686384, -83.15473381, 94.92774977]
],
      "CsaImage.TimeAfterStart": [5.04, 0.0, 5.545, 0.5025, 6.05, 1.0075, 6.5525, 1.5125, 7.0575, 2.015, 7.5625, 2.52, 8.0675, 3.025, 8.57, 3.5275, 9.075, 4.0325, 9.58, 4.5375],
      "ImagePositionPatient": [
        [-95.49686384201, -124.97385326283, -16.323554861419],
        [-95.49686384201, -122.77284541981, -9.4682234405206],
        [-95.49686384201, -120.57183948414, -2.6128920196222],
        [-95.49686384201, -118.37083354847, 4.2424394012763],
        [-95.49686384201, -116.16982761281, 11.097770822175],
        [-95.49686384201, -113.96881976979, 17.953104150422],
        [-95.49686384201, -111.76781383412, 24.80843557132],
        [-95.49686384201, -109.56680789845, 31.663766992219],
        [-95.49686384201, -107.36580196278, 38.519098413117],
        [-95.49686384201, -105.16479602711, 45.374430549271],
        [-95.49686384201, -102.96378913777, 52.229762208588],
        [-95.49686384201, -100.7627832021, 59.085093629487],
        [-95.49686384201, -98.561777266431, 65.940426004059],
        [-95.49686384201, -96.360770853925, 72.795757424958],
        [-95.49686384201, -94.159764679837, 79.651088845856],
        [-95.49686384201, -91.958758565354, 86.506420266755],
        [-95.49686384201, -89.757752331662, 93.361751687653],
        [-95.49686384201, -87.556746157574, 100.21708310855],
        [-95.49686384201, -85.355739745068, 107.07241452945],
        [-95.49686384201, -83.154733809399, 113.92774976505]
],
      "InstanceCreationTime": ["184956.045000", "184956.018000", "184956.050000", "184956.020000", "184956.053000", "184956.022000", "184956.062000", "184956.024000", "184956.065000", "184956.026000", "184956.068000", "184956.027000", "184956.069000", "184956.029000", "184956.074000", "184956.031000", "184956.076000", "184956.033000", "184956.078000", "184956.035000"],
      "InstanceNumber": [11, 1, 12, 2, 13, 3, 14, 4, 15, 5, 16, 6, 17, 7, 18, 8, 19, 9, 20, 10],
      "LargestImagePixelValue": [4095, 4095, 4095, 4093, 4095, 4095, 4095, 4095, 4095, 4095, 3970, 3609, 4095, 4052, 4095, 4095, 4095, 4095, 4095, 4083],
      "SliceLocation": [-53.746055573959, -46.546055267336, -39.34605554378, -32.146055820224, -24.946056096668, -17.746053974001, -10.546054250445, -3.3460545268892, 3.8539451966669, 11.053945601239, 18.253945843334, 25.45394556689, 32.653946198468, 39.85394606779, 47.05394586423, 54.253945642449, 61.453945457109, 68.653945253548, 75.853945122871, 83.053948478513],
      "WindowCenter": [1321.0, 1352.0, 1591.0, 1434.0, 1431.0, 1444.0, 1544.0, 1549.0, 1588.0, 1598.0, 1656.0, 1498.0, 1639.0, 1825.0, 1951.0, 1689.0, 1653.0, 1447.0, 1225.0, 1001.0],
      "WindowWidth": [2601.0, 2672.0, 3034.0, 2757.0, 2685.0, 2646.0, 2397.0, 2411.0, 2753.0, 2819.0, 2795.0, 2386.0, 2566.0, 2700.0, 3335.0, 3309.0, 3263.0, 3032.0, 2998.0, 3017.0]
    }
  }
}