{
  "AcquisitionMatrixPE": 300,
  "AcquisitionNumber": 1,
  "AcquisitionTime": "15:14:58.532500",
  "BaseResolution": 320,
  "BodyPartExamined": "BRAIN",
  "CoilCombinationMethod": "Adaptive Combine",
  "ConsistencyInfo": "N4_VE11C_LATEST_20160120",
  "ConversionSoftware": "dcm2niix",
  "ConversionSoftwareVersion": "v1.0.20220505",
  "DeviceSerialNumber": "167006",
  "DwellTime": 7.1e-06,
  "EchoTime": 0.00222,
  "FlipAngle": 8,
  "HeudiconvVersion": "0.5.3.post801+g0eb836c",
  "ImageOrientationPatientDICOM": [0.00349062, 0.999994, 0, 0, 0, -1],
  "ImageOrientationText": "Sag>Cor(0.2)",
  "ImageType": [
    "ORIGINAL",
    "PRIMARY",
    "M",
    "ND"
],
  "ImagingFrequency": 123.25,
  "InPlanePhaseEncodingDirectionDICOM": "ROW",
  "InstitutionAddress": "Chemin Queen-Mary 4565,Montreal,District,CA,H3W 1W5",
  "InstitutionName": "IUGM",
  "InstitutionalDepartmentName": "Department",
  "InversionTime": 1,
  "MRAcquisitionType": "3D",
  "MagneticFieldStrength": 3,
  "Manufacturer": "Siemens",
  "ManufacturersModelName": "Prisma_fit",
  "MatrixCoilMode": "GRAPPA",
  "Modality": "MR",
  "ParallelReductionFactorInPlane": 2,
  "PartialFourier": 1,
  "PatientPosition": "HFS",
  "PercentPhaseFOV": 93.75,
  "PercentSampling": 100,
  "PhaseEncodingSteps": 299,
  "PhaseResolution": 1,
  "PixelBandwidth": 220,
  "ProcedureStepDescription": "anat^generic",
  "ProtocolName": "acq-0.8mm_T1w",
  "PulseSequenceDetails": "%SiemensSeq%\\tfl",
  "ReceiveCoilActiveElements": "HC1-7;NC1,2",
  "ReceiveCoilName": "HeadNeck_64",
  "ReconMatrixPE": 300,
  "RefLinesPE": 32,
  "RepetitionTime": 2.4,
  "SAR": 0.045761,
  "ScanOptions": "IR\\WE",
  "ScanningSequence": "GR\\IR",
  "SequenceName": "*tfl3d1_16ns",
  "SequenceVariant": "SK\\SP\\MP",
  "SeriesDescription": "acq-0.8mm_T1w",
  "SeriesNumber": 3,
  "ShimSetting": [600, -7227, -8873, 282, 19, -287, -142, 70],
  "SliceThickness": 0.8,
  "SoftwareVersions": "syngo MR E11",
  "SpoilingState": true,
  "StationName": "MRC35049",
  "TxRefAmp": 257.86}