{
  "AcquisitionMatrixPE": 448,
  "AcquisitionNumber": 1,
  "AcquisitionTime": "14:13:15.475000",
  "BaseResolution": 448,
  "BodyPartExamined": "CSPINE",
  "CoilCombinationMethod": "Adaptive Combine",
  "ConsistencyInfo": "N4_VE11C_LATEST_20160120",
  "ConversionSoftware": "dcm2niix",
  "ConversionSoftwareVersion": "v1.0.20211006",
  "DeviceSerialNumber": "167006",
  "DwellTime": 4.3e-06,
  "EchoTime": 0.014,
  "EchoTrainLength": 3,
  "FlipAngle": 30,
  "HeudiconvVersion": "0.5.3.post569+g418601f",
  "ImageOrientationPatientDICOM": [0.99863, 0.0111491, -0.0511346, 3.05679e-08, 0.977046, 0.21303],
  "ImageOrientationText": "Tra>Cor(12.3)>Sag(-3.0)",
  "ImageType": [
    "ORIGINAL",
    "PRIMARY",
    "M",
    "NORM",
    "DIS2D"
],
  "ImagingFrequency": 123.259,
  "InPlanePhaseEncodingDirectionDICOM": "COL",
  "InstitutionAddress": "Chemin Queen-Mary 4565,Montreal,District,CA,H3W 1W5",
  "InstitutionName": "IUGM",
  "InstitutionalDepartmentName": "Department",
  "MRAcquisitionType": "2D",
  "MagneticFieldStrength": 3,
  "Manufacturer": "Siemens",
  "ManufacturersModelName": "Prisma_fit",
  "MatrixCoilMode": "GRAPPA",
  "Modality": "MR",
  "NumberOfAverages": 2,
  "ParallelReductionFactorInPlane": 2,
  "PartialFourier": 1,
  "PatientPosition": "HFS",
  "PercentPhaseFOV": 100,
  "PercentSampling": 100,
  "PhaseEncodingDirection": "j-",
  "PhaseEncodingSteps": 447,
  "PhaseResolution": 1,
  "PixelBandwidth": 260,
  "ProcedureStepDescription": "anat^generic",
  "ProtocolName": "GRE-ME",
  "PulseSequenceDetails": "%SiemensSeq%\\medic",
  "ReceiveCoilActiveElements": "HC7;NC1,2",
  "ReceiveCoilName": "HeadNeck_64",
  "ReconMatrixPE": 448,
  "RefLinesPE": 24,
  "RepetitionTime": 0.6,
  "SAR": 0.272929,
  "ScanOptions": "SAT1",
  "ScanningSequence": "GR",
  "SequenceName": "*me2d1r3",
  "SequenceVariant": "SP",
  "SeriesDescription": "GRE-ME",
  "SeriesNumber": 36,
  "ShimSetting": [662, -7334, -9115, -572, 438, 2125, 258, -89],
  "SliceThickness": 5,
  "SliceTiming": [0, 0.32812, 0.04688, 0.375, 0.09375, 0.40625, 0.125, 0.45312, 0.17188, 0.48438, 0.20312, 0.53125, 0.25, 0.5625, 0.28125],
  "SoftwareVersions": "syngo MR E11",
  "SpacingBetweenSlices": 5,
  "StationName": "MRC35049",
  "TxRefAmp": 263.689,
  "dcmmeta_affine": [
    [-0.4993147552013397, 1.5283973198165768e-08, -0.26167964935302734, 120.77808380126953],
    [-0.005574559327214956, 0.48852279782295227, 1.063692331314087, -126.21292114257812],
    [-0.02556730806827545, -0.10651519149541855, 4.878532409667969, -111.78753662109375],
    [0.0, 0.0, 0.0, 1.0]
],
  "dcmmeta_reorient_transform": [
    [0.0, -1.0, 0.0, 447.0],
    [1.0, 0.0, 0.0, 0.0],
    [0.0, 0.0, -1.0, 14.0],
    [0.0, 0.0, 0.0, 1.0]
],
  "dcmmeta_shape": [448, 448, 15],
  "dcmmeta_slice_dim": 2,
  "dcmmeta_version": 0.6,
  "global": {
    "const": {
      "AcquisitionMatrix": [448, 0, 0, 448],
      "AcquisitionNumber": 1,
      "AngioFlag": "N",
      "BitsAllocated": 16,
      "BitsStored": 12,
      "BodyPartExamined": "CSPINE",
      "Columns": 448,
      "EchoNumbers": 1,
      "EchoTime": 14.0,
      "EchoTrainLength": 3,
      "FlipAngle": 30.0,
      "HighBit": 11,
      "ImageOrientationPatient": [0.99862953491277, 0.01114911852175, -0.0511346179813, 3.0567946e-08, 0.97704557437013, 0.21303038657372],
      "ImageType": [
        "ORIGINAL",
        "PRIMARY",
        "M",
        "NORM",
        "DIS2D"
],
      "ImagedNucleus": "1H",
      "ImagingFrequency": 123.25886,
      "InPlanePhaseEncodingDirection": "COL",
      "MRAcquisitionType": "2D",
      "MagneticFieldStrength": 3.0,
      "Manufacturer": "SIEMENS",
      "ManufacturerModelName": "Prisma_fit",
      "Modality": "MR",
      "NumberOfAverages": 2.0,
      "NumberOfPhaseEncodingSteps": 447,
      "PercentPhaseFieldOfView": 100.0,
      "PercentSampling": 100.0,
      "PerformedProcedureStepStartTime": "125226.531000",
      "PhotometricInterpretation": "MONOCHROME2",
      "PixelBandwidth": 260.0,
      "PixelRepresentation": 0,
      "PixelSpacing": [0.5, 0.5],
      "ProtocolName": "GRE-ME",
      "RepetitionTime": 600.0,
      "Rows": 448,
      "SAR": 0.27292855881908,
      "SamplesPerPixel": 1,
      "ScanOptions": "SAT1",
      "ScanningSequence": "GR",
      "SequenceName": "*me2d1r3",
      "SequenceVariant": "SP",
      "SeriesDescription": "GRE-ME",
      "SeriesNumber": 36,
      "SeriesTime": "141801.905000",
      "SliceThickness": 5.0,
      "SmallestImagePixelValue": 0,
      "SoftwareVersions": "syngo MR E11",
      "SpacingBetweenSlices": 5.0,
      "SpecificCharacterSet": "ISO_IR 100",
      "StudyID": "1",
      "StudyTime": "125226.430000",
      "TransmitCoilName": "Body",
      "VariableFlipAngleFlag": "N",
      "WindowCenterWidthExplanation": "Algo1",
      "dBdt": 0.0},
    "slices": {
      "AcquisitionTime": ["141315.195000", "141315.515000", "141315.235000", "141315.555000", "141315.275000", "141315.595000", "141315.315000", "141315.635000", "141315.355000", "141315.675000", "141315.395000", "141315.715000", "141315.435000", "141315.755000", "141315.475000"],
      "ContentTime": ["141801.909000", "141801.935000", "141801.911000", "141801.937000", "141801.913000", "141801.939000", "141801.915000", "141801.941000", "141801.918000", "141801.943000", "141801.924000", "141801.946000", "141801.926000", "141801.948000", "141801.928000"],
      "CsaImage.ICE_Dims": [
        "X_1_1_1_1_1_1_1_1_1_15_1_151",
        "X_1_1_1_1_1_1_9_1_1_14_1_151",
        "X_1_1_1_1_1_1_2_1_1_13_1_151",
        "X_1_1_1_1_1_1_10_1_1_12_1_151",
        "X_1_1_1_1_1_1_3_1_1_11_1_151",
        "X_1_1_1_1_1_1_11_1_1_10_1_151",
        "X_1_1_1_1_1_1_4_1_1_9_1_151",
        "X_1_1_1_1_1_1_12_1_1_8_1_151",
        "X_1_1_1_1_1_1_5_1_1_7_1_151",
        "X_1_1_1_1_1_1_13_1_1_6_1_151",
        "X_1_1_1_1_1_1_6_1_1_5_1_151",
        "X_1_1_1_1_1_1_14_1_1_4_1_151",
        "X_1_1_1_1_1_1_7_1_1_3_1_151",
        "X_1_1_1_1_1_1_15_1_1_2_1_151",
        "X_1_1_1_1_1_1_8_1_1_1_1_151"
],
      "CsaImage.ProtocolSliceNumber": [0, 1, 2, 3, 4, 5, 6, 7, 8, 9, 10, 11, 12, 13, 14],
      "CsaImage.SlicePosition_PCS": [
        [-120.77809092, -92.15676373, -52.39983173],
        [-120.51641127, -93.22045583, -47.52129932],
        [-120.25473067, -94.28414792, -42.64276691],
        [-119.99305102, -95.34784001, -37.7642345],
        [-119.73137137, -96.41153211, -32.88570114],
        [-119.46969172, -97.4752242, -28.00716873],
        [-119.20801207, -98.53891629, -23.12863584],
        [-118.94633242, -99.60260838, -18.25010304],
        [-118.6846523, -100.66630048, -13.37157007],
        [-118.42297265, -101.72999257, -8.49303718],
        [-118.161293, -102.79368514, -3.61450477],
        [-117.89961287, -103.85737723, 1.26402859],
        [-117.63793322, -104.92106933, 6.142561],
        [-117.37625357, -105.98476142, 11.02109341],
        [-117.11457393, -107.04845375, 15.89962582]
],
      "ImagePositionPatient": [
        [-120.77809092368, -92.156763733773, -159.3998317281],
        [-120.51641127433, -93.220455826669, -154.52129931844],
        [-120.2547306713, -94.284147919564, -149.64276690877],
        [-119.99305102195, -95.34784001246, -144.7642344991],
        [-119.7313713726, -96.411532105355, -139.88570113576],
        [-119.46969172324, -97.475224198251, -135.00716872609],
        [-119.20801207389, -98.538916291146, -130.12863583958],
        [-118.94633242454, -99.602608384042, -125.25010304249],
        [-118.68465229835, -100.66630047694, -120.37157006657],
        [-118.422972649, -101.72999256983, -115.49303718007],
        [-118.16129299964, -102.79368513957, -110.6145047704],
        [-117.89961287345, -103.85737723246, -105.73597140706],
        [-117.6379332241, -104.92106932536, -100.85743899739],
        [-117.37625357475, -105.98476141825, -95.978906587722],
        [-117.11457392539, -107.04845374957, -91.100374178054]
],
      "InstanceCreationTime": ["141801.909000", "141801.935000", "141801.911000", "141801.937000", "141801.913000", "141801.939000", "141801.915000", "141801.941000", "141801.918000", "141801.943000", "141801.924000", "141801.946000", "141801.926000", "141801.948000", "141801.928000"],
      "InstanceNumber": [15, 14, 13, 12, 11, 10, 9, 8, 7, 6, 5, 4, 3, 2, 1],
      "LargestImagePixelValue": [1286, 1452, 1391, 1503, 1480, 1536, 1382, 1531, 1681, 1655, 1649, 1642, 1658, 1881, 1792],
      "SliceLocation": [-142.24321322649, -137.24321366853, -132.24321406067, -127.24321450271, -122.24321401425, -117.24321445629, -112.24321443309, -107.24321449711, -102.24321436171, -97.243214338505, -92.243214679108, -87.24321416569, -82.243214607735, -77.243215049779, -72.243215441103],
      "WindowCenter": [497.0, 473.0, 484.0, 496.0, 501.0, 521.0, 522.0, 530.0, 534.0, 524.0, 498.0, 492.0, 497.0, 502.0, 515.0],
      "WindowWidth": [1046.0, 998.0, 1016.0, 1044.0, 1054.0, 1095.0, 1098.0, 1115.0, 1125.0, 1103.0, 1051.0, 1042.0, 1050.0, 1064.0, 1098.0]
    }
  }
}