{
  "AcquisitionMatrixPE": 256,
  "AcquisitionNumber": 1,
  "AcquisitionTime": "14:07:40.957500",
  "BaseResolution": 256,
  "BodyPartExamined": "CSPINE",
  "CoilCombinationMethod": "Adaptive Combine",
  "ConsistencyInfo": "N4_VE11C_LATEST_20160120",
  "ConversionSoftware": "dcm2niix",
  "ConversionSoftwareVersion": "v1.0.20211006",
  "DeviceSerialNumber": "167006",
  "DwellTime": 7.5e-06,
  "EchoTime": 0.00313,
  "FlipAngle": 9,
  "HeudiconvVersion": "0.5.3.post569+g418601f",
  "ImageOrientationPatientDICOM": [0.99863, 0.0111491, -0.0511346, 3.05679e-08, 0.977046, 0.21303],
  "ImageOrientationText": "Tra>Cor(12.3)>Sag(-3.0)",
  "ImageType": [
    "ORIGINAL",
    "PRIMARY",
    "M",
    "DIS2D"
],
  "ImagingFrequency": 123.259,
  "InPlanePhaseEncodingDirectionDICOM": "COL",
  "InstitutionAddress": "Chemin Queen-Mary 4565,Montreal,District,CA,H3W 1W5",
  "InstitutionName": "IUGM",
  "InstitutionalDepartmentName": "Department",
  "MRAcquisitionType": "3D",
  "MTState": true,
  "MagneticFieldStrength": 3,
  "Manufacturer": "Siemens",
  "ManufacturersModelName": "Prisma_fit",
  "MatrixCoilMode": "GRAPPA",
  "Modality": "MR",
  "ParallelReductionFactorInPlane": 2,
  "PartialFourier": 1,
  "PatientPosition": "HFS",
  "PercentPhaseFOV": 100,
  "PercentSampling": 100,
  "PhaseEncodingSteps": 255,
  "PhaseResolution": 1,
  "PixelBandwidth": 260,
  "ProcedureStepDescription": "anat^generic",
  "ProtocolName": "GRE-MT1",
  "PulseSequenceDetails": "%SiemensSeq%\\gre",
  "ReceiveCoilActiveElements": "HC5-7;NC1,2",
  "ReceiveCoilName": "HeadNeck_64",
  "ReconMatrixPE": 256,
  "RefLinesPE": 32,
  "RepetitionTime": 0.035,
  "SAR": 0.635123,
  "ScanOptions": "MT",
  "ScanningSequence": "GR",
  "SequenceName": "*fl3d1",
  "SequenceVariant": "MTC\\SP",
  "SeriesDescription": "GRE-MT1",
  "SeriesNumber": 33,
  "ShimSetting": [670, -7377, -9162, -463, 333, 1438, 500, -63],
  "SliceThickness": 5,
  "SoftwareVersions": "syngo MR E11",
  "SpoilingState": true,
  "StationName": "MRC35049",
  "TxRefAmp": 263.689,
  "dcmmeta_affine": [
    [0.8972062468528748, 2.7463389784543324e-08, -0.2616797685623169, -104.09773254394531],
    [0.010016785934567451, 0.8778144121170044, 1.0636922121047974, -134.99851989746094],
    [0.04594125971198082, -0.19139449298381805, 4.878532886505127, -139.86981201171875],
    [0.0, 0.0, 0.0, 1.0]
],
  "dcmmeta_reorient_transform": [
    [0.0, -1.0, 0.0, 255.0],
    [-1.0, 0.0, 0.0, 255.0],
    [0.0, 0.0, -1.0, 21.0],
    [0.0, 0.0, 0.0, 1.0]
],
  "dcmmeta_shape": [256, 256, 22],
  "dcmmeta_slice_dim": 2,
  "dcmmeta_version": 0.6,
  "global": {
    "const": {
      "AcquisitionMatrix": [256, 0, 0, 256],
      "AcquisitionNumber": 1,
      "AcquisitionTime": "140740.957500",
      "AngioFlag": "N",
      "BitsAllocated": 16,
      "BitsStored": 12,
      "BodyPartExamined": "CSPINE",
      "Columns": 256,
      "EchoNumbers": 1,
      "EchoTime": 3.13,
      "EchoTrainLength": 1,
      "FlipAngle": 9.0,
      "HighBit": 11,
      "ImageOrientationPatient": [0.99862953491277, 0.01114911852175, -0.0511346179813, 3.0567946e-08, 0.97704557437013, 0.21303038657372],
      "ImageType": [
        "ORIGINAL",
        "PRIMARY",
        "M",
        "DIS2D"
],
      "ImagedNucleus": "1H",
      "ImagingFrequency": 123.258863,
      "InPlanePhaseEncodingDirection": "COL",
      "MRAcquisitionType": "3D",
      "MagneticFieldStrength": 3.0,
      "Manufacturer": "SIEMENS",
      "ManufacturerModelName": "Prisma_fit",
      "Modality": "MR",
      "NumberOfAverages": 1.0,
      "NumberOfPhaseEncodingSteps": 255,
      "PercentPhaseFieldOfView": 100.0,
      "PercentSampling": 100.0,
      "PerformedProcedureStepStartTime": "125226.531000",
      "PhotometricInterpretation": "MONOCHROME2",
      "PixelBandwidth": 260.0,
      "PixelRepresentation": 0,
      "PixelSpacing": [0.8984375, 0.8984375],
      "ProtocolName": "GRE-MT1",
      "RepetitionTime": 35.0,
      "Rows": 256,
      "SAR": 0.63512293654883,
      "SamplesPerPixel": 1,
      "ScanOptions": "MT",
      "ScanningSequence": "GR",
      "SequenceName": "*fl3d1",
      "SequenceVariant": [
        "MTC",
        "SP"
],
      "SeriesDescription": "GRE-MT1",
      "SeriesNumber": 33,
      "SeriesTime": "140955.133000",
      "SliceThickness": 5.0,
      "SmallestImagePixelValue": 0,
      "SoftwareVersions": "syngo MR E11",
      "SpecificCharacterSet": "ISO_IR 100",
      "StudyID": "1",
      "StudyTime": "125226.430000",
      "TransmitCoilName": "Body",
      "VariableFlipAngleFlag": "N",
      "WindowCenterWidthExplanation": "Algo1",
      "dBdt": 0.0},
    "slices": {
      "ContentTime": ["140955.136000", "140955.139000", "140955.141000", "140955.143000", "140955.145000", "140955.147000", "140955.149000", "140955.151000", "140955.153000", "140955.155000", "140955.157000", "140955.159000", "140955.161000", "140955.165000", "140955.167000", "140955.169000", "140955.171000", "140955.173000", "140955.175000", "140955.177000", "140955.179000", "140955.181000"],
      "CsaImage.Actual3DImaPartNumber": [0, 1, 2, 3, 4, 5, 6, 7, 8, 9, 10, 11, 12, 13, 14, 15, 16, 17, 18, 19, 20, 21],
      "CsaImage.ICE_Dims": [
        "X_1_1_1_1_1_1_1_1_1_1_1_147",
        "X_1_1_1_1_1_2_1_1_1_1_1_147",
        "X_1_1_1_1_1_3_1_1_1_1_1_147",
        "X_1_1_1_1_1_4_1_1_1_1_1_147",
        "X_1_1_1_1_1_5_1_1_1_1_1_147",
        "X_1_1_1_1_1_6_1_1_1_1_1_147",
        "X_1_1_1_1_1_7_1_1_1_1_1_147",
        "X_1_1_1_1_1_8_1_1_1_1_1_147",
        "X_1_1_1_1_1_9_1_1_1_1_1_147",
        "X_1_1_1_1_1_10_1_1_1_1_1_147",
        "X_1_1_1_1_1_11_1_1_1_1_1_147",
        "X_1_1_1_1_1_12_1_1_1_1_1_147",
        "X_1_1_1_1_1_13_1_1_1_1_1_147",
        "X_1_1_1_1_1_14_1_1_1_1_1_147",
        "X_1_1_1_1_1_15_1_1_1_1_1_147",
        "X_1_1_1_1_1_16_1_1_1_1_1_147",
        "X_1_1_1_1_1_17_1_1_1_1_1_147",
        "X_1_1_1_1_1_18_1_1_1_1_1_147",
        "X_1_1_1_1_1_19_1_1_1_1_1_147",
        "X_1_1_1_1_1_20_1_1_1_1_1_147",
        "X_1_1_1_1_1_21_1_1_1_1_1_147",
        "X_1_1_1_1_1_22_1_1_1_1_1_147"
],
      "CsaImage.SlicePosition_PCS": [
        [-124.68985867, -91.3984245, -69.96038513],
        [-124.4281789, -92.46211668, -65.08185229],
        [-124.16649913, -93.52580887, -60.20331945],
        [-123.90481937, -94.58950106, -55.32478662],
        [-123.6431396, -95.65319325, -50.44625378],
        [-123.38145983, -96.71688543, -45.56772095],
        [-123.11978007, -97.78057762, -40.68918811],
        [-122.8581003, -98.84426981, -35.81065527],
        [-122.59642054, -99.90796199, -30.93212244],
        [-122.33474077, -100.97165418, -26.0535896],
        [-122.073061, -102.03534637, -21.17505677],
        [-121.81138124, -103.09903856, -16.29652393],
        [-121.54970147, -104.16273074, -11.41799109],
        [-121.28802171, -105.22642293, -6.53945826],
        [-121.02634194, -106.29011512, -1.66092542],
        [-120.76466217, -107.3538073, 3.21760741],
        [-120.50298241, -108.41749949, 8.09614025],
        [-120.24130264, -109.48119168, 12.97467309],
        [-119.97962288, -110.54488387, 17.85320592],
        [-119.71794311, -111.60857605, 22.73173876],
        [-119.45626334, -112.67226824, 27.61027159],
        [-119.19458358, -113.73596043, 32.48880443]
],
      "ImagePositionPatient": [
        [-124.68985866526, -91.39842449767, -176.96038512527],
        [-124.42817889914, -92.462116684817, -172.08185228936],
        [-124.16649913302, -93.525808871965, -167.20331945346],
        [-123.90481936689, -94.589501059112, -162.32478661755],
        [-123.64313960077, -95.653193246259, -157.44625378165],
        [-123.38145983465, -96.716885433407, -152.56772094574],
        [-123.11978006853, -97.780577620554, -147.68918810984],
        [-122.85810030241, -98.844269807701, -142.81065527393],
        [-122.59642053629, -99.907961994849, -137.93212243803],
        [-122.33474077016, -100.971654182, -133.05358960212],
        [-122.07306100404, -102.03534636914, -128.17505676622],
        [-121.81138123792, -103.09903855629, -123.29652393031],
        [-121.5497014718, -104.16273074344, -118.41799109441],
        [-121.28802170568, -105.22642293059, -113.5394582585],
        [-121.02634193955, -106.29011511773, -108.6609254226],
        [-120.76466217343, -107.35380730488, -103.78239258669],
        [-120.50298240731, -108.41749949203, -98.903859750785],
        [-120.24130264119, -109.48119167918, -94.02532691488],
        [-119.97962287507, -110.54488386632, -89.146794078975],
        [-119.71794310894, -111.60857605347, -84.26826124307],
        [-119.45626334282, -112.67226824062, -79.389728407165],
        [-119.1945835767, -113.73596042776, -74.51119557126]
],
      "InstanceCreationTime": ["140955.136000", "140955.139000", "140955.141000", "140955.143000", "140955.145000", "140955.147000", "140955.149000", "140955.151000", "140955.153000", "140955.155000", "140955.157000", "140955.159000", "140955.161000", "140955.165000", "140955.167000", "140955.169000", "140955.171000", "140955.173000", "140955.175000", "140955.177000", "140955.179000", "140955.181000"],
      "InstanceNumber": [22, 21, 20, 19, 18, 17, 16, 15, 14, 13, 12, 11, 10, 9, 8, 7, 6, 5, 4, 3, 2, 1],
      "LargestImagePixelValue": [2890, 4095, 4095, 4095, 4095, 4095, 4095, 4095, 4095, 4095, 4095, 4095, 4095, 4095, 4095, 4095, 4095, 4095, 4095, 4095, 4095, 2700],
      "SliceLocation": [-159.74321449711, -154.74321449711, -149.74321449711, -144.74321449711, -139.74321449711, -134.74321449711, -129.74321449711, -124.74321449711, -119.74321449711, -114.74321449711, -109.74321449711, -104.74321449711, -99.743214497113, -94.743214497113, -89.743214497113, -84.743214497113, -79.743214497113, -74.743214497113, -69.743214497113, -64.743214497113, -59.743214497113, -54.743214497113],
      "WindowCenter": [668.0, 931.0, 1070.0, 1019.0, 933.0, 842.0, 678.0, 580.0, 602.0, 674.0, 753.0, 827.0, 845.0, 928.0, 1003.0, 1049.0, 1074.0, 1166.0, 1274.0, 1298.0, 992.0, 684.0],
      "WindowWidth": [1488.0, 2287.0, 2954.0, 3356.0, 3302.0, 3198.0, 3273.0, 3281.0, 3270.0, 3275.0, 3335.0, 3374.0, 3440.0, 3461.0, 3500.0, 3541.0, 3576.0, 3536.0, 3326.0, 2916.0, 2245.0, 1569.0]
    }
  }
}