{
  "AcquisitionMatrixPE": 223,
  "AcquisitionNumber": 1,
  "AcquisitionTime": "16:28:29.947500",
  "BaseResolution": 256,
  "BodyPartExamined": "BRAIN",
  "CoilCombinationMethod": "Adaptive Combine",
  "ConsistencyInfo": "N4_VE11C_LATEST_20160120",
  "ConversionSoftware": "dcm2niix",
  "ConversionSoftwareVersion": "v1.0.20211006",
  "DeviceSerialNumber": "167006",
  "DwellTime": 1.63e-05,
  "EchoTime": 0.02,
  "FlipAngle": 15,
  "HeudiconvVersion": "0.5.3.post569+g418601f",
  "ImageOrientationPatientDICOM": [0.999048, 0.00380168, -0.0434534, -3.3732e-11, 0.996195, 0.0871557],
  "ImageOrientationText": "Tra>Cor(5.0)>Sag(-2.5)",
  "ImageType": [
    "ORIGINAL",
    "PRIMARY",
    "MNIP",
    "ND",
    "NORM"
],
  "ImagingFrequency": 123.259,
  "InPlanePhaseEncodingDirectionDICOM": "ROW",
  "InstitutionAddress": "Chemin Queen-Mary 4565,Montreal,District,CA,H3W 1W5",
  "InstitutionName": "IUGM",
  "InstitutionalDepartmentName": "Department",
  "MRAcquisitionType": "3D",
  "MagneticFieldStrength": 3,
  "Manufacturer": "Siemens",
  "ManufacturersModelName": "Prisma_fit",
  "MatrixCoilMode": "GRAPPA",
  "Modality": "MR",
  "ParallelReductionFactorInPlane": 2,
  "PartialFourier": 1,
  "PatientPosition": "HFS",
  "PercentPhaseFOV": 90.625,
  "PercentSampling": 96,
  "PhaseEncodingSteps": 222,
  "PhaseResolution": 0.96,
  "PixelBandwidth": 120,
  "ProcedureStepDescription": "anat^generic",
  "ProtocolName": "t2_swi_tra_p2_1.5mm",
  "PulseSequenceDetails": "%SiemensSeq%\\gre",
  "ReceiveCoilActiveElements": "HC1-7;NC1",
  "ReceiveCoilName": "HeadNeck_64",
  "ReconMatrixPE": 232,
  "RefLinesPE": 24,
  "RepetitionTime": 0.027,
  "SAR": 0.0108597,
  "ScanningSequence": "GR",
  "SequenceName": "*swi3d1r",
  "SequenceVariant": "SP\\OSP",
  "SeriesDescription": "mIP_Images(SW)",
  "SeriesNumber": 28,
  "ShimSetting": [596, -7266, -8807, 583, -42, -276, 70, 37],
  "SliceThickness": 12,
  "SoftwareVersions": "syngo MR E11",
  "StationName": "MRC35049",
  "TxRefAmp": 222.841,
  "dcmmeta_affine": [
    [0.8585570454597473, -2.8988436651111726e-11, -0.06542907655239105, -99.40083312988281],
    [0.0032670688815414906, 0.8561047911643982, 0.1306091845035553, -98.6481704711914],
    [0.03734276816248894, -0.07489947229623795, 1.4928698539733887, -19.417863845825195],
    [0.0, 0.0, 0.0, 1.0]
],
  "dcmmeta_reorient_transform": [
    [0.0, -1.0, 0.0, 255.0],
    [-1.0, 0.0, 0.0, 231.0],
    [0.0, 0.0, -1.0, 72.0],
    [0.0, 0.0, 0.0, 1.0]
],
  "dcmmeta_shape": [232, 256, 73],
  "dcmmeta_slice_dim": 2,
  "dcmmeta_version": 0.6,
  "global": {
    "const": {
      "AcquisitionMatrix": [0, 256, 223, 0],
      "AcquisitionNumber": 1,
      "AcquisitionTime": "162829.947500",
      "AngioFlag": "N",
      "BitsAllocated": 16,
      "BitsStored": 12,
      "BodyPartExamined": "BRAIN",
      "Columns": 232,
      "EchoNumbers": 1,
      "EchoTime": 20.0,
      "EchoTrainLength": 1,
      "FlipAngle": 15.0,
      "HighBit": 11,
      "ImageOrientationPatient": [0.99904822160581, 0.0038016802011, -0.0434534018683, -3.3732e-11, 0.99619469786848, 0.08715574529956],
      "ImageType": [
        "ORIGINAL",
        "PRIMARY",
        "MNIP",
        "ND",
        "NORM"
],
      "ImagedNucleus": "1H",
      "ImagingFrequency": 123.258958,
      "InPlanePhaseEncodingDirection": "ROW",
      "MRAcquisitionType": "3D",
      "MagneticFieldStrength": 3.0,
      "Manufacturer": "SIEMENS",
      "ManufacturerModelName": "Prisma_fit",
      "Modality": "MR",
      "NumberOfAverages": 1.0,
      "NumberOfPhaseEncodingSteps": 222,
      "PercentPhaseFieldOfView": 90.625,
      "PercentSampling": 96.0,
      "PerformedProcedureStepStartTime": "152333.468000",
      "PhotometricInterpretation": "MONOCHROME2",
      "PixelBandwidth": 120.0,
      "PixelRepresentation": 0,
      "PixelSpacing": [0.859375, 0.859375],
      "ProtocolName": "t2_swi_tra_p2_1.5mm",
      "RepetitionTime": 27.0,
      "Rows": 256,
      "SAR": 0.01085965491541,
      "SamplesPerPixel": 1,
      "ScanningSequence": "GR",
      "SequenceName": "*swi3d1r",
      "SequenceVariant": [
        "SP",
        "OSP"
],
      "SeriesDescription": "mIP_Images(SW)",
      "SeriesNumber": 28,
      "SeriesTime": "163340.924000",
      "SliceThickness": 12.0,
      "SmallestImagePixelValue": 0,
      "SoftwareVersions": "syngo MR E11",
      "SpecificCharacterSet": "ISO_IR 100",
      "StudyID": "1",
      "StudyTime": "152333.383000",
      "TransmitCoilName": "Body",
      "VariableFlipAngleFlag": "N",
      "WindowCenterWidthExplanation": "Algo1",
      "dBdt": 0.0},
