{
  "AcquisitionMatrixPE": 32,
  "AcquisitionNumber": 1,
  "AcquisitionTime": "11:22:9.332500",
  "BaseResolution": 32,
  "BodyPartExamined": "BRAIN",
  "CoilCombinationMethod": "Sum of Squares",
  "ConsistencyInfo": "N4_VE11C_LATEST_20160120",
  "ConversionSoftware": "dcm2niix",
  "ConversionSoftwareVersion": "v1.0.20220505",
  "DeviceSerialNumber": "167006",
  "DwellTime": 3.18e-05,
  "EchoTime": 0.00184,
  "FlipAngle": 80,
  "HeudiconvVersion": "0.5.3.post811+g6206e14",
  "ImageComments": "flip angle map",
  "ImageOrientationPatientDICOM": [0.996195, 0.0816363, -0.0305226, -0.0871557, 0.933108, -0.348875],
  "ImageOrientationText": "Tra>Cor(-20.5)",
  "ImageType": [
    "ORIGINAL",
    "PRIMARY",
    "FLIP ANGLE MAP",
    "DIS2D"
],
  "ImagingFrequency": 123.26,
  "InPlanePhaseEncodingDirectionDICOM": "COL",
  "InstitutionAddress": "Chemin Queen-Mary 4565,Montreal,District,CA,H3W 1W5",
  "InstitutionName": "IUGM",
  "InstitutionalDepartmentName": "Department",
  "MRAcquisitionType": "2D",
  "MagneticFieldStrength": 3,
  "Manufacturer": "Siemens",
  "ManufacturersModelName": "Prisma_fit",
  "MatrixCoilMode": "SENSE",
  "Modality": "MR",
  "PartialFourier": 1,
  "PatientPosition": "HFS",
  "PercentPhaseFOV": 100,
  "PercentSampling": 100,
  "PhaseEncodingDirection": "j-",
  "PhaseEncodingSteps": 32,
  "PhaseResolution": 1,
  "PixelBandwidth": 490,
  "ProcedureStepDescription": "anat^generic",
  "ProtocolName": "tfl_b1map_6mm",
  "PulseSequenceDetails": "%SiemensSeq%\\tfl_b1map",
  "ReceiveCoilActiveElements": "HC1-7;NC1",
  "ReceiveCoilName": "HeadNeck_64",
  "ReconMatrixPE": 32,
  "RepetitionTime": 10,
  "SAR": 0.00514452,
  "ScanningSequence": "GR",
  "SequenceName": "tfl2d1_512",
  "SequenceVariant": "SK\\SP",
  "SeriesDescription": "tfl_b1map_6mm",
  "SeriesNumber": 24,
  "ShimSetting": [605, -7209, -8931, 568, 66, -156, -166, 44],
  "SliceThickness": 6,
  "SliceTiming": [5.04688, 0, 5.54688, 0.50781, 6.05469, 1.00781, 6.55469, 1.51562, 7.0625, 2.01562, 7.5625, 2.52344, 8.07031, 3.02344, 8.57031, 3.53125, 9.07812, 4.03906, 9.57812, 4.53906],
  "SoftwareVersions": "syngo MR E11",
  "SpacingBetweenSlices": 7.2,
  "SpoilingState": true,
  "StationName": "MRC35049",
  "TxRefAmp": 247.409,
  "dcmmeta_affine": [
    [-5.977168083190918, -0.5229342579841614, 0.0, 101.78470611572266],
    [-0.48981794714927673, 5.598647117614746, -2.5214929580688477, -44.40366744995117],
    [-0.1831354796886444, 2.0932483673095703, 6.744041442871094, -72.1977767944336],
    [0.0, 0.0, 0.0, 1.0]
],
  "dcmmeta_reorient_transform": [
    [0.0, -1.0, 0.0, 31.0],
    [1.0, 0.0, 0.0, 0.0],
    [0.0, 0.0, -1.0, 19.0],
    [0.0, 0.0, 0.0, 1.0]
],
  "dcmmeta_shape": [32, 32, 20],
  "dcmmeta_slice_dim": 2,
  "dcmmeta_version": 0.6,
  "global": {
    "const": {
      "AcquisitionMatrix": [32, 0, 0, 32],
      "AcquisitionNumber": 1,
      "AngioFlag": "N",
      "BitsAllocated": 16,
      "BitsStored": 12,
      "BodyPartExamined": "BRAIN",
      "Columns": 32,
      "EchoNumbers": 1,
      "EchoTime": 1.84,
      "EchoTrainLength": 1,
      "FlipAngle": 80.0,
      "HighBit": 11,
      "ImageOrientationPatient": [0.99619470093711, 0.08163632687665, -0.0305225811312, -0.087155710225, 0.93310787414778, -0.3488747302093],
      "ImageType": [
        "ORIGINAL",
        "PRIMARY",
        "FLIP ANGLE MAP",
        "DIS2D"
],
      "ImagedNucleus": "1H",
      "ImagingFrequency": 123.260394,
      "InPlanePhaseEncodingDirection": "COL",
      "MRAcquisitionType": "2D",
      "MagneticFieldStrength": 3.0,
      "Manufacturer": "SIEMENS",
      "ManufacturerModelName": "Prisma_fit",
      "Modality": "MR",
      "NumberOfAverages": 1.0,
      "NumberOfPhaseEncodingSteps": 32,
      "PercentPhaseFieldOfView": 100.0,
      "PercentSampling": 100.0,
      "PerformedProcedureStepStartTime": "102458.126000",
      "PhotometricInterpretation": "MONOCHROME2",
      "PixelBandwidth": 490.0,
      "PixelRepresentation": 0,
      "PixelSpacing": [6.0, 6.0],
      "ProtocolName": "tfl_b1map_6mm",
      "RepetitionTime": 10000.0,
      "Rows": 32,
      "SAR": 0.00514452387666,
      "SamplesPerPixel": 1,
      "ScanningSequence": "GR",
      "SequenceName": "tfl2d1_512",
      "SequenceVariant": [
        "SK",
        "SP"
],
      "SeriesDescription": "tfl_b1map_6mm",
      "SeriesNumber": 24,
      "SeriesTime": "112214.944000",
      "SliceThickness": 6.0,
      "SmallestImagePixelValue": 0,
      "SoftwareVersions": "syngo MR E11",
      "SpacingBetweenSlices": 7.2,
      "SpecificCharacterSet": "ISO_IR 100",
      "StudyID": "1",
      "StudyTime": "102457.871000",
      "TransmitCoilName": "Body",
      "VariableFlipAngleFlag": "N",
      "WindowCenterWidthExplanation": "Algo1",
      "dBdt": 0.0},
    "slices": {
      "AcquisitionTime": ["112209.332500", "112204.290000", "112209.837500", "112204.795000", "112210.340000", "112205.300000", "112210.845000", "112205.802500", "112211.350000", "112206.307500", "112211.852500", "112206.812500", "112212.357500", "112207.315000", "112212.862500", "112207.820000", "112213.365000", "112208.325000", "112213.870000", "112208.827500"],
      "ContentTime": ["112214.966000", "112214.946000", "112214.968000", "112214.949000", "112214.970000", "112214.951000", "112214.971000", "112214.952000", "112214.973000", "112214.954000", "112214.975000", "112214.956000", "112214.977000", "112214.958000", "112214.979000", "112214.960000", "112214.981000", "112214.962000", "112214.983000", "112214.964000"],
      "CsaImage.ICE_Dims": [
        "X_1_1_2_1_1_1_11_1_1_1_1_37",
        "X_1_1_2_1_1_1_1_1_1_2_1_37",
        "X_1_1_2_1_1_1_12_1_1_3_1_37",
        "X_1_1_2_1_1_1_2_1_1_4_1_37",
        "X_1_1_2_1_1_1_13_1_1_5_1_37",
        "X_1_1_2_1_1_1_3_1_1_6_1_37",
        "X_1_1_2_1_1_1_14_1_1_7_1_37",
        "X_1_1_2_1_1_1_4_1_1_8_1_37",
        "X_1_1_2_1_1_1_15_1_1_9_1_37",
        "X_1_1_2_1_1_1_5_1_1_10_1_37",
        "X_1_1_2_1_1_1_16_1_1_11_1_37",
        "X_1_1_2_1_1_1_6_1_1_12_1_37",
        "X_1_1_2_1_1_1_17_1_1_13_1_37",
        "X_1_1_2_1_1_1_7_1_1_14_1_37",
        "X_1_1_2_1_1_1_18_1_1_15_1_37",
        "X_1_1_2_1_1_1_8_1_1_16_1_37",
        "X_1_1_2_1_1_1_19_1_1_17_1_37",
        "X_1_1_2_1_1_1_9_1_1_18_1_37",
        "X_1_1_2_1_1_1_20_1_1_19_1_37",
        "X_1_1_2_1_1_1_10_1_1_20_1_37"
],
      "CsaImage.ProtocolSliceNumber": [0, 1, 2, 3, 4, 5, 6, 7, 8, 9, 10, 11, 12, 13, 14, 15, 16, 17, 18, 19],
      "CsaImage.SliceMeasurementDuration": [127.5, 130.0, 127.5, 127.5, 130.0, 127.5, 127.5, 130.0, 127.5, 127.5, 130.0, 127.5, 127.5, 130.0, 127.5, 127.5, 130.0, 127.5, 127.5, 130.0],
      "CsaImage.SlicePosition_PCS": [
        [-85.5737431, -129.15439975, -27.30704512],
        [-85.5737431, -126.63290775, -20.56300368],
        [-85.5737431, -124.11141383, -13.81896605],
        [-85.5737431, -121.58991992, -7.07492461],
        [-85.5737431, -119.06842792, -0.33088317],
        [-85.5737431, -116.54693401, 6.41315446],
        [-85.5737431, -114.025442, 13.157194],
        [-85.5737431, -111.50394809, 19.90123544],
        [-85.5737431, -108.98245513, 26.64527402],
        [-85.5737431, -106.46096217, 33.38931403],
        [-85.5737431, -103.93946874, 40.13335381],
        [-85.5737431, -101.4179753, 46.87739358],
        [-85.5737431, -98.89648223, 53.62143312],
        [-85.5737431, -96.37498915, 60.36547265],
        [-85.5737431, -93.85349595, 67.10951219],
        [-85.5737431, -91.33200299, 73.85355363],
        [-85.5737431, -88.81050956, 80.59759126],
        [-85.5737431, -86.2890166, 87.3416327],
        [-85.5737431, -83.76752364, 94.08567033],
        [-85.5737431, -81.24603069, 100.82971177]
],
      "CsaImage.TimeAfterStart": [15.125, 10.0825, 15.63, 10.5875, 16.1325, 11.0925, 16.6375, 11.595, 17.1425, 12.1, 17.645, 12.605, 18.15, 13.1075, 18.655, 13.6125, 19.1575, 14.1175, 19.6625, 14.62],
      "ImagePositionPatient": [
        [-85.573743102641, -129.15439974976, -7.307045123032],
        [-85.573743102641, -126.63290774537, -0.5630036801609],
        [-85.573743102641, -124.11141383362, 6.1810339480129],
        [-85.573743102641, -121.58991992188, 12.925075390884],
        [-85.573743102641, -119.06842791749, 19.669116833755],
        [-85.573743102641, -116.54693400574, 26.413154461929],
        [-85.573743102641, -114.02544200135, 33.157193997451],
        [-85.573743102641, -111.5039480896, 39.901235440322],
        [-85.573743102641, -108.98245513154, 46.645274022171],
        [-85.573743102641, -106.46096217347, 53.38931403453],
        [-85.573743102641, -103.93946873856, 60.133353808471],
        [-85.573743102641, -101.41797530366, 66.877393582412],
        [-85.573743102641, -98.896482226377, 73.621433117935],
        [-85.573743102641, -96.374989149099, 80.365472653457],
        [-85.573743102641, -93.853495952611, 87.10951218898],
        [-85.573743102641, -91.332002994543, 93.853553631851],
        [-85.573743102641, -88.810509559637, 100.59759126002],
        [-85.573743102641, -86.289016601568, 107.3416327029],
        [-85.573743102641, -83.767523643499, 114.08567033107],
        [-85.573743102641, -81.24603068543, 120.82971177394]
],
      "InstanceCreationTime": ["112214.966000", "112214.946000", "112214.968000", "112214.949000", "112214.970000", "112214.951000", "112214.971000", "112214.952000", "112214.973000", "112214.954000", "112214.975000", "112214.956000", "112214.977000", "112214.958000", "112214.979000", "112214.960000", "112214.981000", "112214.962000", "112214.983000", "112214.964000"],
      "InstanceNumber": [11, 1, 12, 2, 13, 3, 14, 4, 15, 5, 16, 6, 17, 7, 18, 8, 19, 9, 20, 10],
      "LargestImagePixelValue": [1049, 1009, 1964, 1977, 1973, 1145, 1009, 1007, 1224, 1260, 1360, 1254, 1976, 2009, 2076, 2041, 1983, 2049, 2079, 2076],
      "SliceLocation": [-52.075130039364, -44.875128864963, -37.675130595714, -30.475128753345, -23.275127578943, -16.075129309695, -8.8751299218537, -1.6751280794844, 5.5248707490604, 12.724870917526, 19.924871029663, 27.1248711418, 34.324870905373, 41.524870668946, 48.724870474267, 55.924871982652, 63.124870084909, 70.324871593294, 77.524869528559, 84.724871036944],
      "WindowCenter": [1009.0, 1019.0, 1073.0, 1093.0, 1120.0, 1106.0, 1118.0, 1087.0, 1127.0, 1118.0, 1120.0, 1063.0, 1116.0, 1111.0, 1099.0, 1077.0, 1093.0, 1133.0, 1175.0, 1272.0],
      "WindowWidth": [1573.0, 1582.0, 1807.0, 1841.0, 1877.0, 1785.0, 1806.0, 1666.0, 1772.0, 1769.0, 1785.0, 1631.0, 1840.0, 1886.0, 1863.0, 1886.0, 1961.0, 2083.0, 2207.0, 2477.0]
    }
  }
}