{
  "AcquisitionMatrixPE": 448,
  "AcquisitionNumber": 1,
  "AcquisitionTime": "14:55:41.590000",
  "BaseResolution": 448,
  "BodyPartExamined": "CSPINE",
  "CoilString": "HC7;NC1_2",
  "ConsistencyInfo": "N4_VE11C_LATEST_20160120",
  "ConversionSoftware": "dcm2niix",
  "ConversionSoftwareVersion": "v1.0.20190902",
  "DeviceSerialNumber": "167006",
  "DwellTime": 4.3e-06,
  "EchoTime": 0.014,
  "EchoTrainLength": 3,
  "FlipAngle": 30,
  "ImageOrientationPatientDICOM": [1, 0, 0, 0, 0.993572, -0.113203],
  "ImageType": [
    "ORIGINAL",
    "PRIMARY",
    "M",
    "NORM",
    "DIS2D"
],
  "ImagingFrequency": 123.259,
  "InPlanePhaseEncodingDirectionDICOM": "COL",
  "InstitutionAddress": "Chemin_Queen-Mary_4565_Montreal_District_CA_H3W_1W5",
  "InstitutionName": "IUGM",
  "InstitutionalDepartmentName": "Department",
  "MRAcquisitionType": "2D",
  "MagneticFieldStrength": 3,
  "Manufacturer": "Siemens",
  "ManufacturersModelName": "Prisma_fit",
  "Modality": "MR",
  "NumberOfAverages": 2,
  "ParallelReductionFactorInPlane": 2,
  "PartialFourier": 1,
  "PatientPosition": "HFS",
  "PercentPhaseFOV": 100,
  "PhaseEncodingDirection": "j-",
  "PhaseEncodingSteps": 447,
  "PhaseResolution": 1,
  "PixelBandwidth": 260,
  "ProcedureStepDescription": "anat_generic",
  "ProtocolName": "GRE-ME",
  "PulseSequenceDetails": "%SiemensSeq%_medic",
  "ReceiveCoilActiveElements": "HC7;NC1,2",
  "ReceiveCoilName": "HeadNeck_64",
  "ReconMatrixPE": 448,
  "RefLinesPE": 24,
  "RepetitionTime": 0.6,
  "SAR": 0.21613,
  "ScanOptions": "SAT1",
  "ScanningSequence": "GR",
  "SequenceName": "_me2d1r3",
  "SequenceVariant": "SP",
  "SeriesDescription": "GRE-ME",
  "SeriesNumber": 36,
  "ShimSetting": [632, -7286, -9132, 652, -32, 494, 107, -31],
  "SliceThickness": 5,
  "SliceTiming": [0, 0.3125, 0.03125, 0.35938, 0.07812, 0.39062, 0.125, 0.4375, 0.15625, 0.48438, 0.20312, 0.51562, 0.23438, 0.5625, 0.28125],
  "SoftwareVersions": "syngo_MR_E11",
  "SpacingBetweenSlices": 5,
  "StationName": "MRC35049",
  "TxRefAmp": 286.759,
  "dcmmeta_affine": [
    [-0.5, 0.0, 0.0, 109.2469253540039],
    [0.0, 0.4967859387397766, -0.5660152435302734, -84.69317626953125],
    [0.0, 0.05660161003470421, 4.967859268188477, -178.66177368164062],
    [0.0, 0.0, 0.0, 1.0]
],
  "dcmmeta_reorient_transform": [
    [0.0, -1.0, 0.0, 447.0],
    [1.0, 0.0, 0.0, 0.0],
    [0.0, 0.0, -1.0, 14.0],
    [0.0, 0.0, 0.0, 1.0]
],
  "dcmmeta_shape": [448, 448, 15],
  "dcmmeta_slice_dim": 2,
  "dcmmeta_version": 0.6,
  "global": {
    "const": {
      "AcquisitionMatrix": [448, 0, 0, 448],
      "AcquisitionNumber": 1,
      "AngioFlag": "N",
      "BitsAllocated": 16,
      "BitsStored": 12,
      "BodyPartExamined": "CSPINE",
      "Columns": 448,
      "EchoNumbers": 1,
      "EchoTime": 14.0,
      "EchoTrainLength": 3,
      "FlipAngle": 30.0,
      "HighBit": 11,
      "ImageOrientationPatient": [1.0, 0.0, 0.0, 0.0, 0.99357185494771, -0.1132032201652],
      "ImageType": [
        "ORIGINAL",
        "PRIMARY",
        "M",
        "NORM",
        "DIS2D"
],
      "ImagedNucleus": "1H",
      "ImagingFrequency": 123.258866,
      "InPlanePhaseEncodingDirection": "COL",
      "MRAcquisitionType": "2D",
      "MagneticFieldStrength": 3.0,
      "Manufacturer": "SIEMENS",
      "ManufacturerModelName": "Prisma_fit",
      "Modality": "MR",
      "NumberOfAverages": 2.0,
      "NumberOfPhaseEncodingSteps": 447,
      "PercentPhaseFieldOfView": 100.0,
      "PercentSampling": 100.0,
      "PerformedProcedureStepStartTime": "133001.872000",
      "PhotometricInterpretation": "MONOCHROME2",
      "PixelBandwidth": 260.0,
      "PixelRepresentation": 0,
      "PixelSpacing": [0.5, 0.5],
      "ProtocolName": "GRE-ME",
      "RepetitionTime": 600.0,
      "Rows": 448,
      "SAR": 0.21613045890288,
      "SamplesPerPixel": 1,
      "ScanOptions": "SAT1",
      "ScanningSequence": "GR",
      "SequenceName": "*me2d1r3",
      "SequenceVariant": "SP",
      "SeriesDescription": "GRE-ME",
      "SeriesNumber": 36,
      "SeriesTime": "150028.343000",
      "SliceThickness": 5.0,
      "SmallestImagePixelValue": 0,
      "SoftwareVersions": "syngo MR E11",
      "SpacingBetweenSlices": 5.0,
      "SpecificCharacterSet": "ISO_IR 100",
      "StudyID": "1",
      "StudyTime": "133001.778000",
      "TransmitCoilName": "Body",
      "VariableFlipAngleFlag": "N",
      "WindowCenterWidthExplanation": "Algo1",
      "dBdt": 0.0},
    "slices": {
      "AcquisitionTime": ["145541.310000", "145541.630000", "145541.350000", "145541.670000", "145541.390000", "145541.710000", "145541.430000", "145541.750000", "145541.470000", "145541.790000", "145541.510000", "145541.830000", "145541.550000", "145541.870000", "145541.590000"],
      "ContentTime": ["150028.346000", "150028.375000", "150028.349000", "150028.377000", "150028.351000", "150028.379000", "150028.363000", "150028.381000", "150028.365000", "150028.383000", "150028.368000", "150028.385000", "150028.370000", "150028.387000", "150028.372000"],
      "CsaImage.ICE_Dims": [
        "X_1_1_1_1_1_1_1_1_1_15_1_66",
        "X_1_1_1_1_1_1_9_1_1_14_1_66",
        "X_1_1_1_1_1_1_2_1_1_13_1_66",
        "X_1_1_1_1_1_1_10_1_1_12_1_66",
        "X_1_1_1_1_1_1_3_1_1_11_1_66",
        "X_1_1_1_1_1_1_11_1_1_10_1_66",
        "X_1_1_1_1_1_1_4_1_1_9_1_66",
        "X_1_1_1_1_1_1_12_1_1_8_1_66",
        "X_1_1_1_1_1_1_5_1_1_7_1_66",
        "X_1_1_1_1_1_1_13_1_1_6_1_66",
        "X_1_1_1_1_1_1_6_1_1_5_1_66",
        "X_1_1_1_1_1_1_14_1_1_4_1_66",
        "X_1_1_1_1_1_1_7_1_1_3_1_66",
        "X_1_1_1_1_1_1_15_1_1_2_1_66",
        "X_1_1_1_1_1_1_8_1_1_1_1_66"
],
      "CsaImage.ProtocolSliceNumber": [0, 1, 2, 3, 4, 5, 6, 7, 8, 9, 10, 11, 12, 13, 14],
      "CsaImage.SlicePosition_PCS": [
        [-109.24692607, -137.37014709, -22.36085497],
        [-109.24692607, -136.80412994, -17.3929957],
        [-109.24692607, -136.23811469, -12.42513644],
        [-109.24692607, -135.67209754, -7.45727717],
        [-109.24692607, -135.1060823, -2.4894179],
        [-109.24692607, -134.54006706, 2.47844137],
        [-109.24692607, -133.97404991, 7.44630111],
        [-109.24692607, -133.40803466, 12.41416023],
        [-109.24692607, -132.84201751, 17.38201965],
        [-109.24692607, -132.27600227, 22.34987844],
        [-109.24692607, -131.70998512, 27.31773771],
        [-109.24692607, -131.14396987, 32.28559698],
        [-109.24692607, -130.57795463, 37.25345625],
        [-109.24692607, -130.01193748, 42.22131551],
        [-109.24692607, -129.44592224, 47.18917478]
],
      "ImagePositionPatient": [
        [-109.24692606926, -137.37014708886, -153.36085497261],
        [-109.24692606926, -136.80412993798, -148.39299570442],
        [-109.24692606926, -136.23811469445, -143.42513643623],
        [-109.24692606926, -135.67209754357, -138.45727716804],
        [-109.24692606926, -135.10608230004, -133.48941789985],
        [-109.24692606926, -134.54006705651, -128.52155863166],
        [-109.24692606926, -133.97404990563, -123.55369888664],
        [-109.24692606926, -133.4080346621, -118.58583976746],
        [-109.24692606926, -132.84201751122, -113.61798035026],
        [-109.24692606926, -132.27600226769, -108.65012155891],
        [-109.24692606926, -131.70998511681, -103.68226229072],
        [-109.24692606926, -131.14396987328, -98.714403022533],
        [-109.24692606926, -130.57795462975, -93.746543754345],
        [-109.24692606926, -130.01193747887, -88.778684486157],
        [-109.24692606926, -129.44592223534, -83.810825217968]
],
      "InstanceCreationTime": ["150028.346000", "150028.375000", "150028.349000", "150028.377000", "150028.351000", "150028.379000", "150028.363000", "150028.381000", "150028.365000", "150028.383000", "150028.368000", "150028.385000", "150028.370000", "150028.387000", "150028.372000"],
      "InstanceNumber": [15, 14, 13, 12, 11, 10, 9, 8, 7, 6, 5, 4, 3, 2, 1],
      "LargestImagePixelValue": [998, 1095, 1104, 1085, 1213, 1207, 1052, 1080, 1538, 1359, 1204, 1185, 1162, 1209, 1422],
      "SliceLocation": [-167.92577215652, -162.92577204416, -157.92577214771, -152.92577203535, -147.92577213891, -142.92577224247, -137.92577165633, -132.92577190794, -127.92577164753, -122.92577222486, -117.9257721125, -112.92577221605, -107.92577231961, -102.92577220725, -97.925772310804],
      "WindowCenter": [545.0, 567.0, 581.0, 563.0, 533.0, 483.0, 466.0, 467.0, 496.0, 517.0, 527.0, 536.0, 537.0, 542.0, 544.0],
      "WindowWidth": [1082.0, 1133.0, 1170.0, 1159.0, 1125.0, 1027.0, 984.0, 983.0, 1041.0, 1086.0, 1104.0, 1124.0, 1122.0, 1126.0, 1131.0]
    }
  }
}