{
  "AcquisitionMatrixPE": 32,
  "AcquisitionNumber": 1,
  "AcquisitionTime": "16:59:49.282500",
  "BaseResolution": 32,
  "BodyPartExamined": "BRAIN",
  "CoilString": "HC1-7;NC1_2",
  "ConsistencyInfo": "N4_VE11C_LATEST_20160120",
  "ConversionSoftware": "dcm2niix",
  "ConversionSoftwareVersion": "v1.0.20190902",
  "DeviceSerialNumber": "167006",
  "DwellTime": 3.18e-05,
  "EchoTime": 0.00184,
  "FlipAngle": 80,
  "ImageComments": "flip_angle_map",
  "ImageOrientationPatientDICOM": [1, 0, 0, 0, 0.992546, -0.121869],
  "ImageType": [
    "ORIGINAL",
    "PRIMARY",
    "FLIP",
    "ANGLE",
    "MAP",
    "DIS2D"
],
  "ImagingFrequency": 123.26,
  "InPlanePhaseEncodingDirectionDICOM": "COL",
  "InstitutionAddress": "Chemin_Queen-Mary_4565_Montreal_District_CA_H3W_1W5",
  "InstitutionName": "IUGM",
  "InstitutionalDepartmentName": "Department",
  "MRAcquisitionType": "2D",
  "MagneticFieldStrength": 3,
  "Manufacturer": "Siemens",
  "ManufacturersModelName": "Prisma_fit",
  "Modality": "MR",
  "PartialFourier": 1,
  "PatientPosition": "HFS",
  "PercentPhaseFOV": 100,
  "PhaseEncodingDirection": "j-",
  "PhaseEncodingSteps": 32,
  "PhaseResolution": 1,
  "PixelBandwidth": 490,
  "ProcedureStepDescription": "neuromod_generic",
  "ProtocolName": "tfl_b1map_6mm",
  "PulseSequenceDetails": "%SiemensSeq%_tfl_b1map",
  "ReceiveCoilActiveElements": "HC1-7;NC1,2",
  "ReceiveCoilName": "HeadNeck_64",
  "ReconMatrixPE": 32,
  "RepetitionTime": 10,
  "SAR": 0.00524102,
  "ScanningSequence": "GR",
  "SequenceName": "tfl2d1_512",
  "SequenceVariant": "SK_SP",
  "SeriesDescription": "tfl_b1map_6mm",
  "SeriesNumber": 21,
  "ShimSetting": [609, -7204, -8908, 396, 13, -385, 12, 45],
  "SliceThickness": 6,
  "SliceTiming": [5.04688, 0, 5.54688, 0.51562, 6.0625, 1.01562, 6.5625, 1.51562, 7.0625, 2.01562, 7.5625, 2.53125, 8.07812, 3.03125, 8.57812, 3.53125, 9.07812, 4.03125, 9.57812, 4.54688],
  "SoftwareVersions": "syngo_MR_E11",
  "SpacingBetweenSlices": 7.2,
  "StationName": "MRC35049",
  "TxRefAmp": 243.03,
  "dcmmeta_affine": [
    [-6.0, 0.0, 0.0, 91.58329010009766],
    [0.0, 5.955276966094971, -0.8774592876434326, -71.42374420166016],
    [0.0, 0.7312160730361938, 7.146331787109375, -51.62199783325195],
    [0.0, 0.0, 0.0, 1.0]
],
  "dcmmeta_reorient_transform": [
    [0.0, -1.0, 0.0, 31.0],
    [1.0, 0.0, 0.0, 0.0],
    [0.0, 0.0, -1.0, 19.0],
    [0.0, 0.0, 0.0, 1.0]
],
  "dcmmeta_shape": [32, 32, 20],
  "dcmmeta_slice_dim": 2,
  "dcmmeta_version": 0.6,
  "global": {
    "const": {
      "AcquisitionMatrix": [32, 0, 0, 32],
      "AcquisitionNumber": 1,
      "AngioFlag": "N",
      "BitsAllocated": 16,
      "BitsStored": 12,
      "BodyPartExamined": "BRAIN",
      "Columns": 32,
      "EchoNumbers": 1,
      "EchoTime": 1.84,
      "EchoTrainLength": 1,
      "FlipAngle": 80.0,
      "HighBit": 11,
      "ImageOrientationPatient": [1.0, 0.0, 0.0, 0.0, 0.99254615167353, -0.1218693431428],
      "ImageType": [
        "ORIGINAL",
        "PRIMARY",
        "FLIP ANGLE MAP",
        "DIS2D"
],
      "ImagedNucleus": "1H",
      "ImagingFrequency": 123.25964,
      "InPlanePhaseEncodingDirection": "COL",
      "MRAcquisitionType": "2D",
      "MagneticFieldStrength": 3.0,
      "Manufacturer": "SIEMENS",
      "ManufacturerModelName": "Prisma_fit",
      "Modality": "MR",
      "NumberOfAverages": 1.0,
      "NumberOfPhaseEncodingSteps": 32,
      "PercentPhaseFieldOfView": 100.0,
      "PercentSampling": 100.0,
      "PerformedProcedureStepStartTime": "160404.075000",
      "PhotometricInterpretation": "MONOCHROME2",
      "PixelBandwidth": 490.0,
      "PixelRepresentation": 0,
      "PixelSpacing": [6.0, 6.0],
      "ProtocolName": "tfl_b1map_6mm",
      "RepetitionTime": 10000.0,
      "Rows": 32,
      "SAR": 0.00524102202883,
      "SamplesPerPixel": 1,
      "ScanningSequence": "GR",
      "SequenceName": "tfl2d1_512",
      "SequenceVariant": [
        "SK",
        "SP"
],
      "SeriesDescription": "tfl_b1map_6mm",
      "SeriesNumber": 21,
      "SeriesTime": "165954.722000",
      "SliceThickness": 6.0,
      "SmallestImagePixelValue": 0,
      "SoftwareVersions": "syngo MR E11",
      "SpacingBetweenSlices": 7.2,
      "SpecificCharacterSet": "ISO_IR 100",
      "StudyID": "1",
      "StudyTime": "160404.004000",
      "TransmitCoilName": "Body",
      "VariableFlipAngleFlag": "N",
      "WindowCenter": 1069.0,
      "WindowWidth": 1638.0,
      "dBdt": 0.0},
    "slices": {
      "AcquisitionTime": ["165949.282500", "165944.240000", "165949.785000", "165944.745000", "165950.290000", "165945.247500", "165950.795000", "165945.752500", "165951.297500", "165946.257500", "165951.802500", "165946.760000", "165952.307500", "165947.265000", "165952.810000", "165947.770000", "165953.315000", "165948.272500", "165953.820000", "165948.777500"],
      "ContentTime": ["165954.744000", "165954.724000", "165954.746000", "165954.726000", "165954.748000", "165954.728000", "165954.750000", "165954.731000", "165954.752000", "165954.733000", "165954.754000", "165954.735000", "165954.756000", "165954.737000", "165954.758000", "165954.738000", "165954.759000", "165954.740000", "165954.761000", "165954.742000"],
      "CsaImage.ICE_Dims": [
        "X_1_1_2_1_1_1_11_1_1_1_1_519",
        "X_1_1_2_1_1_1_1_1_1_2_1_519",
        "X_1_1_2_1_1_1_12_1_1_3_1_519",
        "X_1_1_2_1_1_1_2_1_1_4_1_519",
        "X_1_1_2_1_1_1_13_1_1_5_1_519",
        "X_1_1_2_1_1_1_3_1_1_6_1_519",
        "X_1_1_2_1_1_1_14_1_1_7_1_519",
        "X_1_1_2_1_1_1_4_1_1_8_1_519",
        "X_1_1_2_1_1_1_15_1_1_9_1_519",
        "X_1_1_2_1_1_1_5_1_1_10_1_519",
        "X_1_1_2_1_1_1_16_1_1_11_1_519",
        "X_1_1_2_1_1_1_6_1_1_12_1_519",
        "X_1_1_2_1_1_1_17_1_1_13_1_519",
        "X_1_1_2_1_1_1_7_1_1_14_1_519",
        "X_1_1_2_1_1_1_18_1_1_15_1_519",
        "X_1_1_2_1_1_1_8_1_1_16_1_519",
        "X_1_1_2_1_1_1_19_1_1_17_1_519",
        "X_1_1_2_1_1_1_9_1_1_18_1_519",
        "X_1_1_2_1_1_1_20_1_1_19_1_519",
        "X_1_1_2_1_1_1_10_1_1_20_1_519"
],
      "CsaImage.ProtocolSliceNumber": [0, 1, 2, 3, 4, 5, 6, 7, 8, 9, 10, 11, 12, 13, 14, 15, 16, 17, 18, 19],
      "CsaImage.SliceMeasurementDuration": [127.5, 127.5, 130.0, 127.5, 127.5, 130.0, 127.5, 127.5, 130.0, 127.5, 127.5, 130.0, 127.5, 127.5, 130.0, 127.5, 127.5, 130.0, 127.5, 127.5],
      "CsaImage.SlicePosition_PCS": [
        [-91.58328772, -113.18983751, -55.95430588],
        [-91.58328772, -112.31237703, -48.80797409],
        [-91.58328772, -111.43491846, -41.6616423],
        [-91.58328772, -110.55745893, -34.51531051],
        [-91.58328772, -109.67999941, -27.36897873],
        [-91.58328772, -108.80254084, -20.22264694],
        [-91.58328772, -107.92508131, -13.07631515],
        [-91.58328772, -107.04762178, -5.92998146],
        [-91.58328772, -106.17016226, 1.21635033],
        [-91.58328772, -105.29270369, 8.36268259],
        [-91.58328772, -104.41524416, 15.50901486],
        [-91.58328772, -103.53778463, 22.6553476],
        [-91.58328772, -102.66032558, 29.80167938],
        [-91.58328772, -101.78286606, 36.94801117],
        [-91.58328772, -100.90540701, 44.09434296],
        [-91.58328772, -100.02794748, 51.24067475],
        [-91.58328772, -99.15048843, 58.38701035],
        [-91.58328772, -98.27302915, 65.53334213],
        [-91.58328772, -97.39556986, 72.67967392],
        [-91.58328772, -96.51811057, 79.82600571]
],
      "CsaImage.TimeAfterStart": [15.1275, 10.085, 15.63, 10.59, 16.135, 11.0925, 16.64, 11.5975, 17.1425, 12.1025, 17.6475, 12.605, 18.1525, 13.11, 18.655, 13.615, 19.16, 14.1175, 19.665, 14.6225],
      "ImagePositionPatient": [
        [-91.583287715912, -113.18983751256, -28.954305875672],
        [-91.583287715912, -112.31237703283, -21.807974088563],
        [-91.583287715912, -111.43491846044, -14.661642301453],
        [-91.583287715912, -110.55745893438, -7.515310514344],
        [-91.583287715912, -109.67999940832, -0.3689787272346],
        [-91.583287715912, -108.80254083593, 6.7773530598748],
        [-91.583287715912, -107.92508130987, 13.923684846984],
        [-91.583287715912, -107.0476217838, 21.070018541442],
        [-91.583287715912, -106.17016225774, 28.216350328552],
        [-91.583287715912, -105.29270368535, 35.362682592498],
        [-91.583287715912, -104.41524415929, 42.509014856445],
        [-91.583287715912, -103.53778463323, 49.655347597228],
        [-91.583287715912, -102.660325584, 56.801679384338],
        [-91.583287715912, -101.78286605794, 63.948011171447],
        [-91.583287715912, -100.90540700872, 71.094342958556],
        [-91.583287715912, -100.02794748266, 78.240674745666],
        [-91.583287715912, -99.150488433431, 85.387010347472],
        [-91.583287715912, -98.273029145788, 92.533342134582],
        [-91.583287715912, -97.395569858144, 99.679673921691],
        [-91.583287715912, -96.518110570501, 106.8260057088]
],
      "InstanceCreationTime": ["165954.744000", "165954.724000", "165954.746000", "165954.726000", "165954.748000", "165954.728000", "165954.750000", "165954.731000", "165954.752000", "165954.733000", "165954.754000", "165954.735000", "165954.756000", "165954.737000", "165954.758000", "165954.738000", "165954.759000", "165954.740000", "165954.761000", "165954.742000"],
      "InstanceNumber": [11, 1, 12, 2, 13, 3, 14, 4, 15, 5, 16, 6, 17, 7, 18, 8, 19, 9, 20, 10],
      "LargestImagePixelValue": [1240, 1244, 1973, 1702, 1002, 1012, 1021, 1097, 1050, 1289, 949, 1091, 2090, 1373, 1773, 2126, 2134, 2102, 2096, 2080],
      "SliceLocation": [-42.532856019375, -35.332856373198, -28.132856959469, -20.932857429516, -13.732857899562, -6.5328584858328, 0.66714104412039, 7.8671424672052, 15.067141997158, 22.267141884171, 29.467141887407, 36.667142363926, 43.867141835767, 51.067141365721, 58.267140837562, 65.467140367515, 72.66714362562, 79.867143126517, 87.067142627414, 94.267142128312],
      "WindowCenterWidthExplanation": [
        "WINDOW1",
        "WINDOW1",
        "WINDOW1",
        "WINDOW1",
        "WINDOW1",
        "WINDOW1",
        "WINDOW1",
        "WINDOW1",
        "WINDOW1",
        "WINDOW1",
        "Algo1",
        "WINDOW1",
        "WINDOW1",
        "WINDOW1",
        "WINDOW1",
        "WINDOW1",
        "WINDOW1",
        "WINDOW1",
        "WINDOW1",
        "WINDOW1"
]
    }
  }
}