{
  "AcquisitionMatrixPE": 128,
  "AcquisitionNumber": 1,
  "AcquisitionTime": "11:01:26.987500",
  "BaseResolution": 128,
  "BodyPartExamined": "BRAIN",
  "ConsistencyInfo": "N4_VE11C_LATEST_20160120",
  "ConversionSoftware": "dcm2niix",
  "ConversionSoftwareVersion": "v1.0.20190902",
  "DeviceSerialNumber": "167006",
  "DwellTime": 1.86e-05,
  "EchoTime": 0.0033,
  "FlipAngle": 6,
  "ImageOrientationPatientDICOM": [1, 4.107e-12, -2.667e-12, -4.897e-12, 0.838671, -0.544639],
  "ImageType": [
    "ORIGINAL",
    "PRIMARY",
    "M",
    "DIS3D",
    "DIS2D"
],
  "ImagingFrequency": 123.259,
  "InPlanePhaseEncodingDirectionDICOM": "ROW",
  "InstitutionAddress": "Chemin_Queen-Mary_4565_Montreal_District_CA_H3W_1W5",
  "InstitutionName": "IUGM",
  "InstitutionalDepartmentName": "Department",
  "MRAcquisitionType": "3D",
  "MagneticFieldStrength": 3,
  "Manufacturer": "Siemens",
  "ManufacturersModelName": "Prisma_fit",
  "Modality": "MR",
  "ParallelReductionFactorInPlane": 2,
  "PartialFourier": 1,
  "PatientPosition": "HFS",
  "PercentPhaseFOV": 100,
  "PhaseEncodingSteps": 127,
  "PhaseResolution": 1,
  "PixelBandwidth": 210,
  "ProcedureStepDescription": "neuromod_generic",
  "ProtocolName": "gre_3d_PDw",
  "PulseSequenceDetails": "%SiemensSeq%_gre",
  "ReceiveCoilActiveElements": "HC1-7;NC1",
  "ReceiveCoilName": "HeadNeck_64",
  "ReconMatrixPE": 128,
  "RefLinesPE": 32,
  "RepetitionTime": 0.028,
  "SAR": 0.00201265,
  "ScanningSequence": "GR",
  "SequenceName": "_fl3d1",
  "SequenceVariant": "SP",
  "SeriesDescription": "gre_3d_PDw",
  "SeriesNumber": 17,
  "ShimSetting": [610, -7180, -8895, 265, -18, -233, -8, -9],
  "SliceThickness": 1.5,
  "SoftwareVersions": "syngo_MR_E11",
  "StationName": "MRC35049",
  "TxRefAmp": 249.919,
  "dcmmeta_affine": [
    [1.5, -7.345500076250122e-12, 0.0, -95.00313568115234],
    [6.160500061469509e-12, 1.2580058574676514, -0.8169585466384888, -37.427520751953125],
    [4.000500018058739e-12, 0.8169585466384888, 1.2580058574676514, -118.27434539794922],
    [0.0, 0.0, 0.0, 1.0]
],
  "dcmmeta_reorient_transform": [
    [0.0, -1.0, 0.0, 127.0],
    [-1.0, 0.0, 0.0, 127.0],
    [0.0, 0.0, -1.0, 95.0],
    [0.0, 0.0, 0.0, 1.0]
],
  "dcmmeta_shape": [128, 128, 96],
  "dcmmeta_slice_dim": 2,
  "dcmmeta_version": 0.6,
  "global": {
    "const": {
      "AcquisitionMatrix": [0, 128, 128, 0],
      "AcquisitionNumber": 1,
      "AcquisitionTime": "110126.987500",
      "AngioFlag": "N",
      "BitsAllocated": 16,
      "BitsStored": 12,
      "BodyPartExamined": "BRAIN",
      "Columns": 128,
      "EchoNumbers": 1,
      "EchoTime": 3.3,
      "EchoTrainLength": 1,
      "FlipAngle": 6.0,
      "HighBit": 11,
      "ImageOrientationPatient": [1.0, 4.107e-12, -2.667e-12, -4.897e-12, 0.83867055833113, -0.5446390498197],
      "ImageType": [
        "ORIGINAL",
        "PRIMARY",
        "M",
        "DIS3D",
        "DIS2D"
],
      "ImagedNucleus": "1H",
      "ImagingFrequency": 123.259287,
      "InPlanePhaseEncodingDirection": "ROW",
      "MRAcquisitionType": "3D",
      "MagneticFieldStrength": 3.0,
      "Manufacturer": "SIEMENS",
      "ManufacturerModelName": "Prisma_fit",
      "Modality": "MR",
      "NumberOfAverages": 1.0,
      "NumberOfPhaseEncodingSteps": 127,
      "PercentPhaseFieldOfView": 100.0,
      "PercentSampling": 100.0,
      "PerformedProcedureStepStartTime": "102115.592000",
      "PhotometricInterpretation": "MONOCHROME2",
      "PixelBandwidth": 210.0,
      "PixelRepresentation": 0,
      "PixelSpacing": [1.5, 1.5],
      "ProtocolName": "gre_3d_PDw",
      "RepetitionTime": 28.0,
      "Rows": 128,
      "SAR": 0.00201265372963,
      "SamplesPerPixel": 1,
      "ScanningSequence": "GR",
      "SequenceName": "*fl3d1",
      "SequenceVariant": "SP",
      "SeriesDescription": "gre_3d_PDw",
      "SeriesNumber": 17,
      "SeriesTime": "110506.523000",
      "SliceThickness": 1.5,
      "SmallestImagePixelValue": 0,
      "SoftwareVersions": "syngo MR E11",
      "SpecificCharacterSet": "ISO_IR 100",
      "StudyID": "1",
      "StudyTime": "102115.299000",
      "TransmitCoilName": "Body",
      "VariableFlipAngleFlag": "N",
      "WindowCenterWidthExplanation": "Algo1",
      "dBdt": 0.0},
