{
  "AcquisitionMatrixPE": 256,
  "AcquisitionNumber": 1,
  "AcquisitionTime": "16:34:0.987500",
  "BaseResolution": 256,
  "BodyPartExamined": "CSPINE",
  "CoilString": "HC5-7;NC1_2",
  "ConsistencyInfo": "N4_VE11C_LATEST_20160120",
  "ConversionSoftware": "dcm2niix",
  "ConversionSoftwareVersion": "v1.0.20190902",
  "DeviceSerialNumber": "167006",
  "DwellTime": 7.5e-06,
  "EchoTime": 0.00313,
  "FlipAngle": 9,
  "ImageOrientationPatientDICOM": [1, 0, 0, 0, 0.963163, 0.26892],
  "ImageType": [
    "ORIGINAL",
    "PRIMARY",
    "M",
    "DIS2D"
],
  "ImagingFrequency": 123.259,
  "InPlanePhaseEncodingDirectionDICOM": "COL",
  "InstitutionAddress": "Chemin_Queen-Mary_4565_Montreal_District_CA_H3W_1W5",
  "InstitutionName": "IUGM",
  "InstitutionalDepartmentName": "Department",
  "MRAcquisitionType": "3D",
  "MagneticFieldStrength": 3,
  "Manufacturer": "Siemens",
  "ManufacturersModelName": "Prisma_fit",
  "Modality": "MR",
  "ParallelReductionFactorInPlane": 2,
  "PartialFourier": 1,
  "PatientPosition": "HFS",
  "PercentPhaseFOV": 100,
  "PhaseEncodingSteps": 255,
  "PhaseResolution": 1,
  "PixelBandwidth": 260,
  "ProcedureStepDescription": "hcptrt_generic",
  "ProtocolName": "GRE-MT0",
  "PulseSequenceDetails": "%SiemensSeq%_gre",
  "ReceiveCoilActiveElements": "HC5-7;NC1,2",
  "ReceiveCoilName": "HeadNeck_64",
  "ReconMatrixPE": 256,
  "RefLinesPE": 32,
  "RepetitionTime": 0.035,
  "SAR": 0.00517913,
  "ScanningSequence": "GR",
  "SequenceName": "_fl3d1",
  "SequenceVariant": "SP",
  "SeriesDescription": "GRE-MT0",
  "SeriesNumber": 39,
  "ShimSetting": [614, -7095, -8914, -952, 104, 2393, -744, -117],
  "SliceThickness": 5,
  "SoftwareVersions": "syngo_MR_E11",
  "StationName": "MRC35049",
  "TxRefAmp": 265.588,
  "dcmmeta_affine": [
    [0.8984375, 0.0, 0.0, -113.99614715576172],
    [0.0, 0.8653413653373718, 1.3445991277694702, -149.15560913085938],
    [0.0, -0.2416076511144638, 4.815813064575195, -124.36883544921875],
    [0.0, 0.0, 0.0, 1.0]
],
  "dcmmeta_reorient_transform": [
    [0.0, -1.0, 0.0, 255.0],
    [-1.0, 0.0, 0.0, 255.0],
    [0.0, 0.0, -1.0, 21.0],
    [0.0, 0.0, 0.0, 1.0]
],
  "dcmmeta_shape": [256, 256, 22],
  "dcmmeta_slice_dim": 2,
  "dcmmeta_version": 0.6,
  "global": {
    "const": {
      "AcquisitionMatrix": [256, 0, 0, 256],
      "AcquisitionNumber": 1,
      "AcquisitionTime": "163400.987500",
      "AngioFlag": "N",
      "BitsAllocated": 16,
      "BitsStored": 12,
      "BodyPartExamined": "CSPINE",
      "Columns": 256,
      "EchoNumbers": 1,
      "EchoTime": 3.13,
      "EchoTrainLength": 1,
      "FlipAngle": 9.0,
      "HighBit": 11,
      "ImageOrientationPatient": [1.0, 0.0, 0.0, 0.0, 0.96316256641558, 0.26891982198373],
      "ImageType": [
        "ORIGINAL",
        "PRIMARY",
        "M",
        "DIS2D"
],
      "ImagedNucleus": "1H",
      "ImagingFrequency": 123.258872,
      "InPlanePhaseEncodingDirection": "COL",
      "MRAcquisitionType": "3D",
      "MagneticFieldStrength": 3.0,
      "Manufacturer": "SIEMENS",
      "ManufacturerModelName": "Prisma_fit",
      "Modality": "MR",
      "NumberOfAverages": 1.0,
      "NumberOfPhaseEncodingSteps": 255,
      "PercentPhaseFieldOfView": 100.0,
      "PercentSampling": 100.0,
      "PerformedProcedureStepStartTime": "144816.565000",
      "PhotometricInterpretation": "MONOCHROME2",
      "PixelBandwidth": 260.0,
      "PixelRepresentation": 0,
      "PixelSpacing": [0.8984375, 0.8984375],
      "ProtocolName": "GRE-MT0",
      "RepetitionTime": 35.0,
      "Rows": 256,
      "SAR": 0.00517912785664,
      "SamplesPerPixel": 1,
      "ScanningSequence": "GR",
      "SequenceName": "*fl3d1",
      "SequenceVariant": "SP",
      "SeriesDescription": "GRE-MT0",
      "SeriesNumber": 39,
      "SeriesTime": "163615.853000",
      "SliceThickness": 5.0,
      "SmallestImagePixelValue": 0,
      "SoftwareVersions": "syngo MR E11",
      "SpecificCharacterSet": "ISO_IR 100",
      "StudyID": "1",
      "StudyTime": "144816.502000",
      "TransmitCoilName": "Body",
      "VariableFlipAngleFlag": "N",
      "WindowCenterWidthExplanation": "Algo1",
      "dBdt": 0.0},
    "slices": {
      "ContentTime": ["163615.856000", "163615.859000", "163615.861000", "163615.863000", "163615.865000", "163615.867000", "163615.870000", "163615.872000", "163615.880000", "163615.882000", "163615.884000", "163615.887000", "163615.889000", "163615.891000", "163615.893000", "163615.895000", "163615.897000", "163615.899000", "163615.901000", "163615.903000", "163615.905000", "163615.907000"],
      "CsaImage.Actual3DImaPartNumber": [0, 1, 2, 3, 4, 5, 6, 7, 8, 9, 10, 11, 12, 13, 14, 15, 16, 17, 18, 19, 20, 21],
      "CsaImage.ICE_Dims": [
        "X_1_1_1_1_1_1_1_1_1_1_1_496",
        "X_1_1_1_1_1_2_1_1_1_1_1_496",
        "X_1_1_1_1_1_3_1_1_1_1_1_496",
        "X_1_1_1_1_1_4_1_1_1_1_1_496",
        "X_1_1_1_1_1_5_1_1_1_1_1_496",
        "X_1_1_1_1_1_6_1_1_1_1_1_496",
        "X_1_1_1_1_1_7_1_1_1_1_1_496",
        "X_1_1_1_1_1_8_1_1_1_1_1_496",
        "X_1_1_1_1_1_9_1_1_1_1_1_496",
        "X_1_1_1_1_1_10_1_1_1_1_1_496",
        "X_1_1_1_1_1_11_1_1_1_1_1_496",
        "X_1_1_1_1_1_12_1_1_1_1_1_496",
        "X_1_1_1_1_1_13_1_1_1_1_1_496",
        "X_1_1_1_1_1_14_1_1_1_1_1_496",
        "X_1_1_1_1_1_15_1_1_1_1_1_496",
        "X_1_1_1_1_1_16_1_1_1_1_1_496",
        "X_1_1_1_1_1_17_1_1_1_1_1_496",
        "X_1_1_1_1_1_18_1_1_1_1_1_496",
        "X_1_1_1_1_1_19_1_1_1_1_1_496",
        "X_1_1_1_1_1_20_1_1_1_1_1_496",
        "X_1_1_1_1_1_21_1_1_1_1_1_496",
        "X_1_1_1_1_1_22_1_1_1_1_1_496"
],
      "CsaImage.SlicePosition_PCS": [
        [-115.10541444, -71.50643315, -81.97878552],
        [-115.10541444, -72.85103226, -77.16297269],
        [-115.10541444, -74.19563137, -72.34715986],
        [-115.10541444, -75.54023048, -67.53134703],
        [-115.10541444, -76.88482959, -62.7155342],
        [-115.10541444, -78.2294287, -57.89972136],
        [-115.10541444, -79.57402781, -53.08390853],
        [-115.10541444, -80.91862692, -48.2680957],
        [-115.10541444, -82.26322603, -43.45228287],
        [-115.10541444, -83.60782514, -38.63647004],
        [-115.10541444, -84.95242425, -33.8206572],
        [-115.10541444, -86.29702336, -29.00484437],
        [-115.10541444, -87.64162247, -24.18903154],
        [-115.10541444, -88.98622158, -19.37321871],
        [-115.10541444, -90.33082069, -14.55740587],
        [-115.10541444, -91.6754198, -9.74159304],
        [-115.10541444, -93.02001891, -4.92578021],
        [-115.10541444, -94.36461802, -0.10996738],
        [-115.10541444, -95.70921713, 4.70584545],
        [-115.10541444, -97.05381624, 9.52165829],
        [-115.10541444, -98.39841535, 14.33747112],
        [-115.10541444, -99.74301446, 19.15328395]
],
      "ImagePositionPatient": [
        [-115.10541443527, -71.506433154911, -185.97878552406],
        [-115.10541443527, -72.851032264829, -181.16297269199],
        [-115.10541443527, -74.195631374748, -176.34715985991],
        [-115.10541443527, -75.540230484666, -171.53134702783],
        [-115.10541443527, -76.884829594585, -166.71553419575],
        [-115.10541443527, -78.229428704504, -161.89972136367],
        [-115.10541443527, -79.574027814422, -157.0839085316],
        [-115.10541443527, -80.918626924341, -152.26809569952],
        [-115.10541443527, -82.26322603426, -147.45228286744],
        [-115.10541443527, -83.607825144178, -142.63647003536],
        [-115.10541443527, -84.952424254097, -137.82065720329],
        [-115.10541443527, -86.297023364016, -133.00484437121],
        [-115.10541443527, -87.641622473934, -128.18903153913],
        [-115.10541443527, -88.986221583853, -123.37321870705],
        [-115.10541443527, -90.330820693772, -118.55740587497],
        [-115.10541443527, -91.67541980369, -113.7415930429],
        [-115.10541443527, -93.020018913609, -108.92578021082],
        [-115.10541443527, -94.364618023528, -104.10996737874],
        [-115.10541443527, -95.709217133446, -99.294154546662],
        [-115.10541443527, -97.053816243365, -94.478341714584],
        [-115.10541443527, -98.398415353283, -89.662528882506],
        [-115.10541443527, -99.743014463202, -84.846716050428]
],
      "InstanceCreationTime": ["163615.856000", "163615.859000", "163615.861000", "163615.863000", "163615.865000", "163615.867000", "163615.870000", "163615.872000", "163615.880000", "163615.882000", "163615.884000", "163615.887000", "163615.889000", "163615.891000", "163615.893000", "163615.895000", "163615.897000", "163615.899000", "163615.901000", "163615.903000", "163615.905000", "163615.907000"],
      "InstanceNumber": [22, 21, 20, 19, 18, 17, 16, 15, 14, 13, 12, 11, 10, 9, 8, 7, 6, 5, 4, 3, 2, 1],
      "LargestImagePixelValue": [4095, 4095, 4095, 4095, 4095, 4095, 4095, 4095, 4095, 4095, 4095, 4095, 4095, 4095, 4095, 4095, 4095, 4095, 4095, 4095, 4095, 3383],
      "SliceLocation": [-159.8983070895, -154.8983070895, -149.8983070895, -144.8983070895, -139.8983070895, -134.8983070895, -129.8983070895, -124.8983070895, -119.8983070895, -114.8983070895, -109.8983070895, -104.8983070895, -99.898307089499, -94.898307089499, -89.898307089499, -84.898307089499, -79.898307089499, -74.898307089499, -69.898307089499, -64.898307089499, -59.898307089499, -54.898307089499],
      "WindowCenter": [918.0, 1330.0, 1111.0, 81.0, 1.0, 1.0, 1.0, 1.0, 1.0, 1.0, 1.0, 1.0, 340.0, 704.0, 864.0, 1180.0, 1450.0, 1479.0, 963.0, 1111.0, 1167.0, 749.0],
      "WindowWidth": [2403.0, 3049.0, 3675.0, 4091.0, 4054.0, 4002.0, 3835.0, 3898.0, 3935.0, 3955.0, 3998.0, 4035.0, 4095.0, 4095.0, 4095.0, 4095.0, 4095.0, 4095.0, 4095.0, 3762.0, 2835.0, 1708.0]
    }
  }
}