{
  "AcquisitionMatrixPE": 448,
  "AcquisitionNumber": 1,
  "AcquisitionTime": "10:17:13.805000",
  "BaseResolution": 448,
  "BodyPartExamined": "CSPINE",
  "CoilCombinationMethod": "Adaptive Combine",
  "ConsistencyInfo": "N4_VE11C_LATEST_20160120",
  "ConversionSoftware": "dcm2niix",
  "ConversionSoftwareVersion": "v1.0.20211006",
  "DeviceSerialNumber": "167006",
  "DwellTime": 4.3e-06,
  "EchoTime": 0.014,
  "EchoTrainLength": 3,
  "FlipAngle": 30,
  "HeudiconvVersion": "0.5.3.post569+g418601f",
  "ImageOrientationPatientDICOM": [0.999701, -0.00229922, -0.0243238, -5.29028e-08, 0.995562, -0.0941083],
  "ImageOrientationText": "Tra>Cor(-5.4)>Sag(-1.4)",
  "ImageType": [
    "ORIGINAL",
    "PRIMARY",
    "M",
    "NORM",
    "DIS2D"
],
  "ImagingFrequency": 123.259,
  "InPlanePhaseEncodingDirectionDICOM": "COL",
  "InstitutionAddress": "Chemin Queen-Mary 4565,Montreal,District,CA,H3W 1W5",
  "InstitutionName": "IUGM",
  "InstitutionalDepartmentName": "Department",
  "MRAcquisitionType": "2D",
  "MagneticFieldStrength": 3,
  "Manufacturer": "Siemens",
  "ManufacturersModelName": "Prisma_fit",
  "MatrixCoilMode": "GRAPPA",
  "Modality": "MR",
  "NumberOfAverages": 2,
  "ParallelReductionFactorInPlane": 2,
  "PartialFourier": 1,
  "PatientPosition": "HFS",
  "PercentPhaseFOV": 100,
  "PercentSampling": 100,
  "PhaseEncodingDirection": "j-",
  "PhaseEncodingSteps": 447,
  "PhaseResolution": 1,
  "PixelBandwidth": 260,
  "ProcedureStepDescription": "anat^generic",
  "ProtocolName": "GRE-ME",
  "PulseSequenceDetails": "%SiemensSeq%\\medic",
  "ReceiveCoilActiveElements": "HC7;NC1,2",
  "ReceiveCoilName": "HeadNeck_64",
  "ReconMatrixPE": 448,
  "RefLinesPE": 24,
  "RepetitionTime": 0.6,
  "SAR": 0.235314,
  "ScanOptions": "SAT1",
  "ScanningSequence": "GR",
  "SequenceName": "*me2d1r3",
  "SequenceVariant": "SP",
  "SeriesDescription": "GRE-ME",
  "SeriesNumber": 36,
  "ShimSetting": [614, -7262, -9178, 654, 61, 813, 10, -8],
  "SliceThickness": 5,
  "SliceTiming": [0, 0.32031, 0.03906, 0.35938, 0.07812, 0.39844, 0.125, 0.44531, 0.16406, 0.48438, 0.20312, 0.52344, 0.24219, 0.5625, 0.28125],
  "SoftwareVersions": "syngo MR E11",
  "SpacingBetweenSlices": 5,
  "StationName": "MRC35049",
  "TxRefAmp": 296.989,
  "dcmmeta_affine": [
    [-0.4998507499694824, -2.6451392187709644e-08, -0.1221609115600586, 110.26004028320312],
    [0.0011496091028675437, 0.497780978679657, -0.4704017639160156, -86.35211181640625],
    [-0.012161875143647194, 0.04705415666103363, 4.976322174072266, -180.86825561523438],
    [0.0, 0.0, 0.0, 1.0]
],
  "dcmmeta_reorient_transform": [
    [0.0, -1.0, 0.0, 447.0],
    [1.0, 0.0, 0.0, 0.0],
    [0.0, 0.0, -1.0, 14.0],
    [0.0, 0.0, 0.0, 1.0]
],
  "dcmmeta_shape": [448, 448, 15],
  "dcmmeta_slice_dim": 2,
  "dcmmeta_version": 0.6,
  "global": {
    "const": {
      "AcquisitionMatrix": [448, 0, 0, 448],
      "AcquisitionNumber": 1,
      "AngioFlag": "N",
      "BitsAllocated": 16,
      "BitsStored": 12,
      "BodyPartExamined": "CSPINE",
      "Columns": 448,
      "EchoNumbers": 1,
      "EchoTime": 14.0,
      "EchoTrainLength": 3,
      "FlipAngle": 30.0,
      "HighBit": 11,
      "ImageOrientationPatient": [0.99970148984744, -0.0022992182112, -0.0243237495552, -5.2902786e-08, 0.99556196444061, -0.0941083150372],
      "ImageType": [
        "ORIGINAL",
        "PRIMARY",
        "M",
        "NORM",
        "DIS2D"
],
      "ImagedNucleus": "1H",
      "ImagingFrequency": 123.258841,
      "InPlanePhaseEncodingDirection": "COL",
      "MRAcquisitionType": "2D",
      "MagneticFieldStrength": 3.0,
      "Manufacturer": "SIEMENS",
      "ManufacturerModelName": "Prisma_fit",
      "Modality": "MR",
      "NumberOfAverages": 2.0,
      "NumberOfPhaseEncodingSteps": 447,
      "PercentPhaseFieldOfView": 100.0,
      "PercentSampling": 100.0,
      "PerformedProcedureStepStartTime": "090258.984000",
      "PhotometricInterpretation": "MONOCHROME2",
      "PixelBandwidth": 260.0,
      "PixelRepresentation": 0,
      "PixelSpacing": [0.5, 0.5],
      "ProtocolName": "GRE-ME",
      "RepetitionTime": 600.0,
      "Rows": 448,
      "SAR": 0.23531403616037,
      "SamplesPerPixel": 1,
      "ScanOptions": "SAT1",
      "ScanningSequence": "GR",
      "SequenceName": "*me2d1r3",
      "SequenceVariant": "SP",
      "SeriesDescription": "GRE-ME",
      "SeriesNumber": 36,
      "SeriesTime": "102200.312000",
      "SliceThickness": 5.0,
      "SmallestImagePixelValue": 0,
      "SoftwareVersions": "syngo MR E11",
      "SpacingBetweenSlices": 5.0,
      "SpecificCharacterSet": "ISO_IR 100",
      "StudyID": "1",
      "StudyTime": "090258.821000",
      "TransmitCoilName": "Body",
      "VariableFlipAngleFlag": "N",
      "WindowCenter": 532.0,
      "WindowCenterWidthExplanation": "WINDOW1",
      "WindowWidth": 968.0,
      "dBdt": 0.0},
    "slices": {
      "AcquisitionTime": ["101713.525000", "101713.845000", "101713.565000", "101713.885000", "101713.605000", "101713.925000", "101713.645000", "101713.965000", "101713.685000", "101714.005000", "101713.725000", "101714.045000", "101713.765000", "101714.085000", "101713.805000"],
      "ContentTime": ["102200.315000", "102200.332000", "102200.318000", "102200.334000", "102200.320000", "102200.336000", "102200.322000", "102200.339000", "102200.324000", "102200.341000", "102200.326000", "102200.344000", "102200.328000", "102200.346000", "102200.330000"],
      "CsaImage.ICE_Dims": [
        "X_1_1_1_1_1_1_1_1_1_15_1_63",
        "X_1_1_1_1_1_1_9_1_1_14_1_63",
        "X_1_1_1_1_1_1_2_1_1_13_1_63",
        "X_1_1_1_1_1_1_10_1_1_12_1_63",
        "X_1_1_1_1_1_1_3_1_1_11_1_63",
        "X_1_1_1_1_1_1_11_1_1_10_1_63",
        "X_1_1_1_1_1_1_4_1_1_9_1_63",
        "X_1_1_1_1_1_1_12_1_1_8_1_63",
        "X_1_1_1_1_1_1_5_1_1_7_1_63",
        "X_1_1_1_1_1_1_13_1_1_6_1_63",
        "X_1_1_1_1_1_1_6_1_1_5_1_63",
        "X_1_1_1_1_1_1_14_1_1_4_1_63",
        "X_1_1_1_1_1_1_7_1_1_3_1_63",
        "X_1_1_1_1_1_1_15_1_1_2_1_63",
        "X_1_1_1_1_1_1_8_1_1_1_1_63"
],
      "CsaImage.ProtocolSliceNumber": [0, 1, 2, 3, 4, 5, 6, 7, 8, 9, 10, 11, 12, 13, 14],
      "CsaImage.SlicePosition_PCS": [
        [-110.26002596, -136.15598056, -21.83506555],
        [-110.13786504, -135.6855807, -16.85874147],
        [-110.01570413, -135.21517894, -11.88241739],
        [-109.89354334, -134.74477717, -6.90609331],
        [-109.77138243, -134.27437732, -1.92977018],
        [-109.64922152, -133.80397555, 3.0465539],
        [-109.52706061, -133.33357379, 8.02287751],
        [-109.40489969, -132.86317393, 12.99920138],
        [-109.28273878, -132.39277217, 17.97552519],
        [-109.16057787, -131.9223704, 22.95184927],
        [-109.03841696, -131.45197055, 27.92817335],
        [-108.91625629, -130.98156878, 32.90449744],
        [-108.79409537, -130.51116702, 37.88082152],
        [-108.67193446, -130.04076716, 42.8571456],
        [-108.54977355, -129.5703654, 47.83346777]
],
      "ImagePositionPatient": [
        [-110.26002595607, -136.15598055621, -159.83506555276],
        [-110.13786504451, -135.68558069964, -154.85874147134],
        [-110.01570413295, -135.21517893572, -149.88241738991],
        [-109.8935433406, -134.74477717181, -144.90609330849],
        [-109.77138242904, -134.27437731524, -139.92977018075],
        [-109.64922151748, -133.80397555133, -134.95344609933],
        [-109.52706060592, -133.33357378741, -129.97712249474],
        [-109.40489969436, -132.86317393084, -125.00079862194],
        [-109.2827387828, -132.39277216693, -120.02447480874],
        [-109.16057787124, -131.92237040301, -115.04815072732],
        [-109.03841695968, -131.45197054644, -110.0718266459],
        [-108.91625628654, -130.98156878253, -105.09550256447],
        [-108.79409537498, -130.51116701861, -100.11917848305],
        [-108.67193446342, -130.04076716204, -95.142854401633],
        [-108.54977355186, -129.57036539813, -90.166532227561]
],
      "InstanceCreationTime": ["102200.315000", "102200.332000", "102200.318000", "102200.334000", "102200.320000", "102200.336000", "102200.322000", "102200.339000", "102200.324000", "102200.341000", "102200.326000", "102200.344000", "102200.328000", "102200.346000", "102200.330000"],
      "InstanceNumber": [15, 14, 13, 12, 11, 10, 9, 8, 7, 6, 5, 4, 3, 2, 1],
      "LargestImagePixelValue": [1080, 1136, 1157, 1298, 1369, 1514, 1354, 1300, 1439, 1435, 1364, 1286, 1204, 1207, 1408],
      "SliceLocation": [-174.58168864122, -169.58168857355, -164.58168832644, -159.58168808224, -154.58168896373, -149.58168871661, -144.58168894408, -139.58168908404, -134.58168910387, -129.58168885676, -124.58168878909, -119.5816885478, -114.58168830069, -109.58168823302, -104.58168988422]
    }
  }
}