{
  "AcquisitionMatrixPE": 256,
  "AcquisitionNumber": 1,
  "AcquisitionTime": "10:10:41.950000",
  "BaseResolution": 256,
  "BodyPartExamined": "CSPINE",
  "CoilCombinationMethod": "Adaptive Combine",
  "ConsistencyInfo": "N4_VE11C_LATEST_20160120",
  "ConversionSoftware": "dcm2niix",
  "ConversionSoftwareVersion": "v1.0.20211006",
  "DeviceSerialNumber": "167006",
  "DwellTime": 7.5e-06,
  "EchoTime": 0.00313,
  "FlipAngle": 9,
  "HeudiconvVersion": "0.5.3.post569+g418601f",
  "ImageOrientationPatientDICOM": [0.999701, -0.00229922, -0.0243238, -5.29028e-08, 0.995562, -0.0941083],
  "ImageOrientationText": "Tra>Cor(-5.4)>Sag(-1.4)",
  "ImageType": [
    "ORIGINAL",
    "PRIMARY",
    "M",
    "DIS2D"
],
  "ImagingFrequency": 123.259,
  "InPlanePhaseEncodingDirectionDICOM": "COL",
  "InstitutionAddress": "Chemin Queen-Mary 4565,Montreal,District,CA,H3W 1W5",
  "InstitutionName": "IUGM",
  "InstitutionalDepartmentName": "Department",
  "MRAcquisitionType": "3D",
  "MTState": true,
  "MagneticFieldStrength": 3,
  "Manufacturer": "Siemens",
  "ManufacturersModelName": "Prisma_fit",
  "MatrixCoilMode": "GRAPPA",
  "Modality": "MR",
  "ParallelReductionFactorInPlane": 2,
  "PartialFourier": 1,
  "PatientPosition": "HFS",
  "PercentPhaseFOV": 100,
  "PercentSampling": 100,
  "PhaseEncodingSteps": 255,
  "PhaseResolution": 1,
  "PixelBandwidth": 260,
  "ProcedureStepDescription": "anat^generic",
  "ProtocolName": "GRE-MT1",
  "PulseSequenceDetails": "%SiemensSeq%\\gre",
  "ReceiveCoilActiveElements": "HC5-7;NC1,2",
  "ReceiveCoilName": "HeadNeck_64",
  "ReconMatrixPE": 256,
  "RefLinesPE": 32,
  "RepetitionTime": 0.035,
  "SAR": 0.547591,
  "ScanOptions": "MT",
  "ScanningSequence": "GR",
  "SequenceName": "*fl3d1",
  "SequenceVariant": "MTC\\SP",
  "SeriesDescription": "GRE-MT1",
  "SeriesNumber": 33,
  "ShimSetting": [605, -7380, -9307, -500, -81, 1918, -308, -214],
  "SliceThickness": 5,
  "SoftwareVersions": "syngo MR E11",
  "SpoilingState": true,
  "StationName": "MRC35049",
  "TxRefAmp": 296.989,
  "dcmmeta_affine": [
    [0.8981692790985107, -4.7529848501426386e-08, -0.12216087430715561, -115.34646606445312],
    [-0.00206570397131145, 0.8944501876831055, -0.4704011082649231, -86.77587127685547],
    [0.02185336872935295, 0.08455044031143188, 4.976324081420898, -204.02987670898438],
    [0.0, 0.0, 0.0, 1.0]
],
  "dcmmeta_reorient_transform": [
    [0.0, -1.0, 0.0, 255.0],
    [-1.0, 0.0, 0.0, 255.0],
    [0.0, 0.0, -1.0, 21.0],
    [0.0, 0.0, 0.0, 1.0]
],
  "dcmmeta_shape": [256, 256, 22],
  "dcmmeta_slice_dim": 2,
  "dcmmeta_version": 0.6,
  "global": {
    "const": {
      "AcquisitionMatrix": [256, 0, 0, 256],
      "AcquisitionNumber": 1,
      "AcquisitionTime": "101041.950000",
      "AngioFlag": "N",
      "BitsAllocated": 16,
      "BitsStored": 12,
      "BodyPartExamined": "CSPINE",
      "Columns": 256,
      "EchoNumbers": 1,
      "EchoTime": 3.13,
      "EchoTrainLength": 1,
      "FlipAngle": 9.0,
      "HighBit": 11,
      "ImageOrientationPatient": [0.99970148984744, -0.0022992182112, -0.0243237495552, -5.2902786e-08, 0.99556196444061, -0.0941083150372],
      "ImageType": [
        "ORIGINAL",
        "PRIMARY",
        "M",
        "DIS2D"
],
      "ImagedNucleus": "1H",
      "ImagingFrequency": 123.258855,
      "InPlanePhaseEncodingDirection": "COL",
      "MRAcquisitionType": "3D",
      "MagneticFieldStrength": 3.0,
      "Manufacturer": "SIEMENS",
      "ManufacturerModelName": "Prisma_fit",
      "Modality": "MR",
      "NumberOfAverages": 1.0,
      "NumberOfPhaseEncodingSteps": 255,
      "PercentPhaseFieldOfView": 100.0,
      "PercentSampling": 100.0,
      "PerformedProcedureStepStartTime": "090258.984000",
      "PhotometricInterpretation": "MONOCHROME2",
      "PixelBandwidth": 260.0,
      "PixelRepresentation": 0,
      "PixelSpacing": [0.8984375, 0.8984375],
      "ProtocolName": "GRE-MT1",
      "RepetitionTime": 35.0,
      "Rows": 256,
      "SAR": 0.54759143514132,
      "SamplesPerPixel": 1,
      "ScanOptions": "MT",
      "ScanningSequence": "GR",
      "SequenceName": "*fl3d1",
      "SequenceVariant": [
        "MTC",
        "SP"
],
      "SeriesDescription": "GRE-MT1",
      "SeriesNumber": 33,
      "SeriesTime": "101256.437000",
      "SliceThickness": 5.0,
      "SmallestImagePixelValue": 0,
      "SoftwareVersions": "syngo MR E11",
      "SpecificCharacterSet": "ISO_IR 100",
      "StudyID": "1",
      "StudyTime": "090258.821000",
      "TransmitCoilName": "Body",
      "VariableFlipAngleFlag": "N",
      "WindowCenter": 1356.0,
      "WindowCenterWidthExplanation": "WINDOW1",
      "WindowWidth": 2190.0,
      "dBdt": 0.0},
    "slices": {
      "ContentTime": ["101256.439000", "101256.442000", "101256.445000", "101256.447000", "101256.453000", "101256.455000", "101256.457000", "101256.459000", "101256.461000", "101256.463000", "101256.465000", "101256.467000", "101256.469000", "101256.471000", "101256.473000", "101256.475000", "101256.477000", "101256.479000", "101256.481000", "101256.483000", "101256.485000", "101256.487000"],
      "CsaImage.Actual3DImaPartNumber": [0, 1, 2, 3, 4, 5, 6, 7, 8, 9, 10, 11, 12, 13, 14, 15, 16, 17, 18, 19, 20, 21],
      "CsaImage.ICE_Dims": [
        "X_1_1_1_1_1_1_1_1_1_1_1_58",
        "X_1_1_1_1_1_2_1_1_1_1_1_58",
        "X_1_1_1_1_1_3_1_1_1_1_1_58",
        "X_1_1_1_1_1_4_1_1_1_1_1_58",
        "X_1_1_1_1_1_5_1_1_1_1_1_58",
        "X_1_1_1_1_1_6_1_1_1_1_1_58",
        "X_1_1_1_1_1_7_1_1_1_1_1_58",
        "X_1_1_1_1_1_8_1_1_1_1_1_58",
        "X_1_1_1_1_1_9_1_1_1_1_1_58",
        "X_1_1_1_1_1_10_1_1_1_1_1_58",
        "X_1_1_1_1_1_11_1_1_1_1_1_58",
        "X_1_1_1_1_1_12_1_1_1_1_1_58",
        "X_1_1_1_1_1_13_1_1_1_1_1_58",
        "X_1_1_1_1_1_14_1_1_1_1_1_58",
        "X_1_1_1_1_1_15_1_1_1_1_1_58",
        "X_1_1_1_1_1_16_1_1_1_1_1_58",
        "X_1_1_1_1_1_17_1_1_1_1_1_58",
        "X_1_1_1_1_1_18_1_1_1_1_1_58",
        "X_1_1_1_1_1_19_1_1_1_1_1_58",
        "X_1_1_1_1_1_20_1_1_1_1_1_58",
        "X_1_1_1_1_1_21_1_1_1_1_1_58",
        "X_1_1_1_1_1_22_1_1_1_1_1_58"
],
      "CsaImage.SlicePosition_PCS": [
        [-113.68669322, -140.78217393, -38.89690332],
        [-113.56453234, -140.31177281, -33.92057943],
        [-113.44237146, -139.84137169, -28.94425553],
        [-113.32021058, -139.37097057, -23.96793164],
        [-113.19804971, -138.90056945, -18.99160774],
        [-113.07588883, -138.43016833, -14.01528385],
        [-112.95372795, -137.95976721, -9.03895995],
        [-112.83156708, -137.48936609, -4.06263606],
        [-112.7094062, -137.01896497, 0.91368783],
        [-112.58724532, -136.54856385, 5.89001173],
        [-112.46508444, -136.07816273, 10.86633562],
        [-112.34292357, -135.60776161, 15.84265952],
        [-112.22076269, -135.13736049, 20.81898341],
        [-112.09860181, -134.66695937, 25.79530731],
        [-111.97644093, -134.19655825, 30.7716312],
        [-111.85428006, -133.72615713, 35.7479551],
        [-111.73211918, -133.25575601, 40.72427899],
        [-111.6099583, -132.78535489, 45.70060289],
        [-111.48779743, -132.31495377, 50.67692678],
        [-111.36563655, -131.84455265, 55.65325068],
        [-111.24347567, -131.37415153, 60.62957457],
        [-111.12131479, -130.90375041, 65.60589847]
],
      "ImagePositionPatient": [
        [-113.68669321588, -140.78217393145, -176.89690332383],
        [-113.56453233867, -140.31177281127, -171.920579429],
        [-113.44237146146, -139.84137169108, -166.94425553418],
        [-113.32021058425, -139.3709705709, -161.96793163935],
        [-113.19804970705, -138.90056945072, -156.99160774453],
        [-113.07588882984, -138.43016833054, -152.0152838497],
        [-112.95372795263, -137.95976721035, -147.03895995487],
        [-112.83156707542, -137.48936609017, -142.06263606005],
        [-112.70940619822, -137.01896496999, -137.08631216522],
        [-112.58724532101, -136.5485638498, -132.1099882704],
        [-112.4650844438, -136.07816272962, -127.13366437557],
        [-112.34292356659, -135.60776160944, -122.15734048075],
        [-112.22076268939, -135.13736048926, -117.18101658592],
        [-112.09860181218, -134.66695936907, -112.2046926911],
        [-111.97644093497, -134.19655824889, -107.22836879627],
        [-111.85428005776, -133.72615712871, -102.25204490145],
        [-111.73211918056, -133.25575600852, -97.27572100662],
        [-111.60995830335, -132.78535488834, -92.299397111795],
        [-111.48779742614, -132.31495376816, -87.323073216969],
        [-111.36563654893, -131.84455264798, -82.346749322144],
        [-111.24347567173, -131.37415152779, -77.370425427318],
        [-111.12131479452, -130.90375040761, -72.394101532493]
],
      "InstanceCreationTime": ["101256.439000", "101256.442000", "101256.445000", "101256.447000", "101256.453000", "101256.455000", "101256.457000", "101256.459000", "101256.461000", "101256.463000", "101256.465000", "101256.467000", "101256.469000", "101256.471000", "101256.473000", "101256.475000", "101256.477000", "101256.479000", "101256.481000", "101256.483000", "101256.485000", "101256.487000"],
      "InstanceNumber": [22, 21, 20, 19, 18, 17, 16, 15, 14, 13, 12, 11, 10, 9, 8, 7, 6, 5, 4, 3, 2, 1],
      "LargestImagePixelValue": [1663, 3995, 4095, 4095, 4095, 4095, 4095, 4095, 4095, 4095, 4095, 4095, 4095, 4095, 4095, 4095, 4095, 4095, 4095, 4095, 4095, 4095],
      "SliceLocation": [-192.08168908404, -187.08168908404, -182.08168908404, -177.08168908404, -172.08168908404, -167.08168908404, -162.08168908404, -157.08168908404, -152.08168908404, -147.08168908404, -142.08168908404, -137.08168908404, -132.08168908404, -127.08168908404, -122.08168908404, -117.08168908404, -112.08168908404, -107.08168908404, -102.08168908404, -97.081689084036, -92.081689084036, -87.081689084036]
    }
  }
}