{
  "AcquisitionMatrixPE": 223,
  "AcquisitionNumber": 1,
  "AcquisitionTime": "13:53:23.950000",
  "BaseResolution": 256,
  "BodyPartExamined": "BRAIN",
  "CoilCombinationMethod": "Adaptive Combine",
  "ConsistencyInfo": "N4_VE11C_LATEST_20160120",
  "ConversionSoftware": "dcm2niix",
  "ConversionSoftwareVersion": "v1.0.20211006",
  "DeviceSerialNumber": "167006",
  "DwellTime": 1.63e-05,
  "EchoTime": 0.02,
  "FlipAngle": 15,
  "HeudiconvVersion": "0.5.3.post569+g418601f",
  "ImageOrientationPatientDICOM": [1, 4.896e-12, -8.5e-14, -4.897e-12, 0.999848, -0.0174524],
  "ImageOrientationText": "Tra>Cor(-1.0)",
  "ImageType": [
    "ORIGINAL",
    "PRIMARY",
    "MNIP",
    "ND",
    "NORM"
],
  "ImagingFrequency": 123.259,
  "InPlanePhaseEncodingDirectionDICOM": "ROW",
  "InstitutionAddress": "Chemin Queen-Mary 4565,Montreal,District,CA,H3W 1W5",
  "InstitutionName": "IUGM",
  "InstitutionalDepartmentName": "Department",
  "MRAcquisitionType": "3D",
  "MagneticFieldStrength": 3,
  "Manufacturer": "Siemens",
  "ManufacturersModelName": "Prisma_fit",
  "MatrixCoilMode": "GRAPPA",
  "Modality": "MR",
  "ParallelReductionFactorInPlane": 2,
  "PartialFourier": 1,
  "PatientPosition": "HFS",
  "PercentPhaseFOV": 90.625,
  "PercentSampling": 96,
  "PhaseEncodingSteps": 222,
  "PhaseResolution": 0.96,
  "PixelBandwidth": 120,
  "ProcedureStepDescription": "anat^generic",
  "ProtocolName": "t2_swi_tra_p2_1.5mm",
  "PulseSequenceDetails": "%SiemensSeq%\\gre",
  "ReceiveCoilActiveElements": "HC1-7;NC1",
  "ReceiveCoilName": "HeadNeck_64",
  "ReconMatrixPE": 232,
  "RefLinesPE": 24,
  "RepetitionTime": 0.027,
  "SAR": 0.0103739,
  "ScanningSequence": "GR",
  "SequenceName": "*swi3d1r",
  "SequenceVariant": "SP\\OSP",
  "SeriesDescription": "mIP_Images(SW)",
  "SeriesNumber": 28,
  "ShimSetting": [643, -7237, -8793, 682, 48, -31, 112, 1],
  "SliceThickness": 12,
  "SoftwareVersions": "syngo MR E11",
  "StationName": "MRC35049",
  "TxRefAmp": 206.182,
  "dcmmeta_affine": [
    [0.859375, -4.208359355439839e-12, 0.0, -96.828125],
    [4.2074997999574926e-12, 0.8592441082000732, -0.02617860957980156, -93.62920379638672],
    [7.30468745387125e-14, 0.014998162165284157, 1.4997715950012207, -29.19577407836914],
    [0.0, 0.0, 0.0, 1.0]
],
  "dcmmeta_reorient_transform": [
    [0.0, -1.0, 0.0, 255.0],
    [-1.0, 0.0, 0.0, 231.0],
    [0.0, 0.0, -1.0, 72.0],
    [0.0, 0.0, 0.0, 1.0]
],
  "dcmmeta_shape": [232, 256, 73],
  "dcmmeta_slice_dim": 2,
  "dcmmeta_version": 0.6,
  "global": {
    "const": {
      "AcquisitionMatrix": [0, 256, 223, 0],
      "AcquisitionNumber": 1,
      "AcquisitionTime": "135323.950000",
      "AngioFlag": "N",
      "BitsAllocated": 16,
      "BitsStored": 12,
      "BodyPartExamined": "BRAIN",
      "Columns": 232,
      "EchoNumbers": 1,
      "EchoTime": 20.0,
      "EchoTrainLength": 1,
      "FlipAngle": 15.0,
      "HighBit": 11,
      "ImageOrientationPatient": [1.0, 4.896e-12, -8.5e-14, -4.897e-12, 0.99984769515787, -0.0174524063526],
      "ImageType": [
        "ORIGINAL",
        "PRIMARY",
        "MNIP",
        "ND",
        "NORM"
],
      "ImagedNucleus": "1H",
      "ImagingFrequency": 123.258861,
      "InPlanePhaseEncodingDirection": "ROW",
      "MRAcquisitionType": "3D",
      "MagneticFieldStrength": 3.0,
      "Manufacturer": "SIEMENS",
      "ManufacturerModelName": "Prisma_fit",
      "Modality": "MR",
      "NumberOfAverages": 1.0,
      "NumberOfPhaseEncodingSteps": 222,
      "PercentPhaseFieldOfView": 90.625,
      "PercentSampling": 96.0,
      "PerformedProcedureStepStartTime": "130056.307000",
      "PhotometricInterpretation": "MONOCHROME2",
      "PixelBandwidth": 120.0,
      "PixelRepresentation": 0,
      "PixelSpacing": [0.859375, 0.859375],
      "ProtocolName": "t2_swi_tra_p2_1.5mm",
      "RepetitionTime": 27.0,
      "Rows": 256,
      "SAR": 0.01037390488794,
      "SamplesPerPixel": 1,
      "ScanningSequence": "GR",
      "SequenceName": "*swi3d1r",
      "SequenceVariant": [
        "SP",
        "OSP"
],
      "SeriesDescription": "mIP_Images(SW)",
      "SeriesNumber": 28,
      "SeriesTime": "135834.552000",
      "SliceThickness": 12.0,
      "SmallestImagePixelValue": 0,
      "SoftwareVersions": "syngo MR E11",
      "SpecificCharacterSet": "ISO_IR 100",
      "StudyID": "1",
      "StudyTime": "130056.150000",
      "TransmitCoilName": "Body",
      "VariableFlipAngleFlag": "N",
      "WindowCenterWidthExplanation": "Algo1",
      "dBdt": 0.0},
