{
  "AcquisitionMatrixPE": 32,
  "AcquisitionNumber": 1,
  "AcquisitionTime": "11:26:46.200000",
  "BaseResolution": 32,
  "BodyPartExamined": "BRAIN",
  "CoilCombinationMethod": "Sum of Squares",
  "ConsistencyInfo": "N4_VE11C_LATEST_20160120",
  "ConversionSoftware": "dcm2niix",
  "ConversionSoftwareVersion": "v1.0.20220505",
  "DeviceSerialNumber": "167006",
  "DwellTime": 3.18e-05,
  "EchoTime": 0.00184,
  "FlipAngle": 8,
  "HeudiconvVersion": "0.5.3.post811+g6206e14",
  "ImageComments": "anatomical image",
  "ImageOrientationPatientDICOM": [0.998806, 0.0464589, -0.0150954, -0.0488498, 0.949921, -0.308648],
  "ImageOrientationText": "Tra>Cor(-18.0)",
  "ImageType": [
    "ORIGINAL",
    "PRIMARY",
    "M",
    "DIS2D"
],
  "ImagingFrequency": 123.259,
  "InPlanePhaseEncodingDirectionDICOM": "COL",
  "InstitutionAddress": "Chemin Queen-Mary 4565,Montreal,District,CA,H3W 1W5",
  "InstitutionName": "IUGM",
  "InstitutionalDepartmentName": "Department",
  "MRAcquisitionType": "2D",
  "MagneticFieldStrength": 3,
  "Manufacturer": "Siemens",
  "ManufacturersModelName": "Prisma_fit",
  "MatrixCoilMode": "SENSE",
  "Modality": "MR",
  "PartialFourier": 1,
  "PatientPosition": "HFS",
  "PercentPhaseFOV": 100,
  "PercentSampling": 100,
  "PhaseEncodingDirection": "j-",
  "PhaseEncodingSteps": 32,
  "PhaseResolution": 1,
  "PixelBandwidth": 490,
  "ProcedureStepDescription": "anat^generic",
  "ProtocolName": "tfl_b1map_6mm",
  "PulseSequenceDetails": "%SiemensSeq%\\tfl_b1map",
  "ReceiveCoilActiveElements": "HC1-7;NC1",
  "ReceiveCoilName": "HeadNeck_64",
  "ReconMatrixPE": 32,
  "RepetitionTime": 10,
  "SAR": 0.00564183,
  "ScanningSequence": "GR",
  "SequenceName": "tfl2d1_512",
  "SequenceVariant": "SK\\SP",
  "SeriesDescription": "tfl_b1map_6mm",
  "SeriesNumber": 23,
  "ShimSetting": [593, -7242, -8925, 548, 119, -147, -184, 79],
  "SliceThickness": 6,
  "SliceTiming": [5.04688, 0, 5.54688, 0.50781, 6.05469, 1.00781, 6.55469, 1.51562, 7.0625, 2.01562, 7.5625, 2.52344, 8.07031, 3.02344, 8.57031, 3.53125, 9.07812, 4.03125, 9.57812, 4.53906],
  "SoftwareVersions": "syngo MR E11",
  "SpacingBetweenSlices": 7.2,
  "SpoilingState": true,
  "StationName": "MRC35049",
  "TxRefAmp": 248.181,
  "dcmmeta_affine": [
    [-5.992836952209473, -0.2930987477302551, 0.0, 102.50221252441406],
    [-0.27875348925590515, 5.699526309967041, -2.2249221801757812, -49.38520431518555],
    [-0.09057247638702393, 1.8518884181976318, 6.847606658935547, -61.66516876220703],
    [0.0, 0.0, 0.0, 1.0]
],
  "dcmmeta_reorient_transform": [
    [0.0, -1.0, 0.0, 31.0],
    [1.0, 0.0, 0.0, 0.0],
    [0.0, 0.0, -1.0, 19.0],
    [0.0, 0.0, 0.0, 1.0]
],
  "dcmmeta_shape": [32, 32, 20],
  "dcmmeta_slice_dim": 2,
  "dcmmeta_version": 0.6,
  "global": {
    "const": {
      "AcquisitionMatrix": [32, 0, 0, 32],
      "AcquisitionNumber": 1,
      "AngioFlag": "N",
      "BitsAllocated": 16,
      "BitsStored": 12,
      "BodyPartExamined": "BRAIN",
      "Columns": 32,
      "EchoNumbers": 1,
      "EchoTime": 1.84,
      "EchoTrainLength": 1,
      "FlipAngle": 8.0,
      "HighBit": 11,
      "ImageOrientationPatient": [0.99880613619556, 0.04645891548175, -0.0150954122287, -0.0488497932247, 0.94992108212916, -0.3086480769881],
      "ImageType": [
        "ORIGINAL",
        "PRIMARY",
        "M",
        "DIS2D"
],
      "ImagedNucleus": "1H",
      "ImagingFrequency": 123.25922,
      "InPlanePhaseEncodingDirection": "COL",
      "MRAcquisitionType": "2D",
      "MagneticFieldStrength": 3.0,
      "Manufacturer": "SIEMENS",
      "ManufacturerModelName": "Prisma_fit",
      "Modality": "MR",
      "NumberOfAverages": 1.0,
      "NumberOfPhaseEncodingSteps": 32,
      "PercentPhaseFieldOfView": 100.0,
      "PercentSampling": 100.0,
      "PerformedProcedureStepStartTime": "104033.347000",
      "PhotometricInterpretation": "MONOCHROME2",
      "PixelBandwidth": 490.0,
      "PixelRepresentation": 0,
      "PixelSpacing": [6.0, 6.0],
      "ProtocolName": "tfl_b1map_6mm",
      "RepetitionTime": 10000.0,
      "Rows": 32,
      "SAR": 0.00564183096131,
      "SamplesPerPixel": 1,
      "ScanningSequence": "GR",
      "SequenceName": "tfl2d1_512",
      "SequenceVariant": [
        "SK",
        "SP"
],
      "SeriesDescription": "tfl_b1map_6mm",
      "SeriesNumber": 23,
      "SeriesTime": "112701.841000",
      "SliceThickness": 6.0,
      "SmallestImagePixelValue": 0,
      "SoftwareVersions": "syngo MR E11",
      "SpacingBetweenSlices": 7.2,
      "SpecificCharacterSet": "ISO_IR 100",
      "StudyID": "1",
      "StudyTime": "104033.272000",
      "TransmitCoilName": "Body",
      "VariableFlipAngleFlag": "N",
      "WindowCenterWidthExplanation": "Algo1",
      "dBdt": 0.0},
    "slices": {
      "AcquisitionTime": ["112646.200000", "112641.157500", "112646.702500", "112641.662500", "112647.207500", "112642.165000", "112647.712500", "112642.670000", "112648.215000", "112643.175000", "112648.720000", "112643.677500", "112649.225000", "112644.182500", "112649.730000", "112644.687500", "112650.232500", "112645.190000", "112650.737500", "112645.695000"],
      "ContentTime": ["112701.886000", "112701.844000", "112701.888000", "112701.847000", "112701.891000", "112701.849000", "112701.894000", "112701.852000", "112701.900000", "112701.854000", "112701.903000", "112701.866000", "112701.907000", "112701.868000", "112701.912000", "112701.870000", "112701.914000", "112701.879000", "112701.923000", "112701.884000"],
      "CsaImage.ICE_Dims": [
        "X_1_1_1_1_1_1_11_1_1_1_1_69",
        "X_1_1_1_1_1_1_1_1_1_2_1_69",
        "X_1_1_1_1_1_1_12_1_1_3_1_69",
        "X_1_1_1_1_1_1_2_1_1_4_1_69",
        "X_1_1_1_1_1_1_13_1_1_5_1_69",
        "X_1_1_1_1_1_1_3_1_1_6_1_69",
        "X_1_1_1_1_1_1_14_1_1_7_1_69",
        "X_1_1_1_1_1_1_4_1_1_8_1_69",
        "X_1_1_1_1_1_1_15_1_1_9_1_69",
        "X_1_1_1_1_1_1_5_1_1_10_1_69",
        "X_1_1_1_1_1_1_16_1_1_11_1_69",
        "X_1_1_1_1_1_1_6_1_1_12_1_69",
        "X_1_1_1_1_1_1_17_1_1_13_1_69",
        "X_1_1_1_1_1_1_7_1_1_14_1_69",
        "X_1_1_1_1_1_1_18_1_1_15_1_69",
        "X_1_1_1_1_1_1_8_1_1_16_1_69",
        "X_1_1_1_1_1_1_19_1_1_17_1_69",
        "X_1_1_1_1_1_1_9_1_1_18_1_69",
        "X_1_1_1_1_1_1_20_1_1_19_1_69",
        "X_1_1_1_1_1_1_10_1_1_20_1_69"
],
      "CsaImage.ProtocolSliceNumber": [0, 1, 2, 3, 4, 5, 6, 7, 8, 9, 10, 11, 12, 13, 14, 15, 16, 17, 18, 19],
      "CsaImage.SliceMeasurementDuration": [127.5, 127.5, 130.0, 127.5, 127.5, 130.0, 127.5, 127.5, 130.0, 127.5, 127.5, 130.0, 127.5, 127.5, 127.5, 127.5, 130.0, 130.0, 127.5, 127.5],
      "CsaImage.SlicePosition_PCS": [
        [-93.41614942, -127.30012, -34.2566312],
        [-93.41614942, -125.07519782, -27.40902454],
        [-93.41614942, -122.85027564, -20.56141788],
        [-93.41614942, -120.62535155, -13.71381122],
        [-93.41614942, -118.40042937, -6.86620456],
        [-93.41614942, -116.17550719, -0.01859791],
        [-93.41614942, -113.95058501, 6.82901066],
        [-93.41614942, -111.72566283, 13.67661732],
        [-93.41614942, -109.50074065, 20.52422398],
        [-93.41614942, -107.27581847, 27.37183064],
        [-93.41614942, -105.05089629, 34.21943754],
        [-93.41614942, -102.82597363, 41.06704396],
        [-93.41614942, -100.60105145, 47.91465061],
        [-93.41614942, -98.3761288, 54.76225727],
        [-93.41614942, -96.15120653, 61.60986584],
        [-93.41614942, -93.9262842, 68.4574725],
        [-93.41614942, -91.70136178, 75.30507916],
        [-93.41614942, -89.4764396, 82.15268582],
        [-93.41614942, -87.25151694, 89.00029248],
        [-93.41614942, -85.02659476, 95.84789913]
],
      "CsaImage.TimeAfterStart": [5.0425, 0.0, 5.545, 0.505, 6.05, 1.0075, 6.555, 1.5125, 7.0575, 2.0175, 7.5625, 2.52, 8.0675, 3.025, 8.5725, 3.53, 9.075, 4.0325, 9.58, 4.5375],
      "ImagePositionPatient": [
        [-93.416149415546, -127.30011999892, -4.256631199736],
        [-93.416149415546, -125.07519781874, 2.5909754591996],
        [-93.416149415546, -122.85027563857, 9.4385821181351],
        [-93.416149415546, -120.62535155104, 16.286188777071],
        [-93.416149415546, -118.40042937087, 23.133795436006],
        [-93.416149415546, -116.17550719069, 29.981402094942],
        [-93.416149415546, -113.95058501052, 36.829010661226],
        [-93.416149415546, -111.72566283034, 43.676617320161],
        [-93.416149415546, -109.50074065016, 50.524223979097],
        [-93.416149415546, -107.27581846999, 57.371830638033],
        [-93.416149415546, -105.05089628981, 64.219437535387],
        [-93.416149415546, -102.8259736328, 71.067043955904],
        [-93.416149415546, -100.60105145262, 77.914650614839],
        [-93.416149415546, -98.37612879561, 84.762257273775],
        [-93.416149415546, -96.151206526028, 91.609865840059],
        [-93.416149415546, -93.92628419684, 98.457472498995],
        [-93.416149415546, -91.701361778246, 105.30507915793],
        [-93.416149415546, -89.47643959807, 112.15268581687],
        [-93.416149415546, -87.251516941057, 119.0002924758],
        [-93.416149415546, -85.026594760881, 125.84789913474]
],
      "InstanceCreationTime": ["112701.886000", "112701.844000", "112701.888000", "112701.847000", "112701.891000", "112701.849000", "112701.894000", "112701.852000", "112701.900000", "112701.854000", "112701.903000", "112701.866000", "112701.907000", "112701.868000", "112701.912000", "112701.870000", "112701.914000", "112701.879000", "112701.923000", "112701.884000"],
      "InstanceNumber": [11, 1, 12, 2, 13, 3, 14, 4, 15, 5, 16, 6, 17, 7, 18, 8, 19, 9, 20, 10],
      "LargestImagePixelValue": [4095, 4095, 3896, 3328, 2874, 3149, 3715, 3326, 3475, 3496, 3688, 4095, 4095, 4095, 4095, 4095, 4095, 4095, 4095, 4020],
      "SliceLocation": [-43.386197708157, -36.186198009314, -28.986198310471, -21.786198022225, -14.586198323382, -7.3861986245395, -0.1861971117004, 7.0138025871425, 14.213802285985, 21.413801984828, 28.61380191042, 35.813801529864, 43.013801228707, 50.213801074901, 57.413802615368, 64.613802360258, 71.813802132776, 79.013801831619, 86.213801677813, 93.413801376656],
      "WindowCenter": [1627.0, 1544.0, 1359.0, 1437.0, 1462.0, 1506.0, 1704.0, 1631.0, 1651.0, 1631.0, 1663.0, 1806.0, 1676.0, 1737.0, 1944.0, 1922.0, 1524.0, 1293.0, 929.0, 407.0],
      "WindowWidth": [3114.0, 2999.0, 2685.0, 2742.0, 2629.0, 2373.0, 2529.0, 2479.0, 2522.0, 2506.0, 2545.0, 2629.0, 2600.0, 2997.0, 3362.0, 3465.0, 3201.0, 3311.0, 3240.0, 3349.0]
    }
  }
}