{
  "AcquisitionMatrixPE": 256,
  "AcquisitionNumber": 1,
  "AcquisitionTime": "11:40:46.952500",
  "BaseResolution": 256,
  "BodyPartExamined": "CSPINE",
  "CoilCombinationMethod": "Adaptive Combine",
  "ConsistencyInfo": "N4_VE11C_LATEST_20160120",
  "ConversionSoftware": "dcm2niix",
  "ConversionSoftwareVersion": "v1.0.20211006",
  "DeviceSerialNumber": "167006",
  "DwellTime": 7.5e-06,
  "EchoTime": 0.00313,
  "FlipAngle": 9,
  "HeudiconvVersion": "0.5.3.post569+g418601f",
  "ImageOrientationPatientDICOM": [0.999848, -0.00200193, -0.0173017, 1.21909e-08, 0.993372, -0.11494],
  "ImageOrientationText": "Tra>Cor(-6.6)>Sag(-1.0)",
  "ImageType": [
    "ORIGINAL",
    "PRIMARY",
    "M",
    "DIS2D"
],
  "ImagingFrequency": 123.259,
  "InPlanePhaseEncodingDirectionDICOM": "COL",
  "InstitutionAddress": "Chemin Queen-Mary 4565,Montreal,District,CA,H3W 1W5",
  "InstitutionName": "IUGM",
  "InstitutionalDepartmentName": "Department",
  "MRAcquisitionType": "3D",
  "MTState": true,
  "MagneticFieldStrength": 3,
  "Manufacturer": "Siemens",
  "ManufacturersModelName": "Prisma_fit",
  "MatrixCoilMode": "GRAPPA",
  "Modality": "MR",
  "ParallelReductionFactorInPlane": 2,
  "PartialFourier": 1,
  "PatientPosition": "HFS",
  "PercentPhaseFOV": 100,
  "PercentSampling": 100,
  "PhaseEncodingSteps": 255,
  "PhaseResolution": 1,
  "PixelBandwidth": 260,
  "ProcedureStepDescription": "anat^generic",
  "ProtocolName": "GRE-MT1",
  "PulseSequenceDetails": "%SiemensSeq%\\gre",
  "ReceiveCoilActiveElements": "HC5-7;NC1,2",
  "ReceiveCoilName": "HeadNeck_64",
  "ReconMatrixPE": 256,
  "RefLinesPE": 32,
  "RepetitionTime": 0.035,
  "SAR": 0.596846,
  "ScanOptions": "MT",
  "ScanningSequence": "GR",
  "SequenceName": "*fl3d1",
  "SequenceVariant": "MTC\\SP",
  "SeriesDescription": "GRE-MT1",
  "SeriesNumber": 33,
  "ShimSetting": [607, -7290, -9302, -1125, -50, 1788, 883, -13],
  "SliceThickness": 5,
  "SoftwareVersions": "syngo MR E11",
  "SpoilingState": true,
  "StationName": "MRC35049",
  "TxRefAmp": 291.821,
  "dcmmeta_affine": [
    [0.8983012437820435, 1.0952800444385957e-08, -0.08708548545837402, -117.49469757080078],
    [-0.0017986121820285916, 0.8924830555915833, -0.5746129155158997, -83.40333557128906],
    [0.015544462017714977, 0.10326642543077469, 4.966108798980713, -190.59146118164062],
    [0.0, 0.0, 0.0, 1.0]
],
  "dcmmeta_reorient_transform": [
    [0.0, -1.0, 0.0, 255.0],
    [-1.0, 0.0, 0.0, 255.0],
    [0.0, 0.0, -1.0, 21.0],
    [0.0, 0.0, 0.0, 1.0]
],
  "dcmmeta_shape": [256, 256, 22],
  "dcmmeta_slice_dim": 2,
  "dcmmeta_version": 0.6,
  "global": {
    "const": {
      "AcquisitionMatrix": [256, 0, 0, 256],
      "AcquisitionNumber": 1,
      "AcquisitionTime": "114046.952500",
      "AngioFlag": "N",
      "BitsAllocated": 16,
      "BitsStored": 12,
      "BodyPartExamined": "CSPINE",
      "Columns": 256,
      "EchoNumbers": 1,
      "EchoTime": 3.13,
      "EchoTrainLength": 1,
      "FlipAngle": 9.0,
      "HighBit": 11,
      "ImageOrientationPatient": [0.99984831086892, -0.0020019335508, -0.0173016621925, 1.2190943e-08, 0.9933724334795, -0.1149400208936],
      "ImageType": [
        "ORIGINAL",
        "PRIMARY",
        "M",
        "DIS2D"
],
      "ImagedNucleus": "1H",
      "ImagingFrequency": 123.258705,
      "InPlanePhaseEncodingDirection": "COL",
      "MRAcquisitionType": "3D",
      "MagneticFieldStrength": 3.0,
      "Manufacturer": "SIEMENS",
      "ManufacturerModelName": "Prisma_fit",
      "Modality": "MR",
      "NumberOfAverages": 1.0,
      "NumberOfPhaseEncodingSteps": 255,
      "PercentPhaseFieldOfView": 100.0,
      "PercentSampling": 100.0,
      "PerformedProcedureStepStartTime": "095518.965000",
      "PhotometricInterpretation": "MONOCHROME2",
      "PixelBandwidth": 260.0,
      "PixelRepresentation": 0,
      "PixelSpacing": [0.8984375, 0.8984375],
      "ProtocolName": "GRE-MT1",
      "RepetitionTime": 35.0,
      "Rows": 256,
      "SAR": 0.59684559688025,
      "SamplesPerPixel": 1,
      "ScanOptions": "MT",
      "ScanningSequence": "GR",
      "SequenceName": "*fl3d1",
      "SequenceVariant": [
        "MTC",
        "SP"
],
      "SeriesDescription": "GRE-MT1",
      "SeriesNumber": 33,
      "SeriesTime": "114301.054000",
      "SliceThickness": 5.0,
      "SmallestImagePixelValue": 0,
      "SoftwareVersions": "syngo MR E11",
      "SpecificCharacterSet": "ISO_IR 100",
      "StudyID": "1",
      "StudyTime": "095518.789000",
      "TransmitCoilName": "Body",
      "VariableFlipAngleFlag": "N",
      "WindowCenter": 1733.0,
      "WindowCenterWidthExplanation": "WINDOW1",
      "WindowWidth": 3328.0,
      "dBdt": 0.0},
    "slices": {
      "ContentTime": ["114301.057000", "114301.060000", "114301.062000", "114301.065000", "114301.067000", "114301.069000", "114301.071000", "114301.073000", "114301.075000", "114301.085000", "114301.087000", "114301.089000", "114301.091000", "114301.093000", "114301.096000", "114301.102000", "114301.104000", "114301.106000", "114301.108000", "114301.110000", "114301.112000", "114301.114000"],
      "CsaImage.Actual3DImaPartNumber": [0, 1, 2, 3, 4, 5, 6, 7, 8, 9, 10, 11, 12, 13, 14, 15, 16, 17, 18, 19, 20, 21],
      "CsaImage.ICE_Dims": [
        "X_1_1_1_1_1_1_1_1_1_1_1_60",
        "X_1_1_1_1_1_2_1_1_1_1_1_60",
        "X_1_1_1_1_1_3_1_1_1_1_1_60",
        "X_1_1_1_1_1_4_1_1_1_1_1_60",
        "X_1_1_1_1_1_5_1_1_1_1_1_60",
        "X_1_1_1_1_1_6_1_1_1_1_1_60",
        "X_1_1_1_1_1_7_1_1_1_1_1_60",
        "X_1_1_1_1_1_8_1_1_1_1_1_60",
        "X_1_1_1_1_1_9_1_1_1_1_1_60",
        "X_1_1_1_1_1_10_1_1_1_1_1_60",
        "X_1_1_1_1_1_11_1_1_1_1_1_60",
        "X_1_1_1_1_1_12_1_1_1_1_1_60",
        "X_1_1_1_1_1_13_1_1_1_1_1_60",
        "X_1_1_1_1_1_14_1_1_1_1_1_60",
        "X_1_1_1_1_1_15_1_1_1_1_1_60",
        "X_1_1_1_1_1_16_1_1_1_1_1_60",
        "X_1_1_1_1_1_17_1_1_1_1_1_60",
        "X_1_1_1_1_1_18_1_1_1_1_1_60",
        "X_1_1_1_1_1_19_1_1_1_1_1_60",
        "X_1_1_1_1_1_20_1_1_1_1_1_60",
        "X_1_1_1_1_1_21_1_1_1_1_1_60",
        "X_1_1_1_1_1_22_1_1_1_1_1_60"
],
      "CsaImage.SlicePosition_PCS": [
        [-111.5721137, -143.72119422, -37.29468764],
        [-111.48502822, -143.14658129, -32.3285789],
        [-111.39794273, -142.57196836, -27.36247015],
        [-111.31085725, -141.99735543, -22.3963614],
        [-111.22377177, -141.42274251, -17.43025265],
        [-111.13668628, -140.84812958, -12.4641439],
        [-111.0496008, -140.27351665, -7.49803515],
        [-110.96251532, -139.69890372, -2.5319264],
        [-110.87542984, -139.1242908, 2.43418234],
        [-110.78834435, -138.54967787, 7.40029109],
        [-110.70125887, -137.97506494, 12.36639984],
        [-110.61417339, -137.40045201, 17.33250859],
        [-110.52708791, -136.82583909, 22.29861734],
        [-110.44000242, -136.25122616, 27.26472609],
        [-110.35291694, -135.67661323, 32.23083484],
        [-110.26583146, -135.1020003, 37.19694358],
        [-110.17874597, -134.52738738, 42.16305233],
        [-110.09166049, -133.95277445, 47.12916108],
        [-110.00457501, -133.37816152, 52.09526983],
        [-109.91748953, -132.80354859, 57.06137858],
        [-109.83040404, -132.22893566, 62.02748733],
        [-109.74331856, -131.65432274, 66.99359607]
],
      "ImagePositionPatient": [
        [-111.57211369877, -143.72119421789, -160.29468764399],
        [-111.48502821597, -143.14658129023, -155.32857889547],
        [-111.39794273317, -142.57196836258, -150.36247014696],
        [-111.31085725038, -141.99735543492, -145.39636139845],
        [-111.22377176758, -141.42274250727, -140.43025264993],
        [-111.13668628478, -140.84812957962, -135.46414390142],
        [-111.04960080198, -140.27351665196, -130.49803515291],
        [-110.96251531919, -139.69890372431, -125.53192640439],
        [-110.87542983639, -139.12429079666, -120.56581765588],
        [-110.78834435359, -138.549677869, -115.59970890737],
        [-110.70125887079, -137.97506494135, -110.63360015885],
        [-110.61417338799, -137.40045201369, -105.66749141034],
        [-110.5270879052, -136.82583908604, -100.70138266183],
        [-110.4400024224, -136.25122615839, -95.735273913314],
        [-110.3529169396, -135.67661323073, -90.769165164801],
        [-110.2658314568, -135.10200030308, -85.803056416288],
        [-110.178745974, -134.52738737543, -80.836947667775],
        [-110.09166049121, -133.95277444777, -75.870838919261],
        [-110.00457500841, -133.37816152012, -70.904730170748],
        [-109.91748952561, -132.80354859247, -65.938621422235],
        [-109.83040404281, -132.22893566481, -60.972512673722],
        [-109.74331856002, -131.65432273716, -56.006403925209]
],
      "InstanceCreationTime": ["114301.057000", "114301.060000", "114301.062000", "114301.065000", "114301.067000", "114301.069000", "114301.071000", "114301.073000", "114301.075000", "114301.085000", "114301.087000", "114301.089000", "114301.091000", "114301.093000", "114301.096000", "114301.102000", "114301.104000", "114301.106000", "114301.108000", "114301.110000", "114301.112000", "114301.114000"],
      "InstanceNumber": [22, 21, 20, 19, 18, 17, 16, 15, 14, 13, 12, 11, 10, 9, 8, 7, 6, 5, 4, 3, 2, 1],
      "LargestImagePixelValue": [1273, 3151, 4095, 4095, 4095, 4095, 4095, 4095, 4095, 4095, 4095, 4095, 4095, 4095, 4095, 4095, 4095, 4095, 4095, 4095, 4095, 4095],
      "SliceLocation": [-177.66824364253, -172.66824364253, -167.66824364253, -162.66824364253, -157.66824364253, -152.66824364253, -147.66824364253, -142.66824364253, -137.66824364253, -132.66824364253, -127.66824364253, -122.66824364253, -117.66824364253, -112.66824364253, -107.66824364253, -102.66824364253, -97.668243642528, -92.668243642528, -87.668243642528, -82.668243642528, -77.668243642528, -72.668243642528]
    }
  }
}