{
  "AcquisitionMatrixPE": 448,
  "AcquisitionNumber": 1,
  "AcquisitionTime": "17:23:25.985000",
  "BaseResolution": 448,
  "BodyPartExamined": "CSPINE",
  "CoilString": "HC7;NC1_2",
  "ConsistencyInfo": "N4_VE11C_LATEST_20160120",
  "ConversionSoftware": "dcm2niix",
  "ConversionSoftwareVersion": "v1.0.20190902",
  "DeviceSerialNumber": "167006",
  "DwellTime": 4.3e-06,
  "EchoTime": 0.014,
  "EchoTrainLength": 3,
  "FlipAngle": 30,
  "ImageOrientationPatientDICOM": [1, 0, 0, 0, 0.991216, 0.132256],
  "ImageType": [
    "ORIGINAL",
    "PRIMARY",
    "M",
    "NORM",
    "DIS2D"
],
  "ImagingFrequency": 123.259,
  "InPlanePhaseEncodingDirectionDICOM": "COL",
  "InstitutionAddress": "Chemin_Queen-Mary_4565_Montreal_District_CA_H3W_1W5",
  "InstitutionName": "IUGM",
  "InstitutionalDepartmentName": "Department",
  "MRAcquisitionType": "2D",
  "MagneticFieldStrength": 3,
  "Manufacturer": "Siemens",
  "ManufacturersModelName": "Prisma_fit",
  "Modality": "MR",
  "NumberOfAverages": 2,
  "ParallelReductionFactorInPlane": 2,
  "PartialFourier": 1,
  "PatientPosition": "HFS",
  "PercentPhaseFOV": 100,
  "PhaseEncodingDirection": "j-",
  "PhaseEncodingSteps": 447,
  "PhaseResolution": 1,
  "PixelBandwidth": 260,
  "ProcedureStepDescription": "neuromod_generic",
  "ProtocolName": "GRE-ME",
  "PulseSequenceDetails": "%SiemensSeq%_medic",
  "ReceiveCoilActiveElements": "HC7;NC1,2",
  "ReceiveCoilName": "HeadNeck_64",
  "ReconMatrixPE": 448,
  "RefLinesPE": 24,
  "RepetitionTime": 0.6,
  "SAR": 0.282084,
  "ScanOptions": "SAT1",
  "ScanningSequence": "GR",
  "SequenceName": "_me2d1r3",
  "SequenceVariant": "SP",
  "SeriesDescription": "GRE-ME",
  "SeriesNumber": 34,
  "ShimSetting": [569, -7440, -9074, -1405, -230, 694, 492, -85],
  "SliceThickness": 5,
  "SliceTiming": [0, 0.32812, 0.04688, 0.35938, 0.07812, 0.40625, 0.125, 0.4375, 0.15625, 0.48438, 0.20312, 0.51562, 0.23438, 0.5625, 0.28125],
  "SoftwareVersions": "syngo_MR_E11",
  "SpacingBetweenSlices": 5,
  "StationName": "MRC35049",
  "TxRefAmp": 315.81,
  "dcmmeta_affine": [
    [-0.5, 0.0, 0.0, 112.0],
    [0.0, 0.49560776352882385, 0.661281943321228, -118.79960632324219],
    [0.0, -0.0661282017827034, 4.956077575683594, -118.44905853271484],
    [0.0, 0.0, 0.0, 1.0]
],
  "dcmmeta_reorient_transform": [
    [0.0, -1.0, 0.0, 447.0],
    [1.0, 0.0, 0.0, 0.0],
    [0.0, 0.0, -1.0, 14.0],
    [0.0, 0.0, 0.0, 1.0]
],
  "dcmmeta_shape": [448, 448, 15],
  "dcmmeta_slice_dim": 2,
  "dcmmeta_version": 0.6,
  "global": {
    "const": {
      "AcquisitionMatrix": [448, 0, 0, 448],
      "AcquisitionNumber": 1,
      "AngioFlag": "N",
      "BitsAllocated": 16,
      "BitsStored": 12,
      "BodyPartExamined": "CSPINE",
      "Columns": 448,
      "EchoNumbers": 1,
      "EchoTime": 14.0,
      "EchoTrainLength": 3,
      "FlipAngle": 30.0,
      "HighBit": 11,
      "ImageOrientationPatient": [1.0, 0.0, 0.0, 0.0, 0.99121553937119, 0.13225639685502],
      "ImageType": [
        "ORIGINAL",
        "PRIMARY",
        "M",
        "NORM",
        "DIS2D"
],
      "ImagedNucleus": "1H",
      "ImagingFrequency": 123.259283,
      "InPlanePhaseEncodingDirection": "COL",
      "MRAcquisitionType": "2D",
      "MagneticFieldStrength": 3.0,
      "Manufacturer": "SIEMENS",
      "ManufacturerModelName": "Prisma_fit",
      "Modality": "MR",
      "NumberOfAverages": 2.0,
      "NumberOfPhaseEncodingSteps": 447,
      "PercentPhaseFieldOfView": 100.0,
      "PercentSampling": 100.0,
      "PerformedProcedureStepStartTime": "162329.867000",
      "PhotometricInterpretation": "MONOCHROME2",
      "PixelBandwidth": 260.0,
      "PixelRepresentation": 0,
      "PixelSpacing": [0.5, 0.5],
      "ProtocolName": "GRE-ME",
      "RepetitionTime": 600.0,
      "Rows": 448,
      "SAR": 0.28208407305881,
      "SamplesPerPixel": 1,
      "ScanOptions": "SAT1",
      "ScanningSequence": "GR",
      "SequenceName": "*me2d1r3",
      "SequenceVariant": "SP",
      "SeriesDescription": "GRE-ME",
      "SeriesNumber": 34,
      "SeriesTime": "172812.378000",
      "SliceThickness": 5.0,
      "SmallestImagePixelValue": 0,
      "SoftwareVersions": "syngo MR E11",
      "SpacingBetweenSlices": 5.0,
      "SpecificCharacterSet": "ISO_IR 100",
      "StudyID": "1",
      "StudyTime": "162329.731000",
      "TransmitCoilName": "Body",
      "VariableFlipAngleFlag": "N",
      "WindowCenterWidthExplanation": "Algo1",
      "dBdt": 0.0},
    "slices": {
      "AcquisitionTime": ["172325.705000", "172326.025000", "172325.745000", "172326.065000", "172325.785000", "172326.105000", "172325.825000", "172326.145000", "172325.865000", "172326.185000", "172325.905000", "172326.225000", "172325.945000", "172326.265000", "172325.985000"],
      "ContentTime": ["172812.381000", "172812.406000", "172812.384000", "172812.412000", "172812.394000", "172812.414000", "172812.396000", "172812.416000", "172812.398000", "172812.418000", "172812.400000", "172812.420000", "172812.402000", "172812.422000", "172812.404000"],
      "CsaImage.ICE_Dims": [
        "X_1_1_1_1_1_1_1_1_1_15_1_310",
        "X_1_1_1_1_1_1_9_1_1_14_1_310",
        "X_1_1_1_1_1_1_2_1_1_13_1_310",
        "X_1_1_1_1_1_1_10_1_1_12_1_310",
        "X_1_1_1_1_1_1_3_1_1_11_1_310",
        "X_1_1_1_1_1_1_11_1_1_10_1_310",
        "X_1_1_1_1_1_1_4_1_1_9_1_310",
        "X_1_1_1_1_1_1_12_1_1_8_1_310",
        "X_1_1_1_1_1_1_5_1_1_7_1_310",
        "X_1_1_1_1_1_1_13_1_1_6_1_310",
        "X_1_1_1_1_1_1_6_1_1_5_1_310",
        "X_1_1_1_1_1_1_14_1_1_4_1_310",
        "X_1_1_1_1_1_1_7_1_1_3_1_310",
        "X_1_1_1_1_1_1_15_1_1_2_1_310",
        "X_1_1_1_1_1_1_8_1_1_1_1_310"
],
      "CsaImage.ProtocolSliceNumber": [0, 1, 2, 3, 4, 5, 6, 7, 8, 9, 10, 11, 12, 13, 14],
      "CsaImage.SlicePosition_PCS": [
        [-112.0, -102.73706383, -49.00836083],
        [-112.0, -103.39834542, -44.05228325],
        [-112.0, -104.05962748, -39.09620568],
        [-112.0, -104.72090907, -34.1401281],
        [-112.0, -105.38219113, -29.18405052],
        [-112.0, -106.04347319, -24.22797295],
        [-112.0, -106.70475525, -19.27189537],
        [-112.0, -107.36603708, -14.31581762],
        [-112.0, -108.0273189, -9.35973974],
        [-112.0, -108.68860097, -4.40366265],
        [-112.0, -109.34988291, 0.55241588],
        [-112.0, -110.01116485, 5.50849251],
        [-112.0, -110.6724468, 10.46457008],
        [-112.0, -111.33372874, 15.42064766],
        [-112.0, -111.99501068, 20.37672523]
],
      "ImagePositionPatient": [
        [-112.0, -102.73706383334, -148.00836082642],
        [-112.0, -103.39834541903, -143.05228325074],
        [-112.0, -104.05962748156, -138.09620567506],
        [-112.0, -104.72090906726, -133.14012809937],
        [-112.0, -105.38219112979, -128.18405052369],
        [-112.0, -106.04347319232, -123.22797294801],
        [-112.0, -106.70475525485, -118.27189537232],
        [-112.0, -107.36603707896, -113.31581761783],
        [-112.0, -108.02731890307, -108.35973974412],
        [-112.0, -108.6886009656, -103.40366264527],
        [-112.0, -109.34988290892, -98.447584115914],
        [-112.0, -110.01116485225, -93.491507493905],
        [-112.0, -110.67244679557, -88.535429918221],
        [-112.0, -111.33372873889, -83.579352342538],
        [-112.0, -111.99501068221, -78.623274766854]
],
      "InstanceCreationTime": ["172812.381000", "172812.406000", "172812.384000", "172812.412000", "172812.394000", "172812.414000", "172812.396000", "172812.416000", "172812.398000", "172812.418000", "172812.400000", "172812.420000", "172812.402000", "172812.422000", "172812.404000"],
      "InstanceNumber": [15, 14, 13, 12, 11, 10, 9, 8, 7, 6, 5, 4, 3, 2, 1],
      "LargestImagePixelValue": [1356, 1534, 1505, 1352, 1254, 1307, 1344, 1441, 1277, 1538, 1323, 1397, 1424, 1303, 1699],
      "SliceLocation": [-133.12055332195, -128.12055349477, -123.12055360453, -118.12055377735, -113.12055388711, -108.12055399687, -103.12055410663, -98.120554070675, -93.12055391656, -88.120554498966, -83.120553679194, -78.120554750015, -73.12055487554, -68.120555001064, -63.120555126588],
      "WindowCenter": [444.0, 440.0, 450.0, 475.0, 501.0, 498.0, 502.0, 524.0, 525.0, 514.0, 500.0, 493.0, 498.0, 498.0, 502.0],
      "WindowWidth": [940.0, 934.0, 952.0, 1004.0, 1053.0, 1046.0, 1058.0, 1103.0, 1102.0, 1082.0, 1055.0, 1040.0, 1045.0, 1048.0, 1063.0]
    }
  }
}