{
  "AcquisitionMatrixPE": 256,
  "AcquisitionNumber": 1,
  "AcquisitionTime": "17:20:8.982500",
  "BaseResolution": 256,
  "BodyPartExamined": "CSPINE",
  "CoilString": "HC5-7;NC1_2",
  "ConsistencyInfo": "N4_VE11C_LATEST_20160120",
  "ConversionSoftware": "dcm2niix",
  "ConversionSoftwareVersion": "v1.0.20190902",
  "DeviceSerialNumber": "167006",
  "DwellTime": 7.5e-06,
  "EchoTime": 0.00313,
  "FlipAngle": 9,
  "ImageOrientationPatientDICOM": [1, 0, 0, 0, 0.991216, 0.132256],
  "ImageType": [
    "ORIGINAL",
    "PRIMARY",
    "M",
    "DIS2D"
],
  "ImagingFrequency": 123.259,
  "InPlanePhaseEncodingDirectionDICOM": "COL",
  "InstitutionAddress": "Chemin_Queen-Mary_4565_Montreal_District_CA_H3W_1W5",
  "InstitutionName": "IUGM",
  "InstitutionalDepartmentName": "Department",
  "MRAcquisitionType": "3D",
  "MagneticFieldStrength": 3,
  "Manufacturer": "Siemens",
  "ManufacturersModelName": "Prisma_fit",
  "Modality": "MR",
  "ParallelReductionFactorInPlane": 2,
  "PartialFourier": 1,
  "PatientPosition": "HFS",
  "PercentPhaseFOV": 100,
  "PhaseEncodingSteps": 255,
  "PhaseResolution": 1,
  "PixelBandwidth": 260,
  "ProcedureStepDescription": "neuromod_generic",
  "ProtocolName": "GRE-MT0",
  "PulseSequenceDetails": "%SiemensSeq%_gre",
  "ReceiveCoilActiveElements": "HC5-7;NC1,2",
  "ReceiveCoilName": "HeadNeck_64",
  "ReconMatrixPE": 256,
  "RefLinesPE": 32,
  "RepetitionTime": 0.035,
  "SAR": 0.00666695,
  "ScanningSequence": "GR",
  "SequenceName": "_fl3d1",
  "SequenceVariant": "SP",
  "SeriesDescription": "GRE-MT0",
  "SeriesNumber": 32,
  "ShimSetting": [590, -7393, -9042, -1073, -78, 1638, -396, -21],
  "SliceThickness": 5,
  "SoftwareVersions": "syngo_MR_E11",
  "StationName": "MRC35049",
  "TxRefAmp": 315.81,
  "dcmmeta_affine": [
    [0.8984375, 0.0, 0.0, -114.1015625],
    [0.0, 0.8905451893806458, 0.6612820029258728, -123.69280242919922],
    [0.0, -0.11882410943508148, 4.956077575683594, -135.4512481689453],
    [0.0, 0.0, 0.0, 1.0]
],
  "dcmmeta_reorient_transform": [
    [0.0, -1.0, 0.0, 255.0],
    [-1.0, 0.0, 0.0, 255.0],
    [0.0, 0.0, -1.0, 21.0],
    [0.0, 0.0, 0.0, 1.0]
],
  "dcmmeta_shape": [256, 256, 22],
  "dcmmeta_slice_dim": 2,
  "dcmmeta_version": 0.6,
  "global": {
    "const": {
      "AcquisitionMatrix": [256, 0, 0, 256],
      "AcquisitionNumber": 1,
      "AcquisitionTime": "172008.982500",
      "AngioFlag": "N",
      "BitsAllocated": 16,
      "BitsStored": 12,
      "BodyPartExamined": "CSPINE",
      "Columns": 256,
      "EchoNumbers": 1,
      "EchoTime": 3.13,
      "EchoTrainLength": 1,
      "FlipAngle": 9.0,
      "HighBit": 11,
      "ImageOrientationPatient": [1.0, 0.0, 0.0, 0.0, 0.99121553937119, 0.13225639685502],
      "ImageType": [
        "ORIGINAL",
        "PRIMARY",
        "M",
        "DIS2D"
],
      "ImagedNucleus": "1H",
      "ImagingFrequency": 123.259281,
      "InPlanePhaseEncodingDirection": "COL",
      "MRAcquisitionType": "3D",
      "MagneticFieldStrength": 3.0,
      "Manufacturer": "SIEMENS",
      "ManufacturerModelName": "Prisma_fit",
      "Modality": "MR",
      "NumberOfAverages": 1.0,
      "NumberOfPhaseEncodingSteps": 255,
      "PercentPhaseFieldOfView": 100.0,
      "PercentSampling": 100.0,
      "PerformedProcedureStepStartTime": "162329.867000",
      "PhotometricInterpretation": "MONOCHROME2",
      "PixelBandwidth": 260.0,
      "PixelRepresentation": 0,
      "PixelSpacing": [0.8984375, 0.8984375],
      "ProtocolName": "GRE-MT0",
      "RepetitionTime": 35.0,
      "Rows": 256,
      "SAR": 0.00666694959682,
      "SamplesPerPixel": 1,
      "ScanningSequence": "GR",
      "SequenceName": "*fl3d1",
      "SequenceVariant": "SP",
      "SeriesDescription": "GRE-MT0",
      "SeriesNumber": 32,
      "SeriesTime": "172223.384000",
      "SliceThickness": 5.0,
      "SmallestImagePixelValue": 0,
      "SoftwareVersions": "syngo MR E11",
      "SpecificCharacterSet": "ISO_IR 100",
      "StudyID": "1",
      "StudyTime": "162329.731000",
      "TransmitCoilName": "Body",
      "VariableFlipAngleFlag": "N",
      "WindowCenterWidthExplanation": "Algo1",
      "dBdt": 0.0},
    "slices": {
      "ContentTime": ["172223.386000", "172223.389000", "172223.391000", "172223.393000", "172223.395000", "172223.397000", "172223.399000", "172223.401000", "172223.403000", "172223.405000", "172223.407000", "172223.409000", "172223.411000", "172223.413000", "172223.415000", "172223.417000", "172223.419000", "172223.421000", "172223.422000", "172223.424000", "172223.426000", "172223.428000"],
      "CsaImage.Actual3DImaPartNumber": [0, 1, 2, 3, 4, 5, 6, 7, 8, 9, 10, 11, 12, 13, 14, 15, 16, 17, 18, 19, 20, 21],
      "CsaImage.ICE_Dims": [
        "X_1_1_1_1_1_1_1_1_1_1_1_307",
        "X_1_1_1_1_1_2_1_1_1_1_1_307",
        "X_1_1_1_1_1_3_1_1_1_1_1_307",
        "X_1_1_1_1_1_4_1_1_1_1_1_307",
        "X_1_1_1_1_1_5_1_1_1_1_1_307",
        "X_1_1_1_1_1_6_1_1_1_1_1_307",
        "X_1_1_1_1_1_7_1_1_1_1_1_307",
        "X_1_1_1_1_1_8_1_1_1_1_1_307",
        "X_1_1_1_1_1_9_1_1_1_1_1_307",
        "X_1_1_1_1_1_10_1_1_1_1_1_307",
        "X_1_1_1_1_1_11_1_1_1_1_1_307",
        "X_1_1_1_1_1_12_1_1_1_1_1_307",
        "X_1_1_1_1_1_13_1_1_1_1_1_307",
        "X_1_1_1_1_1_14_1_1_1_1_1_307",
        "X_1_1_1_1_1_15_1_1_1_1_1_307",
        "X_1_1_1_1_1_16_1_1_1_1_1_307",
        "X_1_1_1_1_1_17_1_1_1_1_1_307",
        "X_1_1_1_1_1_18_1_1_1_1_1_307",
        "X_1_1_1_1_1_19_1_1_1_1_1_307",
        "X_1_1_1_1_1_20_1_1_1_1_1_307",
        "X_1_1_1_1_1_21_1_1_1_1_1_307",
        "X_1_1_1_1_1_22_1_1_1_1_1_307"
],
      "CsaImage.SlicePosition_PCS": [
        [-115.0, -103.39622286, -66.75140263],
        [-115.0, -104.05750485, -61.79532493],
        [-115.0, -104.71878683, -56.83924723],
        [-115.0, -105.38006882, -51.88316953],
        [-115.0, -106.0413508, -46.92709184],
        [-115.0, -106.70263278, -41.97101414],
        [-115.0, -107.36391477, -37.01493644],
        [-115.0, -108.02519675, -32.05885875],
        [-115.0, -108.68647874, -27.10278105],
        [-115.0, -109.34776072, -22.14670335],
        [-115.0, -110.0090427, -17.19062566],
        [-115.0, -110.67032469, -12.23454796],
        [-115.0, -111.33160667, -7.27847026],
        [-115.0, -111.99288866, -2.32239257],
        [-115.0, -112.65417064, 2.63368513],
        [-115.0, -113.31545263, 7.58976283],
        [-115.0, -113.97673461, 12.54584052],
        [-115.0, -114.63801659, 17.50191822],
        [-115.0, -115.29929858, 22.45799592],
        [-115.0, -115.96058056, 27.41407361],
        [-115.0, -116.62186255, 32.37015131],
        [-115.0, -117.28314453, 37.32622901]
],
      "ImagePositionPatient": [
        [-115.0, -103.39622286219, -165.75140262538],
        [-115.0, -104.05750484646, -160.79532492852],
        [-115.0, -104.71878683074, -155.83924723167],
        [-115.0, -105.38006881501, -150.88316953481],
        [-115.0, -106.04135079929, -145.92709183795],
        [-115.0, -106.70263278356, -140.9710141411],
        [-115.0, -107.36391476784, -136.01493644424],
        [-115.0, -108.02519675211, -131.05885874739],
        [-115.0, -108.68647873639, -126.10278105053],
        [-115.0, -109.34776072066, -121.14670335367],
        [-115.0, -110.00904270494, -116.19062565682],
        [-115.0, -110.67032468921, -111.23454795996],
        [-115.0, -111.33160667349, -106.27847026311],
        [-115.0, -111.99288865776, -101.32239256625],
        [-115.0, -112.65417064204, -96.366314869394],
        [-115.0, -113.31545262631, -91.410237172538],
        [-115.0, -113.97673461059, -86.454159475682],
        [-115.0, -114.63801659486, -81.498081778827],
        [-115.0, -115.29929857914, -76.542004081971],
        [-115.0, -115.96058056341, -71.585926385115],
        [-115.0, -116.62186254769, -66.629848688259],
        [-115.0, -117.28314453196, -61.673770991403]
],
      "InstanceCreationTime": ["172223.386000", "172223.389000", "172223.391000", "172223.393000", "172223.395000", "172223.397000", "172223.399000", "172223.401000", "172223.403000", "172223.405000", "172223.407000", "172223.409000", "172223.411000", "172223.413000", "172223.415000", "172223.417000", "172223.419000", "172223.421000", "172223.422000", "172223.424000", "172223.426000", "172223.428000"],
      "InstanceNumber": [22, 21, 20, 19, 18, 17, 16, 15, 14, 13, 12, 11, 10, 9, 8, 7, 6, 5, 4, 3, 2, 1],
      "LargestImagePixelValue": [4095, 4095, 4095, 4095, 4095, 4095, 4095, 4095, 4095, 4095, 4095, 4095, 4095, 4095, 4095, 4095, 4095, 4095, 4095, 4095, 4095, 3493],
      "SliceLocation": [-150.62055407067, -145.62055407067, -140.62055407067, -135.62055407067, -130.62055407067, -125.62055407067, -120.62055407067, -115.62055407067, -110.62055407067, -105.62055407067, -100.62055407067, -95.620554070675, -90.620554070675, -85.620554070675, -80.620554070675, -75.620554070675, -70.620554070675, -65.620554070675, -60.620554070675, -55.620554070675, -50.620554070675, -45.620554070675],
      "WindowCenter": [878.0, 1012.0, 925.0, 574.0, 71.0, 1.0, 1.0, 1.0, 59.0, 453.0, 862.0, 1089.0, 1221.0, 1463.0, 1704.0, 2199.0, 2327.0, 2350.0, 1777.0, 1583.0, 1281.0, 829.0],
      "WindowWidth": [2497.0, 2697.0, 3094.0, 3474.0, 3766.0, 3881.0, 3899.0, 3969.0, 4056.0, 4095.0, 4095.0, 4095.0, 4095.0, 4095.0, 4095.0, 4095.0, 4095.0, 4095.0, 4095.0, 3804.0, 2915.0, 1857.0]
    }
  }
}