{
  "AcquisitionMatrixPE": 36,
  "AcquisitionNumber": 1,
  "AcquisitionTime": "11:36:3.295000",
  "BandwidthPerPixelPhaseEncode": 29.551,
  "BaseResolution": 96,
  "BodyPartExamined": "CSPINE",
  "CoilString": "HC7;NC1_2",
  "ConsistencyInfo": "N4_VE11C_LATEST_20160120",
  "ConversionSoftware": "dcm2niix",
  "ConversionSoftwareVersion": "v1.0.20190902",
  "DerivedVendorReportedEchoSpacing": 0.000939994,
  "DeviceSerialNumber": "167006",
  "DiffusionScheme": "Monopolar",
  "DwellTime": 4.1e-06,
  "EchoTime": 0.06,
  "EchoTrainLength": 31,
  "EffectiveEchoSpacing": 0.000939995,
  "FlipAngle": 90,
  "ImageOrientationPatientDICOM": [0.999827, -0.00465483, 0.0179935, 6.02878e-08, 0.96813, 0.250447],
  "ImageType": [
    "ORIGINAL",
    "PRIMARY",
    "DIFFUSION",
    "NONE",
    "ND",
    "MOSAIC"
],
  "ImagingFrequency": 123.259,
  "InPlanePhaseEncodingDirectionDICOM": "COL",
  "InstitutionAddress": "Chemin_Queen-Mary_4565_Montreal_District_CA_H3W_1W5",
  "InstitutionName": "IUGM",
  "InstitutionalDepartmentName": "Department",
  "MRAcquisitionType": "2D",
  "MagneticFieldStrength": 3,
  "Manufacturer": "Siemens",
  "ManufacturersModelName": "Prisma_fit",
  "Modality": "MR",
  "PartialFourier": 0.875,
  "PatientPosition": "HFS",
  "PercentPhaseFOV": 37.5,
  "PhaseEncodingDirection": "j-",
  "PhaseEncodingSteps": 31,
  "PhaseResolution": 1,
  "PixelBandwidth": 1270,
  "ProcedureStepDescription": "anat_generic",
  "ProtocolName": "DWI",
  "PulseSequenceDetails": "%SiemensSeq%_ep2d_diff",
  "ReceiveCoilActiveElements": "HC7;NC1,2",
  "ReceiveCoilName": "HeadNeck_64",
  "ReconMatrixPE": 36,
  "RepetitionTime": 0.61,
  "SAR": 0.403705,
  "ScanOptions": "PFP_SFS_CT",
  "ScanningSequence": "EP",
  "SequenceName": "_ez_b0",
  "SequenceVariant": "SK_SP",
  "SeriesDescription": "DWI",
  "SeriesNumber": 33,
  "ShimSetting": [611, -7360, -9161, -2230, -1, 2015, 932, -47],
  "SliceThickness": 5,
  "SliceTiming": [0, 0.775, 1.565, 3.26, 4.115, 0.1975, 0.9725, 1.7625, 3.4575, 4.3125, 0.3925, 1.1675, 1.96, 3.655, 4.51],
  "SoftwareVersions": "syngo_MR_E11",
  "SpacingBetweenSlices": 5,
  "StationName": "MRC35049",
  "TotalReadoutTime": 0.0328998,
  "TxRefAmp": 254.594,
  "dcmmeta_affine": [
    [-0.8956785798072815, 5.4007823990787074e-08, 0.09292919188737869, 42.31734848022461],
    [0.0041699521243572235, 0.8672833442687988, 1.252020001411438, -39.808998107910156],
    [0.016119172796607018, -0.22435899078845978, 4.839815139770508, -138.42991638183594],
    [0.0, 0.0, 0.0, 1.0]
],
  "dcmmeta_reorient_transform": [
    [0.0, -1.0, 0.0, 35.0],
    [1.0, 0.0, 0.0, 0.0],
    [0.0, 0.0, -1.0, 14.0],
    [0.0, 0.0, 0.0, 1.0]
],
  "dcmmeta_shape": [96, 36, 15, 35],
  "dcmmeta_slice_dim": 2,
  "dcmmeta_version": 0.6,
  "global": {
    "const": {
      "AcquisitionMatrix": [96, 0, 0, 36],
      "AngioFlag": "N",
      "BitsAllocated": 16,
      "BitsStored": 12,
      "BodyPartExamined": "CSPINE",
      "CardiacNumberOfImages": 1,
      "Columns": 384,
      "EchoNumbers": 1,
      "EchoTime": 60.0,
      "EchoTrainLength": 31,
      "FlipAngle": 90.0,
      "HighBit": 11,
      "ImageOrientationPatient": [0.99982726840043, -0.0046548303948, 0.0179934965174, 6.0287803e-08, 0.96813024553675, 0.25044725527933],
      "ImagePositionPatient": [-172.59607523257, -54.307022903067, -92.961615749905],
      "ImageType": [
        "ORIGINAL",
        "PRIMARY",
        "DIFFUSION",
        "NONE",
        "ND",
        "MOSAIC"
],
      "ImagedNucleus": "1H",
      "ImagingFrequency": 123.259161,
      "InPlanePhaseEncodingDirection": "COL",
      "MRAcquisitionType": "2D",
      "MagneticFieldStrength": 3.0,
      "Manufacturer": "SIEMENS",
      "ManufacturerModelName": "Prisma_fit",
      "Modality": "MR",
      "NominalInterval": 0,
      "NumberOfAverages": 1.0,
      "NumberOfPhaseEncodingSteps": 31,
      "PercentPhaseFieldOfView": 37.5,
      "PercentSampling": 100.0,
      "PerformedProcedureStepStartTime": "101209.109000",
      "PhotometricInterpretation": "MONOCHROME2",
      "PixelBandwidth": 1270.0,
      "PixelRepresentation": 0,
      "PixelSpacing": [0.89583331346512, 0.89583331346512],
      "ProtocolName": "DWI",
      "RepetitionTime": 610.0,
      "Rows": 144,
      "SAR": 0.40370512924153,
      "SamplesPerPixel": 1,
      "ScanOptions": [
        "PFP",
        "SFS",
        "CT"
],
      "ScanningSequence": "EP",
      "SequenceVariant": [
        "SK",
        "SP"
],
      "SeriesDescription": "DWI",
      "SeriesNumber": 33,
      "SeriesTime": "113603.816000",
      "SliceLocation": -73.176868163775,
      "SliceThickness": 5.0,
      "SmallestImagePixelValue": 0,
      "SoftwareVersions": "syngo MR E11",
      "SpacingBetweenSlices": 5.0000000620468,
      "SpecificCharacterSet": "ISO_IR 100",
      "StudyID": "1",
      "StudyTime": "101209.015000",
      "TransmitCoilName": "Body",
      "VariableFlipAngleFlag": "N",
      "WindowCenterWidthExplanation": "Algo1",
      "dBdt": 0.0},
    "slices": {}
  },
  "time": {
    "samples": {
      "AcquisitionNumber": [1, 2, 3, 4, 5, 6, 7, 8, 9, 10, 11, 12, 13, 14, 15, 16, 17, 18, 19, 20, 21, 22, 23, 24, 25, 26, 27, 28, 29, 30, 31, 32, 33, 34, 35],
      "AcquisitionTime": ["113603.295000", "113608.020000", "113612.815000", "113616.695000", "113622.965000", "113626.995000", "113633.130000", "113637.880000", "113641.575000", "113646.090000", "113649.810000", "113653.830000", "113659.105000", "113704.520000", "113708.680000", "113713.372500", "113718.072500", "113722.602500", "113727.132500", "113735.367500", "113740.222500", "113744.802500", "113750.107500", "113754.462500", "113800.702500", "113805.242500", "113809.107500", "113813.502500", "113824.025000", "113830.835000", "113840.145000", "113844.050000", "113848.650000", "113852.245000", "113856.150000"],
      "ContentTime": ["113603.819000", "113610.661000", "113615.661000", "113620.662000", "113625.662000", "113630.661000", "113635.662000", "113640.662000", "113645.661000", "113650.661000", "113650.664000", "113655.662000", "113700.662000", "113705.661000", "113710.662000", "113715.662000", "113720.661000", "113725.661000", "113730.662000", "113740.661000", "113745.663000", "113745.665000", "113750.662000", "113755.661000", "113805.662000", "113810.663000", "113810.665000", "113815.661000", "113825.662000", "113835.662000", "113840.662000", "113845.662000", "113850.661000", "113855.662000", "113856.676000"],
      "InstanceCreationTime": ["113603.819000", "113610.661000", "113615.661000", "113620.662000", "113625.662000", "113630.661000", "113635.662000", "113640.662000", "113645.661000", "113650.661000", "113650.664000", "113655.662000", "113700.662000", "113705.661000", "113710.662000", "113715.662000", "113720.661000", "113725.661000", "113730.662000", "113740.661000", "113745.663000", "113745.665000", "113750.662000", "113755.661000", "113805.662000", "113810.663000", "113810.665000", "113815.661000", "113825.662000", "113835.662000", "113840.662000", "113845.662000", "113850.661000", "113855.662000", "113856.676000"],
      "InstanceNumber": [1, 2, 3, 4, 5, 6, 7, 8, 9, 10, 11, 12, 13, 14, 15, 16, 17, 18, 19, 20, 21, 22, 23, 24, 25, 26, 27, 28, 29, 30, 31, 32, 33, 34, 35],
      "LargestImagePixelValue": [4095, 3707, 3805, 3485, 4095, 3600, 4095, 3846, 3344, 3959, 3459, 3621, 3856, 4095, 3434, 4095, 3760, 3754, 3677, 4095, 4095, 3719, 4095, 3830, 4095, 3912, 3334, 3583, 4095, 4035, 4095, 4095, 4095, 4095, 4095],
      "SequenceName": [
        "*ez_b0",
        "*ez_b800#1",
        "*ez_b800#2",
        "*ez_b800#3",
        "*ez_b800#4",
        "*ez_b800#5",
        "*ez_b800#6",
        "*ez_b800#7",
        "*ez_b800#8",
        "*ez_b800#9",
        "*ez_b800#10",
        "*ez_b800#11",
        "*ez_b800#12",
        "*ez_b800#13",
        "*ez_b800#14",
        "*ez_b800#15",
        "*ez_b800#16",
        "*ez_b800#17",
        "*ez_b800#18",
        "*ez_b800#19",
        "*ez_b800#20",
        "*ez_b800#21",
        "*ez_b800#22",
        "*ez_b800#23",
        "*ez_b800#24",
        "*ez_b800#25",
        "*ez_b800#26",
        "*ez_b800#27",
        "*ez_b800#28",
        "*ez_b800#29",
        "*ez_b800#30",
        "*ez_b0",
        "*ez_b0",
        "*ez_b0",
        "*ez_b0"
],
      "TriggerTime": [570.0, 572.5, 572.5, 572.5, 572.5, 572.5, 572.5, 572.5, 572.5, 572.5, 572.5, 570.0, 570.0, 570.0, 570.0, 570.0, 572.5, 572.5, 572.5, 572.5, 572.5, 572.5, 572.5, 572.5, 570.0, 570.0, 570.0, 570.0, 570.0, 572.5, 572.5, 572.5, 572.5, 572.5, 572.5],
      "WindowCenter": [1330.0, 715.0, 708.0, 687.0, 771.0, 739.0, 783.0, 745.0, 682.0, 716.0, 710.0, 723.0, 700.0, 731.0, 734.0, 725.0, 697.0, 720.0, 714.0, 746.0, 692.0, 682.0, 759.0, 737.0, 784.0, 744.0, 697.0, 734.0, 852.0, 771.0, 834.0, 1342.0, 1376.0, 1207.0, 1253.0],
      "WindowWidth": [2633.0, 1505.0, 1486.0, 1444.0, 1653.0, 1579.0, 1681.0, 1583.0, 1435.0, 1495.0, 1498.0, 1532.0, 1473.0, 1554.0, 1569.0, 1539.0, 1469.0, 1511.0, 1496.0, 1604.0, 1465.0, 1437.0, 1629.0, 1578.0, 1701.0, 1586.0, 1461.0, 1558.0, 1841.0, 1641.0, 1797.0, 2636.0, 2679.0, 2448.0, 2518.0]
    },
    "slices": {}
  }
}