{
  "AcquisitionMatrixPE": 32,
  "AcquisitionNumber": 1,
  "AcquisitionTime": "11:16:51.212500",
  "BaseResolution": 32,
  "BodyPartExamined": "BRAIN",
  "CoilCombinationMethod": "Sum of Squares",
  "ConsistencyInfo": "N4_VE11C_LATEST_20160120",
  "ConversionSoftware": "dcm2niix",
  "ConversionSoftwareVersion": "v1.0.20220505",
  "DeviceSerialNumber": "167006",
  "DwellTime": 3.18e-05,
  "EchoTime": 0.00184,
  "FlipAngle": 8,
  "HeudiconvVersion": "0.5.3.post811+g6206e14",
  "ImageComments": "anatomical image",
  "ImageOrientationPatientDICOM": [1, 0, 0, 0, 0.959805, -0.280667],
  "ImageOrientationText": "Tra>Cor(-16.3)",
  "ImageType": [
    "ORIGINAL",
    "PRIMARY",
    "M",
    "DIS2D"
],
  "ImagingFrequency": 123.259,
  "InPlanePhaseEncodingDirectionDICOM": "COL",
  "InstitutionAddress": "Chemin Queen-Mary 4565,Montreal,District,CA,H3W 1W5",
  "InstitutionName": "IUGM",
  "InstitutionalDepartmentName": "Department",
  "MRAcquisitionType": "2D",
  "MagneticFieldStrength": 3,
  "Manufacturer": "Siemens",
  "ManufacturersModelName": "Prisma_fit",
  "MatrixCoilMode": "SENSE",
  "Modality": "MR",
  "PartialFourier": 1,
  "PatientPosition": "HFS",
  "PercentPhaseFOV": 100,
  "PercentSampling": 100,
  "PhaseEncodingDirection": "j-",
  "PhaseEncodingSteps": 32,
  "PhaseResolution": 1,
  "PixelBandwidth": 490,
  "ProcedureStepDescription": "anat^generic",
  "ProtocolName": "tfl_b1map_6mm",
  "PulseSequenceDetails": "%SiemensSeq%\\tfl_b1map",
  "ReceiveCoilActiveElements": "HC1-6",
  "ReceiveCoilName": "HeadNeck_64",
  "ReconMatrixPE": 32,
  "RepetitionTime": 10,
  "SAR": 0.0055664,
  "ScanningSequence": "GR",
  "SequenceName": "tfl2d1_512",
  "SequenceVariant": "SK\\SP",
  "SeriesDescription": "tfl_b1map_6mm",
  "SeriesNumber": 23,
  "ShimSetting": [583, -7253, -8943, 532, 115, -47, -115, 76],
  "SliceThickness": 6,
  "SliceTiming": [5.03906, 0, 5.54688, 0.5, 6.04688, 1.00781, 6.55469, 1.50781, 7.05469, 2.01562, 7.5625, 2.51562, 8.0625, 3.02344, 8.57031, 3.53125, 9.07031, 4.03125, 9.57812, 4.53906],
  "SoftwareVersions": "syngo MR E11",
  "SpacingBetweenSlices": 7.2,
  "SpoilingState": true,
  "StationName": "MRC35049",
  "TxRefAmp": 248.552,
  "dcmmeta_affine": [
    [-6.0, 0.0, 0.0, 95.49686431884766],
    [0.0, 5.758831977844238, -2.0208005905151367, -55.40717697143555],
    [0.0, 1.6840002536773682, 6.9105987548828125, -61.940887451171875],
    [0.0, 0.0, 0.0, 1.0]
],
  "dcmmeta_reorient_transform": [
    [0.0, -1.0, 0.0, 31.0],
    [1.0, 0.0, 0.0, 0.0],
    [0.0, 0.0, -1.0, 19.0],
    [0.0, 0.0, 0.0, 1.0]
],
  "dcmmeta_shape": [32, 32, 20],
  "dcmmeta_slice_dim": 2,
  "dcmmeta_version": 0.6,
  "global": {
    "const": {
      "AcquisitionMatrix": [32, 0, 0, 32],
      "AcquisitionNumber": 1,
      "AngioFlag": "N",
      "BitsAllocated": 16,
      "BitsStored": 12,
      "BodyPartExamined": "BRAIN",
      "Columns": 32,
      "EchoNumbers": 1,
      "EchoTime": 1.84,
      "EchoTrainLength": 1,
      "FlipAngle": 8.0,
      "HighBit": 11,
      "ImageOrientationPatient": [1.0, 0.0, 0.0, 0.0, 0.95980529137369, -0.2806667109777],
      "ImageType": [
        "ORIGINAL",
        "PRIMARY",
        "M",
        "DIS2D"
],
      "ImagedNucleus": "1H",
      "ImagingFrequency": 123.259002,
      "InPlanePhaseEncodingDirection": "COL",
      "MRAcquisitionType": "2D",
      "MagneticFieldStrength": 3.0,
      "Manufacturer": "SIEMENS",
      "ManufacturerModelName": "Prisma_fit",
      "Modality": "MR",
      "NumberOfAverages": 1.0,
      "NumberOfPhaseEncodingSteps": 32,
      "PercentPhaseFieldOfView": 100.0,
      "PercentSampling": 100.0,
      "PerformedProcedureStepStartTime": "103537.977000",
      "PhotometricInterpretation": "MONOCHROME2",
      "PixelBandwidth": 490.0,
      "PixelRepresentation": 0,
      "PixelSpacing": [6.0, 6.0],
      "ProtocolName": "tfl_b1map_6mm",
      "RepetitionTime": 10000.0,
      "Rows": 32,
      "SAR": 0.00556640245589,
      "SamplesPerPixel": 1,
      "ScanningSequence": "GR",
      "SequenceName": "tfl2d1_512",
      "SequenceVariant": [
        "SK",
        "SP"
],
      "SeriesDescription": "tfl_b1map_6mm",
      "SeriesNumber": 23,
      "SeriesTime": "111706.801000",
      "SliceThickness": 6.0,
      "SmallestImagePixelValue": 0,
      "SoftwareVersions": "syngo MR E11",
      "SpacingBetweenSlices": 7.2,
      "SpecificCharacterSet": "ISO_IR 100",
      "StudyID": "1",
      "StudyTime": "103537.901000",
      "TransmitCoilName": "Body",
      "VariableFlipAngleFlag": "N",
      "WindowCenterWidthExplanation": "Algo1",
      "dBdt": 0.0},
    "slices": {
      "AcquisitionTime": ["111651.212500", "111646.170000", "111651.717500", "111646.675000", "111652.220000", "111647.177500", "111652.725000", "111647.682500", "111653.230000", "111648.187500", "111653.732500", "111648.690000", "111654.237500", "111649.195000", "111654.742500", "111649.700000", "111655.245000", "111650.202500", "111655.750000", "111650.707500"],
      "ContentTime": ["111706.827000", "111706.803000", "111706.834000", "111706.806000", "111706.836000", "111706.808000", "111706.846000", "111706.810000", "111706.849000", "111706.812000", "111706.851000", "111706.813000", "111706.853000", "111706.815000", "111706.862000", "111706.817000", "111706.864000", "111706.819000", "111706.866000", "111706.821000"],
      "CsaImage.ICE_Dims": [
        "X_1_1_1_1_1_1_11_1_1_1_1_70",
        "X_1_1_1_1_1_1_1_1_1_2_1_70",
        "X_1_1_1_1_1_1_12_1_1_3_1_70",
        "X_1_1_1_1_1_1_2_1_1_4_1_70",
        "X_1_1_1_1_1_1_13_1_1_5_1_70",
        "X_1_1_1_1_1_1_3_1_1_6_1_70",
        "X_1_1_1_1_1_1_14_1_1_7_1_70",
        "X_1_1_1_1_1_1_4_1_1_8_1_70",
        "X_1_1_1_1_1_1_15_1_1_9_1_70",
        "X_1_1_1_1_1_1_5_1_1_10_1_70",
        "X_1_1_1_1_1_1_16_1_1_11_1_70",
        "X_1_1_1_1_1_1_6_1_1_12_1_70",
        "X_1_1_1_1_1_1_17_1_1_13_1_70",
        "X_1_1_1_1_1_1_7_1_1_14_1_70",
        "X_1_1_1_1_1_1_18_1_1_15_1_70",
        "X_1_1_1_1_1_1_8_1_1_16_1_70",
        "X_1_1_1_1_1_1_19_1_1_17_1_70",
        "X_1_1_1_1_1_1_9_1_1_18_1_70",
        "X_1_1_1_1_1_1_20_1_1_19_1_70",
        "X_1_1_1_1_1_1_10_1_1_20_1_70"
],
      "CsaImage.ProtocolSliceNumber": [0, 1, 2, 3, 4, 5, 6, 7, 8, 9, 10, 11, 12, 13, 14, 15, 16, 17, 18, 19],
      "CsaImage.SliceMeasurementDuration": [127.5, 127.5, 127.5, 127.5, 130.0, 130.0, 127.5, 127.5, 127.5, 127.5, 130.0, 130.0, 127.5, 127.5, 127.5, 127.5, 130.0, 130.0, 127.5, 130.0],
      "CsaImage.SlicePosition_PCS": [
        [-95.49686384, -123.11660209, -38.7368658],
        [-95.49686384, -121.09580054, -31.82627086],
        [-95.49686384, -119.0750009, -24.91567211],
        [-95.49686384, -117.05419936, -18.00507335],
        [-95.49686384, -115.03339972, -11.0944746],
        [-95.49686384, -113.01260009, -4.18387775],
        [-95.49686384, -110.99179854, 2.726721],
        [-95.49686384, -108.97099891, 9.63731976],
        [-95.49686384, -106.95019831, 16.54791756],
        [-95.49686384, -104.92939868, 23.45851536],
        [-95.49686384, -102.90859809, 30.3691134],
        [-95.49686384, -100.8877975, 37.27971192],
        [-95.49686384, -98.86699738, 44.19030972],
        [-95.49686384, -96.84619727, 51.10090847],
        [-95.49686384, -94.82539692, 58.01150532],
        [-95.49686384, -92.80459657, 64.92210408],
        [-95.49686384, -90.78379633, 71.83270283],
        [-95.49686384, -88.76299586, 78.74330159],
        [-95.49686384, -86.74219575, 85.65389653],
        [-95.49686384, -84.72139516, 92.56449528]
],
      "CsaImage.TimeAfterStart": [5.0425, 0.0, 5.5475, 0.505, 6.05, 1.0075, 6.555, 1.5125, 7.06, 2.0175, 7.5625, 2.52, 8.0675, 3.025, 8.5725, 3.53, 9.075, 4.0325, 9.58, 4.5375],
      "ImagePositionPatient": [
        [-95.49686384201, -123.11660208503, -9.7368658022893],
        [-95.49686384201, -121.09580054084, -2.8262708621038],
        [-95.49686384201, -119.075000904, 4.0843278927791],
        [-95.49686384201, -117.05419935981, 10.994926647662],
        [-95.49686384201, -115.03339972297, 17.905525402545],
        [-95.49686384201, -113.01260008613, 24.816122250079],
        [-95.49686384201, -110.99179854194, 31.726721004962],
        [-95.49686384201, -108.9709989051, 38.637319759844],
        [-95.49686384201, -106.95019831459, 45.547917561053],
        [-95.49686384201, -104.92939867775, 52.458515362261],
        [-95.49686384201, -102.90859808723, 59.369113401889],
        [-95.49686384201, -100.88779749672, 66.279711918353],
        [-95.49686384201, -98.866997383038, 73.190309719561],
        [-95.49686384201, -96.84619726936, 80.100908474444],
        [-95.49686384201, -94.825396917263, 87.011505321978],
        [-95.49686384201, -92.804596565166, 93.922104076861],
        [-95.49686384201, -90.783796332279, 100.83270283174],
        [-95.49686384201, -88.762995860973, 107.74330158663],
        [-95.49686384201, -86.742195747295, 114.65389652681],
        [-95.49686384201, -84.72139515678, 121.5644952817]
],
      "InstanceCreationTime": ["111706.827000", "111706.803000", "111706.834000", "111706.806000", "111706.836000", "111706.808000", "111706.846000", "111706.810000", "111706.849000", "111706.812000", "111706.851000", "111706.813000", "111706.853000", "111706.815000", "111706.862000", "111706.817000", "111706.864000", "111706.819000", "111706.866000", "111706.821000"],
      "InstanceNumber": [11, 1, 12, 2, 13, 3, 14, 4, 15, 5, 16, 6, 17, 7, 18, 8, 19, 9, 20, 10],
      "LargestImagePixelValue": [4094, 3509, 4090, 3992, 3641, 3741, 3985, 4095, 4095, 4095, 4091, 4095, 4095, 4095, 4095, 4095, 4095, 4095, 4069, 4033],
      "SliceLocation": [-43.900227092394, -36.700229779318, -29.500229340203, -22.30022836576, -15.100227926646, -7.9002293182152, -0.7002283437718, 6.4997720953423, 13.699771886779, 20.899771410552, 28.099771430824, 35.299771908768, 42.499771566372, 49.699772139319, 56.899770948498, 64.099771588361, 71.299772194765, 78.499772868086, 85.699769779666, 92.899770486444],
      "WindowCenter": [1415.0, 1327.0, 1341.0, 1460.0, 1451.0, 1662.0, 1760.0, 1736.0, 1716.0, 1680.0, 1800.0, 2012.0, 1879.0, 1854.0, 1796.0, 1655.0, 1419.0, 957.0, 637.0, 111.0],
      "WindowWidth": [2727.0, 2638.0, 2641.0, 2805.0, 2616.0, 2538.0, 2587.0, 2576.0, 2566.0, 2568.0, 2635.0, 2708.0, 3006.0, 3242.0, 3352.0, 3306.0, 3320.0, 3384.0, 3291.0, 2909.0]
    }
  }
}