{
  "AcquisitionMatrixPE": 36,
  "AcquisitionNumber": 1,
  "AcquisitionTime": "10:05:55.260000",
  "BandwidthPerPixelPhaseEncode": 29.551,
  "BaseResolution": 96,
  "BodyPartExamined": "CSPINE",
  "CoilCombinationMethod": "Adaptive Combine",
  "ConsistencyInfo": "N4_VE11C_LATEST_20160120",
  "ConversionSoftware": "dcm2niix",
  "ConversionSoftwareVersion": "v1.0.20220505",
  "DerivedVendorReportedEchoSpacing": 0.000939994,
  "DeviceSerialNumber": "167006",
  "DiffusionScheme": "Monopolar",
  "DwellTime": 4.1e-06,
  "EchoTime": 0.06,
  "EchoTrainLength": 31,
  "EffectiveEchoSpacing": 0.000939995,
  "FlipAngle": 90,
  "HeudiconvVersion": "0.5.3.post811+g6206e14",
  "ImageOrientationPatientDICOM": [1, 0, 0, 0, 0.969445, 0.245307],
  "ImageOrientationText": "Tra>Cor(14.2)",
  "ImageType": [
    "ORIGINAL",
    "PRIMARY",
    "DIFFUSION",
    "NONE",
    "ND",
    "MOSAIC"
],
  "ImagingFrequency": 123.259,
  "InPlanePhaseEncodingDirectionDICOM": "COL",
  "InstitutionAddress": "Chemin Queen-Mary 4565,Montreal,District,CA,H3W 1W5",
  "InstitutionName": "IUGM",
  "InstitutionalDepartmentName": "Department",
  "MRAcquisitionType": "2D",
  "MagneticFieldStrength": 3,
  "Manufacturer": "Siemens",
  "ManufacturersModelName": "Prisma_fit",
  "MatrixCoilMode": "SENSE",
  "Modality": "MR",
  "PartialFourier": 0.875,
  "PatientPosition": "HFS",
  "PercentPhaseFOV": 37.5,
  "PercentSampling": 100,
  "PhaseEncodingDirection": "j-",
  "PhaseEncodingSteps": 31,
  "PhaseResolution": 1,
  "PixelBandwidth": 1270,
  "ProcedureStepDescription": "anat^generic",
  "ProtocolName": "DWI",
  "PulseSequenceDetails": "%SiemensSeq%\\ep2d_diff",
  "ReceiveCoilActiveElements": "HC7;NC1,2",
  "ReceiveCoilName": "HeadNeck_64",
  "ReconMatrixPE": 36,
  "RepetitionTime": 0.61,
  "SAR": 0.374705,
  "ScanOptions": "PFP\\SFS\\CT",
  "ScanningSequence": "EP",
  "SequenceName": "*ez_b0",
  "SequenceVariant": "SK\\SP",
  "SeriesDescription": "DWI",
  "SeriesNumber": 35,
  "ShimSetting": [587, -7264, -8908, -214, 128, 4010, -318, 116],
  "SliceThickness": 5,
  "SliceTiming": [0, 0.81, 1.57, 2.33, 3.1, 0.1975, 1.0075, 1.7675, 2.5275, 3.2975, 0.395, 1.205, 1.965, 2.725, 3.495],
  "SoftwareVersions": "syngo MR E11",
  "SpacingBetweenSlices": 5,
  "SpoilingState": true,
  "StationName": "MRC35049",
  "TotalReadoutTime": 0.0328998,
  "TxRefAmp": 253.42,
  "dcmmeta_affine": [
    [-0.8958333134651184, 0.0, 0.0, 42.50651168823242],
    [0.0, 0.8684614300727844, 1.2265368700027466, -39.728759765625],
    [0.0, -0.21975453197956085, 4.847226619720459, -137.09422302246094],
    [0.0, 0.0, 0.0, 1.0]
],
  "dcmmeta_reorient_transform": [
    [0.0, -1.0, 0.0, 35.0],
    [1.0, 0.0, 0.0, 0.0],
    [0.0, 0.0, -1.0, 14.0],
    [0.0, 0.0, 0.0, 1.0]
],
  "dcmmeta_shape": [96, 36, 15, 35],
  "dcmmeta_slice_dim": 2,
  "dcmmeta_version": 0.6,
  "global": {
    "const": {
      "AcquisitionMatrix": [96, 0, 0, 36],
      "AngioFlag": "N",
      "BitsAllocated": 16,
      "BitsStored": 12,
      "BodyPartExamined": "CSPINE",
      "CardiacNumberOfImages": 1,
      "Columns": 384,
      "EchoNumbers": 1,
      "EchoTime": 60.0,
      "EchoTrainLength": 31,
      "FlipAngle": 90.0,
      "HighBit": 11,
      "ImageOrientationPatient": [1.0, 0.0, 0.0, 0.0, 0.96944534872483, 0.24530739050381],
      "ImagePositionPatient": [-171.50651016831, -54.735826179344, -88.791206036288],
      "ImageType": [
        "ORIGINAL",
        "PRIMARY",
        "DIFFUSION",
        "NONE",
        "ND",
        "MOSAIC"
],
      "ImagedNucleus": "1H",
      "ImagingFrequency": 123.258876,
      "InPlanePhaseEncodingDirection": "COL",
      "MRAcquisitionType": "2D",
      "MagneticFieldStrength": 3.0,
      "Manufacturer": "SIEMENS",
      "ManufacturerModelName": "Prisma_fit",
      "Modality": "MR",
      "NominalInterval": 0,
      "NumberOfAverages": 1.0,
      "NumberOfPhaseEncodingSteps": 31,
      "PercentPhaseFieldOfView": 37.5,
      "PercentSampling": 100.0,
      "PerformedProcedureStepStartTime": "090310.736000",
      "PhotometricInterpretation": "MONOCHROME2",
      "PixelBandwidth": 1270.0,
      "PixelRepresentation": 0,
      "PixelSpacing": [0.89583331346512, 0.89583331346512],
      "ProtocolName": "DWI",
      "RepetitionTime": 610.0,
      "Rows": 144,
      "SAR": 0.37470452388836,
      "SamplesPerPixel": 1,
      "ScanOptions": [
        "PFP",
        "SFS",
        "CT"
],
      "ScanningSequence": "EP",
      "SequenceVariant": [
        "SK",
        "SP"
],
      "SeriesDescription": "DWI",
      "SeriesNumber": 35,
      "SeriesTime": "100555.764000",
      "SliceLocation": -72.651119012422,
      "SliceThickness": 5.0,
      "SmallestImagePixelValue": 0,
      "SoftwareVersions": "syngo MR E11",
      "SpacingBetweenSlices": 4.9999998061347,
      "SpecificCharacterSet": "ISO_IR 100",
      "StudyID": "1",
      "StudyTime": "090310.580000",
      "TransmitCoilName": "Body",
      "VariableFlipAngleFlag": "N",
      "WindowCenterWidthExplanation": "Algo1",
      "dBdt": 0.0},
    "slices": {}
  },
  "time": {
    "samples": {
      "AcquisitionNumber": [1, 2, 3, 4, 5, 6, 7, 8, 9, 10, 11, 12, 13, 14, 15, 16, 17, 18, 19, 20, 21, 22, 23, 24, 25, 26, 27, 28, 29, 30, 31, 32, 33, 34, 35],
      "AcquisitionTime": ["100555.260000", "100559.445000", "100604.660000", "100608.990000", "100613.240000", "100618.405000", "100622.880000", "100626.925000", "100631.635000", "100636.890000", "100641.955000", "100647.060000", "100653.405000", "100658.745000", "100704.050000", "100709.225000", "100714.520000", "100719.495000", "100724.660000", "100729.020000", "100733.495000", "100738.830000", "100743.925000", "100749.330000", "100754.575000", "100759.715000", "100805.190000", "100810.410000", "100815.480000", "100820.630000", "100825.870000", "100830.715000", "100834.610000", "100838.625000", "100842.680000"],
      "ContentTime": ["100555.768000", "100602.045000", "100607.045000", "100612.045000", "100617.044000", "100622.045000", "100627.045000", "100632.044000", "100637.044000", "100642.045000", "100647.045000", "100652.044000", "100657.045000", "100702.045000", "100707.044000", "100712.044000", "100717.045000", "100722.045000", "100727.044000", "100732.046000", "100737.045000", "100742.045000", "100747.044000", "100752.045000", "100757.045000", "100802.044000", "100807.045000", "100812.046000", "100817.044000", "100822.045000", "100827.046000", "100832.045000", "100837.044000", "100842.045000", "100843.195000"],
      "InstanceCreationTime": ["100555.768000", "100602.045000", "100607.045000", "100612.045000", "100617.044000", "100622.045000", "100627.045000", "100632.044000", "100637.044000", "100642.045000", "100647.045000", "100652.044000", "100657.045000", "100702.045000", "100707.044000", "100712.044000", "100717.045000", "100722.045000", "100727.044000", "100732.046000", "100737.045000", "100742.045000", "100747.044000", "100752.045000", "100757.045000", "100802.044000", "100807.045000", "100812.046000", "100817.044000", "100822.045000", "100827.046000", "100832.045000", "100837.044000", "100842.045000", "100843.195000"],
      "InstanceNumber": [1, 2, 3, 4, 5, 6, 7, 8, 9, 10, 11, 12, 13, 14, 15, 16, 17, 18, 19, 20, 21, 22, 23, 24, 25, 26, 27, 28, 29, 30, 31, 32, 33, 34, 35],
      "LargestImagePixelValue": [4095, 3911, 3968, 4095, 4027, 4095, 4095, 4095, 4095, 4095, 4095, 4095, 4095, 4095, 4095, 4095, 4095, 4095, 4095, 3902, 4095, 4095, 4095, 4095, 4095, 4095, 4095, 4095, 4095, 4095, 4095, 4095, 4095, 4095, 4095],
      "SequenceName": [
        "*ez_b0",
        "*ez_b800#1",
        "*ez_b800#2",
        "*ez_b800#3",
        "*ez_b800#4",
        "*ez_b800#5",
        "*ez_b800#6",
        "*ez_b800#7",
        "*ez_b800#8",
        "*ez_b800#9",
        "*ez_b800#10",
        "*ez_b800#11",
        "*ez_b800#12",
        "*ez_b800#13",
        "*ez_b800#14",
        "*ez_b800#15",
        "*ez_b800#16",
        "*ez_b800#17",
        "*ez_b800#18",
        "*ez_b800#19",
        "*ez_b800#20",
        "*ez_b800#21",
        "*ez_b800#22",
        "*ez_b800#23",
        "*ez_b800#24",
        "*ez_b800#25",
        "*ez_b800#26",
        "*ez_b800#27",
        "*ez_b800#28",
        "*ez_b800#29",
        "*ez_b800#30",
        "*ez_b0",
        "*ez_b0",
        "*ez_b0",
        "*ez_b0"
],
      "TriggerTime": [572.5, 572.5, 572.5, 572.5, 572.5, 572.5, 572.5, 572.5, 572.5, 572.5, 572.5, 572.5, 572.5, 572.5, 572.5, 572.5, 572.5, 572.5, 572.5, 570.0, 570.0, 570.0, 570.0, 570.0, 570.0, 570.0, 570.0, 570.0, 570.0, 570.0, 570.0, 570.0, 570.0, 570.0, 570.0],
      "WindowCenter": [1288.0, 775.0, 820.0, 786.0, 800.0, 855.0, 814.0, 794.0, 792.0, 823.0, 830.0, 844.0, 824.0, 820.0, 835.0, 817.0, 819.0, 832.0, 830.0, 778.0, 782.0, 805.0, 850.0, 864.0, 865.0, 845.0, 829.0, 850.0, 848.0, 834.0, 850.0, 1439.0, 1260.0, 1204.0, 1353.0],
      "WindowWidth": [2577.0, 1642.0, 1751.0, 1671.0, 1697.0, 1816.0, 1729.0, 1677.0, 1686.0, 1753.0, 1768.0, 1785.0, 1777.0, 1760.0, 1795.0, 1751.0, 1753.0, 1764.0, 1760.0, 1652.0, 1670.0, 1728.0, 1800.0, 1831.0, 1831.0, 1788.0, 1764.0, 1800.0, 1792.0, 1760.0, 1804.0, 2769.0, 2539.0, 2439.0, 2658.0]
    },
    "slices": {}
  }
}