{
  "AcquisitionMatrixPE": 32,
  "AcquisitionNumber": 1,
  "AcquisitionTime": "09:43:44.210000",
  "BaseResolution": 32,
  "BodyPartExamined": "BRAIN",
  "CoilCombinationMethod": "Sum of Squares",
  "ConsistencyInfo": "N4_VE11C_LATEST_20160120",
  "ConversionSoftware": "dcm2niix",
  "ConversionSoftwareVersion": "v1.0.20211006",
  "DeviceSerialNumber": "167006",
  "DwellTime": 3.18e-05,
  "EchoTime": 0.00184,
  "FlipAngle": 8,
  "HeudiconvVersion": "0.5.3.post569+g418601f",
  "ImageComments": "anatomical image",
  "ImageOrientationPatientDICOM": [1, 0, 0, 0, 0.857167, -0.515038],
  "ImageOrientationText": "Tra>Cor(-31.0)",
  "ImageType": [
    "ORIGINAL",
    "PRIMARY",
    "M",
    "DIS2D"
],
  "ImagingFrequency": 123.259,
  "InPlanePhaseEncodingDirectionDICOM": "COL",
  "InstitutionAddress": "Chemin Queen-Mary 4565,Montreal,District,CA,H3W 1W5",
  "InstitutionName": "IUGM",
  "InstitutionalDepartmentName": "Department",
  "MRAcquisitionType": "2D",
  "MagneticFieldStrength": 3,
  "Manufacturer": "Siemens",
  "ManufacturersModelName": "Prisma_fit",
  "MatrixCoilMode": "SENSE",
  "Modality": "MR",
  "PartialFourier": 1,
  "PatientPosition": "HFS",
  "PercentPhaseFOV": 100,
  "PercentSampling": 100,
  "PhaseEncodingDirection": "j-",
  "PhaseEncodingSteps": 32,
  "PhaseResolution": 1,
  "PixelBandwidth": 490,
  "ProcedureStepDescription": "anat^generic",
  "ProtocolName": "tfl_b1map_6mm",
  "PulseSequenceDetails": "%SiemensSeq%\\tfl_b1map",
  "ReceiveCoilActiveElements": "HC1-7;NC1",
  "ReceiveCoilName": "HeadNeck_64",
  "ReconMatrixPE": 32,
  "RepetitionTime": 10,
  "SAR": 0.00533122,
  "ScanningSequence": "GR",
  "SequenceName": "tfl2d1_512",
  "SequenceVariant": "SK\\SP",
  "SeriesDescription": "tfl_b1map_6mm",
  "SeriesNumber": 20,
  "ShimSetting": [624, -7185, -8873, 328, -32, -153, -13, -11],
  "SliceThickness": 6,
  "SliceTiming": [5.04688, 0, 5.55469, 0.50781, 6.05469, 1.01562, 6.55469, 1.51562, 7.0625, 2.02344, 7.57031, 2.52344, 8.07031, 3.03125, 8.57812, 3.53125, 9.07812, 4.03906, 9.58594, 4.54688],
  "SoftwareVersions": "syngo MR E11",
  "SpacingBetweenSlices": 7.2,
  "SpoilingState": true,
  "StationName": "MRC35049",
  "TxRefAmp": 249.769,
  "dcmmeta_affine": [
    [-6.0, 0.0, 0.0, 97.86487579345703],
    [0.0, 5.143003940582275, -3.7082748413085938, -47.77517318725586],
    [0.0, 3.090228319168091, 6.171604156494141, -104.9302978515625],
    [0.0, 0.0, 0.0, 1.0]
],
  "dcmmeta_reorient_transform": [
    [0.0, -1.0, 0.0, 31.0],
    [1.0, 0.0, 0.0, 0.0],
    [0.0, 0.0, -1.0, 19.0],
    [0.0, 0.0, 0.0, 1.0]
],
  "dcmmeta_shape": [32, 32, 20],
  "dcmmeta_slice_dim": 2,
  "dcmmeta_version": 0.6,
  "global": {
    "const": {
      "AcquisitionMatrix": [32, 0, 0, 32],
      "AcquisitionNumber": 1,
      "AngioFlag": "N",
      "BitsAllocated": 16,
      "BitsStored": 12,
      "BodyPartExamined": "BRAIN",
      "Columns": 32,
      "EchoNumbers": 1,
      "EchoTime": 1.84,
      "EchoTrainLength": 1,
      "FlipAngle": 8.0,
      "HighBit": 11,
      "ImageOrientationPatient": [1.0, 0.0, 0.0, 0.0, 0.85716730460107, -0.5150380684211],
      "ImageType": [
        "ORIGINAL",
        "PRIMARY",
        "M",
        "DIS2D"
],
      "ImagedNucleus": "1H",
      "ImagingFrequency": 123.259042,
      "InPlanePhaseEncodingDirection": "COL",
      "MRAcquisitionType": "2D",
      "MagneticFieldStrength": 3.0,
      "Manufacturer": "SIEMENS",
      "ManufacturerModelName": "Prisma_fit",
      "Modality": "MR",
      "NumberOfAverages": 1.0,
      "NumberOfPhaseEncodingSteps": 32,
      "PercentPhaseFieldOfView": 100.0,
      "PercentSampling": 100.0,
      "PerformedProcedureStepStartTime": "090258.984000",
      "PhotometricInterpretation": "MONOCHROME2",
      "PixelBandwidth": 490.0,
      "PixelRepresentation": 0,
      "PixelSpacing": [6.0, 6.0],
      "ProtocolName": "tfl_b1map_6mm",
      "RepetitionTime": 10000.0,
      "Rows": 32,
      "SAR": 0.00533121904822,
      "SamplesPerPixel": 1,
      "ScanningSequence": "GR",
      "SequenceName": "tfl2d1_512",
      "SequenceVariant": [
        "SK",
        "SP"
],
      "SeriesDescription": "tfl_b1map_6mm",
      "SeriesNumber": 20,
      "SeriesTime": "094359.558000",
      "SliceThickness": 6.0,
      "SmallestImagePixelValue": 0,
      "SoftwareVersions": "syngo MR E11",
      "SpacingBetweenSlices": 7.2,
      "SpecificCharacterSet": "ISO_IR 100",
      "StudyID": "1",
      "StudyTime": "090258.821000",
      "TransmitCoilName": "Body",
      "VariableFlipAngleFlag": "N",
      "WindowCenterWidthExplanation": "Algo1",
      "dBdt": 0.0},
    "slices": {
      "AcquisitionTime": ["094344.210000", "094339.167500", "094344.715000", "094339.672500", "094345.220000", "094340.177500", "094345.722500", "094340.680000", "094346.227500", "094341.185000", "094346.732500", "094341.690000", "094347.235000", "094342.195000", "094347.740000", "094342.697500", "094348.245000", "094343.202500", "094348.747500", "094343.707500"],
      "ContentTime": ["094359.586000", "094359.561000", "094359.588000", "094359.564000", "094359.591000", "094359.566000", "094359.594000", "094359.568000", "094359.596000", "094359.569000", "094359.598000", "094359.577000", "094359.607000", "094359.578000", "094359.613000", "094359.580000", "094359.615000", "094359.582000", "094359.618000", "094359.584000"],
      "CsaImage.ICE_Dims": [
        "X_1_1_1_1_1_1_11_1_1_1_1_32",
        "X_1_1_1_1_1_1_1_1_1_2_1_32",
        "X_1_1_1_1_1_1_12_1_1_3_1_32",
        "X_1_1_1_1_1_1_2_1_1_4_1_32",
        "X_1_1_1_1_1_1_13_1_1_5_1_32",
        "X_1_1_1_1_1_1_3_1_1_6_1_32",
        "X_1_1_1_1_1_1_14_1_1_7_1_32",
        "X_1_1_1_1_1_1_4_1_1_8_1_32",
        "X_1_1_1_1_1_1_15_1_1_9_1_32",
        "X_1_1_1_1_1_1_5_1_1_10_1_32",
        "X_1_1_1_1_1_1_16_1_1_11_1_32",
        "X_1_1_1_1_1_1_6_1_1_12_1_32",
        "X_1_1_1_1_1_1_17_1_1_13_1_32",
        "X_1_1_1_1_1_1_7_1_1_14_1_32",
        "X_1_1_1_1_1_1_18_1_1_15_1_32",
        "X_1_1_1_1_1_1_8_1_1_16_1_32",
        "X_1_1_1_1_1_1_19_1_1_17_1_32",
        "X_1_1_1_1_1_1_9_1_1_18_1_32",
        "X_1_1_1_1_1_1_20_1_1_19_1_32",
        "X_1_1_1_1_1_1_10_1_1_20_1_32"
],
      "CsaImage.ProtocolSliceNumber": [0, 1, 2, 3, 4, 5, 6, 7, 8, 9, 10, 11, 12, 13, 14, 15, 16, 17, 18, 19],
      "CsaImage.SliceMeasurementDuration": [130.0, 130.0, 127.5, 127.5, 127.5, 127.5, 130.0, 130.0, 127.5, 130.0, 127.5, 127.5, 130.0, 127.5, 127.5, 130.0, 127.5, 127.5, 130.0, 127.5],
      "CsaImage.SlicePosition_PCS": [
        [-97.86487722, -111.65793238, -9.13322684],
        [-97.86487722, -107.94965754, -2.96161887],
        [-97.86487722, -104.24138461, 3.20998529],
        [-97.86487722, -100.53310976, 9.38158944],
        [-97.86487722, -96.82483588, 15.5531936],
        [-97.86487722, -93.11656104, 21.72479776],
        [-97.86487722, -89.40828715, 27.89640191],
        [-97.86487722, -85.70001302, 34.06800702],
        [-97.86487722, -81.99173899, 40.23961118],
        [-97.86487722, -78.28346501, 46.41121605],
        [-97.86487722, -74.57519064, 52.58282045],
        [-97.86487722, -70.86691676, 58.75442556],
        [-97.86487722, -67.15864287, 64.92602971],
        [-97.86487722, -63.45036898, 71.09763482],
        [-97.86487722, -59.74209414, 77.26923898],
        [-97.86487722, -56.0338193, 83.44084314],
        [-97.86487722, -52.32554636, 89.61244729],
        [-97.86487722, -48.61727343, 95.78405145],
        [-97.86487722, -44.90899859, 101.95565561],
        [-97.86487722, -41.20072375, 108.12725976]
],
      "CsaImage.TimeAfterStart": [5.0425, 0.0, 5.5475, 0.505, 6.0525, 1.01, 6.555, 1.5125, 7.06, 2.0175, 7.565, 2.5225, 8.0675, 3.0275, 8.5725, 3.53, 9.0775, 4.035, 9.58, 4.54],
      "ImagePositionPatient": [
        [-97.864877223969, -111.65793238123, -9.1332268402658],
        [-97.864877223969, -107.94965753992, -2.9616188690744],
        [-97.864877223969, -104.24138460596, 3.2099852874197],
        [-97.864877223969, -100.53310976465, 9.3815894439139],
        [-97.864877223969, -96.824835877018, 15.553193600408],
        [-97.864877223969, -93.116561035709, 21.724797756902],
        [-97.864877223969, -89.408287148075, 27.896401913396],
        [-97.864877223969, -85.700013022022, 34.068007023565],
        [-97.864877223969, -81.991738985376, 40.239611180059],
        [-97.864877223969, -78.283465008335, 46.411216051809],
        [-97.864877223969, -74.575190643863, 52.582820446721],
        [-97.864877223969, -70.866916756229, 58.75442555689],
        [-97.864877223969, -67.158642868595, 64.926029713384],
        [-97.864877223969, -63.450368980961, 71.097634823553],
        [-97.864877223969, -59.742094139652, 77.269238980047],
        [-97.864877223969, -56.033819298343, 83.440843136541],
        [-97.864877223969, -52.325546364383, 89.612447293035],
        [-97.864877223969, -48.617273430423, 95.784051449529],
        [-97.864877223969, -44.908998589115, 101.95565560602],
        [-97.864877223969, -41.200723747806, 108.12725976252]
],
      "InstanceCreationTime": ["094359.586000", "094359.561000", "094359.588000", "094359.564000", "094359.591000", "094359.566000", "094359.594000", "094359.568000", "094359.596000", "094359.569000", "094359.598000", "094359.577000", "094359.607000", "094359.578000", "094359.613000", "094359.580000", "094359.615000", "094359.582000", "094359.618000", "094359.584000"],
      "InstanceNumber": [11, 1, 12, 2, 13, 3, 14, 4, 15, 5, 16, 6, 17, 7, 18, 8, 19, 9, 20, 10],
      "LargestImagePixelValue": [4095, 4095, 4095, 3733, 3338, 3681, 4095, 4095, 3471, 3235, 4008, 3882, 4081, 4095, 4087, 4095, 4095, 4095, 4095, 4095],
      "SliceLocation": [-65.336789250503, -58.13678596934, -50.936786940368, -43.736786929039, -36.536787408889, -29.33678739756, -22.136787877409, -14.936787417006, -7.7367878201089, -0.5367876408167, 6.6632123292876, 13.863212666896, 21.063212187047, 28.263212524656, 35.463212535985, 42.663212547314, 49.863211576285, 57.063210605257, 64.263210616586, 71.463210627915],
      "WindowCenter": [1396.0, 1385.0, 1390.0, 1368.0, 1411.0, 1536.0, 1563.0, 1543.0, 1520.0, 1477.0, 1600.0, 1545.0, 1647.0, 1621.0, 1557.0, 1582.0, 1433.0, 1340.0, 818.0, 714.0],
      "WindowWidth": [2783.0, 2716.0, 2671.0, 2579.0, 2542.0, 2717.0, 2829.0, 2778.0, 2656.0, 2543.0, 2823.0, 2773.0, 2985.0, 3006.0, 3111.0, 3341.0, 3209.0, 3091.0, 3088.0, 2592.0]
    }
  }
}