{
  "AcquisitionMatrixPE": 256,
  "AcquisitionNumber": 1,
  "AcquisitionTime": "17:04:7.947500",
  "BaseResolution": 256,
  "BodyPartExamined": "CSPINE",
  "CoilCombinationMethod": "Adaptive Combine",
  "ConsistencyInfo": "N4_VE11C_LATEST_20160120",
  "ConversionSoftware": "dcm2niix",
  "ConversionSoftwareVersion": "v1.0.20211006",
  "DeviceSerialNumber": "167006",
  "DwellTime": 7.5e-06,
  "EchoTime": 0.00313,
  "FlipAngle": 9,
  "HeudiconvVersion": "0.5.3.post569+g418601f",
  "ImageOrientationPatientDICOM": [1, 0, 0, 0, 0.960779, 0.277315],
  "ImageOrientationText": "Tra>Cor(16.1)",
  "ImageType": [
    "ORIGINAL",
    "PRIMARY",
    "M",
    "DIS2D"
],
  "ImagingFrequency": 123.259,
  "InPlanePhaseEncodingDirectionDICOM": "COL",
  "InstitutionAddress": "Chemin Queen-Mary 4565,Montreal,District,CA,H3W 1W5",
  "InstitutionName": "IUGM",
  "InstitutionalDepartmentName": "Department",
  "MRAcquisitionType": "3D",
  "MagneticFieldStrength": 3,
  "Manufacturer": "Siemens",
  "ManufacturersModelName": "Prisma_fit",
  "MatrixCoilMode": "GRAPPA",
  "Modality": "MR",
  "ParallelReductionFactorInPlane": 2,
  "PartialFourier": 1,
  "PatientPosition": "HFS",
  "PercentPhaseFOV": 100,
  "PercentSampling": 100,
  "PhaseEncodingSteps": 255,
  "PhaseResolution": 1,
  "PixelBandwidth": 260,
  "ProcedureStepDescription": "anat^generic",
  "ProtocolName": "GRE-MT0",
  "PulseSequenceDetails": "%SiemensSeq%\\gre",
  "ReceiveCoilActiveElements": "HC7;NC1,2",
  "ReceiveCoilName": "HeadNeck_64",
  "ReconMatrixPE": 256,
  "RefLinesPE": 32,
  "RepetitionTime": 0.035,
  "SAR": 0.00470046,
  "ScanningSequence": "GR",
  "SequenceName": "*fl3d1",
  "SequenceVariant": "SP",
  "SeriesDescription": "GRE-MT0",
  "SeriesNumber": 44,
  "ShimSetting": [640, -7343, -9072, -934, 247, 2000, 869, -16],
  "SliceThickness": 5,
  "SoftwareVersions": "syngo MR E11",
  "StationName": "MRC35049",
  "TxRefAmp": 253.015,
  "dcmmeta_affine": [
    [0.8984375, 0.0, 0.0, -114.59504699707031],
    [0.0, 0.8632000088691711, 1.386573314666748, -148.7040557861328],
    [0.0, -0.24914990365505219, 4.803895950317383, -117.70030212402344],
    [0.0, 0.0, 0.0, 1.0]
],
  "dcmmeta_reorient_transform": [
    [0.0, -1.0, 0.0, 255.0],
    [-1.0, 0.0, 0.0, 255.0],
    [0.0, 0.0, -1.0, 21.0],
    [0.0, 0.0, 0.0, 1.0]
],
  "dcmmeta_shape": [256, 256, 22],
  "dcmmeta_slice_dim": 2,
  "dcmmeta_version": 0.6,
  "global": {
    "const": {
      "AcquisitionMatrix": [256, 0, 0, 256],
      "AcquisitionNumber": 1,
      "AcquisitionTime": "170407.947500",
      "AngioFlag": "N",
      "BitsAllocated": 16,
      "BitsStored": 12,
      "BodyPartExamined": "CSPINE",
      "Columns": 256,
      "EchoNumbers": 1,
      "EchoTime": 3.13,
      "EchoTrainLength": 1,
      "FlipAngle": 9.0,
      "HighBit": 11,
      "ImageOrientationPatient": [1.0, 0.0, 0.0, 0.0, 0.9607791500038, 0.27731466769353],
      "ImageType": [
        "ORIGINAL",
        "PRIMARY",
        "M",
        "DIS2D"
],
      "ImagedNucleus": "1H",
      "ImagingFrequency": 123.258527,
      "InPlanePhaseEncodingDirection": "COL",
      "MRAcquisitionType": "3D",
      "MagneticFieldStrength": 3.0,
      "Manufacturer": "SIEMENS",
      "ManufacturerModelName": "Prisma_fit",
      "Modality": "MR",
      "NumberOfAverages": 1.0,
      "NumberOfPhaseEncodingSteps": 255,
      "PercentPhaseFieldOfView": 100.0,
      "PercentSampling": 100.0,
      "PerformedProcedureStepStartTime": "153517.378000",
      "PhotometricInterpretation": "MONOCHROME2",
      "PixelBandwidth": 260.0,
      "PixelRepresentation": 0,
      "PixelSpacing": [0.8984375, 0.8984375],
      "ProtocolName": "GRE-MT0",
      "RepetitionTime": 35.0,
      "Rows": 256,
      "SAR": 0.00470046376462,
      "SamplesPerPixel": 1,
      "ScanningSequence": "GR",
      "SequenceName": "*fl3d1",
      "SequenceVariant": "SP",
      "SeriesDescription": "GRE-MT0",
      "SeriesNumber": 44,
      "SeriesTime": "170620.363000",
      "SliceThickness": 5.0,
      "SmallestImagePixelValue": 0,
      "SoftwareVersions": "syngo MR E11",
      "SpecificCharacterSet": "ISO_IR 100",
      "StudyID": "1",
      "StudyTime": "153517.289000",
      "TransmitCoilName": "Body",
      "VariableFlipAngleFlag": "N",
      "dBdt": 0.0},
    "slices": {
      "ContentTime": ["170620.367000", "170620.370000", "170620.372000", "170620.374000", "170620.376000", "170620.378000", "170620.380000", "170620.382000", "170620.384000", "170620.386000", "170620.388000", "170620.390000", "170620.392000", "170620.395000", "170620.398000", "170620.400000", "170620.410000", "170620.412000", "170620.414000", "170620.416000", "170620.418000", "170620.420000"],
      "CsaImage.Actual3DImaPartNumber": [0, 1, 2, 3, 4, 5, 6, 7, 8, 9, 10, 11, 12, 13, 14, 15, 16, 17, 18, 19, 20, 21],
      "CsaImage.ICE_Dims": [
        "X_1_1_1_1_1_1_1_1_1_1_1_481",
        "X_1_1_1_1_1_2_1_1_1_1_1_481",
        "X_1_1_1_1_1_3_1_1_1_1_1_481",
        "X_1_1_1_1_1_4_1_1_1_1_1_481",
        "X_1_1_1_1_1_5_1_1_1_1_1_481",
        "X_1_1_1_1_1_6_1_1_1_1_1_481",
        "X_1_1_1_1_1_7_1_1_1_1_1_481",
        "X_1_1_1_1_1_8_1_1_1_1_1_481",
        "X_1_1_1_1_1_9_1_1_1_1_1_481",
        "X_1_1_1_1_1_10_1_1_1_1_1_481",
        "X_1_1_1_1_1_11_1_1_1_1_1_481",
        "X_1_1_1_1_1_12_1_1_1_1_1_481",
        "X_1_1_1_1_1_13_1_1_1_1_1_481",
        "X_1_1_1_1_1_14_1_1_1_1_1_481",
        "X_1_1_1_1_1_15_1_1_1_1_1_481",
        "X_1_1_1_1_1_16_1_1_1_1_1_481",
        "X_1_1_1_1_1_17_1_1_1_1_1_481",
        "X_1_1_1_1_1_18_1_1_1_1_1_481",
        "X_1_1_1_1_1_19_1_1_1_1_1_481",
        "X_1_1_1_1_1_20_1_1_1_1_1_481",
        "X_1_1_1_1_1_21_1_1_1_1_1_481",
        "X_1_1_1_1_1_22_1_1_1_1_1_481"
],
      "CsaImage.SlicePosition_PCS": [
        [-114.50651398, -71.41194359, -82.23352609],
        [-114.50651398, -72.79851692, -77.42963034],
        [-114.50651398, -74.18509026, -72.62573459],
        [-114.50651398, -75.5716636, -67.82183884],
        [-114.50651398, -76.95823694, -63.01794309],
        [-114.50651398, -78.34481028, -58.21404734],
        [-114.50651398, -79.73138362, -53.41015159],
        [-114.50651398, -81.11795695, -48.60625584],
        [-114.50651398, -82.50453029, -43.80236009],
        [-114.50651398, -83.89110363, -38.99846434],
        [-114.50651398, -85.27767697, -34.19456859],
        [-114.50651398, -86.66425031, -29.39067284],
        [-114.50651398, -88.05082365, -24.58677709],
        [-114.50651398, -89.43739699, -19.78288134],
        [-114.50651398, -90.82397032, -14.97898559],
        [-114.50651398, -92.21054366, -10.17508984],
        [-114.50651398, -93.597117, -5.37119409],
        [-114.50651398, -94.98369034, -0.56729834],
        [-114.50651398, -96.37026368, 4.23659741],
        [-114.50651398, -97.75683702, 9.04049316],
        [-114.50651398, -99.14341036, 13.84438891],
        [-114.50651398, -100.52998369, 18.64828466]
],
      "ImagePositionPatient": [
        [-114.50651398301, -71.411943585687, -181.23352608976],
        [-114.50651398301, -72.798516924155, -176.42963033974],
        [-114.50651398301, -74.185090262622, -171.62573458972],
        [-114.50651398301, -75.57166360109, -166.8218388397],
        [-114.50651398301, -76.958236939557, -162.01794308968],
        [-114.50651398301, -78.344810278025, -157.21404733966],
        [-114.50651398301, -79.731383616493, -152.41015158964],
        [-114.50651398301, -81.11795695496, -147.60625583962],
        [-114.50651398301, -82.504530293428, -142.8023600896],
        [-114.50651398301, -83.891103631896, -137.99846433959],
        [-114.50651398301, -85.277676970363, -133.19456858957],
        [-114.50651398301, -86.664250308831, -128.39067283955],
        [-114.50651398301, -88.050823647299, -123.58677708953],
        [-114.50651398301, -89.437396985766, -118.78288133951],
        [-114.50651398301, -90.823970324234, -113.97898558949],
        [-114.50651398301, -92.210543662702, -109.17508983947],
        [-114.50651398301, -93.597117001169, -104.37119408945],
        [-114.50651398301, -94.983690339637, -99.567298339433],
        [-114.50651398301, -96.370263678104, -94.763402589414],
        [-114.50651398301, -97.756837016572, -89.959506839395],
        [-114.50651398301, -99.14341035504, -85.155611089376],
        [-114.50651398301, -100.52998369351, -80.351715339357]
],
      "InstanceCreationTime": ["170620.367000", "170620.370000", "170620.372000", "170620.374000", "170620.376000", "170620.378000", "170620.380000", "170620.382000", "170620.384000", "170620.386000", "170620.388000", "170620.390000", "170620.392000", "170620.395000", "170620.398000", "170620.400000", "170620.410000", "170620.412000", "170620.414000", "170620.416000", "170620.418000", "170620.420000"],
      "InstanceNumber": [22, 21, 20, 19, 18, 17, 16, 15, 14, 13, 12, 11, 10, 9, 8, 7, 6, 5, 4, 3, 2, 1],
      "LargestImagePixelValue": [4095, 4095, 4095, 4095, 4095, 4095, 4095, 4095, 4095, 4095, 4095, 4095, 4095, 4095, 4095, 4095, 4095, 4095, 4095, 4095, 4095, 2381],
      "SliceLocation": [-154.32181374389, -149.32181374389, -144.32181374389, -139.32181374389, -134.32181374389, -129.32181374389, -124.32181374389, -119.32181374389, -114.32181374389, -109.32181374389, -104.32181374389, -99.321813743894, -94.321813743894, -89.321813743894, -84.321813743894, -79.321813743894, -74.321813743894, -69.321813743894, -64.321813743894, -59.321813743894, -54.321813743894, -49.321813743894],
      "WindowCenter": [931.0, 1278.0, 1017.0, 431.0, 323.0, 35.0, 590.0, 703.0, 734.0, 805.0, 759.0, 694.0, 601.0, 951.0, 967.0, 1112.0, 1268.0, 1238.0, 1310.0, 1297.0, 1044.0, 144.0],
      "WindowCenterWidthExplanation": [
        "Algo1",
        "Algo1",
        "Algo1",
        "Algo1",
        "Algo1",
        "Algo1",
        "Algo1",
        "Algo1",
        "Algo1",
        "Algo1",
        "Algo1",
        "Algo1",
        "Algo1",
        "Algo1",
        "Algo1",
        "Algo1",
        "Algo1",
        "Algo1",
        "Algo1",
        "Algo1",
        "Algo1",
        "WINDOW1"
],
      "WindowWidth": [2631.0, 3156.0, 3787.0, 4095.0, 4095.0, 4065.0, 3754.0, 3671.0, 3672.0, 3705.0, 3812.0, 3909.0, 4015.0, 4018.0, 4070.0, 4095.0, 4095.0, 4095.0, 3999.0, 3433.0, 2412.0, 504.0]
    }
  }
}