{
  "AcquisitionMatrixPE": 32,
  "AcquisitionNumber": 1,
  "AcquisitionTime": "16:15:19.215000",
  "BaseResolution": 32,
  "BodyPartExamined": "BRAIN",
  "CoilCombinationMethod": "Sum of Squares",
  "ConsistencyInfo": "N4_VE11C_LATEST_20160120",
  "ConversionSoftware": "dcm2niix",
  "ConversionSoftwareVersion": "v1.0.20211006",
  "DeviceSerialNumber": "167006",
  "DwellTime": 3.18e-05,
  "EchoTime": 0.00184,
  "FlipAngle": 8,
  "HeudiconvVersion": "0.5.3.post569+g418601f",
  "ImageComments": "anatomical image",
  "ImageOrientationPatientDICOM": [1, 0, 0, 0, 0.939693, -0.34202],
  "ImageOrientationText": "Tra>Cor(-20.0)",
  "ImageType": [
    "ORIGINAL",
    "PRIMARY",
    "M",
    "DIS2D"
],
  "ImagingFrequency": 123.259,
  "InPlanePhaseEncodingDirectionDICOM": "COL",
  "InstitutionAddress": "Chemin Queen-Mary 4565,Montreal,District,CA,H3W 1W5",
  "InstitutionName": "IUGM",
  "InstitutionalDepartmentName": "Department",
  "MRAcquisitionType": "2D",
  "MagneticFieldStrength": 3,
  "Manufacturer": "Siemens",
  "ManufacturersModelName": "Prisma_fit",
  "MatrixCoilMode": "SENSE",
  "Modality": "MR",
  "PartialFourier": 1,
  "PatientPosition": "HFS",
  "PercentPhaseFOV": 100,
  "PercentSampling": 100,
  "PhaseEncodingDirection": "j-",
  "PhaseEncodingSteps": 32,
  "PhaseResolution": 1,
  "PixelBandwidth": 490,
  "ProcedureStepDescription": "anat^generic",
  "ProtocolName": "tfl_b1map_6mm",
  "PulseSequenceDetails": "%SiemensSeq%\\tfl_b1map",
  "ReceiveCoilActiveElements": "HC1-7;NC1",
  "ReceiveCoilName": "HeadNeck_64",
  "ReconMatrixPE": 32,
  "RepetitionTime": 10,
  "SAR": 0.00539779,
  "ScanningSequence": "GR",
  "SequenceName": "tfl2d1_512",
  "SequenceVariant": "SK\\SP",
  "SeriesDescription": "tfl_b1map_6mm",
  "SeriesNumber": 20,
  "ShimSetting": [615, -7228, -8894, 377, 36, -418, -1, 23],
  "SliceThickness": 6,
  "SliceTiming": [5.04688, 0, 5.54688, 0.5, 6.04688, 1.01562, 6.5625, 1.51562, 7.0625, 2.01562, 7.5625, 2.51562, 8.0625, 3.03125, 8.57812, 3.53125, 9.07812, 4.03125, 9.57812, 4.53125],
  "SoftwareVersions": "syngo MR E11",
  "SpacingBetweenSlices": 7.2,
  "SpoilingState": true,
  "StationName": "MRC35049",
  "TxRefAmp": 241.649,
  "dcmmeta_affine": [
    [-6.0, 0.0, 0.0, 95.49686431884766],
    [0.0, 5.638155937194824, -2.462545394897461, -54.960628509521484],
    [0.0, 2.0521209239959717, 6.765789031982422, -72.54261016845703],
    [0.0, 0.0, 0.0, 1.0]
],
  "dcmmeta_reorient_transform": [
    [0.0, -1.0, 0.0, 31.0],
    [1.0, 0.0, 0.0, 0.0],
    [0.0, 0.0, -1.0, 19.0],
    [0.0, 0.0, 0.0, 1.0]
],
  "dcmmeta_shape": [32, 32, 20],
  "dcmmeta_slice_dim": 2,
  "dcmmeta_version": 0.6,
  "global": {
    "const": {
      "AcquisitionMatrix": [32, 0, 0, 32],
      "AcquisitionNumber": 1,
      "AngioFlag": "N",
      "BitsAllocated": 16,
      "BitsStored": 12,
      "BodyPartExamined": "BRAIN",
      "Columns": 32,
      "EchoNumbers": 1,
      "EchoTime": 1.84,
      "EchoTrainLength": 1,
      "FlipAngle": 8.0,
      "HighBit": 11,
      "ImageOrientationPatient": [1.0, 0.0, 0.0, 0.0, 0.93969261856831, -0.3420201494185],
      "ImageType": [
        "ORIGINAL",
        "PRIMARY",
        "M",
        "DIS2D"
],
      "ImagedNucleus": "1H",
      "ImagingFrequency": 123.259017,
      "InPlanePhaseEncodingDirection": "COL",
      "MRAcquisitionType": "2D",
      "MagneticFieldStrength": 3.0,
      "Manufacturer": "SIEMENS",
      "ManufacturerModelName": "Prisma_fit",
      "Modality": "MR",
      "NumberOfAverages": 1.0,
      "NumberOfPhaseEncodingSteps": 32,
      "PercentPhaseFieldOfView": 100.0,
      "PercentSampling": 100.0,
      "PerformedProcedureStepStartTime": "145236.907000",
      "PhotometricInterpretation": "MONOCHROME2",
      "PixelBandwidth": 490.0,
      "PixelRepresentation": 0,
      "PixelSpacing": [6.0, 6.0],
      "ProtocolName": "tfl_b1map_6mm",
      "RepetitionTime": 10000.0,
      "Rows": 32,
      "SAR": 0.00539778992977,
      "SamplesPerPixel": 1,
      "ScanningSequence": "GR",
      "SequenceName": "tfl2d1_512",
      "SequenceVariant": [
        "SK",
        "SP"
],
      "SeriesDescription": "tfl_b1map_6mm",
      "SeriesNumber": 20,
      "SeriesTime": "161534.805000",
      "SliceThickness": 6.0,
      "SmallestImagePixelValue": 0,
      "SoftwareVersions": "syngo MR E11",
      "SpacingBetweenSlices": 7.2,
      "SpecificCharacterSet": "ISO_IR 100",
      "StudyID": "1",
      "StudyTime": "145236.818000",
      "TransmitCoilName": "Body",
      "VariableFlipAngleFlag": "N",
      "WindowCenterWidthExplanation": "Algo1",
      "dBdt": 0.0},
    "slices": {
      "AcquisitionTime": ["161519.215000", "161514.172500", "161519.720000", "161514.677500", "161520.222500", "161515.180000", "161520.727500", "161515.685000", "161521.232500", "161516.190000", "161521.735000", "161516.692500", "161522.240000", "161517.197500", "161522.745000", "161517.702500", "161523.247500", "161518.207500", "161523.752500", "161518.710000"],
      "ContentTime": ["161534.832000", "161534.808000", "161534.837000", "161534.810000", "161534.839000", "161534.812000", "161534.848000", "161534.814000", "161534.850000", "161534.816000", "161534.852000", "161534.817000", "161534.854000", "161534.819000", "161534.863000", "161534.822000", "161534.865000", "161534.824000", "161534.867000", "161534.830000"],
      "CsaImage.ICE_Dims": [
        "X_1_1_1_1_1_1_11_1_1_1_1_75",
        "X_1_1_1_1_1_1_1_1_1_2_1_75",
        "X_1_1_1_1_1_1_12_1_1_3_1_75",
        "X_1_1_1_1_1_1_2_1_1_4_1_75",
        "X_1_1_1_1_1_1_13_1_1_5_1_75",
        "X_1_1_1_1_1_1_3_1_1_6_1_75",
        "X_1_1_1_1_1_1_14_1_1_7_1_75",
        "X_1_1_1_1_1_1_4_1_1_8_1_75",
        "X_1_1_1_1_1_1_15_1_1_9_1_75",
        "X_1_1_1_1_1_1_5_1_1_10_1_75",
        "X_1_1_1_1_1_1_16_1_1_11_1_75",
        "X_1_1_1_1_1_1_6_1_1_12_1_75",
        "X_1_1_1_1_1_1_17_1_1_13_1_75",
        "X_1_1_1_1_1_1_7_1_1_14_1_75",
        "X_1_1_1_1_1_1_18_1_1_15_1_75",
        "X_1_1_1_1_1_1_8_1_1_16_1_75",
        "X_1_1_1_1_1_1_19_1_1_17_1_75",
        "X_1_1_1_1_1_1_9_1_1_18_1_75",
        "X_1_1_1_1_1_1_20_1_1_19_1_75",
        "X_1_1_1_1_1_1_10_1_1_20_1_75"
],
      "CsaImage.ProtocolSliceNumber": [0, 1, 2, 3, 4, 5, 6, 7, 8, 9, 10, 11, 12, 13, 14, 15, 16, 17, 18, 19],
      "CsaImage.SliceMeasurementDuration": [127.5, 127.5, 127.5, 127.5, 130.0, 130.0, 127.5, 127.5, 127.5, 127.5, 130.0, 130.0, 127.5, 127.5, 127.5, 127.5, 130.0, 127.5, 127.5, 130.0],
      "CsaImage.SlicePosition_PCS": [
        [-95.49686384, -119.82218953, -31.9268231],
        [-95.49686384, -117.35964605, -25.16103788],
        [-95.49686384, -114.89710065, -18.39525267],
        [-95.49686384, -112.43455526, -11.62946364],
        [-95.49686384, -109.97200986, -4.86367842],
        [-95.49686384, -107.50946447, 1.90210871],
        [-95.49686384, -105.04692002, 8.66789583],
        [-95.49686384, -102.58437463, 15.43368296],
        [-95.49686384, -100.12183019, 22.19946913],
        [-95.49686384, -97.65928479, 28.96525625],
        [-95.49686384, -95.19673988, 35.73104314],
        [-95.49686384, -92.73419472, 42.4968305],
        [-95.49686384, -90.27164978, 49.26261667],
        [-95.49686384, -87.80910464, 56.0284038],
        [-95.49686384, -85.34655973, 62.79419092],
        [-95.49686384, -82.88401481, 69.55997805],
        [-95.49686384, -80.42146989, 76.32576326],
        [-95.49686384, -77.9589245, 83.09155229],
        [-95.49686384, -75.49638005, 89.85733751],
        [-95.49686384, -73.03383466, 96.62312654]
],
      "CsaImage.TimeAfterStart": [5.0425, 0.0, 5.5475, 0.505, 6.05, 1.0075, 6.555, 1.5125, 7.06, 2.0175, 7.5625, 2.52, 8.0675, 3.025, 8.5725, 3.53, 9.075, 4.035, 9.58, 4.5375],
      "ImagePositionPatient": [
        [-95.49686384201, -119.82218953319, -8.9268231021159],
        [-95.49686384201, -117.35964604564, -2.1610378848308],
        [-95.49686384201, -114.89710065075, 4.6047473324544],
        [-95.49686384201, -112.43455525585, 11.370536364437],
        [-95.49686384201, -109.97200986095, 18.136321581722],
        [-95.49686384201, -107.50946446605, 24.902108706356],
        [-95.49686384201, -105.04692002483, 31.66789583099],
        [-95.49686384201, -102.58437462993, 38.433682955623],
        [-95.49686384201, -100.12183018871, 45.199469126583],
        [-95.49686384201, -97.659284793813, 51.965256251217],
        [-95.49686384201, -95.196739875752, 58.731043137432],
        [-95.49686384201, -92.734194719273, 65.496830500484],
        [-95.49686384201, -90.271649782587, 72.262616671444],
        [-95.49686384201, -87.809104644734, 79.028403796077],
        [-95.49686384201, -85.346559726674, 85.794190920711],
        [-95.49686384201, -82.884014808614, 92.559978045345],
        [-95.49686384201, -80.421469890553, 99.32576326263],
        [-95.49686384201, -77.958924495656, 106.09155229461],
        [-95.49686384201, -75.496380054433, 112.8573375119],
        [-95.49686384201, -73.033834659535, 119.62312654388]
],
      "InstanceCreationTime": ["161534.832000", "161534.808000", "161534.837000", "161534.810000", "161534.839000", "161534.812000", "161534.848000", "161534.814000", "161534.850000", "161534.816000", "161534.852000", "161534.817000", "161534.854000", "161534.819000", "161534.863000", "161534.822000", "161534.865000", "161534.824000", "161534.867000", "161534.830000"],
      "InstanceNumber": [11, 1, 12, 2, 13, 3, 14, 4, 15, 5, 16, 6, 17, 7, 18, 8, 19, 9, 20, 10],
      "LargestImagePixelValue": [4095, 4000, 3013, 2943, 2854, 3007, 3287, 3183, 3257, 3060, 3120, 3832, 4095, 4095, 4089, 4095, 4095, 4095, 4095, 4029],
      "SliceLocation": [-49.370072944114, -42.170075025052, -34.970076453638, -27.770074297581, -20.570075726167, -13.370075362431, -6.1700753248717, 1.0299250388638, 8.2299241802627, 15.429924543998, 22.629924520606, 29.829925026837, 37.029924337695, 44.229924613516, 51.429924814163, 58.629925014811, 65.829923423137, 73.029925579194, 80.229923824432, 87.429925980489],
      "WindowCenter": [1419.0, 1506.0, 1412.0, 1427.0, 1453.0, 1472.0, 1486.0, 1419.0, 1419.0, 1342.0, 1420.0, 1602.0, 1857.0, 1893.0, 1702.0, 1545.0, 1422.0, 1150.0, 806.0, 487.0],
      "WindowWidth": [2822.0, 2896.0, 2624.0, 2480.0, 2293.0, 2325.0, 2363.0, 2232.0, 2438.0, 2135.0, 2274.0, 2531.0, 3091.0, 3352.0, 3290.0, 3188.0, 3099.0, 3080.0, 2989.0, 2909.0]
    }
  }
}