{
  "AcquisitionMatrixPE": 192,
  "AcquisitionNumber": 1,
  "AcquisitionTime": "11:24:7.332500",
  "BaseResolution": 192,
  "BodyPartExamined": "BRAIN",
  "CoilCombinationMethod": "Adaptive Combine",
  "ConsistencyInfo": "N4_VE11C_LATEST_20160120",
  "ConversionSoftware": "dcm2niix",
  "ConversionSoftwareVersion": "v1.0.20211006",
  "DeviceSerialNumber": "167006",
  "DwellTime": 3.5e-06,
  "EchoTime": 0.00151,
  "HeudiconvVersion": "0.5.3.post569+g418601f",
  "ImageOrientationPatientDICOM": [-0.0697565, 0.997564, 0, 0, 0, -1],
  "ImageOrientationText": "Sag>Cor(-4.0)",
  "ImageType": [
    "DERIVED",
    "PRIMARY",
    "M",
    "ND",
    "UNI"
],
  "ImagingFrequency": 123.259,
  "InPlanePhaseEncodingDirectionDICOM": "ROW",
  "InstitutionAddress": "Chemin Queen-Mary 4565,Montreal,District,CA,H3W 1W5",
  "InstitutionName": "IUGM",
  "InstitutionalDepartmentName": "Department",
  "MRAcquisitionType": "3D",
  "MagneticFieldStrength": 3,
  "Manufacturer": "Siemens",
  "ManufacturersModelName": "Prisma_fit",
  "MatrixCoilMode": "GRAPPA",
  "Modality": "MR",
  "ParallelReductionFactorInPlane": 2,
  "PartialFourier": 1,
  "PatientPosition": "HFS",
  "PercentPhaseFOV": 100,
  "PercentSampling": 100,
  "PhaseEncodingSteps": 191,
  "PhaseResolution": 1,
  "PixelBandwidth": 745,
  "ProcedureStepDescription": "anat^generic",
  "ProtocolName": "t1_mp2rage",
  "PulseSequenceDetails": "%SiemensSeq%\\tfl",
  "RawImage": false,
  "ReceiveCoilActiveElements": "HC1-7;NC1",
  "ReceiveCoilName": "HeadNeck_64",
  "ReconMatrixPE": 192,
  "RefLinesPE": 32,
  "RepetitionTime": 4,
  "SAR": 0.0203793,
  "ScanOptions": "IR",
  "ScanningSequence": "GR\\IR",
  "SequenceName": "*tfl3d1_16",
  "SequenceVariant": "SK\\SP\\MP",
  "SeriesDescription": "t1_mp2rage_UNI_Images_ND",
  "SeriesNumber": 23,
  "ShimSetting": [620, -7262, -8926, 326, 14, -468, -29, -29],
  "SliceThickness": 1.2,
  "SoftwareVersions": "syngo MR E11",
  "SpoilingState": true,
  "StationName": "MRC35049",
  "TxRefAmp": 243.451,
  "dcmmeta_affine": [
    [1.1970767974853516, -0.0835624560713768, 0.0, -97.408203125],
    [0.0837077870965004, 1.1949985027313232, 0.0, -91.0434799194336],
    [0.0, 0.0, 1.1979166269302368, -125.70374298095703],
    [0.0, 0.0, 0.0, 1.0]
],
  "dcmmeta_reorient_transform": [
    [0.0, 0.0, -1.0, 191.0],
    [0.0, -1.0, 0.0, 191.0],
    [-1.0, 0.0, 0.0, 175.0],
    [0.0, 0.0, 0.0, 1.0]
],
  "dcmmeta_shape": [176, 192, 192],
  "dcmmeta_slice_dim": 0,
  "dcmmeta_version": 0.6,
  "global": {
    "const": {
      "AcquisitionMatrix": [0, 192, 192, 0],
      "AcquisitionNumber": 1,
      "AngioFlag": "N",
      "BitsAllocated": 16,
      "BitsStored": 12,
      "BodyPartExamined": "BRAIN",
      "Columns": 192,
      "EchoNumbers": 1,
      "EchoTime": 1.51,
      "EchoTrainLength": 1,
      "FlipAngle": 0.0,
      "HighBit": 11,
      "ImageOrientationPatient": [-0.0697564874204, 0.99756404930349, 0.0, 0.0, 0.0, -1.0],
      "ImageType": [
        "DERIVED",
        "PRIMARY",
        "M",
        "ND",
        "UNI"
],
      "ImagedNucleus": "1H",
      "ImagingFrequency": 123.25886,
      "InPlanePhaseEncodingDirection": "ROW",
      "InversionTime": 0.0,
      "MRAcquisitionType": "3D",
      "MagneticFieldStrength": 3.0,
      "Manufacturer": "SIEMENS",
      "ManufacturerModelName": "Prisma_fit",
      "Modality": "MR",
      "NumberOfAverages": 1.0,
      "NumberOfPhaseEncodingSteps": 191,
      "PercentPhaseFieldOfView": 100.0,
      "PercentSampling": 100.0,
      "PerformedProcedureStepStartTime": "103436.163000",
      "PhotometricInterpretation": "MONOCHROME2",
      "PixelBandwidth": 745.0,
      "PixelRepresentation": 0,
      "PixelSpacing": [1.1979166269302, 1.1979166269302],
      "ProtocolName": "t1_mp2rage",
      "RepetitionTime": 4000.0,
      "Rows": 192,
      "SAR": 0.02037930746626,
      "SamplesPerPixel": 1,
      "ScanOptions": "IR",
      "ScanningSequence": [
        "GR",
        "IR"
],
      "SequenceName": "*tfl3d1_16",
      "SequenceVariant": [
        "SK",
        "SP",
        "MP"
],
      "SeriesDescription": "t1_mp2rage_UNI_Images_ND",
      "SeriesNumber": 23,
      "SeriesTime": "113146.750000",
      "SliceThickness": 1.1999999284744,
      "SmallestImagePixelValue": 0,
      "SoftwareVersions": "syngo MR E11",
      "SpecificCharacterSet": "ISO_IR 100",
      "StudyID": "1",
      "StudyTime": "103436.077000",
      "TransmitCoilName": "Body",
      "VariableFlipAngleFlag": "N",
      "WindowCenterWidthExplanation": "Algo1",
      "dBdt": 0.0},
