{
  "AcquisitionMatrixPE": 256,
  "AcquisitionNumber": 1,
  "AcquisitionTime": "11:55:44.945000",
  "BaseResolution": 256,
  "BodyPartExamined": "CSPINE",
  "CoilCombinationMethod": "Adaptive Combine",
  "ConsistencyInfo": "N4_VE11C_LATEST_20160120",
  "ConversionSoftware": "dcm2niix",
  "ConversionSoftwareVersion": "v1.0.20211006",
  "DeviceSerialNumber": "167006",
  "DwellTime": 7.5e-06,
  "EchoTime": 0.00313,
  "FlipAngle": 15,
  "HeudiconvVersion": "0.5.3.post569+g418601f",
  "ImageOrientationPatientDICOM": [0.999391, -0.00749416, 0.0340854, 1.68643e-09, 0.976672, 0.214735],
  "ImageOrientationText": "Tra>Cor(12.4)>Sag(2.0)",
  "ImageType": [
    "ORIGINAL",
    "PRIMARY",
    "M",
    "DIS2D"
],
  "ImagingFrequency": 123.259,
  "InPlanePhaseEncodingDirectionDICOM": "COL",
  "InstitutionAddress": "Chemin Queen-Mary 4565,Montreal,District,CA,H3W 1W5",
  "InstitutionName": "IUGM",
  "InstitutionalDepartmentName": "Department",
  "MRAcquisitionType": "3D",
  "MagneticFieldStrength": 3,
  "Manufacturer": "Siemens",
  "ManufacturersModelName": "Prisma_fit",
  "MatrixCoilMode": "GRAPPA",
  "Modality": "MR",
  "ParallelReductionFactorInPlane": 2,
  "PartialFourier": 1,
  "PatientPosition": "HFS",
  "PercentPhaseFOV": 100,
  "PercentSampling": 100,
  "PhaseEncodingSteps": 255,
  "PhaseResolution": 1,
  "PixelBandwidth": 260,
  "ProcedureStepDescription": "anat^generic",
  "ProtocolName": "GRE-T1w",
  "PulseSequenceDetails": "%SiemensSeq%\\gre",
  "ReceiveCoilActiveElements": "HC5-7;NC1,2",
  "ReceiveCoilName": "HeadNeck_64",
  "ReconMatrixPE": 256,
  "RefLinesPE": 32,
  "RepetitionTime": 0.015,
  "SAR": 0.0398097,
  "ScanningSequence": "GR",
  "SequenceName": "*fl3d1",
  "SequenceVariant": "SP",
  "SeriesDescription": "GRE-T1w",
  "SeriesNumber": 35,
  "ShimSetting": [604, -7455, -9099, -642, -107, 1500, 634, 111],
  "SliceThickness": 5,
  "SoftwareVersions": "syngo MR E11",
  "StationName": "MRC35049",
  "TxRefAmp": 312.938,
  "dcmmeta_affine": [
    [0.8978902101516724, 1.5151555565751096e-09, 0.17449745535850525, -117.56529235839844],
    [-0.006733030080795288, 0.8774790167808533, 1.0730226039886475, -133.87911987304688],
    [-0.03062357008457184, -0.19292627274990082, 4.8803863525390625, -131.52960205078125],
    [0.0, 0.0, 0.0, 1.0]
],
  "dcmmeta_reorient_transform": [
    [0.0, -1.0, 0.0, 255.0],
    [-1.0, 0.0, 0.0, 255.0],
    [0.0, 0.0, -1.0, 21.0],
    [0.0, 0.0, 0.0, 1.0]
],
  "dcmmeta_shape": [256, 256, 22],
  "dcmmeta_slice_dim": 2,
  "dcmmeta_version": 0.6,
  "global": {
    "const": {
      "AcquisitionMatrix": [256, 0, 0, 256],
      "AcquisitionNumber": 1,
      "AcquisitionTime": "115544.945000",
      "AngioFlag": "N",
      "BitsAllocated": 16,
      "BitsStored": 12,
      "BodyPartExamined": "CSPINE",
      "Columns": 256,
      "EchoNumbers": 1,
      "EchoTime": 3.13,
      "EchoTrainLength": 1,
      "FlipAngle": 15.0,
      "HighBit": 11,
      "ImageOrientationPatient": [0.99939082720476, -0.0074941551803, 0.03408536543905, 1.686434e-09, 0.97667227938314, 0.21473532239608],
      "ImageType": [
        "ORIGINAL",
        "PRIMARY",
        "M",
        "DIS2D"
],
      "ImagedNucleus": "1H",
      "ImagingFrequency": 123.258677,
      "InPlanePhaseEncodingDirection": "COL",
      "MRAcquisitionType": "3D",
      "MagneticFieldStrength": 3.0,
      "Manufacturer": "SIEMENS",
      "ManufacturerModelName": "Prisma_fit",
      "Modality": "MR",
      "NumberOfAverages": 1.0,
      "NumberOfPhaseEncodingSteps": 255,
      "PercentPhaseFieldOfView": 100.0,
      "PercentSampling": 100.0,
      "PerformedProcedureStepStartTime": "103436.163000",
      "PhotometricInterpretation": "MONOCHROME2",
      "PixelBandwidth": 260.0,
      "PixelRepresentation": 0,
      "PixelSpacing": [0.8984375, 0.8984375],
      "ProtocolName": "GRE-T1w",
      "RepetitionTime": 15.0,
      "Rows": 256,
      "SAR": 0.03980971523489,
      "SamplesPerPixel": 1,
      "ScanningSequence": "GR",
      "SequenceName": "*fl3d1",
      "SequenceVariant": "SP",
      "SeriesDescription": "GRE-T1w",
      "SeriesNumber": 35,
      "SeriesTime": "115645.480000",
      "SliceThickness": 5.0,
      "SmallestImagePixelValue": 0,
      "SoftwareVersions": "syngo MR E11",
      "SpecificCharacterSet": "ISO_IR 100",
      "StudyID": "1",
      "StudyTime": "103436.077000",
      "TransmitCoilName": "Body",
      "VariableFlipAngleFlag": "N",
      "WindowCenterWidthExplanation": "Algo1",
      "dBdt": 0.0},
    "slices": {
      "ContentTime": ["115645.483000", "115645.493000", "115645.495000", "115645.497000", "115645.499000", "115645.504000", "115645.506000", "115645.508000", "115645.510000", "115645.512000", "115645.514000", "115645.516000", "115645.524000", "115645.526000", "115645.528000", "115645.530000", "115645.532000", "115645.534000", "115645.536000", "115645.538000", "115645.540000", "115645.542000"],
      "CsaImage.Actual3DImaPartNumber": [0, 1, 2, 3, 4, 5, 6, 7, 8, 9, 10, 11, 12, 13, 14, 15, 16, 17, 18, 19, 20, 21],
      "CsaImage.ICE_Dims": [
        "X_1_1_1_1_1_1_1_1_1_1_1_98",
        "X_1_1_1_1_1_2_1_1_1_1_1_98",
        "X_1_1_1_1_1_3_1_1_1_1_1_98",
        "X_1_1_1_1_1_4_1_1_1_1_1_98",
        "X_1_1_1_1_1_5_1_1_1_1_1_98",
        "X_1_1_1_1_1_6_1_1_1_1_1_98",
        "X_1_1_1_1_1_7_1_1_1_1_1_98",
        "X_1_1_1_1_1_8_1_1_1_1_1_98",
        "X_1_1_1_1_1_9_1_1_1_1_1_98",
        "X_1_1_1_1_1_10_1_1_1_1_1_98",
        "X_1_1_1_1_1_11_1_1_1_1_1_98",
        "X_1_1_1_1_1_12_1_1_1_1_1_98",
        "X_1_1_1_1_1_13_1_1_1_1_1_98",
        "X_1_1_1_1_1_14_1_1_1_1_1_98",
        "X_1_1_1_1_1_15_1_1_1_1_1_98",
        "X_1_1_1_1_1_16_1_1_1_1_1_98",
        "X_1_1_1_1_1_17_1_1_1_1_1_98",
        "X_1_1_1_1_1_18_1_1_1_1_1_98",
        "X_1_1_1_1_1_19_1_1_1_1_1_98",
        "X_1_1_1_1_1_20_1_1_1_1_1_98",
        "X_1_1_1_1_1_21_1_1_1_1_1_98",
        "X_1_1_1_1_1_22_1_1_1_1_1_98"
],
      "CsaImage.SlicePosition_PCS": [
        [-111.39671013, -88.16109946, -79.53480855],
        [-111.57120759, -89.23412202, -74.65442196],
        [-111.74570504, -90.30714458, -69.77403538],
        [-111.9202025, -91.38016713, -64.89364879],
        [-112.09469996, -92.45318969, -60.0132622],
        [-112.26919741, -93.52621225, -55.13287562],
        [-112.44369487, -94.5992348, -50.25248903],
        [-112.61819233, -95.67225736, -45.37210245],
        [-112.79268978, -96.74527992, -40.49171586],
        [-112.96718724, -97.81830248, -35.61132927],
        [-113.1416847, -98.89132503, -30.73094269],
        [-113.31618215, -99.96434759, -25.8505561],
        [-113.49067961, -101.03737015, -20.97016951],
        [-113.66517707, -102.1103927, -16.08978293],
        [-113.83967453, -103.18341526, -11.20939634],
        [-114.01417198, -104.25643782, -6.32900976],
        [-114.18866944, -105.32946038, -1.44862317],
        [-114.3631669, -106.40248293, 3.43176342],
        [-114.53766435, -107.47550549, 8.31215],
        [-114.71216181, -108.54852805, 13.19253659],
        [-114.88665927, -109.6215506, 18.07292317],
        [-115.06115672, -110.69457316, 22.95330976]
],
      "ImagePositionPatient": [
        [-111.39671012861, -88.161099461569, -188.53480854764],
        [-111.57120758553, -89.234122018679, -183.65442196157],
        [-111.74570504246, -90.30714457579, -178.77403537551],
        [-111.92020249939, -91.3801671329, -173.89364878944],
        [-112.09469995632, -92.45318969001, -169.01326220337],
        [-112.26919741325, -93.52621224712, -164.13287561731],
        [-112.44369487018, -94.59923480423, -159.25248903124],
        [-112.6181923271, -95.67225736134, -154.37210244517],
        [-112.79268978403, -96.74527991845, -149.49171585911],
        [-112.96718724096, -97.81830247556, -144.61132927304],
        [-113.14168469789, -98.89132503267, -139.73094268697],
        [-113.31618215482, -99.96434758978, -134.85055610091],
        [-113.49067961175, -101.03737014689, -129.97016951484],
        [-113.66517706867, -102.110392704, -125.08978292877],
        [-113.8396745256, -103.18341526111, -120.20939634271],
        [-114.01417198253, -104.25643781822, -115.32900975664],
        [-114.18866943946, -105.32946037533, -110.44862317058],
        [-114.36316689639, -106.40248293244, -105.56823658451],
        [-114.53766435332, -107.47550548955, -100.68784999844],
        [-114.71216181025, -108.54852804666, -95.807463412376],
        [-114.88665926717, -109.62155060377, -90.927076826309],
        [-115.0611567241, -110.69457316088, -86.046690240242]
],
      "InstanceCreationTime": ["115645.483000", "115645.493000", "115645.495000", "115645.497000", "115645.499000", "115645.504000", "115645.506000", "115645.508000", "115645.510000", "115645.512000", "115645.514000", "115645.516000", "115645.524000", "115645.526000", "115645.528000", "115645.530000", "115645.532000", "115645.534000", "115645.536000", "115645.538000", "115645.540000", "115645.542000"],
      "InstanceNumber": [22, 21, 20, 19, 18, 17, 16, 15, 14, 13, 12, 11, 10, 9, 8, 7, 6, 5, 4, 3, 2, 1],
      "LargestImagePixelValue": [3316, 3370, 4026, 4095, 4095, 4095, 4095, 4095, 4095, 4095, 4095, 4095, 4095, 4095, 4095, 4095, 4095, 4095, 4095, 4095, 4086, 2751],
      "SliceLocation": [-161.2170919266, -156.2170919266, -151.2170919266, -146.2170919266, -141.2170919266, -136.2170919266, -131.2170919266, -126.2170919266, -121.2170919266, -116.2170919266, -111.2170919266, -106.2170919266, -101.2170919266, -96.217091926602, -91.217091926602, -86.217091926602, -81.217091926602, -76.217091926602, -71.217091926602, -66.217091926602, -61.217091926602, -56.217091926602],
      "WindowCenter": [790.0, 824.0, 834.0, 843.0, 844.0, 835.0, 812.0, 811.0, 846.0, 883.0, 963.0, 981.0, 992.0, 1026.0, 1041.0, 1050.0, 1064.0, 1091.0, 1146.0, 1157.0, 1012.0, 666.0],
      "WindowWidth": [1933.0, 1966.0, 2043.0, 2108.0, 2152.0, 2142.0, 2058.0, 2068.0, 2194.0, 2319.0, 2570.0, 2678.0, 2730.0, 2741.0, 2713.0, 2709.0, 2701.0, 2766.0, 2835.0, 2787.0, 2262.0, 1487.0]
    }
  }
}