{
  "AcquisitionMatrixPE": 256,
  "AcquisitionNumber": 1,
  "AcquisitionTime": "16:24:33.002500",
  "BaseResolution": 256,
  "BodyPartExamined": "CSPINE",
  "CoilCombinationMethod": "Adaptive Combine",
  "ConsistencyInfo": "N4_VE11C_LATEST_20160120",
  "ConversionSoftware": "dcm2niix",
  "ConversionSoftwareVersion": "v1.0.20211006",
  "DeviceSerialNumber": "167006",
  "DwellTime": 7.5e-06,
  "EchoTime": 0.00313,
  "FlipAngle": 15,
  "HeudiconvVersion": "0.5.3.post569+g418601f",
  "ImageOrientationPatientDICOM": [1, 0, 0, 0, 0.955793, 0.29404],
  "ImageOrientationText": "Tra>Cor(17.1)",
  "ImageType": [
    "ORIGINAL",
    "PRIMARY",
    "M",
    "DIS2D"
],
  "ImagingFrequency": 123.259,
  "InPlanePhaseEncodingDirectionDICOM": "COL",
  "InstitutionAddress": "Chemin Queen-Mary 4565,Montreal,District,CA,H3W 1W5",
  "InstitutionName": "IUGM",
  "InstitutionalDepartmentName": "Department",
  "MRAcquisitionType": "3D",
  "MagneticFieldStrength": 3,
  "Manufacturer": "Siemens",
  "ManufacturersModelName": "Prisma_fit",
  "MatrixCoilMode": "GRAPPA",
  "Modality": "MR",
  "ParallelReductionFactorInPlane": 2,
  "PartialFourier": 1,
  "PatientPosition": "HFS",
  "PercentPhaseFOV": 100,
  "PercentSampling": 100,
  "PhaseEncodingSteps": 255,
  "PhaseResolution": 1,
  "PixelBandwidth": 260,
  "ProcedureStepDescription": "anat^generic",
  "ProtocolName": "GRE-T1w",
  "PulseSequenceDetails": "%SiemensSeq%\\gre",
  "ReceiveCoilActiveElements": "HC5-7;NC1,2",
  "ReceiveCoilName": "HeadNeck_64",
  "ReconMatrixPE": 256,
  "RefLinesPE": 32,
  "RepetitionTime": 0.015,
  "SAR": 0.0321417,
  "ScanningSequence": "GR",
  "SequenceName": "*fl3d1",
  "SequenceVariant": "SP",
  "SeriesDescription": "GRE-T1w",
  "SeriesNumber": 35,
  "ShimSetting": [610, -7166, -8852, -485, 91, 2525, -593, -121],
  "SliceThickness": 5,
  "SoftwareVersions": "syngo MR E11",
  "StationName": "MRC35049",
  "TxRefAmp": 259.747,
  "dcmmeta_affine": [
    [0.8984375, 0.0, 0.0, -114.59504699707031],
    [0.0, 0.8587203025817871, 1.4702016115188599, -145.64022827148438],
    [0.0, -0.2641768455505371, 4.778964996337891, -127.6073226928711],
    [0.0, 0.0, 0.0, 1.0]
],
  "dcmmeta_reorient_transform": [
    [0.0, -1.0, 0.0, 255.0],
    [-1.0, 0.0, 0.0, 255.0],
    [0.0, 0.0, -1.0, 21.0],
    [0.0, 0.0, 0.0, 1.0]
],
  "dcmmeta_shape": [256, 256, 22],
  "dcmmeta_slice_dim": 2,
  "dcmmeta_version": 0.6,
  "global": {
    "const": {
      "AcquisitionMatrix": [256, 0, 0, 256],
      "AcquisitionNumber": 1,
      "AcquisitionTime": "162433.002500",
      "AngioFlag": "N",
      "BitsAllocated": 16,
      "BitsStored": 12,
      "BodyPartExamined": "CSPINE",
      "Columns": 256,
      "EchoNumbers": 1,
      "EchoTime": 3.13,
      "EchoTrainLength": 1,
      "FlipAngle": 15.0,
      "HighBit": 11,
      "ImageOrientationPatient": [1.0, 0.0, 0.0, 0.0, 0.95579301476915, 0.29404032532715],
      "ImageType": [
        "ORIGINAL",
        "PRIMARY",
        "M",
        "DIS2D"
],
      "ImagedNucleus": "1H",
      "ImagingFrequency": 123.258728,
      "InPlanePhaseEncodingDirection": "COL",
      "LargestImagePixelValue": 4095,
      "MRAcquisitionType": "3D",
      "MagneticFieldStrength": 3.0,
      "Manufacturer": "SIEMENS",
      "ManufacturerModelName": "Prisma_fit",
      "Modality": "MR",
      "NumberOfAverages": 1.0,
      "NumberOfPhaseEncodingSteps": 255,
      "PercentPhaseFieldOfView": 100.0,
      "PercentSampling": 100.0,
      "PerformedProcedureStepStartTime": "151335.306000",
      "PhotometricInterpretation": "MONOCHROME2",
      "PixelBandwidth": 260.0,
      "PixelRepresentation": 0,
      "PixelSpacing": [0.8984375, 0.8984375],
      "ProtocolName": "GRE-T1w",
      "RepetitionTime": 15.0,
      "Rows": 256,
      "SAR": 0.03214173887248,
      "SamplesPerPixel": 1,
      "ScanningSequence": "GR",
      "SequenceName": "*fl3d1",
      "SequenceVariant": "SP",
      "SeriesDescription": "GRE-T1w",
      "SeriesNumber": 35,
      "SeriesTime": "162532.846000",
      "SliceThickness": 5.0,
      "SmallestImagePixelValue": 0,
      "SoftwareVersions": "syngo MR E11",
      "SpecificCharacterSet": "ISO_IR 100",
      "StudyID": "1",
      "StudyTime": "151335.208000",
      "TransmitCoilName": "Body",
      "VariableFlipAngleFlag": "N",
      "WindowCenterWidthExplanation": "Algo1",
      "dBdt": 0.0},
    "slices": {
      "ContentTime": ["162532.849000", "162532.852000", "162532.854000", "162532.856000", "162532.858000", "162532.860000", "162532.862000", "162532.866000", "162532.868000", "162532.870000", "162532.872000", "162532.874000", "162532.878000", "162532.880000", "162532.882000", "162532.884000", "162532.886000", "162532.888000", "162532.890000", "162532.892000", "162532.895000", "162532.897000"],
      "CsaImage.Actual3DImaPartNumber": [0, 1, 2, 3, 4, 5, 6, 7, 8, 9, 10, 11, 12, 13, 14, 15, 16, 17, 18, 19, 20, 21],
      "CsaImage.ICE_Dims": [
        "X_1_1_1_1_1_1_1_1_1_1_1_158",
        "X_1_1_1_1_1_2_1_1_1_1_1_158",
        "X_1_1_1_1_1_3_1_1_1_1_1_158",
        "X_1_1_1_1_1_4_1_1_1_1_1_158",
        "X_1_1_1_1_1_5_1_1_1_1_1_158",
        "X_1_1_1_1_1_6_1_1_1_1_1_158",
        "X_1_1_1_1_1_7_1_1_1_1_1_158",
        "X_1_1_1_1_1_8_1_1_1_1_1_158",
        "X_1_1_1_1_1_9_1_1_1_1_1_158",
        "X_1_1_1_1_1_10_1_1_1_1_1_158",
        "X_1_1_1_1_1_11_1_1_1_1_1_158",
        "X_1_1_1_1_1_12_1_1_1_1_1_158",
        "X_1_1_1_1_1_13_1_1_1_1_1_158",
        "X_1_1_1_1_1_14_1_1_1_1_1_158",
        "X_1_1_1_1_1_15_1_1_1_1_1_158",
        "X_1_1_1_1_1_16_1_1_1_1_1_158",
        "X_1_1_1_1_1_17_1_1_1_1_1_158",
        "X_1_1_1_1_1_18_1_1_1_1_1_158",
        "X_1_1_1_1_1_19_1_1_1_1_1_158",
        "X_1_1_1_1_1_20_1_1_1_1_1_158",
        "X_1_1_1_1_1_21_1_1_1_1_1_158",
        "X_1_1_1_1_1_22_1_1_1_1_1_158"
],
      "CsaImage.SlicePosition_PCS": [
        [-114.50651398, -73.33344974, -83.97241719],
        [-114.50651398, -74.80365136, -79.19345212],
        [-114.50651398, -76.27385299, -74.41448705],
        [-114.50651398, -77.74405462, -69.63552197],
        [-114.50651398, -79.21425624, -64.8565569],
        [-114.50651398, -80.68445787, -60.07759182],
        [-114.50651398, -82.1546595, -55.29862675],
        [-114.50651398, -83.62486112, -50.51966168],
        [-114.50651398, -85.09506275, -45.7406966],
        [-114.50651398, -86.56526438, -40.96173153],
        [-114.50651398, -88.035466, -36.18276646],
        [-114.50651398, -89.50566763, -31.40380138],
        [-114.50651398, -90.97586926, -26.62483631],
        [-114.50651398, -92.44607088, -21.84587123],
        [-114.50651398, -93.91627251, -17.06690616],
        [-114.50651398, -95.38647414, -12.28794109],
        [-114.50651398, -96.85667576, -7.50897601],
        [-114.50651398, -98.32687739, -2.73001094],
        [-114.50651398, -99.79707902, 2.04895414],
        [-114.50651398, -101.26728064, 6.82791921],
        [-114.50651398, -102.73748227, 11.60688428],
        [-114.50651398, -104.2076839, 16.38584936]
],
      "ImagePositionPatient": [
        [-114.50651398301, -73.333449735964, -194.97241719363],
        [-114.50651398301, -74.8036513626, -190.19345211978],
        [-114.50651398301, -76.273852989236, -185.41448704594],
        [-114.50651398301, -77.744054615872, -180.63552197209],
        [-114.50651398301, -79.214256242507, -175.85655689824],
        [-114.50651398301, -80.684457869143, -171.0775918244],
        [-114.50651398301, -82.154659495779, -166.29862675055],
        [-114.50651398301, -83.624861122415, -161.51966167671],
        [-114.50651398301, -85.09506274905, -156.74069660286],
        [-114.50651398301, -86.565264375686, -151.96173152901],
        [-114.50651398301, -88.035466002322, -147.18276645517],
        [-114.50651398301, -89.505667628958, -142.40380138132],
        [-114.50651398301, -90.975869255593, -137.62483630748],
        [-114.50651398301, -92.446070882229, -132.84587123363],
        [-114.50651398301, -93.916272508865, -128.06690615979],
        [-114.50651398301, -95.386474135501, -123.28794108594],
        [-114.50651398301, -96.856675762136, -118.50897601209],
        [-114.50651398301, -98.326877388772, -113.73001093825],
        [-114.50651398301, -99.797079015408, -108.9510458644],
        [-114.50651398301, -101.26728064204, -104.17208079056],
        [-114.50651398301, -102.73748226868, -99.393115716712],
        [-114.50651398301, -104.20768389532, -94.614150642866]
],
      "InstanceCreationTime": ["162532.849000", "162532.852000", "162532.854000", "162532.856000", "162532.858000", "162532.860000", "162532.862000", "162532.866000", "162532.868000", "162532.870000", "162532.872000", "162532.874000", "162532.878000", "162532.880000", "162532.882000", "162532.884000", "162532.886000", "162532.888000", "162532.890000", "162532.892000", "162532.895000", "162532.897000"],
      "InstanceNumber": [22, 21, 20, 19, 18, 17, 16, 15, 14, 13, 12, 11, 10, 9, 8, 7, 6, 5, 4, 3, 2, 1],
      "SliceLocation": [-164.7902830086, -159.7902830086, -154.7902830086, -149.7902830086, -144.7902830086, -139.7902830086, -134.7902830086, -129.7902830086, -124.7902830086, -119.7902830086, -114.7902830086, -109.7902830086, -104.7902830086, -99.7902830086, -94.7902830086, -89.7902830086, -84.7902830086, -79.7902830086, -74.7902830086, -69.7902830086, -64.7902830086, -59.7902830086],
      "WindowCenter": [1128.0, 1184.0, 1143.0, 616.0, 981.0, 1041.0, 1064.0, 904.0, 722.0, 598.0, 587.0, 679.0, 651.0, 649.0, 626.0, 588.0, 828.0, 1041.0, 1108.0, 1204.0, 1319.0, 1011.0],
      "WindowWidth": [2630.0, 3392.0, 3803.0, 4008.0, 3697.0, 3358.0, 3144.0, 3228.0, 3363.0, 3457.0, 3562.0, 3648.0, 3780.0, 3871.0, 3935.0, 3933.0, 3903.0, 3873.0, 3859.0, 3799.0, 3338.0, 2370.0]
    }
  }
}