{
  "AcquisitionMatrixPE": 256,
  "AcquisitionNumber": 1,
  "AcquisitionTime": "18:32:54.970000",
  "BaseResolution": 256,
  "BodyPartExamined": "CSPINE",
  "CoilCombinationMethod": "Adaptive Combine",
  "ConsistencyInfo": "N4_VE11C_LATEST_20160120",
  "ConversionSoftware": "dcm2niix",
  "ConversionSoftwareVersion": "v1.0.20211006",
  "DeviceSerialNumber": "167006",
  "DwellTime": 7.5e-06,
  "EchoTime": 0.00313,
  "FlipAngle": 9,
  "HeudiconvVersion": "0.5.3.post569+g418601f",
  "ImageOrientationPatientDICOM": [1, 0, 0, 0, 0.968148, 0.25038],
  "ImageOrientationText": "Tra>Cor(14.5)",
  "ImageType": [
    "ORIGINAL",
    "PRIMARY",
    "M",
    "DIS2D"
],
  "ImagingFrequency": 123.259,
  "InPlanePhaseEncodingDirectionDICOM": "COL",
  "InstitutionAddress": "Chemin Queen-Mary 4565,Montreal,District,CA,H3W 1W5",
  "InstitutionName": "IUGM",
  "InstitutionalDepartmentName": "Department",
  "MRAcquisitionType": "3D",
  "MTState": true,
  "MagneticFieldStrength": 3,
  "Manufacturer": "Siemens",
  "ManufacturersModelName": "Prisma_fit",
  "MatrixCoilMode": "GRAPPA",
  "Modality": "MR",
  "ParallelReductionFactorInPlane": 2,
  "PartialFourier": 1,
  "PatientPosition": "HFS",
  "PercentPhaseFOV": 100,
  "PercentSampling": 100,
  "PhaseEncodingSteps": 255,
  "PhaseResolution": 1,
  "PixelBandwidth": 260,
  "ProcedureStepDescription": "anat^generic",
  "ProtocolName": "GRE-MT1",
  "PulseSequenceDetails": "%SiemensSeq%\\gre",
  "ReceiveCoilActiveElements": "HC5-7;NC1,2",
  "ReceiveCoilName": "HeadNeck_64",
  "ReconMatrixPE": 256,
  "RefLinesPE": 32,
  "RepetitionTime": 0.035,
  "SAR": 0.550009,
  "ScanOptions": "MT",
  "ScanningSequence": "GR",
  "SequenceName": "*fl3d1",
  "SequenceVariant": "MTC\\SP",
  "SeriesDescription": "GRE-MT1",
  "SeriesNumber": 33,
  "ShimSetting": [615, -7215, -9062, -563, 77, 2963, -364, -40],
  "SliceThickness": 5,
  "SoftwareVersions": "syngo MR E11",
  "SpoilingState": true,
  "StationName": "MRC35049",
  "TxRefAmp": 277.95,
  "dcmmeta_affine": [
    [0.8984375, 0.0, 0.0, -118.66486358642578],
    [0.0, 0.8698201179504395, 1.2518999576568604, -131.7838592529297],
    [0.0, -0.22495077550411224, 4.840738296508789, -146.65182495117188],
    [0.0, 0.0, 0.0, 1.0]
],
  "dcmmeta_reorient_transform": [
    [0.0, -1.0, 0.0, 255.0],
    [-1.0, 0.0, 0.0, 255.0],
    [0.0, 0.0, -1.0, 21.0],
    [0.0, 0.0, 0.0, 1.0]
],
  "dcmmeta_shape": [256, 256, 22],
  "dcmmeta_slice_dim": 2,
  "dcmmeta_version": 0.6,
  "global": {
    "const": {
      "AcquisitionMatrix": [256, 0, 0, 256],
      "AcquisitionNumber": 1,
      "AcquisitionTime": "183254.970000",
      "AngioFlag": "N",
      "BitsAllocated": 16,
      "BitsStored": 12,
      "BodyPartExamined": "CSPINE",
      "Columns": 256,
      "EchoNumbers": 1,
      "EchoTime": 3.13,
      "EchoTrainLength": 1,
      "FlipAngle": 9.0,
      "HighBit": 11,
      "ImageOrientationPatient": [1.0, 0.0, 0.0, 0.0, 0.96814764161094, 0.25037999928742],
      "ImageType": [
        "ORIGINAL",
        "PRIMARY",
        "M",
        "DIS2D"
],
      "ImagedNucleus": "1H",
      "ImagingFrequency": 123.258729,
      "InPlanePhaseEncodingDirection": "COL",
      "MRAcquisitionType": "3D",
      "MagneticFieldStrength": 3.0,
      "Manufacturer": "SIEMENS",
      "ManufacturerModelName": "Prisma_fit",
      "Modality": "MR",
      "NumberOfAverages": 1.0,
      "NumberOfPhaseEncodingSteps": 255,
      "PercentPhaseFieldOfView": 100.0,
      "PercentSampling": 100.0,
      "PerformedProcedureStepStartTime": "173002.866000",
      "PhotometricInterpretation": "MONOCHROME2",
      "PixelBandwidth": 260.0,
      "PixelRepresentation": 0,
      "PixelSpacing": [0.8984375, 0.8984375],
      "ProtocolName": "GRE-MT1",
      "RepetitionTime": 35.0,
      "Rows": 256,
      "SAR": 0.55000905231139,
      "SamplesPerPixel": 1,
      "ScanOptions": "MT",
      "ScanningSequence": "GR",
      "SequenceName": "*fl3d1",
      "SequenceVariant": [
        "MTC",
        "SP"
],
      "SeriesDescription": "GRE-MT1",
      "SeriesNumber": 33,
      "SeriesTime": "183509.764000",
      "SliceThickness": 5.0,
      "SmallestImagePixelValue": 0,
      "SoftwareVersions": "syngo MR E11",
      "SpecificCharacterSet": "ISO_IR 100",
      "StudyID": "1",
      "StudyTime": "173002.809000",
      "TransmitCoilName": "Body",
      "VariableFlipAngleFlag": "N",
      "WindowCenterWidthExplanation": "Algo1",
      "dBdt": 0.0},
    "slices": {
      "ContentTime": ["183509.768000", "183509.773000", "183509.775000", "183509.777000", "183509.779000", "183509.781000", "183509.783000", "183509.785000", "183509.787000", "183509.789000", "183509.795000", "183509.806000", "183509.812000", "183509.814000", "183509.816000", "183509.818000", "183509.820000", "183509.822000", "183509.824000", "183509.826000", "183509.828000", "183509.830000"],
      "CsaImage.Actual3DImaPartNumber": [0, 1, 2, 3, 4, 5, 6, 7, 8, 9, 10, 11, 12, 13, 14, 15, 16, 17, 18, 19, 20, 21],
      "CsaImage.ICE_Dims": [
        "X_1_1_1_1_1_1_1_1_1_1_1_249",
        "X_1_1_1_1_1_2_1_1_1_1_1_249",
        "X_1_1_1_1_1_3_1_1_1_1_1_249",
        "X_1_1_1_1_1_4_1_1_1_1_1_249",
        "X_1_1_1_1_1_5_1_1_1_1_1_249",
        "X_1_1_1_1_1_6_1_1_1_1_1_249",
        "X_1_1_1_1_1_7_1_1_1_1_1_249",
        "X_1_1_1_1_1_8_1_1_1_1_1_249",
        "X_1_1_1_1_1_9_1_1_1_1_1_249",
        "X_1_1_1_1_1_10_1_1_1_1_1_249",
        "X_1_1_1_1_1_11_1_1_1_1_1_249",
        "X_1_1_1_1_1_12_1_1_1_1_1_249",
        "X_1_1_1_1_1_13_1_1_1_1_1_249",
        "X_1_1_1_1_1_14_1_1_1_1_1_249",
        "X_1_1_1_1_1_15_1_1_1_1_1_249",
        "X_1_1_1_1_1_16_1_1_1_1_1_249",
        "X_1_1_1_1_1_17_1_1_1_1_1_249",
        "X_1_1_1_1_1_18_1_1_1_1_1_249",
        "X_1_1_1_1_1_19_1_1_1_1_1_249",
        "X_1_1_1_1_1_20_1_1_1_1_1_249",
        "X_1_1_1_1_1_21_1_1_1_1_1_249",
        "X_1_1_1_1_1_22_1_1_1_1_1_249"
],
      "CsaImage.SlicePosition_PCS": [
        [-110.43670034, -90.02027399, -80.0142784],
        [-110.43670034, -91.27217398, -75.1735402],
        [-110.43670034, -92.52407398, -70.33280199],
        [-110.43670034, -93.77597397, -65.49206378],
        [-110.43670034, -95.02787397, -60.65132557],
        [-110.43670034, -96.27977397, -55.81058736],
        [-110.43670034, -97.53167396, -50.96984916],
        [-110.43670034, -98.78357396, -46.12911095],
        [-110.43670034, -100.03547396, -41.28837274],
        [-110.43670034, -101.28737395, -36.44763453],
        [-110.43670034, -102.53927395, -31.60689632],
        [-110.43670034, -103.79117395, -26.76615812],
        [-110.43670034, -105.04307394, -21.92541991],
        [-110.43670034, -106.29497394, -17.0846817],
        [-110.43670034, -107.54687394, -12.24394349],
        [-110.43670034, -108.79877393, -7.40320528],
        [-110.43670034, -110.05067393, -2.56246708],
        [-110.43670034, -111.30257393, 2.27827113],
        [-110.43670034, -112.55447392, 7.11900934],
        [-110.43670034, -113.80637392, 11.95974755],
        [-110.43670034, -115.05827391, 16.80048576],
        [-110.43670034, -116.31017391, 21.64122396]
],
      "ImagePositionPatient": [
        [-110.43670034409, -90.020273985633, -204.01427840485],
        [-110.43670034409, -91.27217398207, -199.17354019679],
        [-110.43670034409, -92.524073978507, -194.33280198874],
        [-110.43670034409, -93.775973974944, -189.49206378068],
        [-110.43670034409, -95.027873971381, -184.65132557263],
        [-110.43670034409, -96.279773967818, -179.81058736457],
        [-110.43670034409, -97.531673964255, -174.96984915652],
        [-110.43670034409, -98.783573960692, -170.12911094846],
        [-110.43670034409, -100.03547395713, -165.28837274041],
        [-110.43670034409, -101.28737395357, -160.44763453235],
        [-110.43670034409, -102.53927395, -155.6068963243],
        [-110.43670034409, -103.79117394644, -150.76615811624],
        [-110.43670034409, -105.04307394288, -145.92541990819],
        [-110.43670034409, -106.29497393931, -141.08468170013],
        [-110.43670034409, -107.54687393575, -136.24394349208],
        [-110.43670034409, -108.79877393219, -131.40320528402],
        [-110.43670034409, -110.05067392863, -126.56246707597],
        [-110.43670034409, -111.30257392506, -121.72172886792],
        [-110.43670034409, -112.5544739215, -116.88099065986],
        [-110.43670034409, -113.80637391794, -112.04025245181],
        [-110.43670034409, -115.05827391437, -107.19951424375],
        [-110.43670034409, -116.31017391081, -102.3587760357]
],
      "InstanceCreationTime": ["183509.768000", "183509.773000", "183509.775000", "183509.777000", "183509.779000", "183509.781000", "183509.783000", "183509.785000", "183509.787000", "183509.789000", "183509.795000", "183509.806000", "183509.812000", "183509.814000", "183509.816000", "183509.818000", "183509.820000", "183509.822000", "183509.824000", "183509.826000", "183509.828000", "183509.830000"],
      "InstanceNumber": [22, 21, 20, 19, 18, 17, 16, 15, 14, 13, 12, 11, 10, 9, 8, 7, 6, 5, 4, 3, 2, 1],
      "LargestImagePixelValue": [1661, 3192, 4095, 4095, 4095, 4095, 4095, 4095, 4095, 4095, 4095, 4095, 4095, 4095, 4095, 4095, 4095, 4095, 4095, 4095, 4095, 3937],
      "SliceLocation": [-174.97666635623, -169.97666635623, -164.97666635623, -159.97666635623, -154.97666635623, -149.97666635623, -144.97666635623, -139.97666635623, -134.97666635623, -129.97666635623, -124.97666635623, -119.97666635623, -114.97666635623, -109.97666635623, -104.97666635623, -99.976666356233, -94.976666356233, -89.976666356233, -84.976666356233, -79.976666356233, -74.976666356233, -69.976666356233],
      "WindowCenter": [447.0, 857.0, 1205.0, 1251.0, 1197.0, 1197.0, 1209.0, 1160.0, 1023.0, 908.0, 439.0, 321.0, 387.0, 540.0, 778.0, 1053.0, 1164.0, 1251.0, 1332.0, 1366.0, 1082.0, 785.0],
      "WindowWidth": [1040.0, 1917.0, 2874.0, 3620.0, 3717.0, 3635.0, 3285.0, 3096.0, 3292.0, 3500.0, 3772.0, 3867.0, 3927.0, 3954.0, 3926.0, 3879.0, 3827.0, 3763.0, 3627.0, 3225.0, 2620.0, 1822.0]
    }
  }
}