{
  "AcquisitionMatrixPE": 448,
  "AcquisitionNumber": 1,
  "AcquisitionTime": "18:38:31.707500",
  "BaseResolution": 448,
  "BodyPartExamined": "CSPINE",
  "CoilCombinationMethod": "Adaptive Combine",
  "ConsistencyInfo": "N4_VE11C_LATEST_20160120",
  "ConversionSoftware": "dcm2niix",
  "ConversionSoftwareVersion": "v1.0.20211006",
  "DeviceSerialNumber": "167006",
  "DwellTime": 4.3e-06,
  "EchoTime": 0.014,
  "EchoTrainLength": 3,
  "FlipAngle": 30,
  "HeudiconvVersion": "0.5.3.post569+g418601f",
  "ImageOrientationPatientDICOM": [1, 0, 0, 0, 0.968148, 0.25038],
  "ImageOrientationText": "Tra>Cor(14.5)",
  "ImageType": [
    "ORIGINAL",
    "PRIMARY",
    "M",
    "NORM",
    "DIS2D"
],
  "ImagingFrequency": 123.259,
  "InPlanePhaseEncodingDirectionDICOM": "COL",
  "InstitutionAddress": "Chemin Queen-Mary 4565,Montreal,District,CA,H3W 1W5",
  "InstitutionName": "IUGM",
  "InstitutionalDepartmentName": "Department",
  "MRAcquisitionType": "2D",
  "MagneticFieldStrength": 3,
  "Manufacturer": "Siemens",
  "ManufacturersModelName": "Prisma_fit",
  "MatrixCoilMode": "GRAPPA",
  "Modality": "MR",
  "NumberOfAverages": 2,
  "ParallelReductionFactorInPlane": 2,
  "PartialFourier": 1,
  "PatientPosition": "HFS",
  "PercentPhaseFOV": 100,
  "PercentSampling": 100,
  "PhaseEncodingDirection": "j-",
  "PhaseEncodingSteps": 447,
  "PhaseResolution": 1,
  "PixelBandwidth": 260,
  "ProcedureStepDescription": "anat^generic",
  "ProtocolName": "GRE-ME",
  "PulseSequenceDetails": "%SiemensSeq%\\medic",
  "ReceiveCoilActiveElements": "HC7;NC1,2",
  "ReceiveCoilName": "HeadNeck_64",
  "ReconMatrixPE": 448,
  "RefLinesPE": 24,
  "RepetitionTime": 0.6,
  "SAR": 0.236353,
  "ScanOptions": "SAT1",
  "ScanningSequence": "GR",
  "SequenceName": "*me2d1r3",
  "SequenceVariant": "SP",
  "SeriesDescription": "GRE-ME",
  "SeriesNumber": 36,
  "ShimSetting": [620, -7231, -9044, -9, 159, 998, -4, -202],
  "SliceThickness": 5,
  "SliceTiming": [0, 0.32812, 0.04688, 0.35938, 0.07812, 0.40625, 0.125, 0.45312, 0.17188, 0.48438, 0.20312, 0.53125, 0.25, 0.5625, 0.28125],
  "SoftwareVersions": "syngo MR E11",
  "SpacingBetweenSlices": 5,
  "StationName": "MRC35049",
  "TxRefAmp": 277.95,
  "dcmmeta_affine": [
    [-0.5, 0.0, 0.0, 107.43669891357422],
    [0.0, 0.48407381772994995, 1.2518999576568604, -124.88351440429688],
    [0.0, -0.12519000470638275, 4.840738296508789, -130.36062622070312],
    [0.0, 0.0, 0.0, 1.0]
],
  "dcmmeta_reorient_transform": [
    [0.0, -1.0, 0.0, 447.0],
    [1.0, 0.0, 0.0, 0.0],
    [0.0, 0.0, -1.0, 14.0],
    [0.0, 0.0, 0.0, 1.0]
],
  "dcmmeta_shape": [448, 448, 15],
  "dcmmeta_slice_dim": 2,
  "dcmmeta_version": 0.6,
  "global": {
    "const": {
      "AcquisitionMatrix": [448, 0, 0, 448],
      "AcquisitionNumber": 1,
      "AngioFlag": "N",
      "BitsAllocated": 16,
      "BitsStored": 12,
      "BodyPartExamined": "CSPINE",
      "Columns": 448,
      "EchoNumbers": 1,
      "EchoTime": 14.0,
      "EchoTrainLength": 3,
      "FlipAngle": 30.0,
      "HighBit": 11,
      "ImageOrientationPatient": [1.0, 0.0, 0.0, 0.0, 0.96814764161094, 0.25037999928742],
      "ImageType": [
        "ORIGINAL",
        "PRIMARY",
        "M",
        "NORM",
        "DIS2D"
],
      "ImagedNucleus": "1H",
      "ImagingFrequency": 123.258696,
      "InPlanePhaseEncodingDirection": "COL",
      "MRAcquisitionType": "2D",
      "MagneticFieldStrength": 3.0,
      "Manufacturer": "SIEMENS",
      "ManufacturerModelName": "Prisma_fit",
      "Modality": "MR",
      "NumberOfAverages": 2.0,
      "NumberOfPhaseEncodingSteps": 447,
      "PercentPhaseFieldOfView": 100.0,
      "PercentSampling": 100.0,
      "PerformedProcedureStepStartTime": "173002.866000",
      "PhotometricInterpretation": "MONOCHROME2",
      "PixelBandwidth": 260.0,
      "PixelRepresentation": 0,
      "PixelSpacing": [0.5, 0.5],
      "ProtocolName": "GRE-ME",
      "RepetitionTime": 600.0,
      "Rows": 448,
      "SAR": 0.2363529601297,
      "SamplesPerPixel": 1,
      "ScanOptions": "SAT1",
      "ScanningSequence": "GR",
      "SequenceName": "*me2d1r3",
      "SequenceVariant": "SP",
      "SeriesDescription": "GRE-ME",
      "SeriesNumber": 36,
      "SeriesTime": "184318.372000",
      "SliceThickness": 5.0,
      "SmallestImagePixelValue": 0,
      "SoftwareVersions": "syngo MR E11",
      "SpacingBetweenSlices": 5.0,
      "SpecificCharacterSet": "ISO_IR 100",
      "StudyID": "1",
      "StudyTime": "173002.809000",
      "TransmitCoilName": "Body",
      "VariableFlipAngleFlag": "N",
      "WindowCenterWidthExplanation": "Algo1",
      "dBdt": 0.0},
    "slices": {
      "AcquisitionTime": ["183831.427500", "183831.747500", "183831.467500", "183831.787500", "183831.507500", "183831.827500", "183831.547500", "183831.867500", "183831.587500", "183831.907500", "183831.627500", "183831.947500", "183831.667500", "183831.987500", "183831.707500"],
      "ContentTime": ["184318.374000", "184318.391000", "184318.377000", "184318.393000", "184318.379000", "184318.395000", "184318.381000", "184318.397000", "184318.383000", "184318.407000", "184318.385000", "184318.409000", "184318.387000", "184318.411000", "184318.389000"],
      "CsaImage.ICE_Dims": [
        "X_1_1_1_1_1_1_1_1_1_15_1_253",
        "X_1_1_1_1_1_1_9_1_1_14_1_253",
        "X_1_1_1_1_1_1_2_1_1_13_1_253",
        "X_1_1_1_1_1_1_10_1_1_12_1_253",
        "X_1_1_1_1_1_1_3_1_1_11_1_253",
        "X_1_1_1_1_1_1_11_1_1_10_1_253",
        "X_1_1_1_1_1_1_4_1_1_9_1_253",
        "X_1_1_1_1_1_1_12_1_1_8_1_253",
        "X_1_1_1_1_1_1_5_1_1_7_1_253",
        "X_1_1_1_1_1_1_13_1_1_6_1_253",
        "X_1_1_1_1_1_1_6_1_1_5_1_253",
        "X_1_1_1_1_1_1_14_1_1_4_1_253",
        "X_1_1_1_1_1_1_7_1_1_3_1_253",
        "X_1_1_1_1_1_1_15_1_1_2_1_253",
        "X_1_1_1_1_1_1_8_1_1_1_1_253"
],
      "CsaImage.ProtocolSliceNumber": [0, 1, 2, 3, 4, 5, 6, 7, 8, 9, 10, 11, 12, 13, 14],
      "CsaImage.SlicePosition_PCS": [
        [-107.43670034, -91.49748108, -62.32055598],
        [-107.43670034, -92.74938175, -57.47981578],
        [-107.43670034, -94.00128147, -52.63907748],
        [-107.43670034, -95.25318119, -47.79833919],
        [-107.43670034, -96.50508091, -42.95760184],
        [-107.43670034, -97.75698158, -38.11686355],
        [-107.43670034, -99.0088813, -33.27612525],
        [-107.43670034, -100.26078102, -28.43538722],
        [-107.43670034, -101.51268122, -23.59464913],
        [-107.43670034, -102.76458142, -18.75391036],
        [-107.43670034, -104.01648161, -13.91317302],
        [-107.43670034, -105.26838157, -9.07243472],
        [-107.43670034, -106.52028153, -4.23169643],
        [-107.43670034, -107.77218154, 0.60904187],
        [-107.43670034, -109.02408156, 5.44978017]
],
      "ImagePositionPatient": [
        [-107.43670034409, -91.497481081373, -186.32055598342],
        [-107.43670034409, -92.749381754285, -181.47981577957],
        [-107.43670034409, -94.001281473523, -176.63907748306],
        [-107.43670034409, -95.253181192762, -171.79833918655],
        [-107.43670034409, -96.505080912, -166.95760184371],
        [-107.43670034409, -97.756981584913, -162.11686354721],
        [-107.43670034409, -99.008881304151, -157.2761252507],
        [-107.43670034409, -100.26078102339, -152.43538722241],
        [-107.43670034409, -101.51268121946, -147.59464913452],
        [-107.43670034409, -102.76458141554, -142.75391036117],
        [-107.43670034409, -104.01648161162, -137.91317301834],
        [-107.43670034409, -105.26838156927, -133.07243472183],
        [-107.43670034409, -106.52028152693, -128.23169642532],
        [-107.43670034409, -107.77218154419, -123.39095812881],
        [-107.43670034409, -109.02408156145, -118.5502198323]
],
      "InstanceCreationTime": ["184318.374000", "184318.391000", "184318.377000", "184318.393000", "184318.379000", "184318.395000", "184318.381000", "184318.397000", "184318.383000", "184318.407000", "184318.385000", "184318.409000", "184318.387000", "184318.411000", "184318.389000"],
      "InstanceNumber": [15, 14, 13, 12, 11, 10, 9, 8, 7, 6, 5, 4, 3, 2, 1],
      "LargestImagePixelValue": [1214, 1188, 1099, 1135, 1176, 1232, 1421, 1334, 1307, 1450, 1406, 1658, 1798, 1613, 1669],
      "SliceLocation": [-157.47666761104, -152.47666550943, -147.4766654932, -142.47666547697, -137.47666638403, -132.47666612902, -127.47666611279, -122.47666635623, -117.47666642258, -112.47666582531, -107.47666661299, -102.47666653706, -97.476666461134, -92.476666370283, -87.476666279432],
      "WindowCenter": [535.0, 479.0, 414.0, 392.0, 422.0, 447.0, 474.0, 490.0, 503.0, 514.0, 526.0, 523.0, 516.0, 524.0, 524.0],
      "WindowWidth": [1112.0, 1020.0, 892.0, 840.0, 898.0, 948.0, 1005.0, 1034.0, 1063.0, 1087.0, 1111.0, 1099.0, 1086.0, 1100.0, 1100.0]
    }
  }
}