{
  "AcquisitionMatrixPE": 110,
  "AcquisitionNumber": 1,
  "AcquisitionTime": "16:03:16.385000",
  "BandwidthPerPixelPhaseEncode": 12.987,
  "BaseResolution": 110,
  "BodyPartExamined": "BRAIN",
  "CoilCombinationMethod": "Sum of Squares",
  "ConsistencyInfo": "N4_VE11C_LATEST_20160120",
  "ConversionSoftware": "dcm2niix",
  "ConversionSoftwareVersion": "v1.0.20211006",
  "DerivedVendorReportedEchoSpacing": 0.000700001,
  "DeviceSerialNumber": "167006",
  "DwellTime": 2.7e-06,
  "EchoTime": 0.0768,
  "EchoTrainLength": 83,
  "EffectiveEchoSpacing": 0.000700001,
  "FlipAngle": 78,
  "HeudiconvVersion": "0.5.3.post569+g418601f",
  "ImageComments": "Single-band reference SENSE1+",
  "ImageOrientationPatientDICOM": [0.999848, -0.0163999, 0.00596906, 0.0174524, 0.93955, -0.341968],
  "ImageOrientationText": "Tra>Cor(-20.0)",
  "ImageType": [
    "ORIGINAL",
    "PRIMARY",
    "M",
    "ND",
    "MOSAIC"
],
  "ImagingFrequency": 123.259,
  "InPlanePhaseEncodingDirectionDICOM": "COL",
  "InstitutionAddress": "Chemin Queen-Mary 4565,Montreal,District,CA,H3W 1W5",
  "InstitutionName": "IUGM",
  "InstitutionalDepartmentName": "Department",
  "IntendedFor": [
    "ses-010/dwi/sub-06_ses-010_dir-AP_part-mag_dwi.nii.gz"
],
  "MRAcquisitionType": "2D",
  "MagneticFieldStrength": 3,
  "Manufacturer": "Siemens",
  "ManufacturersModelName": "Prisma_fit",
  "MatrixCoilMode": "SENSE",
  "Modality": "MR",
  "PartialFourier": 0.75,
  "PatientPosition": "HFS",
  "PercentPhaseFOV": 100,
  "PercentSampling": 100,
  "PhaseEncodingDirection": "j",
  "PhaseEncodingSteps": 83,
  "PhaseResolution": 1,
  "PixelBandwidth": 1685,
  "ProcedureStepDescription": "anat^generic",
  "ProtocolName": "dMRI_dir106_PA_test_cmrr",
  "PulseSequenceDetails": "%CustomerSeq%\\cmrr_mbep2d_diff",
  "ReceiveCoilActiveElements": "HC1-7",
  "ReceiveCoilName": "HeadNeck_64",
  "ReconMatrixPE": 110,
  "RepetitionTime": 2.243,
  "SAR": 0.118011,
  "ScanOptions": "PFP\\EXT",
  "ScanningSequence": "EP",
  "SequenceName": "epse2d1_110",
  "SequenceVariant": "SK\\SS",
  "SeriesDescription": "dMRI_dir106_PA_test_cmrr_SBRef",
  "SeriesNumber": 12,
  "ShimSetting": [619, -7286, -8823, 594, 17, -319, -14, -1],
  "SliceThickness": 2,
  "SliceTiming": [0, 0.1175, 0.235, 0.3525, 0.4675, 0.585, 0.7025, 0.82, 0.935, 1.0525, 1.17, 1.2875, 1.405, 1.52, 1.6375, 1.755, 1.8725, 1.99, 2.105, 2.2225, 2.34, 2.4575, 2.575, 2.69, 2.8075, 2.925, 3.0425, 3.16, 3.275, 3.3925, 3.51, 3.6275, 3.745, 3.86, 3.9775, 4.095, 4.2125, 4.33, 4.445, 4.5625, 4.68, 4.7975, 4.915, 5.03, 5.1475, 5.265, 5.3825, 5.5, 5.615, 5.7325, 5.85, 5.9675, 6.085, 6.2, 6.3175, 6.435, 6.5525],
  "SoftwareVersions": "syngo MR E11",
  "SpacingBetweenSlices": 2,
  "StationName": "MRC35049",
  "TotalReadoutTime": 0.0763001,
  "TxRefAmp": 217.037,
  "WipMemBlock": "3041cf19-0020-4180-97c7-49b260c6cc8f||Sequence: R016 ve11c/master r/e634e98; Dec 19 2017 11:11:25 by eja"
}