{
  "AcquisitionMatrixPE": 36,
  "AcquisitionNumber": 1,
  "AcquisitionTime": "16:43:20.875000",
  "BandwidthPerPixelPhaseEncode": 29.551,
  "BaseResolution": 96,
  "BodyPartExamined": "CSPINE",
  "CoilCombinationMethod": "Adaptive Combine",
  "ConsistencyInfo": "N4_VE11C_LATEST_20160120",
  "ConversionSoftware": "dcm2niix",
  "ConversionSoftwareVersion": "v1.0.20211006",
  "DerivedVendorReportedEchoSpacing": 0.000939994,
  "DeviceSerialNumber": "167006",
  "DiffusionScheme": "Monopolar",
  "DwellTime": 4.1e-06,
  "EchoTime": 0.06,
  "EchoTrainLength": 31,
  "EffectiveEchoSpacing": 0.000939995,
  "FlipAngle": 90,
  "HeudiconvVersion": "0.5.3.post569+g418601f",
  "ImageOrientationPatientDICOM": [1, 0, 0, 0, 0.960779, 0.277315],
  "ImageOrientationText": "Tra>Cor(16.1)",
  "ImageType": [
    "ORIGINAL",
    "PRIMARY",
    "DIFFUSION",
    "NONE",
    "ND",
    "MOSAIC"
],
  "ImagingFrequency": 123.258,
  "InPlanePhaseEncodingDirectionDICOM": "COL",
  "InstitutionAddress": "Chemin Queen-Mary 4565,Montreal,District,CA,H3W 1W5",
  "InstitutionName": "IUGM",
  "InstitutionalDepartmentName": "Department",
  "MRAcquisitionType": "2D",
  "MagneticFieldStrength": 3,
  "Manufacturer": "Siemens",
  "ManufacturersModelName": "Prisma_fit",
  "MatrixCoilMode": "SENSE",
  "Modality": "MR",
  "PartialFourier": 0.875,
  "PatientPosition": "HFS",
  "PercentPhaseFOV": 37.5,
  "PercentSampling": 100,
  "PhaseEncodingDirection": "j-",
  "PhaseEncodingSteps": 31,
  "PhaseResolution": 1,
  "PixelBandwidth": 1270,
  "ProcedureStepDescription": "anat^generic",
  "ProtocolName": "DWI",
  "PulseSequenceDetails": "%SiemensSeq%\\ep2d_diff",
  "ReceiveCoilActiveElements": "HC7;NC1,2",
  "ReceiveCoilName": "HeadNeck_64",
  "ReconMatrixPE": 36,
  "RepetitionTime": 0.61,
  "SAR": 0.36448,
  "ScanOptions": "PFP\\SFS\\CT",
  "ScanningSequence": "EP",
  "SequenceName": "*ez_b0",
  "SequenceVariant": "SK\\SP",
  "SeriesDescription": "DWI",
  "SeriesNumber": 36,
  "ShimSetting": [565, -7128, -8850, -812, 54, 2930, -707, -271],
  "SliceThickness": 5,
  "SliceTiming": [0, 1.01, 2.085, 3.17, 4.195, 0.195, 1.205, 2.28, 3.365, 4.39, 0.3925, 1.4025, 2.4775, 3.5625, 4.5875],
  "SoftwareVersions": "syngo MR E11",
  "SpacingBetweenSlices": 5,
  "SpoilingState": true,
  "StationName": "MRC35049",
  "TotalReadoutTime": 0.0328998,
  "TxRefAmp": 253.015,
  "dcmmeta_affine": [
    [-0.8958333134651184, 0.0, 0.0, 42.50651168823242],
    [0.0, 0.8606979846954346, 1.3865734338760376, -48.85651779174805],
    [0.0, -0.24842771887779236, 4.803895950317383, -128.30543518066406],
    [0.0, 0.0, 0.0, 1.0]
],
  "dcmmeta_reorient_transform": [
    [0.0, -1.0, 0.0, 35.0],
    [1.0, 0.0, 0.0, 0.0],
    [0.0, 0.0, -1.0, 14.0],
    [0.0, 0.0, 0.0, 1.0]
],
  "dcmmeta_shape": [96, 36, 15, 35],
  "dcmmeta_slice_dim": 2,
  "dcmmeta_version": 0.6,
  "global": {
    "const": {
      "AcquisitionMatrix": [96, 0, 0, 36],
      "AngioFlag": "N",
      "BitsAllocated": 16,
      "BitsStored": 12,
      "BodyPartExamined": "CSPINE",
      "CardiacNumberOfImages": 1,
      "Columns": 384,
      "EchoNumbers": 1,
      "EchoTime": 60.0,
      "EchoTrainLength": 31,
      "FlipAngle": 90.0,
      "HighBit": 11,
      "ImageOrientationPatient": [1.0, 0.0, 0.0, 0.0, 0.9607791500038, 0.27731466769353],
      "ImagePositionPatient": [-171.50651016831, -47.15762791583, -83.160957962011],
      "ImageType": [
        "ORIGINAL",
        "PRIMARY",
        "DIFFUSION",
        "NONE",
        "ND",
        "MOSAIC"
],
      "ImagedNucleus": "1H",
      "ImagingFrequency": 123.258484,
      "InPlanePhaseEncodingDirection": "COL",
      "MRAcquisitionType": "2D",
      "MagneticFieldStrength": 3.0,
      "Manufacturer": "SIEMENS",
      "ManufacturerModelName": "Prisma_fit",
      "Modality": "MR",
      "NominalInterval": 0,
      "NumberOfAverages": 1.0,
      "NumberOfPhaseEncodingSteps": 31,
      "PercentPhaseFieldOfView": 37.5,
      "PercentSampling": 100.0,
      "PerformedProcedureStepStartTime": "153517.378000",
      "PhotometricInterpretation": "MONOCHROME2",
      "PixelBandwidth": 1270.0,
      "PixelRepresentation": 0,
      "PixelSpacing": [0.89583331346512, 0.89583331346512],
      "ProtocolName": "DWI",
      "RepetitionTime": 610.0,
      "Rows": 144,
      "SAR": 0.36447950055479,
      "SamplesPerPixel": 1,
      "ScanOptions": [
        "PFP",
        "SFS",
        "CT"
],
      "ScanningSequence": "EP",
      "SequenceVariant": [
        "SK",
        "SP"
],
      "SeriesDescription": "DWI",
      "SeriesNumber": 36,
      "SeriesTime": "164321.233000",
      "SliceLocation": -66.82181258955,
      "SliceThickness": 5.0,
      "SmallestImagePixelValue": 0,
      "SoftwareVersions": "syngo MR E11",
      "SpacingBetweenSlices": 5.0000001669516,
      "SpecificCharacterSet": "ISO_IR 100",
      "StudyID": "1",
      "StudyTime": "153517.289000",
      "TransmitCoilName": "Body",
      "VariableFlipAngleFlag": "N",
      "WindowCenterWidthExplanation": "Algo1",
      "dBdt": 0.0},
    "slices": {}
  },
  "time": {
    "samples": {
      "AcquisitionNumber": [1, 2, 3, 4, 5, 6, 7, 8, 9, 10, 11, 12, 13, 14, 15, 16, 17, 18, 19, 20, 21, 22, 23, 24, 25, 26, 27, 28, 29, 30, 31, 32, 33, 34, 35],
      "AcquisitionTime": ["164320.875000", "164326.275000", "164331.510000", "164336.390000", "164341.767500", "164346.997500", "164352.177500", "164357.362500", "164402.707500", "164407.822500", "164413.257500", "164418.302500", "164423.582500", "164428.900000", "164434.250000", "164439.485000", "164444.705000", "164449.960000", "164455.110000", "164500.390000", "164505.700000", "164510.850000", "164515.897500", "164521.217500", "164526.262500", "164531.322500", "164536.742500", "164541.867500", "164547.152500", "164552.272500", "164557.312500", "164602.340000", "164607.235000", "164612.300000", "164617.465000"],
      "ContentTime": ["164321.236000", "164328.503000", "164333.504000", "164338.504000", "164343.503000", "164348.503000", "164353.505000", "164358.503000", "164403.503000", "164408.504000", "164418.503000", "164423.503000", "164428.504000", "164433.503000", "164438.503000", "164443.504000", "164448.504000", "164453.503000", "164458.503000", "164503.504000", "164508.503000", "164513.503000", "164518.504000", "164523.504000", "164528.503000", "164533.503000", "164538.504000", "164543.504000", "164548.504000", "164553.504000", "164558.505000", "164603.503000", "164608.504000", "164613.504000", "164617.826000"],
      "InstanceCreationTime": ["164321.236000", "164328.503000", "164333.504000", "164338.504000", "164343.503000", "164348.503000", "164353.505000", "164358.503000", "164403.503000", "164408.504000", "164418.503000", "164423.503000", "164428.504000", "164433.503000", "164438.503000", "164443.504000", "164448.504000", "164453.503000", "164458.503000", "164503.504000", "164508.503000", "164513.503000", "164518.504000", "164523.504000", "164528.503000", "164533.503000", "164538.504000", "164543.504000", "164548.504000", "164553.504000", "164558.505000", "164603.503000", "164608.504000", "164613.504000", "164617.826000"],
      "InstanceNumber": [1, 2, 3, 4, 5, 6, 7, 8, 9, 10, 11, 12, 13, 14, 15, 16, 17, 18, 19, 20, 21, 22, 23, 24, 25, 26, 27, 28, 29, 30, 31, 32, 33, 34, 35],
      "LargestImagePixelValue": [4095, 3806, 3664, 3425, 3604, 4095, 3785, 3808, 3864, 3581, 3544, 3509, 3776, 3537, 3672, 3866, 3373, 4095, 3466, 3869, 3726, 3125, 3472, 3313, 3746, 3275, 3614, 3443, 3575, 3416, 3626, 4095, 4095, 4095, 4095],
      "SequenceName": [
        "*ez_b0",
        "*ez_b800#1",
        "*ez_b800#2",
        "*ez_b800#3",
        "*ez_b800#4",
        "*ez_b800#5",
        "*ez_b800#6",
        "*ez_b800#7",
        "*ez_b800#8",
        "*ez_b800#9",
        "*ez_b800#10",
        "*ez_b800#11",
        "*ez_b800#12",
        "*ez_b800#13",
        "*ez_b800#14",
        "*ez_b800#15",
        "*ez_b800#16",
        "*ez_b800#17",
        "*ez_b800#18",
        "*ez_b800#19",
        "*ez_b800#20",
        "*ez_b800#21",
        "*ez_b800#22",
        "*ez_b800#23",
        "*ez_b800#24",
        "*ez_b800#25",
        "*ez_b800#26",
        "*ez_b800#27",
        "*ez_b800#28",
        "*ez_b800#29",
        "*ez_b800#30",
        "*ez_b0",
        "*ez_b0",
        "*ez_b0",
        "*ez_b0"
],
      "TriggerTime": [572.5, 572.5, 572.5, 570.0, 570.0, 570.0, 572.5, 572.5, 572.5, 572.5, 572.5, 572.5, 570.0, 570.0, 570.0, 572.5, 572.5, 572.5, 572.5, 572.5, 572.5, 570.0, 570.0, 570.0, 572.5, 572.5, 572.5, 572.5, 572.5, 572.5, 570.0, 570.0, 570.0, 572.5, 572.5],
      "WindowCenter": [1654.0, 815.0, 816.0, 781.0, 848.0, 874.0, 860.0, 848.0, 784.0, 809.0, 848.0, 847.0, 800.0, 819.0, 858.0, 823.0, 804.0, 832.0, 821.0, 806.0, 785.0, 773.0, 856.0, 857.0, 874.0, 844.0, 825.0, 859.0, 872.0, 837.0, 862.0, 1617.0, 1615.0, 1616.0, 1632.0],
      "WindowWidth": [2971.0, 1647.0, 1646.0, 1570.0, 1761.0, 1824.0, 1802.0, 1766.0, 1576.0, 1656.0, 1748.0, 1754.0, 1600.0, 1648.0, 1801.0, 1672.0, 1613.0, 1681.0, 1655.0, 1612.0, 1570.0, 1549.0, 1751.0, 1766.0, 1837.0, 1729.0, 1667.0, 1766.0, 1812.0, 1705.0, 1789.0, 2941.0, 2939.0, 2941.0, 2959.0]
    },
    "slices": {}
  }
}