{
  "AcquisitionMatrixPE": 256,
  "AcquisitionNumber": 1,
  "AcquisitionTime": "19:40:36.962500",
  "BaseResolution": 256,
  "BodyPartExamined": "CSPINE",
  "CoilCombinationMethod": "Adaptive Combine",
  "ConsistencyInfo": "N4_VE11C_LATEST_20160120",
  "ConversionSoftware": "dcm2niix",
  "ConversionSoftwareVersion": "v1.0.20220505",
  "DeviceSerialNumber": "167006",
  "DwellTime": 7.5e-06,
  "EchoTime": 0.00313,
  "FlipAngle": 15,
  "HeudiconvVersion": "0.5.3.post811+g6206e14",
  "ImageOrientationPatientDICOM": [1, 0, 0, 0, 0.987688, 0.156434],
  "ImageOrientationText": "Tra>Cor(9.0)",
  "ImageType": [
    "ORIGINAL",
    "PRIMARY",
    "M",
    "DIS2D"
],
  "ImagingFrequency": 123.26,
  "InPlanePhaseEncodingDirectionDICOM": "COL",
  "InstitutionAddress": "Chemin Queen-Mary 4565,Montreal,District,CA,H3W 1W5",
  "InstitutionName": "IUGM",
  "InstitutionalDepartmentName": "Department",
  "MRAcquisitionType": "3D",
  "MagneticFieldStrength": 3,
  "Manufacturer": "Siemens",
  "ManufacturersModelName": "Prisma_fit",
  "MatrixCoilMode": "GRAPPA",
  "Modality": "MR",
  "ParallelReductionFactorInPlane": 2,
  "PartialFourier": 1,
  "PatientPosition": "HFS",
  "PercentPhaseFOV": 100,
  "PercentSampling": 100,
  "PhaseEncodingSteps": 255,
  "PhaseResolution": 1,
  "PixelBandwidth": 260,
  "ProcedureStepDescription": "anat^generic",
  "ProtocolName": "GRE-T1w",
  "PulseSequenceDetails": "%SiemensSeq%\\gre",
  "ReceiveCoilActiveElements": "HC5-7;NC1,2",
  "ReceiveCoilName": "HeadNeck_64",
  "ReconMatrixPE": 256,
  "RefLinesPE": 32,
  "RepetitionTime": 0.015,
  "SAR": 0.0346399,
  "ScanningSequence": "GR",
  "SequenceName": "*fl3d1",
  "SequenceVariant": "SP",
  "SeriesDescription": "GRE-T1w",
  "SeriesNumber": 38,
  "ShimSetting": [603, -7270, -9068, -414, -56, 2877, -108, 109],
  "SliceThickness": 5,
  "SoftwareVersions": "syngo MR E11",
  "StationName": "MRC35049",
  "TxRefAmp": 271.096,
  "dcmmeta_affine": [
    [0.8984375, 0.0, 0.0, -114.59504699707031],
    [0.0, 0.8873762488365173, 0.7821723222732544, -119.70183563232422],
    [0.0, -0.14054659008979797, 4.938441753387451, -143.59170532226562],
    [0.0, 0.0, 0.0, 1.0]
],
  "dcmmeta_reorient_transform": [
    [0.0, -1.0, 0.0, 255.0],
    [-1.0, 0.0, 0.0, 255.0],
    [0.0, 0.0, -1.0, 21.0],
    [0.0, 0.0, 0.0, 1.0]
],
  "dcmmeta_shape": [256, 256, 22],
  "dcmmeta_slice_dim": 2,
  "dcmmeta_version": 0.6,
  "global": {
    "const": {
      "AcquisitionMatrix": [256, 0, 0, 256],
      "AcquisitionNumber": 1,
      "AcquisitionTime": "194036.962500",
      "AngioFlag": "N",
      "BitsAllocated": 16,
      "BitsStored": 12,
      "BodyPartExamined": "CSPINE",
      "Columns": 256,
      "EchoNumbers": 1,
      "EchoTime": 3.13,
      "EchoTrainLength": 1,
      "FlipAngle": 15.0,
      "HighBit": 11,
      "ImageOrientationPatient": [1.0, 0.0, 0.0, 0.0, 0.98768834057476, 0.1564344651689],
      "ImageType": [
        "ORIGINAL",
        "PRIMARY",
        "M",
        "DIS2D"
],
      "ImagedNucleus": "1H",
      "ImagingFrequency": 123.259952,
      "InPlanePhaseEncodingDirection": "COL",
      "LargestImagePixelValue": 4095,
      "MRAcquisitionType": "3D",
      "MagneticFieldStrength": 3.0,
      "Manufacturer": "SIEMENS",
      "ManufacturerModelName": "Prisma_fit",
      "Modality": "MR",
      "NumberOfAverages": 1.0,
      "NumberOfPhaseEncodingSteps": 255,
      "PercentPhaseFieldOfView": 100.0,
      "PercentSampling": 100.0,
      "PerformedProcedureStepStartTime": "183745.460000",
      "PhotometricInterpretation": "MONOCHROME2",
      "PixelBandwidth": 260.0,
      "PixelRepresentation": 0,
      "PixelSpacing": [0.8984375, 0.8984375],
      "ProtocolName": "GRE-T1w",
      "RepetitionTime": 15.0,
      "Rows": 256,
      "SAR": 0.03463991017251,
      "SamplesPerPixel": 1,
      "ScanningSequence": "GR",
      "SequenceName": "*fl3d1",
      "SequenceVariant": "SP",
      "SeriesDescription": "GRE-T1w",
      "SeriesNumber": 38,
      "SeriesTime": "194137.729000",
      "SliceThickness": 5.0,
      "SmallestImagePixelValue": 0,
      "SoftwareVersions": "syngo MR E11",
      "SpecificCharacterSet": "ISO_IR 100",
      "StudyID": "1",
      "StudyTime": "183745.369000",
      "TransmitCoilName": "Body",
      "VariableFlipAngleFlag": "N",
      "WindowCenterWidthExplanation": "Algo1",
      "dBdt": 0.0},
    "slices": {
      "ContentTime": ["194137.732000", "194137.735000", "194137.745000", "194137.747000", "194137.752000", "194137.754000", "194137.756000", "194137.758000", "194137.760000", "194137.762000", "194137.764000", "194137.767000", "194137.769000", "194137.771000", "194137.773000", "194137.775000", "194137.782000", "194137.784000", "194137.786000", "194137.795000", "194137.801000", "194137.804000"],
      "CsaImage.Actual3DImaPartNumber": [0, 1, 2, 3, 4, 5, 6, 7, 8, 9, 10, 11, 12, 13, 14, 15, 16, 17, 18, 19, 20, 21],
      "CsaImage.ICE_Dims": [
        "X_1_1_1_1_1_1_1_1_1_1_1_416",
        "X_1_1_1_1_1_2_1_1_1_1_1_416",
        "X_1_1_1_1_1_3_1_1_1_1_1_416",
        "X_1_1_1_1_1_4_1_1_1_1_1_416",
        "X_1_1_1_1_1_5_1_1_1_1_1_416",
        "X_1_1_1_1_1_6_1_1_1_1_1_416",
        "X_1_1_1_1_1_7_1_1_1_1_1_416",
        "X_1_1_1_1_1_8_1_1_1_1_1_416",
        "X_1_1_1_1_1_9_1_1_1_1_1_416",
        "X_1_1_1_1_1_10_1_1_1_1_1_416",
        "X_1_1_1_1_1_11_1_1_1_1_1_416",
        "X_1_1_1_1_1_12_1_1_1_1_1_416",
        "X_1_1_1_1_1_13_1_1_1_1_1_416",
        "X_1_1_1_1_1_14_1_1_1_1_1_416",
        "X_1_1_1_1_1_15_1_1_1_1_1_416",
        "X_1_1_1_1_1_16_1_1_1_1_1_416",
        "X_1_1_1_1_1_17_1_1_1_1_1_416",
        "X_1_1_1_1_1_18_1_1_1_1_1_416",
        "X_1_1_1_1_1_19_1_1_1_1_1_416",
        "X_1_1_1_1_1_20_1_1_1_1_1_416",
        "X_1_1_1_1_1_21_1_1_1_1_1_416",
        "X_1_1_1_1_1_22_1_1_1_1_1_416"
],
      "CsaImage.SlicePosition_PCS": [
        [-114.50651398, -106.57910758, -69.43108746],
        [-114.50651398, -107.3612799, -64.49264576],
        [-114.50651398, -108.14345223, -59.55420406],
        [-114.50651398, -108.92562455, -54.61576235],
        [-114.50651398, -109.70779688, -49.67732065],
        [-114.50651398, -110.4899692, -44.73887895],
        [-114.50651398, -111.27214153, -39.80043725],
        [-114.50651398, -112.05431386, -34.86199554],
        [-114.50651398, -112.83648618, -29.92355384],
        [-114.50651398, -113.61865851, -24.98511214],
        [-114.50651398, -114.40083083, -20.04667043],
        [-114.50651398, -115.18300316, -15.10822873],
        [-114.50651398, -115.96517549, -10.16978703],
        [-114.50651398, -116.74734781, -5.23134533],
        [-114.50651398, -117.52952014, -0.29290362],
        [-114.50651398, -118.31169246, 4.64553808],
        [-114.50651398, -119.09386479, 9.58397978],
        [-114.50651398, -119.87603711, 14.52242149],
        [-114.50651398, -120.65820944, 19.46086319],
        [-114.50651398, -121.44038177, 24.39930489],
        [-114.50651398, -122.22255409, 29.33774659],
        [-114.50651398, -123.00472642, 34.2761883]
],
      "ImagePositionPatient": [
        [-114.50651398301, -106.57910757535, -179.43108746287],
        [-114.50651398301, -107.36127990119, -174.49264576],
        [-114.50651398301, -108.14345222704, -169.55420405713],
        [-114.50651398301, -108.92562455288, -164.61576235425],
        [-114.50651398301, -109.70779687873, -159.67732065138],
        [-114.50651398301, -110.48996920457, -154.73887894851],
        [-114.50651398301, -111.27214153042, -149.80043724563],
        [-114.50651398301, -112.05431385626, -144.86199554276],
        [-114.50651398301, -112.83648618211, -139.92355383988],
        [-114.50651398301, -113.61865850795, -134.98511213701],
        [-114.50651398301, -114.40083083379, -130.04667043414],
        [-114.50651398301, -115.18300315964, -125.10822873126],
        [-114.50651398301, -115.96517548548, -120.16978702839],
        [-114.50651398301, -116.74734781133, -115.23134532551],
        [-114.50651398301, -117.52952013717, -110.29290362264],
        [-114.50651398301, -118.31169246302, -105.35446191977],
        [-114.50651398301, -119.09386478886, -100.41602021689],
        [-114.50651398301, -119.87603711471, -95.47757851402],
        [-114.50651398301, -120.65820944055, -90.539136811146],
        [-114.50651398301, -121.4403817664, -85.600695108272],
        [-114.50651398301, -122.22255409224, -80.662253405398],
        [-114.50651398301, -123.00472641808, -75.723811702525]
],
      "InstanceCreationTime": ["194137.732000", "194137.735000", "194137.745000", "194137.747000", "194137.752000", "194137.754000", "194137.756000", "194137.758000", "194137.760000", "194137.762000", "194137.764000", "194137.767000", "194137.769000", "194137.771000", "194137.773000", "194137.775000", "194137.782000", "194137.784000", "194137.786000", "194137.795000", "194137.801000", "194137.804000"],
      "InstanceNumber": [22, 21, 20, 19, 18, 17, 16, 15, 14, 13, 12, 11, 10, 9, 8, 7, 6, 5, 4, 3, 2, 1],
      "SliceLocation": [-160.549347332, -155.549347332, -150.549347332, -145.549347332, -140.549347332, -135.549347332, -130.549347332, -125.549347332, -120.549347332, -115.549347332, -110.549347332, -105.549347332, -100.549347332, -95.549347332002, -90.549347332002, -85.549347332002, -80.549347332002, -75.549347332002, -70.549347332002, -65.549347332002, -60.549347332002, -55.549347332002],
      "WindowCenter": [1044.0, 1251.0, 1172.0, 1261.0, 1212.0, 1188.0, 1181.0, 1187.0, 1196.0, 1070.0, 933.0, 706.0, 644.0, 544.0, 811.0, 845.0, 700.0, 708.0, 832.0, 958.0, 1404.0, 1097.0],
      "WindowWidth": [2471.0, 3489.0, 3839.0, 3908.0, 3882.0, 3776.0, 3615.0, 3440.0, 3375.0, 3578.0, 3748.0, 3934.0, 4052.0, 4095.0, 4095.0, 4095.0, 4095.0, 4095.0, 4095.0, 4095.0, 3632.0, 2576.0]
    }
  }
}