{
  "AcquisitionMatrixPE": 205,
  "AcquisitionNumber": 1,
  "AcquisitionTime": "16:13:57.152500",
  "BaseResolution": 256,
  "BodyPartExamined": "CSPINE",
  "CoilCombinationMethod": "Adaptive Combine",
  "ConsistencyInfo": "N4_VE11C_LATEST_20160120",
  "ConversionSoftware": "dcm2niix",
  "ConversionSoftwareVersion": "v1.0.20211006",
  "DeviceSerialNumber": "167006",
  "DwellTime": 6.1e-06,
  "EchoTime": 0.00369,
  "FlipAngle": 20,
  "HeudiconvVersion": "0.5.3.post569+g418601f",
  "ImageOrientationPatientDICOM": [
    0,
    1,
    0,
    0,
    0,
    -1
  ],
  "ImageOrientationText": "Sag",
  "ImageType": [
    "ORIGINAL",
    "PRIMARY",
    "M",
    "NORM",
    "DIS2D"
  ],
  "ImagingFrequency": 123.259,
  "InPlanePhaseEncodingDirectionDICOM": "ROW",
  "InstitutionAddress": "Chemin Queen-Mary 4565,Montreal,District,CA,H3W 1W5",
  "InstitutionName": "IUGM",
  "InstitutionalDepartmentName": "Department",
  "Interpolation2D": 1,
  "MRAcquisitionType": "2D",
  "MagneticFieldStrength": 3,
  "Manufacturer": "Siemens",
  "ManufacturersModelName": "Prisma_fit",
  "MatrixCoilMode": "SENSE",
  "Modality": "MR",
  "PartialFourier": 1,
  "PatientPosition": "HFS",
  "PercentPhaseFOV": 100,
  "PercentSampling": 80,
  "PhaseEncodingDirection": "i",
  "PhaseEncodingSteps": 283,
  "PhaseOversampling": 0.38,
  "PhaseResolution": 0.8,
  "PixelBandwidth": 320,
  "ProcedureStepDescription": "anat^generic",
  "ProtocolName": "Localizer",
  "PulseSequenceDetails": "%SiemensSeq%\\gre",
  "ReceiveCoilActiveElements": "HC1-7;NC1,2",
  "ReceiveCoilName": "HeadNeck_64",
  "ReconMatrixPE": 512,
  "RepetitionTime": 0.0078,
  "SAR": 0.0259858,
  "ScanningSequence": "GR",
  "SequenceName": "*fl2d1",
  "SequenceVariant": "SP\\OSP",
  "SeriesDescription": "Localizer",
  "SeriesNumber": 30,
  "ShimSetting": [
    621,
    -7191,
    -9126,
    52,
    33,
    -14,
    -34,
    -17
  ],
  "SliceThickness": 6,
  "SliceTiming": [
    2.20312,
    11.0312,
    0
  ],
  "SoftwareVersions": "syngo MR E11",
  "SpacingBetweenSlices": 9,
  "StationName": "MRC35049",
  "TxRefAmp": 277.739
}