{
  "AcquisitionMatrixPE": 256,
  "AcquisitionNumber": 1,
  "AcquisitionTime": "16:27:2.957500",
  "BaseResolution": 256,
  "BodyPartExamined": "CSPINE",
  "CoilCombinationMethod": "Adaptive Combine",
  "ConsistencyInfo": "N4_VE11C_LATEST_20160120",
  "ConversionSoftware": "dcm2niix",
  "ConversionSoftwareVersion": "v1.0.20211006",
  "DeviceSerialNumber": "167006",
  "DwellTime": 7.5e-06,
  "EchoTime": 0.00313,
  "FlipAngle": 9,
  "HeudiconvVersion": "0.5.3.post569+g418601f",
  "ImageOrientationPatientDICOM": [0.999203, -0.0119407, 0.0381011, 2.59064e-08, 0.954237, 0.299053],
  "ImageOrientationText": "Tra>Cor(17.4)>Sag(2.3)",
  "ImageType": [
    "ORIGINAL",
    "PRIMARY",
    "M",
    "DIS2D"
],
  "ImagingFrequency": 123.259,
  "InPlanePhaseEncodingDirectionDICOM": "COL",
  "InstitutionAddress": "Chemin Queen-Mary 4565,Montreal,District,CA,H3W 1W5",
  "InstitutionName": "IUGM",
  "InstitutionalDepartmentName": "Department",
  "MRAcquisitionType": "3D",
  "MagneticFieldStrength": 3,
  "Manufacturer": "Siemens",
  "ManufacturersModelName": "Prisma_fit",
  "MatrixCoilMode": "GRAPPA",
  "Modality": "MR",
  "ParallelReductionFactorInPlane": 2,
  "PartialFourier": 1,
  "PatientPosition": "HFS",
  "PercentPhaseFOV": 100,
  "PercentSampling": 100,
  "PhaseEncodingSteps": 255,
  "PhaseResolution": 1,
  "PixelBandwidth": 260,
  "ProcedureStepDescription": "anat^generic",
  "ProtocolName": "GRE-MT0",
  "PulseSequenceDetails": "%SiemensSeq%\\gre",
  "ReceiveCoilActiveElements": "HC5-7;NC1,2",
  "ReceiveCoilName": "HeadNeck_64",
  "ReconMatrixPE": 256,
  "RefLinesPE": 32,
  "RepetitionTime": 0.035,
  "SAR": 0.00554332,
  "ScanningSequence": "GR",
  "SequenceName": "*fl3d1",
  "SequenceVariant": "SP",
  "SeriesDescription": "GRE-MT0",
  "SeriesNumber": 34,
  "ShimSetting": [628, -7173, -9010, -657, 29, 2610, -118, -197],
  "SliceThickness": 5,
  "SoftwareVersions": "syngo MR E11",
  "StationName": "MRC35049",
  "TxRefAmp": 277.739,
  "dcmmeta_affine": [
    [0.8977210521697998, 2.3275248395293602e-08, 0.19964170455932617, -122.04473114013672],
    [-0.010727986693382263, 0.8573218584060669, 1.4940725564956665, -136.21044921875],
    [-0.034231431782245636, -0.2686804234981537, 4.767377853393555, -116.26705169677734],
    [0.0, 0.0, 0.0, 1.0]
],
  "dcmmeta_reorient_transform": [
    [0.0, -1.0, 0.0, 255.0],
    [-1.0, 0.0, 0.0, 255.0],
    [0.0, 0.0, -1.0, 21.0],
    [0.0, 0.0, 0.0, 1.0]
],
  "dcmmeta_shape": [256, 256, 22],
  "dcmmeta_slice_dim": 2,
  "dcmmeta_version": 0.6,
  "global": {
    "const": {
      "AcquisitionMatrix": [256, 0, 0, 256],
      "AcquisitionNumber": 1,
      "AcquisitionTime": "162702.957500",
      "AngioFlag": "N",
      "BitsAllocated": 16,
      "BitsStored": 12,
      "BodyPartExamined": "CSPINE",
      "Columns": 256,
      "EchoNumbers": 1,
      "EchoTime": 3.13,
      "EchoTrainLength": 1,
      "FlipAngle": 9.0,
      "HighBit": 11,
      "ImageOrientationPatient": [0.99920254579443, -0.0119407151123, 0.03810107348286, 2.5906363e-08, 0.95423650264199, 0.29905300036213],
      "ImageType": [
        "ORIGINAL",
        "PRIMARY",
        "M",
        "DIS2D"
],
      "ImagedNucleus": "1H",
      "ImagingFrequency": 123.258639,
      "InPlanePhaseEncodingDirection": "COL",
      "MRAcquisitionType": "3D",
      "MagneticFieldStrength": 3.0,
      "Manufacturer": "SIEMENS",
      "ManufacturerModelName": "Prisma_fit",
      "Modality": "MR",
      "NumberOfAverages": 1.0,
      "NumberOfPhaseEncodingSteps": 255,
      "PercentPhaseFieldOfView": 100.0,
      "PercentSampling": 100.0,
      "PerformedProcedureStepStartTime": "151819.552000",
      "PhotometricInterpretation": "MONOCHROME2",
      "PixelBandwidth": 260.0,
      "PixelRepresentation": 0,
      "PixelSpacing": [0.8984375, 0.8984375],
      "ProtocolName": "GRE-MT0",
      "RepetitionTime": 35.0,
      "Rows": 256,
      "SAR": 0.00554332285928,
      "SamplesPerPixel": 1,
      "ScanningSequence": "GR",
      "SequenceName": "*fl3d1",
      "SequenceVariant": "SP",
      "SeriesDescription": "GRE-MT0",
      "SeriesNumber": 34,
      "SeriesTime": "162917.460000",
      "SliceThickness": 5.0,
      "SmallestImagePixelValue": 0,
      "SoftwareVersions": "syngo MR E11",
      "SpecificCharacterSet": "ISO_IR 100",
      "StudyID": "1",
      "StudyTime": "151819.473000",
      "TransmitCoilName": "Body",
      "VariableFlipAngleFlag": "N",
      "WindowCenterWidthExplanation": "Algo1",
      "dBdt": 0.0},
    "slices": {
      "ContentTime": ["162917.463000", "162917.466000", "162917.478000", "162917.481000", "162917.483000", "162917.485000", "162917.493000", "162917.495000", "162917.497000", "162917.499000", "162917.507000", "162917.509000", "162917.511000", "162917.513000", "162917.520000", "162917.522000", "162917.524000", "162917.526000", "162917.528000", "162917.530000", "162917.532000", "162917.534000"],
      "CsaImage.Actual3DImaPartNumber": [0, 1, 2, 3, 4, 5, 6, 7, 8, 9, 10, 11, 12, 13, 14, 15, 16, 17, 18, 19, 20, 21],
      "CsaImage.ICE_Dims": [
        "X_1_1_1_1_1_1_1_1_1_1_1_152",
        "X_1_1_1_1_1_2_1_1_1_1_1_152",
        "X_1_1_1_1_1_3_1_1_1_1_1_152",
        "X_1_1_1_1_1_4_1_1_1_1_1_152",
        "X_1_1_1_1_1_5_1_1_1_1_1_152",
        "X_1_1_1_1_1_6_1_1_1_1_1_152",
        "X_1_1_1_1_1_7_1_1_1_1_1_152",
        "X_1_1_1_1_1_8_1_1_1_1_1_152",
        "X_1_1_1_1_1_9_1_1_1_1_1_152",
        "X_1_1_1_1_1_10_1_1_1_1_1_152",
        "X_1_1_1_1_1_11_1_1_1_1_1_152",
        "X_1_1_1_1_1_12_1_1_1_1_1_152",
        "X_1_1_1_1_1_13_1_1_1_1_1_152",
        "X_1_1_1_1_1_14_1_1_1_1_1_152",
        "X_1_1_1_1_1_15_1_1_1_1_1_152",
        "X_1_1_1_1_1_16_1_1_1_1_1_152",
        "X_1_1_1_1_1_17_1_1_1_1_1_152",
        "X_1_1_1_1_1_18_1_1_1_1_1_152",
        "X_1_1_1_1_1_19_1_1_1_1_1_152",
        "X_1_1_1_1_1_20_1_1_1_1_1_152",
        "X_1_1_1_1_1_21_1_1_1_1_1_152",
        "X_1_1_1_1_1_22_1_1_1_1_1_152"
],
      "CsaImage.SlicePosition_PCS": [
        [-106.87414248, -79.67098049, -88.50957454],
        [-107.07378419, -81.16505308, -83.74219683],
        [-107.27342589, -82.65912567, -78.97481911],
        [-107.4730676, -84.15319826, -74.2074414],
        [-107.67270931, -85.64727086, -69.44006368],
        [-107.87235102, -87.14134345, -64.67268597],
        [-108.07199273, -88.63541604, -59.90530825],
        [-108.27163444, -90.12948863, -55.13793054],
        [-108.47127615, -91.62356122, -50.37055282],
        [-108.67091786, -93.11763381, -45.60317511],
        [-108.87055957, -94.6117064, -40.83579739],
        [-109.07020127, -96.105779, -36.06841968],
        [-109.26984298, -97.59985159, -31.30104196],
        [-109.46948469, -99.09392418, -26.53366425],
        [-109.6691264, -100.58799677, -21.76628653],
        [-109.86876811, -102.08206936, -16.99890882],
        [-110.06840982, -103.57614195, -12.2315311],
        [-110.26805153, -105.07021455, -7.46415339],
        [-110.46769324, -106.56428714, -2.69677567],
        [-110.66733495, -108.05835973, 2.07060204],
        [-110.86697666, -109.55243232, 6.83797976],
        [-111.06661836, -111.04650491, 11.60535747]
],
      "ImagePositionPatient": [
        [-106.87414247656, -79.670980489755, -193.50957454475],
        [-107.0737841855, -81.165053081266, -188.74219682956],
        [-107.27342589444, -82.659125672778, -183.97481911436],
        [-107.47306760338, -84.153198264289, -179.20744139916],
        [-107.67270931232, -85.6472708558, -174.44006368397],
        [-107.87235102126, -87.141343447311, -169.67268596877],
        [-108.0719927302, -88.635416038822, -164.90530825358],
        [-108.27163443914, -90.129488630334, -160.13793053838],
        [-108.47127614808, -91.623561221845, -155.37055282318],
        [-108.67091785702, -93.117633813356, -150.60317510799],
        [-108.87055956596, -94.611706404867, -145.83579739279],
        [-109.0702012749, -96.105778996378, -141.0684196776],
        [-109.26984298384, -97.59985158789, -136.3010419624],
        [-109.46948469278, -99.093924179401, -131.5336642472],
        [-109.66912640172, -100.58799677091, -126.76628653201],
        [-109.86876811066, -102.08206936242, -121.99890881681],
        [-110.0684098196, -103.57614195393, -117.23153110162],
        [-110.26805152854, -105.07021454545, -112.46415338642],
        [-110.46769323748, -106.56428713696, -107.69677567123],
        [-110.66733494642, -108.05835972847, -102.92939795603],
        [-110.86697665536, -109.55243231998, -98.162020240833],
        [-111.0666183643, -111.04650491149, -93.394642525637]
],
      "InstanceCreationTime": ["162917.463000", "162917.466000", "162917.478000", "162917.481000", "162917.483000", "162917.485000", "162917.493000", "162917.495000", "162917.497000", "162917.499000", "162917.507000", "162917.509000", "162917.511000", "162917.513000", "162917.520000", "162917.522000", "162917.524000", "162917.526000", "162917.528000", "162917.530000", "162917.532000", "162917.534000"],
      "InstanceNumber": [22, 21, 20, 19, 18, 17, 16, 15, 14, 13, 12, 11, 10, 9, 8, 7, 6, 5, 4, 3, 2, 1],
      "LargestImagePixelValue": [4095, 4095, 4095, 4095, 4095, 4095, 4095, 4095, 4095, 4095, 4095, 4095, 4095, 4095, 4095, 4095, 4095, 4095, 4095, 4095, 4095, 2862],
      "SliceLocation": [-156.43249372552, -151.43249372552, -146.43249372552, -141.43249372552, -136.43249372552, -131.43249372552, -126.43249372552, -121.43249372552, -116.43249372552, -111.43249372552, -106.43249372552, -101.43249372552, -96.432493725523, -91.432493725523, -86.432493725523, -81.432493725523, -76.432493725523, -71.432493725523, -66.432493725523, -61.432493725523, -56.432493725523, -51.432493725523],
      "WindowCenter": [926.0, 1271.0, 1171.0, 1075.0, 611.0, 77.0, 132.0, 165.0, 257.0, 438.0, 614.0, 799.0, 989.0, 1129.0, 1317.0, 1528.0, 1696.0, 1678.0, 1377.0, 1477.0, 1191.0, 751.0],
      "WindowWidth": [2455.0, 3373.0, 3760.0, 3907.0, 4034.0, 4087.0, 4090.0, 4091.0, 4095.0, 4095.0, 4095.0, 4095.0, 4095.0, 4095.0, 4095.0, 4095.0, 4095.0, 4095.0, 4095.0, 3734.0, 2807.0, 1670.0]
    }
  }
}