{
  "AcquisitionMatrixPE": 128,
  "AcquisitionNumber": 1,
  "AcquisitionTime": "16:09:33.732500",
  "BaseResolution": 128,
  "BodyPartExamined": "BRAIN",
  "CoilCombinationMethod": "Adaptive Combine",
  "ConsistencyInfo": "N4_VE11C_LATEST_20160120",
  "ConversionSoftware": "dcm2niix",
  "ConversionSoftwareVersion": "v1.0.20211006",
  "DeviceSerialNumber": "167006",
  "DwellTime": 1.86e-05,
  "EchoTime": 0.0033,
  "FlipAngle": 6,
  "HeudiconvVersion": "0.5.3.post569+g418601f",
  "ImageOrientationPatientDICOM": [0.999048, -0.00832297, -0.042818, -1.14213e-10, 0.981627, -0.190809],
  "ImageOrientationText": "Tra>Cor(-11.0)>Sag(-2.5)",
  "ImageType": [
    "ORIGINAL",
    "PRIMARY",
    "M",
    "ND"
],
  "ImagingFrequency": 123.259,
  "InPlanePhaseEncodingDirectionDICOM": "ROW",
  "InstitutionAddress": "Chemin Queen-Mary 4565,Montreal,District,CA,H3W 1W5",
  "InstitutionName": "IUGM",
  "InstitutionalDepartmentName": "Department",
  "MRAcquisitionType": "3D",
  "MTState": true,
  "MagneticFieldStrength": 3,
  "Manufacturer": "Siemens",
  "ManufacturersModelName": "Prisma_fit",
  "MatrixCoilMode": "GRAPPA",
  "Modality": "MR",
  "ParallelReductionFactorInPlane": 2,
  "PartialFourier": 1,
  "PatientPosition": "HFS",
  "PercentPhaseFOV": 100,
  "PercentSampling": 100,
  "PhaseEncodingSteps": 127,
  "PhaseResolution": 1,
  "PixelBandwidth": 210,
  "ProcedureStepDescription": "anat^generic",
  "ProtocolName": "gre_3d_MTw",
  "PulseSequenceDetails": "%SiemensSeq%\\gre",
  "ReceiveCoilActiveElements": "HC1-7;NC1",
  "ReceiveCoilName": "HeadNeck_64",
  "ReconMatrixPE": 128,
  "RefLinesPE": 32,
  "RepetitionTime": 0.028,
  "SAR": 0.399124,
  "ScanOptions": "MT",
  "ScanningSequence": "GR",
  "SequenceName": "*fl3d1",
  "SequenceVariant": "MTC\\SP",
  "SeriesDescription": "gre_3d_MTw_ND",
  "SeriesNumber": 14,
  "ShimSetting": [613, -7229, -8918, 551, -2, -344, -44, 29],
  "SliceThickness": 1.5,
  "SoftwareVersions": "syngo MR E11",
  "SpoilingState": true,
  "StationName": "MRC35049",
  "TxRefAmp": 230.457,
  "dcmmeta_affine": [
    [1.4985723495483398, -1.7131950025284226e-10, -0.06542908400297165, -93.48722839355469],
    [-0.012484457343816757, 1.4724407196044922, -0.28594109416007996, -68.14481353759766],
    [0.06422697007656097, 0.2862134873867035, 1.4710392951965332, -68.2767333984375],
    [0.0, 0.0, 0.0, 1.0]
],
  "dcmmeta_reorient_transform": [
    [0.0, -1.0, 0.0, 127.0],
    [-1.0, 0.0, 0.0, 127.0],
    [0.0, 0.0, -1.0, 95.0],
    [0.0, 0.0, 0.0, 1.0]
],
  "dcmmeta_shape": [128, 128, 96],
  "dcmmeta_slice_dim": 2,
  "dcmmeta_version": 0.6,
  "global": {
    "const": {
      "AcquisitionMatrix": [0, 128, 128, 0],
      "AcquisitionNumber": 1,
      "AcquisitionTime": "160933.732500",
      "AngioFlag": "N",
      "BitsAllocated": 16,
      "BitsStored": 12,
      "BodyPartExamined": "BRAIN",
      "Columns": 128,
      "EchoNumbers": 1,
      "EchoTime": 3.3,
      "EchoTrainLength": 1,
      "FlipAngle": 6.0,
      "HighBit": 11,
      "ImageOrientationPatient": [0.99904822151805, -0.008322971712, -0.0428179778074, -1.14213e-10, 0.98162718316671, -0.1908089968219],
      "ImageType": [
        "ORIGINAL",
        "PRIMARY",
        "M",
        "ND"
],
      "ImagedNucleus": "1H",
      "ImagingFrequency": 123.259025,
      "InPlanePhaseEncodingDirection": "ROW",
      "MRAcquisitionType": "3D",
      "MagneticFieldStrength": 3.0,
      "Manufacturer": "SIEMENS",
      "ManufacturerModelName": "Prisma_fit",
      "Modality": "MR",
      "NumberOfAverages": 1.0,
      "NumberOfPhaseEncodingSteps": 127,
      "PercentPhaseFieldOfView": 100.0,
      "PercentSampling": 100.0,
      "PerformedProcedureStepStartTime": "152333.468000",
      "PhotometricInterpretation": "MONOCHROME2",
      "PixelBandwidth": 210.0,
      "PixelRepresentation": 0,
      "PixelSpacing": [1.5, 1.5],
      "ProtocolName": "gre_3d_MTw",
      "RepetitionTime": 28.0,
      "Rows": 128,
      "SAR": 0.39912416319419,
      "SamplesPerPixel": 1,
      "ScanOptions": "MT",
      "ScanningSequence": "GR",
      "SequenceName": "*fl3d1",
      "SequenceVariant": [
        "MTC",
        "SP"
],
      "SeriesDescription": "gre_3d_MTw_ND",
      "SeriesNumber": 14,
      "SeriesTime": "161312.354000",
      "SliceThickness": 1.5,
      "SmallestImagePixelValue": 0,
      "SoftwareVersions": "syngo MR E11",
      "SpecificCharacterSet": "ISO_IR 100",
      "StudyID": "1",
      "StudyTime": "152333.383000",
      "TransmitCoilName": "Body",
      "VariableFlipAngleFlag": "N",
      "WindowCenterWidthExplanation": "Algo1",
      "dBdt": 0.0},
