{
  "AcquisitionMatrixPE": 256,
  "AcquisitionNumber": 1,
  "AcquisitionTime": "16:51:7.975000",
  "BaseResolution": 256,
  "BodyPartExamined": "CSPINE",
  "CoilCombinationMethod": "Adaptive Combine",
  "ConsistencyInfo": "N4_VE11C_LATEST_20160120",
  "ConversionSoftware": "dcm2niix",
  "ConversionSoftwareVersion": "v1.0.20211006",
  "DeviceSerialNumber": "167006",
  "DwellTime": 7.5e-06,
  "EchoTime": 0.00313,
  "FlipAngle": 9,
  "HeudiconvVersion": "0.5.3.post569+g418601f",
  "ImageOrientationPatientDICOM": [0.996718, 0.0125699, -0.0799694, -2.12855e-10, 0.987871, 0.155278],
  "ImageOrientationText": "Tra>Cor(8.9)>Sag(-4.6)",
  "ImageType": [
    "ORIGINAL",
    "PRIMARY",
    "M",
    "DIS2D"
],
  "ImagingFrequency": 123.259,
  "InPlanePhaseEncodingDirectionDICOM": "COL",
  "InstitutionAddress": "Chemin Queen-Mary 4565,Montreal,District,CA,H3W 1W5",
  "InstitutionName": "IUGM",
  "InstitutionalDepartmentName": "Department",
  "MRAcquisitionType": "3D",
  "MagneticFieldStrength": 3,
  "Manufacturer": "Siemens",
  "ManufacturersModelName": "Prisma_fit",
  "MatrixCoilMode": "GRAPPA",
  "Modality": "MR",
  "ParallelReductionFactorInPlane": 2,
  "PartialFourier": 1,
  "PatientPosition": "HFS",
  "PercentPhaseFOV": 100,
  "PercentSampling": 100,
  "PhaseEncodingSteps": 255,
  "PhaseResolution": 1,
  "PixelBandwidth": 260,
  "ProcedureStepDescription": "anat^generic",
  "ProtocolName": "GRE-MT0",
  "PulseSequenceDetails": "%SiemensSeq%\\gre",
  "ReceiveCoilActiveElements": "HC5-7;NC1,2",
  "ReceiveCoilName": "HeadNeck_64",
  "ReconMatrixPE": 256,
  "RefLinesPE": 32,
  "RepetitionTime": 0.035,
  "SAR": 0.00501723,
  "ScanningSequence": "GR",
  "SequenceName": "*fl3d1",
  "SequenceVariant": "SP",
  "SeriesDescription": "GRE-MT0",
  "SeriesNumber": 34,
  "ShimSetting": [668, -7320, -9147, -794, 428, 1635, 252, -188],
  "SliceThickness": 5,
  "SoftwareVersions": "syngo MR E11",
  "StationName": "MRC35049",
  "TxRefAmp": 261.572,
  "dcmmeta_affine": [
    [0.8954888582229614, -1.9123691519240538e-10, -0.4047561287879944, -104.25659942626953],
    [0.011293314397335052, 0.8875401616096497, 0.7738422751426697, -138.2697296142578],
    [0.07184746116399765, -0.13950763642787933, 4.92314338684082, -141.21397399902344],
    [0.0, 0.0, 0.0, 1.0]
],
  "dcmmeta_reorient_transform": [
    [0.0, -1.0, 0.0, 255.0],
    [-1.0, 0.0, 0.0, 255.0],
    [0.0, 0.0, -1.0, 21.0],
    [0.0, 0.0, 0.0, 1.0]
],
  "dcmmeta_shape": [256, 256, 22],
  "dcmmeta_slice_dim": 2,
  "dcmmeta_version": 0.6,
  "global": {
    "const": {
      "AcquisitionMatrix": [256, 0, 0, 256],
      "AcquisitionNumber": 1,
      "AcquisitionTime": "165107.975000",
      "AngioFlag": "N",
      "BitsAllocated": 16,
      "BitsStored": 12,
      "BodyPartExamined": "CSPINE",
      "Columns": 256,
      "EchoNumbers": 1,
      "EchoTime": 3.13,
      "EchoTrainLength": 1,
      "FlipAngle": 9.0,
      "HighBit": 11,
      "ImageOrientationPatient": [0.99671806407925, 0.01256994984018, -0.0799693509985, -2.12855e-10, 0.98787080227693, 0.15527806673431],
      "ImageType": [
        "ORIGINAL",
        "PRIMARY",
        "M",
        "DIS2D"
],
      "ImagedNucleus": "1H",
      "ImagingFrequency": 123.258818,
      "InPlanePhaseEncodingDirection": "COL",
      "MRAcquisitionType": "3D",
      "MagneticFieldStrength": 3.0,
      "Manufacturer": "SIEMENS",
      "ManufacturerModelName": "Prisma_fit",
      "Modality": "MR",
      "NumberOfAverages": 1.0,
      "NumberOfPhaseEncodingSteps": 255,
      "PercentPhaseFieldOfView": 100.0,
      "PercentSampling": 100.0,
      "PerformedProcedureStepStartTime": "152333.468000",
      "PhotometricInterpretation": "MONOCHROME2",
      "PixelBandwidth": 260.0,
      "PixelRepresentation": 0,
      "PixelSpacing": [0.8984375, 0.8984375],
      "ProtocolName": "GRE-MT0",
      "RepetitionTime": 35.0,
      "Rows": 256,
      "SAR": 0.00501723246988,
      "SamplesPerPixel": 1,
      "ScanningSequence": "GR",
      "SequenceName": "*fl3d1",
      "SequenceVariant": "SP",
      "SeriesDescription": "GRE-MT0",
      "SeriesNumber": 34,
      "SeriesTime": "165323.065000",
      "SliceThickness": 5.0,
      "SmallestImagePixelValue": 0,
      "SoftwareVersions": "syngo MR E11",
      "SpecificCharacterSet": "ISO_IR 100",
      "StudyID": "1",
      "StudyTime": "152333.383000",
      "TransmitCoilName": "Body",
      "VariableFlipAngleFlag": "N",
      "WindowCenterWidthExplanation": "Algo1",
      "dBdt": 0.0},
    "slices": {
      "ContentTime": ["165323.068000", "165323.079000", "165323.081000", "165323.084000", "165323.086000", "165323.088000", "165323.090000", "165323.092000", "165323.094000", "165323.096000", "165323.098000", "165323.100000", "165323.102000", "165323.104000", "165323.106000", "165323.108000", "165323.110000", "165323.115000", "165323.117000", "165323.119000", "165323.121000", "165323.123000"],
      "CsaImage.Actual3DImaPartNumber": [0, 1, 2, 3, 4, 5, 6, 7, 8, 9, 10, 11, 12, 13, 14, 15, 16, 17, 18, 19, 20, 21],
      "CsaImage.ICE_Dims": [
        "X_1_1_1_1_1_1_1_1_1_1_1_155",
        "X_1_1_1_1_1_2_1_1_1_1_1_155",
        "X_1_1_1_1_1_3_1_1_1_1_1_155",
        "X_1_1_1_1_1_4_1_1_1_1_1_155",
        "X_1_1_1_1_1_5_1_1_1_1_1_155",
        "X_1_1_1_1_1_6_1_1_1_1_1_155",
        "X_1_1_1_1_1_7_1_1_1_1_1_155",
        "X_1_1_1_1_1_8_1_1_1_1_1_155",
        "X_1_1_1_1_1_9_1_1_1_1_1_155",
        "X_1_1_1_1_1_10_1_1_1_1_1_155",
        "X_1_1_1_1_1_11_1_1_1_1_1_155",
        "X_1_1_1_1_1_12_1_1_1_1_1_155",
        "X_1_1_1_1_1_13_1_1_1_1_1_155",
        "X_1_1_1_1_1_14_1_1_1_1_1_155",
        "X_1_1_1_1_1_15_1_1_1_1_1_155",
        "X_1_1_1_1_1_16_1_1_1_1_1_155",
        "X_1_1_1_1_1_17_1_1_1_1_1_155",
        "X_1_1_1_1_1_18_1_1_1_1_1_155",
        "X_1_1_1_1_1_19_1_1_1_1_1_155",
        "X_1_1_1_1_1_20_1_1_1_1_1_155",
        "X_1_1_1_1_1_21_1_1_1_1_1_155",
        "X_1_1_1_1_1_22_1_1_1_1_1_155"
],
      "CsaImage.SlicePosition_PCS": [
        [-124.09307003, -90.93280325, -60.4673148],
        [-123.6883139, -91.70664552, -55.54417143],
        [-123.28355778, -92.48048779, -50.62102806],
        [-122.87880166, -93.25433006, -45.6978847],
        [-122.47404554, -94.02817233, -40.77474133],
        [-122.06928941, -94.8020146, -35.85159796],
        [-121.66453329, -95.57585687, -30.92845459],
        [-121.25977717, -96.34969914, -26.00531122],
        [-120.85502105, -97.12354141, -21.08216786],
        [-120.45026493, -97.89738368, -16.15902449],
        [-120.0455088, -98.67122595, -11.23588112],
        [-119.64075268, -99.44506822, -6.31273775],
        [-119.23599656, -100.21891049, -1.38959438],
        [-118.83124044, -100.99275276, 3.53354898],
        [-118.42648432, -101.76659503, 8.45669235],
        [-118.02172819, -102.5404373, 13.37983572],
        [-117.61697207, -103.31427957, 18.30297909],
        [-117.21221595, -104.08812184, 23.22612246],
        [-116.80745983, -104.86196411, 28.14926582],
        [-116.4027037, -105.63580638, 33.07240919],
        [-115.99794758, -106.40964866, 37.99555256],
        [-115.59319146, -107.18349093, 42.91869593]
],
      "ImagePositionPatient": [
        [-124.09307002579, -90.932803249896, -158.46731480094],
        [-123.6883139036, -91.706645520158, -153.5441714329],
        [-123.28355778141, -92.48048779042, -148.62102806486],
        [-122.87880165922, -93.254330060682, -143.69788469682],
        [-122.47404553702, -94.028172330943, -138.77474132877],
        [-122.06928941483, -94.802014601205, -133.85159796073],
        [-121.66453329264, -95.575856871467, -128.92845459269],
        [-121.25977717044, -96.349699141729, -124.00531122465],
        [-120.85502104825, -97.123541411991, -119.0821678566],
        [-120.45026492606, -97.897383682253, -114.15902448856],
        [-120.04550880386, -98.671225952514, -109.23588112052],
        [-119.64075268167, -99.445068222776, -104.31273775247],
        [-119.23599655948, -100.21891049304, -99.389594384432],
        [-118.83124043729, -100.9927527633, -94.466451016389],
        [-118.42648431509, -101.76659503356, -89.543307648346],
        [-118.0217281929, -102.54043730382, -84.620164280304],
        [-117.61697207071, -103.31427957409, -79.697020912261],
        [-117.21221594851, -104.08812184435, -74.773877544218],
        [-116.80745982632, -104.86196411461, -69.850734176175],
        [-116.40270370413, -105.63580638487, -64.927590808133],
        [-115.99794758193, -106.40964865513, -60.00444744009],
        [-115.59319145974, -107.18349092539, -55.081304072047]
],
      "InstanceCreationTime": ["165323.068000", "165323.079000", "165323.081000", "165323.084000", "165323.086000", "165323.088000", "165323.090000", "165323.092000", "165323.094000", "165323.096000", "165323.098000", "165323.100000", "165323.102000", "165323.104000", "165323.106000", "165323.108000", "165323.110000", "165323.115000", "165323.117000", "165323.119000", "165323.121000", "165323.123000"],
      "InstanceNumber": [22, 21, 20, 19, 18, 17, 16, 15, 14, 13, 12, 11, 10, 9, 8, 7, 6, 5, 4, 3, 2, 1],
      "LargestImagePixelValue": [4095, 4095, 4095, 4095, 4095, 4095, 4095, 4095, 4095, 4095, 4095, 4095, 4095, 4095, 4095, 4095, 4095, 4095, 4095, 4095, 4095, 2841],
      "SliceLocation": [-152.00341856406, -147.00341856406, -142.00341856406, -137.00341856406, -132.00341856406, -127.00341856406, -122.00341856406, -117.00341856406, -112.00341856406, -107.00341856406, -102.00341856406, -97.003418564061, -92.003418564061, -87.003418564061, -82.003418564061, -77.003418564061, -72.003418564061, -67.003418564061, -62.003418564061, -57.003418564061, -52.003418564061, -47.003418564061],
      "WindowCenter": [976.0, 1470.0, 1372.0, 1009.0, 595.0, 259.0, 197.0, 64.0, 207.0, 533.0, 675.0, 881.0, 1159.0, 1438.0, 1569.0, 1853.0, 1869.0, 1902.0, 1361.0, 1402.0, 1161.0, 719.0],
      "WindowWidth": [2513.0, 3234.0, 3774.0, 4052.0, 4095.0, 4095.0, 4061.0, 4077.0, 4094.0, 4095.0, 4095.0, 4095.0, 4095.0, 4095.0, 4095.0, 4095.0, 4095.0, 4095.0, 4095.0, 3687.0, 2710.0, 1624.0]
    }
  }
}