{
  "AcquisitionMatrixPE": 32,
  "AcquisitionNumber": 1,
  "AcquisitionTime": "17:57:2.230000",
  "BaseResolution": 32,
  "BodyPartExamined": "BRAIN",
  "CoilCombinationMethod": "Sum of Squares",
  "ConsistencyInfo": "N4_VE11C_LATEST_20160120",
  "ConversionSoftware": "dcm2niix",
  "ConversionSoftwareVersion": "v1.0.20211006",
  "DeviceSerialNumber": "167006",
  "DwellTime": 3.18e-05,
  "EchoTime": 0.00184,
  "FlipAngle": 8,
  "HeudiconvVersion": "0.5.3.post569+g418601f",
  "ImageComments": "anatomical image",
  "ImageOrientationPatientDICOM": [1, 0, 0, 0, 0.948324, -0.317305],
  "ImageOrientationText": "Tra>Cor(-18.5)",
  "ImageType": [
    "ORIGINAL",
    "PRIMARY",
    "M",
    "DIS2D"
],
  "ImagingFrequency": 123.259,
  "InPlanePhaseEncodingDirectionDICOM": "COL",
  "InstitutionAddress": "Chemin Queen-Mary 4565,Montreal,District,CA,H3W 1W5",
  "InstitutionName": "IUGM",
  "InstitutionalDepartmentName": "Department",
  "MRAcquisitionType": "2D",
  "MagneticFieldStrength": 3,
  "Manufacturer": "Siemens",
  "ManufacturersModelName": "Prisma_fit",
  "MatrixCoilMode": "SENSE",
  "Modality": "MR",
  "PartialFourier": 1,
  "PatientPosition": "HFS",
  "PercentPhaseFOV": 100,
  "PercentSampling": 100,
  "PhaseEncodingDirection": "j-",
  "PhaseEncodingSteps": 32,
  "PhaseResolution": 1,
  "PixelBandwidth": 490,
  "ProcedureStepDescription": "anat^generic",
  "ProtocolName": "tfl_b1map_6mm",
  "PulseSequenceDetails": "%SiemensSeq%\\tfl_b1map",
  "ReceiveCoilActiveElements": "HC1-7;NC1",
  "ReceiveCoilName": "HeadNeck_64",
  "ReconMatrixPE": 32,
  "RepetitionTime": 10,
  "SAR": 0.00528764,
  "ScanningSequence": "GR",
  "SequenceName": "tfl2d1_512",
  "SequenceVariant": "SK\\SP",
  "SeriesDescription": "tfl_b1map_6mm",
  "SeriesNumber": 20,
  "ShimSetting": [603, -7241, -8905, 282, 7, -465, 37, 40],
  "SliceThickness": 6,
  "SliceTiming": [5.04688, 0, 5.54688, 0.5, 6.04688, 1.01562, 6.5625, 1.51562, 7.0625, 2.01562, 7.5625, 2.51562, 8.0625, 3.03125, 8.57812, 3.53125, 9.07812, 4.03125, 9.57812, 4.54688],
  "SoftwareVersions": "syngo MR E11",
  "SpacingBetweenSlices": 7.2,
  "SpoilingState": true,
  "StationName": "MRC35049",
  "TxRefAmp": 237.079,
  "dcmmeta_affine": [
    [-6.0, 0.0, 0.0, 95.49686431884766],
    [0.0, 5.689941883087158, -2.2845935821533203, -50.985618591308594],
    [0.0, 1.9038280248641968, 6.827930450439453, -74.56982421875],
    [0.0, 0.0, 0.0, 1.0]
],
  "dcmmeta_reorient_transform": [
    [0.0, -1.0, 0.0, 31.0],
    [1.0, 0.0, 0.0, 0.0],
    [0.0, 0.0, -1.0, 19.0],
    [0.0, 0.0, 0.0, 1.0]
],
  "dcmmeta_shape": [32, 32, 20],
  "dcmmeta_slice_dim": 2,
  "dcmmeta_version": 0.6,
  "global": {
    "const": {
      "AcquisitionMatrix": [32, 0, 0, 32],
      "AcquisitionNumber": 1,
      "AngioFlag": "N",
      "BitsAllocated": 16,
      "BitsStored": 12,
      "BodyPartExamined": "BRAIN",
      "Columns": 32,
      "EchoNumbers": 1,
      "EchoTime": 1.84,
      "EchoTrainLength": 1,
      "FlipAngle": 8.0,
      "HighBit": 11,
      "ImageOrientationPatient": [1.0, 0.0, 0.0, 0.0, 0.9483236491687, -0.3173046744493],
      "ImageType": [
        "ORIGINAL",
        "PRIMARY",
        "M",
        "DIS2D"
],
      "ImagedNucleus": "1H",
      "ImagingFrequency": 123.25888,
      "InPlanePhaseEncodingDirection": "COL",
      "MRAcquisitionType": "2D",
      "MagneticFieldStrength": 3.0,
      "Manufacturer": "SIEMENS",
      "ManufacturerModelName": "Prisma_fit",
      "Modality": "MR",
      "NumberOfAverages": 1.0,
      "NumberOfPhaseEncodingSteps": 32,
      "PercentPhaseFieldOfView": 100.0,
      "PercentSampling": 100.0,
      "PerformedProcedureStepStartTime": "172212.203000",
      "PhotometricInterpretation": "MONOCHROME2",
      "PixelBandwidth": 490.0,
      "PixelRepresentation": 0,
      "PixelSpacing": [6.0, 6.0],
      "ProtocolName": "tfl_b1map_6mm",
      "RepetitionTime": 10000.0,
      "Rows": 32,
      "SAR": 0.00528764448151,
      "SamplesPerPixel": 1,
      "ScanningSequence": "GR",
      "SequenceName": "tfl2d1_512",
      "SequenceVariant": [
        "SK",
        "SP"
],
      "SeriesDescription": "tfl_b1map_6mm",
      "SeriesNumber": 20,
      "SeriesTime": "175718.386000",
      "SliceThickness": 6.0,
      "SmallestImagePixelValue": 0,
      "SoftwareVersions": "syngo MR E11",
      "SpacingBetweenSlices": 7.2,
      "SpecificCharacterSet": "ISO_IR 100",
      "StudyID": "1",
      "StudyTime": "172212.047000",
      "TransmitCoilName": "Body",
      "VariableFlipAngleFlag": "N",
      "WindowCenterWidthExplanation": "Algo1",
      "dBdt": 0.0},
    "slices": {
      "AcquisitionTime": ["175702.230000", "175657.190000", "175702.735000", "175657.692500", "175703.240000", "175658.197500", "175703.742500", "175658.702500", "175704.247500", "175659.205000", "175704.752500", "175659.710000", "175705.255000", "175700.215000", "175705.760000", "175700.717500", "175706.265000", "175701.222500", "175706.767500", "175701.727500"],
      "ContentTime": ["175718.417000", "175718.389000", "175718.420000", "175718.392000", "175718.422000", "175718.394000", "175718.424000", "175718.396000", "175718.427000", "175718.397000", "175718.429000", "175718.399000", "175718.438000", "175718.404000", "175718.445000", "175718.406000", "175718.447000", "175718.408000", "175718.449000", "175718.410000"],
      "CsaImage.ICE_Dims": [
        "X_1_1_1_1_1_1_11_1_1_1_1_125",
        "X_1_1_1_1_1_1_1_1_1_2_1_125",
        "X_1_1_1_1_1_1_12_1_1_3_1_125",
        "X_1_1_1_1_1_1_2_1_1_4_1_125",
        "X_1_1_1_1_1_1_13_1_1_5_1_125",
        "X_1_1_1_1_1_1_3_1_1_6_1_125",
        "X_1_1_1_1_1_1_14_1_1_7_1_125",
        "X_1_1_1_1_1_1_4_1_1_8_1_125",
        "X_1_1_1_1_1_1_15_1_1_9_1_125",
        "X_1_1_1_1_1_1_5_1_1_10_1_125",
        "X_1_1_1_1_1_1_16_1_1_11_1_125",
        "X_1_1_1_1_1_1_6_1_1_12_1_125",
        "X_1_1_1_1_1_1_17_1_1_13_1_125",
        "X_1_1_1_1_1_1_7_1_1_14_1_125",
        "X_1_1_1_1_1_1_18_1_1_15_1_125",
        "X_1_1_1_1_1_1_8_1_1_16_1_125",
        "X_1_1_1_1_1_1_19_1_1_17_1_125",
        "X_1_1_1_1_1_1_9_1_1_18_1_125",
        "X_1_1_1_1_1_1_20_1_1_19_1_125",
        "X_1_1_1_1_1_1_10_1_1_20_1_125"
],
      "CsaImage.ProtocolSliceNumber": [0, 1, 2, 3, 4, 5, 6, 7, 8, 9, 10, 11, 12, 13, 14, 15, 16, 17, 18, 19],
      "CsaImage.SliceMeasurementDuration": [130.0, 127.5, 127.5, 130.0, 127.5, 127.5, 130.0, 127.5, 127.5, 130.0, 127.5, 127.5, 130.0, 127.5, 127.5, 130.0, 127.5, 127.5, 130.0, 127.5],
      "CsaImage.SlicePosition_PCS": [
        [-95.49686384, -125.40258045, -34.55114902],
        [-95.49686384, -123.11798496, -27.72322238],
        [-95.49686384, -120.83339329, -20.89529193],
        [-95.49686384, -118.54879971, -14.06736148],
        [-95.49686384, -116.26420612, -7.23943103],
        [-95.49686384, -113.97961254, -0.41149867],
        [-95.49686384, -111.69501896, 6.41642987],
        [-95.49686384, -109.41042538, 13.24436032],
        [-95.49686384, -107.12583179, 20.07229172],
        [-95.49686384, -104.84123821, 26.9002217],
        [-95.49686384, -102.55664463, 33.72815215],
        [-95.49686384, -100.27205105, 40.55608212],
        [-95.49686384, -97.98745699, 47.38401257],
        [-95.49686384, -95.70286388, 54.21194302],
        [-95.49686384, -93.41827006, 61.03987347],
        [-95.49686384, -91.13367662, 67.86780392],
        [-95.49686384, -88.84908314, 74.69573437],
        [-95.49686384, -86.56448956, 81.52366482],
        [-95.49686384, -84.27989597, 88.35159527],
        [-95.49686384, -81.99530239, 95.17952572]
],
      "CsaImage.TimeAfterStart": [5.04, 0.0, 5.545, 0.5025, 6.05, 1.0075, 6.5525, 1.5125, 7.0575, 2.015, 7.5625, 2.52, 8.065, 3.025, 8.57, 3.5275, 9.075, 4.0325, 9.5775, 4.5375],
      "ImagePositionPatient": [
        [-95.49686384201, -125.40258045203, -15.551149018981],
        [-95.49686384201, -123.11798496253, -8.7232223832393],
        [-95.49686384201, -120.83339328772, -1.8952919327998],
        [-95.49686384201, -118.54879970557, 4.9326385176397],
        [-95.49686384201, -116.26420612342, 11.760568968079],
        [-95.49686384201, -113.97961254126, 18.588501325867],
        [-95.49686384201, -111.69501895911, 25.416429868958],
        [-95.49686384201, -109.41042537696, 32.244360319397],
        [-95.49686384201, -107.1258317948, 39.072291723511],
        [-95.49686384201, -104.84123821265, 45.900221697114],
        [-95.49686384201, -102.5566446305, 52.728152147553],
        [-95.49686384201, -100.27205104834, 59.556082121155],
        [-95.49686384201, -97.987456989354, 66.384012571595],
        [-95.49686384201, -95.702863884038, 73.211943022034],
        [-95.49686384201, -93.418270063466, 80.039873472474],
        [-95.49686384201, -91.133676615423, 86.867803922913],
        [-95.49686384201, -88.849083137578, 93.695734373353],
        [-95.49686384201, -86.564489555425, 100.52366482379],
        [-95.49686384201, -84.279895973271, 107.35159527423],
        [-95.49686384201, -81.995302391118, 114.17952572467]
],
      "InstanceCreationTime": ["175718.417000", "175718.389000", "175718.420000", "175718.392000", "175718.422000", "175718.394000", "175718.424000", "175718.396000", "175718.427000", "175718.397000", "175718.429000", "175718.399000", "175718.438000", "175718.404000", "175718.445000", "175718.406000", "175718.447000", "175718.408000", "175718.449000", "175718.410000"],
      "InstanceNumber": [11, 1, 12, 2, 13, 3, 14, 4, 15, 5, 16, 6, 17, 7, 18, 8, 19, 9, 20, 10],
      "LargestImagePixelValue": [4095, 4095, 4049, 4090, 4095, 4095, 4095, 4095, 4095, 4095, 4095, 3587, 4095, 4095, 4095, 4095, 4095, 4095, 4095, 4095],
      "SliceLocation": [-54.538347351879, -47.338350220371, -40.138350681717, -32.938350537852, -25.738350393987, -18.538348441338, -11.338350106257, -4.1383499623924, 3.0616510858644, 10.261650777533, 17.461650921398, 24.661650613067, 31.861650908235, 39.061650900797, 46.261651120313, 53.461651221624, 60.661651332392, 67.861651476256, 75.061651620121, 82.261651763986],
      "WindowCenter": [1367.0, 1461.0, 1565.0, 1395.0, 1403.0, 1493.0, 1539.0, 1583.0, 1542.0, 1542.0, 1635.0, 1467.0, 1649.0, 1723.0, 1874.0, 1758.0, 1664.0, 1490.0, 1248.0, 1006.0],
      "WindowWidth": [2714.0, 2861.0, 3012.0, 2685.0, 2640.0, 2705.0, 2380.0, 2751.0, 2749.0, 2766.0, 2876.0, 2343.0, 2549.0, 2662.0, 3243.0, 3309.0, 3281.0, 3109.0, 3122.0, 3239.0]
    }
  }
}